{
  "aor": 0.0024412121212121214,
  "aqi": 0.0297331317016317,
  "bids_meta": {
    "AcquisitionMatrixPE": 80,
    "AcquisitionNumber": 1,
    "AcquisitionTime": "18:34:52.512500",
    "BandwidthPerPixelPhaseEncode": 25.51,
    "BaseResolution": 80,
    "BodyPartExamined": "BRAIN",
    "ConsistencyInfo": "N4_VE11C_LATEST_20160120",
    "ConversionSoftware": "dcm2niix",
    "ConversionSoftwareVersion": "v1.0.20171215 (OpenJPEG build) GCC4.8.5",
    "DerivedVendorReportedEchoSpacing": 0.000490004,
    "DeviceSerialNumber": "67039",
    "DwellTime": 2.6e-06,
    "EchoTime": 0.025,
    "EchoTrainLength": 80,
    "EffectiveEchoSpacing": 0.000490004,
    "FlipAngle": 90,
    "ImageOrientationPatientDICOM": [
      0.996041,
      -0.0841119,
      0.0287639,
      0.0852158,
      0.995576,
      -0.0395859
    ],
    "ImageType": [
      "ORIGINAL",
      "PRIMARY",
      "M",
      "ND",
      "NORM",
      "MOSAIC"
    ],
    "InPlanePhaseEncodingDirectionDICOM": "COL",
    "InstitutionAddress": "University_Park_Chandlee_Laboratory_State_College_PA_US_16802",
    "InstitutionName": "Penn_State_SLEIC",
    "InstitutionalDepartmentName": "Department",
    "MRAcquisitionType": "2D",
    "MagneticFieldStrength": 3,
    "Manufacturer": "Siemens",
    "ManufacturersModelName": "Prisma_fit",
    "Modality": "MR",
    "PartialFourier": 1,
    "PatientPosition": "HFS",
    "PercentPhaseFOV": 100,
    "PhaseEncodingDirection": "j-",
    "PhaseEncodingSteps": 80,
    "PhaseResolution": 1,
    "PixelBandwidth": 2405,
    "ProcedureStepDescription": "Investigators_20_ch_xxl213",
    "ProtocolName": "sleep-onset-segment-5",
    "PulseSequenceDetails": "%CustomerSeq%_ep2d_bold_1066",
    "ReceiveCoilActiveElements": "HE1-4",
    "ReceiveCoilName": "HeadNeck_20",
    "ReconMatrixPE": 80,
    "RepetitionTime": 2.1,
    "SAR": 0.166824,
    "ScanOptions": "FS_RT",
    "ScanningSequence": "EP",
    "SequenceName": "ep10662d1_80",
    "SequenceVariant": "SK",
    "SeriesDescription": "sleep-onset-segment-5",
    "SeriesNumber": 27,
    "ShimSetting": [
      -1918,
      8260,
      9538,
      233,
      -57,
      -277,
      35,
      17
    ],
    "SliceThickness": 4,
    "SliceTiming": [
      2.02,
      1.96,
      1.9,
      1.8425,
      1.7825,
      1.7225,
      1.6625,
      1.605,
      1.545,
      1.485,
      1.425,
      1.365,
      1.3075,
      1.2475,
      1.1875,
      1.1275,
      1.07,
      1.01,
      0.95,
      0.89,
      0.8325,
      0.7725,
      0.7125,
      0.6525,
      0.5925,
      0.535,
      0.475,
      0.415,
      0.355,
      0.2975,
      0.2375,
      0.1775,
      0.1175,
      0.06,
      0
    ],
    "SoftwareVersions": "syngo_MR_E11",
    "SpacingBetweenSlices": 4,
    "StationName": "AWP67039",
    "TaskName": "sleep",
    "TotalReadoutTime": 0.0387103,
    "TxRefAmp": 345.875,
    "dataset": "ds003768",
    "modality": "bold",
    "run_id": 5,
    "subject_id": "19",
    "task_id": "sleep"
  },
  "dummy_trs": 0,
  "dvars_nstd": 28.83727578574765,
  "dvars_std": 0.9860393922429903,
  "dvars_vstd": 0.8645205698364494,
  "efc": 0.4689694779441257,
  "fber": 2244.72021484375,
  "fd_mean": 0.5403269244260711,
  "fd_num": 323,
  "fd_perc": 75.29137529137529,
  "fwhm_avg": 1.9507930555555555,
  "fwhm_x": 1.9212666666666667,
  "fwhm_y": 2.26315,
  "fwhm_z": 1.6679625,
  "gcor": 0.0299762,
  "gsr_x": -0.023935938253998756,
  "gsr_y": 0.03089859150350094,
  "provenance": {
    "md5sum": "1a556adbcfdabc48bb7a99c4ec98d38f",
    "settings": {
      "fd_thres": 0.2,
      "testing": false
    },
    "software": "mriqc",
    "version": "22.0.6",
    "webapi_port": null,
    "webapi_url": "https://mriqc.nimh.nih.gov/api/v1"
  },
  "size_t": 429,
  "size_x": 80,
  "size_y": 80,
  "size_z": 35,
  "snr": 6.564015159231992,
  "spacing_tr": 2.0999999046325684,
  "spacing_x": 3.0,
  "spacing_y": 3.0,
  "spacing_z": 4.0,
  "summary_bg_k": 22.840830339115563,
  "summary_bg_mad": 8.622592494819681,
  "summary_bg_mean": 33.173641204833984,
  "summary_bg_median": 13.251748085021973,
  "summary_bg_n": 155227.0,
  "summary_bg_p05": 5.484848499298096,
  "summary_bg_p95": 132.46620178222656,
  "summary_bg_stdv": 55.88190460205078,
  "summary_fg_k": 1.8694465121698807,
  "summary_fg_mad": 85.45354871271728,
  "summary_fg_mean": 633.7323608398438,
  "summary_fg_median": 627.8800048828125,
  "summary_fg_n": 28510.0,
  "summary_fg_p05": 495.79336700439455,
  "summary_fg_p95": 797.3869750976562,
  "summary_fg_stdv": 95.65319061279297,
  "tsnr": 32.95356372871902
}