{
  "aor": 0.009628878504672896,
  "aqi": 0.01784162408878505,
  "bids_meta": {
    "AcquisitionMatrixPE": 80,
    "AcquisitionNumber": 1,
    "AcquisitionTime": "17:39:25.520000",
    "BandwidthPerPixelPhaseEncode": 25.51,
    "BaseResolution": 80,
    "BodyPartExamined": "BRAIN",
    "ConsistencyInfo": "N4_VE11C_LATEST_20160120",
    "ConversionSoftware": "dcm2niix",
    "ConversionSoftwareVersion": "v1.0.20171215 (OpenJPEG build) GCC4.8.5",
    "DerivedVendorReportedEchoSpacing": 0.000490004,
    "DeviceSerialNumber": "67039",
    "DwellTime": 2.6e-06,
    "EchoTime": 0.025,
    "EchoTrainLength": 80,
    "EffectiveEchoSpacing": 0.000490004,
    "FlipAngle": 90,
    "ImageOrientationPatientDICOM": [
      0.996041,
      -0.0841119,
      0.0287639,
      0.0852158,
      0.995576,
      -0.0395859
    ],
    "ImageType": [
      "ORIGINAL",
      "PRIMARY",
      "M",
      "ND",
      "NORM",
      "MOSAIC"
    ],
    "InPlanePhaseEncodingDirectionDICOM": "COL",
    "InstitutionAddress": "University_Park_Chandlee_Laboratory_State_College_PA_US_16802",
    "InstitutionName": "Penn_State_SLEIC",
    "InstitutionalDepartmentName": "Department",
    "MRAcquisitionType": "2D",
    "MagneticFieldStrength": 3,
    "Manufacturer": "Siemens",
    "ManufacturersModelName": "Prisma_fit",
    "Modality": "MR",
    "PartialFourier": 1,
    "PatientPosition": "HFS",
    "PercentPhaseFOV": 100,
    "PhaseEncodingDirection": "j-",
    "PhaseEncodingSteps": 80,
    "PhaseResolution": 1,
    "PixelBandwidth": 2405,
    "ProcedureStepDescription": "Investigators_20_ch_xxl213",
    "ProtocolName": "sleep-onset-segment-2",
    "PulseSequenceDetails": "%CustomerSeq%_ep2d_bold_1066",
    "ReceiveCoilActiveElements": "HE1-4",
    "ReceiveCoilName": "HeadNeck_20",
    "ReconMatrixPE": 80,
    "RepetitionTime": 2.1,
    "SAR": 0.166824,
    "ScanOptions": "FS_RT",
    "ScanningSequence": "EP",
    "SequenceName": "ep10662d1_80",
    "SequenceVariant": "SK",
    "SeriesDescription": "sleep-onset-segment-2",
    "SeriesNumber": 21,
    "ShimSetting": [
      -1918,
      8260,
      9538,
      233,
      -57,
      -277,
      35,
      17
    ],
    "SliceThickness": 4,
    "SliceTiming": [
      2.0225,
      1.9625,
      1.9025,
      1.8425,
      1.785,
      1.725,
      1.665,
      1.605,
      1.545,
      1.4875,
      1.4275,
      1.3675,
      1.3075,
      1.25,
      1.19,
      1.13,
      1.07,
      1.0125,
      0.9525,
      0.8925,
      0.8325,
      0.7725,
      0.715,
      0.655,
      0.595,
      0.535,
      0.4775,
      0.4175,
      0.3575,
      0.2975,
      0.24,
      0.18,
      0.12,
      0.06,
      0
    ],
    "SoftwareVersions": "syngo_MR_E11",
    "SpacingBetweenSlices": 4,
    "StationName": "AWP67039",
    "TaskName": "sleep",
    "TotalReadoutTime": 0.0387103,
    "TxRefAmp": 345.875,
    "dataset": "ds003768",
    "modality": "bold",
    "run_id": 2,
    "subject_id": "19",
    "task_id": "sleep"
  },
  "dummy_trs": 1,
  "dvars_nstd": 27.91080274733021,
  "dvars_std": 1.2894589873770503,
  "dvars_vstd": 1.0241216622014049,
  "efc": 0.4710350785798096,
  "fber": 2248.549560546875,
  "fd_mean": 0.3043449546532323,
  "fd_num": 248,
  "fd_perc": 57.94392523364486,
  "fwhm_avg": 1.9278033333333333,
  "fwhm_x": 1.8990600000000002,
  "fwhm_y": 2.23134,
  "fwhm_z": 1.65301,
  "gcor": 0.0413897,
  "gsr_x": -0.025988047942519188,
  "gsr_y": 0.030098600313067436,
  "provenance": {
    "md5sum": "8e15a97da5e1d347a26e767f98ab301e",
    "settings": {
      "fd_thres": 0.2,
      "testing": false
    },
    "software": "mriqc",
    "version": "22.0.6",
    "webapi_port": null,
    "webapi_url": "https://mriqc.nimh.nih.gov/api/v1"
  },
  "size_t": 428,
  "size_x": 80,
  "size_y": 80,
  "size_z": 35,
  "snr": 6.470412355084731,
  "spacing_tr": 2.0999999046325684,
  "spacing_x": 3.0,
  "spacing_y": 3.0,
  "spacing_z": 4.0,
  "summary_bg_k": 24.371350127296935,
  "summary_bg_mad": 8.109280274617511,
  "summary_bg_mean": 33.838497161865234,
  "summary_bg_median": 13.200934410095215,
  "summary_bg_n": 154838.0,
  "summary_bg_p05": 5.792056083679199,
  "summary_bg_p95": 136.4602813720703,
  "summary_bg_stdv": 58.45161819458008,
  "summary_fg_k": 1.9061025306914878,
  "summary_fg_mad": 87.72296894208141,
  "summary_fg_mean": 633.7969970703125,
  "summary_fg_median": 628.3784790039062,
  "summary_fg_n": 28532.0,
  "summary_fg_p05": 491.76761932373046,
  "summary_fg_p95": 798.5477783203123,
  "summary_fg_stdv": 97.11397552490234,
  "tsnr": 43.89238817070145
}