{
  "aor": 0.007492657342657344,
  "aqi": 0.022129481142191147,
  "bids_meta": {
    "AcquisitionMatrixPE": 80,
    "AcquisitionNumber": 1,
    "AcquisitionTime": "18:19:16.322500",
    "BandwidthPerPixelPhaseEncode": 25.51,
    "BaseResolution": 80,
    "BodyPartExamined": "BRAIN",
    "ConsistencyInfo": "N4_VE11C_LATEST_20160120",
    "ConversionSoftware": "dcm2niix",
    "ConversionSoftwareVersion": "v1.0.20171215 (OpenJPEG build) GCC4.8.5",
    "DerivedVendorReportedEchoSpacing": 0.000490004,
    "DeviceSerialNumber": "67039",
    "DwellTime": 2.6e-06,
    "EchoTime": 0.025,
    "EchoTrainLength": 80,
    "EffectiveEchoSpacing": 0.000490004,
    "FlipAngle": 90,
    "ImageOrientationPatientDICOM": [
      0.996041,
      -0.0841119,
      0.0287639,
      0.0852158,
      0.995576,
      -0.0395859
    ],
    "ImageType": [
      "ORIGINAL",
      "PRIMARY",
      "M",
      "ND",
      "NORM",
      "MOSAIC"
    ],
    "InPlanePhaseEncodingDirectionDICOM": "COL",
    "InstitutionAddress": "University_Park_Chandlee_Laboratory_State_College_PA_US_16802",
    "InstitutionName": "Penn_State_SLEIC",
    "InstitutionalDepartmentName": "Department",
    "MRAcquisitionType": "2D",
    "MagneticFieldStrength": 3,
    "Manufacturer": "Siemens",
    "ManufacturersModelName": "Prisma_fit",
    "Modality": "MR",
    "PartialFourier": 1,
    "PatientPosition": "HFS",
    "PercentPhaseFOV": 100,
    "PhaseEncodingDirection": "j-",
    "PhaseEncodingSteps": 80,
    "PhaseResolution": 1,
    "PixelBandwidth": 2405,
    "ProcedureStepDescription": "Investigators_20_ch_xxl213",
    "ProtocolName": "sleep-onset-segment-4",
    "PulseSequenceDetails": "%CustomerSeq%_ep2d_bold_1066",
    "ReceiveCoilActiveElements": "HE1-4",
    "ReceiveCoilName": "HeadNeck_20",
    "ReconMatrixPE": 80,
    "RepetitionTime": 2.1,
    "SAR": 0.166824,
    "ScanOptions": "FS_RT",
    "ScanningSequence": "EP",
    "SequenceName": "ep10662d1_80",
    "SequenceVariant": "SK",
    "SeriesDescription": "sleep-onset-segment-4",
    "SeriesNumber": 25,
    "ShimSetting": [
      -1918,
      8260,
      9538,
      233,
      -57,
      -277,
      35,
      17
    ],
    "SliceThickness": 4,
    "SliceTiming": [
      2.0225,
      1.9625,
      1.9025,
      1.8425,
      1.785,
      1.725,
      1.665,
      1.605,
      1.545,
      1.4875,
      1.4275,
      1.3675,
      1.3075,
      1.25,
      1.19,
      1.13,
      1.07,
      1.0125,
      0.9525,
      0.8925,
      0.8325,
      0.7725,
      0.715,
      0.655,
      0.595,
      0.535,
      0.4775,
      0.4175,
      0.3575,
      0.2975,
      0.24,
      0.18,
      0.12,
      0.06,
      0
    ],
    "SoftwareVersions": "syngo_MR_E11",
    "SpacingBetweenSlices": 4,
    "StationName": "AWP67039",
    "TaskName": "sleep",
    "TotalReadoutTime": 0.0387103,
    "TxRefAmp": 345.875,
    "dataset": "ds003768",
    "modality": "bold",
    "run_id": 4,
    "subject_id": "19",
    "task_id": "sleep"
  },
  "dummy_trs": 0,
  "dvars_nstd": 32.77778946820095,
  "dvars_std": 1.189944289906542,
  "dvars_vstd": 0.9813336084579434,
  "efc": 0.4694869353777026,
  "fber": 2265.282958984375,
  "fd_mean": 0.46172866547716257,
  "fd_num": 291,
  "fd_perc": 67.83216783216783,
  "fwhm_avg": 1.9647994444444443,
  "fwhm_x": 1.9322133333333333,
  "fwhm_y": 2.2534300000000003,
  "fwhm_z": 1.708755,
  "gcor": 0.0628773,
  "gsr_x": -0.024408703669905663,
  "gsr_y": 0.03190453350543976,
  "provenance": {
    "md5sum": "fd0b8f459a295dc6764ad5c0b19e230f",
    "settings": {
      "fd_thres": 0.2,
      "testing": false
    },
    "software": "mriqc",
    "version": "22.0.6",
    "webapi_port": null,
    "webapi_url": "https://mriqc.nimh.nih.gov/api/v1"
  },
  "size_t": 429,
  "size_x": 80,
  "size_y": 80,
  "size_z": 35,
  "snr": 6.519349380079455,
  "spacing_tr": 2.0999999046325684,
  "spacing_x": 3.0,
  "spacing_y": 3.0,
  "spacing_z": 4.0,
  "summary_bg_k": 25.777619601641426,
  "summary_bg_mad": 7.786253361886123,
  "summary_bg_mean": 32.16691970825195,
  "summary_bg_median": 13.067599296569824,
  "summary_bg_n": 154998.0,
  "summary_bg_p05": 5.876457214355469,
  "summary_bg_p95": 127.1658535003662,
  "summary_bg_stdv": 54.5035514831543,
  "summary_fg_k": 1.9816402943141327,
  "summary_fg_mad": 86.55079561216122,
  "summary_fg_mean": 632.84716796875,
  "summary_fg_median": 628.3753051757812,
  "summary_fg_n": 28603.0,
  "summary_fg_p05": 490.79254150390625,
  "summary_fg_p95": 793.5785766601562,
  "summary_fg_stdv": 96.38451385498047,
  "tsnr": 37.62911527976394
}