{
  "aor": 0.0034788207547169813,
  "aqi": 0.01329350566037736,
  "bids_meta": {
    "AcquisitionMatrixPE": 80,
    "AcquisitionNumber": 1,
    "AcquisitionTime": "15:27:19.812500",
    "BandwidthPerPixelPhaseEncode": 25.51,
    "BaseResolution": 80,
    "BodyPartExamined": "BRAIN",
    "ConsistencyInfo": "N4_VE11C_LATEST_20160120",
    "ConversionSoftware": "dcm2niix",
    "ConversionSoftwareVersion": "v1.0.20171215 (OpenJPEG build) GCC4.8.5",
    "DerivedVendorReportedEchoSpacing": 0.000490004,
    "DeviceSerialNumber": "67039",
    "DwellTime": 2.6e-06,
    "EchoTime": 0.025,
    "EchoTrainLength": 80,
    "EffectiveEchoSpacing": 0.000490004,
    "FlipAngle": 90,
    "ImageOrientationPatientDICOM": [
      0.998116,
      0.0563272,
      0.0243089,
      -0.0521343,
      0.987633,
      -0.147865
    ],
    "ImageType": [
      "ORIGINAL",
      "PRIMARY",
      "M",
      "ND",
      "NORM",
      "MOSAIC"
    ],
    "InPlanePhaseEncodingDirectionDICOM": "COL",
    "InstitutionAddress": "University_Park_Chandlee_Laboratory_State_College_PA_US_16802",
    "InstitutionName": "PSU-SLEIC",
    "InstitutionalDepartmentName": "Department",
    "MRAcquisitionType": "2D",
    "MagneticFieldStrength": 3,
    "Manufacturer": "Siemens",
    "ManufacturersModelName": "Prisma_fit",
    "Modality": "MR",
    "PartialFourier": 1,
    "PatientPosition": "HFS",
    "PercentPhaseFOV": 100,
    "PhaseEncodingDirection": "j-",
    "PhaseEncodingSteps": 80,
    "PhaseResolution": 1,
    "PixelBandwidth": 2405,
    "ProcedureStepDescription": "Investigators_20_ch_xxl213",
    "ProtocolName": "sleep-onset-segment-2",
    "PulseSequenceDetails": "%CustomerSeq%_ep2d_bold_1066",
    "ReceiveCoilActiveElements": "HE1-4",
    "ReceiveCoilName": "HeadNeck_20",
    "ReconMatrixPE": 80,
    "RepetitionTime": 2.1,
    "SAR": 0.131371,
    "ScanOptions": "FS_RT",
    "ScanningSequence": "EP",
    "SequenceName": "ep10662d1_80",
    "SequenceVariant": "SK",
    "SeriesDescription": "sleep-onset-segment-2",
    "SeriesNumber": 22,
    "ShimSetting": [
      -1922,
      8270,
      9520,
      341,
      46,
      -308,
      -106,
      0
    ],
    "SliceThickness": 4,
    "SliceTiming": [
      2.02,
      1.96,
      1.9,
      1.84,
      1.7825,
      1.7225,
      1.6625,
      1.6025,
      1.5425,
      1.485,
      1.425,
      1.365,
      1.305,
      1.2475,
      1.1875,
      1.1275,
      1.0675,
      1.01,
      0.95,
      0.89,
      0.83,
      0.77,
      0.7125,
      0.6525,
      0.5925,
      0.5325,
      0.475,
      0.415,
      0.355,
      0.295,
      0.2375,
      0.1775,
      0.1175,
      0.0575,
      0
    ],
    "SoftwareVersions": "syngo_MR_E11",
    "SpacingBetweenSlices": 4,
    "StationName": "AWP67039",
    "TaskName": "sleep",
    "TotalReadoutTime": 0.0387103,
    "TxRefAmp": 269.367,
    "dataset": "ds003768",
    "modality": "bold",
    "run_id": 2,
    "subject_id": "15",
    "task_id": "sleep"
  },
  "dummy_trs": 5,
  "dvars_nstd": 25.352116645508264,
  "dvars_std": 1.2964933440898347,
  "dvars_vstd": 0.9777598160756507,
  "efc": 0.445462807881354,
  "fber": 3099.680908203125,
  "fd_mean": 0.32059321443596595,
  "fd_num": 298,
  "fd_perc": 70.28301886792453,
  "fwhm_avg": 1.924571995076784,
  "fwhm_x": 1.9113068185636855,
  "fwhm_y": 2.1604766666666664,
  "fwhm_z": 1.7019325,
  "gcor": 0.0385755,
  "gsr_x": -0.02330470085144043,
  "gsr_y": 0.027384011074900627,
  "provenance": {
    "md5sum": "ec9ed60e1d5653b264cd877e5f5bbc91",
    "settings": {
      "fd_thres": 0.2,
      "testing": false
    },
    "software": "mriqc",
    "version": "22.0.6",
    "webapi_port": null,
    "webapi_url": "https://mriqc.nimh.nih.gov/api/v1"
  },
  "size_t": 424,
  "size_x": 80,
  "size_y": 80,
  "size_z": 35,
  "snr": 6.94184214689248,
  "spacing_tr": 2.0999999046325684,
  "spacing_x": 2.999999761581421,
  "spacing_y": 3.0,
  "spacing_z": 4.0,
  "summary_bg_k": 55.20836796633995,
  "summary_bg_mad": 7.147261358151413,
  "summary_bg_mean": 29.968412399291992,
  "summary_bg_median": 12.636792182922363,
  "summary_bg_n": 157052.0,
  "summary_bg_p05": 5.75,
  "summary_bg_p95": 114.69386825561457,
  "summary_bg_stdv": 57.327945709228516,
  "summary_fg_k": 1.6755437296902258,
  "summary_fg_mad": 91.85134286863553,
  "summary_fg_mean": 710.1087646484375,
  "summary_fg_median": 707.2111206054688,
  "summary_fg_n": 27844.0,
  "summary_fg_p05": 552.721484375,
  "summary_fg_p95": 875.4909515380858,
  "summary_fg_stdv": 101.87474822998047,
  "tsnr": 53.618719071149826
}