{
  "bids_meta": {
    "AcquisitionMatrixPE": 256,
    "AcquisitionNumber": 1,
    "AcquisitionTime": "14:19:17.515000",
    "BaseResolution": 256,
    "BodyPartExamined": "BRAIN",
    "ConsistencyInfo": "N4_VE11C_LATEST_20160120",
    "ConversionSoftware": "dcm2niix",
    "ConversionSoftwareVersion": "v1.0.20171215 (OpenJPEG build) GCC4.8.5",
    "DeviceSerialNumber": "67039",
    "DwellTime": 9.8e-06,
    "EchoTime": 0.00228,
    "FlipAngle": 8,
    "ImageOrientationPatientDICOM": [
      0.030678,
      0.998468,
      -0.0460595,
      0.00459255,
      -0.0462216,
      -0.998921
    ],
    "ImageType": [
      "ORIGINAL",
      "PRIMARY",
      "M",
      "NORM",
      "DIS2D"
    ],
    "InPlanePhaseEncodingDirectionDICOM": "ROW",
    "InstitutionAddress": "University_Park_Chandlee_Laboratory_State_College_PA_US_16802",
    "InstitutionName": "PSU-SLEIC",
    "InstitutionalDepartmentName": "Department",
    "InversionTime": 0.9,
    "MRAcquisitionType": "3D",
    "MagneticFieldStrength": 3,
    "Manufacturer": "Siemens",
    "ManufacturersModelName": "Prisma_fit",
    "Modality": "MR",
    "ParallelReductionFactorInPlane": 2,
    "PartialFourier": 1,
    "PatientPosition": "HFS",
    "PercentPhaseFOV": 100,
    "PhaseEncodingSteps": 255,
    "PhaseResolution": 1,
    "PixelBandwidth": 200,
    "ProcedureStepDescription": "Investigators_20_ch_xxl213",
    "ProtocolName": "t1_mprage_sag_p2_iso_2300",
    "PulseSequenceDetails": "%SiemensSeq%_tfl",
    "ReceiveCoilActiveElements": "HE1-4;NE1,2",
    "ReceiveCoilName": "HeadNeck_20",
    "ReconMatrixPE": 256,
    "RepetitionTime": 2.3,
    "SAR": 0.0806903,
    "ScanOptions": "IR",
    "ScanningSequence": "GR_IR",
    "SequenceName": "_tfl3d1_16ns",
    "SequenceVariant": "SK_SP_MP",
    "SeriesDescription": "t1_mprage_sag_p2_iso_2300",
    "SeriesNumber": 11,
    "ShimSetting": [
      -1941,
      8275,
      9263,
      132,
      -19,
      -59,
      -30,
      9
    ],
    "SliceThickness": 1,
    "SoftwareVersions": "syngo_MR_E11",
    "StationName": "AWP67039",
    "TxRefAmp": 276.7,
    "dataset": "ds003768",
    "modality": "T1w",
    "subject_id": "28"
  },
  "cjv": 0.31017226756426836,
  "cnr": 4.396824897417749,
  "efc": 0.5046733441179814,
  "fber": 15578.934711533626,
  "fwhm_avg": 4.2778591636479915,
  "fwhm_x": 4.209497490943974,
  "fwhm_y": 4.24502,
  "fwhm_z": 4.37906,
  "icvs_csf": 0.23225746464043973,
  "icvs_gm": 0.43864812341118387,
  "icvs_wm": 0.32909441194837646,
  "inu_med": 0.5630472302436829,
  "inu_range": 0.22972774505615234,
  "provenance": {
    "md5sum": "6e7f4ec0297602cb93749d9191cdcb68",
    "settings": {
      "testing": false
    },
    "software": "mriqc",
    "version": "22.0.6",
    "warnings": {
      "large_rot_frame": true,
      "small_air_mask": false
    },
    "webapi_port": null,
    "webapi_url": "https://mriqc.nimh.nih.gov/api/v1"
  },
  "qi_1": 0.00018702853224164087,
  "qi_2": 0.009509440928386617,
  "rpve_csf": 27.60898894758103,
  "rpve_gm": 15.083186531669757,
  "rpve_wm": 22.838743938959826,
  "size_x": 192,
  "size_y": 256,
  "size_z": 256,
  "snr_csf": 1.9603980050900796,
  "snr_gm": 11.294106887773374,
  "snr_total": 12.548304441666962,
  "snr_wm": 24.390408432137427,
  "snrd_csf": 20.117799776446926,
  "snrd_gm": 59.37527596434465,
  "snrd_total": 55.66690773490537,
  "snrd_wm": 87.50764746392451,
  "spacing_x": 1.0000005960464478,
  "spacing_y": 1.0,
  "spacing_z": 1.0,
  "summary_bg_k": 31.961668693231843,
  "summary_bg_mad": 0.0,
  "summary_bg_mean": 4.906815609081927,
  "summary_bg_median": 0.0,
  "summary_bg_n": 3808219.0,
  "summary_bg_p05": 0.0,
  "summary_bg_p95": 20.1319120824337,
  "summary_bg_stdv": 7.4869059479367035,
  "summary_csf_k": -0.1940136654592095,
  "summary_csf_mad": 118.6798125047948,
  "summary_csf_mean": 244.63765977534078,
  "summary_csf_median": 229.90643598139286,
  "summary_csf_n": 41846.0,
  "summary_csf_p05": 70.17409354448318,
  "summary_csf_p95": 453.5144594684243,
  "summary_csf_stdv": 117.27398636100186,
  "summary_gm_k": 0.004579334070491825,
  "summary_gm_mad": 59.865792846730024,
  "summary_gm_mean": 677.9884802095464,
  "summary_gm_median": 678.5413034260273,
  "summary_gm_n": 40233.0,
  "summary_gm_p05": 576.8693954348564,
  "summary_gm_p95": 774.9827489256859,
  "summary_gm_stdv": 60.07848849580625,
  "summary_wm_k": 0.27815047665242876,
  "summary_wm_mad": 39.853675959693966,
  "summary_wm_mean": 999.4577702798978,
  "summary_wm_median": 1000.0383527576923,
  "summary_wm_n": 167023.0,
  "summary_wm_p05": 931.2063866853714,
  "summary_wm_p95": 1065.5725198984146,
  "summary_wm_stdv": 41.00117313825062,
  "tpm_overlap_csf": 0.1603575235410621,
  "tpm_overlap_gm": 0.4940108259357602,
  "tpm_overlap_wm": 0.5187425270353038,
  "wm2max": 0.4788692274133807
}