{
  "aor": 0.005487196261682243,
  "aqi": 0.014630906869158878,
  "bids_meta": {
    "AcquisitionMatrixPE": 80,
    "AcquisitionNumber": 1,
    "AcquisitionTime": "16:08:14.352500",
    "BandwidthPerPixelPhaseEncode": 25.51,
    "BaseResolution": 80,
    "BodyPartExamined": "BRAIN",
    "ConsistencyInfo": "N4_VE11C_LATEST_20160120",
    "ConversionSoftware": "dcm2niix",
    "ConversionSoftwareVersion": "v1.0.20171215 (OpenJPEG build) GCC4.8.5",
    "DerivedVendorReportedEchoSpacing": 0.000490004,
    "DeviceSerialNumber": "67039",
    "DwellTime": 2.6e-06,
    "EchoTime": 0.025,
    "EchoTrainLength": 80,
    "EffectiveEchoSpacing": 0.000490004,
    "FlipAngle": 90,
    "ImageOrientationPatientDICOM": [
      0.994463,
      0.0981666,
      -0.0375078,
      -0.0975079,
      0.995053,
      0.0190096
    ],
    "ImageType": [
      "ORIGINAL",
      "PRIMARY",
      "M",
      "ND",
      "NORM",
      "MOSAIC"
    ],
    "InPlanePhaseEncodingDirectionDICOM": "COL",
    "InstitutionAddress": "University_Park_Chandlee_Laboratory_State_College_PA_US_16802",
    "InstitutionName": "PSU-SLEIC",
    "InstitutionalDepartmentName": "Department",
    "MRAcquisitionType": "2D",
    "MagneticFieldStrength": 3,
    "Manufacturer": "Siemens",
    "ManufacturersModelName": "Prisma_fit",
    "Modality": "MR",
    "PartialFourier": 1,
    "PatientPosition": "HFS",
    "PercentPhaseFOV": 100,
    "PhaseEncodingDirection": "j-",
    "PhaseEncodingSteps": 80,
    "PhaseResolution": 1,
    "PixelBandwidth": 2405,
    "ProcedureStepDescription": "Investigators_20_ch_xxl213",
    "ProtocolName": "sleep-onset-segment-6",
    "PulseSequenceDetails": "%CustomerSeq%_ep2d_bold_1066",
    "ReceiveCoilActiveElements": "HE1-4",
    "ReceiveCoilName": "HeadNeck_20",
    "ReconMatrixPE": 80,
    "RepetitionTime": 2.1,
    "SAR": 0.14163,
    "ScanOptions": "FS_RT",
    "ScanningSequence": "EP",
    "SequenceName": "ep10662d1_80",
    "SequenceVariant": "SK",
    "SeriesDescription": "sleep-onset-segment-6",
    "SeriesNumber": 26,
    "ShimSetting": [
      -1934,
      8245,
      9544,
      490,
      21,
      -43,
      -68,
      31
    ],
    "SliceThickness": 4,
    "SliceTiming": [
      2.02,
      1.96,
      1.9,
      1.84,
      1.7825,
      1.7225,
      1.6625,
      1.6025,
      1.545,
      1.485,
      1.425,
      1.365,
      1.305,
      1.2475,
      1.1875,
      1.1275,
      1.0675,
      1.01,
      0.95,
      0.89,
      0.83,
      0.7725,
      0.7125,
      0.6525,
      0.5925,
      0.5325,
      0.475,
      0.415,
      0.355,
      0.295,
      0.2375,
      0.1775,
      0.1175,
      0.0575,
      0
    ],
    "SoftwareVersions": "syngo_MR_E11",
    "SpacingBetweenSlices": 4,
    "StationName": "AWP67039",
    "TaskName": "sleep",
    "TotalReadoutTime": 0.0387103,
    "TxRefAmp": 274.057,
    "dataset": "ds003768",
    "modality": "bold",
    "run_id": 6,
    "subject_id": "04",
    "task_id": "sleep"
  },
  "dummy_trs": 1,
  "dvars_nstd": 26.06305459166277,
  "dvars_std": 1.318751987306792,
  "dvars_vstd": 0.9621114816159253,
  "efc": 0.46037356282181086,
  "fber": 3123.19140625,
  "fd_mean": 0.24111765120560047,
  "fd_num": 107,
  "fd_perc": 25.0,
  "fwhm_avg": 1.7914180555555557,
  "fwhm_x": 1.79056,
  "fwhm_y": 2.0061666666666667,
  "fwhm_z": 1.5775275,
  "gcor": 0.032997,
  "gsr_x": -0.024817226454615593,
  "gsr_y": 0.025917520746588707,
  "provenance": {
    "md5sum": "0b487f3e14d5f638f5fbd0c00afdb821",
    "settings": {
      "fd_thres": 0.2,
      "testing": false
    },
    "software": "mriqc",
    "version": "22.0.6",
    "webapi_port": null,
    "webapi_url": "https://mriqc.nimh.nih.gov/api/v1"
  },
  "size_t": 428,
  "size_x": 80,
  "size_y": 80,
  "size_z": 35,
  "snr": 7.069878412327604,
  "spacing_tr": 2.0999999046325684,
  "spacing_x": 3.0,
  "spacing_y": 3.0,
  "spacing_z": 4.0,
  "summary_bg_k": 56.336604547697306,
  "summary_bg_mad": 8.313656705392305,
  "summary_bg_mean": 34.61439514160156,
  "summary_bg_median": 14.773364067077637,
  "summary_bg_n": 152684.0,
  "summary_bg_p05": 6.904205322265625,
  "summary_bg_p95": 126.70758895874025,
  "summary_bg_stdv": 66.71602630615234,
  "summary_fg_k": 1.2521336760688255,
  "summary_fg_mad": 112.89259390346751,
  "summary_fg_mean": 840.5547485351562,
  "summary_fg_median": 828.5490112304688,
  "summary_fg_n": 31333.0,
  "summary_fg_p05": 676.2238159179688,
  "summary_fg_p95": 1040.6962646484374,
  "summary_fg_stdv": 117.19236755371094,
  "tsnr": 57.44506213162094
}