{
  "aor": 0.01813681818181818,
  "aqi": 0.012543149055944055,
  "bids_meta": {
    "AcquisitionMatrixPE": 80,
    "AcquisitionNumber": 1,
    "AcquisitionTime": "15:58:17.307500",
    "BandwidthPerPixelPhaseEncode": 25.51,
    "BaseResolution": 80,
    "BodyPartExamined": "BRAIN",
    "ConsistencyInfo": "N4_VE11C_LATEST_20160120",
    "ConversionSoftware": "dcm2niix",
    "ConversionSoftwareVersion": "v1.0.20171215 (OpenJPEG build) GCC4.8.5",
    "DerivedVendorReportedEchoSpacing": 0.000490004,
    "DeviceSerialNumber": "67039",
    "DwellTime": 2.6e-06,
    "EchoTime": 0.025,
    "EchoTrainLength": 80,
    "EffectiveEchoSpacing": 0.000490004,
    "FlipAngle": 90,
    "ImageOrientationPatientDICOM": [
      0.997212,
      -0.0529968,
      -0.0525224,
      0.0445855,
      0.98767,
      -0.15007
    ],
    "ImageType": [
      "ORIGINAL",
      "PRIMARY",
      "M",
      "ND",
      "NORM",
      "MOSAIC"
    ],
    "InPlanePhaseEncodingDirectionDICOM": "COL",
    "InstitutionAddress": "University_Park_Chandlee_Laboratory_State_College_PA_US_16802",
    "InstitutionName": "Penn_State_SLEIC",
    "InstitutionalDepartmentName": "Department",
    "MRAcquisitionType": "2D",
    "MagneticFieldStrength": 3,
    "Manufacturer": "Siemens",
    "ManufacturersModelName": "Prisma_fit",
    "Modality": "MR",
    "PartialFourier": 1,
    "PatientPosition": "HFS",
    "PercentPhaseFOV": 100,
    "PhaseEncodingDirection": "j-",
    "PhaseEncodingSteps": 80,
    "PhaseResolution": 1,
    "PixelBandwidth": 2405,
    "ProcedureStepDescription": "Investigators_20_ch_xxl213",
    "ProtocolName": "resting-post-motor",
    "PulseSequenceDetails": "%CustomerSeq%_ep2d_bold_1066",
    "ReceiveCoilActiveElements": "HE1-4",
    "ReceiveCoilName": "HeadNeck_20",
    "ReconMatrixPE": 80,
    "RepetitionTime": 2.1,
    "SAR": 0.13612,
    "ScanOptions": "FS_RT",
    "ScanningSequence": "EP",
    "SequenceName": "ep10662d1_80",
    "SequenceVariant": "SK",
    "SeriesDescription": "resting-post-motor",
    "SeriesNumber": 18,
    "ShimSetting": [
      -1956,
      8302,
      9536,
      319,
      0,
      -319,
      -95,
      48
    ],
    "SliceThickness": 4,
    "SliceTiming": [
      2.02,
      1.96,
      1.9,
      1.8425,
      1.7825,
      1.7225,
      1.6625,
      1.605,
      1.545,
      1.485,
      1.425,
      1.3675,
      1.3075,
      1.2475,
      1.1875,
      1.13,
      1.07,
      1.01,
      0.95,
      0.89,
      0.8325,
      0.7725,
      0.7125,
      0.6525,
      0.595,
      0.535,
      0.475,
      0.415,
      0.3575,
      0.2975,
      0.2375,
      0.1775,
      0.1175,
      0.06,
      0
    ],
    "SoftwareVersions": "syngo_MR_E11",
    "SpacingBetweenSlices": 4,
    "StationName": "AWP67039",
    "TaskName": "rest",
    "TotalReadoutTime": 0.0387103,
    "TxRefAmp": 282.754,
    "dataset": "ds003768",
    "modality": "bold",
    "run_id": 2,
    "subject_id": "33",
    "task_id": "rest"
  },
  "dummy_trs": 0,
  "dvars_nstd": 22.876592826561403,
  "dvars_std": 1.3339057686666662,
  "dvars_vstd": 1.1321416972280702,
  "efc": 0.4804944835220971,
  "fber": 2703.396240234375,
  "fd_mean": 0.22145108598355212,
  "fd_num": 60,
  "fd_perc": 20.97902097902098,
  "fwhm_avg": 1.9498983333333335,
  "fwhm_x": 1.9779,
  "fwhm_y": 2.22353,
  "fwhm_z": 1.648265,
  "gcor": 0.0244614,
  "gsr_x": -0.012828522361814976,
  "gsr_y": 0.02061002515256405,
  "provenance": {
    "md5sum": "78cfa3483996d0f42d74039ff6d45720",
    "settings": {
      "fd_thres": 0.2,
      "testing": false
    },
    "software": "mriqc",
    "version": "22.0.6",
    "webapi_port": null,
    "webapi_url": "https://mriqc.nimh.nih.gov/api/v1"
  },
  "size_t": 286,
  "size_x": 80,
  "size_y": 80,
  "size_z": 35,
  "snr": 7.037486363364765,
  "spacing_tr": 2.0999999046325684,
  "spacing_x": 3.0,
  "spacing_y": 3.0,
  "spacing_z": 4.0,
  "summary_bg_k": 19.354958958482154,
  "summary_bg_mad": 7.796621634732633,
  "summary_bg_mean": 37.20439910888672,
  "summary_bg_median": 13.402097702026367,
  "summary_bg_n": 151514.0,
  "summary_bg_p05": 5.7342658042907715,
  "summary_bg_p95": 181.2323364257814,
  "summary_bg_stdv": 66.86434936523438,
  "summary_fg_k": 2.644666906237675,
  "summary_fg_mad": 81.93702872295673,
  "summary_fg_mean": 699.9450073242188,
  "summary_fg_median": 699.4370727539062,
  "summary_fg_n": 31337.0,
  "summary_fg_p05": 540.080419921875,
  "summary_fg_p95": 857.86640625,
  "summary_fg_stdv": 99.38575744628906,
  "tsnr": 57.07124180928804
}