{
  "aor": 0.005617751756440281,
  "aqi": 0.00640516981264637,
  "bids_meta": {
    "AcquisitionMatrixPE": 80,
    "AcquisitionNumber": 1,
    "AcquisitionTime": "16:56:30.112500",
    "BandwidthPerPixelPhaseEncode": 25.51,
    "BaseResolution": 80,
    "BodyPartExamined": "BRAIN",
    "ConsistencyInfo": "N4_VE11C_LATEST_20160120",
    "ConversionSoftware": "dcm2niix",
    "ConversionSoftwareVersion": "v1.0.20171215 (OpenJPEG build) GCC4.8.5",
    "DerivedVendorReportedEchoSpacing": 0.000490004,
    "DeviceSerialNumber": "67039",
    "DwellTime": 2.6e-06,
    "EchoTime": 0.025,
    "EchoTrainLength": 80,
    "EffectiveEchoSpacing": 0.000490004,
    "FlipAngle": 90,
    "ImageOrientationPatientDICOM": [
      0.997212,
      -0.0529968,
      -0.0525224,
      0.0445855,
      0.98767,
      -0.15007
    ],
    "ImageType": [
      "ORIGINAL",
      "PRIMARY",
      "M",
      "ND",
      "NORM",
      "MOSAIC"
    ],
    "InPlanePhaseEncodingDirectionDICOM": "COL",
    "InstitutionAddress": "University_Park_Chandlee_Laboratory_State_College_PA_US_16802",
    "InstitutionName": "Penn_State_SLEIC",
    "InstitutionalDepartmentName": "Department",
    "MRAcquisitionType": "2D",
    "MagneticFieldStrength": 3,
    "Manufacturer": "Siemens",
    "ManufacturersModelName": "Prisma_fit",
    "Modality": "MR",
    "PartialFourier": 1,
    "PatientPosition": "HFS",
    "PercentPhaseFOV": 100,
    "PhaseEncodingDirection": "j-",
    "PhaseEncodingSteps": 80,
    "PhaseResolution": 1,
    "PixelBandwidth": 2405,
    "ProcedureStepDescription": "Investigators_20_ch_xxl213",
    "ProtocolName": "sleep-onset-segment-4",
    "PulseSequenceDetails": "%CustomerSeq%_ep2d_bold_1066",
    "ReceiveCoilActiveElements": "HE1-4",
    "ReceiveCoilName": "HeadNeck_20",
    "ReconMatrixPE": 80,
    "RepetitionTime": 2.1,
    "SAR": 0.13612,
    "ScanOptions": "FS_RT",
    "ScanningSequence": "EP",
    "SequenceName": "ep10662d1_80",
    "SequenceVariant": "SK",
    "SeriesDescription": "sleep-onset-segment-4",
    "SeriesNumber": 26,
    "ShimSetting": [
      -1956,
      8302,
      9536,
      319,
      0,
      -319,
      -95,
      48
    ],
    "SliceThickness": 4,
    "SliceTiming": [
      2.02,
      1.9625,
      1.9025,
      1.8425,
      1.7825,
      1.725,
      1.665,
      1.605,
      1.545,
      1.485,
      1.4275,
      1.3675,
      1.3075,
      1.2475,
      1.19,
      1.13,
      1.07,
      1.01,
      0.9525,
      0.8925,
      0.8325,
      0.7725,
      0.715,
      0.655,
      0.595,
      0.535,
      0.475,
      0.4175,
      0.3575,
      0.2975,
      0.2375,
      0.18,
      0.12,
      0.06,
      0
    ],
    "SoftwareVersions": "syngo_MR_E11",
    "SpacingBetweenSlices": 4,
    "StationName": "AWP67039",
    "TaskName": "sleep",
    "TotalReadoutTime": 0.0387103,
    "TxRefAmp": 282.754,
    "dataset": "ds003768",
    "modality": "bold",
    "run_id": 4,
    "subject_id": "33",
    "task_id": "sleep"
  },
  "dummy_trs": 2,
  "dvars_nstd": 21.789256371126765,
  "dvars_std": 1.3184370495305158,
  "dvars_vstd": 1.0389388253755871,
  "efc": 0.48211791305415813,
  "fber": 2642.41650390625,
  "fd_mean": 0.16632309257885253,
  "fd_num": 67,
  "fd_perc": 15.690866510538642,
  "fwhm_avg": 1.9657347222222221,
  "fwhm_x": 1.9725266666666668,
  "fwhm_y": 2.2197400000000003,
  "fwhm_z": 1.7049375,
  "gcor": 0.0563334,
  "gsr_x": -0.011942805722355843,
  "gsr_y": 0.02051355503499508,
  "provenance": {
    "md5sum": "a6a34ce445a85f3c36dac8929d7c2088",
    "settings": {
      "fd_thres": 0.2,
      "testing": false
    },
    "software": "mriqc",
    "version": "22.0.6",
    "webapi_port": null,
    "webapi_url": "https://mriqc.nimh.nih.gov/api/v1"
  },
  "size_t": 427,
  "size_x": 80,
  "size_y": 80,
  "size_z": 35,
  "snr": 7.030437679670596,
  "spacing_tr": 2.0999999046325684,
  "spacing_x": 3.0,
  "spacing_y": 3.0,
  "spacing_z": 4.0,
  "summary_bg_k": 18.464069129248752,
  "summary_bg_mad": 7.49287068868834,
  "summary_bg_mean": 37.18449020385742,
  "summary_bg_median": 13.461358070373535,
  "summary_bg_n": 151183.0,
  "summary_bg_p05": 6.007025718688965,
  "summary_bg_p95": 182.76065521240233,
  "summary_bg_stdv": 66.94279479980469,
  "summary_fg_k": 2.8018540229098265,
  "summary_fg_mad": 81.24794083880631,
  "summary_fg_mean": 697.7415771484375,
  "summary_fg_median": 697.9625244140625,
  "summary_fg_n": 31613.0,
  "summary_fg_p05": 538.5587768554688,
  "summary_fg_p95": 852.6589843749999,
  "summary_fg_stdv": 99.27568054199219,
  "tsnr": 79.40567646129057
}