{
  "aor": 0.0007884912280701754,
  "aqi": 0.017546029473684208,
  "bids_meta": {
    "AcquisitionMatrixPE": 80,
    "AcquisitionNumber": 1,
    "AcquisitionTime": "15:33:44.942500",
    "BandwidthPerPixelPhaseEncode": 25.51,
    "BaseResolution": 80,
    "BodyPartExamined": "BRAIN",
    "ConsistencyInfo": "N4_VE11C_LATEST_20160120",
    "ConversionSoftware": "dcm2niix",
    "ConversionSoftwareVersion": "v1.0.20171215 (OpenJPEG build) GCC4.8.5",
    "DerivedVendorReportedEchoSpacing": 0.000490004,
    "DeviceSerialNumber": "67039",
    "DwellTime": 2.6e-06,
    "EchoTime": 0.025,
    "EchoTrainLength": 80,
    "EffectiveEchoSpacing": 0.000490004,
    "FlipAngle": 90,
    "ImageOrientationPatientDICOM": [
      0.997212,
      -0.0529968,
      -0.0525224,
      0.0445855,
      0.98767,
      -0.15007
    ],
    "ImageType": [
      "ORIGINAL",
      "PRIMARY",
      "M",
      "ND",
      "NORM",
      "MOSAIC"
    ],
    "InPlanePhaseEncodingDirectionDICOM": "COL",
    "InstitutionAddress": "University_Park_Chandlee_Laboratory_State_College_PA_US_16802",
    "InstitutionName": "Penn_State_SLEIC",
    "InstitutionalDepartmentName": "Department",
    "MRAcquisitionType": "2D",
    "MagneticFieldStrength": 3,
    "Manufacturer": "Siemens",
    "ManufacturersModelName": "Prisma_fit",
    "Modality": "MR",
    "PartialFourier": 1,
    "PatientPosition": "HFS",
    "PercentPhaseFOV": 100,
    "PhaseEncodingDirection": "j-",
    "PhaseEncodingSteps": 80,
    "PhaseResolution": 1,
    "PixelBandwidth": 2405,
    "ProcedureStepDescription": "Investigators_20_ch_xxl213",
    "ProtocolName": "resting-pre-motor",
    "PulseSequenceDetails": "%CustomerSeq%_ep2d_bold_1066",
    "ReceiveCoilActiveElements": "HE1-4",
    "ReceiveCoilName": "HeadNeck_20",
    "ReconMatrixPE": 80,
    "RepetitionTime": 2.1,
    "SAR": 0.13612,
    "ScanOptions": "FS_RT",
    "ScanningSequence": "EP",
    "SequenceName": "ep10662d1_80",
    "SequenceVariant": "SK",
    "SeriesDescription": "resting-pre-motor",
    "SeriesNumber": 14,
    "ShimSetting": [
      -1956,
      8302,
      9536,
      319,
      0,
      -319,
      -95,
      48
    ],
    "SliceThickness": 4,
    "SliceTiming": [
      2.0225,
      1.9625,
      1.9025,
      1.8425,
      1.7825,
      1.725,
      1.665,
      1.605,
      1.545,
      1.4875,
      1.4275,
      1.3675,
      1.3075,
      1.25,
      1.19,
      1.13,
      1.07,
      1.01,
      0.9525,
      0.8925,
      0.8325,
      0.7725,
      0.715,
      0.655,
      0.595,
      0.535,
      0.4775,
      0.4175,
      0.3575,
      0.2975,
      0.2375,
      0.18,
      0.12,
      0.06,
      0
    ],
    "SoftwareVersions": "syngo_MR_E11",
    "SpacingBetweenSlices": 4,
    "StationName": "AWP67039",
    "TaskName": "rest",
    "TotalReadoutTime": 0.0387103,
    "TxRefAmp": 282.754,
    "dataset": "ds003768",
    "modality": "bold",
    "run_id": 1,
    "subject_id": "33",
    "task_id": "rest"
  },
  "dummy_trs": 1,
  "dvars_nstd": 20.42242874580985,
  "dvars_std": 1.122093431267606,
  "dvars_vstd": 0.897148057746479,
  "efc": 0.48171179396949537,
  "fber": 2651.991943359375,
  "fd_mean": 0.12385331525639322,
  "fd_num": 27,
  "fd_perc": 9.473684210526315,
  "fwhm_avg": 1.9726575000000002,
  "fwhm_x": 1.9636833333333332,
  "fwhm_y": 2.2323766666666667,
  "fwhm_z": 1.7219125,
  "gcor": 0.0258344,
  "gsr_x": -0.012571888044476509,
  "gsr_y": 0.019513482227921486,
  "provenance": {
    "md5sum": "76a2e3cf11a793e843da0677da9b2d9c",
    "settings": {
      "fd_thres": 0.2,
      "testing": false
    },
    "software": "mriqc",
    "version": "22.0.6",
    "webapi_port": null,
    "webapi_url": "https://mriqc.nimh.nih.gov/api/v1"
  },
  "size_t": 285,
  "size_x": 80,
  "size_y": 80,
  "size_z": 35,
  "snr": 7.118230432432696,
  "spacing_tr": 2.0999999046325684,
  "spacing_x": 3.0,
  "spacing_y": 3.0,
  "spacing_z": 4.0,
  "summary_bg_k": 18.88369637657932,
  "summary_bg_mad": 7.475437059314624,
  "summary_bg_mean": 36.58929443359375,
  "summary_bg_median": 13.364912986755371,
  "summary_bg_n": 151157.0,
  "summary_bg_p05": 5.922807216644287,
  "summary_bg_p95": 177.79789733886707,
  "summary_bg_stdv": 64.92314147949219,
  "summary_fg_k": 2.6498830516093737,
  "summary_fg_mad": 79.9408908849431,
  "summary_fg_mean": 694.5015258789062,
  "summary_fg_median": 693.75439453125,
  "summary_fg_n": 31658.0,
  "summary_fg_p05": 537.7194793701171,
  "summary_fg_p95": 849.3370544433593,
  "summary_fg_stdv": 97.46009826660156,
  "tsnr": 52.726741852238774
}