{
  "aor": 0.00218357476635514,
  "aqi": 0.006311014485981308,
  "bids_meta": {
    "AcquisitionMatrixPE": 80,
    "AcquisitionNumber": 1,
    "AcquisitionTime": "16:09:27.560000",
    "BandwidthPerPixelPhaseEncode": 25.51,
    "BaseResolution": 80,
    "BodyPartExamined": "BRAIN",
    "ConsistencyInfo": "N4_VE11C_LATEST_20160120",
    "ConversionSoftware": "dcm2niix",
    "ConversionSoftwareVersion": "v1.0.20171215 (OpenJPEG build) GCC4.8.5",
    "DerivedVendorReportedEchoSpacing": 0.000490004,
    "DeviceSerialNumber": "67039",
    "DwellTime": 2.6e-06,
    "EchoTime": 0.025,
    "EchoTrainLength": 80,
    "EffectiveEchoSpacing": 0.000490004,
    "FlipAngle": 90,
    "ImageOrientationPatientDICOM": [
      0.997212,
      -0.0529968,
      -0.0525224,
      0.0445855,
      0.98767,
      -0.15007
    ],
    "ImageType": [
      "ORIGINAL",
      "PRIMARY",
      "M",
      "ND",
      "NORM",
      "MOSAIC"
    ],
    "InPlanePhaseEncodingDirectionDICOM": "COL",
    "InstitutionAddress": "University_Park_Chandlee_Laboratory_State_College_PA_US_16802",
    "InstitutionName": "Penn_State_SLEIC",
    "InstitutionalDepartmentName": "Department",
    "MRAcquisitionType": "2D",
    "MagneticFieldStrength": 3,
    "Manufacturer": "Siemens",
    "ManufacturersModelName": "Prisma_fit",
    "Modality": "MR",
    "PartialFourier": 1,
    "PatientPosition": "HFS",
    "PercentPhaseFOV": 100,
    "PhaseEncodingDirection": "j-",
    "PhaseEncodingSteps": 80,
    "PhaseResolution": 1,
    "PixelBandwidth": 2405,
    "ProcedureStepDescription": "Investigators_20_ch_xxl213",
    "ProtocolName": "sleep-onset-segment-1",
    "PulseSequenceDetails": "%CustomerSeq%_ep2d_bold_1066",
    "ReceiveCoilActiveElements": "HE1-4",
    "ReceiveCoilName": "HeadNeck_20",
    "ReconMatrixPE": 80,
    "RepetitionTime": 2.1,
    "SAR": 0.13612,
    "ScanOptions": "FS_RT",
    "ScanningSequence": "EP",
    "SequenceName": "ep10662d1_80",
    "SequenceVariant": "SK",
    "SeriesDescription": "sleep-onset-segment-1",
    "SeriesNumber": 20,
    "ShimSetting": [
      -1956,
      8302,
      9536,
      319,
      0,
      -319,
      -95,
      48
    ],
    "SliceThickness": 4,
    "SliceTiming": [
      2.0225,
      1.9625,
      1.9025,
      1.8425,
      1.7825,
      1.725,
      1.665,
      1.605,
      1.545,
      1.4875,
      1.4275,
      1.3675,
      1.3075,
      1.25,
      1.19,
      1.13,
      1.07,
      1.01,
      0.9525,
      0.8925,
      0.8325,
      0.7725,
      0.715,
      0.655,
      0.595,
      0.535,
      0.4775,
      0.4175,
      0.3575,
      0.2975,
      0.2375,
      0.18,
      0.12,
      0.06,
      0
    ],
    "SoftwareVersions": "syngo_MR_E11",
    "SpacingBetweenSlices": 4,
    "StationName": "AWP67039",
    "TaskName": "sleep",
    "TotalReadoutTime": 0.0387103,
    "TxRefAmp": 282.754,
    "dataset": "ds003768",
    "modality": "bold",
    "run_id": 1,
    "subject_id": "33",
    "task_id": "sleep"
  },
  "dummy_trs": 1,
  "dvars_nstd": 20.698902016416877,
  "dvars_std": 1.3157939903044509,
  "dvars_vstd": 0.990775595175644,
  "efc": 0.48089126509197694,
  "fber": 2663.9375,
  "fd_mean": 0.101922277590843,
  "fd_num": 19,
  "fd_perc": 4.4392523364485985,
  "fwhm_avg": 1.9690213888888888,
  "fwhm_x": 1.9719266666666666,
  "fwhm_y": 2.2226500000000002,
  "fwhm_z": 1.7124875,
  "gcor": 0.0481891,
  "gsr_x": -0.012556410394608974,
  "gsr_y": 0.020744452252984047,
  "provenance": {
    "md5sum": "c43682b31bb62e12a7ae724462f7e4c2",
    "settings": {
      "fd_thres": 0.2,
      "testing": false
    },
    "software": "mriqc",
    "version": "22.0.6",
    "webapi_port": null,
    "webapi_url": "https://mriqc.nimh.nih.gov/api/v1"
  },
  "size_t": 428,
  "size_x": 80,
  "size_y": 80,
  "size_z": 35,
  "snr": 7.017985351462931,
  "spacing_tr": 2.0999999046325684,
  "spacing_x": 3.0,
  "spacing_y": 3.0,
  "spacing_z": 4.0,
  "summary_bg_k": 19.68434196787287,
  "summary_bg_mad": 7.513465842415636,
  "summary_bg_mean": 37.00848388671875,
  "summary_bg_median": 13.450934410095215,
  "summary_bg_n": 151342.0,
  "summary_bg_p05": 5.9649529457092285,
  "summary_bg_p95": 181.10933380126855,
  "summary_bg_stdv": 66.7778091430664,
  "summary_fg_k": 2.728297974372314,
  "summary_fg_mad": 81.69727319451857,
  "summary_fg_mean": 700.0817260742188,
  "summary_fg_median": 699.549072265625,
  "summary_fg_n": 31450.0,
  "summary_fg_p05": 540.8848114013672,
  "summary_fg_p95": 857.725210571289,
  "summary_fg_stdv": 99.67788696289062,
  "tsnr": 83.13751467852853
}