{
  "aor": 0.007840210772833723,
  "aqi": 0.013026449531615927,
  "bids_meta": {
    "AcquisitionMatrixPE": 80,
    "AcquisitionNumber": 1,
    "AcquisitionTime": "14:56:45.825000",
    "BandwidthPerPixelPhaseEncode": 25.51,
    "BaseResolution": 80,
    "BodyPartExamined": "BRAIN",
    "ConsistencyInfo": "N4_VE11C_LATEST_20160120",
    "ConversionSoftware": "dcm2niix",
    "ConversionSoftwareVersion": "v1.0.20171215 (OpenJPEG build) GCC4.8.5",
    "DerivedVendorReportedEchoSpacing": 0.000490004,
    "DeviceSerialNumber": "67039",
    "DwellTime": 2.6e-06,
    "EchoTime": 0.025,
    "EchoTrainLength": 80,
    "EffectiveEchoSpacing": 0.000490004,
    "FlipAngle": 90,
    "ImageOrientationPatientDICOM": [
      0.997319,
      0.0429645,
      0.0592417,
      -0.0322132,
      0.984609,
      -0.171777
    ],
    "ImageType": [
      "ORIGINAL",
      "PRIMARY",
      "M",
      "ND",
      "NORM",
      "MOSAIC"
    ],
    "InPlanePhaseEncodingDirectionDICOM": "COL",
    "InstitutionAddress": "University_Park_Chandlee_Laboratory_State_College_PA_US_16802",
    "InstitutionName": "Penn_State_SLEIC",
    "InstitutionalDepartmentName": "Department",
    "MRAcquisitionType": "2D",
    "MagneticFieldStrength": 3,
    "Manufacturer": "Siemens",
    "ManufacturersModelName": "Prisma_fit",
    "Modality": "MR",
    "PartialFourier": 1,
    "PatientPosition": "HFS",
    "PercentPhaseFOV": 100,
    "PhaseEncodingDirection": "j-",
    "PhaseEncodingSteps": 80,
    "PhaseResolution": 1,
    "PixelBandwidth": 2405,
    "ProcedureStepDescription": "Investigators_20_ch_xxl213",
    "ProtocolName": "sleep-onset-segment-2",
    "PulseSequenceDetails": "%CustomerSeq%_ep2d_bold_1066",
    "ReceiveCoilActiveElements": "HE1-4",
    "ReceiveCoilName": "HeadNeck_20",
    "ReconMatrixPE": 80,
    "RepetitionTime": 2.1,
    "SAR": 0.154184,
    "ScanOptions": "FS_RT",
    "ScanningSequence": "EP",
    "SequenceName": "ep10662d1_80",
    "SequenceVariant": "SK",
    "SeriesDescription": "sleep-onset-segment-2",
    "SeriesNumber": 22,
    "ShimSetting": [
      -1917,
      8258,
      9541,
      392,
      -79,
      -226,
      -2,
      23
    ],
    "SliceThickness": 4,
    "SliceTiming": [
      2.02,
      1.96,
      1.9025,
      1.8425,
      1.7825,
      1.7225,
      1.665,
      1.605,
      1.545,
      1.485,
      1.425,
      1.3675,
      1.3075,
      1.2475,
      1.1875,
      1.13,
      1.07,
      1.01,
      0.95,
      0.8925,
      0.8325,
      0.7725,
      0.7125,
      0.6525,
      0.595,
      0.535,
      0.475,
      0.415,
      0.3575,
      0.2975,
      0.2375,
      0.1775,
      0.12,
      0.06,
      0
    ],
    "SoftwareVersions": "syngo_MR_E11",
    "SpacingBetweenSlices": 4,
    "StationName": "AWP67039",
    "TaskName": "sleep",
    "TotalReadoutTime": 0.0387103,
    "TxRefAmp": 308.583,
    "dataset": "ds003768",
    "modality": "bold",
    "run_id": 2,
    "subject_id": "16",
    "task_id": "sleep"
  },
  "dummy_trs": 2,
  "dvars_nstd": 24.93261660992956,
  "dvars_std": 1.3528311494835685,
  "dvars_vstd": 1.03616833669014,
  "efc": 0.45699091200683195,
  "fber": 3013.789794921875,
  "fd_mean": 0.32016386757444704,
  "fd_num": 267,
  "fd_perc": 62.52927400468384,
  "fwhm_avg": 1.8112994444444446,
  "fwhm_x": 1.8169199999999999,
  "fwhm_y": 2.0413833333333335,
  "fwhm_z": 1.575595,
  "gcor": 0.039025,
  "gsr_x": -0.01972336322069168,
  "gsr_y": 0.02498425543308258,
  "provenance": {
    "md5sum": "3322d56afb75a7d57cc20359787d85e3",
    "settings": {
      "fd_thres": 0.2,
      "testing": false
    },
    "software": "mriqc",
    "version": "22.0.6",
    "webapi_port": null,
    "webapi_url": "https://mriqc.nimh.nih.gov/api/v1"
  },
  "size_t": 427,
  "size_x": 80,
  "size_y": 80,
  "size_z": 35,
  "snr": 6.969045963737406,
  "spacing_tr": 2.0999999046325684,
  "spacing_x": 3.0,
  "spacing_y": 3.0,
  "spacing_z": 4.0,
  "summary_bg_k": 37.78615983114298,
  "summary_bg_mad": 7.860916803306113,
  "summary_bg_mean": 31.97313690185547,
  "summary_bg_median": 13.384074211120605,
  "summary_bg_n": 154286.0,
  "summary_bg_p05": 5.557376861572266,
  "summary_bg_p95": 128.15338516235352,
  "summary_bg_stdv": 56.075069427490234,
  "summary_fg_k": 1.5663728585622296,
  "summary_fg_mad": 99.15029023457501,
  "summary_fg_mean": 735.349609375,
  "summary_fg_median": 729.4754028320312,
  "summary_fg_n": 29795.0,
  "summary_fg_p05": 579.6493713378907,
  "summary_fg_p95": 907.3194213867187,
  "summary_fg_stdv": 104.67188262939453,
  "tsnr": 53.93492508307099
}