{
  "aor": 0.003539300699300699,
  "aqi": 0.009218074592074592,
  "bids_meta": {
    "AcquisitionMatrixPE": 80,
    "AcquisitionNumber": 1,
    "AcquisitionTime": "15:43:40.097500",
    "BandwidthPerPixelPhaseEncode": 25.51,
    "BaseResolution": 80,
    "BodyPartExamined": "BRAIN",
    "ConsistencyInfo": "N4_VE11C_LATEST_20160120",
    "ConversionSoftware": "dcm2niix",
    "ConversionSoftwareVersion": "v1.0.20171215 (OpenJPEG build) GCC4.8.5",
    "DerivedVendorReportedEchoSpacing": 0.000490004,
    "DeviceSerialNumber": "67039",
    "DwellTime": 2.6e-06,
    "EchoTime": 0.025,
    "EchoTrainLength": 80,
    "EffectiveEchoSpacing": 0.000490004,
    "FlipAngle": 90,
    "ImageOrientationPatientDICOM": [
      0.997319,
      0.0429645,
      0.0592417,
      -0.0322132,
      0.984609,
      -0.171777
    ],
    "ImageType": [
      "ORIGINAL",
      "PRIMARY",
      "M",
      "ND",
      "NORM",
      "MOSAIC"
    ],
    "InPlanePhaseEncodingDirectionDICOM": "COL",
    "InstitutionAddress": "University_Park_Chandlee_Laboratory_State_College_PA_US_16802",
    "InstitutionName": "Penn_State_SLEIC",
    "InstitutionalDepartmentName": "Department",
    "MRAcquisitionType": "2D",
    "MagneticFieldStrength": 3,
    "Manufacturer": "Siemens",
    "ManufacturersModelName": "Prisma_fit",
    "Modality": "MR",
    "PartialFourier": 1,
    "PatientPosition": "HFS",
    "PercentPhaseFOV": 100,
    "PhaseEncodingDirection": "j-",
    "PhaseEncodingSteps": 80,
    "PhaseResolution": 1,
    "PixelBandwidth": 2405,
    "ProcedureStepDescription": "Investigators_20_ch_xxl213",
    "ProtocolName": "sleep-onset-segment-5",
    "PulseSequenceDetails": "%CustomerSeq%_ep2d_bold_1066",
    "ReceiveCoilActiveElements": "HE1-4",
    "ReceiveCoilName": "HeadNeck_20",
    "ReconMatrixPE": 80,
    "RepetitionTime": 2.1,
    "SAR": 0.154184,
    "ScanOptions": "FS_RT",
    "ScanningSequence": "EP",
    "SequenceName": "ep10662d1_80",
    "SequenceVariant": "SK",
    "SeriesDescription": "sleep-onset-segment-5",
    "SeriesNumber": 28,
    "ShimSetting": [
      -1917,
      8258,
      9541,
      392,
      -79,
      -226,
      -2,
      23
    ],
    "SliceThickness": 4,
    "SliceTiming": [
      2.02,
      1.9625,
      1.9025,
      1.8425,
      1.7825,
      1.725,
      1.665,
      1.605,
      1.545,
      1.485,
      1.4275,
      1.3675,
      1.3075,
      1.2475,
      1.19,
      1.13,
      1.07,
      1.01,
      0.9525,
      0.8925,
      0.8325,
      0.7725,
      0.7125,
      0.655,
      0.595,
      0.535,
      0.475,
      0.4175,
      0.3575,
      0.2975,
      0.2375,
      0.18,
      0.12,
      0.06,
      0
    ],
    "SoftwareVersions": "syngo_MR_E11",
    "SpacingBetweenSlices": 4,
    "StationName": "AWP67039",
    "TaskName": "sleep",
    "TotalReadoutTime": 0.0387103,
    "TxRefAmp": 308.583,
    "dataset": "ds003768",
    "modality": "bold",
    "run_id": 5,
    "subject_id": "16",
    "task_id": "sleep"
  },
  "dummy_trs": 0,
  "dvars_nstd": 25.36184144677572,
  "dvars_std": 1.3355611032009354,
  "dvars_vstd": 0.9959493893925235,
  "efc": 0.46103970866343363,
  "fber": 2775.874755859375,
  "fd_mean": 0.2979167309547645,
  "fd_num": 276,
  "fd_perc": 64.33566433566433,
  "fwhm_avg": 1.8279716666666668,
  "fwhm_x": 1.8332499999999998,
  "fwhm_y": 2.0272900000000003,
  "fwhm_z": 1.623375,
  "gcor": 0.0389774,
  "gsr_x": -0.021906675770878792,
  "gsr_y": 0.025098061189055443,
  "provenance": {
    "md5sum": "ad9d507a85ed3ee16b8c657e9223660f",
    "settings": {
      "fd_thres": 0.2,
      "testing": false
    },
    "software": "mriqc",
    "version": "22.0.6",
    "webapi_port": null,
    "webapi_url": "https://mriqc.nimh.nih.gov/api/v1"
  },
  "size_t": 429,
  "size_x": 80,
  "size_y": 80,
  "size_z": 35,
  "snr": 6.973590276494865,
  "spacing_tr": 2.0999999046325684,
  "spacing_x": 3.0,
  "spacing_y": 3.0,
  "spacing_z": 4.0,
  "summary_bg_k": 36.303143986465,
  "summary_bg_mad": 7.630736338786766,
  "summary_bg_mean": 32.381221771240234,
  "summary_bg_median": 13.6456880569458,
  "summary_bg_n": 154163.0,
  "summary_bg_p05": 6.116783523559572,
  "summary_bg_p95": 129.76643981933591,
  "summary_bg_stdv": 56.423851013183594,
  "summary_fg_k": 1.4490424569494813,
  "summary_fg_mad": 99.01984766267708,
  "summary_fg_mean": 728.8934326171875,
  "summary_fg_median": 722.8391723632812,
  "summary_fg_n": 29842.0,
  "summary_fg_p05": 574.5186828613281,
  "summary_fg_p95": 899.7269226074216,
  "summary_fg_stdv": 103.65206909179688,
  "tsnr": 65.57266530627385
}