{
  "aor": 0.0025394172494172494,
  "aqi": 0.009525322074592075,
  "bids_meta": {
    "AcquisitionMatrixPE": 80,
    "AcquisitionNumber": 1,
    "AcquisitionTime": "15:59:16.190000",
    "BandwidthPerPixelPhaseEncode": 25.51,
    "BaseResolution": 80,
    "BodyPartExamined": "BRAIN",
    "ConsistencyInfo": "N4_VE11C_LATEST_20160120",
    "ConversionSoftware": "dcm2niix",
    "ConversionSoftwareVersion": "v1.0.20171215 (OpenJPEG build) GCC4.8.5",
    "DerivedVendorReportedEchoSpacing": 0.000490004,
    "DeviceSerialNumber": "67039",
    "DwellTime": 2.6e-06,
    "EchoTime": 0.025,
    "EchoTrainLength": 80,
    "EffectiveEchoSpacing": 0.000490004,
    "FlipAngle": 90,
    "ImageOrientationPatientDICOM": [
      0.997319,
      0.0429645,
      0.0592417,
      -0.0322132,
      0.984609,
      -0.171777
    ],
    "ImageType": [
      "ORIGINAL",
      "PRIMARY",
      "M",
      "ND",
      "NORM",
      "MOSAIC"
    ],
    "InPlanePhaseEncodingDirectionDICOM": "COL",
    "InstitutionAddress": "University_Park_Chandlee_Laboratory_State_College_PA_US_16802",
    "InstitutionName": "Penn_State_SLEIC",
    "InstitutionalDepartmentName": "Department",
    "MRAcquisitionType": "2D",
    "MagneticFieldStrength": 3,
    "Manufacturer": "Siemens",
    "ManufacturersModelName": "Prisma_fit",
    "Modality": "MR",
    "PartialFourier": 1,
    "PatientPosition": "HFS",
    "PercentPhaseFOV": 100,
    "PhaseEncodingDirection": "j-",
    "PhaseEncodingSteps": 80,
    "PhaseResolution": 1,
    "PixelBandwidth": 2405,
    "ProcedureStepDescription": "Investigators_20_ch_xxl213",
    "ProtocolName": "sleep-onset-segment-6",
    "PulseSequenceDetails": "%CustomerSeq%_ep2d_bold_1066",
    "ReceiveCoilActiveElements": "HE1-4",
    "ReceiveCoilName": "HeadNeck_20",
    "ReconMatrixPE": 80,
    "RepetitionTime": 2.1,
    "SAR": 0.154184,
    "ScanOptions": "FS_RT",
    "ScanningSequence": "EP",
    "SequenceName": "ep10662d1_80",
    "SequenceVariant": "SK",
    "SeriesDescription": "sleep-onset-segment-6",
    "SeriesNumber": 30,
    "ShimSetting": [
      -1917,
      8258,
      9541,
      392,
      -79,
      -226,
      -2,
      23
    ],
    "SliceThickness": 4,
    "SliceTiming": [
      2.02,
      1.9625,
      1.9025,
      1.8425,
      1.7825,
      1.725,
      1.665,
      1.605,
      1.545,
      1.485,
      1.4275,
      1.3675,
      1.3075,
      1.2475,
      1.19,
      1.13,
      1.07,
      1.01,
      0.9525,
      0.8925,
      0.8325,
      0.7725,
      0.7125,
      0.655,
      0.595,
      0.535,
      0.475,
      0.4175,
      0.3575,
      0.2975,
      0.2375,
      0.18,
      0.12,
      0.06,
      0
    ],
    "SoftwareVersions": "syngo_MR_E11",
    "SpacingBetweenSlices": 4,
    "StationName": "AWP67039",
    "TaskName": "sleep",
    "TotalReadoutTime": 0.0387103,
    "TxRefAmp": 308.583,
    "dataset": "ds003768",
    "modality": "bold",
    "run_id": 6,
    "subject_id": "16",
    "task_id": "sleep"
  },
  "dummy_trs": 0,
  "dvars_nstd": 26.22245541679906,
  "dvars_std": 1.3528447813551399,
  "dvars_vstd": 1.0021015051635511,
  "efc": 0.461637016503697,
  "fber": 2752.903564453125,
  "fd_mean": 0.31155162890441046,
  "fd_num": 305,
  "fd_perc": 71.0955710955711,
  "fwhm_avg": 1.8231861111111112,
  "fwhm_x": 1.8335733333333335,
  "fwhm_y": 2.01737,
  "fwhm_z": 1.618615,
  "gcor": 0.0407755,
  "gsr_x": -0.022422047331929207,
  "gsr_y": 0.024355696514248848,
  "provenance": {
    "md5sum": "4cfc720fde723c16377ea6417e8a4c68",
    "settings": {
      "fd_thres": 0.2,
      "testing": false
    },
    "software": "mriqc",
    "version": "22.0.6",
    "webapi_port": null,
    "webapi_url": "https://mriqc.nimh.nih.gov/api/v1"
  },
  "size_t": 429,
  "size_x": 80,
  "size_y": 80,
  "size_z": 35,
  "snr": 6.972009618594868,
  "spacing_tr": 2.0999999046325684,
  "spacing_x": 3.0,
  "spacing_y": 3.0,
  "spacing_z": 4.0,
  "summary_bg_k": 36.08734116724429,
  "summary_bg_mad": 7.606544173451463,
  "summary_bg_mean": 32.70667266845703,
  "summary_bg_median": 13.708624839782715,
  "summary_bg_n": 154204.0,
  "summary_bg_p05": 6.149184226989746,
  "summary_bg_p95": 131.530778503418,
  "summary_bg_stdv": 57.159912109375,
  "summary_fg_k": 1.3792986459232486,
  "summary_fg_mad": 99.04749261981534,
  "summary_fg_mean": 728.5279541015625,
  "summary_fg_median": 722.2564086914062,
  "summary_fg_n": 29777.0,
  "summary_fg_p05": 573.33056640625,
  "summary_fg_p95": 900.3571166992186,
  "summary_fg_stdv": 103.59197998046875,
  "tsnr": 64.2965793502517
}