{
  "aor": 0.01927716783216783,
  "aqi": 0.02094243758741258,
  "bids_meta": {
    "AcquisitionMatrixPE": 80,
    "AcquisitionNumber": 1,
    "AcquisitionTime": "14:09:46.150000",
    "BandwidthPerPixelPhaseEncode": 25.51,
    "BaseResolution": 80,
    "BodyPartExamined": "BRAIN",
    "ConsistencyInfo": "N4_VE11C_LATEST_20160120",
    "ConversionSoftware": "dcm2niix",
    "ConversionSoftwareVersion": "v1.0.20171215 (OpenJPEG build) GCC4.8.5",
    "DerivedVendorReportedEchoSpacing": 0.000490004,
    "DeviceSerialNumber": "67039",
    "DwellTime": 2.6e-06,
    "EchoTime": 0.025,
    "EchoTrainLength": 80,
    "EffectiveEchoSpacing": 0.000490004,
    "FlipAngle": 90,
    "ImageOrientationPatientDICOM": [
      0.997319,
      0.0429645,
      0.0592417,
      -0.0322132,
      0.984609,
      -0.171777
    ],
    "ImageType": [
      "ORIGINAL",
      "PRIMARY",
      "M",
      "ND",
      "NORM",
      "MOSAIC"
    ],
    "InPlanePhaseEncodingDirectionDICOM": "COL",
    "InstitutionAddress": "University_Park_Chandlee_Laboratory_State_College_PA_US_16802",
    "InstitutionName": "Penn_State_SLEIC",
    "InstitutionalDepartmentName": "Department",
    "MRAcquisitionType": "2D",
    "MagneticFieldStrength": 3,
    "Manufacturer": "Siemens",
    "ManufacturersModelName": "Prisma_fit",
    "Modality": "MR",
    "PartialFourier": 1,
    "PatientPosition": "HFS",
    "PercentPhaseFOV": 100,
    "PhaseEncodingDirection": "j-",
    "PhaseEncodingSteps": 80,
    "PhaseResolution": 1,
    "PixelBandwidth": 2405,
    "ProcedureStepDescription": "Investigators_20_ch_xxl213",
    "ProtocolName": "resting-pre-motor",
    "PulseSequenceDetails": "%CustomerSeq%_ep2d_bold_1066",
    "ReceiveCoilActiveElements": "HE1-4",
    "ReceiveCoilName": "HeadNeck_20",
    "ReconMatrixPE": 80,
    "RepetitionTime": 2.1,
    "SAR": 0.154184,
    "ScanOptions": "FS_RT",
    "ScanningSequence": "EP",
    "SequenceName": "ep10662d1_80",
    "SequenceVariant": "SK",
    "SeriesDescription": "resting-pre-motor",
    "SeriesNumber": 14,
    "ShimSetting": [
      -1917,
      8258,
      9541,
      392,
      -79,
      -226,
      -2,
      23
    ],
    "SliceThickness": 4,
    "SliceTiming": [
      2.02,
      1.9625,
      1.9025,
      1.8425,
      1.7825,
      1.725,
      1.665,
      1.605,
      1.545,
      1.4875,
      1.4275,
      1.3675,
      1.3075,
      1.2475,
      1.19,
      1.13,
      1.07,
      1.01,
      0.9525,
      0.8925,
      0.8325,
      0.7725,
      0.715,
      0.655,
      0.595,
      0.535,
      0.475,
      0.4175,
      0.3575,
      0.2975,
      0.2375,
      0.18,
      0.12,
      0.06,
      0
    ],
    "SoftwareVersions": "syngo_MR_E11",
    "SpacingBetweenSlices": 4,
    "StationName": "AWP67039",
    "TaskName": "rest",
    "TotalReadoutTime": 0.0387103,
    "TxRefAmp": 308.583,
    "dataset": "ds003768",
    "modality": "bold",
    "run_id": 1,
    "subject_id": "16",
    "task_id": "rest"
  },
  "dummy_trs": 0,
  "dvars_nstd": 27.80610089894737,
  "dvars_std": 1.313290435508771,
  "dvars_vstd": 1.0614357402105266,
  "efc": 0.4595954924195835,
  "fber": 2919.730224609375,
  "fd_mean": 0.4604897329483513,
  "fd_num": 218,
  "fd_perc": 76.22377622377623,
  "fwhm_avg": 1.8228272222222224,
  "fwhm_x": 1.8538766666666666,
  "fwhm_y": 2.05627,
  "fwhm_z": 1.558335,
  "gcor": 0.0299652,
  "gsr_x": -0.019598837941884995,
  "gsr_y": 0.026264652609825134,
  "provenance": {
    "md5sum": "d986c2224de35b70e98c1203e0f03158",
    "settings": {
      "fd_thres": 0.2,
      "testing": false
    },
    "software": "mriqc",
    "version": "22.0.6",
    "webapi_port": null,
    "webapi_url": "https://mriqc.nimh.nih.gov/api/v1"
  },
  "size_t": 286,
  "size_x": 80,
  "size_y": 80,
  "size_z": 35,
  "snr": 7.007641581312314,
  "spacing_tr": 2.0999999046325684,
  "spacing_x": 3.0,
  "spacing_y": 3.0,
  "spacing_z": 4.0,
  "summary_bg_k": 29.43620933749893,
  "summary_bg_mad": 8.294278936489889,
  "summary_bg_mean": 32.21290588378906,
  "summary_bg_median": 13.559440612792969,
  "summary_bg_n": 153771.0,
  "summary_bg_p05": 5.16433572769165,
  "summary_bg_p95": 130.30419921875,
  "summary_bg_stdv": 55.18353271484375,
  "summary_fg_k": 1.6198593333222817,
  "summary_fg_mad": 97.512179476488,
  "summary_fg_mean": 729.6990966796875,
  "summary_fg_median": 723.076904296875,
  "summary_fg_n": 30322.0,
  "summary_fg_p05": 578.6235992431641,
  "summary_fg_p95": 901.0045104980468,
  "summary_fg_stdv": 103.18235778808594,
  "tsnr": 43.72160407388583
}