{
  "bids_meta": {
    "AcquisitionMatrixPE": 256,
    "AcquisitionNumber": 1,
    "AcquisitionTime": "14:08:24.755000",
    "BaseResolution": 256,
    "BodyPartExamined": "BRAIN",
    "ConsistencyInfo": "N4_VE11C_LATEST_20160120",
    "ConversionSoftware": "dcm2niix",
    "ConversionSoftwareVersion": "v1.0.20171215 (OpenJPEG build) GCC4.8.5",
    "DeviceSerialNumber": "67039",
    "DwellTime": 9.8e-06,
    "EchoTime": 0.00228,
    "FlipAngle": 8,
    "ImageOrientationPatientDICOM": [
      0.0960342,
      0.993877,
      -0.054638,
      0.0654592,
      -0.0610788,
      -0.995984
    ],
    "ImageType": [
      "ORIGINAL",
      "PRIMARY",
      "M",
      "NORM",
      "DIS2D"
    ],
    "InPlanePhaseEncodingDirectionDICOM": "ROW",
    "InstitutionAddress": "University_Park_Chandlee_Laboratory_State_College_PA_US_16802",
    "InstitutionName": "PSU-SLEIC",
    "InstitutionalDepartmentName": "Department",
    "InversionTime": 0.9,
    "MRAcquisitionType": "3D",
    "MagneticFieldStrength": 3,
    "Manufacturer": "Siemens",
    "ManufacturersModelName": "Prisma_fit",
    "Modality": "MR",
    "ParallelReductionFactorInPlane": 2,
    "PartialFourier": 1,
    "PatientPosition": "HFS",
    "PercentPhaseFOV": 100,
    "PhaseEncodingSteps": 255,
    "PhaseResolution": 1,
    "PixelBandwidth": 200,
    "ProcedureStepDescription": "Investigators_20_ch_xxl213",
    "ProtocolName": "t1_mprage_sag_p2_iso_2300",
    "PulseSequenceDetails": "%SiemensSeq%_tfl",
    "ReceiveCoilActiveElements": "HE1-4;NE1,2",
    "ReceiveCoilName": "HeadNeck_20",
    "ReconMatrixPE": 256,
    "RepetitionTime": 2.3,
    "SAR": 0.0920781,
    "ScanOptions": "IR",
    "ScanningSequence": "GR_IR",
    "SequenceName": "_tfl3d1_16ns",
    "SequenceVariant": "SK_SP_MP",
    "SeriesDescription": "t1_mprage_sag_p2_iso_2300",
    "SeriesNumber": 6,
    "ShimSetting": [
      -1941,
      8275,
      9263,
      132,
      -19,
      -59,
      -30,
      9
    ],
    "SliceThickness": 1,
    "SoftwareVersions": "syngo_MR_E11",
    "StationName": "AWP67039",
    "TxRefAmp": 312.208,
    "dataset": "ds003768",
    "modality": "T1w",
    "subject_id": "11"
  },
  "cjv": 0.3012146987465207,
  "cnr": 4.455644909529866,
  "efc": 0.5309974022698004,
  "fber": -1.0,
  "fwhm_avg": 4.391317616999948,
  "fwhm_x": 4.283582850999843,
  "fwhm_y": 4.31294,
  "fwhm_z": 4.57743,
  "icvs_csf": 0.22698491194552411,
  "icvs_gm": 0.4337168883707173,
  "icvs_wm": 0.3392981996837586,
  "inu_med": 0.6130791306495667,
  "inu_range": 0.31091067045927034,
  "provenance": {
    "md5sum": "72a47aa70e939f5901f6f27a164168df",
    "settings": {
      "testing": false
    },
    "software": "mriqc",
    "version": "22.0.6",
    "warnings": {
      "large_rot_frame": true,
      "small_air_mask": false
    },
    "webapi_port": null,
    "webapi_url": "https://mriqc.nimh.nih.gov/api/v1"
  },
  "qi_1": 7.366010109632228e-05,
  "qi_2": 0.022897926463521814,
  "rpve_csf": 21.765757961339354,
  "rpve_gm": 11.789087183152676,
  "rpve_wm": 17.22731546196199,
  "size_x": 192,
  "size_y": 256,
  "size_z": 256,
  "snr_csf": 2.233964559198594,
  "snr_gm": 10.874784604392165,
  "snr_total": 12.117296437522908,
  "snr_wm": 23.243140148977965,
  "snrd_csf": 20.221448163097175,
  "snrd_gm": 59.08010686527947,
  "snrd_total": 56.039915009765785,
  "snrd_wm": 88.81819000092071,
  "spacing_x": 1.0000016689300537,
  "spacing_y": 1.0,
  "spacing_z": 1.0,
  "summary_bg_k": 18.527989139607747,
  "summary_bg_mad": 0.0,
  "summary_bg_mean": 4.552580072288126,
  "summary_bg_median": 0.0,
  "summary_bg_n": 4350202.0,
  "summary_bg_p05": 0.0,
  "summary_bg_p95": 17.920996941626072,
  "summary_bg_stdv": 7.376151530845867,
  "summary_csf_k": 0.5976641916366634,
  "summary_csf_mad": 91.840135481419,
  "summary_csf_mean": 233.69102943128027,
  "summary_csf_median": 227.67238368093967,
  "summary_csf_n": 64806.0,
  "summary_csf_p05": 70.96883061155677,
  "summary_csf_p95": 417.77798269316554,
  "summary_csf_stdv": 101.91326723067039,
  "summary_gm_k": 0.11823529707843106,
  "summary_gm_mad": 59.62592157571243,
  "summary_gm_mean": 665.3544487606716,
  "summary_gm_median": 665.1802902370691,
  "summary_gm_n": 59040.0,
  "summary_gm_p05": 564.5114036612213,
  "summary_gm_p95": 767.1532869189978,
  "summary_gm_stdv": 61.16669719073286,
  "summary_wm_k": 0.42961070153314074,
  "summary_wm_mad": 41.226709374002006,
  "summary_wm_mean": 999.5927847370303,
  "summary_wm_median": 1000.0000429563224,
  "summary_wm_n": 234510.0,
  "summary_wm_p05": 928.1477829180658,
  "summary_wm_p95": 1068.949606306851,
  "summary_wm_stdv": 43.02335675985194,
  "tpm_overlap_csf": 0.15435231618463816,
  "tpm_overlap_gm": 0.4608749575639297,
  "tpm_overlap_wm": 0.4922003146846684,
  "wm2max": 0.5067255014815288
}