{
  "aor": 0.01822622377622378,
  "aqi": 0.022799327202797204,
  "bids_meta": {
    "AcquisitionMatrixPE": 80,
    "AcquisitionNumber": 1,
    "AcquisitionTime": "16:14:44.325000",
    "BandwidthPerPixelPhaseEncode": 25.51,
    "BaseResolution": 80,
    "BodyPartExamined": "BRAIN",
    "ConsistencyInfo": "N4_VE11C_LATEST_20160120",
    "ConversionSoftware": "dcm2niix",
    "ConversionSoftwareVersion": "v1.0.20171215 (OpenJPEG build) GCC4.8.5",
    "DerivedVendorReportedEchoSpacing": 0.000490004,
    "DeviceSerialNumber": "67039",
    "DwellTime": 2.6e-06,
    "EchoTime": 0.025,
    "EchoTrainLength": 80,
    "EffectiveEchoSpacing": 0.000490004,
    "FlipAngle": 90,
    "ImageOrientationPatientDICOM": [
      0.997319,
      0.0429645,
      0.0592417,
      -0.0322132,
      0.984609,
      -0.171777
    ],
    "ImageType": [
      "ORIGINAL",
      "PRIMARY",
      "M",
      "ND",
      "NORM",
      "MOSAIC"
    ],
    "InPlanePhaseEncodingDirectionDICOM": "COL",
    "InstitutionAddress": "University_Park_Chandlee_Laboratory_State_College_PA_US_16802",
    "InstitutionName": "Penn_State_SLEIC",
    "InstitutionalDepartmentName": "Department",
    "MRAcquisitionType": "2D",
    "MagneticFieldStrength": 3,
    "Manufacturer": "Siemens",
    "ManufacturersModelName": "Prisma_fit",
    "Modality": "MR",
    "PartialFourier": 1,
    "PatientPosition": "HFS",
    "PercentPhaseFOV": 100,
    "PhaseEncodingDirection": "j-",
    "PhaseEncodingSteps": 80,
    "PhaseResolution": 1,
    "PixelBandwidth": 2405,
    "ProcedureStepDescription": "Investigators_20_ch_xxl213",
    "ProtocolName": "sleep-onset-segment-7",
    "PulseSequenceDetails": "%CustomerSeq%_ep2d_bold_1066",
    "ReceiveCoilActiveElements": "HE1-4",
    "ReceiveCoilName": "HeadNeck_20",
    "ReconMatrixPE": 80,
    "RepetitionTime": 2.1,
    "SAR": 0.154184,
    "ScanOptions": "FS_RT",
    "ScanningSequence": "EP",
    "SequenceName": "ep10662d1_80",
    "SequenceVariant": "SK",
    "SeriesDescription": "sleep-onset-segment-7",
    "SeriesNumber": 32,
    "ShimSetting": [
      -1917,
      8258,
      9541,
      392,
      -79,
      -226,
      -2,
      23
    ],
    "SliceThickness": 4,
    "SliceTiming": [
      2.0225,
      1.9625,
      1.9025,
      1.8425,
      1.7825,
      1.725,
      1.665,
      1.605,
      1.545,
      1.4875,
      1.4275,
      1.3675,
      1.3075,
      1.25,
      1.19,
      1.13,
      1.07,
      1.01,
      0.9525,
      0.8925,
      0.8325,
      0.7725,
      0.715,
      0.655,
      0.595,
      0.535,
      0.4775,
      0.4175,
      0.3575,
      0.2975,
      0.24,
      0.18,
      0.12,
      0.06,
      0
    ],
    "SoftwareVersions": "syngo_MR_E11",
    "SpacingBetweenSlices": 4,
    "StationName": "AWP67039",
    "TaskName": "sleep",
    "TotalReadoutTime": 0.0387103,
    "TxRefAmp": 308.583,
    "dataset": "ds003768",
    "modality": "bold",
    "run_id": 7,
    "subject_id": "16",
    "task_id": "sleep"
  },
  "dummy_trs": 0,
  "dvars_nstd": 28.41331922892525,
  "dvars_std": 1.2996116672196256,
  "dvars_vstd": 1.0519010641121505,
  "efc": 0.46191739318076697,
  "fber": 2753.953125,
  "fd_mean": 0.3826535902055355,
  "fd_num": 332,
  "fd_perc": 77.3892773892774,
  "fwhm_avg": 1.8521463888888892,
  "fwhm_x": 1.8616533333333332,
  "fwhm_y": 2.0584433333333334,
  "fwhm_z": 1.6363425,
  "gcor": 0.0748149,
  "gsr_x": -0.02209746278822422,
  "gsr_y": 0.025201011449098587,
  "provenance": {
    "md5sum": "801d3e57bf5f803d36cac1161054e10b",
    "settings": {
      "fd_thres": 0.2,
      "testing": false
    },
    "software": "mriqc",
    "version": "22.0.6",
    "webapi_port": null,
    "webapi_url": "https://mriqc.nimh.nih.gov/api/v1"
  },
  "size_t": 429,
  "size_x": 80,
  "size_y": 80,
  "size_z": 35,
  "snr": 6.995425816709669,
  "spacing_tr": 2.0999999046325684,
  "spacing_x": 3.0,
  "spacing_y": 3.0,
  "spacing_z": 4.0,
  "summary_bg_k": 35.96656764979381,
  "summary_bg_mad": 7.768973849755046,
  "summary_bg_mean": 32.910518646240234,
  "summary_bg_median": 13.74125862121582,
  "summary_bg_n": 154170.0,
  "summary_bg_p05": 6.107226371765137,
  "summary_bg_p95": 132.0740081787108,
  "summary_bg_stdv": 57.08916473388672,
  "summary_fg_k": 1.407287249238876,
  "summary_fg_mad": 98.59132820431932,
  "summary_fg_mean": 727.4404907226562,
  "summary_fg_median": 720.9918212890625,
  "summary_fg_n": 29830.0,
  "summary_fg_p05": 573.396615600586,
  "summary_fg_p95": 898.1838287353515,
  "summary_fg_stdv": 103.064453125,
  "tsnr": 40.011114309192635
}