{
  "aor": 0.001421438596491228,
  "aqi": 0.004530836070175438,
  "bids_meta": {
    "AcquisitionMatrixPE": 80,
    "AcquisitionNumber": 1,
    "AcquisitionTime": "14:51:37.185000",
    "BandwidthPerPixelPhaseEncode": 25.51,
    "BaseResolution": 80,
    "BodyPartExamined": "BRAIN",
    "ConsistencyInfo": "N4_VE11C_LATEST_20160120",
    "ConversionSoftware": "dcm2niix",
    "ConversionSoftwareVersion": "v1.0.20171215 (OpenJPEG build) GCC4.8.5",
    "DerivedVendorReportedEchoSpacing": 0.000490004,
    "DeviceSerialNumber": "67039",
    "DwellTime": 2.6e-06,
    "EchoTime": 0.025,
    "EchoTrainLength": 80,
    "EffectiveEchoSpacing": 0.000490004,
    "FlipAngle": 90,
    "ImageOrientationPatientDICOM": [
      0.999518,
      -0.030468,
      0.00600508,
      0.0307126,
      0.998467,
      -0.046056
    ],
    "ImageType": [
      "ORIGINAL",
      "PRIMARY",
      "M",
      "ND",
      "NORM",
      "MOSAIC"
    ],
    "InPlanePhaseEncodingDirectionDICOM": "COL",
    "InstitutionAddress": "University_Park_Chandlee_Laboratory_State_College_PA_US_16802",
    "InstitutionName": "PSU-SLEIC",
    "InstitutionalDepartmentName": "Department",
    "MRAcquisitionType": "2D",
    "MagneticFieldStrength": 3,
    "Manufacturer": "Siemens",
    "ManufacturersModelName": "Prisma_fit",
    "Modality": "MR",
    "PartialFourier": 1,
    "PatientPosition": "HFS",
    "PercentPhaseFOV": 100,
    "PhaseEncodingDirection": "j-",
    "PhaseEncodingSteps": 80,
    "PhaseResolution": 1,
    "PixelBandwidth": 2405,
    "ProcedureStepDescription": "Investigators_20_ch_xxl213",
    "ProtocolName": "resting-post-motor",
    "PulseSequenceDetails": "%CustomerSeq%_ep2d_bold_1066",
    "ReceiveCoilActiveElements": "HE1-4",
    "ReceiveCoilName": "HeadNeck_20",
    "ReconMatrixPE": 80,
    "RepetitionTime": 2.1,
    "SAR": 0.150356,
    "ScanOptions": "FS_RT",
    "ScanningSequence": "EP",
    "SequenceName": "ep10662d1_80",
    "SequenceVariant": "SK",
    "SeriesDescription": "resting-post-motor",
    "SeriesNumber": 18,
    "ShimSetting": [
      -1912,
      8253,
      9359,
      408,
      77,
      -285,
      -297,
      -37
    ],
    "SliceThickness": 4,
    "SliceTiming": [
      2.02,
      1.96,
      1.9025,
      1.8425,
      1.7825,
      1.7225,
      1.665,
      1.605,
      1.545,
      1.485,
      1.425,
      1.3675,
      1.3075,
      1.2475,
      1.1875,
      1.13,
      1.07,
      1.01,
      0.95,
      0.8925,
      0.8325,
      0.7725,
      0.7125,
      0.6525,
      0.595,
      0.535,
      0.475,
      0.415,
      0.3575,
      0.2975,
      0.2375,
      0.1775,
      0.12,
      0.06,
      0
    ],
    "SoftwareVersions": "syngo_MR_E11",
    "SpacingBetweenSlices": 4,
    "StationName": "AWP67039",
    "TaskName": "rest",
    "TotalReadoutTime": 0.0387103,
    "TxRefAmp": 276.7,
    "dataset": "ds003768",
    "modality": "bold",
    "run_id": 2,
    "subject_id": "28",
    "task_id": "rest"
  },
  "dummy_trs": 1,
  "dvars_nstd": 21.0378531062676,
  "dvars_std": 1.4546036864788734,
  "dvars_vstd": 1.0022162752464783,
  "efc": 0.43080345401155556,
  "fber": 3186.114990234375,
  "fd_mean": 0.11125397310822503,
  "fd_num": 10,
  "fd_perc": 3.508771929824561,
  "fwhm_avg": 1.7619744761608727,
  "fwhm_x": 1.6976766666666665,
  "fwhm_y": 1.9919066666666667,
  "fwhm_z": 1.5963400951492843,
  "gcor": 0.0138727,
  "gsr_x": -0.026572948321700096,
  "gsr_y": 0.024512801319360733,
  "provenance": {
    "md5sum": "b40d8a1716d675248fce8f3c77b655b5",
    "settings": {
      "fd_thres": 0.2,
      "testing": false
    },
    "software": "mriqc",
    "version": "22.0.6",
    "webapi_port": null,
    "webapi_url": "https://mriqc.nimh.nih.gov/api/v1"
  },
  "size_t": 285,
  "size_x": 80,
  "size_y": 80,
  "size_z": 35,
  "snr": 6.969798445860481,
  "spacing_tr": 2.0999999046325684,
  "spacing_x": 3.0,
  "spacing_y": 3.0,
  "spacing_z": 3.999999761581421,
  "summary_bg_k": 53.578496715717975,
  "summary_bg_mad": 6.630093379043961,
  "summary_bg_mean": 30.076292037963867,
  "summary_bg_median": 12.875438690185547,
  "summary_bg_n": 160108.0,
  "summary_bg_p05": 6.414035320281982,
  "summary_bg_p95": 110.51087951660148,
  "summary_bg_stdv": 59.9149169921875,
  "summary_fg_k": 1.0854148464262998,
  "summary_fg_mad": 100.3071253640535,
  "summary_fg_mean": 738.1595458984375,
  "summary_fg_median": 730.5017700195312,
  "summary_fg_n": 25481.0,
  "summary_fg_p05": 583.4281005859375,
  "summary_fg_p95": 916.5263061523438,
  "summary_fg_stdv": 104.80754089355469,
  "tsnr": 106.95106086076703
}