{
  "aor": 0.0004522196261682243,
  "aqi": 0.005085530327102804,
  "bids_meta": {
    "AcquisitionMatrixPE": 80,
    "AcquisitionNumber": 1,
    "AcquisitionTime": "15:09:46.807500",
    "BandwidthPerPixelPhaseEncode": 25.51,
    "BaseResolution": 80,
    "BodyPartExamined": "BRAIN",
    "ConsistencyInfo": "N4_VE11C_LATEST_20160120",
    "ConversionSoftware": "dcm2niix",
    "ConversionSoftwareVersion": "v1.0.20171215 (OpenJPEG build) GCC4.8.5",
    "DerivedVendorReportedEchoSpacing": 0.000490004,
    "DeviceSerialNumber": "67039",
    "DwellTime": 2.6e-06,
    "EchoTime": 0.025,
    "EchoTrainLength": 80,
    "EffectiveEchoSpacing": 0.000490004,
    "FlipAngle": 90,
    "ImageOrientationPatientDICOM": [
      0.999518,
      -0.030468,
      0.00600508,
      0.0307126,
      0.998467,
      -0.046056
    ],
    "ImageType": [
      "ORIGINAL",
      "PRIMARY",
      "M",
      "ND",
      "NORM",
      "MOSAIC"
    ],
    "InPlanePhaseEncodingDirectionDICOM": "COL",
    "InstitutionAddress": "University_Park_Chandlee_Laboratory_State_College_PA_US_16802",
    "InstitutionName": "PSU-SLEIC",
    "InstitutionalDepartmentName": "Department",
    "MRAcquisitionType": "2D",
    "MagneticFieldStrength": 3,
    "Manufacturer": "Siemens",
    "ManufacturersModelName": "Prisma_fit",
    "Modality": "MR",
    "PartialFourier": 1,
    "PatientPosition": "HFS",
    "PercentPhaseFOV": 100,
    "PhaseEncodingDirection": "j-",
    "PhaseEncodingSteps": 80,
    "PhaseResolution": 1,
    "PixelBandwidth": 2405,
    "ProcedureStepDescription": "Investigators_20_ch_xxl213",
    "ProtocolName": "sleep-onset-segment-2",
    "PulseSequenceDetails": "%CustomerSeq%_ep2d_bold_1066",
    "ReceiveCoilActiveElements": "HE1-4",
    "ReceiveCoilName": "HeadNeck_20",
    "ReconMatrixPE": 80,
    "RepetitionTime": 2.1,
    "SAR": 0.150356,
    "ScanOptions": "FS_RT",
    "ScanningSequence": "EP",
    "SequenceName": "ep10662d1_80",
    "SequenceVariant": "SK",
    "SeriesDescription": "sleep-onset-segment-2",
    "SeriesNumber": 22,
    "ShimSetting": [
      -1912,
      8253,
      9359,
      408,
      77,
      -285,
      -297,
      -37
    ],
    "SliceThickness": 4,
    "SliceTiming": [
      2.02,
      1.96,
      1.9025,
      1.8425,
      1.7825,
      1.7225,
      1.665,
      1.605,
      1.545,
      1.485,
      1.4275,
      1.3675,
      1.3075,
      1.2475,
      1.1875,
      1.13,
      1.07,
      1.01,
      0.95,
      0.8925,
      0.8325,
      0.7725,
      0.7125,
      0.655,
      0.595,
      0.535,
      0.475,
      0.4175,
      0.3575,
      0.2975,
      0.2375,
      0.1775,
      0.12,
      0.06,
      0
    ],
    "SoftwareVersions": "syngo_MR_E11",
    "SpacingBetweenSlices": 4,
    "StationName": "AWP67039",
    "TaskName": "sleep",
    "TotalReadoutTime": 0.0387103,
    "TxRefAmp": 276.7,
    "dataset": "ds003768",
    "modality": "bold",
    "run_id": 1,
    "subject_id": "28",
    "task_id": "sleep"
  },
  "dummy_trs": 1,
  "dvars_nstd": 20.615218160163934,
  "dvars_std": 1.369985233419205,
  "dvars_vstd": 0.9786825795316167,
  "efc": 0.4295296160082964,
  "fber": 3176.852294921875,
  "fd_mean": 0.1265591804447979,
  "fd_num": 33,
  "fd_perc": 7.710280373831775,
  "fwhm_avg": 1.758497253956631,
  "fwhm_x": 1.7071966666666667,
  "fwhm_y": 1.97105,
  "fwhm_z": 1.5972450952032264,
  "gcor": 0.0126698,
  "gsr_x": -0.025280548259615898,
  "gsr_y": 0.02435864880681038,
  "provenance": {
    "md5sum": "aad4b54bb67370ac25b6dc3774264289",
    "settings": {
      "fd_thres": 0.2,
      "testing": false
    },
    "software": "mriqc",
    "version": "22.0.6",
    "webapi_port": null,
    "webapi_url": "https://mriqc.nimh.nih.gov/api/v1"
  },
  "size_t": 428,
  "size_x": 80,
  "size_y": 80,
  "size_z": 35,
  "snr": 6.9944896959055205,
  "spacing_tr": 2.0999999046325684,
  "spacing_x": 3.0,
  "spacing_y": 3.0,
  "spacing_z": 3.999999761581421,
  "summary_bg_k": 54.741170236285214,
  "summary_bg_mad": 6.52275637522474,
  "summary_bg_mean": 29.187536239624023,
  "summary_bg_median": 12.85981273651123,
  "summary_bg_n": 160156.0,
  "summary_bg_p05": 6.413551330566406,
  "summary_bg_p95": 105.57125663757324,
  "summary_bg_stdv": 57.15488815307617,
  "summary_fg_k": 0.9978178109746221,
  "summary_fg_mad": 99.51270612111767,
  "summary_fg_mean": 736.8402709960938,
  "summary_fg_median": 728.6121215820312,
  "summary_fg_n": 25596.0,
  "summary_fg_p05": 582.9912109375,
  "summary_fg_p95": 914.9970550537109,
  "summary_fg_stdv": 104.16741180419922,
  "tsnr": 101.58273989590816
}