{
  "aor": 0.0014022843822843825,
  "aqi": 0.005278171818181818,
  "bids_meta": {
    "AcquisitionMatrixPE": 80,
    "AcquisitionNumber": 1,
    "AcquisitionTime": "16:12:17.822500",
    "BandwidthPerPixelPhaseEncode": 25.51,
    "BaseResolution": 80,
    "BodyPartExamined": "BRAIN",
    "ConsistencyInfo": "N4_VE11C_LATEST_20160120",
    "ConversionSoftware": "dcm2niix",
    "ConversionSoftwareVersion": "v1.0.20171215 (OpenJPEG build) GCC4.8.5",
    "DerivedVendorReportedEchoSpacing": 0.000490004,
    "DeviceSerialNumber": "67039",
    "DwellTime": 2.6e-06,
    "EchoTime": 0.025,
    "EchoTrainLength": 80,
    "EffectiveEchoSpacing": 0.000490004,
    "FlipAngle": 90,
    "ImageOrientationPatientDICOM": [
      0.999518,
      -0.030468,
      0.00600508,
      0.0307126,
      0.998467,
      -0.046056
    ],
    "ImageType": [
      "ORIGINAL",
      "PRIMARY",
      "M",
      "ND",
      "NORM",
      "MOSAIC"
    ],
    "InPlanePhaseEncodingDirectionDICOM": "COL",
    "InstitutionAddress": "University_Park_Chandlee_Laboratory_State_College_PA_US_16802",
    "InstitutionName": "PSU-SLEIC",
    "InstitutionalDepartmentName": "Department",
    "MRAcquisitionType": "2D",
    "MagneticFieldStrength": 3,
    "Manufacturer": "Siemens",
    "ManufacturersModelName": "Prisma_fit",
    "Modality": "MR",
    "PartialFourier": 1,
    "PatientPosition": "HFS",
    "PercentPhaseFOV": 100,
    "PhaseEncodingDirection": "j-",
    "PhaseEncodingSteps": 80,
    "PhaseResolution": 1,
    "PixelBandwidth": 2405,
    "ProcedureStepDescription": "Investigators_20_ch_xxl213",
    "ProtocolName": "sleep-onset-segment-6",
    "PulseSequenceDetails": "%CustomerSeq%_ep2d_bold_1066",
    "ReceiveCoilActiveElements": "HE1-4",
    "ReceiveCoilName": "HeadNeck_20",
    "ReconMatrixPE": 80,
    "RepetitionTime": 2.1,
    "SAR": 0.150356,
    "ScanOptions": "FS_RT",
    "ScanningSequence": "EP",
    "SequenceName": "ep10662d1_80",
    "SequenceVariant": "SK",
    "SeriesDescription": "sleep-onset-segment-6",
    "SeriesNumber": 30,
    "ShimSetting": [
      -1912,
      8253,
      9359,
      408,
      77,
      -285,
      -297,
      -37
    ],
    "SliceThickness": 4,
    "SliceTiming": [
      2.02,
      1.96,
      1.9025,
      1.8425,
      1.7825,
      1.7225,
      1.665,
      1.605,
      1.545,
      1.485,
      1.425,
      1.3675,
      1.3075,
      1.2475,
      1.1875,
      1.13,
      1.07,
      1.01,
      0.95,
      0.8925,
      0.8325,
      0.7725,
      0.7125,
      0.655,
      0.595,
      0.535,
      0.475,
      0.415,
      0.3575,
      0.2975,
      0.2375,
      0.1775,
      0.12,
      0.06,
      0
    ],
    "SoftwareVersions": "syngo_MR_E11",
    "SpacingBetweenSlices": 4,
    "StationName": "AWP67039",
    "TaskName": "sleep",
    "TotalReadoutTime": 0.0387103,
    "TxRefAmp": 276.7,
    "dataset": "ds003768",
    "modality": "bold",
    "run_id": 5,
    "subject_id": "28",
    "task_id": "sleep"
  },
  "dummy_trs": 0,
  "dvars_nstd": 24.042642593341135,
  "dvars_std": 1.3219290497663543,
  "dvars_vstd": 0.9970699734345807,
  "efc": 0.4321803396555359,
  "fber": 3124.112060546875,
  "fd_mean": 0.18780953054651275,
  "fd_num": 167,
  "fd_perc": 38.92773892773893,
  "fwhm_avg": 1.7629825318343955,
  "fwhm_x": 1.7186599999999999,
  "fwhm_y": 1.9680099999999998,
  "fwhm_z": 1.602277595503187,
  "gcor": 0.0329347,
  "gsr_x": -0.02615363709628582,
  "gsr_y": 0.02510974183678627,
  "provenance": {
    "md5sum": "12ca79c8c3e4c0ed7498598c847d0fc1",
    "settings": {
      "fd_thres": 0.2,
      "testing": false
    },
    "software": "mriqc",
    "version": "22.0.6",
    "webapi_port": null,
    "webapi_url": "https://mriqc.nimh.nih.gov/api/v1"
  },
  "size_t": 429,
  "size_x": 80,
  "size_y": 80,
  "size_z": 35,
  "snr": 6.957536729751424,
  "spacing_tr": 2.0999999046325684,
  "spacing_x": 3.0,
  "spacing_y": 3.0,
  "spacing_z": 3.999999761581421,
  "summary_bg_k": 52.068848175601445,
  "summary_bg_mad": 6.63196611562997,
  "summary_bg_mean": 30.20106315612793,
  "summary_bg_median": 12.937063217163086,
  "summary_bg_n": 159964.0,
  "summary_bg_p05": 6.463869571685791,
  "summary_bg_p95": 112.48916053771974,
  "summary_bg_stdv": 59.0701904296875,
  "summary_fg_k": 0.8485402970913847,
  "summary_fg_mad": 100.30893518121476,
  "summary_fg_mean": 736.8153686523438,
  "summary_fg_median": 729.010498046875,
  "summary_fg_n": 25682.0,
  "summary_fg_p05": 581.8184112548828,
  "summary_fg_p95": 916.9501190185547,
  "summary_fg_stdv": 104.7779312133789,
  "tsnr": 94.56477436388377
}