{
  "aor": 0.008448205128205127,
  "aqi": 0.005799099347319347,
  "bids_meta": {
    "AcquisitionMatrixPE": 80,
    "AcquisitionNumber": 1,
    "AcquisitionTime": "16:27:47.912500",
    "BandwidthPerPixelPhaseEncode": 25.51,
    "BaseResolution": 80,
    "BodyPartExamined": "BRAIN",
    "ConsistencyInfo": "N4_VE11C_LATEST_20160120",
    "ConversionSoftware": "dcm2niix",
    "ConversionSoftwareVersion": "v1.0.20171215 (OpenJPEG build) GCC4.8.5",
    "DerivedVendorReportedEchoSpacing": 0.000490004,
    "DeviceSerialNumber": "67039",
    "DwellTime": 2.6e-06,
    "EchoTime": 0.025,
    "EchoTrainLength": 80,
    "EffectiveEchoSpacing": 0.000490004,
    "FlipAngle": 90,
    "ImageOrientationPatientDICOM": [
      0.999518,
      -0.030468,
      0.00600508,
      0.0307126,
      0.998467,
      -0.046056
    ],
    "ImageType": [
      "ORIGINAL",
      "PRIMARY",
      "M",
      "ND",
      "NORM",
      "MOSAIC"
    ],
    "InPlanePhaseEncodingDirectionDICOM": "COL",
    "InstitutionAddress": "University_Park_Chandlee_Laboratory_State_College_PA_US_16802",
    "InstitutionName": "PSU-SLEIC",
    "InstitutionalDepartmentName": "Department",
    "MRAcquisitionType": "2D",
    "MagneticFieldStrength": 3,
    "Manufacturer": "Siemens",
    "ManufacturersModelName": "Prisma_fit",
    "Modality": "MR",
    "PartialFourier": 1,
    "PatientPosition": "HFS",
    "PercentPhaseFOV": 100,
    "PhaseEncodingDirection": "j-",
    "PhaseEncodingSteps": 80,
    "PhaseResolution": 1,
    "PixelBandwidth": 2405,
    "ProcedureStepDescription": "Investigators_20_ch_xxl213",
    "ProtocolName": "sleep-onset-segment-7",
    "PulseSequenceDetails": "%CustomerSeq%_ep2d_bold_1066",
    "ReceiveCoilActiveElements": "HE1-4",
    "ReceiveCoilName": "HeadNeck_20",
    "ReconMatrixPE": 80,
    "RepetitionTime": 2.1,
    "SAR": 0.150356,
    "ScanOptions": "FS_RT",
    "ScanningSequence": "EP",
    "SequenceName": "ep10662d1_80",
    "SequenceVariant": "SK",
    "SeriesDescription": "sleep-onset-segment-7",
    "SeriesNumber": 32,
    "ShimSetting": [
      -1912,
      8253,
      9359,
      408,
      77,
      -285,
      -297,
      -37
    ],
    "SliceThickness": 4,
    "SliceTiming": [
      2.02,
      1.9625,
      1.9025,
      1.8425,
      1.7825,
      1.7225,
      1.665,
      1.605,
      1.545,
      1.485,
      1.4275,
      1.3675,
      1.3075,
      1.2475,
      1.19,
      1.13,
      1.07,
      1.01,
      0.95,
      0.8925,
      0.8325,
      0.7725,
      0.7125,
      0.655,
      0.595,
      0.535,
      0.475,
      0.4175,
      0.3575,
      0.2975,
      0.2375,
      0.1775,
      0.12,
      0.06,
      0
    ],
    "SoftwareVersions": "syngo_MR_E11",
    "SpacingBetweenSlices": 4,
    "StationName": "AWP67039",
    "TaskName": "sleep",
    "TotalReadoutTime": 0.0387103,
    "TxRefAmp": 276.7,
    "dataset": "ds003768",
    "modality": "bold",
    "run_id": 6,
    "subject_id": "28",
    "task_id": "sleep"
  },
  "dummy_trs": 0,
  "dvars_nstd": 17.536345907453274,
  "dvars_std": 1.3346658157009337,
  "dvars_vstd": 1.0824203479439256,
  "efc": 0.43290941950935047,
  "fber": 3162.70556640625,
  "fd_mean": 0.13962515079104845,
  "fd_num": 60,
  "fd_perc": 13.986013986013987,
  "fwhm_avg": 1.7675944760364972,
  "fwhm_x": 1.7171733333333332,
  "fwhm_y": 1.9955299999999998,
  "fwhm_z": 1.590080094776159,
  "gcor": 0.0229784,
  "gsr_x": -0.026293529197573662,
  "gsr_y": 0.024738894775509834,
  "provenance": {
    "md5sum": "67ecb2eafc7f4c78569e94b78f820397",
    "settings": {
      "fd_thres": 0.2,
      "testing": false
    },
    "software": "mriqc",
    "version": "22.0.6",
    "webapi_port": null,
    "webapi_url": "https://mriqc.nimh.nih.gov/api/v1"
  },
  "size_t": 429,
  "size_x": 80,
  "size_y": 80,
  "size_z": 35,
  "snr": 6.923452018780306,
  "spacing_tr": 2.0999999046325684,
  "spacing_x": 3.0,
  "spacing_y": 3.0,
  "spacing_z": 3.999999761581421,
  "summary_bg_k": 51.38293276262776,
  "summary_bg_mad": 6.725277743409241,
  "summary_bg_mean": 30.376359939575195,
  "summary_bg_median": 12.916084289550781,
  "summary_bg_n": 159972.0,
  "summary_bg_p05": 6.305361270904541,
  "summary_bg_p95": 113.65524711608813,
  "summary_bg_stdv": 58.94483184814453,
  "summary_fg_k": 0.9464251108664312,
  "summary_fg_mad": 99.98407300076829,
  "summary_fg_mean": 733.9813842773438,
  "summary_fg_median": 725.9510498046875,
  "summary_fg_n": 25703.0,
  "summary_fg_p05": 578.6056213378906,
  "summary_fg_p95": 913.6174926757812,
  "summary_fg_stdv": 104.85187530517578,
  "tsnr": 92.4472022097325
}