{
  "aor": 0.0022713333333333335,
  "aqi": 0.008847903894736841,
  "bids_meta": {
    "AcquisitionMatrixPE": 80,
    "AcquisitionNumber": 1,
    "AcquisitionTime": "18:03:45.210000",
    "BandwidthPerPixelPhaseEncode": 25.51,
    "BaseResolution": 80,
    "BodyPartExamined": "BRAIN",
    "ConsistencyInfo": "N4_VE11C_LATEST_20160120",
    "ConversionSoftware": "dcm2niix",
    "ConversionSoftwareVersion": "v1.0.20171215 (OpenJPEG build) GCC4.8.5",
    "DerivedVendorReportedEchoSpacing": 0.000490004,
    "DeviceSerialNumber": "67039",
    "DwellTime": 2.6e-06,
    "EchoTime": 0.025,
    "EchoTrainLength": 80,
    "EffectiveEchoSpacing": 0.000490004,
    "FlipAngle": 90,
    "ImageOrientationPatientDICOM": [
      0.995638,
      0.0452705,
      0.0815854,
      -0.061419,
      0.976233,
      0.207837
    ],
    "ImageType": [
      "ORIGINAL",
      "PRIMARY",
      "M",
      "ND",
      "NORM",
      "MOSAIC"
    ],
    "InPlanePhaseEncodingDirectionDICOM": "COL",
    "InstitutionAddress": "University_Park_Chandlee_Laboratory_State_College_PA_US_16802",
    "InstitutionName": "Penn_State_SLEIC",
    "InstitutionalDepartmentName": "Department",
    "MRAcquisitionType": "2D",
    "MagneticFieldStrength": 3,
    "Manufacturer": "Siemens",
    "ManufacturersModelName": "Prisma_fit",
    "Modality": "MR",
    "PartialFourier": 1,
    "PatientPosition": "HFS",
    "PercentPhaseFOV": 100,
    "PhaseEncodingDirection": "j-",
    "PhaseEncodingSteps": 80,
    "PhaseResolution": 1,
    "PixelBandwidth": 2405,
    "ProcedureStepDescription": "Investigators_20_ch_xxl213",
    "ProtocolName": "resting-post-motor",
    "PulseSequenceDetails": "%CustomerSeq%_ep2d_bold_1066",
    "ReceiveCoilActiveElements": "HE1-4",
    "ReceiveCoilName": "HeadNeck_20",
    "ReconMatrixPE": 80,
    "RepetitionTime": 2.1,
    "SAR": 0.142094,
    "ScanOptions": "FS_RT",
    "ScanningSequence": "EP",
    "SequenceName": "ep10662d1_80",
    "SequenceVariant": "SK",
    "SeriesDescription": "resting-post-motor",
    "SeriesNumber": 14,
    "ShimSetting": [
      -1909,
      8227,
      9488,
      263,
      -29,
      -147,
      -144,
      -15
    ],
    "SliceThickness": 4,
    "SliceTiming": [
      2.02,
      1.9625,
      1.9025,
      1.8425,
      1.7825,
      1.7225,
      1.665,
      1.605,
      1.545,
      1.485,
      1.4275,
      1.3675,
      1.3075,
      1.2475,
      1.19,
      1.13,
      1.07,
      1.01,
      0.95,
      0.8925,
      0.8325,
      0.7725,
      0.7125,
      0.655,
      0.595,
      0.535,
      0.475,
      0.4175,
      0.3575,
      0.2975,
      0.2375,
      0.1775,
      0.12,
      0.06,
      0
    ],
    "SoftwareVersions": "syngo_MR_E11",
    "SpacingBetweenSlices": 4,
    "StationName": "AWP67039",
    "TaskName": "rest",
    "TotalReadoutTime": 0.0387103,
    "TxRefAmp": 271.386,
    "dataset": "ds003768",
    "modality": "bold",
    "run_id": 2,
    "subject_id": "02",
    "task_id": "rest"
  },
  "dummy_trs": 1,
  "dvars_nstd": 18.874699908521123,
  "dvars_std": 1.1516968131338028,
  "dvars_vstd": 0.9644719305281688,
  "efc": 0.4481936750411251,
  "fber": 2823.664794921875,
  "fd_mean": 0.1758968068965956,
  "fd_num": 60,
  "fd_perc": 21.05263157894737,
  "fwhm_avg": 1.8822808333333334,
  "fwhm_x": 1.8706533333333333,
  "fwhm_y": 2.1184166666666666,
  "fwhm_z": 1.6577725,
  "gcor": 0.014988,
  "gsr_x": -0.029726434499025345,
  "gsr_y": 0.026944203302264214,
  "provenance": {
    "md5sum": "1ea1aa66b71f12ef6dc4bfc5efa74334",
    "settings": {
      "fd_thres": 0.2,
      "testing": false
    },
    "software": "mriqc",
    "version": "22.0.6",
    "webapi_port": null,
    "webapi_url": "https://mriqc.nimh.nih.gov/api/v1"
  },
  "size_t": 285,
  "size_x": 80,
  "size_y": 80,
  "size_z": 35,
  "snr": 6.733962067872876,
  "spacing_tr": 2.0999999046325684,
  "spacing_x": 3.0,
  "spacing_y": 3.0,
  "spacing_z": 4.0,
  "summary_bg_k": 34.291394461024126,
  "summary_bg_mad": 7.111287707272194,
  "summary_bg_mean": 32.12909698486328,
  "summary_bg_median": 13.803508758544922,
  "summary_bg_n": 157306.0,
  "summary_bg_p05": 7.168421268463135,
  "summary_bg_p95": 121.92631530761719,
  "summary_bg_stdv": 59.914955139160156,
  "summary_fg_k": 1.2292631631095023,
  "summary_fg_mad": 104.3205759008675,
  "summary_fg_mean": 745.312255859375,
  "summary_fg_median": 737.566650390625,
  "summary_fg_n": 27490.0,
  "summary_fg_p05": 583.8752838134766,
  "summary_fg_p95": 931.8000183105469,
  "summary_fg_stdv": 109.52738189697266,
  "tsnr": 65.98556186305359
}