{
  "aor": 0.0013231118881118884,
  "aqi": 0.01209149479020979,
  "bids_meta": {
    "AcquisitionMatrixPE": 80,
    "AcquisitionNumber": 1,
    "AcquisitionTime": "16:46:44.015000",
    "BandwidthPerPixelPhaseEncode": 25.51,
    "BaseResolution": 80,
    "BodyPartExamined": "BRAIN",
    "ConsistencyInfo": "N4_VE11C_LATEST_20160120",
    "ConversionSoftware": "dcm2niix",
    "ConversionSoftwareVersion": "v1.0.20171215 (OpenJPEG build) GCC4.8.5",
    "DerivedVendorReportedEchoSpacing": 0.000490004,
    "DeviceSerialNumber": "67039",
    "DwellTime": 2.6e-06,
    "EchoTime": 0.025,
    "EchoTrainLength": 80,
    "EffectiveEchoSpacing": 0.000490004,
    "FlipAngle": 90,
    "ImageOrientationPatientDICOM": [
      0.996041,
      -0.0841119,
      0.0287639,
      0.0852158,
      0.995576,
      -0.0395859
    ],
    "ImageType": [
      "ORIGINAL",
      "PRIMARY",
      "M",
      "ND",
      "NORM",
      "MOSAIC"
    ],
    "InPlanePhaseEncodingDirectionDICOM": "COL",
    "InstitutionAddress": "University_Park_Chandlee_Laboratory_State_College_PA_US_16802",
    "InstitutionName": "Penn_State_SLEIC",
    "InstitutionalDepartmentName": "Department",
    "MRAcquisitionType": "2D",
    "MagneticFieldStrength": 3,
    "Manufacturer": "Siemens",
    "ManufacturersModelName": "Prisma_fit",
    "Modality": "MR",
    "PartialFourier": 1,
    "PatientPosition": "HFS",
    "PercentPhaseFOV": 100,
    "PhaseEncodingDirection": "j-",
    "PhaseEncodingSteps": 80,
    "PhaseResolution": 1,
    "PixelBandwidth": 2405,
    "ProcedureStepDescription": "Investigators_20_ch_xxl213",
    "ProtocolName": "resting-pre-motor",
    "PulseSequenceDetails": "%CustomerSeq%_ep2d_bold_1066",
    "ReceiveCoilActiveElements": "HE1-4",
    "ReceiveCoilName": "HeadNeck_20",
    "ReconMatrixPE": 80,
    "RepetitionTime": 2.1,
    "SAR": 0.166824,
    "ScanOptions": "FS_RT",
    "ScanningSequence": "EP",
    "SequenceName": "ep10662d1_80",
    "SequenceVariant": "SK",
    "SeriesDescription": "resting-pre-motor",
    "SeriesNumber": 13,
    "ShimSetting": [
      -1918,
      8260,
      9538,
      233,
      -57,
      -277,
      35,
      17
    ],
    "SliceThickness": 4,
    "SliceTiming": [
      2.02,
      1.96,
      1.9025,
      1.8425,
      1.7825,
      1.7225,
      1.6625,
      1.605,
      1.545,
      1.485,
      1.425,
      1.3675,
      1.3075,
      1.2475,
      1.1875,
      1.13,
      1.07,
      1.01,
      0.95,
      0.89,
      0.8325,
      0.7725,
      0.7125,
      0.6525,
      0.595,
      0.535,
      0.475,
      0.415,
      0.3575,
      0.2975,
      0.2375,
      0.1775,
      0.1175,
      0.06,
      0
    ],
    "SoftwareVersions": "syngo_MR_E11",
    "SpacingBetweenSlices": 4,
    "StationName": "AWP67039",
    "TaskName": "rest",
    "TotalReadoutTime": 0.0387103,
    "TxRefAmp": 345.875,
    "dataset": "ds003768",
    "modality": "bold",
    "run_id": 1,
    "subject_id": "19",
    "task_id": "rest"
  },
  "dummy_trs": 0,
  "dvars_nstd": 29.85020411284211,
  "dvars_std": 1.2141964780350882,
  "dvars_vstd": 0.9549651101754391,
  "efc": 0.4739524866739216,
  "fber": 2125.625244140625,
  "fd_mean": 0.29657032099436154,
  "fd_num": 192,
  "fd_perc": 67.13286713286713,
  "fwhm_avg": 1.9060330555555556,
  "fwhm_x": 1.8720133333333333,
  "fwhm_y": 2.2025033333333335,
  "fwhm_z": 1.6435825,
  "gcor": 0.0430498,
  "gsr_x": -0.027880268171429634,
  "gsr_y": 0.031015891581773758,
  "provenance": {
    "md5sum": "fb1e9aeca7d63e15ed19bb52b198f478",
    "settings": {
      "fd_thres": 0.2,
      "testing": false
    },
    "software": "mriqc",
    "version": "22.0.6",
    "webapi_port": null,
    "webapi_url": "https://mriqc.nimh.nih.gov/api/v1"
  },
  "size_t": 286,
  "size_x": 80,
  "size_y": 80,
  "size_z": 35,
  "snr": 6.6328581148539545,
  "spacing_tr": 2.0999999046325684,
  "spacing_x": 3.0,
  "spacing_y": 3.0,
  "spacing_z": 4.0,
  "summary_bg_k": 23.16393742332605,
  "summary_bg_mad": 8.708991469394727,
  "summary_bg_mean": 33.27717590332031,
  "summary_bg_median": 13.35314655303955,
  "summary_bg_n": 154384.0,
  "summary_bg_p05": 5.513986110687256,
  "summary_bg_p95": 135.20717010498058,
  "summary_bg_stdv": 56.511112213134766,
  "summary_fg_k": 1.9964685328446459,
  "summary_fg_mad": 85.12520263423536,
  "summary_fg_mean": 630.8995971679688,
  "summary_fg_median": 627.468505859375,
  "summary_fg_n": 29007.0,
  "summary_fg_p05": 491.05418395996094,
  "summary_fg_p95": 786.8632690429686,
  "summary_fg_stdv": 94.598388671875,
  "tsnr": 53.75351612106897
}