{
  "aor": 0.008781052631578948,
  "aqi": 0.015319675403508773,
  "bids_meta": {
    "AcquisitionMatrixPE": 80,
    "AcquisitionNumber": 1,
    "AcquisitionTime": "17:13:0.100000",
    "BandwidthPerPixelPhaseEncode": 25.51,
    "BaseResolution": 80,
    "BodyPartExamined": "BRAIN",
    "ConsistencyInfo": "N4_VE11C_LATEST_20160120",
    "ConversionSoftware": "dcm2niix",
    "ConversionSoftwareVersion": "v1.0.20171215 (OpenJPEG build) GCC4.8.5",
    "DerivedVendorReportedEchoSpacing": 0.000490004,
    "DeviceSerialNumber": "67039",
    "DwellTime": 2.6e-06,
    "EchoTime": 0.025,
    "EchoTrainLength": 80,
    "EffectiveEchoSpacing": 0.000490004,
    "FlipAngle": 90,
    "ImageOrientationPatientDICOM": [
      0.996041,
      -0.0841119,
      0.0287639,
      0.0852158,
      0.995576,
      -0.0395859
    ],
    "ImageType": [
      "ORIGINAL",
      "PRIMARY",
      "M",
      "ND",
      "NORM",
      "MOSAIC"
    ],
    "InPlanePhaseEncodingDirectionDICOM": "COL",
    "InstitutionAddress": "University_Park_Chandlee_Laboratory_State_College_PA_US_16802",
    "InstitutionName": "Penn_State_SLEIC",
    "InstitutionalDepartmentName": "Department",
    "MRAcquisitionType": "2D",
    "MagneticFieldStrength": 3,
    "Manufacturer": "Siemens",
    "ManufacturersModelName": "Prisma_fit",
    "Modality": "MR",
    "PartialFourier": 1,
    "PatientPosition": "HFS",
    "PercentPhaseFOV": 100,
    "PhaseEncodingDirection": "j-",
    "PhaseEncodingSteps": 80,
    "PhaseResolution": 1,
    "PixelBandwidth": 2405,
    "ProcedureStepDescription": "Investigators_20_ch_xxl213",
    "ProtocolName": "resting-post-motor",
    "PulseSequenceDetails": "%CustomerSeq%_ep2d_bold_1066",
    "ReceiveCoilActiveElements": "HE1-4",
    "ReceiveCoilName": "HeadNeck_20",
    "ReconMatrixPE": 80,
    "RepetitionTime": 2.1,
    "SAR": 0.166824,
    "ScanOptions": "FS_RT",
    "ScanningSequence": "EP",
    "SequenceName": "ep10662d1_80",
    "SequenceVariant": "SK",
    "SeriesDescription": "resting-post-motor",
    "SeriesNumber": 17,
    "ShimSetting": [
      -1918,
      8260,
      9538,
      233,
      -57,
      -277,
      35,
      17
    ],
    "SliceThickness": 4,
    "SliceTiming": [
      2.02,
      1.96,
      1.9,
      1.84,
      1.7825,
      1.7225,
      1.6625,
      1.6025,
      1.545,
      1.485,
      1.425,
      1.365,
      1.3075,
      1.2475,
      1.1875,
      1.1275,
      1.0675,
      1.01,
      0.95,
      0.89,
      0.83,
      0.7725,
      0.7125,
      0.6525,
      0.5925,
      0.535,
      0.475,
      0.415,
      0.355,
      0.295,
      0.2375,
      0.1775,
      0.1175,
      0.0575,
      0
    ],
    "SoftwareVersions": "syngo_MR_E11",
    "SpacingBetweenSlices": 4,
    "StationName": "AWP67039",
    "TaskName": "rest",
    "TotalReadoutTime": 0.0387103,
    "TxRefAmp": 345.875,
    "dataset": "ds003768",
    "modality": "bold",
    "run_id": 2,
    "subject_id": "19",
    "task_id": "rest"
  },
  "dummy_trs": 1,
  "dvars_nstd": 23.476091307429584,
  "dvars_std": 1.2065583216197175,
  "dvars_vstd": 1.0024969283098597,
  "efc": 0.4714952547567808,
  "fber": 2201.7421875,
  "fd_mean": 0.2736026433285676,
  "fd_num": 126,
  "fd_perc": 44.21052631578947,
  "fwhm_avg": 1.9322677777777777,
  "fwhm_x": 1.8903366666666666,
  "fwhm_y": 2.2269666666666668,
  "fwhm_z": 1.6795,
  "gcor": 0.0314705,
  "gsr_x": -0.026859186589717865,
  "gsr_y": 0.029406322166323662,
  "provenance": {
    "md5sum": "e1d20a25a4954d2cc0bbd43ffbb622d6",
    "settings": {
      "fd_thres": 0.2,
      "testing": false
    },
    "software": "mriqc",
    "version": "22.0.6",
    "webapi_port": null,
    "webapi_url": "https://mriqc.nimh.nih.gov/api/v1"
  },
  "size_t": 285,
  "size_x": 80,
  "size_y": 80,
  "size_z": 35,
  "snr": 6.452020693938393,
  "spacing_tr": 2.0999999046325684,
  "spacing_x": 3.0,
  "spacing_y": 3.0,
  "spacing_z": 4.0,
  "summary_bg_k": 24.424321349514194,
  "summary_bg_mad": 8.006052121322217,
  "summary_bg_mean": 32.84489440917969,
  "summary_bg_median": 13.16140365600586,
  "summary_bg_n": 154814.0,
  "summary_bg_p05": 5.814035415649414,
  "summary_bg_p95": 130.9079002380372,
  "summary_bg_stdv": 56.13719940185547,
  "summary_fg_k": 1.9859016400018907,
  "summary_fg_mad": 87.07559734349809,
  "summary_fg_mean": 630.086669921875,
  "summary_fg_median": 625.9490966796875,
  "summary_fg_n": 28480.0,
  "summary_fg_p05": 488.2631530761719,
  "summary_fg_p95": 792.1593017578125,
  "summary_fg_stdv": 97.01427459716797,
  "tsnr": 47.20713517488912
}