{
  "aor": 0.0007078454332552694,
  "aqi": 0.007152625105386417,
  "bids_meta": {
    "AcquisitionMatrixPE": 80,
    "AcquisitionNumber": 1,
    "AcquisitionTime": "14:24:37.635000",
    "BandwidthPerPixelPhaseEncode": 25.51,
    "BaseResolution": 80,
    "BodyPartExamined": "BRAIN",
    "ConsistencyInfo": "N4_VE11C_LATEST_20160120",
    "ConversionSoftware": "dcm2niix",
    "ConversionSoftwareVersion": "v1.0.20171215 (OpenJPEG build) GCC4.8.5",
    "DerivedVendorReportedEchoSpacing": 0.000490004,
    "DeviceSerialNumber": "67039",
    "DwellTime": 2.6e-06,
    "EchoTime": 0.025,
    "EchoTrainLength": 80,
    "EffectiveEchoSpacing": 0.000490004,
    "FlipAngle": 90,
    "ImageOrientationPatientDICOM": [
      0.993985,
      0.0442018,
      -0.100201,
      -0.0310637,
      0.991148,
      0.129078
    ],
    "ImageType": [
      "ORIGINAL",
      "PRIMARY",
      "M",
      "ND",
      "NORM",
      "MOSAIC"
    ],
    "InPlanePhaseEncodingDirectionDICOM": "COL",
    "InstitutionAddress": "University_Park_Chandlee_Laboratory_State_College_PA_US_16802",
    "InstitutionName": "Penn_State_SLEIC",
    "InstitutionalDepartmentName": "Department",
    "MRAcquisitionType": "2D",
    "MagneticFieldStrength": 3,
    "Manufacturer": "Siemens",
    "ManufacturersModelName": "Prisma_fit",
    "Modality": "MR",
    "PartialFourier": 1,
    "PatientPosition": "HFS",
    "PercentPhaseFOV": 100,
    "PhaseEncodingDirection": "j-",
    "PhaseEncodingSteps": 80,
    "PhaseResolution": 1,
    "PixelBandwidth": 2405,
    "ProcedureStepDescription": "Investigators_20_ch_xxl213",
    "ProtocolName": "sleep-onset-segment-3",
    "PulseSequenceDetails": "%CustomerSeq%_ep2d_bold_1066",
    "ReceiveCoilActiveElements": "HE1-4",
    "ReceiveCoilName": "HeadNeck_20",
    "ReconMatrixPE": 80,
    "RepetitionTime": 2.1,
    "SAR": 0.143286,
    "ScanOptions": "FS_RT",
    "ScanningSequence": "EP",
    "SequenceName": "ep10662d1_80",
    "SequenceVariant": "SK",
    "SeriesDescription": "sleep-onset-segment-3",
    "SeriesNumber": 26,
    "ShimSetting": [
      -1953,
      8217,
      9497,
      277,
      1,
      -287,
      -31,
      45
    ],
    "SliceThickness": 4,
    "SliceTiming": [
      2.02,
      1.96,
      1.9,
      1.8425,
      1.7825,
      1.7225,
      1.6625,
      1.605,
      1.545,
      1.485,
      1.425,
      1.365,
      1.3075,
      1.2475,
      1.1875,
      1.1275,
      1.07,
      1.01,
      0.95,
      0.89,
      0.8325,
      0.7725,
      0.7125,
      0.6525,
      0.5925,
      0.535,
      0.475,
      0.415,
      0.355,
      0.2975,
      0.2375,
      0.1775,
      0.1175,
      0.06,
      0
    ],
    "SoftwareVersions": "syngo_MR_E11",
    "SpacingBetweenSlices": 4,
    "StationName": "AWP67039",
    "TaskName": "sleep",
    "TotalReadoutTime": 0.0387103,
    "TxRefAmp": 286.491,
    "dataset": "ds003768",
    "modality": "bold",
    "run_id": 3,
    "subject_id": "09",
    "task_id": "sleep"
  },
  "dummy_trs": 2,
  "dvars_nstd": 18.98732080802817,
  "dvars_std": 1.3173597318544594,
  "dvars_vstd": 0.9935002722065722,
  "efc": 0.44039999061713525,
  "fber": 3497.845947265625,
  "fd_mean": 0.1096514833961982,
  "fd_num": 4,
  "fd_perc": 0.936768149882904,
  "fwhm_avg": 1.8390801152006462,
  "fwhm_x": 1.7798534747833787,
  "fwhm_y": 2.024836666666667,
  "fwhm_z": 1.7125502041518932,
  "gcor": 0.0526298,
  "gsr_x": -0.005348787177354097,
  "gsr_y": 0.03403489291667938,
  "provenance": {
    "md5sum": "93d8b3e5b8ef847ff2f34ba9294764f1",
    "settings": {
      "fd_thres": 0.2,
      "testing": false
    },
    "software": "mriqc",
    "version": "22.0.6",
    "webapi_port": null,
    "webapi_url": "https://mriqc.nimh.nih.gov/api/v1"
  },
  "size_t": 427,
  "size_x": 80,
  "size_y": 80,
  "size_z": 35,
  "snr": 7.87029390141893,
  "spacing_tr": 2.0999999046325684,
  "spacing_x": 2.999999761581421,
  "spacing_y": 3.0,
  "spacing_z": 3.999999523162842,
  "summary_bg_k": 49.074655735196195,
  "summary_bg_mad": 5.996379537389712,
  "summary_bg_mean": 27.768028259277344,
  "summary_bg_median": 12.571428298950195,
  "summary_bg_n": 157215.0,
  "summary_bg_p05": 6.1569085121154785,
  "summary_bg_p95": 101.64707031249942,
  "summary_bg_stdv": 54.786956787109375,
  "summary_fg_k": 1.946515614136529,
  "summary_fg_mad": 85.53435704896762,
  "summary_fg_mean": 752.4609375,
  "summary_fg_median": 747.7716064453125,
  "summary_fg_n": 29200.0,
  "summary_fg_p05": 606.5947082519531,
  "summary_fg_p95": 908.3385070800781,
  "summary_fg_stdv": 95.0102767944336,
  "tsnr": 94.69240445969626
}