{
  "aor": 0.014945489510489513,
  "aqi": 0.05882072762237762,
  "bids_meta": {
    "AcquisitionMatrixPE": 80,
    "AcquisitionNumber": 1,
    "AcquisitionTime": "13:37:51.412500",
    "BandwidthPerPixelPhaseEncode": 25.51,
    "BaseResolution": 80,
    "BodyPartExamined": "BRAIN",
    "ConsistencyInfo": "N4_VE11C_LATEST_20160120",
    "ConversionSoftware": "dcm2niix",
    "ConversionSoftwareVersion": "v1.0.20171215 (OpenJPEG build) GCC4.8.5",
    "DerivedVendorReportedEchoSpacing": 0.000490004,
    "DeviceSerialNumber": "67039",
    "DwellTime": 2.6e-06,
    "EchoTime": 0.025,
    "EchoTrainLength": 80,
    "EffectiveEchoSpacing": 0.000490004,
    "FlipAngle": 90,
    "ImageOrientationPatientDICOM": [
      0.993985,
      0.0442018,
      -0.100201,
      -0.0310637,
      0.991148,
      0.129078
    ],
    "ImageType": [
      "ORIGINAL",
      "PRIMARY",
      "M",
      "ND",
      "NORM",
      "MOSAIC"
    ],
    "InPlanePhaseEncodingDirectionDICOM": "COL",
    "InstitutionAddress": "University_Park_Chandlee_Laboratory_State_College_PA_US_16802",
    "InstitutionName": "Penn_State_SLEIC",
    "InstitutionalDepartmentName": "Department",
    "MRAcquisitionType": "2D",
    "MagneticFieldStrength": 3,
    "Manufacturer": "Siemens",
    "ManufacturersModelName": "Prisma_fit",
    "Modality": "MR",
    "PartialFourier": 1,
    "PatientPosition": "HFS",
    "PercentPhaseFOV": 100,
    "PhaseEncodingDirection": "j-",
    "PhaseEncodingSteps": 80,
    "PhaseResolution": 1,
    "PixelBandwidth": 2405,
    "ProcedureStepDescription": "Investigators_20_ch_xxl213",
    "ProtocolName": "resting-post-motor",
    "PulseSequenceDetails": "%CustomerSeq%_ep2d_bold_1066",
    "ReceiveCoilActiveElements": "HE1-4",
    "ReceiveCoilName": "HeadNeck_20",
    "ReconMatrixPE": 80,
    "RepetitionTime": 2.1,
    "SAR": 0.143286,
    "ScanOptions": "FS_RT",
    "ScanningSequence": "EP",
    "SequenceName": "ep10662d1_80",
    "SequenceVariant": "SK",
    "SeriesDescription": "resting-post-motor",
    "SeriesNumber": 16,
    "ShimSetting": [
      -1953,
      8217,
      9497,
      277,
      1,
      -287,
      -31,
      45
    ],
    "SliceThickness": 4,
    "SliceTiming": [
      2.02,
      1.96,
      1.9,
      1.8425,
      1.7825,
      1.7225,
      1.6625,
      1.605,
      1.545,
      1.485,
      1.425,
      1.365,
      1.3075,
      1.2475,
      1.1875,
      1.1275,
      1.07,
      1.01,
      0.95,
      0.89,
      0.8325,
      0.7725,
      0.7125,
      0.6525,
      0.595,
      0.535,
      0.475,
      0.415,
      0.355,
      0.2975,
      0.2375,
      0.1775,
      0.1175,
      0.06,
      0
    ],
    "SoftwareVersions": "syngo_MR_E11",
    "SpacingBetweenSlices": 4,
    "StationName": "AWP67039",
    "TaskName": "rest",
    "TotalReadoutTime": 0.0387103,
    "TxRefAmp": 286.491,
    "dataset": "ds003768",
    "modality": "bold",
    "run_id": 2,
    "subject_id": "09",
    "task_id": "rest"
  },
  "dummy_trs": 0,
  "dvars_nstd": 28.32885846884211,
  "dvars_std": 0.8815823934736841,
  "dvars_vstd": 0.7995347238596493,
  "efc": 0.4558442819403916,
  "fber": 3164.906982421875,
  "fd_mean": 0.7425062711277941,
  "fd_num": 55,
  "fd_perc": 19.23076923076923,
  "fwhm_avg": 1.9840592882568764,
  "fwhm_x": 1.9810501574397212,
  "fwhm_y": 2.23191,
  "fwhm_z": 1.7392177073309074,
  "gcor": 0.0339224,
  "gsr_x": -0.012072411365807056,
  "gsr_y": 0.027066843584179878,
  "provenance": {
    "md5sum": "27e0897b0e42ae70f6bb61781a932664",
    "settings": {
      "fd_thres": 0.2,
      "testing": false
    },
    "software": "mriqc",
    "version": "22.0.6",
    "webapi_port": null,
    "webapi_url": "https://mriqc.nimh.nih.gov/api/v1"
  },
  "size_t": 286,
  "size_x": 80,
  "size_y": 80,
  "size_z": 35,
  "snr": 7.949579347926331,
  "spacing_tr": 2.0999999046325684,
  "spacing_x": 2.999999761581421,
  "spacing_y": 3.0,
  "spacing_z": 3.999999523162842,
  "summary_bg_k": 37.76587699949165,
  "summary_bg_mad": 8.325381634149931,
  "summary_bg_mean": 30.792943954467773,
  "summary_bg_median": 13.339160919189453,
  "summary_bg_n": 154236.0,
  "summary_bg_p05": 5.0480769872665405,
  "summary_bg_p95": 110.99125862121582,
  "summary_bg_stdv": 55.18848419189453,
  "summary_fg_k": 1.5765672229409278,
  "summary_fg_mad": 87.40095722366392,
  "summary_fg_mean": 746.9465942382812,
  "summary_fg_median": 743.2517700195312,
  "summary_fg_n": 30473.0,
  "summary_fg_p05": 601.0412719726562,
  "summary_fg_p95": 900.1062622070311,
  "summary_fg_stdv": 93.49420166015625,
  "tsnr": 27.553721198346466
}