{
  "aor": 0.00820993006993007,
  "aqi": 0.013077324615384614,
  "bids_meta": {
    "AcquisitionMatrixPE": 80,
    "AcquisitionNumber": 1,
    "AcquisitionTime": "17:04:6.157500",
    "BandwidthPerPixelPhaseEncode": 25.51,
    "BaseResolution": 80,
    "BodyPartExamined": "BRAIN",
    "ConsistencyInfo": "N4_VE11C_LATEST_20160120",
    "ConversionSoftware": "dcm2niix",
    "ConversionSoftwareVersion": "v1.0.20171215 (OpenJPEG build) GCC4.8.5",
    "DerivedVendorReportedEchoSpacing": 0.000490004,
    "DeviceSerialNumber": "67039",
    "DwellTime": 2.6e-06,
    "EchoTime": 0.025,
    "EchoTrainLength": 80,
    "EffectiveEchoSpacing": 0.000490004,
    "FlipAngle": 90,
    "ImageOrientationPatientDICOM": [
      0.994104,
      -0.0520006,
      -0.0951479,
      0.0489676,
      0.998224,
      -0.0339402
    ],
    "ImageType": [
      "ORIGINAL",
      "PRIMARY",
      "M",
      "ND",
      "NORM",
      "MOSAIC"
    ],
    "InPlanePhaseEncodingDirectionDICOM": "COL",
    "InstitutionAddress": "University_Park_Chandlee_Laboratory_State_College_PA_US_16802",
    "InstitutionName": "Penn_State_SLEIC",
    "InstitutionalDepartmentName": "Department",
    "MRAcquisitionType": "2D",
    "MagneticFieldStrength": 3,
    "Manufacturer": "Siemens",
    "ManufacturersModelName": "Prisma_fit",
    "Modality": "MR",
    "PartialFourier": 1,
    "PatientPosition": "HFS",
    "PercentPhaseFOV": 100,
    "PhaseEncodingDirection": "j-",
    "PhaseEncodingSteps": 80,
    "PhaseResolution": 1,
    "PixelBandwidth": 2405,
    "ProcedureStepDescription": "Investigators_20_ch_xxl213",
    "ProtocolName": "sleep-onset-segment-4",
    "PulseSequenceDetails": "%CustomerSeq%_ep2d_bold_1066",
    "ReceiveCoilActiveElements": "HE1-4",
    "ReceiveCoilName": "HeadNeck_20",
    "ReconMatrixPE": 80,
    "RepetitionTime": 2.1,
    "SAR": 0.133948,
    "ScanOptions": "FS_RT",
    "ScanningSequence": "EP",
    "SequenceName": "ep10662d1_80",
    "SequenceVariant": "SK",
    "SeriesDescription": "sleep-onset-segment-4",
    "SeriesNumber": 24,
    "ShimSetting": [
      -1959,
      8250,
      9540,
      432,
      -67,
      -124,
      -96,
      16
    ],
    "SliceThickness": 4,
    "SliceTiming": [
      2.02,
      1.9625,
      1.9025,
      1.8425,
      1.7825,
      1.725,
      1.665,
      1.605,
      1.545,
      1.4875,
      1.4275,
      1.3675,
      1.3075,
      1.25,
      1.19,
      1.13,
      1.07,
      1.01,
      0.9525,
      0.8925,
      0.8325,
      0.7725,
      0.715,
      0.655,
      0.595,
      0.535,
      0.4775,
      0.4175,
      0.3575,
      0.2975,
      0.2375,
      0.18,
      0.12,
      0.06,
      0
    ],
    "SoftwareVersions": "syngo_MR_E11",
    "SpacingBetweenSlices": 4,
    "StationName": "AWP67039",
    "TaskName": "sleep",
    "TotalReadoutTime": 0.0387103,
    "TxRefAmp": 291.357,
    "dataset": "ds003768",
    "modality": "bold",
    "run_id": 4,
    "subject_id": "20",
    "task_id": "sleep"
  },
  "dummy_trs": 0,
  "dvars_nstd": 24.80274658107476,
  "dvars_std": 1.3049845734345806,
  "dvars_vstd": 0.9990518875000001,
  "efc": 0.4960809311802777,
  "fber": 2709.066162109375,
  "fd_mean": 0.28153357941783885,
  "fd_num": 141,
  "fd_perc": 32.86713286713287,
  "fwhm_avg": 1.847975228682628,
  "fwhm_x": 1.8532798527145504,
  "fwhm_y": 2.053383333333333,
  "fwhm_z": 1.6372625,
  "gcor": 0.0601883,
  "gsr_x": -0.010182470083236694,
  "gsr_y": 0.024588581174612045,
  "provenance": {
    "md5sum": "1776aebee72b98fe8f202e84602ccbb3",
    "settings": {
      "fd_thres": 0.2,
      "testing": false
    },
    "software": "mriqc",
    "version": "22.0.6",
    "webapi_port": null,
    "webapi_url": "https://mriqc.nimh.nih.gov/api/v1"
  },
  "size_t": 429,
  "size_x": 80,
  "size_y": 80,
  "size_z": 35,
  "snr": 7.524766130224323,
  "spacing_tr": 2.0999999046325684,
  "spacing_x": 3.000000238418579,
  "spacing_y": 3.0,
  "spacing_z": 4.0,
  "summary_bg_k": 43.900124798187065,
  "summary_bg_mad": 8.370308224298768,
  "summary_bg_mean": 38.399600982666016,
  "summary_bg_median": 14.84149169921875,
  "summary_bg_n": 145168.0,
  "summary_bg_p05": 6.603729724884033,
  "summary_bg_p95": 153.55932159423824,
  "summary_bg_stdv": 74.50767517089844,
  "summary_fg_k": 2.3596070335554913,
  "summary_fg_mad": 91.15587537899168,
  "summary_fg_mean": 777.5742797851562,
  "summary_fg_median": 776.8963012695312,
  "summary_fg_n": 36304.0,
  "summary_fg_p05": 614.7532775878906,
  "summary_fg_p95": 940.1334442138672,
  "summary_fg_stdv": 103.24382019042969,
  "tsnr": 58.40395968197845
}