{
  "aor": 0.0037122897196261687,
  "aqi": 0.010897554742990654,
  "bids_meta": {
    "AcquisitionMatrixPE": 80,
    "AcquisitionNumber": 1,
    "AcquisitionTime": "16:29:59.197500",
    "BandwidthPerPixelPhaseEncode": 25.51,
    "BaseResolution": 80,
    "BodyPartExamined": "BRAIN",
    "ConsistencyInfo": "N4_VE11C_LATEST_20160120",
    "ConversionSoftware": "dcm2niix",
    "ConversionSoftwareVersion": "v1.0.20171215 (OpenJPEG build) GCC4.8.5",
    "DerivedVendorReportedEchoSpacing": 0.000490004,
    "DeviceSerialNumber": "67039",
    "DwellTime": 2.6e-06,
    "EchoTime": 0.025,
    "EchoTrainLength": 80,
    "EffectiveEchoSpacing": 0.000490004,
    "FlipAngle": 90,
    "ImageOrientationPatientDICOM": [
      0.994104,
      -0.0520006,
      -0.0951479,
      0.0489676,
      0.998224,
      -0.0339402
    ],
    "ImageType": [
      "ORIGINAL",
      "PRIMARY",
      "M",
      "ND",
      "NORM",
      "MOSAIC"
    ],
    "InPlanePhaseEncodingDirectionDICOM": "COL",
    "InstitutionAddress": "University_Park_Chandlee_Laboratory_State_College_PA_US_16802",
    "InstitutionName": "Penn_State_SLEIC",
    "InstitutionalDepartmentName": "Department",
    "MRAcquisitionType": "2D",
    "MagneticFieldStrength": 3,
    "Manufacturer": "Siemens",
    "ManufacturersModelName": "Prisma_fit",
    "Modality": "MR",
    "PartialFourier": 1,
    "PatientPosition": "HFS",
    "PercentPhaseFOV": 100,
    "PhaseEncodingDirection": "j-",
    "PhaseEncodingSteps": 80,
    "PhaseResolution": 1,
    "PixelBandwidth": 2405,
    "ProcedureStepDescription": "Investigators_20_ch_xxl213",
    "ProtocolName": "sleep-onset-segment-2",
    "PulseSequenceDetails": "%CustomerSeq%_ep2d_bold_1066",
    "ReceiveCoilActiveElements": "HE1-4",
    "ReceiveCoilName": "HeadNeck_20",
    "ReconMatrixPE": 80,
    "RepetitionTime": 2.1,
    "SAR": 0.133948,
    "ScanOptions": "FS_RT",
    "ScanningSequence": "EP",
    "SequenceName": "ep10662d1_80",
    "SequenceVariant": "SK",
    "SeriesDescription": "sleep-onset-segment-2",
    "SeriesNumber": 20,
    "ShimSetting": [
      -1959,
      8250,
      9540,
      432,
      -67,
      -124,
      -96,
      16
    ],
    "SliceThickness": 4,
    "SliceTiming": [
      2.02,
      1.96,
      1.9,
      1.8425,
      1.7825,
      1.7225,
      1.6625,
      1.6025,
      1.545,
      1.485,
      1.425,
      1.365,
      1.3075,
      1.2475,
      1.1875,
      1.1275,
      1.07,
      1.01,
      0.95,
      0.89,
      0.83,
      0.7725,
      0.7125,
      0.6525,
      0.5925,
      0.535,
      0.475,
      0.415,
      0.355,
      0.2975,
      0.2375,
      0.1775,
      0.1175,
      0.06,
      0
    ],
    "SoftwareVersions": "syngo_MR_E11",
    "SpacingBetweenSlices": 4,
    "StationName": "AWP67039",
    "TaskName": "sleep",
    "TotalReadoutTime": 0.0387103,
    "TxRefAmp": 291.357,
    "dataset": "ds003768",
    "modality": "bold",
    "run_id": 2,
    "subject_id": "20",
    "task_id": "sleep"
  },
  "dummy_trs": 1,
  "dvars_nstd": 23.586385695480068,
  "dvars_std": 1.3678377562997655,
  "dvars_vstd": 0.9702405117330198,
  "efc": 0.49756032012555246,
  "fber": 2642.046875,
  "fd_mean": 0.1728526601009319,
  "fd_num": 55,
  "fd_perc": 12.850467289719626,
  "fwhm_avg": 1.853689673471808,
  "fwhm_x": 1.8402665204154238,
  "fwhm_y": 2.07052,
  "fwhm_z": 1.6502825,
  "gcor": 0.0232358,
  "gsr_x": -0.011590812355279922,
  "gsr_y": 0.023589245975017548,
  "provenance": {
    "md5sum": "33c4da3c76adb3522609210065176d2d",
    "settings": {
      "fd_thres": 0.2,
      "testing": false
    },
    "software": "mriqc",
    "version": "22.0.6",
    "webapi_port": null,
    "webapi_url": "https://mriqc.nimh.nih.gov/api/v1"
  },
  "size_t": 428,
  "size_x": 80,
  "size_y": 80,
  "size_z": 35,
  "snr": 7.407238296600269,
  "spacing_tr": 2.0999999046325684,
  "spacing_x": 3.000000238418579,
  "spacing_y": 3.0,
  "spacing_z": 4.0,
  "summary_bg_k": 42.825041010009244,
  "summary_bg_mad": 8.476465312164025,
  "summary_bg_mean": 38.93494415283203,
  "summary_bg_median": 14.988317489624023,
  "summary_bg_n": 145119.0,
  "summary_bg_p05": 6.65186882019043,
  "summary_bg_p95": 157.13528137207044,
  "summary_bg_stdv": 75.34246063232422,
  "summary_fg_k": 2.597494261455716,
  "summary_fg_mad": 91.8728344474255,
  "summary_fg_mean": 777.3571166992188,
  "summary_fg_median": 777.0782470703125,
  "summary_fg_n": 36392.0,
  "summary_fg_p05": 612.4908660888672,
  "summary_fg_p95": 941.8752258300781,
  "summary_fg_stdv": 104.9065170288086,
  "tsnr": 69.98280762520153
}