{
  "aor": 0.004632843822843824,
  "aqi": 0.038050098135198135,
  "bids_meta": {
    "AcquisitionMatrixPE": 80,
    "AcquisitionNumber": 1,
    "AcquisitionTime": "16:17:7.937500",
    "BandwidthPerPixelPhaseEncode": 25.51,
    "BaseResolution": 80,
    "BodyPartExamined": "BRAIN",
    "ConsistencyInfo": "N4_VE11C_LATEST_20160120",
    "ConversionSoftware": "dcm2niix",
    "ConversionSoftwareVersion": "v1.0.20171215 (OpenJPEG build) GCC4.8.5",
    "DerivedVendorReportedEchoSpacing": 0.000490004,
    "DeviceSerialNumber": "67039",
    "DwellTime": 2.6e-06,
    "EchoTime": 0.025,
    "EchoTrainLength": 80,
    "EffectiveEchoSpacing": 0.000490004,
    "FlipAngle": 90,
    "ImageOrientationPatientDICOM": [
      0.997948,
      -0.0428195,
      -0.0476156,
      0.0437459,
      0.99887,
      0.018586
    ],
    "ImageType": [
      "ORIGINAL",
      "PRIMARY",
      "M",
      "ND",
      "NORM",
      "MOSAIC"
    ],
    "InPlanePhaseEncodingDirectionDICOM": "COL",
    "InstitutionAddress": "University_Park_Chandlee_Laboratory_State_College_PA_US_16802",
    "InstitutionName": "Penn_State_SLEIC",
    "InstitutionalDepartmentName": "Department",
    "MRAcquisitionType": "2D",
    "MagneticFieldStrength": 3,
    "Manufacturer": "Siemens",
    "ManufacturersModelName": "Prisma_fit",
    "Modality": "MR",
    "PartialFourier": 1,
    "PatientPosition": "HFS",
    "PercentPhaseFOV": 100,
    "PhaseEncodingDirection": "j-",
    "PhaseEncodingSteps": 80,
    "PhaseResolution": 1,
    "PixelBandwidth": 2405,
    "ProcedureStepDescription": "Investigators_20_ch_xxl213",
    "ProtocolName": "sleep-onset-segment-7",
    "PulseSequenceDetails": "%CustomerSeq%_ep2d_bold_1066",
    "ReceiveCoilActiveElements": "HE1-4",
    "ReceiveCoilName": "HeadNeck_20",
    "ReconMatrixPE": 80,
    "RepetitionTime": 2.1,
    "SAR": 0.144903,
    "ScanOptions": "FS_RT",
    "ScanningSequence": "EP",
    "SequenceName": "ep10662d1_80",
    "SequenceVariant": "SK",
    "SeriesDescription": "sleep-onset-segment-7",
    "SeriesNumber": 36,
    "ShimSetting": [
      -1927,
      8299,
      9529,
      346,
      -21,
      -14,
      -118,
      15
    ],
    "SliceThickness": 4,
    "SliceTiming": [
      2.02,
      1.96,
      1.9,
      1.84,
      1.7825,
      1.7225,
      1.6625,
      1.6025,
      1.545,
      1.485,
      1.425,
      1.365,
      1.3075,
      1.2475,
      1.1875,
      1.1275,
      1.0675,
      1.01,
      0.95,
      0.89,
      0.83,
      0.7725,
      0.7125,
      0.6525,
      0.5925,
      0.535,
      0.475,
      0.415,
      0.355,
      0.295,
      0.2375,
      0.1775,
      0.1175,
      0.0575,
      0
    ],
    "SoftwareVersions": "syngo_MR_E11",
    "SpacingBetweenSlices": 4,
    "StationName": "AWP67039",
    "TaskName": "sleep",
    "TotalReadoutTime": 0.0387103,
    "TxRefAmp": 310.739,
    "dataset": "ds003768",
    "modality": "bold",
    "run_id": 7,
    "subject_id": "17",
    "task_id": "sleep"
  },
  "dummy_trs": 0,
  "dvars_nstd": 31.53827641161215,
  "dvars_std": 0.9562428971028043,
  "dvars_vstd": 0.8467976124299057,
  "efc": 0.483670578460734,
  "fber": 2747.836181640625,
  "fd_mean": 0.6316357850811144,
  "fd_num": 290,
  "fd_perc": 67.5990675990676,
  "fwhm_avg": 1.885644722222222,
  "fwhm_x": 1.8281533333333335,
  "fwhm_y": 2.175193333333333,
  "fwhm_z": 1.6535875,
  "gcor": 0.0374016,
  "gsr_x": -0.0157184936106205,
  "gsr_y": 0.03754229098558426,
  "provenance": {
    "md5sum": "46575afb7e8b48db70cbea37d1e8a1e2",
    "settings": {
      "fd_thres": 0.2,
      "testing": false
    },
    "software": "mriqc",
    "version": "22.0.6",
    "webapi_port": null,
    "webapi_url": "https://mriqc.nimh.nih.gov/api/v1"
  },
  "size_t": 429,
  "size_x": 80,
  "size_y": 80,
  "size_z": 35,
  "snr": 7.646545924933052,
  "spacing_tr": 2.0999999046325684,
  "spacing_x": 3.0,
  "spacing_y": 3.0,
  "spacing_z": 4.0,
  "summary_bg_k": 23.969575250392925,
  "summary_bg_mad": 7.188374606984684,
  "summary_bg_mean": 36.883731842041016,
  "summary_bg_median": 13.689976692199707,
  "summary_bg_n": 150494.0,
  "summary_bg_p05": 6.692307949066162,
  "summary_bg_p95": 159.28310394287118,
  "summary_bg_stdv": 65.26174926757812,
  "summary_fg_k": 1.853642425647787,
  "summary_fg_mad": 87.44936983272767,
  "summary_fg_mean": 720.7998657226562,
  "summary_fg_median": 717.5897827148438,
  "summary_fg_n": 32479.0,
  "summary_fg_p05": 576.5466613769531,
  "summary_fg_p95": 872.5512878417968,
  "summary_fg_stdv": 93.84351348876953,
  "tsnr": 34.099452246911824
}