{
  "aor": 0.002145122807017544,
  "aqi": 0.008740807824561403,
  "bids_meta": {
    "AcquisitionMatrixPE": 80,
    "AcquisitionNumber": 1,
    "AcquisitionTime": "14:29:11.757500",
    "BandwidthPerPixelPhaseEncode": 25.51,
    "BaseResolution": 80,
    "BodyPartExamined": "BRAIN",
    "ConsistencyInfo": "N4_VE11C_LATEST_20160120",
    "ConversionSoftware": "dcm2niix",
    "ConversionSoftwareVersion": "v1.0.20171215 (OpenJPEG build) GCC4.8.5",
    "DerivedVendorReportedEchoSpacing": 0.000490004,
    "DeviceSerialNumber": "67039",
    "DwellTime": 2.6e-06,
    "EchoTime": 0.025,
    "EchoTrainLength": 80,
    "EffectiveEchoSpacing": 0.000490004,
    "FlipAngle": 90,
    "ImageOrientationPatientDICOM": [
      0.997948,
      -0.0428195,
      -0.0476156,
      0.0437459,
      0.99887,
      0.018586
    ],
    "ImageType": [
      "ORIGINAL",
      "PRIMARY",
      "M",
      "ND",
      "NORM",
      "MOSAIC"
    ],
    "InPlanePhaseEncodingDirectionDICOM": "COL",
    "InstitutionAddress": "University_Park_Chandlee_Laboratory_State_College_PA_US_16802",
    "InstitutionName": "Penn_State_SLEIC",
    "InstitutionalDepartmentName": "Department",
    "MRAcquisitionType": "2D",
    "MagneticFieldStrength": 3,
    "Manufacturer": "Siemens",
    "ManufacturersModelName": "Prisma_fit",
    "Modality": "MR",
    "PartialFourier": 1,
    "PatientPosition": "HFS",
    "PercentPhaseFOV": 100,
    "PhaseEncodingDirection": "j-",
    "PhaseEncodingSteps": 80,
    "PhaseResolution": 1,
    "PixelBandwidth": 2405,
    "ProcedureStepDescription": "Investigators_20_ch_xxl213",
    "ProtocolName": "resting-post-motor",
    "PulseSequenceDetails": "%CustomerSeq%_ep2d_bold_1066",
    "ReceiveCoilActiveElements": "HE1-4",
    "ReceiveCoilName": "HeadNeck_20",
    "ReconMatrixPE": 80,
    "RepetitionTime": 2.1,
    "SAR": 0.144903,
    "ScanOptions": "FS_RT",
    "ScanningSequence": "EP",
    "SequenceName": "ep10662d1_80",
    "SequenceVariant": "SK",
    "SeriesDescription": "resting-post-motor",
    "SeriesNumber": 20,
    "ShimSetting": [
      -1927,
      8299,
      9529,
      346,
      -21,
      -14,
      -118,
      15
    ],
    "SliceThickness": 4,
    "SliceTiming": [
      2.02,
      1.9625,
      1.9025,
      1.8425,
      1.7825,
      1.725,
      1.665,
      1.605,
      1.545,
      1.4875,
      1.4275,
      1.3675,
      1.3075,
      1.2475,
      1.19,
      1.13,
      1.07,
      1.01,
      0.9525,
      0.8925,
      0.8325,
      0.7725,
      0.715,
      0.655,
      0.595,
      0.535,
      0.475,
      0.4175,
      0.3575,
      0.2975,
      0.2375,
      0.18,
      0.12,
      0.06,
      0
    ],
    "SoftwareVersions": "syngo_MR_E11",
    "SpacingBetweenSlices": 4,
    "StationName": "AWP67039",
    "TaskName": "rest",
    "TotalReadoutTime": 0.0387103,
    "TxRefAmp": 310.739,
    "dataset": "ds003768",
    "modality": "bold",
    "run_id": 2,
    "subject_id": "17",
    "task_id": "rest"
  },
  "dummy_trs": 1,
  "dvars_nstd": 24.72928322535211,
  "dvars_std": 1.382366928556338,
  "dvars_vstd": 1.0040535455281683,
  "efc": 0.48839188554302587,
  "fber": 2590.75341796875,
  "fd_mean": 0.2418348828205645,
  "fd_num": 186,
  "fd_perc": 65.26315789473684,
  "fwhm_avg": 1.8187838888888888,
  "fwhm_x": 1.7489133333333333,
  "fwhm_y": 2.0840533333333333,
  "fwhm_z": 1.623385,
  "gcor": 0.0236563,
  "gsr_x": -0.021823249757289886,
  "gsr_y": 0.03219863399863243,
  "provenance": {
    "md5sum": "c3dc0eddb927b407b5e49af8d76c2d34",
    "settings": {
      "fd_thres": 0.2,
      "testing": false
    },
    "software": "mriqc",
    "version": "22.0.6",
    "webapi_port": null,
    "webapi_url": "https://mriqc.nimh.nih.gov/api/v1"
  },
  "size_t": 285,
  "size_x": 80,
  "size_y": 80,
  "size_z": 35,
  "snr": 7.399016555917617,
  "spacing_tr": 2.0999999046325684,
  "spacing_x": 3.0,
  "spacing_y": 3.0,
  "spacing_z": 4.0,
  "summary_bg_k": 26.670029731945345,
  "summary_bg_mad": 7.282958762455468,
  "summary_bg_mean": 38.31772994995117,
  "summary_bg_median": 13.978947639465332,
  "summary_bg_n": 149405.0,
  "summary_bg_p05": 6.887719631195068,
  "summary_bg_p95": 170.55298156738274,
  "summary_bg_stdv": 68.80989074707031,
  "summary_fg_k": 1.637320431305569,
  "summary_fg_mad": 91.40372983922646,
  "summary_fg_mean": 718.2411499023438,
  "summary_fg_median": 714.7754516601562,
  "summary_fg_n": 32862.0,
  "summary_fg_p05": 569.6603698730469,
  "summary_fg_p95": 875.0056152343749,
  "summary_fg_stdv": 96.60264587402344,
  "tsnr": 76.69286987744272
}