{
  "bids_meta": {
    "AcquisitionMatrixPE": 256,
    "AcquisitionNumber": 1,
    "AcquisitionTime": "13:57:55.820000",
    "BaseResolution": 256,
    "BodyPartExamined": "BRAIN",
    "ConsistencyInfo": "N4_VE11C_LATEST_20160120",
    "ConversionSoftware": "dcm2niix",
    "ConversionSoftwareVersion": "v1.0.20171215 (OpenJPEG build) GCC4.8.5",
    "DeviceSerialNumber": "67039",
    "DwellTime": 9.8e-06,
    "EchoTime": 0.00228,
    "FlipAngle": 8,
    "ImageOrientationPatientDICOM": [
      -0.0698881,
      0.989063,
      0.129884,
      0.0761801,
      0.135114,
      -0.987897
    ],
    "ImageType": [
      "ORIGINAL",
      "PRIMARY",
      "M",
      "NORM",
      "DIS2D"
    ],
    "InPlanePhaseEncodingDirectionDICOM": "ROW",
    "InstitutionAddress": "University_Park_Chandlee_Laboratory_State_College_PA_US_16802",
    "InstitutionName": "Penn_State_SLEIC",
    "InstitutionalDepartmentName": "Department",
    "InversionTime": 0.9,
    "MRAcquisitionType": "3D",
    "MagneticFieldStrength": 3,
    "Manufacturer": "Siemens",
    "ManufacturersModelName": "Prisma_fit",
    "Modality": "MR",
    "ParallelReductionFactorInPlane": 2,
    "PartialFourier": 1,
    "PatientPosition": "HFS",
    "PercentPhaseFOV": 100,
    "PhaseEncodingSteps": 255,
    "PhaseResolution": 1,
    "PixelBandwidth": 200,
    "ProcedureStepDescription": "Investigators_20_ch_xxl213",
    "ProtocolName": "t1_mprage_sag_p2_iso_2300",
    "PulseSequenceDetails": "%SiemensSeq%_tfl",
    "ReceiveCoilActiveElements": "HE1-4;NE1,2",
    "ReceiveCoilName": "HeadNeck_20",
    "ReconMatrixPE": 256,
    "RepetitionTime": 2.3,
    "SAR": 0.0874689,
    "ScanOptions": "IR",
    "ScanningSequence": "GR_IR",
    "SequenceName": "_tfl3d1_16ns",
    "SequenceVariant": "SK_SP_MP",
    "SeriesDescription": "t1_mprage_sag_p2_iso_2300",
    "SeriesNumber": 11,
    "ShimSetting": [
      -1941,
      8275,
      9263,
      132,
      -19,
      -59,
      -30,
      9
    ],
    "SliceThickness": 1,
    "SoftwareVersions": "syngo_MR_E11",
    "StationName": "AWP67039",
    "TxRefAmp": 314.838,
    "dataset": "ds003768",
    "modality": "T1w",
    "subject_id": "31"
  },
  "cjv": 0.33808118557548883,
  "cnr": 4.048163554260821,
  "efc": 0.5218820086630236,
  "fber": -1.0,
  "fwhm_avg": 4.335356599086286,
  "fwhm_x": 4.27933979725886,
  "fwhm_y": 4.39883,
  "fwhm_z": 4.3279,
  "icvs_csf": 0.2027088304087871,
  "icvs_gm": 0.44657288199997325,
  "icvs_wm": 0.3507182875912397,
  "inu_med": 0.6105459630489349,
  "inu_range": 0.32693349868059157,
  "provenance": {
    "md5sum": "78f7012c458cfc2d5bc22d4121667932",
    "settings": {
      "testing": false
    },
    "software": "mriqc",
    "version": "22.0.6",
    "warnings": {
      "large_rot_frame": true,
      "small_air_mask": false
    },
    "webapi_port": null,
    "webapi_url": "https://mriqc.nimh.nih.gov/api/v1"
  },
  "qi_1": 1.6523911870896315e-06,
  "qi_2": 0.011902200178534448,
  "rpve_csf": 23.863389513645565,
  "rpve_gm": 11.837953706515117,
  "rpve_wm": 17.30637510508377,
  "size_x": 192,
  "size_y": 256,
  "size_z": 256,
  "snr_csf": 2.5499352310191363,
  "snr_gm": 11.936536280554717,
  "snr_total": 12.5075622431669,
  "snr_wm": 23.03621521792684,
  "snrd_csf": 21.990804083124836,
  "snrd_gm": 57.189749500648254,
  "snrd_total": 53.53979202515376,
  "snrd_wm": 81.43882249168819,
  "spacing_x": 1.000002384185791,
  "spacing_y": 1.0,
  "spacing_z": 1.0,
  "summary_bg_k": 26.868911022950588,
  "summary_bg_mad": 0.0,
  "summary_bg_mean": 4.4949506117627696,
  "summary_bg_median": 0.0,
  "summary_bg_n": 3979407.0,
  "summary_bg_p05": 0.0,
  "summary_bg_p95": 19.009280502796173,
  "summary_bg_stdv": 8.044971565147273,
  "summary_csf_k": 3.7993233676725335,
  "summary_csf_mad": 96.98336968058777,
  "summary_csf_mean": 272.77866064850696,
  "summary_csf_median": 270.04360243678093,
  "summary_csf_n": 39543.0,
  "summary_csf_p05": 95.49927066713572,
  "summary_csf_p95": 450.90572449117906,
  "summary_csf_stdv": 105.90080272389079,
  "summary_gm_k": 0.03653371210183787,
  "summary_gm_mad": 58.72881830657815,
  "summary_gm_mean": 702.1785339977873,
  "summary_gm_median": 702.2810952812433,
  "summary_gm_n": 47008.0,
  "summary_gm_p05": 605.1296944998205,
  "summary_gm_p95": 798.4456907659769,
  "summary_gm_stdv": 58.83395391521858,
  "summary_wm_k": 0.3337173533527742,
  "summary_wm_mad": 41.94323509263027,
  "summary_wm_mean": 1000.5066541830113,
  "summary_wm_median": 1000.0558833926916,
  "summary_wm_n": 232642.0,
  "summary_wm_p05": 930.0570034235716,
  "summary_wm_p95": 1072.3470589518547,
  "summary_wm_stdv": 43.41224131588431,
  "tpm_overlap_csf": 0.16408381494527052,
  "tpm_overlap_gm": 0.4717278767030397,
  "tpm_overlap_wm": 0.516012516547838,
  "wm2max": 0.3788013553578992
}