{
  "aor": 0.012009228971962617,
  "aqi": 0.01175166726635514,
  "bids_meta": {
    "AcquisitionMatrixPE": 80,
    "AcquisitionNumber": 1,
    "AcquisitionTime": "16:48:28.295000",
    "BandwidthPerPixelPhaseEncode": 25.51,
    "BaseResolution": 80,
    "BodyPartExamined": "BRAIN",
    "ConsistencyInfo": "N4_VE11C_LATEST_20160120",
    "ConversionSoftware": "dcm2niix",
    "ConversionSoftwareVersion": "v1.0.20171215 (OpenJPEG build) GCC4.8.5",
    "DerivedVendorReportedEchoSpacing": 0.000490004,
    "DeviceSerialNumber": "67039",
    "DwellTime": 2.6e-06,
    "EchoTime": 0.025,
    "EchoTrainLength": 80,
    "EffectiveEchoSpacing": 0.000490004,
    "FlipAngle": 90,
    "ImageOrientationPatientDICOM": [
      0.996329,
      -0.0650423,
      -0.0556632,
      0.0501231,
      0.970305,
      -0.236633
    ],
    "ImageType": [
      "ORIGINAL",
      "PRIMARY",
      "M",
      "ND",
      "NORM",
      "MOSAIC"
    ],
    "InPlanePhaseEncodingDirectionDICOM": "COL",
    "InstitutionAddress": "University_Park_Chandlee_Laboratory_State_College_PA_US_16802",
    "InstitutionName": "PSU-SLEIC",
    "InstitutionalDepartmentName": "Department",
    "MRAcquisitionType": "2D",
    "MagneticFieldStrength": 3,
    "Manufacturer": "Siemens",
    "ManufacturersModelName": "Prisma_fit",
    "Modality": "MR",
    "PartialFourier": 1,
    "PatientPosition": "HFS",
    "PercentPhaseFOV": 100,
    "PhaseEncodingDirection": "j-",
    "PhaseEncodingSteps": 80,
    "PhaseResolution": 1,
    "PixelBandwidth": 2405,
    "ProcedureStepDescription": "Investigators_20_ch_xxl213",
    "ProtocolName": "sleep-onset-segment-7",
    "PulseSequenceDetails": "%CustomerSeq%_ep2d_bold_1066",
    "ReceiveCoilActiveElements": "HE1-4",
    "ReceiveCoilName": "HeadNeck_20",
    "ReconMatrixPE": 80,
    "RepetitionTime": 2.1,
    "SAR": 0.0981036,
    "ScanOptions": "FS_RT",
    "ScanningSequence": "EP",
    "SequenceName": "ep10662d1_80",
    "SequenceVariant": "SK",
    "SeriesDescription": "sleep-onset-segment-7",
    "SeriesNumber": 32,
    "ShimSetting": [
      -1920,
      8286,
      9494,
      472,
      134,
      -264,
      20,
      -2
    ],
    "SliceThickness": 4,
    "SliceTiming": [
      2.02,
      1.96,
      1.9,
      1.8425,
      1.7825,
      1.7225,
      1.6625,
      1.605,
      1.545,
      1.485,
      1.425,
      1.3675,
      1.3075,
      1.2475,
      1.1875,
      1.1275,
      1.07,
      1.01,
      0.95,
      0.89,
      0.8325,
      0.7725,
      0.7125,
      0.6525,
      0.595,
      0.535,
      0.475,
      0.415,
      0.3575,
      0.2975,
      0.2375,
      0.1775,
      0.1175,
      0.06,
      0
    ],
    "SoftwareVersions": "syngo_MR_E11",
    "SpacingBetweenSlices": 4,
    "StationName": "AWP67039",
    "TaskName": "sleep",
    "TotalReadoutTime": 0.0387103,
    "TxRefAmp": 259.192,
    "dataset": "ds003768",
    "modality": "bold",
    "run_id": 6,
    "subject_id": "26",
    "task_id": "sleep"
  },
  "dummy_trs": 1,
  "dvars_nstd": 27.47417686700234,
  "dvars_std": 1.3878505238407488,
  "dvars_vstd": 1.0785890951522248,
  "efc": 0.41300167050305514,
  "fber": 3909.298583984375,
  "fd_mean": 0.4208525549715274,
  "fd_num": 239,
  "fd_perc": 55.8411214953271,
  "fwhm_avg": 1.9271997566326313,
  "fwhm_x": 1.9418333333333333,
  "fwhm_y": 2.1078333333333332,
  "fwhm_z": 1.7319326032312277,
  "gcor": 0.0611273,
  "gsr_x": -0.020661186426877975,
  "gsr_y": 0.009463527239859104,
  "provenance": {
    "md5sum": "21e5242009fd7c7b97bc39e8b102c3a0",
    "settings": {
      "fd_thres": 0.2,
      "testing": false
    },
    "software": "mriqc",
    "version": "22.0.6",
    "webapi_port": null,
    "webapi_url": "https://mriqc.nimh.nih.gov/api/v1"
  },
  "size_t": 428,
  "size_x": 80,
  "size_y": 80,
  "size_z": 35,
  "snr": 7.565235714620784,
  "spacing_tr": 2.0999999046325684,
  "spacing_x": 3.0,
  "spacing_y": 3.0,
  "spacing_z": 3.999999761581421,
  "summary_bg_k": 45.75686773278296,
  "summary_bg_mad": 6.287203016007898,
  "summary_bg_mean": 26.163272857666016,
  "summary_bg_median": 12.224298477172852,
  "summary_bg_n": 162629.0,
  "summary_bg_p05": 5.878504276275635,
  "summary_bg_p95": 89.54672241210938,
  "summary_bg_stdv": 48.62788772583008,
  "summary_fg_k": 1.7947934947231543,
  "summary_fg_mad": 84.53954580085107,
  "summary_fg_mean": 767.1603393554688,
  "summary_fg_median": 767.1658935546875,
  "summary_fg_n": 23297.0,
  "summary_fg_p05": 596.3630493164062,
  "summary_fg_p95": 931.1135009765626,
  "summary_fg_stdv": 101.4045639038086,
  "tsnr": 58.87463377113454
}