{
  "aor": 0.0008227102803738317,
  "aqi": 0.003557072686915888,
  "bids_meta": {
    "AcquisitionMatrixPE": 80,
    "AcquisitionNumber": 1,
    "AcquisitionTime": "15:17:49.687500",
    "BandwidthPerPixelPhaseEncode": 25.51,
    "BaseResolution": 80,
    "BodyPartExamined": "BRAIN",
    "ConsistencyInfo": "N4_VE11C_LATEST_20160120",
    "ConversionSoftware": "dcm2niix",
    "ConversionSoftwareVersion": "v1.0.20171215 (OpenJPEG build) GCC4.8.5",
    "DerivedVendorReportedEchoSpacing": 0.000490004,
    "DeviceSerialNumber": "67039",
    "DwellTime": 2.6e-06,
    "EchoTime": 0.025,
    "EchoTrainLength": 80,
    "EffectiveEchoSpacing": 0.000490004,
    "FlipAngle": 90,
    "ImageOrientationPatientDICOM": [
      0.996329,
      -0.0650423,
      -0.0556632,
      0.0501231,
      0.970305,
      -0.236633
    ],
    "ImageType": [
      "ORIGINAL",
      "PRIMARY",
      "M",
      "ND",
      "NORM",
      "MOSAIC"
    ],
    "InPlanePhaseEncodingDirectionDICOM": "COL",
    "InstitutionAddress": "University_Park_Chandlee_Laboratory_State_College_PA_US_16802",
    "InstitutionName": "PSU-SLEIC",
    "InstitutionalDepartmentName": "Department",
    "MRAcquisitionType": "2D",
    "MagneticFieldStrength": 3,
    "Manufacturer": "Siemens",
    "ManufacturersModelName": "Prisma_fit",
    "Modality": "MR",
    "PartialFourier": 1,
    "PatientPosition": "HFS",
    "PercentPhaseFOV": 100,
    "PhaseEncodingDirection": "j-",
    "PhaseEncodingSteps": 80,
    "PhaseResolution": 1,
    "PixelBandwidth": 2405,
    "ProcedureStepDescription": "Investigators_20_ch_xxl213",
    "ProtocolName": "sleep-onset-segment-1",
    "PulseSequenceDetails": "%CustomerSeq%_ep2d_bold_1066",
    "ReceiveCoilActiveElements": "HE1-4",
    "ReceiveCoilName": "HeadNeck_20",
    "ReconMatrixPE": 80,
    "RepetitionTime": 2.1,
    "SAR": 0.0981036,
    "ScanOptions": "FS_RT",
    "ScanningSequence": "EP",
    "SequenceName": "ep10662d1_80",
    "SequenceVariant": "SK",
    "SeriesDescription": "sleep-onset-segment-1",
    "SeriesNumber": 20,
    "ShimSetting": [
      -1920,
      8286,
      9494,
      472,
      134,
      -264,
      20,
      -2
    ],
    "SliceThickness": 4,
    "SliceTiming": [
      2.02,
      1.9625,
      1.9025,
      1.8425,
      1.7825,
      1.725,
      1.665,
      1.605,
      1.545,
      1.4875,
      1.4275,
      1.3675,
      1.3075,
      1.25,
      1.19,
      1.13,
      1.07,
      1.01,
      0.9525,
      0.8925,
      0.8325,
      0.7725,
      0.715,
      0.655,
      0.595,
      0.535,
      0.4775,
      0.4175,
      0.3575,
      0.2975,
      0.2375,
      0.18,
      0.12,
      0.06,
      0
    ],
    "SoftwareVersions": "syngo_MR_E11",
    "SpacingBetweenSlices": 4,
    "StationName": "AWP67039",
    "TaskName": "sleep",
    "TotalReadoutTime": 0.0387103,
    "TxRefAmp": 259.192,
    "dataset": "ds003768",
    "modality": "bold",
    "run_id": 1,
    "subject_id": "26",
    "task_id": "sleep"
  },
  "dummy_trs": 1,
  "dvars_nstd": 20.191134296323177,
  "dvars_std": 1.4271057653161583,
  "dvars_vstd": 0.9899176920608905,
  "efc": 0.41645676033406315,
  "fber": 3810.4130859375,
  "fd_mean": 0.1514331299948161,
  "fd_num": 76,
  "fd_perc": 17.757009345794394,
  "fwhm_avg": 1.9120325341373203,
  "fwhm_x": 1.9316266666666666,
  "fwhm_y": 2.0862833333333333,
  "fwhm_z": 1.7181876024119618,
  "gcor": 0.0218292,
  "gsr_x": -0.022789355367422104,
  "gsr_y": 0.0076582711189985275,
  "provenance": {
    "md5sum": "1bb1eccaec918362749b49804390e8f3",
    "settings": {
      "fd_thres": 0.2,
      "testing": false
    },
    "software": "mriqc",
    "version": "22.0.6",
    "webapi_port": null,
    "webapi_url": "https://mriqc.nimh.nih.gov/api/v1"
  },
  "size_t": 428,
  "size_x": 80,
  "size_y": 80,
  "size_z": 35,
  "snr": 7.535874757267932,
  "spacing_tr": 2.0999999046325684,
  "spacing_x": 3.0,
  "spacing_y": 3.0,
  "spacing_z": 3.999999761581421,
  "summary_bg_k": 43.1270000588434,
  "summary_bg_mad": 6.304522117889379,
  "summary_bg_mean": 26.915328979492188,
  "summary_bg_median": 12.296728134155273,
  "summary_bg_n": 162026.0,
  "summary_bg_p05": 5.913551330566406,
  "summary_bg_p95": 92.27453231811523,
  "summary_bg_stdv": 50.75571060180664,
  "summary_fg_k": 1.7309073823788435,
  "summary_fg_mad": 85.13189895773203,
  "summary_fg_mean": 764.3618774414062,
  "summary_fg_median": 763.5256958007812,
  "summary_fg_n": 23533.0,
  "summary_fg_p05": 598.6093261718751,
  "summary_fg_p95": 931.0228637695312,
  "summary_fg_stdv": 101.31663513183594,
  "tsnr": 111.41392192104831
}