{
  "bids_meta": {
    "AcquisitionMatrixPE": 256,
    "AcquisitionNumber": 1,
    "AcquisitionTime": "16:39:14.242500",
    "BaseResolution": 256,
    "BodyPartExamined": "BRAIN",
    "ConsistencyInfo": "N4_VE11C_LATEST_20160120",
    "ConversionSoftware": "dcm2niix",
    "ConversionSoftwareVersion": "v1.0.20171215 (OpenJPEG build) GCC4.8.5",
    "DeviceSerialNumber": "67039",
    "DwellTime": 9.8e-06,
    "EchoTime": 0.00228,
    "FlipAngle": 8,
    "ImageOrientationPatientDICOM": [
      0.0851721,
      0.995579,
      -0.0395922,
      0.0253066,
      -0.0418853,
      -0.998802
    ],
    "ImageType": [
      "ORIGINAL",
      "PRIMARY",
      "M",
      "NORM",
      "DIS2D"
    ],
    "InPlanePhaseEncodingDirectionDICOM": "ROW",
    "InstitutionAddress": "University_Park_Chandlee_Laboratory_State_College_PA_US_16802",
    "InstitutionName": "Penn_State_SLEIC",
    "InstitutionalDepartmentName": "Department",
    "InversionTime": 0.9,
    "MRAcquisitionType": "3D",
    "MagneticFieldStrength": 3,
    "Manufacturer": "Siemens",
    "ManufacturersModelName": "Prisma_fit",
    "Modality": "MR",
    "ParallelReductionFactorInPlane": 2,
    "PartialFourier": 1,
    "PatientPosition": "HFS",
    "PercentPhaseFOV": 100,
    "PhaseEncodingSteps": 255,
    "PhaseResolution": 1,
    "PixelBandwidth": 200,
    "ProcedureStepDescription": "Investigators_20_ch_xxl213",
    "ProtocolName": "t1_mprage_sag_p2_iso_2300",
    "PulseSequenceDetails": "%SiemensSeq%_tfl",
    "ReceiveCoilActiveElements": "HE1-4;NE1,2",
    "ReceiveCoilName": "HeadNeck_20",
    "ReconMatrixPE": 256,
    "RepetitionTime": 2.3,
    "SAR": 0.0895281,
    "ScanOptions": "IR",
    "ScanningSequence": "GR_IR",
    "SequenceName": "_tfl3d1_16ns",
    "SequenceVariant": "SK_SP_MP",
    "SeriesDescription": "t1_mprage_sag_p2_iso_2300",
    "SeriesNumber": 10,
    "ShimSetting": [
      -1941,
      8275,
      9263,
      132,
      -19,
      -59,
      -30,
      9
    ],
    "SliceThickness": 1,
    "SoftwareVersions": "syngo_MR_E11",
    "StationName": "AWP67039",
    "TxRefAmp": 345.875,
    "dataset": "ds003768",
    "modality": "T1w",
    "subject_id": "19"
  },
  "cjv": 0.3403426674518557,
  "cnr": 4.076865933251035,
  "efc": 0.5218185634393456,
  "fber": -1.0,
  "fwhm_avg": 4.381519719353869,
  "fwhm_x": 4.343499158061605,
  "fwhm_y": 4.4728,
  "fwhm_z": 4.32826,
  "icvs_csf": 0.2107723490012446,
  "icvs_gm": 0.4396217162660507,
  "icvs_wm": 0.3496059347327047,
  "inu_med": 0.6274866461753845,
  "inu_range": 0.331632186472416,
  "provenance": {
    "md5sum": "5fa68d7d13837097cdd94aff241a9460",
    "settings": {
      "testing": false
    },
    "software": "mriqc",
    "version": "22.0.6",
    "warnings": {
      "large_rot_frame": true,
      "small_air_mask": false
    },
    "webapi_port": null,
    "webapi_url": "https://mriqc.nimh.nih.gov/api/v1"
  },
  "qi_1": 5.6385079579247905e-05,
  "qi_2": 0.015044275012410308,
  "rpve_csf": 25.595468254423565,
  "rpve_gm": 13.09548585836208,
  "rpve_wm": 18.981818651064145,
  "size_x": 192,
  "size_y": 256,
  "size_z": 256,
  "snr_csf": 1.7534228323523302,
  "snr_gm": 11.021177373610787,
  "snr_total": 11.519300171949892,
  "snr_wm": 21.783300309886556,
  "snrd_csf": 19.309834418920044,
  "snrd_gm": 53.71341858967339,
  "snrd_total": 50.533302025895836,
  "snrd_wm": 78.57665306909406,
  "spacing_x": 0.9999955892562866,
  "spacing_y": 1.0,
  "spacing_z": 1.0,
  "summary_bg_k": 44.26415697159843,
  "summary_bg_mad": 0.0,
  "summary_bg_mean": 4.665504787487778,
  "summary_bg_median": 0.0,
  "summary_bg_n": 4267671.0,
  "summary_bg_p05": 0.0,
  "summary_bg_p95": 20.996818587183952,
  "summary_bg_stdv": 8.337987288039232,
  "summary_csf_k": 18.186501417850277,
  "summary_csf_mad": 140.7135716562229,
  "summary_csf_mean": 247.58735718636623,
  "summary_csf_median": 245.75821755453944,
  "summary_csf_n": 34825.0,
  "summary_csf_p05": 53.34040277451277,
  "summary_csf_p95": 455.99151477217674,
  "summary_csf_stdv": 140.15711699468613,
  "summary_gm_k": -0.05533285776529118,
  "summary_gm_mad": 63.04596897669875,
  "summary_gm_mean": 682.5225158189945,
  "summary_gm_median": 683.6161162741482,
  "summary_gm_n": 55800.0,
  "summary_gm_p05": 579.162246029824,
  "summary_gm_p95": 782.3966037184,
  "summary_gm_stdv": 62.02694752841074,
  "summary_wm_k": 0.23152659257365915,
  "summary_wm_mad": 44.65101044733777,
  "summary_wm_mean": 999.9881451427589,
  "summary_wm_median": 1000.0530186183751,
  "summary_wm_n": 211893.0,
  "summary_wm_p05": 924.209964812547,
  "summary_wm_p95": 1074.973484940827,
  "summary_wm_stdv": 45.90905163966656,
  "tpm_overlap_csf": 0.15822448909555267,
  "tpm_overlap_gm": 0.47524430463847983,
  "tpm_overlap_wm": 0.5128304650272439,
  "wm2max": 0.3978694230566396
}