{
  "bids_meta": {
    "AcquisitionMatrixPE": 256,
    "AcquisitionNumber": 1,
    "AcquisitionTime": "16:58:1.505000",
    "BaseResolution": 256,
    "BodyPartExamined": "BRAIN",
    "ConsistencyInfo": "N4_VE11C_LATEST_20160120",
    "ConversionSoftware": "dcm2niix",
    "ConversionSoftwareVersion": "v1.0.20171215 (OpenJPEG build) GCC4.8.5",
    "DeviceSerialNumber": "67039",
    "DwellTime": 9.8e-06,
    "EchoTime": 0.00228,
    "FlipAngle": 8,
    "ImageOrientationPatientDICOM": [
      -0.0172651,
      0.975152,
      -0.220862,
      -0.0534049,
      -0.221479,
      -0.973702
    ],
    "ImageType": [
      "ORIGINAL",
      "PRIMARY",
      "M",
      "NORM",
      "DIS2D"
    ],
    "InPlanePhaseEncodingDirectionDICOM": "ROW",
    "InstitutionAddress": "University_Park_Chandlee_Laboratory_State_College_PA_US_16802",
    "InstitutionName": "Penn_State_SLEIC",
    "InstitutionalDepartmentName": "Department",
    "InversionTime": 0.9,
    "MRAcquisitionType": "3D",
    "MagneticFieldStrength": 3,
    "Manufacturer": "Siemens",
    "ManufacturersModelName": "Prisma_fit",
    "Modality": "MR",
    "ParallelReductionFactorInPlane": 2,
    "PartialFourier": 1,
    "PatientPosition": "HFS",
    "PercentPhaseFOV": 100,
    "PhaseEncodingSteps": 255,
    "PhaseResolution": 1,
    "PixelBandwidth": 200,
    "ProcedureStepDescription": "Investigators_20_ch_xxl213",
    "ProtocolName": "t1_mprage_sag_p2_iso_2300",
    "PulseSequenceDetails": "%SiemensSeq%_tfl",
    "ReceiveCoilActiveElements": "HE1-4;NE1,2",
    "ReceiveCoilName": "HeadNeck_20",
    "ReconMatrixPE": 256,
    "RepetitionTime": 2.3,
    "SAR": 0.0951408,
    "ScanOptions": "IR",
    "ScanningSequence": "GR_IR",
    "SequenceName": "_tfl3d1_16ns",
    "SequenceVariant": "SK_SP_MP",
    "SeriesDescription": "t1_mprage_sag_p2_iso_2300",
    "SeriesNumber": 6,
    "ShimSetting": [
      -1941,
      8275,
      9263,
      132,
      -19,
      -59,
      -30,
      9
    ],
    "SliceThickness": 1,
    "SoftwareVersions": "syngo_MR_E11",
    "StationName": "AWP67039",
    "TxRefAmp": 348.164,
    "dataset": "ds003768",
    "modality": "T1w",
    "subject_id": "03"
  },
  "cjv": 0.34517972616215176,
  "cnr": 3.9703577102038605,
  "efc": 0.5328685617188185,
  "fber": -1.0,
  "fwhm_avg": 4.45211511483252,
  "fwhm_x": 4.438585344497561,
  "fwhm_y": 4.46091,
  "fwhm_z": 4.45685,
  "icvs_csf": 0.1943197098967902,
  "icvs_gm": 0.4595602281580947,
  "icvs_wm": 0.3461200619451151,
  "inu_med": 0.6682057678699493,
  "inu_range": 0.36970942318439476,
  "provenance": {
    "md5sum": "eb00cd052be7be1ce8ebe4d83440344f",
    "settings": {
      "testing": false
    },
    "software": "mriqc",
    "version": "22.0.6",
    "warnings": {
      "large_rot_frame": true,
      "small_air_mask": false
    },
    "webapi_port": null,
    "webapi_url": "https://mriqc.nimh.nih.gov/api/v1"
  },
  "qi_1": 9.105281347721721e-05,
  "qi_2": 0.008951580428854458,
  "rpve_csf": 26.465195203020038,
  "rpve_gm": 12.243535174002336,
  "rpve_wm": 18.21844268808127,
  "size_x": 192,
  "size_y": 256,
  "size_z": 256,
  "snr_csf": 1.9432560626456519,
  "snr_gm": 11.285494347237687,
  "snr_total": 11.073551332792528,
  "snr_wm": 19.99190358849425,
  "snrd_csf": 14.623161977537956,
  "snrd_gm": 41.853815470875695,
  "snrd_total": 39.19630907742408,
  "snrd_wm": 61.11194978385859,
  "spacing_x": 0.999996542930603,
  "spacing_y": 1.0,
  "spacing_z": 1.0,
  "summary_bg_k": 22.59972340152941,
  "summary_bg_mad": 0.0,
  "summary_bg_mean": 5.732537553007642,
  "summary_bg_median": 0.0,
  "summary_bg_n": 4312847.0,
  "summary_bg_p05": 0.0,
  "summary_bg_p95": 26.106526471674442,
  "summary_bg_stdv": 10.720266630378354,
  "summary_csf_k": -0.16469820222247833,
  "summary_csf_mad": 132.02166711039877,
  "summary_csf_mean": 245.71525440245787,
  "summary_csf_median": 239.2848197389394,
  "summary_csf_n": 31682.0,
  "summary_csf_p05": 54.26606618408115,
  "summary_csf_p95": 454.46111249383523,
  "summary_csf_stdv": 123.13407787883375,
  "summary_gm_k": -0.027935689427013966,
  "summary_gm_mad": 60.80189105898735,
  "summary_gm_mean": 685.082566455531,
  "summary_gm_median": 684.8712136074901,
  "summary_gm_n": 53938.0,
  "summary_gm_p05": 586.4391061836853,
  "summary_gm_p95": 785.2963192686439,
  "summary_gm_stdv": 60.685411185052246,
  "summary_wm_k": 0.4348136754186682,
  "summary_wm_mad": 47.974175018493675,
  "summary_wm_mean": 1000.353013466586,
  "summary_wm_median": 999.9999938718975,
  "summary_wm_n": 206356.0,
  "summary_wm_p05": 919.2298018187284,
  "summary_wm_p95": 1082.870711043477,
  "summary_wm_stdv": 50.02012772047107,
  "tpm_overlap_csf": 0.15152755601349077,
  "tpm_overlap_gm": 0.46717121271366896,
  "tpm_overlap_wm": 0.5034811203857467,
  "wm2max": 0.4454122207123922
}