{
  "bids_meta": {
    "AcquisitionMatrixPE": 256,
    "AcquisitionNumber": 1,
    "AcquisitionTime": "15:26:2.160000",
    "BaseResolution": 256,
    "BodyPartExamined": "BRAIN",
    "ConsistencyInfo": "N4_VE11C_LATEST_20160120",
    "ConversionSoftware": "dcm2niix",
    "ConversionSoftwareVersion": "v1.0.20171215 (OpenJPEG build) GCC4.8.5",
    "DeviceSerialNumber": "67039",
    "DwellTime": 9.8e-06,
    "EchoTime": 0.00228,
    "FlipAngle": 8,
    "ImageOrientationPatientDICOM": [
      0.0446034,
      0.987677,
      -0.150018,
      -0.0598257,
      -0.147257,
      -0.987287
    ],
    "ImageType": [
      "ORIGINAL",
      "PRIMARY",
      "M",
      "NORM",
      "DIS2D"
    ],
    "InPlanePhaseEncodingDirectionDICOM": "ROW",
    "InstitutionAddress": "University_Park_Chandlee_Laboratory_State_College_PA_US_16802",
    "InstitutionName": "Penn_State_SLEIC",
    "InstitutionalDepartmentName": "Department",
    "InversionTime": 0.9,
    "MRAcquisitionType": "3D",
    "MagneticFieldStrength": 3,
    "Manufacturer": "Siemens",
    "ManufacturersModelName": "Prisma_fit",
    "Modality": "MR",
    "ParallelReductionFactorInPlane": 2,
    "PartialFourier": 1,
    "PatientPosition": "HFS",
    "PercentPhaseFOV": 100,
    "PhaseEncodingSteps": 255,
    "PhaseResolution": 1,
    "PixelBandwidth": 200,
    "ProcedureStepDescription": "Investigators_20_ch_xxl213",
    "ProtocolName": "t1_mprage_sag_p2_iso_2300",
    "PulseSequenceDetails": "%SiemensSeq%_tfl",
    "ReceiveCoilActiveElements": "HE1-4;NE1,2",
    "ReceiveCoilName": "HeadNeck_20",
    "ReconMatrixPE": 256,
    "RepetitionTime": 2.3,
    "SAR": 0.0730506,
    "ScanOptions": "IR",
    "ScanningSequence": "GR_IR",
    "SequenceName": "_tfl3d1_16ns",
    "SequenceVariant": "SK_SP_MP",
    "SeriesDescription": "t1_mprage_sag_p2_iso_2300",
    "SeriesNumber": 11,
    "ShimSetting": [
      -1941,
      8275,
      9263,
      132,
      -19,
      -59,
      -30,
      9
    ],
    "SliceThickness": 1,
    "SoftwareVersions": "syngo_MR_E11",
    "StationName": "AWP67039",
    "TxRefAmp": 282.754,
    "dataset": "ds003768",
    "modality": "T1w",
    "subject_id": "33"
  },
  "cjv": 0.3445157638694851,
  "cnr": 3.9385983510728475,
  "efc": 0.5234228279888804,
  "fber": -1.0,
  "fwhm_avg": 4.238783825653901,
  "fwhm_x": 4.239101476961705,
  "fwhm_y": 4.20033,
  "fwhm_z": 4.27692,
  "icvs_csf": 0.21685918691373712,
  "icvs_gm": 0.44923111274065,
  "icvs_wm": 0.3339097003456129,
  "inu_med": 0.572294294834137,
  "inu_range": 0.2545742571353911,
  "provenance": {
    "md5sum": "19b5dfbd6d8707ff22c6749b77db74fb",
    "settings": {
      "testing": false
    },
    "software": "mriqc",
    "version": "22.0.6",
    "warnings": {
      "large_rot_frame": true,
      "small_air_mask": false
    },
    "webapi_port": null,
    "webapi_url": "https://mriqc.nimh.nih.gov/api/v1"
  },
  "qi_1": 0.00011397826110918672,
  "qi_2": 0.019559534294960004,
  "rpve_csf": 24.453760682923964,
  "rpve_gm": 12.632417012606492,
  "rpve_wm": 19.465431977697147,
  "size_x": 192,
  "size_y": 256,
  "size_z": 256,
  "snr_csf": 2.253231486659017,
  "snr_gm": 11.222984282230607,
  "snr_total": 12.148531577949697,
  "snr_wm": 22.969378964959464,
  "snrd_csf": 23.215097641514088,
  "snrd_gm": 67.28795429196965,
  "snrd_total": 62.237311625117826,
  "snrd_wm": 96.20888294186973,
  "spacing_x": 0.9999949336051941,
  "spacing_y": 1.0,
  "spacing_z": 1.0,
  "summary_bg_k": 35.519970581872045,
  "summary_bg_mad": 0.0,
  "summary_bg_mean": 3.745071760498668,
  "summary_bg_median": 0.0,
  "summary_bg_n": 4015788.0,
  "summary_bg_p05": 0.0,
  "summary_bg_p95": 17.159166112542152,
  "summary_bg_stdv": 6.809757940098833,
  "summary_csf_k": 11.015021430759488,
  "summary_csf_mad": 91.33709008256636,
  "summary_csf_mean": 254.5363150769833,
  "summary_csf_median": 241.3072995096445,
  "summary_csf_n": 35669.0,
  "summary_csf_p05": 106.53301346302032,
  "summary_csf_p95": 447.5862323343753,
  "summary_csf_stdv": 107.09237746913028,
  "summary_gm_k": 0.012491020367866312,
  "summary_gm_mad": 61.8202451519291,
  "summary_gm_mean": 698.2724600176357,
  "summary_gm_median": 699.4187485426664,
  "summary_gm_n": 37918.0,
  "summary_gm_p05": 593.5644444897771,
  "summary_gm_p95": 799.3160723112524,
  "summary_gm_stdv": 62.31938922067076,
  "summary_wm_k": 0.38561130232576124,
  "summary_wm_mad": 41.74672648406565,
  "summary_wm_mean": 999.0370562690408,
  "summary_wm_median": 1000.0348088145256,
  "summary_wm_n": 197169.0,
  "summary_wm_p05": 925.6552185863256,
  "summary_wm_p95": 1068.2538059353828,
  "summary_wm_stdv": 43.53762782846755,
  "tpm_overlap_csf": 0.1631624999181767,
  "tpm_overlap_gm": 0.46714381441965497,
  "tpm_overlap_wm": 0.49842611375004037,
  "wm2max": 0.5516627552634179
}