{
  "aor": 0.0013884579439252336,
  "aqi": 0.008069558714953271,
  "bids_meta": {
    "AcquisitionMatrixPE": 80,
    "AcquisitionNumber": 1,
    "AcquisitionTime": "14:40:13.375000",
    "BandwidthPerPixelPhaseEncode": 25.51,
    "BaseResolution": 80,
    "BodyPartExamined": "BRAIN",
    "ConsistencyInfo": "N4_VE11C_LATEST_20160120",
    "ConversionSoftware": "dcm2niix",
    "ConversionSoftwareVersion": "v1.0.20171215 (OpenJPEG build) GCC4.8.5",
    "DerivedVendorReportedEchoSpacing": 0.000490004,
    "DeviceSerialNumber": "67039",
    "DwellTime": 2.6e-06,
    "EchoTime": 0.025,
    "EchoTrainLength": 80,
    "EffectiveEchoSpacing": 0.000490004,
    "FlipAngle": 90,
    "ImageOrientationPatientDICOM": [
      0.993985,
      0.0442018,
      -0.100201,
      -0.0310637,
      0.991148,
      0.129078
    ],
    "ImageType": [
      "ORIGINAL",
      "PRIMARY",
      "M",
      "ND",
      "NORM",
      "MOSAIC"
    ],
    "InPlanePhaseEncodingDirectionDICOM": "COL",
    "InstitutionAddress": "University_Park_Chandlee_Laboratory_State_College_PA_US_16802",
    "InstitutionName": "Penn_State_SLEIC",
    "InstitutionalDepartmentName": "Department",
    "MRAcquisitionType": "2D",
    "MagneticFieldStrength": 3,
    "Manufacturer": "Siemens",
    "ManufacturersModelName": "Prisma_fit",
    "Modality": "MR",
    "PartialFourier": 1,
    "PatientPosition": "HFS",
    "PercentPhaseFOV": 100,
    "PhaseEncodingDirection": "j-",
    "PhaseEncodingSteps": 80,
    "PhaseResolution": 1,
    "PixelBandwidth": 2405,
    "ProcedureStepDescription": "Investigators_20_ch_xxl213",
    "ProtocolName": "sleep-onset-segment-4",
    "PulseSequenceDetails": "%CustomerSeq%_ep2d_bold_1066",
    "ReceiveCoilActiveElements": "HE1-4",
    "ReceiveCoilName": "HeadNeck_20",
    "ReconMatrixPE": 80,
    "RepetitionTime": 2.1,
    "SAR": 0.143286,
    "ScanOptions": "FS_RT",
    "ScanningSequence": "EP",
    "SequenceName": "ep10662d1_80",
    "SequenceVariant": "SK",
    "SeriesDescription": "sleep-onset-segment-4",
    "SeriesNumber": 28,
    "ShimSetting": [
      -1953,
      8217,
      9497,
      277,
      1,
      -287,
      -31,
      45
    ],
    "SliceThickness": 4,
    "SliceTiming": [
      2.02,
      1.9625,
      1.9025,
      1.8425,
      1.7825,
      1.725,
      1.665,
      1.605,
      1.545,
      1.4875,
      1.4275,
      1.3675,
      1.3075,
      1.2475,
      1.19,
      1.13,
      1.07,
      1.01,
      0.9525,
      0.8925,
      0.8325,
      0.7725,
      0.715,
      0.655,
      0.595,
      0.535,
      0.475,
      0.4175,
      0.3575,
      0.2975,
      0.2375,
      0.18,
      0.12,
      0.06,
      0
    ],
    "SoftwareVersions": "syngo_MR_E11",
    "SpacingBetweenSlices": 4,
    "StationName": "AWP67039",
    "TaskName": "sleep",
    "TotalReadoutTime": 0.0387103,
    "TxRefAmp": 286.491,
    "dataset": "ds003768",
    "modality": "bold",
    "run_id": 4,
    "subject_id": "09",
    "task_id": "sleep"
  },
  "dummy_trs": 1,
  "dvars_nstd": 18.33478465749415,
  "dvars_std": 1.2486701004918046,
  "dvars_vstd": 0.9829870498360644,
  "efc": 0.4414939035037023,
  "fber": 3509.112548828125,
  "fd_mean": 0.13116357970390483,
  "fd_num": 15,
  "fd_perc": 3.5046728971962615,
  "fwhm_avg": 1.847844004120949,
  "fwhm_x": 1.7883668087932911,
  "fwhm_y": 2.0475,
  "fwhm_z": 1.7076652035695556,
  "gcor": 0.0383815,
  "gsr_x": -0.005511665716767311,
  "gsr_y": 0.03347000479698181,
  "provenance": {
    "md5sum": "ea017283d42eec4eaf8f063a781e0ddc",
    "settings": {
      "fd_thres": 0.2,
      "testing": false
    },
    "software": "mriqc",
    "version": "22.0.6",
    "webapi_port": null,
    "webapi_url": "https://mriqc.nimh.nih.gov/api/v1"
  },
  "size_t": 428,
  "size_x": 80,
  "size_y": 80,
  "size_z": 35,
  "snr": 7.8851613907570295,
  "spacing_tr": 2.0999999046325684,
  "spacing_x": 2.999999761581421,
  "spacing_y": 3.0,
  "spacing_z": 3.999999523162842,
  "summary_bg_k": 48.64439322741134,
  "summary_bg_mad": 6.16596223323925,
  "summary_bg_mean": 27.972421646118164,
  "summary_bg_median": 12.532710075378418,
  "summary_bg_n": 157081.0,
  "summary_bg_p05": 6.067756652832031,
  "summary_bg_p95": 102.43457794189453,
  "summary_bg_stdv": 55.009090423583984,
  "summary_fg_k": 1.9167559804899161,
  "summary_fg_mad": 84.84784815427201,
  "summary_fg_mean": 750.3170166015625,
  "summary_fg_median": 745.4976196289062,
  "summary_fg_n": 29265.0,
  "summary_fg_p05": 604.0495239257813,
  "summary_fg_p95": 905.4569580078125,
  "summary_fg_stdv": 94.54275512695312,
  "tsnr": 85.2929881378077
}