{
  "aor": 0.0018720279720279719,
  "aqi": 0.007148382820512819,
  "bids_meta": {
    "AcquisitionMatrixPE": 80,
    "AcquisitionNumber": 1,
    "AcquisitionTime": "14:07:13.802500",
    "BandwidthPerPixelPhaseEncode": 25.51,
    "BaseResolution": 80,
    "BodyPartExamined": "BRAIN",
    "ConsistencyInfo": "N4_VE11C_LATEST_20160120",
    "ConversionSoftware": "dcm2niix",
    "ConversionSoftwareVersion": "v1.0.20171215 (OpenJPEG build) GCC4.8.5",
    "DerivedVendorReportedEchoSpacing": 0.000490004,
    "DeviceSerialNumber": "67039",
    "DwellTime": 2.6e-06,
    "EchoTime": 0.025,
    "EchoTrainLength": 80,
    "EffectiveEchoSpacing": 0.000490004,
    "FlipAngle": 90,
    "ImageOrientationPatientDICOM": [
      0.993985,
      0.0442018,
      -0.100201,
      -0.0310637,
      0.991148,
      0.129078
    ],
    "ImageType": [
      "ORIGINAL",
      "PRIMARY",
      "M",
      "ND",
      "NORM",
      "MOSAIC"
    ],
    "InPlanePhaseEncodingDirectionDICOM": "COL",
    "InstitutionAddress": "University_Park_Chandlee_Laboratory_State_College_PA_US_16802",
    "InstitutionName": "Penn_State_SLEIC",
    "InstitutionalDepartmentName": "Department",
    "MRAcquisitionType": "2D",
    "MagneticFieldStrength": 3,
    "Manufacturer": "Siemens",
    "ManufacturersModelName": "Prisma_fit",
    "Modality": "MR",
    "PartialFourier": 1,
    "PatientPosition": "HFS",
    "PercentPhaseFOV": 100,
    "PhaseEncodingDirection": "j-",
    "PhaseEncodingSteps": 80,
    "PhaseResolution": 1,
    "PixelBandwidth": 2405,
    "ProcedureStepDescription": "Investigators_20_ch_xxl213",
    "ProtocolName": "sleep-onset-segment-2",
    "PulseSequenceDetails": "%CustomerSeq%_ep2d_bold_1066",
    "ReceiveCoilActiveElements": "HE1-4",
    "ReceiveCoilName": "HeadNeck_20",
    "ReconMatrixPE": 80,
    "RepetitionTime": 2.1,
    "SAR": 0.143286,
    "ScanOptions": "FS_RT",
    "ScanningSequence": "EP",
    "SequenceName": "ep10662d1_80",
    "SequenceVariant": "SK",
    "SeriesDescription": "sleep-onset-segment-2",
    "SeriesNumber": 24,
    "ShimSetting": [
      -1953,
      8217,
      9497,
      277,
      1,
      -287,
      -31,
      45
    ],
    "SliceThickness": 4,
    "SliceTiming": [
      2.02,
      1.96,
      1.9,
      1.8425,
      1.7825,
      1.7225,
      1.6625,
      1.605,
      1.545,
      1.485,
      1.425,
      1.3675,
      1.3075,
      1.2475,
      1.1875,
      1.1275,
      1.07,
      1.01,
      0.95,
      0.89,
      0.8325,
      0.7725,
      0.7125,
      0.6525,
      0.595,
      0.535,
      0.475,
      0.415,
      0.355,
      0.2975,
      0.2375,
      0.1775,
      0.1175,
      0.06,
      0
    ],
    "SoftwareVersions": "syngo_MR_E11",
    "SpacingBetweenSlices": 4,
    "StationName": "AWP67039",
    "TaskName": "sleep",
    "TotalReadoutTime": 0.0387103,
    "TxRefAmp": 286.491,
    "dataset": "ds003768",
    "modality": "bold",
    "run_id": 2,
    "subject_id": "09",
    "task_id": "sleep"
  },
  "dummy_trs": 0,
  "dvars_nstd": 18.801603065280386,
  "dvars_std": 1.3250060675467288,
  "dvars_vstd": 0.9936442810514019,
  "efc": 0.43940456129455685,
  "fber": 3615.557373046875,
  "fd_mean": 0.11311600154416991,
  "fd_num": 12,
  "fd_perc": 2.797202797202797,
  "fwhm_avg": 1.8353859479105479,
  "fwhm_x": 1.78791347542393,
  "fwhm_y": 2.0267566666666665,
  "fwhm_z": 1.6914877016410472,
  "gcor": 0.0496275,
  "gsr_x": -0.004850626457482576,
  "gsr_y": 0.03414393216371536,
  "provenance": {
    "md5sum": "c4dc526bbf60a43c91b1e98f04871647",
    "settings": {
      "fd_thres": 0.2,
      "testing": false
    },
    "software": "mriqc",
    "version": "22.0.6",
    "webapi_port": null,
    "webapi_url": "https://mriqc.nimh.nih.gov/api/v1"
  },
  "size_t": 429,
  "size_x": 80,
  "size_y": 80,
  "size_z": 35,
  "snr": 7.802508402133121,
  "spacing_tr": 2.0999999046325684,
  "spacing_x": 2.999999761581421,
  "spacing_y": 3.0,
  "spacing_z": 3.999999523162842,
  "summary_bg_k": 48.627848149607544,
  "summary_bg_mad": 6.17232487169681,
  "summary_bg_mean": 27.596906661987305,
  "summary_bg_median": 12.440559387207031,
  "summary_bg_n": 157337.0,
  "summary_bg_p05": 5.962704181671143,
  "summary_bg_p95": 101.19580535888652,
  "summary_bg_stdv": 54.53567886352539,
  "summary_fg_k": 1.8077892194160396,
  "summary_fg_mad": 86.48175108745909,
  "summary_fg_mean": 754.7265014648438,
  "summary_fg_median": 749.7948608398438,
  "summary_fg_n": 29139.0,
  "summary_fg_p05": 606.4405517578125,
  "summary_fg_p95": 912.2184265136718,
  "summary_fg_stdv": 96.0949935913086,
  "tsnr": 92.58450629399158
}