{
  "aor": 0.01386780885780886,
  "aqi": 0.01286079606060606,
  "bids_meta": {
    "AcquisitionMatrixPE": 80,
    "AcquisitionNumber": 1,
    "AcquisitionTime": "15:11:17.392500",
    "BandwidthPerPixelPhaseEncode": 25.51,
    "BaseResolution": 80,
    "BodyPartExamined": "BRAIN",
    "ConsistencyInfo": "N4_VE11C_LATEST_20160120",
    "ConversionSoftware": "dcm2niix",
    "ConversionSoftwareVersion": "v1.0.20171215 (OpenJPEG build) GCC4.8.5",
    "DerivedVendorReportedEchoSpacing": 0.000490004,
    "DeviceSerialNumber": "67039",
    "DwellTime": 2.6e-06,
    "EchoTime": 0.025,
    "EchoTrainLength": 80,
    "EffectiveEchoSpacing": 0.000490004,
    "FlipAngle": 90,
    "ImageOrientationPatientDICOM": [
      0.993985,
      0.0442018,
      -0.100201,
      -0.0310637,
      0.991148,
      0.129078
    ],
    "ImageType": [
      "ORIGINAL",
      "PRIMARY",
      "M",
      "ND",
      "NORM",
      "MOSAIC"
    ],
    "InPlanePhaseEncodingDirectionDICOM": "COL",
    "InstitutionAddress": "University_Park_Chandlee_Laboratory_State_College_PA_US_16802",
    "InstitutionName": "Penn_State_SLEIC",
    "InstitutionalDepartmentName": "Department",
    "MRAcquisitionType": "2D",
    "MagneticFieldStrength": 3,
    "Manufacturer": "Siemens",
    "ManufacturersModelName": "Prisma_fit",
    "Modality": "MR",
    "PartialFourier": 1,
    "PatientPosition": "HFS",
    "PercentPhaseFOV": 100,
    "PhaseEncodingDirection": "j-",
    "PhaseEncodingSteps": 80,
    "PhaseResolution": 1,
    "PixelBandwidth": 2405,
    "ProcedureStepDescription": "Investigators_20_ch_xxl213",
    "ProtocolName": "sleep-onset-segment-6",
    "PulseSequenceDetails": "%CustomerSeq%_ep2d_bold_1066",
    "ReceiveCoilActiveElements": "HE1-4",
    "ReceiveCoilName": "HeadNeck_20",
    "ReconMatrixPE": 80,
    "RepetitionTime": 2.1,
    "SAR": 0.143286,
    "ScanOptions": "FS_RT",
    "ScanningSequence": "EP",
    "SequenceName": "ep10662d1_80",
    "SequenceVariant": "SK",
    "SeriesDescription": "sleep-onset-segment-6",
    "SeriesNumber": 32,
    "ShimSetting": [
      -1953,
      8217,
      9497,
      277,
      1,
      -287,
      -31,
      45
    ],
    "SliceThickness": 4,
    "SliceTiming": [
      2.02,
      1.96,
      1.9,
      1.84,
      1.7825,
      1.7225,
      1.6625,
      1.6025,
      1.545,
      1.485,
      1.425,
      1.365,
      1.3075,
      1.2475,
      1.1875,
      1.1275,
      1.0675,
      1.01,
      0.95,
      0.89,
      0.83,
      0.7725,
      0.7125,
      0.6525,
      0.5925,
      0.535,
      0.475,
      0.415,
      0.355,
      0.2975,
      0.2375,
      0.1775,
      0.1175,
      0.0575,
      0
    ],
    "SoftwareVersions": "syngo_MR_E11",
    "SpacingBetweenSlices": 4,
    "StationName": "AWP67039",
    "TaskName": "sleep",
    "TotalReadoutTime": 0.0387103,
    "TxRefAmp": 286.491,
    "dataset": "ds003768",
    "modality": "bold",
    "run_id": 6,
    "subject_id": "09",
    "task_id": "sleep"
  },
  "dummy_trs": 0,
  "dvars_nstd": 20.969230079182235,
  "dvars_std": 1.2651307892756996,
  "dvars_vstd": 1.0389024376869154,
  "efc": 0.44268500191408655,
  "fber": 3539.4375,
  "fd_mean": 0.21045473228142692,
  "fd_num": 65,
  "fd_perc": 15.151515151515152,
  "fwhm_avg": 1.8693262260954808,
  "fwhm_x": 1.8528168139153172,
  "fwhm_y": 2.096696666666667,
  "fwhm_z": 1.658465197704458,
  "gcor": 0.0277275,
  "gsr_x": -0.005192348267883062,
  "gsr_y": 0.033407650887966156,
  "provenance": {
    "md5sum": "1391561f4907f94b2dc447e1f02053a1",
    "settings": {
      "fd_thres": 0.2,
      "testing": false
    },
    "software": "mriqc",
    "version": "22.0.6",
    "webapi_port": null,
    "webapi_url": "https://mriqc.nimh.nih.gov/api/v1"
  },
  "size_t": 429,
  "size_x": 80,
  "size_y": 80,
  "size_z": 35,
  "snr": 7.726993275076587,
  "spacing_tr": 2.0999999046325684,
  "spacing_x": 2.999999761581421,
  "spacing_y": 3.0,
  "spacing_z": 3.999999523162842,
  "summary_bg_k": 44.39031189159385,
  "summary_bg_mad": 6.904986931843901,
  "summary_bg_mean": 28.321857452392578,
  "summary_bg_median": 12.564103126525879,
  "summary_bg_n": 156801.0,
  "summary_bg_p05": 4.962704181671143,
  "summary_bg_p95": 106.7109603881836,
  "summary_bg_stdv": 54.92638397216797,
  "summary_fg_k": 1.9717294854175407,
  "summary_fg_mad": 86.65096899203706,
  "summary_fg_mean": 746.1622924804688,
  "summary_fg_median": 741.902099609375,
  "summary_fg_n": 29465.0,
  "summary_fg_p05": 599.0638671875,
  "summary_fg_p95": 903.8699584960937,
  "summary_fg_stdv": 96.01270294189453,
  "tsnr": 60.70778195047751
}