{
  "bids_meta": {
    "AcquisitionMatrixPE": 256,
    "AcquisitionNumber": 1,
    "AcquisitionTime": "14:01:54.147500",
    "BaseResolution": 256,
    "BodyPartExamined": "BRAIN",
    "ConsistencyInfo": "N4_VE11C_LATEST_20160120",
    "ConversionSoftware": "dcm2niix",
    "ConversionSoftwareVersion": "v1.0.20171215 (OpenJPEG build) GCC4.8.5",
    "DeviceSerialNumber": "67039",
    "DwellTime": 9.8e-06,
    "EchoTime": 0.00228,
    "FlipAngle": 8,
    "ImageOrientationPatientDICOM": [
      -0.0614294,
      0.996189,
      -0.0619187,
      -0.00165844,
      -0.0621376,
      -0.998066
    ],
    "ImageType": [
      "ORIGINAL",
      "PRIMARY",
      "M",
      "NORM",
      "DIS2D"
    ],
    "InPlanePhaseEncodingDirectionDICOM": "ROW",
    "InstitutionAddress": "University_Park_Chandlee_Laboratory_State_College_PA_US_16802",
    "InstitutionName": "PSU-SLEIC",
    "InstitutionalDepartmentName": "Department",
    "InversionTime": 0.9,
    "MRAcquisitionType": "3D",
    "MagneticFieldStrength": 3,
    "Manufacturer": "Siemens",
    "ManufacturersModelName": "Prisma_fit",
    "Modality": "MR",
    "ParallelReductionFactorInPlane": 2,
    "PartialFourier": 1,
    "PatientPosition": "HFS",
    "PercentPhaseFOV": 100,
    "PhaseEncodingSteps": 255,
    "PhaseResolution": 1,
    "PixelBandwidth": 200,
    "ProcedureStepDescription": "Investigators_20_ch_xxl213",
    "ProtocolName": "t1_mprage_sag_p2_iso_2300",
    "PulseSequenceDetails": "%SiemensSeq%_tfl",
    "ReceiveCoilActiveElements": "HE1-4;NE1,2",
    "ReceiveCoilName": "HeadNeck_20",
    "ReconMatrixPE": 256,
    "RepetitionTime": 2.3,
    "SAR": 0.0718794,
    "ScanOptions": "IR",
    "ScanningSequence": "GR_IR",
    "SequenceName": "_tfl3d1_16ns",
    "SequenceVariant": "SK_SP_MP",
    "SeriesDescription": "t1_mprage_sag_p2_iso_2300",
    "SeriesNumber": 6,
    "ShimSetting": [
      -1941,
      8275,
      9263,
      132,
      -19,
      -59,
      -30,
      9
    ],
    "SliceThickness": 1,
    "SoftwareVersions": "syngo_MR_E11",
    "StationName": "AWP67039",
    "TxRefAmp": 264.538,
    "dataset": "ds003768",
    "modality": "T1w",
    "subject_id": "12"
  },
  "cjv": 0.3409302828497751,
  "cnr": 3.9928512054702407,
  "efc": 0.49907132073993343,
  "fber": 18487.297024,
  "fwhm_avg": 4.378862929579417,
  "fwhm_x": 4.468198788738253,
  "fwhm_y": 4.21876,
  "fwhm_z": 4.44963,
  "icvs_csf": 0.2090586546837949,
  "icvs_gm": 0.4357954549820086,
  "icvs_wm": 0.3551458903341965,
  "inu_med": 0.5397636890411377,
  "inu_range": 0.22502763271331788,
  "provenance": {
    "md5sum": "f7867d9652ca4a189037b571a002691c",
    "settings": {
      "testing": false
    },
    "software": "mriqc",
    "version": "22.0.6",
    "warnings": {
      "large_rot_frame": true,
      "small_air_mask": false
    },
    "webapi_port": null,
    "webapi_url": "https://mriqc.nimh.nih.gov/api/v1"
  },
  "qi_1": 0.00011728986527827482,
  "qi_2": 0.013491993449212083,
  "rpve_csf": 27.072765748223365,
  "rpve_gm": 13.748183909521348,
  "rpve_wm": 19.670005299667082,
  "size_x": 192,
  "size_y": 256,
  "size_z": 256,
  "snr_csf": 1.9431814028784933,
  "snr_gm": 11.841433537412486,
  "snr_total": 13.030438501728618,
  "snr_wm": 25.306700564894875,
  "snrd_csf": 21.150630533104852,
  "snrd_gm": 68.02427336365304,
  "snrd_total": 61.591917968797276,
  "snrd_wm": 95.60085000963393,
  "spacing_x": 0.9999980330467224,
  "spacing_y": 1.0,
  "spacing_z": 1.0,
  "summary_bg_k": 18.638854630851597,
  "summary_bg_mad": 0.0,
  "summary_bg_mean": 3.9337611000853427,
  "summary_bg_median": 0.0,
  "summary_bg_n": 4086431.0,
  "summary_bg_p05": 0.0,
  "summary_bg_p95": 16.61370163038373,
  "summary_bg_stdv": 6.853106097216458,
  "summary_csf_k": 0.5683530196898126,
  "summary_csf_mad": 102.64123547202355,
  "summary_csf_mean": 237.87322279177013,
  "summary_csf_median": 221.24784253537655,
  "summary_csf_n": 35616.0,
  "summary_csf_p05": 76.3506191149354,
  "summary_csf_p95": 460.9598232023418,
  "summary_csf_stdv": 113.85696475289534,
  "summary_gm_k": 0.026020473555683044,
  "summary_gm_mad": 60.05794545051001,
  "summary_gm_mean": 710.5763163478895,
  "summary_gm_median": 711.573288474232,
  "summary_gm_n": 36385.0,
  "summary_gm_p05": 610.0808690711856,
  "summary_gm_p95": 807.5948521345854,
  "summary_gm_stdv": 60.090993862438786,
  "summary_wm_k": 0.33570205717567525,
  "summary_wm_mad": 38.28917674203319,
  "summary_wm_mean": 1000.2360397292055,
  "summary_wm_median": 1000.040248259902,
  "summary_wm_n": 209208.0,
  "summary_wm_p05": 935.7576932832599,
  "summary_wm_p95": 1065.2480214871466,
  "summary_wm_stdv": 39.51672228588055,
  "tpm_overlap_csf": 0.1543309277947189,
  "tpm_overlap_gm": 0.4615462049783553,
  "tpm_overlap_wm": 0.5148838420317492,
  "wm2max": 0.4688129581410212
}