{
  "aor": 0.00254958041958042,
  "aqi": 0.01310797951048951,
  "bids_meta": {
    "AcquisitionMatrixPE": 80,
    "AcquisitionNumber": 1,
    "AcquisitionTime": "14:34:16.722500",
    "BandwidthPerPixelPhaseEncode": 25.51,
    "BaseResolution": 80,
    "BodyPartExamined": "BRAIN",
    "ConsistencyInfo": "N4_VE11C_LATEST_20160120",
    "ConversionSoftware": "dcm2niix",
    "ConversionSoftwareVersion": "v1.0.20171215 (OpenJPEG build) GCC4.8.5",
    "DerivedVendorReportedEchoSpacing": 0.000490004,
    "DeviceSerialNumber": "67039",
    "DwellTime": 2.6e-06,
    "EchoTime": 0.025,
    "EchoTrainLength": 80,
    "EffectiveEchoSpacing": 0.000490004,
    "FlipAngle": 90,
    "ImageOrientationPatientDICOM": [
      0.992965,
      0.118316,
      -0.00466632,
      -0.118404,
      0.991848,
      -0.0470898
    ],
    "ImageType": [
      "ORIGINAL",
      "PRIMARY",
      "M",
      "ND",
      "NORM",
      "MOSAIC"
    ],
    "InPlanePhaseEncodingDirectionDICOM": "COL",
    "InstitutionAddress": "University_Park_Chandlee_Laboratory_State_College_PA_US_16802",
    "InstitutionName": "PSU-SLEIC",
    "InstitutionalDepartmentName": "Department",
    "MRAcquisitionType": "2D",
    "MagneticFieldStrength": 3,
    "Manufacturer": "Siemens",
    "ManufacturersModelName": "Prisma_fit",
    "Modality": "MR",
    "PartialFourier": 1,
    "PatientPosition": "HFS",
    "PercentPhaseFOV": 100,
    "PhaseEncodingDirection": "j-",
    "PhaseEncodingSteps": 80,
    "PhaseResolution": 1,
    "PixelBandwidth": 2405,
    "ProcedureStepDescription": "Investigators_20_ch_xxl213",
    "ProtocolName": "resting-pre-motor",
    "PulseSequenceDetails": "%CustomerSeq%_ep2d_bold_1066",
    "ReceiveCoilActiveElements": "HE1-4",
    "ReceiveCoilName": "HeadNeck_20",
    "ReconMatrixPE": 80,
    "RepetitionTime": 2.1,
    "SAR": 0.136549,
    "ScanOptions": "FS_RT",
    "ScanningSequence": "EP",
    "SequenceName": "ep10662d1_80",
    "SequenceVariant": "SK",
    "SeriesDescription": "resting-pre-motor",
    "SeriesNumber": 17,
    "ShimSetting": [
      -1908,
      8253,
      9523,
      408,
      -53,
      -439,
      -128,
      54
    ],
    "SliceThickness": 4,
    "SliceTiming": [
      2.02,
      1.96,
      1.9025,
      1.8425,
      1.7825,
      1.7225,
      1.665,
      1.605,
      1.545,
      1.485,
      1.4275,
      1.3675,
      1.3075,
      1.2475,
      1.1875,
      1.13,
      1.07,
      1.01,
      0.95,
      0.8925,
      0.8325,
      0.7725,
      0.7125,
      0.655,
      0.595,
      0.535,
      0.475,
      0.415,
      0.3575,
      0.2975,
      0.2375,
      0.1775,
      0.12,
      0.06,
      0
    ],
    "SoftwareVersions": "syngo_MR_E11",
    "SpacingBetweenSlices": 4,
    "StationName": "AWP67039",
    "TaskName": "rest",
    "TotalReadoutTime": 0.0387103,
    "TxRefAmp": 268.156,
    "dataset": "ds003768",
    "modality": "bold",
    "run_id": 1,
    "subject_id": "13",
    "task_id": "rest"
  },
  "dummy_trs": 0,
  "dvars_nstd": 25.30924359368422,
  "dvars_std": 1.2956920624561417,
  "dvars_vstd": 0.9975380841052631,
  "efc": 0.4333507112954378,
  "fber": 3258.723876953125,
  "fd_mean": 0.31162002159476065,
  "fd_num": 190,
  "fd_perc": 66.43356643356644,
  "fwhm_avg": 1.8814650000000002,
  "fwhm_x": 1.8729233333333333,
  "fwhm_y": 2.106126666666667,
  "fwhm_z": 1.665345,
  "gcor": 0.0304878,
  "gsr_x": -0.020888235419988632,
  "gsr_y": 0.010018348693847656,
  "provenance": {
    "md5sum": "cefabbd7cb2aef30ed7689bdbf5842d5",
    "settings": {
      "fd_thres": 0.2,
      "testing": false
    },
    "software": "mriqc",
    "version": "22.0.6",
    "webapi_port": null,
    "webapi_url": "https://mriqc.nimh.nih.gov/api/v1"
  },
  "size_t": 286,
  "size_x": 80,
  "size_y": 80,
  "size_z": 35,
  "snr": 7.320012858467303,
  "spacing_tr": 2.0999999046325684,
  "spacing_x": 3.0,
  "spacing_y": 3.0,
  "spacing_z": 4.0,
  "summary_bg_k": 73.39636500498898,
  "summary_bg_mad": 7.687758304643426,
  "summary_bg_mean": 34.34882354736328,
  "summary_bg_median": 13.52447509765625,
  "summary_bg_n": 161287.0,
  "summary_bg_p05": 6.580419540405273,
  "summary_bg_p95": 136.36258392333977,
  "summary_bg_stdv": 69.30831146240234,
  "summary_fg_k": 2.076941299720221,
  "summary_fg_mad": 92.70417396045107,
  "summary_fg_mean": 775.7943725585938,
  "summary_fg_median": 773.4824829101562,
  "summary_fg_n": 24259.0,
  "summary_fg_p05": 607.4989196777344,
  "summary_fg_p95": 945.3566284179688,
  "summary_fg_stdv": 105.66464233398438,
  "tsnr": 57.40198517264798
}