{
  "aor": 0.015259300699300699,
  "aqi": 0.04399190256410256,
  "bids_meta": {
    "AcquisitionMatrixPE": 80,
    "AcquisitionNumber": 1,
    "AcquisitionTime": "15:58:12.620000",
    "BandwidthPerPixelPhaseEncode": 25.51,
    "BaseResolution": 80,
    "BodyPartExamined": "BRAIN",
    "ConsistencyInfo": "N4_VE11C_LATEST_20160120",
    "ConversionSoftware": "dcm2niix",
    "ConversionSoftwareVersion": "v1.0.20171215 (OpenJPEG build) GCC4.8.5",
    "DerivedVendorReportedEchoSpacing": 0.000490004,
    "DeviceSerialNumber": "67039",
    "DwellTime": 2.6e-06,
    "EchoTime": 0.025,
    "EchoTrainLength": 80,
    "EffectiveEchoSpacing": 0.000490004,
    "FlipAngle": 90,
    "ImageOrientationPatientDICOM": [
      0.999347,
      -0.0222143,
      -0.0285128,
      0.0228528,
      0.999491,
      0.0222678
    ],
    "ImageType": [
      "ORIGINAL",
      "PRIMARY",
      "M",
      "ND",
      "NORM",
      "MOSAIC"
    ],
    "InPlanePhaseEncodingDirectionDICOM": "COL",
    "InstitutionAddress": "University_Park_Chandlee_Laboratory_State_College_PA_US_16802",
    "InstitutionName": "PSU-SLEIC",
    "InstitutionalDepartmentName": "Department",
    "MRAcquisitionType": "2D",
    "MagneticFieldStrength": 3,
    "Manufacturer": "Siemens",
    "ManufacturersModelName": "Prisma_fit",
    "Modality": "MR",
    "PartialFourier": 1,
    "PatientPosition": "HFS",
    "PercentPhaseFOV": 100,
    "PhaseEncodingDirection": "j-",
    "PhaseEncodingSteps": 80,
    "PhaseResolution": 1,
    "PixelBandwidth": 2405,
    "ProcedureStepDescription": "Investigators_20_ch_xxl213",
    "ProtocolName": "sleep-onset-segment-3",
    "PulseSequenceDetails": "%CustomerSeq%_ep2d_bold_1066",
    "ReceiveCoilActiveElements": "HE1-4",
    "ReceiveCoilName": "HeadNeck_20",
    "ReconMatrixPE": 80,
    "RepetitionTime": 2.1,
    "SAR": 0.135386,
    "ScanOptions": "FS_RT",
    "ScanningSequence": "EP",
    "SequenceName": "ep10662d1_80",
    "SequenceVariant": "SK",
    "SeriesDescription": "sleep-onset-segment-3",
    "SeriesNumber": 32,
    "ShimSetting": [
      -1933,
      8218,
      9511,
      382,
      -5,
      -416,
      -44,
      55
    ],
    "SliceThickness": 4,
    "SliceTiming": [
      2.02,
      1.96,
      1.9025,
      1.8425,
      1.7825,
      1.7225,
      1.665,
      1.605,
      1.545,
      1.485,
      1.4275,
      1.3675,
      1.3075,
      1.2475,
      1.1875,
      1.13,
      1.07,
      1.01,
      0.95,
      0.8925,
      0.8325,
      0.7725,
      0.7125,
      0.655,
      0.595,
      0.535,
      0.475,
      0.415,
      0.3575,
      0.2975,
      0.2375,
      0.1775,
      0.12,
      0.06,
      0
    ],
    "SoftwareVersions": "syngo_MR_E11",
    "SpacingBetweenSlices": 4,
    "StationName": "AWP67039",
    "TaskName": "sleep",
    "TotalReadoutTime": 0.0387103,
    "TxRefAmp": 265.714,
    "dataset": "ds003768",
    "modality": "bold",
    "run_id": 3,
    "subject_id": "13",
    "task_id": "sleep"
  },
  "dummy_trs": 0,
  "dvars_nstd": 33.543493890280374,
  "dvars_std": 0.9776382709813083,
  "dvars_vstd": 0.9194414082242993,
  "efc": 0.4351349303197253,
  "fber": 3173.985595703125,
  "fd_mean": 1.1024501900368888,
  "fd_num": 271,
  "fd_perc": 63.17016317016317,
  "fwhm_avg": 1.98536947848297,
  "fwhm_x": 1.9766666666666666,
  "fwhm_y": 2.266226666666667,
  "fwhm_z": 1.7132151021155775,
  "gcor": 0.0303879,
  "gsr_x": -0.016468148678541183,
  "gsr_y": 0.01565341092646122,
  "provenance": {
    "md5sum": "00621bc2b7c5fdacd99981dcf778bb8d",
    "settings": {
      "fd_thres": 0.2,
      "testing": false
    },
    "software": "mriqc",
    "version": "22.0.6",
    "webapi_port": null,
    "webapi_url": "https://mriqc.nimh.nih.gov/api/v1"
  },
  "size_t": 429,
  "size_x": 80,
  "size_y": 80,
  "size_z": 35,
  "snr": 7.513186146206049,
  "spacing_tr": 2.0999999046325684,
  "spacing_x": 3.0,
  "spacing_y": 3.0,
  "spacing_z": 3.999999761581421,
  "summary_bg_k": 64.28968987677656,
  "summary_bg_mad": 7.87265233646117,
  "summary_bg_mean": 33.19705581665039,
  "summary_bg_median": 13.664336204528809,
  "summary_bg_n": 160843.0,
  "summary_bg_p05": 6.3449883460998535,
  "summary_bg_p95": 126.20489807128905,
  "summary_bg_stdv": 62.96364212036133,
  "summary_fg_k": 2.6156239281312095,
  "summary_fg_mad": 86.19824322914744,
  "summary_fg_mean": 760.330322265625,
  "summary_fg_median": 759.7109985351562,
  "summary_fg_n": 24995.0,
  "summary_fg_p05": 600.1720520019531,
  "summary_fg_p95": 920.1799865722656,
  "summary_fg_stdv": 101.11499786376953,
  "tsnr": 29.251172239193693
}