{
  "aor": 0.011884475524475522,
  "aqi": 0.023251685081585084,
  "bids_meta": {
    "AcquisitionMatrixPE": 80,
    "AcquisitionNumber": 1,
    "AcquisitionTime": "15:26:48.347500",
    "BandwidthPerPixelPhaseEncode": 25.51,
    "BaseResolution": 80,
    "BodyPartExamined": "BRAIN",
    "ConsistencyInfo": "N4_VE11C_LATEST_20160120",
    "ConversionSoftware": "dcm2niix",
    "ConversionSoftwareVersion": "v1.0.20171215 (OpenJPEG build) GCC4.8.5",
    "DerivedVendorReportedEchoSpacing": 0.000490004,
    "DeviceSerialNumber": "67039",
    "DwellTime": 2.6e-06,
    "EchoTime": 0.025,
    "EchoTrainLength": 80,
    "EffectiveEchoSpacing": 0.000490004,
    "FlipAngle": 90,
    "ImageOrientationPatientDICOM": [
      0.999347,
      -0.0222143,
      -0.0285128,
      0.0228528,
      0.999491,
      0.0222678
    ],
    "ImageType": [
      "ORIGINAL",
      "PRIMARY",
      "M",
      "ND",
      "NORM",
      "MOSAIC"
    ],
    "InPlanePhaseEncodingDirectionDICOM": "COL",
    "InstitutionAddress": "University_Park_Chandlee_Laboratory_State_College_PA_US_16802",
    "InstitutionName": "PSU-SLEIC",
    "InstitutionalDepartmentName": "Department",
    "MRAcquisitionType": "2D",
    "MagneticFieldStrength": 3,
    "Manufacturer": "Siemens",
    "ManufacturersModelName": "Prisma_fit",
    "Modality": "MR",
    "PartialFourier": 1,
    "PatientPosition": "HFS",
    "PercentPhaseFOV": 100,
    "PhaseEncodingDirection": "j-",
    "PhaseEncodingSteps": 80,
    "PhaseResolution": 1,
    "PixelBandwidth": 2405,
    "ProcedureStepDescription": "Investigators_20_ch_xxl213",
    "ProtocolName": "sleep-onset-segment-1",
    "PulseSequenceDetails": "%CustomerSeq%_ep2d_bold_1066",
    "ReceiveCoilActiveElements": "HE2,4;NE2",
    "ReceiveCoilName": "HeadNeck_20",
    "ReconMatrixPE": 80,
    "RepetitionTime": 2.1,
    "SAR": 0.135386,
    "ScanOptions": "FS_RT",
    "ScanningSequence": "EP",
    "SequenceName": "ep10662d1_80",
    "SequenceVariant": "SK",
    "SeriesDescription": "sleep-onset-segment-1",
    "SeriesNumber": 28,
    "ShimSetting": [
      -1931,
      8213,
      9535,
      517,
      -2,
      -335,
      -28,
      58
    ],
    "SliceThickness": 4,
    "SliceTiming": [
      2.02,
      1.96,
      1.9025,
      1.8425,
      1.7825,
      1.7225,
      1.665,
      1.605,
      1.545,
      1.485,
      1.425,
      1.3675,
      1.3075,
      1.2475,
      1.1875,
      1.13,
      1.07,
      1.01,
      0.95,
      0.8925,
      0.8325,
      0.7725,
      0.7125,
      0.655,
      0.595,
      0.535,
      0.475,
      0.415,
      0.3575,
      0.2975,
      0.2375,
      0.1775,
      0.12,
      0.06,
      0
    ],
    "SoftwareVersions": "syngo_MR_E11",
    "SpacingBetweenSlices": 4,
    "StationName": "AWP67039",
    "TaskName": "sleep",
    "TotalReadoutTime": 0.0387103,
    "TxRefAmp": 265.714,
    "dataset": "ds003768",
    "modality": "bold",
    "run_id": 1,
    "subject_id": "13",
    "task_id": "sleep"
  },
  "dummy_trs": 0,
  "dvars_nstd": 24.117628892873835,
  "dvars_std": 1.1984518118224294,
  "dvars_vstd": 1.0391390188317753,
  "efc": 0.4524075321608406,
  "fber": 1804.802978515625,
  "fd_mean": 0.3423960644406016,
  "fd_num": 190,
  "fd_perc": 44.28904428904429,
  "fwhm_avg": 1.8643361434632226,
  "fwhm_x": 1.8487733333333332,
  "fwhm_y": 2.1159,
  "fwhm_z": 1.628335097056335,
  "gcor": 0.0303875,
  "gsr_x": -0.028242576867341995,
  "gsr_y": 0.02707471139729023,
  "provenance": {
    "md5sum": "590168b26329ffb4e99f79183f81e84d",
    "settings": {
      "fd_thres": 0.2,
      "testing": false
    },
    "software": "mriqc",
    "version": "22.0.6",
    "webapi_port": null,
    "webapi_url": "https://mriqc.nimh.nih.gov/api/v1"
  },
  "size_t": 429,
  "size_x": 80,
  "size_y": 80,
  "size_z": 35,
  "snr": 7.748418552020244,
  "spacing_tr": 2.0999999046325684,
  "spacing_x": 3.0,
  "spacing_y": 3.0,
  "spacing_z": 3.999999761581421,
  "summary_bg_k": 61.819288962853605,
  "summary_bg_mad": 17.61843008683679,
  "summary_bg_mean": 41.36227798461914,
  "summary_bg_median": 18.9510498046875,
  "summary_bg_n": 160810.0,
  "summary_bg_p05": 5.189860153198244,
  "summary_bg_p95": 138.8069923400878,
  "summary_bg_stdv": 71.36000061035156,
  "summary_fg_k": 3.4230237709204046,
  "summary_fg_mad": 89.97216446466845,
  "summary_fg_mean": 807.8916625976562,
  "summary_fg_median": 807.0139770507812,
  "summary_fg_n": 24679.0,
  "summary_fg_p05": 646.1927856445312,
  "summary_fg_p95": 969.3352111816405,
  "summary_fg_stdv": 104.14997863769531,
  "tsnr": 43.80208220332861
}