{
  "bids_meta": {
    "AcquisitionMatrixPE": 256,
    "AcquisitionNumber": 1,
    "AcquisitionTime": "14:27:51.482500",
    "BaseResolution": 256,
    "BodyPartExamined": "BRAIN",
    "ConsistencyInfo": "N4_VE11C_LATEST_20160120",
    "ConversionSoftware": "dcm2niix",
    "ConversionSoftwareVersion": "v1.0.20171215 (OpenJPEG build) GCC4.8.5",
    "DeviceSerialNumber": "67039",
    "DwellTime": 9.8e-06,
    "EchoTime": 0.00228,
    "FlipAngle": 8,
    "ImageOrientationPatientDICOM": [
      0.01379,
      0.996658,
      0.0805155,
      -0.0269041,
      0.0808638,
      -0.996362
    ],
    "ImageType": [
      "ORIGINAL",
      "PRIMARY",
      "M",
      "NORM",
      "DIS2D"
    ],
    "InPlanePhaseEncodingDirectionDICOM": "ROW",
    "InstitutionAddress": "University_Park_Chandlee_Laboratory_State_College_PA_US_16802",
    "InstitutionName": "PSU-SLEIC",
    "InstitutionalDepartmentName": "Department",
    "InversionTime": 0.9,
    "MRAcquisitionType": "3D",
    "MagneticFieldStrength": 3,
    "Manufacturer": "Siemens",
    "ManufacturersModelName": "Prisma_fit",
    "Modality": "MR",
    "ParallelReductionFactorInPlane": 2,
    "PartialFourier": 1,
    "PatientPosition": "HFS",
    "PercentPhaseFOV": 100,
    "PhaseEncodingSteps": 255,
    "PhaseResolution": 1,
    "PixelBandwidth": 200,
    "ProcedureStepDescription": "Investigators_20_ch_xxl213",
    "ProtocolName": "t1_mprage_sag_p2_iso_2300",
    "PulseSequenceDetails": "%SiemensSeq%_tfl",
    "ReceiveCoilActiveElements": "HE1-4;NE1,2",
    "ReceiveCoilName": "HeadNeck_20",
    "ReconMatrixPE": 256,
    "RepetitionTime": 2.3,
    "SAR": 0.0708,
    "ScanOptions": "IR",
    "ScanningSequence": "GR_IR",
    "SequenceName": "_tfl3d1_16ns",
    "SequenceVariant": "SK_SP_MP",
    "SeriesDescription": "t1_mprage_sag_p2_iso_2300",
    "SeriesNumber": 15,
    "ShimSetting": [
      -1941,
      8275,
      9263,
      132,
      -19,
      -59,
      -30,
      9
    ],
    "SliceThickness": 1,
    "SoftwareVersions": "syngo_MR_E11",
    "StationName": "AWP67039",
    "TxRefAmp": 260.018,
    "dataset": "ds003768",
    "modality": "T1w",
    "subject_id": "29"
  },
  "cjv": 0.2967316405983434,
  "cnr": 4.588847319313108,
  "efc": 0.49969279198897026,
  "fber": 15013.222354418665,
  "fwhm_avg": 4.408674375118365,
  "fwhm_x": 4.369563125355095,
  "fwhm_y": 4.47743,
  "fwhm_z": 4.37903,
  "icvs_csf": 0.1952385534430829,
  "icvs_gm": 0.4723868241087736,
  "icvs_wm": 0.33237462244814353,
  "inu_med": 0.6008449196815491,
  "inu_range": 0.2773547753691673,
  "provenance": {
    "md5sum": "77833477d3d0794be6989d46b2df614c",
    "settings": {
      "testing": false
    },
    "software": "mriqc",
    "version": "22.0.6",
    "warnings": {
      "large_rot_frame": true,
      "small_air_mask": false
    },
    "webapi_port": null,
    "webapi_url": "https://mriqc.nimh.nih.gov/api/v1"
  },
  "qi_1": 6.73621550086094e-05,
  "qi_2": 0.01288012519653738,
  "rpve_csf": 28.85409219820514,
  "rpve_gm": 13.297172500467951,
  "rpve_wm": 20.88763791675572,
  "size_x": 192,
  "size_y": 256,
  "size_z": 256,
  "snr_csf": 2.0330538637906814,
  "snr_gm": 12.446765504494431,
  "snr_total": 12.619223165820005,
  "snr_wm": 23.377850129174902,
  "snrd_csf": 20.454799297417978,
  "snrd_gm": 60.67253241661505,
  "snrd_total": 56.78994615920623,
  "snrd_wm": 89.24250676358565,
  "spacing_x": 0.9999992847442627,
  "spacing_y": 1.0,
  "spacing_z": 1.0,
  "summary_bg_k": 24.536398466194115,
  "summary_bg_mad": 0.0,
  "summary_bg_mean": 4.5144205780824835,
  "summary_bg_median": 0.0,
  "summary_bg_n": 3619752.0,
  "summary_bg_p05": 0.0,
  "summary_bg_p95": 18.651951383799314,
  "summary_bg_stdv": 7.341080026222852,
  "summary_csf_k": 0.5682439479451324,
  "summary_csf_mad": 102.56783610791588,
  "summary_csf_mean": 241.43611295360765,
  "summary_csf_median": 229.20466419309378,
  "summary_csf_n": 30263.0,
  "summary_csf_p05": 72.1908045001328,
  "summary_csf_p95": 456.17018214426923,
  "summary_csf_stdv": 112.73723798691312,
  "summary_gm_k": 0.11881736215040783,
  "summary_gm_mad": 53.41370502653497,
  "summary_gm_mean": 680.1962132081281,
  "summary_gm_median": 679.8613477498293,
  "summary_gm_n": 55332.0,
  "summary_gm_p05": 589.8850639350712,
  "summary_gm_p95": 770.1568581163883,
  "summary_gm_stdv": 54.62103419584103,
  "summary_wm_k": 0.2516951025930756,
  "summary_wm_mad": 41.58155517888482,
  "summary_wm_mean": 1000.2103426906557,
  "summary_wm_median": 999.999975413084,
  "summary_wm_n": 185839.0,
  "summary_wm_p05": 929.8613416031003,
  "summary_wm_p95": 1070.5034395679832,
  "summary_wm_stdv": 42.77541687465284,
  "tpm_overlap_csf": 0.14247081534604178,
  "tpm_overlap_gm": 0.47564488031733754,
  "tpm_overlap_wm": 0.49618469294068984,
  "wm2max": 0.4183295814414896
}