{
  "aor": 0.002729125874125874,
  "aqi": 0.010494801888111888,
  "bids_meta": {
    "AcquisitionMatrixPE": 80,
    "AcquisitionNumber": 1,
    "AcquisitionTime": "14:08:58.037500",
    "BandwidthPerPixelPhaseEncode": 25.51,
    "BaseResolution": 80,
    "BodyPartExamined": "BRAIN",
    "ConsistencyInfo": "N4_VE11C_LATEST_20160120",
    "ConversionSoftware": "dcm2niix",
    "ConversionSoftwareVersion": "v1.0.20171215 (OpenJPEG build) GCC4.8.5",
    "DerivedVendorReportedEchoSpacing": 0.000490004,
    "DeviceSerialNumber": "67039",
    "DwellTime": 2.6e-06,
    "EchoTime": 0.025,
    "EchoTrainLength": 80,
    "EffectiveEchoSpacing": 0.000490004,
    "FlipAngle": 90,
    "ImageOrientationPatientDICOM": [
      0.997948,
      -0.0428195,
      -0.0476156,
      0.0437459,
      0.99887,
      0.018586
    ],
    "ImageType": [
      "ORIGINAL",
      "PRIMARY",
      "M",
      "ND",
      "NORM",
      "MOSAIC"
    ],
    "InPlanePhaseEncodingDirectionDICOM": "COL",
    "InstitutionAddress": "University_Park_Chandlee_Laboratory_State_College_PA_US_16802",
    "InstitutionName": "Penn_State_SLEIC",
    "InstitutionalDepartmentName": "Department",
    "MRAcquisitionType": "2D",
    "MagneticFieldStrength": 3,
    "Manufacturer": "Siemens",
    "ManufacturersModelName": "Prisma_fit",
    "Modality": "MR",
    "PartialFourier": 1,
    "PatientPosition": "HFS",
    "PercentPhaseFOV": 100,
    "PhaseEncodingDirection": "j-",
    "PhaseEncodingSteps": 80,
    "PhaseResolution": 1,
    "PixelBandwidth": 2405,
    "ProcedureStepDescription": "Investigators_20_ch_xxl213",
    "ProtocolName": "resting-pre-motor",
    "PulseSequenceDetails": "%CustomerSeq%_ep2d_bold_1066",
    "ReceiveCoilActiveElements": "HE1-4",
    "ReceiveCoilName": "HeadNeck_20",
    "ReconMatrixPE": 80,
    "RepetitionTime": 2.1,
    "SAR": 0.144903,
    "ScanOptions": "FS_RT",
    "ScanningSequence": "EP",
    "SequenceName": "ep10662d1_80",
    "SequenceVariant": "SK",
    "SeriesDescription": "resting-pre-motor",
    "SeriesNumber": 16,
    "ShimSetting": [
      -1927,
      8299,
      9529,
      346,
      -21,
      -14,
      -118,
      15
    ],
    "SliceThickness": 4,
    "SliceTiming": [
      2.02,
      1.96,
      1.9,
      1.8425,
      1.7825,
      1.7225,
      1.6625,
      1.605,
      1.545,
      1.485,
      1.425,
      1.3675,
      1.3075,
      1.2475,
      1.1875,
      1.1275,
      1.07,
      1.01,
      0.95,
      0.89,
      0.8325,
      0.7725,
      0.7125,
      0.6525,
      0.595,
      0.535,
      0.475,
      0.415,
      0.355,
      0.2975,
      0.2375,
      0.1775,
      0.1175,
      0.06,
      0
    ],
    "SoftwareVersions": "syngo_MR_E11",
    "SpacingBetweenSlices": 4,
    "StationName": "AWP67039",
    "TaskName": "rest",
    "TotalReadoutTime": 0.0387103,
    "TxRefAmp": 310.739,
    "dataset": "ds003768",
    "modality": "bold",
    "run_id": 1,
    "subject_id": "17",
    "task_id": "rest"
  },
  "dummy_trs": 0,
  "dvars_nstd": 25.03392865031579,
  "dvars_std": 1.2690812850175437,
  "dvars_vstd": 0.9899309238947367,
  "efc": 0.485678814095285,
  "fber": 2748.298095703125,
  "fd_mean": 0.32647161699370586,
  "fd_num": 219,
  "fd_perc": 76.57342657342657,
  "fwhm_avg": 1.8318080555555556,
  "fwhm_x": 1.7686066666666667,
  "fwhm_y": 2.12014,
  "fwhm_z": 1.6066775,
  "gcor": 0.0495984,
  "gsr_x": -0.02075291983783245,
  "gsr_y": 0.03178449720144272,
  "provenance": {
    "md5sum": "4967c00085a61afc5ad966a2c29ed36f",
    "settings": {
      "fd_thres": 0.2,
      "testing": false
    },
    "software": "mriqc",
    "version": "22.0.6",
    "webapi_port": null,
    "webapi_url": "https://mriqc.nimh.nih.gov/api/v1"
  },
  "size_t": 286,
  "size_x": 80,
  "size_y": 80,
  "size_z": 35,
  "snr": 7.3854472643936555,
  "spacing_tr": 2.0999999046325684,
  "spacing_x": 3.0,
  "spacing_y": 3.0,
  "spacing_z": 4.0,
  "summary_bg_k": 25.917418568026978,
  "summary_bg_mad": 7.200470689652336,
  "summary_bg_mean": 37.185325622558594,
  "summary_bg_median": 13.678321838378906,
  "summary_bg_n": 149449.0,
  "summary_bg_p05": 6.70629358291626,
  "summary_bg_p95": 164.55314331054691,
  "summary_bg_stdv": 66.69373321533203,
  "summary_fg_k": 1.5104021730267725,
  "summary_fg_mad": 91.79175463860098,
  "summary_fg_mean": 721.822021484375,
  "summary_fg_median": 718.3321533203125,
  "summary_fg_n": 32906.0,
  "summary_fg_p05": 571.7211608886719,
  "summary_fg_p95": 879.8758544921875,
  "summary_fg_stdv": 97.26171112060547,
  "tsnr": 65.06393809011206
}