{
  "aor": 0.006099392523364486,
  "aqi": 0.024161404018691587,
  "bids_meta": {
    "AcquisitionMatrixPE": 80,
    "AcquisitionNumber": 1,
    "AcquisitionTime": "16:01:19.575000",
    "BandwidthPerPixelPhaseEncode": 25.51,
    "BaseResolution": 80,
    "BodyPartExamined": "BRAIN",
    "ConsistencyInfo": "N4_VE11C_LATEST_20160120",
    "ConversionSoftware": "dcm2niix",
    "ConversionSoftwareVersion": "v1.0.20171215 (OpenJPEG build) GCC4.8.5",
    "DerivedVendorReportedEchoSpacing": 0.000490004,
    "DeviceSerialNumber": "67039",
    "DwellTime": 2.6e-06,
    "EchoTime": 0.025,
    "EchoTrainLength": 80,
    "EffectiveEchoSpacing": 0.000490004,
    "FlipAngle": 90,
    "ImageOrientationPatientDICOM": [
      0.997948,
      -0.0428195,
      -0.0476156,
      0.0437459,
      0.99887,
      0.018586
    ],
    "ImageType": [
      "ORIGINAL",
      "PRIMARY",
      "M",
      "ND",
      "NORM",
      "MOSAIC"
    ],
    "InPlanePhaseEncodingDirectionDICOM": "COL",
    "InstitutionAddress": "University_Park_Chandlee_Laboratory_State_College_PA_US_16802",
    "InstitutionName": "Penn_State_SLEIC",
    "InstitutionalDepartmentName": "Department",
    "MRAcquisitionType": "2D",
    "MagneticFieldStrength": 3,
    "Manufacturer": "Siemens",
    "ManufacturersModelName": "Prisma_fit",
    "Modality": "MR",
    "PartialFourier": 1,
    "PatientPosition": "HFS",
    "PercentPhaseFOV": 100,
    "PhaseEncodingDirection": "j-",
    "PhaseEncodingSteps": 80,
    "PhaseResolution": 1,
    "PixelBandwidth": 2405,
    "ProcedureStepDescription": "Investigators_20_ch_xxl213",
    "ProtocolName": "sleep-onset-segment-6",
    "PulseSequenceDetails": "%CustomerSeq%_ep2d_bold_1066",
    "ReceiveCoilActiveElements": "HE1-4",
    "ReceiveCoilName": "HeadNeck_20",
    "ReconMatrixPE": 80,
    "RepetitionTime": 2.1,
    "SAR": 0.144903,
    "ScanOptions": "FS_RT",
    "ScanningSequence": "EP",
    "SequenceName": "ep10662d1_80",
    "SequenceVariant": "SK",
    "SeriesDescription": "sleep-onset-segment-6",
    "SeriesNumber": 34,
    "ShimSetting": [
      -1927,
      8299,
      9529,
      346,
      -21,
      -14,
      -118,
      15
    ],
    "SliceThickness": 4,
    "SliceTiming": [
      2.02,
      1.96,
      1.9,
      1.84,
      1.7825,
      1.7225,
      1.6625,
      1.6025,
      1.545,
      1.485,
      1.425,
      1.365,
      1.3075,
      1.2475,
      1.1875,
      1.1275,
      1.0675,
      1.01,
      0.95,
      0.89,
      0.83,
      0.7725,
      0.7125,
      0.6525,
      0.5925,
      0.535,
      0.475,
      0.415,
      0.355,
      0.2975,
      0.2375,
      0.1775,
      0.1175,
      0.0575,
      0
    ],
    "SoftwareVersions": "syngo_MR_E11",
    "SpacingBetweenSlices": 4,
    "StationName": "AWP67039",
    "TaskName": "sleep",
    "TotalReadoutTime": 0.0387103,
    "TxRefAmp": 310.739,
    "dataset": "ds003768",
    "modality": "bold",
    "run_id": 6,
    "subject_id": "17",
    "task_id": "sleep"
  },
  "dummy_trs": 1,
  "dvars_nstd": 26.550068562763464,
  "dvars_std": 1.0898877947306795,
  "dvars_vstd": 0.9190327223185009,
  "efc": 0.478235139922733,
  "fber": 2931.29345703125,
  "fd_mean": 0.3936623459404138,
  "fd_num": 243,
  "fd_perc": 56.77570093457944,
  "fwhm_avg": 1.870438611111111,
  "fwhm_x": 1.82435,
  "fwhm_y": 2.1441233333333334,
  "fwhm_z": 1.6428425,
  "gcor": 0.0181716,
  "gsr_x": -0.013179217465221882,
  "gsr_y": 0.03717214986681938,
  "provenance": {
    "md5sum": "028511c2d46033e1af3039d99eed1256",
    "settings": {
      "fd_thres": 0.2,
      "testing": false
    },
    "software": "mriqc",
    "version": "22.0.6",
    "webapi_port": null,
    "webapi_url": "https://mriqc.nimh.nih.gov/api/v1"
  },
  "size_t": 428,
  "size_x": 80,
  "size_y": 80,
  "size_z": 35,
  "snr": 7.520156608795247,
  "spacing_tr": 2.0999999046325684,
  "spacing_x": 3.0,
  "spacing_y": 3.0,
  "spacing_z": 4.0,
  "summary_bg_k": 25.962333088539154,
  "summary_bg_mad": 6.976543991776944,
  "summary_bg_mean": 36.11106491088867,
  "summary_bg_median": 13.509345054626465,
  "summary_bg_n": 151078.0,
  "summary_bg_p05": 6.602803707122803,
  "summary_bg_p95": 155.92558212280272,
  "summary_bg_stdv": 64.87873077392578,
  "summary_fg_k": 1.79540936194147,
  "summary_fg_mad": 90.3694193315654,
  "summary_fg_mean": 731.0609741210938,
  "summary_fg_median": 728.3434448242188,
  "summary_fg_n": 32073.0,
  "summary_fg_p05": 581.4102661132813,
  "summary_fg_p95": 886.9868774414061,
  "summary_fg_stdv": 96.85065460205078,
  "tsnr": 42.33981791534461
}