{
  "aor": 0.005517640186915887,
  "aqi": 0.02709825981308411,
  "bids_meta": {
    "AcquisitionMatrixPE": 80,
    "AcquisitionNumber": 1,
    "AcquisitionTime": "15:29:57.577500",
    "BandwidthPerPixelPhaseEncode": 25.51,
    "BaseResolution": 80,
    "BodyPartExamined": "BRAIN",
    "ConsistencyInfo": "N4_VE11C_LATEST_20160120",
    "ConversionSoftware": "dcm2niix",
    "ConversionSoftwareVersion": "v1.0.20171215 (OpenJPEG build) GCC4.8.5",
    "DerivedVendorReportedEchoSpacing": 0.000490004,
    "DeviceSerialNumber": "67039",
    "DwellTime": 2.6e-06,
    "EchoTime": 0.025,
    "EchoTrainLength": 80,
    "EffectiveEchoSpacing": 0.000490004,
    "FlipAngle": 90,
    "ImageOrientationPatientDICOM": [
      0.997948,
      -0.0428195,
      -0.0476156,
      0.0437459,
      0.99887,
      0.018586
    ],
    "ImageType": [
      "ORIGINAL",
      "PRIMARY",
      "M",
      "ND",
      "NORM",
      "MOSAIC"
    ],
    "InPlanePhaseEncodingDirectionDICOM": "COL",
    "InstitutionAddress": "University_Park_Chandlee_Laboratory_State_College_PA_US_16802",
    "InstitutionName": "Penn_State_SLEIC",
    "InstitutionalDepartmentName": "Department",
    "MRAcquisitionType": "2D",
    "MagneticFieldStrength": 3,
    "Manufacturer": "Siemens",
    "ManufacturersModelName": "Prisma_fit",
    "Modality": "MR",
    "PartialFourier": 1,
    "PatientPosition": "HFS",
    "PercentPhaseFOV": 100,
    "PhaseEncodingDirection": "j-",
    "PhaseEncodingSteps": 80,
    "PhaseResolution": 1,
    "PixelBandwidth": 2405,
    "ProcedureStepDescription": "Investigators_20_ch_xxl213",
    "ProtocolName": "sleep-onset-segment-4",
    "PulseSequenceDetails": "%CustomerSeq%_ep2d_bold_1066",
    "ReceiveCoilActiveElements": "HE1-4",
    "ReceiveCoilName": "HeadNeck_20",
    "ReconMatrixPE": 80,
    "RepetitionTime": 2.1,
    "SAR": 0.144903,
    "ScanOptions": "FS_RT",
    "ScanningSequence": "EP",
    "SequenceName": "ep10662d1_80",
    "SequenceVariant": "SK",
    "SeriesDescription": "sleep-onset-segment-4",
    "SeriesNumber": 30,
    "ShimSetting": [
      -1927,
      8299,
      9529,
      346,
      -21,
      -14,
      -118,
      15
    ],
    "SliceThickness": 4,
    "SliceTiming": [
      2.0225,
      1.9625,
      1.9025,
      1.8425,
      1.7825,
      1.725,
      1.665,
      1.605,
      1.545,
      1.4875,
      1.4275,
      1.3675,
      1.3075,
      1.25,
      1.19,
      1.13,
      1.07,
      1.0125,
      0.9525,
      0.8925,
      0.8325,
      0.7725,
      0.715,
      0.655,
      0.595,
      0.535,
      0.4775,
      0.4175,
      0.3575,
      0.2975,
      0.24,
      0.18,
      0.12,
      0.06,
      0
    ],
    "SoftwareVersions": "syngo_MR_E11",
    "SpacingBetweenSlices": 4,
    "StationName": "AWP67039",
    "TaskName": "sleep",
    "TotalReadoutTime": 0.0387103,
    "TxRefAmp": 310.739,
    "dataset": "ds003768",
    "modality": "bold",
    "run_id": 4,
    "subject_id": "17",
    "task_id": "sleep"
  },
  "dummy_trs": 1,
  "dvars_nstd": 26.25907364580796,
  "dvars_std": 1.0562243474941455,
  "dvars_vstd": 0.9050449905386413,
  "efc": 0.4829271364205044,
  "fber": 2777.213623046875,
  "fd_mean": 0.45242787963331377,
  "fd_num": 302,
  "fd_perc": 70.5607476635514,
  "fwhm_avg": 1.8684188888888889,
  "fwhm_x": 1.8242166666666666,
  "fwhm_y": 2.1644099999999997,
  "fwhm_z": 1.61663,
  "gcor": 0.018078,
  "gsr_x": -0.017161458730697632,
  "gsr_y": 0.03450838848948479,
  "provenance": {
    "md5sum": "0aeba0c556569582639505985cc543e8",
    "settings": {
      "fd_thres": 0.2,
      "testing": false
    },
    "software": "mriqc",
    "version": "22.0.6",
    "webapi_port": null,
    "webapi_url": "https://mriqc.nimh.nih.gov/api/v1"
  },
  "size_t": 428,
  "size_x": 80,
  "size_y": 80,
  "size_z": 35,
  "snr": 7.44187129713637,
  "spacing_tr": 2.0999999046325684,
  "spacing_x": 3.0,
  "spacing_y": 3.0,
  "spacing_z": 4.0,
  "summary_bg_k": 26.66164305406737,
  "summary_bg_mad": 7.45804301969131,
  "summary_bg_mean": 37.79107666015625,
  "summary_bg_median": 13.822429656982422,
  "summary_bg_n": 150271.0,
  "summary_bg_p05": 6.542056083679199,
  "summary_bg_p95": 163.95677185058594,
  "summary_bg_stdv": 68.31356811523438,
  "summary_fg_k": 1.7290090456216394,
  "summary_fg_mad": 91.06574648436083,
  "summary_fg_mean": 729.0844116210938,
  "summary_fg_median": 725.7429809570312,
  "summary_fg_n": 32382.0,
  "summary_fg_p05": 579.6598846435547,
  "summary_fg_p95": 888.1657165527344,
  "summary_fg_stdv": 97.52006530761719,
  "tsnr": 38.9211266678758
}