{
  "bids_meta": {
    "AcquisitionMatrixPE": 256,
    "AcquisitionNumber": 1,
    "AcquisitionTime": "16:26:46.820000",
    "BaseResolution": 256,
    "BodyPartExamined": "BRAIN",
    "ConsistencyInfo": "N4_VE11C_LATEST_20160120",
    "ConversionSoftware": "dcm2niix",
    "ConversionSoftwareVersion": "v1.0.20171215 (OpenJPEG build) GCC4.8.5",
    "DeviceSerialNumber": "67039",
    "DwellTime": 9.8e-06,
    "EchoTime": 0.00228,
    "FlipAngle": 8,
    "ImageOrientationPatientDICOM": [
      -0.0410661,
      0.99909,
      0.0115187,
      -0.00681282,
      0.0112482,
      -0.999914
    ],
    "ImageType": [
      "ORIGINAL",
      "PRIMARY",
      "M",
      "NORM",
      "DIS2D"
    ],
    "InPlanePhaseEncodingDirectionDICOM": "ROW",
    "InstitutionAddress": "University_Park_Chandlee_Laboratory_State_College_PA_US_16802",
    "InstitutionName": "PSU-SLEIC",
    "InstitutionalDepartmentName": "Department",
    "InversionTime": 0.9,
    "MRAcquisitionType": "3D",
    "MagneticFieldStrength": 3,
    "Manufacturer": "Siemens",
    "ManufacturersModelName": "Prisma_fit",
    "Modality": "MR",
    "ParallelReductionFactorInPlane": 2,
    "PartialFourier": 1,
    "PatientPosition": "HFS",
    "PercentPhaseFOV": 100,
    "PhaseEncodingSteps": 255,
    "PhaseResolution": 1,
    "PixelBandwidth": 200,
    "ProcedureStepDescription": "Investigators_20_ch_xxl213",
    "ProtocolName": "t1_mprage_sag_p2_iso_2300",
    "PulseSequenceDetails": "%SiemensSeq%_tfl",
    "ReceiveCoilActiveElements": "HE1-4;NE1,2",
    "ReceiveCoilName": "HeadNeck_20",
    "ReconMatrixPE": 256,
    "RepetitionTime": 2.3,
    "SAR": 0.0896086,
    "ScanOptions": "IR",
    "ScanningSequence": "GR_IR",
    "SequenceName": "_tfl3d1_16ns",
    "SequenceVariant": "SK_SP_MP",
    "SeriesDescription": "t1_mprage_sag_p2_iso_2300",
    "SeriesNumber": 9,
    "ShimSetting": [
      -1941,
      8275,
      9263,
      132,
      -19,
      -59,
      -30,
      9
    ],
    "SliceThickness": 1,
    "SoftwareVersions": "syngo_MR_E11",
    "StationName": "AWP67039",
    "TxRefAmp": 309.311,
    "dataset": "ds003768",
    "modality": "T1w",
    "subject_id": "23"
  },
  "cjv": 0.3405080929400415,
  "cnr": 4.07152059037464,
  "efc": 0.5212114234499481,
  "fber": -1.0,
  "fwhm_avg": 4.60784215522774,
  "fwhm_x": 4.591166465683219,
  "fwhm_y": 4.599,
  "fwhm_z": 4.63336,
  "icvs_csf": 0.20783166499657155,
  "icvs_gm": 0.4209133792533761,
  "icvs_wm": 0.37125495575005235,
  "inu_med": 0.5649297833442688,
  "inu_range": 0.28927321434020986,
  "provenance": {
    "md5sum": "620903d668c851445e6b530b19d95278",
    "settings": {
      "testing": false
    },
    "software": "mriqc",
    "version": "22.0.6",
    "warnings": {
      "large_rot_frame": true,
      "small_air_mask": false
    },
    "webapi_port": null,
    "webapi_url": "https://mriqc.nimh.nih.gov/api/v1"
  },
  "qi_1": 1.5856612728510778e-06,
  "qi_2": 0.015563284157336372,
  "rpve_csf": 23.05410690642779,
  "rpve_gm": 11.889261448866144,
  "rpve_wm": 15.902464822345687,
  "size_x": 192,
  "size_y": 256,
  "size_z": 256,
  "snr_csf": 2.0655497673953263,
  "snr_gm": 11.227279936696453,
  "snr_total": 12.47127447637663,
  "snr_wm": 24.12099372503811,
  "snrd_csf": 22.639005085844847,
  "snrd_gm": 69.26702756468657,
  "snrd_total": 63.839218342749575,
  "snrd_wm": 99.61162237771732,
  "spacing_x": 1.0000051259994507,
  "spacing_y": 1.0,
  "spacing_z": 1.0,
  "summary_bg_k": 130.33282389393918,
  "summary_bg_mad": 0.0,
  "summary_bg_mean": 3.512262840908302,
  "summary_bg_median": 0.0,
  "summary_bg_n": 4154355.0,
  "summary_bg_p05": 0.0,
  "summary_bg_p95": 16.45764534920454,
  "summary_bg_stdv": 6.577196482801533,
  "summary_csf_k": 2.5886662075977123,
  "summary_csf_mad": 102.81984763002104,
  "summary_csf_mean": 239.6163136827088,
  "summary_csf_median": 227.28272253647447,
  "summary_csf_n": 53449.0,
  "summary_csf_p05": 78.28382640704513,
  "summary_csf_p95": 442.3146202996372,
  "summary_csf_stdv": 110.03394832201373,
  "summary_gm_k": -0.08771321097251938,
  "summary_gm_mad": 63.41427150785562,
  "summary_gm_mean": 695.4128640657071,
  "summary_gm_median": 695.401522602886,
  "summary_gm_n": 48030.0,
  "summary_gm_p05": 593.9273777492344,
  "summary_gm_p95": 796.9196718558669,
  "summary_gm_stdv": 61.93791258833481,
  "summary_wm_k": 0.2887087684888989,
  "summary_wm_mad": 40.318950403142765,
  "summary_wm_mean": 1000.2356953055298,
  "summary_wm_median": 1000.0439791604877,
  "summary_wm_n": 275835.0,
  "summary_wm_p05": 932.6292393878102,
  "summary_wm_p95": 1068.3388069197536,
  "summary_wm_stdv": 41.45940991490705,
  "tpm_overlap_csf": 0.15759629098484626,
  "tpm_overlap_gm": 0.46292092736040774,
  "tpm_overlap_wm": 0.520299683994213,
  "wm2max": 0.4603615787120437
}