{
  "aor": 0.006238668224299066,
  "aqi": 0.026040117873831772,
  "bids_meta": {
    "AcquisitionMatrixPE": 80,
    "AcquisitionNumber": 1,
    "AcquisitionTime": "17:22:17.660000",
    "BandwidthPerPixelPhaseEncode": 25.51,
    "BaseResolution": 80,
    "BodyPartExamined": "BRAIN",
    "ConsistencyInfo": "N4_VE11C_LATEST_20160120",
    "ConversionSoftware": "dcm2niix",
    "ConversionSoftwareVersion": "v1.0.20171215 (OpenJPEG build) GCC4.8.5",
    "DerivedVendorReportedEchoSpacing": 0.000490004,
    "DeviceSerialNumber": "67039",
    "DwellTime": 2.6e-06,
    "EchoTime": 0.025,
    "EchoTrainLength": 80,
    "EffectiveEchoSpacing": 0.000490004,
    "FlipAngle": 90,
    "ImageOrientationPatientDICOM": [
      0.994104,
      -0.0520006,
      -0.0951479,
      0.0489676,
      0.998224,
      -0.0339402
    ],
    "ImageType": [
      "ORIGINAL",
      "PRIMARY",
      "M",
      "ND",
      "NORM",
      "MOSAIC"
    ],
    "InPlanePhaseEncodingDirectionDICOM": "COL",
    "InstitutionAddress": "University_Park_Chandlee_Laboratory_State_College_PA_US_16802",
    "InstitutionName": "Penn_State_SLEIC",
    "InstitutionalDepartmentName": "Department",
    "MRAcquisitionType": "2D",
    "MagneticFieldStrength": 3,
    "Manufacturer": "Siemens",
    "ManufacturersModelName": "Prisma_fit",
    "Modality": "MR",
    "PartialFourier": 1,
    "PatientPosition": "HFS",
    "PercentPhaseFOV": 100,
    "PhaseEncodingDirection": "j-",
    "PhaseEncodingSteps": 80,
    "PhaseResolution": 1,
    "PixelBandwidth": 2405,
    "ProcedureStepDescription": "Investigators_20_ch_xxl213",
    "ProtocolName": "sleep-onset-segment-5",
    "PulseSequenceDetails": "%CustomerSeq%_ep2d_bold_1066",
    "ReceiveCoilActiveElements": "HE1-4",
    "ReceiveCoilName": "HeadNeck_20",
    "ReconMatrixPE": 80,
    "RepetitionTime": 2.1,
    "SAR": 0.133948,
    "ScanOptions": "FS_RT",
    "ScanningSequence": "EP",
    "SequenceName": "ep10662d1_80",
    "SequenceVariant": "SK",
    "SeriesDescription": "sleep-onset-segment-5",
    "SeriesNumber": 26,
    "ShimSetting": [
      -1959,
      8250,
      9540,
      432,
      -67,
      -124,
      -96,
      16
    ],
    "SliceThickness": 4,
    "SliceTiming": [
      2.02,
      1.96,
      1.9,
      1.84,
      1.7825,
      1.7225,
      1.6625,
      1.6025,
      1.545,
      1.485,
      1.425,
      1.365,
      1.305,
      1.2475,
      1.1875,
      1.1275,
      1.0675,
      1.01,
      0.95,
      0.89,
      0.83,
      0.7725,
      0.7125,
      0.6525,
      0.5925,
      0.5325,
      0.475,
      0.415,
      0.355,
      0.295,
      0.2375,
      0.1775,
      0.1175,
      0.0575,
      0
    ],
    "SoftwareVersions": "syngo_MR_E11",
    "SpacingBetweenSlices": 4,
    "StationName": "AWP67039",
    "TaskName": "sleep",
    "TotalReadoutTime": 0.0387103,
    "TxRefAmp": 291.357,
    "dataset": "ds003768",
    "modality": "bold",
    "run_id": 5,
    "subject_id": "20",
    "task_id": "sleep"
  },
  "dummy_trs": 1,
  "dvars_nstd": 25.857251911170945,
  "dvars_std": 1.1297700003747073,
  "dvars_vstd": 0.9118467818032784,
  "efc": 0.49396872671520625,
  "fber": 2732.97412109375,
  "fd_mean": 0.35594806956868086,
  "fd_num": 243,
  "fd_perc": 56.77570093457944,
  "fwhm_avg": 1.8699402280149677,
  "fwhm_x": 1.8784831840449028,
  "fwhm_y": 2.09781,
  "fwhm_z": 1.6335275,
  "gcor": 0.0313495,
  "gsr_x": -0.009562081657350063,
  "gsr_y": 0.024714643135666847,
  "provenance": {
    "md5sum": "dd6ec816dac4e7305c4ba9fdd87e1e07",
    "settings": {
      "fd_thres": 0.2,
      "testing": false
    },
    "software": "mriqc",
    "version": "22.0.6",
    "webapi_port": null,
    "webapi_url": "https://mriqc.nimh.nih.gov/api/v1"
  },
  "size_t": 428,
  "size_x": 80,
  "size_y": 80,
  "size_z": 35,
  "snr": 7.498154062350459,
  "spacing_tr": 2.0999999046325684,
  "spacing_x": 3.000000238418579,
  "spacing_y": 3.0,
  "spacing_z": 4.0,
  "summary_bg_k": 43.240509583608016,
  "summary_bg_mad": 8.448753900801863,
  "summary_bg_mean": 37.5650749206543,
  "summary_bg_median": 14.843457221984863,
  "summary_bg_n": 145411.0,
  "summary_bg_p05": 6.514018535614014,
  "summary_bg_p95": 148.96728515625,
  "summary_bg_stdv": 71.89125061035156,
  "summary_fg_k": 2.267233842952538,
  "summary_fg_mad": 91.96975015641107,
  "summary_fg_mean": 780.0601196289062,
  "summary_fg_median": 779.1915893554688,
  "summary_fg_n": 36149.0,
  "summary_fg_p05": 615.8817504882812,
  "summary_fg_p95": 944.6004272460937,
  "summary_fg_stdv": 103.91635131835938,
  "tsnr": 44.16718313586898
}