{
  "aor": 0.007981818181818182,
  "aqi": 0.012214440944055943,
  "bids_meta": {
    "AcquisitionMatrixPE": 80,
    "AcquisitionNumber": 1,
    "AcquisitionTime": "16:02:51.225000",
    "BandwidthPerPixelPhaseEncode": 25.51,
    "BaseResolution": 80,
    "BodyPartExamined": "BRAIN",
    "ConsistencyInfo": "N4_VE11C_LATEST_20160120",
    "ConversionSoftware": "dcm2niix",
    "ConversionSoftwareVersion": "v1.0.20171215 (OpenJPEG build) GCC4.8.5",
    "DerivedVendorReportedEchoSpacing": 0.000490004,
    "DeviceSerialNumber": "67039",
    "DwellTime": 2.6e-06,
    "EchoTime": 0.025,
    "EchoTrainLength": 80,
    "EffectiveEchoSpacing": 0.000490004,
    "FlipAngle": 90,
    "ImageOrientationPatientDICOM": [
      0.994104,
      -0.0520006,
      -0.0951479,
      0.0489676,
      0.998224,
      -0.0339402
    ],
    "ImageType": [
      "ORIGINAL",
      "PRIMARY",
      "M",
      "ND",
      "NORM",
      "MOSAIC"
    ],
    "InPlanePhaseEncodingDirectionDICOM": "COL",
    "InstitutionAddress": "University_Park_Chandlee_Laboratory_State_College_PA_US_16802",
    "InstitutionName": "Penn_State_SLEIC",
    "InstitutionalDepartmentName": "Department",
    "MRAcquisitionType": "2D",
    "MagneticFieldStrength": 3,
    "Manufacturer": "Siemens",
    "ManufacturersModelName": "Prisma_fit",
    "Modality": "MR",
    "PartialFourier": 1,
    "PatientPosition": "HFS",
    "PercentPhaseFOV": 100,
    "PhaseEncodingDirection": "j-",
    "PhaseEncodingSteps": 80,
    "PhaseResolution": 1,
    "PixelBandwidth": 2405,
    "ProcedureStepDescription": "Investigators_20_ch_xxl213",
    "ProtocolName": "resting-post-motor",
    "PulseSequenceDetails": "%CustomerSeq%_ep2d_bold_1066",
    "ReceiveCoilActiveElements": "HE1-4",
    "ReceiveCoilName": "HeadNeck_20",
    "ReconMatrixPE": 80,
    "RepetitionTime": 2.1,
    "SAR": 0.133948,
    "ScanOptions": "FS_RT",
    "ScanningSequence": "EP",
    "SequenceName": "ep10662d1_80",
    "SequenceVariant": "SK",
    "SeriesDescription": "resting-post-motor",
    "SeriesNumber": 16,
    "ShimSetting": [
      -1959,
      8250,
      9540,
      432,
      -67,
      -124,
      -96,
      16
    ],
    "SliceThickness": 4,
    "SliceTiming": [
      2.02,
      1.9625,
      1.9025,
      1.8425,
      1.7825,
      1.725,
      1.665,
      1.605,
      1.545,
      1.485,
      1.4275,
      1.3675,
      1.3075,
      1.2475,
      1.19,
      1.13,
      1.07,
      1.01,
      0.9525,
      0.8925,
      0.8325,
      0.7725,
      0.7125,
      0.655,
      0.595,
      0.535,
      0.475,
      0.4175,
      0.3575,
      0.2975,
      0.2375,
      0.18,
      0.12,
      0.06,
      0
    ],
    "SoftwareVersions": "syngo_MR_E11",
    "SpacingBetweenSlices": 4,
    "StationName": "AWP67039",
    "TaskName": "rest",
    "TotalReadoutTime": 0.0387103,
    "TxRefAmp": 291.357,
    "dataset": "ds003768",
    "modality": "bold",
    "run_id": 2,
    "subject_id": "20",
    "task_id": "rest"
  },
  "dummy_trs": 0,
  "dvars_nstd": 21.782487902315797,
  "dvars_std": 1.4048976396140345,
  "dvars_vstd": 1.0060072120701753,
  "efc": 0.49709537051053077,
  "fber": 2683.5400390625,
  "fd_mean": 0.1329636071560009,
  "fd_num": 27,
  "fd_perc": 9.44055944055944,
  "fwhm_avg": 1.8489535619050523,
  "fwhm_x": 1.8574665190484907,
  "fwhm_y": 2.050546666666667,
  "fwhm_z": 1.6388475,
  "gcor": 0.058189,
  "gsr_x": -0.011310023255646229,
  "gsr_y": 0.023456890136003494,
  "provenance": {
    "md5sum": "ede71c6cd36649687b102357c3df8309",
    "settings": {
      "fd_thres": 0.2,
      "testing": false
    },
    "software": "mriqc",
    "version": "22.0.6",
    "webapi_port": null,
    "webapi_url": "https://mriqc.nimh.nih.gov/api/v1"
  },
  "size_t": 286,
  "size_x": 80,
  "size_y": 80,
  "size_z": 35,
  "snr": 7.440419803087677,
  "spacing_tr": 2.0999999046325684,
  "spacing_x": 3.000000238418579,
  "spacing_y": 3.0,
  "spacing_z": 4.0,
  "summary_bg_k": 40.65819260466571,
  "summary_bg_mad": 8.361669175193057,
  "summary_bg_mean": 38.61075973510742,
  "summary_bg_median": 14.902097702026367,
  "summary_bg_n": 145100.0,
  "summary_bg_p05": 6.646852970123291,
  "summary_bg_p95": 154.34387512207002,
  "summary_bg_stdv": 74.23284149169922,
  "summary_fg_k": 2.135704227914422,
  "summary_fg_mad": 93.26399565385836,
  "summary_fg_mean": 778.703125,
  "summary_fg_median": 777.673095703125,
  "summary_fg_n": 36474.0,
  "summary_fg_p05": 615.3739501953125,
  "summary_fg_p95": 944.0828399658203,
  "summary_fg_stdv": 104.51862335205078,
  "tsnr": 64.7812659451738
}