{
  "aor": 0.002469812646370023,
  "aqi": 0.008374879039812646,
  "bids_meta": {
    "AcquisitionMatrixPE": 80,
    "AcquisitionNumber": 1,
    "AcquisitionTime": "16:14:19.182500",
    "BandwidthPerPixelPhaseEncode": 25.51,
    "BaseResolution": 80,
    "BodyPartExamined": "BRAIN",
    "ConsistencyInfo": "N4_VE11C_LATEST_20160120",
    "ConversionSoftware": "dcm2niix",
    "ConversionSoftwareVersion": "v1.0.20171215 (OpenJPEG build) GCC4.8.5",
    "DerivedVendorReportedEchoSpacing": 0.000490004,
    "DeviceSerialNumber": "67039",
    "DwellTime": 2.6e-06,
    "EchoTime": 0.025,
    "EchoTrainLength": 80,
    "EffectiveEchoSpacing": 0.000490004,
    "FlipAngle": 90,
    "ImageOrientationPatientDICOM": [
      0.994104,
      -0.0520006,
      -0.0951479,
      0.0489676,
      0.998224,
      -0.0339402
    ],
    "ImageType": [
      "ORIGINAL",
      "PRIMARY",
      "M",
      "ND",
      "NORM",
      "MOSAIC"
    ],
    "InPlanePhaseEncodingDirectionDICOM": "COL",
    "InstitutionAddress": "University_Park_Chandlee_Laboratory_State_College_PA_US_16802",
    "InstitutionName": "Penn_State_SLEIC",
    "InstitutionalDepartmentName": "Department",
    "MRAcquisitionType": "2D",
    "MagneticFieldStrength": 3,
    "Manufacturer": "Siemens",
    "ManufacturersModelName": "Prisma_fit",
    "Modality": "MR",
    "PartialFourier": 1,
    "PatientPosition": "HFS",
    "PercentPhaseFOV": 100,
    "PhaseEncodingDirection": "j-",
    "PhaseEncodingSteps": 80,
    "PhaseResolution": 1,
    "PixelBandwidth": 2405,
    "ProcedureStepDescription": "Investigators_20_ch_xxl213",
    "ProtocolName": "sleep-onset-segment-1",
    "PulseSequenceDetails": "%CustomerSeq%_ep2d_bold_1066",
    "ReceiveCoilActiveElements": "HE1-4",
    "ReceiveCoilName": "HeadNeck_20",
    "ReconMatrixPE": 80,
    "RepetitionTime": 2.1,
    "SAR": 0.133948,
    "ScanOptions": "FS_RT",
    "ScanningSequence": "EP",
    "SequenceName": "ep10662d1_80",
    "SequenceVariant": "SK",
    "SeriesDescription": "sleep-onset-segment-1",
    "SeriesNumber": 18,
    "ShimSetting": [
      -1959,
      8250,
      9540,
      432,
      -67,
      -124,
      -96,
      16
    ],
    "SliceThickness": 4,
    "SliceTiming": [
      2.02,
      1.96,
      1.9025,
      1.8425,
      1.7825,
      1.7225,
      1.665,
      1.605,
      1.545,
      1.485,
      1.4275,
      1.3675,
      1.3075,
      1.2475,
      1.19,
      1.13,
      1.07,
      1.01,
      0.95,
      0.8925,
      0.8325,
      0.7725,
      0.7125,
      0.655,
      0.595,
      0.535,
      0.475,
      0.4175,
      0.3575,
      0.2975,
      0.2375,
      0.1775,
      0.12,
      0.06,
      0
    ],
    "SoftwareVersions": "syngo_MR_E11",
    "SpacingBetweenSlices": 4,
    "StationName": "AWP67039",
    "TaskName": "sleep",
    "TotalReadoutTime": 0.0387103,
    "TxRefAmp": 291.357,
    "dataset": "ds003768",
    "modality": "bold",
    "run_id": 1,
    "subject_id": "20",
    "task_id": "sleep"
  },
  "dummy_trs": 2,
  "dvars_nstd": 23.014733977089193,
  "dvars_std": 1.4159926536150222,
  "dvars_vstd": 0.9717382952816906,
  "efc": 0.49813556128289826,
  "fber": 2656.849365234375,
  "fd_mean": 0.16138704142018293,
  "fd_num": 98,
  "fd_perc": 22.950819672131146,
  "fwhm_avg": 1.8270980070042648,
  "fwhm_x": 1.8327498543461278,
  "fwhm_y": 2.0436666666666667,
  "fwhm_z": 1.6048775,
  "gcor": 0.0225222,
  "gsr_x": -0.01210817601531744,
  "gsr_y": 0.023719733580946922,
  "provenance": {
    "md5sum": "cb4fdd10537e5124ba021d79b5b5bf26",
    "settings": {
      "fd_thres": 0.2,
      "testing": false
    },
    "software": "mriqc",
    "version": "22.0.6",
    "webapi_port": null,
    "webapi_url": "https://mriqc.nimh.nih.gov/api/v1"
  },
  "size_t": 427,
  "size_x": 80,
  "size_y": 80,
  "size_z": 35,
  "snr": 7.375479698802311,
  "spacing_tr": 2.0999999046325684,
  "spacing_x": 3.000000238418579,
  "spacing_y": 3.0,
  "spacing_z": 4.0,
  "summary_bg_k": 41.6047278001796,
  "summary_bg_mad": 8.496316744151615,
  "summary_bg_mean": 39.352291107177734,
  "summary_bg_median": 14.95081901550293,
  "summary_bg_n": 145067.0,
  "summary_bg_p05": 6.5978919506073,
  "summary_bg_p95": 160.412635803222,
  "summary_bg_stdv": 76.31196594238281,
  "summary_fg_k": 2.5972749092402516,
  "summary_fg_mad": 92.25814452105813,
  "summary_fg_mean": 776.6240234375,
  "summary_fg_median": 776.0374145507812,
  "summary_fg_n": 36449.0,
  "summary_fg_p05": 612.26884765625,
  "summary_fg_p95": 942.3077026367188,
  "summary_fg_stdv": 105.21712493896484,
  "tsnr": 79.64046066813171
}