{
  "aor": 0.0008446503496503496,
  "aqi": 0.006125291853146854,
  "bids_meta": {
    "AcquisitionMatrixPE": 80,
    "AcquisitionNumber": 1,
    "AcquisitionTime": "14:08:10.935000",
    "BandwidthPerPixelPhaseEncode": 25.51,
    "BaseResolution": 80,
    "BodyPartExamined": "BRAIN",
    "ConsistencyInfo": "N4_VE11C_LATEST_20160120",
    "ConversionSoftware": "dcm2niix",
    "ConversionSoftwareVersion": "v1.0.20171215 (OpenJPEG build) GCC4.8.5",
    "DerivedVendorReportedEchoSpacing": 0.000490004,
    "DeviceSerialNumber": "67039",
    "DwellTime": 2.6e-06,
    "EchoTime": 0.025,
    "EchoTrainLength": 80,
    "EffectiveEchoSpacing": 0.000490004,
    "FlipAngle": 90,
    "ImageOrientationPatientDICOM": [
      0.995538,
      -0.0659684,
      0.0674712,
      0.0544392,
      0.985557,
      0.160355
    ],
    "ImageType": [
      "ORIGINAL",
      "PRIMARY",
      "M",
      "ND",
      "NORM",
      "MOSAIC"
    ],
    "InPlanePhaseEncodingDirectionDICOM": "COL",
    "InstitutionAddress": "University_Park_Chandlee_Laboratory_State_College_PA_US_16802",
    "InstitutionName": "PSU-SLEIC",
    "InstitutionalDepartmentName": "Department",
    "MRAcquisitionType": "2D",
    "MagneticFieldStrength": 3,
    "Manufacturer": "Siemens",
    "ManufacturersModelName": "Prisma_fit",
    "Modality": "MR",
    "PartialFourier": 1,
    "PatientPosition": "HFS",
    "PercentPhaseFOV": 100,
    "PhaseEncodingDirection": "j-",
    "PhaseEncodingSteps": 80,
    "PhaseResolution": 1,
    "PixelBandwidth": 2405,
    "ProcedureStepDescription": "Investigators_20_ch_xxl213",
    "ProtocolName": "resting-pre-motor",
    "PulseSequenceDetails": "%CustomerSeq%_ep2d_bold_1066",
    "ReceiveCoilActiveElements": "HE1-4",
    "ReceiveCoilName": "HeadNeck_20",
    "ReconMatrixPE": 80,
    "RepetitionTime": 2.1,
    "SAR": 0.10852,
    "ScanOptions": "FS_RT",
    "ScanningSequence": "EP",
    "SequenceName": "ep10662d1_80",
    "SequenceVariant": "SK",
    "SeriesDescription": "resting-pre-motor",
    "SeriesNumber": 10,
    "ShimSetting": [
      -1915,
      8214,
      9517,
      352,
      -38,
      -293,
      31,
      -40
    ],
    "SliceThickness": 4,
    "SliceTiming": [
      2.0225,
      1.9625,
      1.9025,
      1.8425,
      1.7825,
      1.725,
      1.665,
      1.605,
      1.545,
      1.4875,
      1.4275,
      1.3675,
      1.3075,
      1.25,
      1.19,
      1.13,
      1.07,
      1.01,
      0.9525,
      0.8925,
      0.8325,
      0.7725,
      0.715,
      0.655,
      0.595,
      0.535,
      0.4775,
      0.4175,
      0.3575,
      0.2975,
      0.24,
      0.18,
      0.12,
      0.06,
      0
    ],
    "SoftwareVersions": "syngo_MR_E11",
    "SpacingBetweenSlices": 4,
    "StationName": "AWP67039",
    "TaskName": "rest",
    "TotalReadoutTime": 0.0387103,
    "TxRefAmp": 264.494,
    "dataset": "ds003768",
    "modality": "bold",
    "run_id": 1,
    "subject_id": "06",
    "task_id": "rest"
  },
  "dummy_trs": 0,
  "dvars_nstd": 21.867247541228075,
  "dvars_std": 1.3911093832280703,
  "dvars_vstd": 0.9801803169122807,
  "efc": 0.43629106539000295,
  "fber": 3335.150146484375,
  "fd_mean": 0.20268857340102336,
  "fd_num": 141,
  "fd_perc": 49.3006993006993,
  "fwhm_avg": 1.8783697222222224,
  "fwhm_x": 1.87238,
  "fwhm_y": 2.098126666666667,
  "fwhm_z": 1.6646025,
  "gcor": 0.0495975,
  "gsr_x": -0.021955253556370735,
  "gsr_y": 0.014180711470544338,
  "provenance": {
    "md5sum": "bdb970a942e5caff1435d9a4588425f5",
    "settings": {
      "fd_thres": 0.2,
      "testing": false
    },
    "software": "mriqc",
    "version": "22.0.6",
    "webapi_port": null,
    "webapi_url": "https://mriqc.nimh.nih.gov/api/v1"
  },
  "size_t": 286,
  "size_x": 80,
  "size_y": 80,
  "size_z": 35,
  "snr": 7.433716043680406,
  "spacing_tr": 2.0999999046325684,
  "spacing_x": 3.0,
  "spacing_y": 3.0,
  "spacing_z": 4.0,
  "summary_bg_k": 46.71239935374118,
  "summary_bg_mad": 6.661341710428699,
  "summary_bg_mean": 27.194557189941406,
  "summary_bg_median": 12.62937068939209,
  "summary_bg_n": 157483.0,
  "summary_bg_p05": 6.395104885101318,
  "summary_bg_p95": 93.79475555419907,
  "summary_bg_stdv": 48.450382232666016,
  "summary_fg_k": 1.612723394694708,
  "summary_fg_mad": 91.70619553230233,
  "summary_fg_mean": 745.9789428710938,
  "summary_fg_median": 741.783203125,
  "summary_fg_n": 27006.0,
  "summary_fg_p05": 592.9335479736328,
  "summary_fg_p95": 908.2036590576172,
  "summary_fg_stdv": 99.78447723388672,
  "tsnr": 90.38908130605705
}