{
  "aor": 0.003932773892773893,
  "aqi": 0.02825006923076923,
  "bids_meta": {
    "AcquisitionMatrixPE": 80,
    "AcquisitionNumber": 1,
    "AcquisitionTime": "15:33:50.140000",
    "BandwidthPerPixelPhaseEncode": 25.51,
    "BaseResolution": 80,
    "BodyPartExamined": "BRAIN",
    "ConsistencyInfo": "N4_VE11C_LATEST_20160120",
    "ConversionSoftware": "dcm2niix",
    "ConversionSoftwareVersion": "v1.0.20171215 (OpenJPEG build) GCC4.8.5",
    "DerivedVendorReportedEchoSpacing": 0.000490004,
    "DeviceSerialNumber": "67039",
    "DwellTime": 2.6e-06,
    "EchoTime": 0.025,
    "EchoTrainLength": 80,
    "EffectiveEchoSpacing": 0.000490004,
    "FlipAngle": 90,
    "ImageOrientationPatientDICOM": [
      0.995538,
      -0.0659684,
      0.0674712,
      0.0544392,
      0.985557,
      0.160355
    ],
    "ImageType": [
      "ORIGINAL",
      "PRIMARY",
      "M",
      "ND",
      "NORM",
      "MOSAIC"
    ],
    "InPlanePhaseEncodingDirectionDICOM": "COL",
    "InstitutionAddress": "University_Park_Chandlee_Laboratory_State_College_PA_US_16802",
    "InstitutionName": "PSU-SLEIC",
    "InstitutionalDepartmentName": "Department",
    "MRAcquisitionType": "2D",
    "MagneticFieldStrength": 3,
    "Manufacturer": "Siemens",
    "ManufacturersModelName": "Prisma_fit",
    "Modality": "MR",
    "PartialFourier": 1,
    "PatientPosition": "HFS",
    "PercentPhaseFOV": 100,
    "PhaseEncodingDirection": "j-",
    "PhaseEncodingSteps": 80,
    "PhaseResolution": 1,
    "PixelBandwidth": 2405,
    "ProcedureStepDescription": "Investigators_20_ch_xxl213",
    "ProtocolName": "sleep-onset-segment-4",
    "PulseSequenceDetails": "%CustomerSeq%_ep2d_bold_1066",
    "ReceiveCoilActiveElements": "HE1-4",
    "ReceiveCoilName": "HeadNeck_20",
    "ReconMatrixPE": 80,
    "RepetitionTime": 2.1,
    "SAR": 0.10852,
    "ScanOptions": "FS_RT",
    "ScanningSequence": "EP",
    "SequenceName": "ep10662d1_80",
    "SequenceVariant": "SK",
    "SeriesDescription": "sleep-onset-segment-4",
    "SeriesNumber": 22,
    "ShimSetting": [
      -1915,
      8214,
      9517,
      352,
      -38,
      -293,
      31,
      -40
    ],
    "SliceThickness": 4,
    "SliceTiming": [
      2.02,
      1.9625,
      1.9025,
      1.8425,
      1.7825,
      1.7225,
      1.665,
      1.605,
      1.545,
      1.485,
      1.4275,
      1.3675,
      1.3075,
      1.2475,
      1.19,
      1.13,
      1.07,
      1.01,
      0.95,
      0.8925,
      0.8325,
      0.7725,
      0.7125,
      0.655,
      0.595,
      0.535,
      0.475,
      0.4175,
      0.3575,
      0.2975,
      0.2375,
      0.1775,
      0.12,
      0.06,
      0
    ],
    "SoftwareVersions": "syngo_MR_E11",
    "SpacingBetweenSlices": 4,
    "StationName": "AWP67039",
    "TaskName": "sleep",
    "TotalReadoutTime": 0.0387103,
    "TxRefAmp": 264.494,
    "dataset": "ds003768",
    "modality": "bold",
    "run_id": 4,
    "subject_id": "06",
    "task_id": "sleep"
  },
  "dummy_trs": 0,
  "dvars_nstd": 24.609978359439253,
  "dvars_std": 0.8968455683177573,
  "dvars_vstd": 0.8165069378504669,
  "efc": 0.4360863518932594,
  "fber": 3329.686767578125,
  "fd_mean": 0.47873306258184833,
  "fd_num": 220,
  "fd_perc": 51.282051282051285,
  "fwhm_avg": 1.9272847222222225,
  "fwhm_x": 1.9266233333333334,
  "fwhm_y": 2.1732033333333334,
  "fwhm_z": 1.6820275,
  "gcor": 0.0298856,
  "gsr_x": -0.02136707678437233,
  "gsr_y": 0.013094986788928509,
  "provenance": {
    "md5sum": "7ea3ac4948601c594093f51fe995d5f5",
    "settings": {
      "fd_thres": 0.2,
      "testing": false
    },
    "software": "mriqc",
    "version": "22.0.6",
    "webapi_port": null,
    "webapi_url": "https://mriqc.nimh.nih.gov/api/v1"
  },
  "size_t": 429,
  "size_x": 80,
  "size_y": 80,
  "size_z": 35,
  "snr": 7.489615259416205,
  "spacing_tr": 2.0999999046325684,
  "spacing_x": 3.0,
  "spacing_y": 3.0,
  "spacing_z": 4.0,
  "summary_bg_k": 42.69196557729,
  "summary_bg_mad": 6.901531312201617,
  "summary_bg_mean": 27.7200927734375,
  "summary_bg_median": 12.785548210144043,
  "summary_bg_n": 157747.0,
  "summary_bg_p05": 6.410256385803223,
  "summary_bg_p95": 95.47878799438469,
  "summary_bg_stdv": 48.50532913208008,
  "summary_fg_k": 1.4821332794516797,
  "summary_fg_mad": 91.7278228473794,
  "summary_fg_mean": 749.8502197265625,
  "summary_fg_median": 745.6282348632812,
  "summary_fg_n": 26878.0,
  "summary_fg_p05": 598.4306671142579,
  "summary_fg_p95": 915.3205139160156,
  "summary_fg_stdv": 99.55309295654297,
  "tsnr": 37.14707608567551
}