{
  "aor": 0.017100841121495326,
  "aqi": 0.0114716938317757,
  "bids_meta": {
    "AcquisitionMatrixPE": 80,
    "AcquisitionNumber": 1,
    "AcquisitionTime": "15:01:2.682500",
    "BandwidthPerPixelPhaseEncode": 25.51,
    "BaseResolution": 80,
    "BodyPartExamined": "BRAIN",
    "ConsistencyInfo": "N4_VE11C_LATEST_20160120",
    "ConversionSoftware": "dcm2niix",
    "ConversionSoftwareVersion": "v1.0.20171215 (OpenJPEG build) GCC4.8.5",
    "DerivedVendorReportedEchoSpacing": 0.000490004,
    "DeviceSerialNumber": "67039",
    "DwellTime": 2.6e-06,
    "EchoTime": 0.025,
    "EchoTrainLength": 80,
    "EffectiveEchoSpacing": 0.000490004,
    "FlipAngle": 90,
    "ImageOrientationPatientDICOM": [
      0.995538,
      -0.0659684,
      0.0674712,
      0.0544392,
      0.985557,
      0.160355
    ],
    "ImageType": [
      "ORIGINAL",
      "PRIMARY",
      "M",
      "ND",
      "NORM",
      "MOSAIC"
    ],
    "InPlanePhaseEncodingDirectionDICOM": "COL",
    "InstitutionAddress": "University_Park_Chandlee_Laboratory_State_College_PA_US_16802",
    "InstitutionName": "PSU-SLEIC",
    "InstitutionalDepartmentName": "Department",
    "MRAcquisitionType": "2D",
    "MagneticFieldStrength": 3,
    "Manufacturer": "Siemens",
    "ManufacturersModelName": "Prisma_fit",
    "Modality": "MR",
    "PartialFourier": 1,
    "PatientPosition": "HFS",
    "PercentPhaseFOV": 100,
    "PhaseEncodingDirection": "j-",
    "PhaseEncodingSteps": 80,
    "PhaseResolution": 1,
    "PixelBandwidth": 2405,
    "ProcedureStepDescription": "Investigators_20_ch_xxl213",
    "ProtocolName": "sleep-onset-segment-2",
    "PulseSequenceDetails": "%CustomerSeq%_ep2d_bold_1066",
    "ReceiveCoilActiveElements": "HE1-4",
    "ReceiveCoilName": "HeadNeck_20",
    "ReconMatrixPE": 80,
    "RepetitionTime": 2.1,
    "SAR": 0.10852,
    "ScanOptions": "FS_RT",
    "ScanningSequence": "EP",
    "SequenceName": "ep10662d1_80",
    "SequenceVariant": "SK",
    "SeriesDescription": "sleep-onset-segment-2",
    "SeriesNumber": 18,
    "ShimSetting": [
      -1915,
      8214,
      9517,
      352,
      -38,
      -293,
      31,
      -40
    ],
    "SliceThickness": 4,
    "SliceTiming": [
      2.02,
      1.96,
      1.9,
      1.8425,
      1.7825,
      1.7225,
      1.6625,
      1.6025,
      1.545,
      1.485,
      1.425,
      1.365,
      1.3075,
      1.2475,
      1.1875,
      1.1275,
      1.07,
      1.01,
      0.95,
      0.89,
      0.83,
      0.7725,
      0.7125,
      0.6525,
      0.5925,
      0.535,
      0.475,
      0.415,
      0.355,
      0.2975,
      0.2375,
      0.1775,
      0.1175,
      0.0575,
      0
    ],
    "SoftwareVersions": "syngo_MR_E11",
    "SpacingBetweenSlices": 4,
    "StationName": "AWP67039",
    "TaskName": "sleep",
    "TotalReadoutTime": 0.0387103,
    "TxRefAmp": 264.494,
    "dataset": "ds003768",
    "modality": "bold",
    "run_id": 2,
    "subject_id": "06",
    "task_id": "sleep"
  },
  "dummy_trs": 1,
  "dvars_nstd": 18.35316553714284,
  "dvars_std": 1.3430940920608905,
  "dvars_vstd": 1.1560465125761128,
  "efc": 0.4364590987838324,
  "fber": 3347.63623046875,
  "fd_mean": 0.2376432421492073,
  "fd_num": 229,
  "fd_perc": 53.504672897196265,
  "fwhm_avg": 1.8961694444444444,
  "fwhm_x": 1.8871399999999998,
  "fwhm_y": 2.1216833333333334,
  "fwhm_z": 1.679685,
  "gcor": 0.0438203,
  "gsr_x": -0.021966243162751198,
  "gsr_y": 0.013166588731110096,
  "provenance": {
    "md5sum": "b03b5b55b56e32464973a3c67693ef2f",
    "settings": {
      "fd_thres": 0.2,
      "testing": false
    },
    "software": "mriqc",
    "version": "22.0.6",
    "webapi_port": null,
    "webapi_url": "https://mriqc.nimh.nih.gov/api/v1"
  },
  "size_t": 428,
  "size_x": 80,
  "size_y": 80,
  "size_z": 35,
  "snr": 7.4011175978154,
  "spacing_tr": 2.0999999046325684,
  "spacing_x": 3.0,
  "spacing_y": 3.0,
  "spacing_z": 4.0,
  "summary_bg_k": 45.73916543689371,
  "summary_bg_mad": 6.782558456563175,
  "summary_bg_mean": 27.698543548583984,
  "summary_bg_median": 12.742990493774414,
  "summary_bg_n": 157633.0,
  "summary_bg_p05": 6.413551330566406,
  "summary_bg_p95": 95.9850463867187,
  "summary_bg_stdv": 49.51056671142578,
  "summary_fg_k": 1.5661361586170885,
  "summary_fg_mad": 93.72264856795111,
  "summary_fg_mean": 750.7669677734375,
  "summary_fg_median": 746.4041748046875,
  "summary_fg_n": 26961.0,
  "summary_fg_p05": 597.0980834960938,
  "summary_fg_p95": 916.135498046875,
  "summary_fg_stdv": 100.84832763671875,
  "tsnr": 62.14015802182257
}