{
  "aor": 0.010382680652680651,
  "aqi": 0.010704897202797204,
  "bids_meta": {
    "AcquisitionMatrixPE": 80,
    "AcquisitionNumber": 1,
    "AcquisitionTime": "14:42:22.112500",
    "BandwidthPerPixelPhaseEncode": 25.51,
    "BaseResolution": 80,
    "BodyPartExamined": "BRAIN",
    "ConsistencyInfo": "N4_VE11C_LATEST_20160120",
    "ConversionSoftware": "dcm2niix",
    "ConversionSoftwareVersion": "v1.0.20171215 (OpenJPEG build) GCC4.8.5",
    "DerivedVendorReportedEchoSpacing": 0.000490004,
    "DeviceSerialNumber": "67039",
    "DwellTime": 2.6e-06,
    "EchoTime": 0.025,
    "EchoTrainLength": 80,
    "EffectiveEchoSpacing": 0.000490004,
    "FlipAngle": 90,
    "ImageOrientationPatientDICOM": [
      0.995538,
      -0.0659684,
      0.0674712,
      0.0544392,
      0.985557,
      0.160355
    ],
    "ImageType": [
      "ORIGINAL",
      "PRIMARY",
      "M",
      "ND",
      "NORM",
      "MOSAIC"
    ],
    "InPlanePhaseEncodingDirectionDICOM": "COL",
    "InstitutionAddress": "University_Park_Chandlee_Laboratory_State_College_PA_US_16802",
    "InstitutionName": "PSU-SLEIC",
    "InstitutionalDepartmentName": "Department",
    "MRAcquisitionType": "2D",
    "MagneticFieldStrength": 3,
    "Manufacturer": "Siemens",
    "ManufacturersModelName": "Prisma_fit",
    "Modality": "MR",
    "PartialFourier": 1,
    "PatientPosition": "HFS",
    "PercentPhaseFOV": 100,
    "PhaseEncodingDirection": "j-",
    "PhaseEncodingSteps": 80,
    "PhaseResolution": 1,
    "PixelBandwidth": 2405,
    "ProcedureStepDescription": "Investigators_20_ch_xxl213",
    "ProtocolName": "sleep-onset-segment-1",
    "PulseSequenceDetails": "%CustomerSeq%_ep2d_bold_1066",
    "ReceiveCoilActiveElements": "HE1-4",
    "ReceiveCoilName": "HeadNeck_20",
    "ReconMatrixPE": 80,
    "RepetitionTime": 2.1,
    "SAR": 0.10852,
    "ScanOptions": "FS_RT",
    "ScanningSequence": "EP",
    "SequenceName": "ep10662d1_80",
    "SequenceVariant": "SK",
    "SeriesDescription": "sleep-onset-segment-1",
    "SeriesNumber": 16,
    "ShimSetting": [
      -1915,
      8214,
      9517,
      352,
      -38,
      -293,
      31,
      -40
    ],
    "SliceThickness": 4,
    "SliceTiming": [
      2.02,
      1.9625,
      1.9025,
      1.8425,
      1.7825,
      1.7225,
      1.665,
      1.605,
      1.545,
      1.485,
      1.4275,
      1.3675,
      1.3075,
      1.2475,
      1.19,
      1.13,
      1.07,
      1.01,
      0.95,
      0.8925,
      0.8325,
      0.7725,
      0.7125,
      0.655,
      0.595,
      0.535,
      0.475,
      0.4175,
      0.3575,
      0.2975,
      0.2375,
      0.1775,
      0.12,
      0.06,
      0
    ],
    "SoftwareVersions": "syngo_MR_E11",
    "SpacingBetweenSlices": 4,
    "StationName": "AWP67039",
    "TaskName": "sleep",
    "TotalReadoutTime": 0.0387103,
    "TxRefAmp": 264.494,
    "dataset": "ds003768",
    "modality": "bold",
    "run_id": 1,
    "subject_id": "06",
    "task_id": "sleep"
  },
  "dummy_trs": 0,
  "dvars_nstd": 17.538381516214955,
  "dvars_std": 1.2298413727336448,
  "dvars_vstd": 1.023031428084112,
  "efc": 0.43653141218307073,
  "fber": 3321.898681640625,
  "fd_mean": 0.20443580625619648,
  "fd_num": 106,
  "fd_perc": 24.708624708624708,
  "fwhm_avg": 1.8857002777777776,
  "fwhm_x": 1.8736466666666667,
  "fwhm_y": 2.1068966666666666,
  "fwhm_z": 1.6765575,
  "gcor": 0.0335231,
  "gsr_x": -0.022003835067152977,
  "gsr_y": 0.012960799969732761,
  "provenance": {
    "md5sum": "07d016e86a35e08889ead0ac256572c4",
    "settings": {
      "fd_thres": 0.2,
      "testing": false
    },
    "software": "mriqc",
    "version": "22.0.6",
    "webapi_port": null,
    "webapi_url": "https://mriqc.nimh.nih.gov/api/v1"
  },
  "size_t": 429,
  "size_x": 80,
  "size_y": 80,
  "size_z": 35,
  "snr": 7.411816484455598,
  "spacing_tr": 2.0999999046325684,
  "spacing_x": 3.0,
  "spacing_y": 3.0,
  "spacing_z": 4.0,
  "summary_bg_k": 43.2469632427624,
  "summary_bg_mad": 6.825499196553423,
  "summary_bg_mean": 27.685888290405273,
  "summary_bg_median": 12.748251914978027,
  "summary_bg_n": 157716.0,
  "summary_bg_p05": 6.421328902244568,
  "summary_bg_p95": 96.81584930419922,
  "summary_bg_stdv": 49.0135612487793,
  "summary_fg_k": 1.5263943958667605,
  "summary_fg_mad": 93.33480475029273,
  "summary_fg_mean": 750.5134887695312,
  "summary_fg_median": 745.8135375976562,
  "summary_fg_n": 26892.0,
  "summary_fg_p05": 596.9519958496094,
  "summary_fg_p95": 916.0238983154294,
  "summary_fg_stdv": 100.62306213378906,
  "tsnr": 65.65164465573616
}