{
  "aor": 0.0029641258741258747,
  "aqi": 0.00683167909090909,
  "bids_meta": {
    "AcquisitionMatrixPE": 80,
    "AcquisitionNumber": 1,
    "AcquisitionTime": "16:02:49.250000",
    "BandwidthPerPixelPhaseEncode": 25.51,
    "BaseResolution": 80,
    "BodyPartExamined": "BRAIN",
    "ConsistencyInfo": "N4_VE11C_LATEST_20160120",
    "ConversionSoftware": "dcm2niix",
    "ConversionSoftwareVersion": "v1.0.20171215 (OpenJPEG build) GCC4.8.5",
    "DerivedVendorReportedEchoSpacing": 0.000490004,
    "DeviceSerialNumber": "67039",
    "DwellTime": 2.6e-06,
    "EchoTime": 0.025,
    "EchoTrainLength": 80,
    "EffectiveEchoSpacing": 0.000490004,
    "FlipAngle": 90,
    "ImageOrientationPatientDICOM": [
      0.997082,
      0.0260501,
      0.0717606,
      -0.0151412,
      0.988787,
      -0.148563
    ],
    "ImageType": [
      "ORIGINAL",
      "PRIMARY",
      "M",
      "ND",
      "NORM",
      "MOSAIC"
    ],
    "InPlanePhaseEncodingDirectionDICOM": "COL",
    "InstitutionAddress": "University_Park_Chandlee_Laboratory_State_College_PA_US_16802",
    "InstitutionName": "PSU-SLEIC",
    "InstitutionalDepartmentName": "Department",
    "MRAcquisitionType": "2D",
    "MagneticFieldStrength": 3,
    "Manufacturer": "Siemens",
    "ManufacturersModelName": "Prisma_fit",
    "Modality": "MR",
    "PartialFourier": 1,
    "PatientPosition": "HFS",
    "PercentPhaseFOV": 100,
    "PhaseEncodingDirection": "j-",
    "PhaseEncodingSteps": 80,
    "PhaseResolution": 1,
    "PixelBandwidth": 2405,
    "ProcedureStepDescription": "Investigators_20_ch_xxl213",
    "ProtocolName": "resting-post-motor",
    "PulseSequenceDetails": "%CustomerSeq%_ep2d_bold_1066",
    "ReceiveCoilActiveElements": "HE1-4",
    "ReceiveCoilName": "HeadNeck_20",
    "ReconMatrixPE": 80,
    "RepetitionTime": 2.1,
    "SAR": 0.185388,
    "ScanOptions": "FS_RT",
    "ScanningSequence": "EP",
    "SequenceName": "ep10662d1_80",
    "SequenceVariant": "SK",
    "SeriesDescription": "resting-post-motor",
    "SeriesNumber": 16,
    "ShimSetting": [
      -1929,
      8275,
      9549,
      298,
      -38,
      -320,
      -11,
      -32
    ],
    "SliceThickness": 4,
    "SliceTiming": [
      2.02,
      1.96,
      1.9,
      1.84,
      1.7825,
      1.7225,
      1.6625,
      1.6025,
      1.545,
      1.485,
      1.425,
      1.365,
      1.3075,
      1.2475,
      1.1875,
      1.1275,
      1.0675,
      1.01,
      0.95,
      0.89,
      0.83,
      0.7725,
      0.7125,
      0.6525,
      0.5925,
      0.535,
      0.475,
      0.415,
      0.355,
      0.2975,
      0.2375,
      0.1775,
      0.1175,
      0.0575,
      0
    ],
    "SoftwareVersions": "syngo_MR_E11",
    "SpacingBetweenSlices": 4,
    "StationName": "AWP67039",
    "TaskName": "rest",
    "TotalReadoutTime": 0.0387103,
    "TxRefAmp": 348.351,
    "dataset": "ds003768",
    "modality": "bold",
    "run_id": 2,
    "subject_id": "24",
    "task_id": "rest"
  },
  "dummy_trs": 0,
  "dvars_nstd": 29.40007442010528,
  "dvars_std": 1.6133475308421052,
  "dvars_vstd": 1.0099888143859646,
  "efc": 0.5043478977997458,
  "fber": 1775.0792236328125,
  "fd_mean": 0.13038031922113802,
  "fd_num": 35,
  "fd_perc": 12.237762237762238,
  "fwhm_avg": 1.8973155555555552,
  "fwhm_x": 1.8786399999999999,
  "fwhm_y": 2.1314066666666664,
  "fwhm_z": 1.6819,
  "gcor": 0.0124195,
  "gsr_x": -0.01742788776755333,
  "gsr_y": 0.03451164811849594,
  "provenance": {
    "md5sum": "3d254f99f4f21762e67899e5cbe66fa0",
    "settings": {
      "fd_thres": 0.2,
      "testing": false
    },
    "software": "mriqc",
    "version": "22.0.6",
    "webapi_port": null,
    "webapi_url": "https://mriqc.nimh.nih.gov/api/v1"
  },
  "size_t": 286,
  "size_x": 80,
  "size_y": 80,
  "size_z": 35,
  "snr": 6.165749099263227,
  "spacing_tr": 2.0999999046325684,
  "spacing_x": 3.0,
  "spacing_y": 3.0,
  "spacing_z": 4.0,
  "summary_bg_k": 23.17015020963065,
  "summary_bg_mad": 9.030395202359607,
  "summary_bg_mean": 35.65888214111328,
  "summary_bg_median": 13.65384578704834,
  "summary_bg_n": 147786.0,
  "summary_bg_p05": 5.559440612792969,
  "summary_bg_p95": 152.8138084411621,
  "summary_bg_stdv": 60.70785903930664,
  "summary_fg_k": 1.0028237169000365,
  "summary_fg_mad": 90.67726923069601,
  "summary_fg_mean": 588.6158447265625,
  "summary_fg_median": 581.860107421875,
  "summary_fg_n": 34965.0,
  "summary_fg_p05": 446.2111755371094,
  "summary_fg_p95": 746.9034667968749,
  "summary_fg_stdv": 94.3683853149414,
  "tsnr": 72.82225238042884
}