{
  "aor": 0.0004318648018648019,
  "aqi": 0.007667765384615385,
  "bids_meta": {
    "AcquisitionMatrixPE": 80,
    "AcquisitionNumber": 1,
    "AcquisitionTime": "15:35:0.577500",
    "BandwidthPerPixelPhaseEncode": 25.51,
    "BaseResolution": 80,
    "BodyPartExamined": "BRAIN",
    "ConsistencyInfo": "N4_VE11C_LATEST_20160120",
    "ConversionSoftware": "dcm2niix",
    "ConversionSoftwareVersion": "v1.0.20171215 (OpenJPEG build) GCC4.8.5",
    "DerivedVendorReportedEchoSpacing": 0.000490004,
    "DeviceSerialNumber": "67039",
    "DwellTime": 2.6e-06,
    "EchoTime": 0.025,
    "EchoTrainLength": 80,
    "EffectiveEchoSpacing": 0.000490004,
    "FlipAngle": 90,
    "ImageOrientationPatientDICOM": [
      0.995832,
      -0.0838518,
      -0.0358892,
      0.0823973,
      0.995786,
      -0.0402537
    ],
    "ImageType": [
      "ORIGINAL",
      "PRIMARY",
      "M",
      "ND",
      "NORM",
      "MOSAIC"
    ],
    "InPlanePhaseEncodingDirectionDICOM": "COL",
    "InstitutionAddress": "University_Park_Chandlee_Laboratory_State_College_PA_US_16802",
    "InstitutionName": "PSU-SLEIC",
    "InstitutionalDepartmentName": "Department",
    "MRAcquisitionType": "2D",
    "MagneticFieldStrength": 3,
    "Manufacturer": "Siemens",
    "ManufacturersModelName": "Prisma_fit",
    "Modality": "MR",
    "PartialFourier": 1,
    "PatientPosition": "HFS",
    "PercentPhaseFOV": 100,
    "PhaseEncodingDirection": "j-",
    "PhaseEncodingSteps": 80,
    "PhaseResolution": 1,
    "PixelBandwidth": 2405,
    "ProcedureStepDescription": "Investigators_20_ch_xxl213",
    "ProtocolName": "sleep-onset-segment-2",
    "PulseSequenceDetails": "%CustomerSeq%_ep2d_bold_1066",
    "ReceiveCoilActiveElements": "HE1-4",
    "ReceiveCoilName": "HeadNeck_20",
    "ReconMatrixPE": 80,
    "RepetitionTime": 2.1,
    "SAR": 0.132881,
    "ScanOptions": "FS_RT",
    "ScanningSequence": "EP",
    "SequenceName": "ep10662d1_80",
    "SequenceVariant": "SK",
    "SeriesDescription": "sleep-onset-segment-2",
    "SeriesNumber": 19,
    "ShimSetting": [
      -1908,
      8254,
      9534,
      208,
      10,
      -473,
      -92,
      -62
    ],
    "SliceThickness": 4,
    "SliceTiming": [
      2.02,
      1.96,
      1.9,
      1.8425,
      1.7825,
      1.7225,
      1.6625,
      1.605,
      1.545,
      1.485,
      1.425,
      1.3675,
      1.3075,
      1.2475,
      1.1875,
      1.1275,
      1.07,
      1.01,
      0.95,
      0.89,
      0.8325,
      0.7725,
      0.7125,
      0.6525,
      0.595,
      0.535,
      0.475,
      0.415,
      0.355,
      0.2975,
      0.2375,
      0.1775,
      0.1175,
      0.06,
      0
    ],
    "SoftwareVersions": "syngo_MR_E11",
    "SpacingBetweenSlices": 4,
    "StationName": "AWP67039",
    "TaskName": "sleep",
    "TotalReadoutTime": 0.0387103,
    "TxRefAmp": 306.067,
    "dataset": "ds003768",
    "modality": "bold",
    "run_id": 2,
    "subject_id": "01",
    "task_id": "sleep"
  },
  "dummy_trs": 0,
  "dvars_nstd": 28.798601375537388,
  "dvars_std": 1.353098417126168,
  "dvars_vstd": 0.9729236288785048,
  "efc": 0.4653025563315619,
  "fber": 2246.26025390625,
  "fd_mean": 0.28209262280005926,
  "fd_num": 270,
  "fd_perc": 62.93706293706294,
  "fwhm_avg": 1.9320702777777778,
  "fwhm_x": 1.9428866666666667,
  "fwhm_y": 2.1604266666666665,
  "fwhm_z": 1.6928975,
  "gcor": 0.0552003,
  "gsr_x": -0.011458155699074268,
  "gsr_y": 0.014525055885314941,
  "provenance": {
    "md5sum": "4072649b4094522b8f712f242d4931a4",
    "settings": {
      "fd_thres": 0.2,
      "testing": false
    },
    "software": "mriqc",
    "version": "22.0.6",
    "webapi_port": null,
    "webapi_url": "https://mriqc.nimh.nih.gov/api/v1"
  },
  "size_t": 429,
  "size_x": 80,
  "size_y": 80,
  "size_z": 35,
  "snr": 6.819834038741985,
  "spacing_tr": 2.0999999046325684,
  "spacing_x": 3.0,
  "spacing_y": 3.0,
  "spacing_z": 4.0,
  "summary_bg_k": 31.295441878615534,
  "summary_bg_mad": 7.520145198876418,
  "summary_bg_mean": 32.06226348876953,
  "summary_bg_median": 13.310023307800293,
  "summary_bg_n": 155996.0,
  "summary_bg_p05": 6.111888408660889,
  "summary_bg_p95": 128.53322219848633,
  "summary_bg_stdv": 56.442352294921875,
  "summary_fg_k": 1.0262967870325417,
  "summary_fg_mad": 91.58959806168805,
  "summary_fg_mean": 636.4772338867188,
  "summary_fg_median": 633.9557495117188,
  "summary_fg_n": 28578.0,
  "summary_fg_p05": 489.8307830810547,
  "summary_fg_p95": 786.0680603027341,
  "summary_fg_stdv": 92.95602416992188,
  "tsnr": 70.35497774963733
}