{
  "aor": 0.00032447552447552444,
  "aqi": 0.009730227377622377,
  "bids_meta": {
    "AcquisitionMatrixPE": 80,
    "AcquisitionNumber": 1,
    "AcquisitionTime": "14:27:32.760000",
    "BandwidthPerPixelPhaseEncode": 25.51,
    "BaseResolution": 80,
    "BodyPartExamined": "BRAIN",
    "ConsistencyInfo": "N4_VE11C_LATEST_20160120",
    "ConversionSoftware": "dcm2niix",
    "ConversionSoftwareVersion": "v1.0.20171215 (OpenJPEG build) GCC4.8.5",
    "DerivedVendorReportedEchoSpacing": 0.000490004,
    "DeviceSerialNumber": "67039",
    "DwellTime": 2.6e-06,
    "EchoTime": 0.025,
    "EchoTrainLength": 80,
    "EffectiveEchoSpacing": 0.000490004,
    "FlipAngle": 90,
    "ImageOrientationPatientDICOM": [
      0.999518,
      -0.030468,
      0.00600508,
      0.0307126,
      0.998467,
      -0.046056
    ],
    "ImageType": [
      "ORIGINAL",
      "PRIMARY",
      "M",
      "ND",
      "NORM",
      "MOSAIC"
    ],
    "InPlanePhaseEncodingDirectionDICOM": "COL",
    "InstitutionAddress": "University_Park_Chandlee_Laboratory_State_College_PA_US_16802",
    "InstitutionName": "PSU-SLEIC",
    "InstitutionalDepartmentName": "Department",
    "MRAcquisitionType": "2D",
    "MagneticFieldStrength": 3,
    "Manufacturer": "Siemens",
    "ManufacturersModelName": "Prisma_fit",
    "Modality": "MR",
    "PartialFourier": 1,
    "PatientPosition": "HFS",
    "PercentPhaseFOV": 100,
    "PhaseEncodingDirection": "j-",
    "PhaseEncodingSteps": 80,
    "PhaseResolution": 1,
    "PixelBandwidth": 2405,
    "ProcedureStepDescription": "Investigators_20_ch_xxl213",
    "ProtocolName": "resting-pre-motor",
    "PulseSequenceDetails": "%CustomerSeq%_ep2d_bold_1066",
    "ReceiveCoilActiveElements": "HE1-4",
    "ReceiveCoilName": "HeadNeck_20",
    "ReconMatrixPE": 80,
    "RepetitionTime": 2.1,
    "SAR": 0.150356,
    "ScanOptions": "FS_RT",
    "ScanningSequence": "EP",
    "SequenceName": "ep10662d1_80",
    "SequenceVariant": "SK",
    "SeriesDescription": "resting-pre-motor",
    "SeriesNumber": 14,
    "ShimSetting": [
      -1912,
      8253,
      9359,
      408,
      77,
      -285,
      -297,
      -37
    ],
    "SliceThickness": 4,
    "SliceTiming": [
      2.02,
      1.9625,
      1.9025,
      1.8425,
      1.7825,
      1.725,
      1.665,
      1.605,
      1.545,
      1.485,
      1.4275,
      1.3675,
      1.3075,
      1.2475,
      1.19,
      1.13,
      1.07,
      1.01,
      0.9525,
      0.8925,
      0.8325,
      0.7725,
      0.7125,
      0.655,
      0.595,
      0.535,
      0.475,
      0.4175,
      0.3575,
      0.2975,
      0.2375,
      0.18,
      0.12,
      0.06,
      0
    ],
    "SoftwareVersions": "syngo_MR_E11",
    "SpacingBetweenSlices": 4,
    "StationName": "AWP67039",
    "TaskName": "rest",
    "TotalReadoutTime": 0.0387103,
    "TxRefAmp": 276.7,
    "dataset": "ds003768",
    "modality": "bold",
    "run_id": 1,
    "subject_id": "28",
    "task_id": "rest"
  },
  "dummy_trs": 0,
  "dvars_nstd": 26.219878768982465,
  "dvars_std": 1.2190137240350873,
  "dvars_vstd": 0.9424596547368421,
  "efc": 0.4296665801825342,
  "fber": 3238.03857421875,
  "fd_mean": 0.2638675006197944,
  "fd_num": 177,
  "fd_perc": 61.88811188811189,
  "fwhm_avg": 1.7554541984181125,
  "fwhm_x": 1.70533,
  "fwhm_y": 1.96293,
  "fwhm_z": 1.5981025952543375,
  "gcor": 0.0300648,
  "gsr_x": -0.026339679956436157,
  "gsr_y": 0.02371993474662304,
  "provenance": {
    "md5sum": "a284d43b4d080128c468e4f374ca4e63",
    "settings": {
      "fd_thres": 0.2,
      "testing": false
    },
    "software": "mriqc",
    "version": "22.0.6",
    "webapi_port": null,
    "webapi_url": "https://mriqc.nimh.nih.gov/api/v1"
  },
  "size_t": 286,
  "size_x": 80,
  "size_y": 80,
  "size_z": 35,
  "snr": 6.997928686605803,
  "spacing_tr": 2.0999999046325684,
  "spacing_x": 3.0,
  "spacing_y": 3.0,
  "spacing_z": 3.999999761581421,
  "summary_bg_k": 52.44848389524839,
  "summary_bg_mad": 6.5421115214126395,
  "summary_bg_mean": 29.451841354370117,
  "summary_bg_median": 12.78321647644043,
  "summary_bg_n": 160099.0,
  "summary_bg_p05": 6.3811187744140625,
  "summary_bg_p95": 107.41398162841806,
  "summary_bg_stdv": 58.124725341796875,
  "summary_fg_k": 0.933479536360859,
  "summary_fg_mad": 99.78277608700695,
  "summary_fg_mean": 739.563720703125,
  "summary_fg_median": 731.9947509765625,
  "summary_fg_n": 25492.0,
  "summary_fg_p05": 585.2729187011719,
  "summary_fg_p95": 918.6129089355468,
  "summary_fg_stdv": 104.59957885742188,
  "tsnr": 74.11170029174536
}