{
  "aor": 0.0029161771561771565,
  "aqi": 0.006825138508158508,
  "bids_meta": {
    "AcquisitionMatrixPE": 80,
    "AcquisitionNumber": 1,
    "AcquisitionTime": "18:14:39.970000",
    "BandwidthPerPixelPhaseEncode": 25.51,
    "BaseResolution": 80,
    "BodyPartExamined": "BRAIN",
    "ConsistencyInfo": "N4_VE11C_LATEST_20160120",
    "ConversionSoftware": "dcm2niix",
    "ConversionSoftwareVersion": "v1.0.20171215 (OpenJPEG build) GCC4.8.5",
    "DerivedVendorReportedEchoSpacing": 0.000490004,
    "DeviceSerialNumber": "67039",
    "DwellTime": 2.6e-06,
    "EchoTime": 0.025,
    "EchoTrainLength": 80,
    "EffectiveEchoSpacing": 0.000490004,
    "FlipAngle": 90,
    "ImageOrientationPatientDICOM": [
      0.999551,
      0.023353,
      0.0187874,
      -0.0230321,
      0.999588,
      -0.0171199
    ],
    "ImageType": [
      "ORIGINAL",
      "PRIMARY",
      "M",
      "ND",
      "NORM",
      "MOSAIC"
    ],
    "InPlanePhaseEncodingDirectionDICOM": "COL",
    "InstitutionAddress": "University_Park_Chandlee_Laboratory_State_College_PA_US_16802",
    "InstitutionName": "Penn_State_SLEIC",
    "InstitutionalDepartmentName": "Department",
    "MRAcquisitionType": "2D",
    "MagneticFieldStrength": 3,
    "Manufacturer": "Siemens",
    "ManufacturersModelName": "Prisma_fit",
    "Modality": "MR",
    "PartialFourier": 1,
    "PatientPosition": "HFS",
    "PercentPhaseFOV": 100,
    "PhaseEncodingDirection": "j-",
    "PhaseEncodingSteps": 80,
    "PhaseResolution": 1,
    "PixelBandwidth": 2405,
    "ProcedureStepDescription": "Investigators_20_ch_xxl213",
    "ProtocolName": "sleep-onset-segment-5",
    "PulseSequenceDetails": "%CustomerSeq%_ep2d_bold_1066",
    "ReceiveCoilActiveElements": "HE1-4",
    "ReceiveCoilName": "HeadNeck_20",
    "ReconMatrixPE": 80,
    "RepetitionTime": 2.1,
    "SAR": 0.125289,
    "ScanOptions": "FS_RT",
    "ScanningSequence": "EP",
    "SequenceName": "ep10662d1_80",
    "SequenceVariant": "SK",
    "SeriesDescription": "sleep-onset-segment-5",
    "SeriesNumber": 28,
    "ShimSetting": [
      -1927,
      8274,
      9543,
      375,
      -14,
      72,
      19,
      -7
    ],
    "SliceThickness": 4,
    "SliceTiming": [
      2.02,
      1.96,
      1.9,
      1.84,
      1.7825,
      1.7225,
      1.6625,
      1.6025,
      1.545,
      1.485,
      1.425,
      1.365,
      1.3075,
      1.2475,
      1.1875,
      1.1275,
      1.07,
      1.01,
      0.95,
      0.89,
      0.83,
      0.7725,
      0.7125,
      0.6525,
      0.5925,
      0.535,
      0.475,
      0.415,
      0.355,
      0.2975,
      0.2375,
      0.1775,
      0.1175,
      0.0575,
      0
    ],
    "SoftwareVersions": "syngo_MR_E11",
    "SpacingBetweenSlices": 4,
    "StationName": "AWP67039",
    "TaskName": "sleep",
    "TotalReadoutTime": 0.0387103,
    "TxRefAmp": 258.926,
    "dataset": "ds003768",
    "modality": "bold",
    "run_id": 5,
    "subject_id": "22",
    "task_id": "sleep"
  },
  "dummy_trs": 0,
  "dvars_nstd": 19.61029546525701,
  "dvars_std": 1.4013676245794389,
  "dvars_vstd": 1.0202429660747663,
  "efc": 0.45330941884653514,
  "fber": 3467.934814453125,
  "fd_mean": 0.1260077437153216,
  "fd_num": 42,
  "fd_perc": 9.79020979020979,
  "fwhm_avg": 1.7726261111111112,
  "fwhm_x": 1.7535800000000001,
  "fwhm_y": 1.9960333333333333,
  "fwhm_z": 1.568265,
  "gcor": 0.0438759,
  "gsr_x": -0.028916923329234123,
  "gsr_y": 0.026094865053892136,
  "provenance": {
    "md5sum": "13f9014fcd21522fb24cd5ec8bebdfba",
    "settings": {
      "fd_thres": 0.2,
      "testing": false
    },
    "software": "mriqc",
    "version": "22.0.6",
    "webapi_port": null,
    "webapi_url": "https://mriqc.nimh.nih.gov/api/v1"
  },
  "size_t": 429,
  "size_x": 80,
  "size_y": 80,
  "size_z": 35,
  "snr": 7.946331895973076,
  "spacing_tr": 2.0999999046325684,
  "spacing_x": 3.0,
  "spacing_y": 3.0,
  "spacing_z": 4.0,
  "summary_bg_k": 74.30449512364774,
  "summary_bg_mad": 6.967195155003301,
  "summary_bg_mean": 34.19443893432617,
  "summary_bg_median": 13.9883451461792,
  "summary_bg_n": 154312.0,
  "summary_bg_p05": 7.053613185882568,
  "summary_bg_p95": 140.056997680664,
  "summary_bg_stdv": 66.26703643798828,
  "summary_fg_k": 1.4322229676042095,
  "summary_fg_mad": 99.77327454691033,
  "summary_fg_mean": 836.2091064453125,
  "summary_fg_median": 829.5955810546875,
  "summary_fg_n": 29546.0,
  "summary_fg_p05": 678.3286895751953,
  "summary_fg_p95": 1007.1602935791016,
  "summary_fg_stdv": 104.3980484008789,
  "tsnr": 90.66110747365747
}