{
  "aor": 0.0032848251748251746,
  "aqi": 0.011023893030303033,
  "bids_meta": {
    "AcquisitionMatrixPE": 80,
    "AcquisitionNumber": 1,
    "AcquisitionTime": "17:43:34.987500",
    "BandwidthPerPixelPhaseEncode": 25.51,
    "BaseResolution": 80,
    "BodyPartExamined": "BRAIN",
    "ConsistencyInfo": "N4_VE11C_LATEST_20160120",
    "ConversionSoftware": "dcm2niix",
    "ConversionSoftwareVersion": "v1.0.20171215 (OpenJPEG build) GCC4.8.5",
    "DerivedVendorReportedEchoSpacing": 0.000490004,
    "DeviceSerialNumber": "67039",
    "DwellTime": 2.6e-06,
    "EchoTime": 0.025,
    "EchoTrainLength": 80,
    "EffectiveEchoSpacing": 0.000490004,
    "FlipAngle": 90,
    "ImageOrientationPatientDICOM": [
      0.999551,
      0.023353,
      0.0187874,
      -0.0230321,
      0.999588,
      -0.0171199
    ],
    "ImageType": [
      "ORIGINAL",
      "PRIMARY",
      "M",
      "ND",
      "NORM",
      "MOSAIC"
    ],
    "InPlanePhaseEncodingDirectionDICOM": "COL",
    "InstitutionAddress": "University_Park_Chandlee_Laboratory_State_College_PA_US_16802",
    "InstitutionName": "Penn_State_SLEIC",
    "InstitutionalDepartmentName": "Department",
    "MRAcquisitionType": "2D",
    "MagneticFieldStrength": 3,
    "Manufacturer": "Siemens",
    "ManufacturersModelName": "Prisma_fit",
    "Modality": "MR",
    "PartialFourier": 1,
    "PatientPosition": "HFS",
    "PercentPhaseFOV": 100,
    "PhaseEncodingDirection": "j-",
    "PhaseEncodingSteps": 80,
    "PhaseResolution": 1,
    "PixelBandwidth": 2405,
    "ProcedureStepDescription": "Investigators_20_ch_xxl213",
    "ProtocolName": "sleep-onset-segment-3",
    "PulseSequenceDetails": "%CustomerSeq%_ep2d_bold_1066",
    "ReceiveCoilActiveElements": "HE1-4",
    "ReceiveCoilName": "HeadNeck_20",
    "ReconMatrixPE": 80,
    "RepetitionTime": 2.1,
    "SAR": 0.125289,
    "ScanOptions": "FS_RT",
    "ScanningSequence": "EP",
    "SequenceName": "ep10662d1_80",
    "SequenceVariant": "SK",
    "SeriesDescription": "sleep-onset-segment-3",
    "SeriesNumber": 24,
    "ShimSetting": [
      -1927,
      8274,
      9543,
      375,
      -14,
      72,
      19,
      -7
    ],
    "SliceThickness": 4,
    "SliceTiming": [
      2.02,
      1.96,
      1.9025,
      1.8425,
      1.7825,
      1.7225,
      1.665,
      1.605,
      1.545,
      1.485,
      1.4275,
      1.3675,
      1.3075,
      1.2475,
      1.1875,
      1.13,
      1.07,
      1.01,
      0.95,
      0.8925,
      0.8325,
      0.7725,
      0.7125,
      0.655,
      0.595,
      0.535,
      0.475,
      0.415,
      0.3575,
      0.2975,
      0.2375,
      0.1775,
      0.12,
      0.06,
      0
    ],
    "SoftwareVersions": "syngo_MR_E11",
    "SpacingBetweenSlices": 4,
    "StationName": "AWP67039",
    "TaskName": "sleep",
    "TotalReadoutTime": 0.0387103,
    "TxRefAmp": 258.926,
    "dataset": "ds003768",
    "modality": "bold",
    "run_id": 3,
    "subject_id": "22",
    "task_id": "sleep"
  },
  "dummy_trs": 0,
  "dvars_nstd": 18.288690252663564,
  "dvars_std": 1.2473899795560737,
  "dvars_vstd": 1.0094165594158886,
  "efc": 0.453210558432174,
  "fber": 3496.7958984375,
  "fd_mean": 0.17242857397756667,
  "fd_num": 105,
  "fd_perc": 24.475524475524477,
  "fwhm_avg": 1.7719541666666665,
  "fwhm_x": 1.7372133333333333,
  "fwhm_y": 2.0116466666666666,
  "fwhm_z": 1.5670025,
  "gcor": 0.0455509,
  "gsr_x": -0.028443455696105957,
  "gsr_y": 0.02596806176006794,
  "provenance": {
    "md5sum": "eddc65b79ebeb218230f335cdecf5784",
    "settings": {
      "fd_thres": 0.2,
      "testing": false
    },
    "software": "mriqc",
    "version": "22.0.6",
    "webapi_port": null,
    "webapi_url": "https://mriqc.nimh.nih.gov/api/v1"
  },
  "size_t": 429,
  "size_x": 80,
  "size_y": 80,
  "size_z": 35,
  "snr": 7.959502443990199,
  "spacing_tr": 2.0999999046325684,
  "spacing_x": 3.0,
  "spacing_y": 3.0,
  "spacing_z": 4.0,
  "summary_bg_k": 66.13928962158818,
  "summary_bg_mad": 6.984473253214722,
  "summary_bg_mean": 34.090091705322266,
  "summary_bg_median": 13.94638729095459,
  "summary_bg_n": 154308.0,
  "summary_bg_p05": 7.011655330657959,
  "summary_bg_p95": 139.9184112548828,
  "summary_bg_stdv": 65.28284454345703,
  "summary_fg_k": 1.5289185190054937,
  "summary_fg_mad": 99.80091950404861,
  "summary_fg_mean": 835.49658203125,
  "summary_fg_median": 828.6270751953125,
  "summary_fg_n": 29514.0,
  "summary_fg_p05": 679.1529205322265,
  "summary_fg_p95": 1005.9133148193359,
  "summary_fg_stdv": 104.10362243652344,
  "tsnr": 69.42935363575816
}