{
  "aor": 0.0051951981351981355,
  "aqi": 0.009503412377622377,
  "bids_meta": {
    "AcquisitionMatrixPE": 80,
    "AcquisitionNumber": 1,
    "AcquisitionTime": "19:06:38.680000",
    "BandwidthPerPixelPhaseEncode": 25.51,
    "BaseResolution": 80,
    "BodyPartExamined": "BRAIN",
    "ConsistencyInfo": "N4_VE11C_LATEST_20160120",
    "ConversionSoftware": "dcm2niix",
    "ConversionSoftwareVersion": "v1.0.20171215 (OpenJPEG build) GCC4.8.5",
    "DerivedVendorReportedEchoSpacing": 0.000490004,
    "DeviceSerialNumber": "67039",
    "DwellTime": 2.6e-06,
    "EchoTime": 0.025,
    "EchoTrainLength": 80,
    "EffectiveEchoSpacing": 0.000490004,
    "FlipAngle": 90,
    "ImageOrientationPatientDICOM": [
      0.999551,
      0.023353,
      0.0187874,
      -0.0230321,
      0.999588,
      -0.0171199
    ],
    "ImageType": [
      "ORIGINAL",
      "PRIMARY",
      "M",
      "ND",
      "NORM",
      "MOSAIC"
    ],
    "InPlanePhaseEncodingDirectionDICOM": "COL",
    "InstitutionAddress": "University_Park_Chandlee_Laboratory_State_College_PA_US_16802",
    "InstitutionName": "Penn_State_SLEIC",
    "InstitutionalDepartmentName": "Department",
    "MRAcquisitionType": "2D",
    "MagneticFieldStrength": 3,
    "Manufacturer": "Siemens",
    "ManufacturersModelName": "Prisma_fit",
    "Modality": "MR",
    "PartialFourier": 1,
    "PatientPosition": "HFS",
    "PercentPhaseFOV": 100,
    "PhaseEncodingDirection": "j-",
    "PhaseEncodingSteps": 80,
    "PhaseResolution": 1,
    "PixelBandwidth": 2405,
    "ProcedureStepDescription": "Investigators_20_ch_xxl213",
    "ProtocolName": "sleep-onset-segment-8",
    "PulseSequenceDetails": "%CustomerSeq%_ep2d_bold_1066",
    "ReceiveCoilActiveElements": "HE1-4",
    "ReceiveCoilName": "HeadNeck_20",
    "ReconMatrixPE": 80,
    "RepetitionTime": 2.1,
    "SAR": 0.125289,
    "ScanOptions": "FS_RT",
    "ScanningSequence": "EP",
    "SequenceName": "ep10662d1_80",
    "SequenceVariant": "SK",
    "SeriesDescription": "sleep-onset-segment-8",
    "SeriesNumber": 34,
    "ShimSetting": [
      -1927,
      8274,
      9543,
      375,
      -14,
      72,
      19,
      -7
    ],
    "SliceThickness": 4,
    "SliceTiming": [
      2.0225,
      1.9625,
      1.9025,
      1.8425,
      1.7825,
      1.725,
      1.665,
      1.605,
      1.545,
      1.4875,
      1.4275,
      1.3675,
      1.3075,
      1.25,
      1.19,
      1.13,
      1.07,
      1.0125,
      0.9525,
      0.8925,
      0.8325,
      0.7725,
      0.715,
      0.655,
      0.595,
      0.535,
      0.4775,
      0.4175,
      0.3575,
      0.2975,
      0.24,
      0.18,
      0.12,
      0.06,
      0
    ],
    "SoftwareVersions": "syngo_MR_E11",
    "SpacingBetweenSlices": 4,
    "StationName": "AWP67039",
    "TaskName": "sleep",
    "TotalReadoutTime": 0.0387103,
    "TxRefAmp": 258.926,
    "dataset": "ds003768",
    "modality": "bold",
    "run_id": 8,
    "subject_id": "22",
    "task_id": "sleep"
  },
  "dummy_trs": 0,
  "dvars_nstd": 20.271771248037368,
  "dvars_std": 1.4444729588084106,
  "dvars_vstd": 1.065683690841121,
  "efc": 0.45392201006301275,
  "fber": 3461.029052734375,
  "fd_mean": 0.14844736162113076,
  "fd_num": 93,
  "fd_perc": 21.678321678321677,
  "fwhm_avg": 1.781178888888889,
  "fwhm_x": 1.7453066666666668,
  "fwhm_y": 2.02415,
  "fwhm_z": 1.57408,
  "gcor": 0.0807578,
  "gsr_x": -0.028976071625947952,
  "gsr_y": 0.025599488988518715,
  "provenance": {
    "md5sum": "545809ea2886d62843f50fbfc0b483a5",
    "settings": {
      "fd_thres": 0.2,
      "testing": false
    },
    "software": "mriqc",
    "version": "22.0.6",
    "webapi_port": null,
    "webapi_url": "https://mriqc.nimh.nih.gov/api/v1"
  },
  "size_t": 429,
  "size_x": 80,
  "size_y": 80,
  "size_z": 35,
  "snr": 7.895650555754029,
  "spacing_tr": 2.0999999046325684,
  "spacing_x": 3.0,
  "spacing_y": 3.0,
  "spacing_z": 4.0,
  "summary_bg_k": 54.99395115880744,
  "summary_bg_mad": 7.019033691396534,
  "summary_bg_mean": 34.53534698486328,
  "summary_bg_median": 13.976690292358398,
  "summary_bg_n": 154441.0,
  "summary_bg_p05": 7.018648147583008,
  "summary_bg_p95": 143.39627075195312,
  "summary_bg_stdv": 65.326904296875,
  "summary_fg_k": 1.5640023957578935,
  "summary_fg_mad": 99.36194835158457,
  "summary_fg_mean": 833.8201904296875,
  "summary_fg_median": 827.2657470703125,
  "summary_fg_n": 29529.0,
  "summary_fg_p05": 676.1976806640625,
  "summary_fg_p95": 1003.9790161132812,
  "summary_fg_stdv": 104.7730941772461,
  "tsnr": 80.91141629870981
}