{
  "bids_meta": {
    "AcquisitionMatrixPE": 256,
    "AcquisitionNumber": 1,
    "AcquisitionTime": "14:26:55.490000",
    "BaseResolution": 256,
    "BodyPartExamined": "BRAIN",
    "ConsistencyInfo": "N4_VE11C_LATEST_20160120",
    "ConversionSoftware": "dcm2niix",
    "ConversionSoftwareVersion": "v1.0.20171215 (OpenJPEG build) GCC4.8.5",
    "DeviceSerialNumber": "67039",
    "DwellTime": 9.8e-06,
    "EchoTime": 0.00228,
    "FlipAngle": 8,
    "ImageOrientationPatientDICOM": [
      -0.0521753,
      0.987619,
      -0.147938,
      0.0323409,
      -0.146391,
      -0.988698
    ],
    "ImageType": [
      "ORIGINAL",
      "PRIMARY",
      "M",
      "NORM",
      "DIS2D"
    ],
    "InPlanePhaseEncodingDirectionDICOM": "ROW",
    "InstitutionAddress": "University_Park_Chandlee_Laboratory_State_College_PA_US_16802",
    "InstitutionName": "PSU-SLEIC",
    "InstitutionalDepartmentName": "Department",
    "InversionTime": 0.9,
    "MRAcquisitionType": "3D",
    "MagneticFieldStrength": 3,
    "Manufacturer": "Siemens",
    "ManufacturersModelName": "Prisma_fit",
    "Modality": "MR",
    "ParallelReductionFactorInPlane": 2,
    "PartialFourier": 1,
    "PatientPosition": "HFS",
    "PercentPhaseFOV": 100,
    "PhaseEncodingSteps": 255,
    "PhaseResolution": 1,
    "PixelBandwidth": 200,
    "ProcedureStepDescription": "Investigators_20_ch_xxl213",
    "ProtocolName": "t1_mprage_sag_p2_iso_2300",
    "PulseSequenceDetails": "%SiemensSeq%_tfl",
    "ReceiveCoilActiveElements": "HE1-4;NE1,2",
    "ReceiveCoilName": "HeadNeck_20",
    "ReconMatrixPE": 256,
    "RepetitionTime": 2.3,
    "SAR": 0.070502,
    "ScanOptions": "IR",
    "ScanningSequence": "GR_IR",
    "SequenceName": "_tfl3d1_16ns",
    "SequenceVariant": "SK_SP_MP",
    "SeriesDescription": "t1_mprage_sag_p2_iso_2300",
    "SeriesNumber": 11,
    "ShimSetting": [
      -1941,
      8275,
      9263,
      132,
      -19,
      -59,
      -30,
      9
    ],
    "SliceThickness": 1,
    "SoftwareVersions": "syngo_MR_E11",
    "StationName": "AWP67039",
    "TxRefAmp": 269.367,
    "dataset": "ds003768",
    "modality": "T1w",
    "subject_id": "15"
  },
  "cjv": 0.3414490191113548,
  "cnr": 3.92641142590658,
  "efc": 0.49952680885486855,
  "fber": 13928.917100694445,
  "fwhm_avg": 4.318521164435331,
  "fwhm_x": 4.198623493305991,
  "fwhm_y": 4.36849,
  "fwhm_z": 4.38845,
  "icvs_csf": 0.24201208648370787,
  "icvs_gm": 0.42166347761071793,
  "icvs_wm": 0.3363244359055742,
  "inu_med": 0.5447424650192261,
  "inu_range": 0.19560150802135473,
  "provenance": {
    "md5sum": "2acc8d15d865ad03e1ca7a1d033cdfa6",
    "settings": {
      "testing": false
    },
    "software": "mriqc",
    "version": "22.0.6",
    "warnings": {
      "large_rot_frame": true,
      "small_air_mask": false
    },
    "webapi_port": null,
    "webapi_url": "https://mriqc.nimh.nih.gov/api/v1"
  },
  "qi_1": 1.9276727182238175e-05,
  "qi_2": 0.010448540251883858,
  "rpve_csf": 25.19148262758419,
  "rpve_gm": 14.726666113763729,
  "rpve_wm": 21.753494896052587,
  "size_x": 192,
  "size_y": 256,
  "size_z": 256,
  "snr_csf": 2.6490298383040516,
  "snr_gm": 11.68554852249126,
  "snr_total": 12.69112711268716,
  "snr_wm": 23.738802977266168,
  "snrd_csf": 22.402716944643256,
  "snrd_gm": 60.945729804942566,
  "snrd_total": 56.45369784322179,
  "snrd_wm": 86.01264678007955,
  "spacing_x": 1.0000015497207642,
  "spacing_y": 1.0,
  "spacing_z": 1.0,
  "summary_bg_k": 20.566070332108033,
  "summary_bg_mad": 0.0,
  "summary_bg_mean": 4.848037009313326,
  "summary_bg_median": 0.0,
  "summary_bg_n": 3759288.0,
  "summary_bg_p05": 0.0,
  "summary_bg_p95": 18.15194672718644,
  "summary_bg_stdv": 7.616744737555874,
  "summary_csf_k": 1.1539763121279707,
  "summary_csf_mad": 83.17210393618315,
  "summary_csf_mean": 267.7503886881198,
  "summary_csf_median": 260.4583967477083,
  "summary_csf_n": 33029.0,
  "summary_csf_p05": 112.21349142342807,
  "summary_csf_p95": 445.72846493273966,
  "summary_csf_stdv": 98.32069464729632,
  "summary_gm_k": 0.19245043575756782,
  "summary_gm_mad": 58.0422468183221,
  "summary_gm_mean": 706.9043069561963,
  "summary_gm_median": 708.5670507214963,
  "summary_gm_n": 31873.0,
  "summary_gm_p05": 603.0212942548096,
  "summary_gm_p95": 804.8565164729953,
  "summary_gm_stdv": 60.63523109726846,
  "summary_wm_k": 0.2285020340013526,
  "summary_wm_mad": 41.46723467675417,
  "summary_wm_mean": 1000.3294748403882,
  "summary_wm_median": 999.9999614208937,
  "summary_wm_n": 187246.0,
  "summary_wm_p05": 931.8800730407238,
  "summary_wm_p95": 1069.6024591363966,
  "summary_wm_stdv": 42.12500908706656,
  "tpm_overlap_csf": 0.16019774825928096,
  "tpm_overlap_gm": 0.47195833784838914,
  "tpm_overlap_wm": 0.5148164771187619,
  "wm2max": 0.4333240727878872
}