{
  "aor": 0.0014969859813084112,
  "aqi": 0.006575806495327102,
  "bids_meta": {
    "AcquisitionMatrixPE": 80,
    "AcquisitionNumber": 1,
    "AcquisitionTime": "15:37:3.400000",
    "BandwidthPerPixelPhaseEncode": 25.51,
    "BaseResolution": 80,
    "BodyPartExamined": "BRAIN",
    "ConsistencyInfo": "N4_VE11C_LATEST_20160120",
    "ConversionSoftware": "dcm2niix",
    "ConversionSoftwareVersion": "v1.0.20171215 (OpenJPEG build) GCC4.8.5",
    "DerivedVendorReportedEchoSpacing": 0.000490004,
    "DeviceSerialNumber": "67039",
    "DwellTime": 2.6e-06,
    "EchoTime": 0.025,
    "EchoTrainLength": 80,
    "EffectiveEchoSpacing": 0.000490004,
    "FlipAngle": 90,
    "ImageOrientationPatientDICOM": [
      0.994463,
      0.0981666,
      -0.0375078,
      -0.0975079,
      0.995053,
      0.0190096
    ],
    "ImageType": [
      "ORIGINAL",
      "PRIMARY",
      "M",
      "ND",
      "NORM",
      "MOSAIC"
    ],
    "InPlanePhaseEncodingDirectionDICOM": "COL",
    "InstitutionAddress": "University_Park_Chandlee_Laboratory_State_College_PA_US_16802",
    "InstitutionName": "PSU-SLEIC",
    "InstitutionalDepartmentName": "Department",
    "MRAcquisitionType": "2D",
    "MagneticFieldStrength": 3,
    "Manufacturer": "Siemens",
    "ManufacturersModelName": "Prisma_fit",
    "Modality": "MR",
    "PartialFourier": 1,
    "PatientPosition": "HFS",
    "PercentPhaseFOV": 100,
    "PhaseEncodingDirection": "j-",
    "PhaseEncodingSteps": 80,
    "PhaseResolution": 1,
    "PixelBandwidth": 2405,
    "ProcedureStepDescription": "Investigators_20_ch_xxl213",
    "ProtocolName": "sleep-onset-segment-4",
    "PulseSequenceDetails": "%CustomerSeq%_ep2d_bold_1066",
    "ReceiveCoilActiveElements": "HE1-4",
    "ReceiveCoilName": "HeadNeck_20",
    "ReconMatrixPE": 80,
    "RepetitionTime": 2.1,
    "SAR": 0.14163,
    "ScanOptions": "FS_RT",
    "ScanningSequence": "EP",
    "SequenceName": "ep10662d1_80",
    "SequenceVariant": "SK",
    "SeriesDescription": "sleep-onset-segment-4",
    "SeriesNumber": 22,
    "ShimSetting": [
      -1934,
      8245,
      9544,
      490,
      21,
      -43,
      -68,
      31
    ],
    "SliceThickness": 4,
    "SliceTiming": [
      2.02,
      1.96,
      1.9,
      1.84,
      1.7825,
      1.7225,
      1.6625,
      1.6025,
      1.545,
      1.485,
      1.425,
      1.365,
      1.3075,
      1.2475,
      1.1875,
      1.1275,
      1.0675,
      1.01,
      0.95,
      0.89,
      0.83,
      0.7725,
      0.7125,
      0.6525,
      0.5925,
      0.535,
      0.475,
      0.415,
      0.355,
      0.2975,
      0.2375,
      0.1775,
      0.1175,
      0.0575,
      0
    ],
    "SoftwareVersions": "syngo_MR_E11",
    "SpacingBetweenSlices": 4,
    "StationName": "AWP67039",
    "TaskName": "sleep",
    "TotalReadoutTime": 0.0387103,
    "TxRefAmp": 274.057,
    "dataset": "ds003768",
    "modality": "bold",
    "run_id": 4,
    "subject_id": "04",
    "task_id": "sleep"
  },
  "dummy_trs": 1,
  "dvars_nstd": 20.245446196299756,
  "dvars_std": 1.3652795671428577,
  "dvars_vstd": 0.9929564300234195,
  "efc": 0.4600203702783393,
  "fber": 3154.837890625,
  "fd_mean": 0.10196067082325258,
  "fd_num": 23,
  "fd_perc": 5.373831775700935,
  "fwhm_avg": 1.7699347222222224,
  "fwhm_x": 1.7620699999999998,
  "fwhm_y": 1.9743566666666668,
  "fwhm_z": 1.5733775,
  "gcor": 0.0605964,
  "gsr_x": -0.024937283247709274,
  "gsr_y": 0.0261626485735178,
  "provenance": {
    "md5sum": "8f727227ec68adb78bbf559cbcf946d8",
    "settings": {
      "fd_thres": 0.2,
      "testing": false
    },
    "software": "mriqc",
    "version": "22.0.6",
    "webapi_port": null,
    "webapi_url": "https://mriqc.nimh.nih.gov/api/v1"
  },
  "size_t": 428,
  "size_x": 80,
  "size_y": 80,
  "size_z": 35,
  "snr": 7.037817808858224,
  "spacing_tr": 2.0999999046325684,
  "spacing_x": 3.0,
  "spacing_y": 3.0,
  "spacing_z": 4.0,
  "summary_bg_k": 58.22717202185909,
  "summary_bg_mad": 8.12659937649899,
  "summary_bg_mean": 34.664459228515625,
  "summary_bg_median": 14.754672050476074,
  "summary_bg_n": 152590.0,
  "summary_bg_p05": 7.014018535614014,
  "summary_bg_p95": 127.0142486572265,
  "summary_bg_stdv": 68.06446075439453,
  "summary_fg_k": 1.2877189195230505,
  "summary_fg_mad": 113.34287641318943,
  "summary_fg_mean": 845.7415161132812,
  "summary_fg_median": 833.8971557617188,
  "summary_fg_n": 31458.0,
  "summary_fg_p05": 679.2803344726562,
  "summary_fg_p95": 1048.1480468749996,
  "summary_fg_stdv": 118.48614501953125,
  "tsnr": 92.7487269025296
}