{
  "aor": 0.010619556074766357,
  "aqi": 0.019776183387850463,
  "bids_meta": {
    "AcquisitionMatrixPE": 80,
    "AcquisitionNumber": 1,
    "AcquisitionTime": "16:23:47.370000",
    "BandwidthPerPixelPhaseEncode": 25.51,
    "BaseResolution": 80,
    "BodyPartExamined": "BRAIN",
    "ConsistencyInfo": "N4_VE11C_LATEST_20160120",
    "ConversionSoftware": "dcm2niix",
    "ConversionSoftwareVersion": "v1.0.20171215 (OpenJPEG build) GCC4.8.5",
    "DerivedVendorReportedEchoSpacing": 0.000490004,
    "DeviceSerialNumber": "67039",
    "DwellTime": 2.6e-06,
    "EchoTime": 0.025,
    "EchoTrainLength": 80,
    "EffectiveEchoSpacing": 0.000490004,
    "FlipAngle": 90,
    "ImageOrientationPatientDICOM": [
      0.994463,
      0.0981666,
      -0.0375078,
      -0.0975079,
      0.995053,
      0.0190096
    ],
    "ImageType": [
      "ORIGINAL",
      "PRIMARY",
      "M",
      "ND",
      "NORM",
      "MOSAIC"
    ],
    "InPlanePhaseEncodingDirectionDICOM": "COL",
    "InstitutionAddress": "University_Park_Chandlee_Laboratory_State_College_PA_US_16802",
    "InstitutionName": "PSU-SLEIC",
    "InstitutionalDepartmentName": "Department",
    "MRAcquisitionType": "2D",
    "MagneticFieldStrength": 3,
    "Manufacturer": "Siemens",
    "ManufacturersModelName": "Prisma_fit",
    "Modality": "MR",
    "PartialFourier": 1,
    "PatientPosition": "HFS",
    "PercentPhaseFOV": 100,
    "PhaseEncodingDirection": "j-",
    "PhaseEncodingSteps": 80,
    "PhaseResolution": 1,
    "PixelBandwidth": 2405,
    "ProcedureStepDescription": "Investigators_20_ch_xxl213",
    "ProtocolName": "sleep-onset-segment-7",
    "PulseSequenceDetails": "%CustomerSeq%_ep2d_bold_1066",
    "ReceiveCoilActiveElements": "HE1-4",
    "ReceiveCoilName": "HeadNeck_20",
    "ReconMatrixPE": 80,
    "RepetitionTime": 2.1,
    "SAR": 0.14163,
    "ScanOptions": "FS_RT",
    "ScanningSequence": "EP",
    "SequenceName": "ep10662d1_80",
    "SequenceVariant": "SK",
    "SeriesDescription": "sleep-onset-segment-7",
    "SeriesNumber": 28,
    "ShimSetting": [
      -1934,
      8245,
      9544,
      490,
      21,
      -43,
      -68,
      31
    ],
    "SliceThickness": 4,
    "SliceTiming": [
      2.0225,
      1.9625,
      1.9025,
      1.8425,
      1.7825,
      1.725,
      1.665,
      1.605,
      1.545,
      1.4875,
      1.4275,
      1.3675,
      1.3075,
      1.25,
      1.19,
      1.13,
      1.07,
      1.0125,
      0.9525,
      0.8925,
      0.8325,
      0.7725,
      0.715,
      0.655,
      0.595,
      0.535,
      0.4775,
      0.4175,
      0.3575,
      0.2975,
      0.24,
      0.18,
      0.12,
      0.06,
      0
    ],
    "SoftwareVersions": "syngo_MR_E11",
    "SpacingBetweenSlices": 4,
    "StationName": "AWP67039",
    "TaskName": "sleep",
    "TotalReadoutTime": 0.0387103,
    "TxRefAmp": 274.057,
    "dataset": "ds003768",
    "modality": "bold",
    "run_id": 7,
    "subject_id": "04",
    "task_id": "sleep"
  },
  "dummy_trs": 1,
  "dvars_nstd": 25.328034275831392,
  "dvars_std": 1.348383260772834,
  "dvars_vstd": 0.9828070817096017,
  "efc": 0.460190790391194,
  "fber": 3102.86083984375,
  "fd_mean": 0.22000390127140107,
  "fd_num": 110,
  "fd_perc": 25.700934579439252,
  "fwhm_avg": 1.7967277777777777,
  "fwhm_x": 1.79926,
  "fwhm_y": 2.0063133333333334,
  "fwhm_z": 1.58461,
  "gcor": 0.0198378,
  "gsr_x": -0.0245372224599123,
  "gsr_y": 0.02399817667901516,
  "provenance": {
    "md5sum": "9f674210859879a356fd05bae4ab1ed4",
    "settings": {
      "fd_thres": 0.2,
      "testing": false
    },
    "software": "mriqc",
    "version": "22.0.6",
    "webapi_port": null,
    "webapi_url": "https://mriqc.nimh.nih.gov/api/v1"
  },
  "size_t": 428,
  "size_x": 80,
  "size_y": 80,
  "size_z": 35,
  "snr": 7.063959145712308,
  "spacing_tr": 2.0999999046325684,
  "spacing_x": 3.0,
  "spacing_y": 3.0,
  "spacing_z": 4.0,
  "summary_bg_k": 52.56832509703646,
  "summary_bg_mad": 8.292873500350597,
  "summary_bg_mean": 34.38258743286133,
  "summary_bg_median": 14.827102661132812,
  "summary_bg_n": 152690.0,
  "summary_bg_p05": 6.885513782501221,
  "summary_bg_p95": 127.0843399047851,
  "summary_bg_stdv": 65.03691864013672,
  "summary_fg_k": 1.2159100550454784,
  "summary_fg_mad": 112.23440864734566,
  "summary_fg_mean": 840.4619750976562,
  "summary_fg_median": 828.2079467773438,
  "summary_fg_n": 31316.0,
  "summary_fg_p05": 675.3720855712891,
  "summary_fg_p95": 1041.6810302734375,
  "summary_fg_stdv": 117.2422866821289,
  "tsnr": 52.467490329174325
}