{
  "aor": 0.001103014018691589,
  "aqi": 0.00674949331775701,
  "bids_meta": {
    "AcquisitionMatrixPE": 80,
    "AcquisitionNumber": 1,
    "AcquisitionTime": "15:05:40.870000",
    "BandwidthPerPixelPhaseEncode": 25.51,
    "BaseResolution": 80,
    "BodyPartExamined": "BRAIN",
    "ConsistencyInfo": "N4_VE11C_LATEST_20160120",
    "ConversionSoftware": "dcm2niix",
    "ConversionSoftwareVersion": "v1.0.20171215 (OpenJPEG build) GCC4.8.5",
    "DerivedVendorReportedEchoSpacing": 0.000490004,
    "DeviceSerialNumber": "67039",
    "DwellTime": 2.6e-06,
    "EchoTime": 0.025,
    "EchoTrainLength": 80,
    "EffectiveEchoSpacing": 0.000490004,
    "FlipAngle": 90,
    "ImageOrientationPatientDICOM": [
      0.994463,
      0.0981666,
      -0.0375078,
      -0.0975079,
      0.995053,
      0.0190096
    ],
    "ImageType": [
      "ORIGINAL",
      "PRIMARY",
      "M",
      "ND",
      "NORM",
      "MOSAIC"
    ],
    "InPlanePhaseEncodingDirectionDICOM": "COL",
    "InstitutionAddress": "University_Park_Chandlee_Laboratory_State_College_PA_US_16802",
    "InstitutionName": "PSU-SLEIC",
    "InstitutionalDepartmentName": "Department",
    "MRAcquisitionType": "2D",
    "MagneticFieldStrength": 3,
    "Manufacturer": "Siemens",
    "ManufacturersModelName": "Prisma_fit",
    "Modality": "MR",
    "PartialFourier": 1,
    "PatientPosition": "HFS",
    "PercentPhaseFOV": 100,
    "PhaseEncodingDirection": "j-",
    "PhaseEncodingSteps": 80,
    "PhaseResolution": 1,
    "PixelBandwidth": 2405,
    "ProcedureStepDescription": "Investigators_20_ch_xxl213",
    "ProtocolName": "sleep-onset-segment-2",
    "PulseSequenceDetails": "%CustomerSeq%_ep2d_bold_1066",
    "ReceiveCoilActiveElements": "HE1-4",
    "ReceiveCoilName": "HeadNeck_20",
    "ReconMatrixPE": 80,
    "RepetitionTime": 2.1,
    "SAR": 0.14163,
    "ScanOptions": "FS_RT",
    "ScanningSequence": "EP",
    "SequenceName": "ep10662d1_80",
    "SequenceVariant": "SK",
    "SeriesDescription": "sleep-onset-segment-2",
    "SeriesNumber": 18,
    "ShimSetting": [
      -1934,
      8245,
      9544,
      490,
      21,
      -43,
      -68,
      31
    ],
    "SliceThickness": 4,
    "SliceTiming": [
      2.02,
      1.96,
      1.9025,
      1.8425,
      1.7825,
      1.7225,
      1.6625,
      1.605,
      1.545,
      1.485,
      1.425,
      1.3675,
      1.3075,
      1.2475,
      1.1875,
      1.13,
      1.07,
      1.01,
      0.95,
      0.8925,
      0.8325,
      0.7725,
      0.7125,
      0.6525,
      0.595,
      0.535,
      0.475,
      0.415,
      0.3575,
      0.2975,
      0.2375,
      0.1775,
      0.12,
      0.06,
      0
    ],
    "SoftwareVersions": "syngo_MR_E11",
    "SpacingBetweenSlices": 4,
    "StationName": "AWP67039",
    "TaskName": "sleep",
    "TotalReadoutTime": 0.0387103,
    "TxRefAmp": 274.057,
    "dataset": "ds003768",
    "modality": "bold",
    "run_id": 2,
    "subject_id": "04",
    "task_id": "sleep"
  },
  "dummy_trs": 1,
  "dvars_nstd": 21.16163456377047,
  "dvars_std": 1.4269829578922717,
  "dvars_vstd": 0.9814581207259939,
  "efc": 0.4592124868244283,
  "fber": 3202.782958984375,
  "fd_mean": 0.08681826663919595,
  "fd_num": 10,
  "fd_perc": 2.336448598130841,
  "fwhm_avg": 1.761401388888889,
  "fwhm_x": 1.75226,
  "fwhm_y": 1.9691866666666666,
  "fwhm_z": 1.5627575,
  "gcor": 0.0372712,
  "gsr_x": -0.024655839428305626,
  "gsr_y": 0.026329834014177322,
  "provenance": {
    "md5sum": "d11a981ec24db53fa0d42c92560e59a1",
    "settings": {
      "fd_thres": 0.2,
      "testing": false
    },
    "software": "mriqc",
    "version": "22.0.6",
    "webapi_port": null,
    "webapi_url": "https://mriqc.nimh.nih.gov/api/v1"
  },
  "size_t": 428,
  "size_x": 80,
  "size_y": 80,
  "size_z": 35,
  "snr": 7.055941694478629,
  "spacing_tr": 2.0999999046325684,
  "spacing_x": 3.0,
  "spacing_y": 3.0,
  "spacing_z": 4.0,
  "summary_bg_k": 60.10537192064682,
  "summary_bg_mad": 8.071175139855008,
  "summary_bg_mean": 34.30054473876953,
  "summary_bg_median": 14.689251899719238,
  "summary_bg_n": 152605.0,
  "summary_bg_p05": 6.9556074142456055,
  "summary_bg_p95": 125.2808380126952,
  "summary_bg_stdv": 67.17660522460938,
  "summary_fg_k": 1.1245418892911,
  "summary_fg_mad": 114.63499537547223,
  "summary_fg_mean": 847.5252075195312,
  "summary_fg_median": 835.5770874023438,
  "summary_fg_n": 31431.0,
  "summary_fg_p05": 681.9298706054688,
  "summary_fg_p95": 1050.0922241210938,
  "summary_fg_stdv": 118.41988372802734,
  "tsnr": 94.80368025635835
}