{
  "aor": 0.002167992957746479,
  "aqi": 0.00962792897887324,
  "bids_meta": {
    "AcquisitionMatrixPE": 80,
    "AcquisitionNumber": 1,
    "AcquisitionTime": "14:38:17.355000",
    "BandwidthPerPixelPhaseEncode": 25.51,
    "BaseResolution": 80,
    "BodyPartExamined": "BRAIN",
    "ConsistencyInfo": "N4_VE11C_LATEST_20160120",
    "ConversionSoftware": "dcm2niix",
    "ConversionSoftwareVersion": "v1.0.20171215 (OpenJPEG build) GCC4.8.5",
    "DerivedVendorReportedEchoSpacing": 0.000490004,
    "DeviceSerialNumber": "67039",
    "DwellTime": 2.6e-06,
    "EchoTime": 0.025,
    "EchoTrainLength": 80,
    "EffectiveEchoSpacing": 0.000490004,
    "FlipAngle": 90,
    "ImageOrientationPatientDICOM": [
      0.994463,
      0.0981666,
      -0.0375078,
      -0.0975079,
      0.995053,
      0.0190096
    ],
    "ImageType": [
      "ORIGINAL",
      "PRIMARY",
      "M",
      "ND",
      "NORM",
      "MOSAIC"
    ],
    "InPlanePhaseEncodingDirectionDICOM": "COL",
    "InstitutionAddress": "University_Park_Chandlee_Laboratory_State_College_PA_US_16802",
    "InstitutionName": "PSU-SLEIC",
    "InstitutionalDepartmentName": "Department",
    "MRAcquisitionType": "2D",
    "MagneticFieldStrength": 3,
    "Manufacturer": "Siemens",
    "ManufacturersModelName": "Prisma_fit",
    "Modality": "MR",
    "PartialFourier": 1,
    "PatientPosition": "HFS",
    "PercentPhaseFOV": 100,
    "PhaseEncodingDirection": "j-",
    "PhaseEncodingSteps": 80,
    "PhaseResolution": 1,
    "PixelBandwidth": 2405,
    "ProcedureStepDescription": "Investigators_20_ch_xxl213",
    "ProtocolName": "resting-post-motor",
    "PulseSequenceDetails": "%CustomerSeq%_ep2d_bold_1066",
    "ReceiveCoilActiveElements": "HE1-4",
    "ReceiveCoilName": "HeadNeck_20",
    "ReconMatrixPE": 80,
    "RepetitionTime": 2.1,
    "SAR": 0.14163,
    "ScanOptions": "FS_RT",
    "ScanningSequence": "EP",
    "SequenceName": "ep10662d1_80",
    "SequenceVariant": "SK",
    "SeriesDescription": "resting-post-motor",
    "SeriesNumber": 14,
    "ShimSetting": [
      -1934,
      8245,
      9544,
      490,
      21,
      -43,
      -68,
      31
    ],
    "SliceThickness": 4,
    "SliceTiming": [
      2.02,
      1.96,
      1.9,
      1.84,
      1.7825,
      1.7225,
      1.6625,
      1.6025,
      1.545,
      1.485,
      1.425,
      1.365,
      1.305,
      1.2475,
      1.1875,
      1.1275,
      1.0675,
      1.01,
      0.95,
      0.89,
      0.83,
      0.7725,
      0.7125,
      0.6525,
      0.5925,
      0.5325,
      0.475,
      0.415,
      0.355,
      0.295,
      0.2375,
      0.1775,
      0.1175,
      0.0575,
      0
    ],
    "SoftwareVersions": "syngo_MR_E11",
    "SpacingBetweenSlices": 4,
    "StationName": "AWP67039",
    "TaskName": "rest",
    "TotalReadoutTime": 0.0387103,
    "TxRefAmp": 274.057,
    "dataset": "ds003768",
    "modality": "bold",
    "run_id": 2,
    "subject_id": "04",
    "task_id": "rest"
  },
  "dummy_trs": 2,
  "dvars_nstd": 24.46991397445228,
  "dvars_std": 1.4596864781272085,
  "dvars_vstd": 0.9812181048409889,
  "efc": 0.45850760913897487,
  "fber": 3209.41162109375,
  "fd_mean": 0.14778412087875004,
  "fd_num": 52,
  "fd_perc": 18.309859154929576,
  "fwhm_avg": 1.7654605555555556,
  "fwhm_x": 1.75387,
  "fwhm_y": 1.9725166666666667,
  "fwhm_z": 1.569995,
  "gcor": 0.0363657,
  "gsr_x": -0.024111861363053322,
  "gsr_y": 0.02503431774675846,
  "provenance": {
    "md5sum": "746bdce02a2ee04b870ce2592746d37a",
    "settings": {
      "fd_thres": 0.2,
      "testing": false
    },
    "software": "mriqc",
    "version": "22.0.6",
    "webapi_port": null,
    "webapi_url": "https://mriqc.nimh.nih.gov/api/v1"
  },
  "size_t": 284,
  "size_x": 80,
  "size_y": 80,
  "size_z": 35,
  "snr": 7.054602780296471,
  "spacing_tr": 2.0999999046325684,
  "spacing_x": 3.0,
  "spacing_y": 3.0,
  "spacing_z": 4.0,
  "summary_bg_k": 56.41953552448051,
  "summary_bg_mad": 8.034243558408011,
  "summary_bg_mean": 33.6641845703125,
  "summary_bg_median": 14.683098793029785,
  "summary_bg_n": 152662.0,
  "summary_bg_p05": 6.99647855758667,
  "summary_bg_p95": 122.06602172851532,
  "summary_bg_stdv": 64.45697784423828,
  "summary_fg_k": 1.211289707217598,
  "summary_fg_mad": 113.8366850256397,
  "summary_fg_mean": 847.1375122070312,
  "summary_fg_median": 834.7147827148438,
  "summary_fg_n": 31454.0,
  "summary_fg_p05": 681.631494140625,
  "summary_fg_p95": 1050.1320495605466,
  "summary_fg_stdv": 118.32012939453125,
  "tsnr": 76.61220370978117
}