{
  "aor": 0.006089650349650351,
  "aqi": 0.03502659300699301,
  "bids_meta": {
    "AcquisitionMatrixPE": 80,
    "AcquisitionNumber": 1,
    "AcquisitionTime": "16:14:23.747500",
    "BandwidthPerPixelPhaseEncode": 25.51,
    "BaseResolution": 80,
    "BodyPartExamined": "BRAIN",
    "ConsistencyInfo": "N4_VE11C_LATEST_20160120",
    "ConversionSoftware": "dcm2niix",
    "ConversionSoftwareVersion": "v1.0.20171215 (OpenJPEG build) GCC4.8.5",
    "DerivedVendorReportedEchoSpacing": 0.000490004,
    "DeviceSerialNumber": "67039",
    "DwellTime": 2.6e-06,
    "EchoTime": 0.025,
    "EchoTrainLength": 80,
    "EffectiveEchoSpacing": 0.000490004,
    "FlipAngle": 90,
    "ImageOrientationPatientDICOM": [
      0.999347,
      -0.0222143,
      -0.0285128,
      0.0228528,
      0.999491,
      0.0222678
    ],
    "ImageType": [
      "ORIGINAL",
      "PRIMARY",
      "M",
      "ND",
      "NORM",
      "MOSAIC"
    ],
    "InPlanePhaseEncodingDirectionDICOM": "COL",
    "InstitutionAddress": "University_Park_Chandlee_Laboratory_State_College_PA_US_16802",
    "InstitutionName": "PSU-SLEIC",
    "InstitutionalDepartmentName": "Department",
    "MRAcquisitionType": "2D",
    "MagneticFieldStrength": 3,
    "Manufacturer": "Siemens",
    "ManufacturersModelName": "Prisma_fit",
    "Modality": "MR",
    "PartialFourier": 1,
    "PatientPosition": "HFS",
    "PercentPhaseFOV": 100,
    "PhaseEncodingDirection": "j-",
    "PhaseEncodingSteps": 80,
    "PhaseResolution": 1,
    "PixelBandwidth": 2405,
    "ProcedureStepDescription": "Investigators_20_ch_xxl213",
    "ProtocolName": "sleep-onset-segment-4",
    "PulseSequenceDetails": "%CustomerSeq%_ep2d_bold_1066",
    "ReceiveCoilActiveElements": "HE1-4",
    "ReceiveCoilName": "HeadNeck_20",
    "ReconMatrixPE": 80,
    "RepetitionTime": 2.1,
    "SAR": 0.135386,
    "ScanOptions": "FS_RT",
    "ScanningSequence": "EP",
    "SequenceName": "ep10662d1_80",
    "SequenceVariant": "SK",
    "SeriesDescription": "sleep-onset-segment-4",
    "SeriesNumber": 34,
    "ShimSetting": [
      -1933,
      8218,
      9511,
      382,
      -5,
      -416,
      -44,
      55
    ],
    "SliceThickness": 4,
    "SliceTiming": [
      2.02,
      1.96,
      1.9025,
      1.8425,
      1.7825,
      1.7225,
      1.665,
      1.605,
      1.545,
      1.485,
      1.4275,
      1.3675,
      1.3075,
      1.2475,
      1.1875,
      1.13,
      1.07,
      1.01,
      0.95,
      0.8925,
      0.8325,
      0.7725,
      0.7125,
      0.655,
      0.595,
      0.535,
      0.475,
      0.415,
      0.3575,
      0.2975,
      0.2375,
      0.1775,
      0.12,
      0.06,
      0
    ],
    "SoftwareVersions": "syngo_MR_E11",
    "SpacingBetweenSlices": 4,
    "StationName": "AWP67039",
    "TaskName": "sleep",
    "TotalReadoutTime": 0.0387103,
    "TxRefAmp": 265.714,
    "dataset": "ds003768",
    "modality": "bold",
    "run_id": 4,
    "subject_id": "13",
    "task_id": "sleep"
  },
  "dummy_trs": 0,
  "dvars_nstd": 34.104795184042054,
  "dvars_std": 0.9769428466355142,
  "dvars_vstd": 0.8807222651168222,
  "efc": 0.43321035546784836,
  "fber": 3240.717041015625,
  "fd_mean": 0.8751745463159365,
  "fd_num": 312,
  "fd_perc": 72.72727272727273,
  "fwhm_avg": 1.9737625321894408,
  "fwhm_x": 1.9876766666666665,
  "fwhm_y": 2.3134633333333334,
  "fwhm_z": 1.620147596568322,
  "gcor": 0.0189038,
  "gsr_x": -0.014531717635691166,
  "gsr_y": 0.017953714355826378,
  "provenance": {
    "md5sum": "58db1c977eaafc994521296821aa0d08",
    "settings": {
      "fd_thres": 0.2,
      "testing": false
    },
    "software": "mriqc",
    "version": "22.0.6",
    "webapi_port": null,
    "webapi_url": "https://mriqc.nimh.nih.gov/api/v1"
  },
  "size_t": 429,
  "size_x": 80,
  "size_y": 80,
  "size_z": 35,
  "snr": 7.416069098271637,
  "spacing_tr": 2.0999999046325684,
  "spacing_x": 3.0,
  "spacing_y": 3.0,
  "spacing_z": 3.999999761581421,
  "summary_bg_k": 71.95379789480099,
  "summary_bg_mad": 7.582353422035817,
  "summary_bg_mean": 32.16916275024414,
  "summary_bg_median": 13.384615898132324,
  "summary_bg_n": 160937.0,
  "summary_bg_p05": 6.331002235412598,
  "summary_bg_p95": 122.68485260009729,
  "summary_bg_stdv": 60.77589416503906,
  "summary_fg_k": 2.7423954236051857,
  "summary_fg_mad": 86.77195526926741,
  "summary_fg_mean": 758.1546020507812,
  "summary_fg_median": 756.4464111328125,
  "summary_fg_n": 25118.0,
  "summary_fg_p05": 599.2644683837891,
  "summary_fg_p95": 921.428707885742,
  "summary_fg_stdv": 101.99896240234375,
  "tsnr": 32.5216821776703
}