{
  "aor": 0.0044375524475524465,
  "aqi": 0.008951230559440559,
  "bids_meta": {
    "AcquisitionMatrixPE": 80,
    "AcquisitionNumber": 1,
    "AcquisitionTime": "14:56:39.237500",
    "BandwidthPerPixelPhaseEncode": 25.51,
    "BaseResolution": 80,
    "BodyPartExamined": "BRAIN",
    "ConsistencyInfo": "N4_VE11C_LATEST_20160120",
    "ConversionSoftware": "dcm2niix",
    "ConversionSoftwareVersion": "v1.0.20171215 (OpenJPEG build) GCC4.8.5",
    "DerivedVendorReportedEchoSpacing": 0.000490004,
    "DeviceSerialNumber": "67039",
    "DwellTime": 2.6e-06,
    "EchoTime": 0.025,
    "EchoTrainLength": 80,
    "EffectiveEchoSpacing": 0.000490004,
    "FlipAngle": 90,
    "ImageOrientationPatientDICOM": [
      0.992965,
      0.118316,
      -0.00466632,
      -0.118404,
      0.991848,
      -0.0470898
    ],
    "ImageType": [
      "ORIGINAL",
      "PRIMARY",
      "M",
      "ND",
      "NORM",
      "MOSAIC"
    ],
    "InPlanePhaseEncodingDirectionDICOM": "COL",
    "InstitutionAddress": "University_Park_Chandlee_Laboratory_State_College_PA_US_16802",
    "InstitutionName": "PSU-SLEIC",
    "InstitutionalDepartmentName": "Department",
    "MRAcquisitionType": "2D",
    "MagneticFieldStrength": 3,
    "Manufacturer": "Siemens",
    "ManufacturersModelName": "Prisma_fit",
    "Modality": "MR",
    "PartialFourier": 1,
    "PatientPosition": "HFS",
    "PercentPhaseFOV": 100,
    "PhaseEncodingDirection": "j-",
    "PhaseEncodingSteps": 80,
    "PhaseResolution": 1,
    "PixelBandwidth": 2405,
    "ProcedureStepDescription": "Investigators_20_ch_xxl213",
    "ProtocolName": "resting-post-motor",
    "PulseSequenceDetails": "%CustomerSeq%_ep2d_bold_1066",
    "ReceiveCoilActiveElements": "HE1-4",
    "ReceiveCoilName": "HeadNeck_20",
    "ReconMatrixPE": 80,
    "RepetitionTime": 2.1,
    "SAR": 0.136549,
    "ScanOptions": "FS_RT",
    "ScanningSequence": "EP",
    "SequenceName": "ep10662d1_80",
    "SequenceVariant": "SK",
    "SeriesDescription": "resting-post-motor",
    "SeriesNumber": 21,
    "ShimSetting": [
      -1908,
      8253,
      9523,
      408,
      -53,
      -439,
      -128,
      54
    ],
    "SliceThickness": 4,
    "SliceTiming": [
      2.02,
      1.9625,
      1.9025,
      1.8425,
      1.7825,
      1.7225,
      1.665,
      1.605,
      1.545,
      1.485,
      1.4275,
      1.3675,
      1.3075,
      1.2475,
      1.19,
      1.13,
      1.07,
      1.01,
      0.95,
      0.8925,
      0.8325,
      0.7725,
      0.7125,
      0.655,
      0.595,
      0.535,
      0.475,
      0.4175,
      0.3575,
      0.2975,
      0.2375,
      0.1775,
      0.12,
      0.06,
      0
    ],
    "SoftwareVersions": "syngo_MR_E11",
    "SpacingBetweenSlices": 4,
    "StationName": "AWP67039",
    "TaskName": "rest",
    "TotalReadoutTime": 0.0387103,
    "TxRefAmp": 268.156,
    "dataset": "ds003768",
    "modality": "bold",
    "run_id": 2,
    "subject_id": "13",
    "task_id": "rest"
  },
  "dummy_trs": 0,
  "dvars_nstd": 19.73029603126315,
  "dvars_std": 1.2829118425263155,
  "dvars_vstd": 0.9999149448421046,
  "efc": 0.4330456299828434,
  "fber": 3248.97021484375,
  "fd_mean": 0.19195001993310415,
  "fd_num": 88,
  "fd_perc": 30.76923076923077,
  "fwhm_avg": 1.8664725000000002,
  "fwhm_x": 1.8729866666666668,
  "fwhm_y": 2.0794833333333336,
  "fwhm_z": 1.6469475,
  "gcor": 0.0228993,
  "gsr_x": -0.020530622452497482,
  "gsr_y": 0.0074062226340174675,
  "provenance": {
    "md5sum": "65730c5b4e980cfd581cc994e9eb7ea6",
    "settings": {
      "fd_thres": 0.2,
      "testing": false
    },
    "software": "mriqc",
    "version": "22.0.6",
    "webapi_port": null,
    "webapi_url": "https://mriqc.nimh.nih.gov/api/v1"
  },
  "size_t": 286,
  "size_x": 80,
  "size_y": 80,
  "size_z": 35,
  "snr": 7.172941484832047,
  "spacing_tr": 2.0999999046325684,
  "spacing_x": 3.0,
  "spacing_y": 3.0,
  "spacing_z": 4.0,
  "summary_bg_k": 73.96082192617875,
  "summary_bg_mad": 7.698126577489935,
  "summary_bg_mean": 34.25489807128906,
  "summary_bg_median": 13.555943489074707,
  "summary_bg_n": 161453.0,
  "summary_bg_p05": 6.601398468017578,
  "summary_bg_p95": 136.3391571044922,
  "summary_bg_stdv": 68.43900299072266,
  "summary_fg_k": 2.254701602374605,
  "summary_fg_mad": 92.90108206759635,
  "summary_fg_mean": 774.8062133789062,
  "summary_fg_median": 772.27099609375,
  "summary_fg_n": 24216.0,
  "summary_fg_p05": 605.2465057373047,
  "summary_fg_p95": 948.1153869628906,
  "summary_fg_stdv": 107.6622543334961,
  "tsnr": 75.0084475975018
}