{
  "aor": 0.010046806526806527,
  "aqi": 0.016298335687645688,
  "bids_meta": {
    "AcquisitionMatrixPE": 80,
    "AcquisitionNumber": 1,
    "AcquisitionTime": "15:42:18.685000",
    "BandwidthPerPixelPhaseEncode": 25.51,
    "BaseResolution": 80,
    "BodyPartExamined": "BRAIN",
    "ConsistencyInfo": "N4_VE11C_LATEST_20160120",
    "ConversionSoftware": "dcm2niix",
    "ConversionSoftwareVersion": "v1.0.20171215 (OpenJPEG build) GCC4.8.5",
    "DerivedVendorReportedEchoSpacing": 0.000490004,
    "DeviceSerialNumber": "67039",
    "DwellTime": 2.6e-06,
    "EchoTime": 0.025,
    "EchoTrainLength": 80,
    "EffectiveEchoSpacing": 0.000490004,
    "FlipAngle": 90,
    "ImageOrientationPatientDICOM": [
      0.999347,
      -0.0222143,
      -0.0285128,
      0.0228528,
      0.999491,
      0.0222678
    ],
    "ImageType": [
      "ORIGINAL",
      "PRIMARY",
      "M",
      "ND",
      "NORM",
      "MOSAIC"
    ],
    "InPlanePhaseEncodingDirectionDICOM": "COL",
    "InstitutionAddress": "University_Park_Chandlee_Laboratory_State_College_PA_US_16802",
    "InstitutionName": "PSU-SLEIC",
    "InstitutionalDepartmentName": "Department",
    "MRAcquisitionType": "2D",
    "MagneticFieldStrength": 3,
    "Manufacturer": "Siemens",
    "ManufacturersModelName": "Prisma_fit",
    "Modality": "MR",
    "PartialFourier": 1,
    "PatientPosition": "HFS",
    "PercentPhaseFOV": 100,
    "PhaseEncodingDirection": "j-",
    "PhaseEncodingSteps": 80,
    "PhaseResolution": 1,
    "PixelBandwidth": 2405,
    "ProcedureStepDescription": "Investigators_20_ch_xxl213",
    "ProtocolName": "sleep-onset-segment-2",
    "PulseSequenceDetails": "%CustomerSeq%_ep2d_bold_1066",
    "ReceiveCoilActiveElements": "HE1-4",
    "ReceiveCoilName": "HeadNeck_20",
    "ReconMatrixPE": 80,
    "RepetitionTime": 2.1,
    "SAR": 0.135386,
    "ScanOptions": "FS_RT",
    "ScanningSequence": "EP",
    "SequenceName": "ep10662d1_80",
    "SequenceVariant": "SK",
    "SeriesDescription": "sleep-onset-segment-2",
    "SeriesNumber": 30,
    "ShimSetting": [
      -1933,
      8218,
      9511,
      382,
      -5,
      -416,
      -44,
      55
    ],
    "SliceThickness": 4,
    "SliceTiming": [
      2.02,
      1.9625,
      1.9025,
      1.8425,
      1.7825,
      1.7225,
      1.665,
      1.605,
      1.545,
      1.485,
      1.4275,
      1.3675,
      1.3075,
      1.2475,
      1.19,
      1.13,
      1.07,
      1.01,
      0.9525,
      0.8925,
      0.8325,
      0.7725,
      0.7125,
      0.655,
      0.595,
      0.535,
      0.475,
      0.4175,
      0.3575,
      0.2975,
      0.2375,
      0.18,
      0.12,
      0.06,
      0
    ],
    "SoftwareVersions": "syngo_MR_E11",
    "SpacingBetweenSlices": 4,
    "StationName": "AWP67039",
    "TaskName": "sleep",
    "TotalReadoutTime": 0.0387103,
    "TxRefAmp": 265.714,
    "dataset": "ds003768",
    "modality": "bold",
    "run_id": 2,
    "subject_id": "13",
    "task_id": "sleep"
  },
  "dummy_trs": 0,
  "dvars_nstd": 24.47028087483645,
  "dvars_std": 1.1695785754439245,
  "dvars_vstd": 1.0181955274299062,
  "efc": 0.43623437034508766,
  "fber": 3157.104248046875,
  "fd_mean": 0.44245633381062527,
  "fd_num": 230,
  "fd_perc": 53.613053613053616,
  "fwhm_avg": 1.8836725321856658,
  "fwhm_x": 1.8908166666666668,
  "fwhm_y": 2.1402433333333333,
  "fwhm_z": 1.619957596556997,
  "gcor": 0.0339534,
  "gsr_x": -0.01896597631275654,
  "gsr_y": 0.013405564241111279,
  "provenance": {
    "md5sum": "4e0bbd4d012dbb1c0fad1dbdafcbe9ac",
    "settings": {
      "fd_thres": 0.2,
      "testing": false
    },
    "software": "mriqc",
    "version": "22.0.6",
    "webapi_port": null,
    "webapi_url": "https://mriqc.nimh.nih.gov/api/v1"
  },
  "size_t": 429,
  "size_x": 80,
  "size_y": 80,
  "size_z": 35,
  "snr": 7.428349323995328,
  "spacing_tr": 2.0999999046325684,
  "spacing_x": 3.0,
  "spacing_y": 3.0,
  "spacing_z": 3.999999761581421,
  "summary_bg_k": 69.34692694419459,
  "summary_bg_mad": 7.540881744569436,
  "summary_bg_mean": 33.347198486328125,
  "summary_bg_median": 13.48717975616455,
  "summary_bg_n": 160779.0,
  "summary_bg_p05": 6.463869571685791,
  "summary_bg_p95": 130.25851745605493,
  "summary_bg_stdv": 64.3183364868164,
  "summary_fg_k": 2.4150236423599516,
  "summary_fg_mad": 87.47009223922412,
  "summary_fg_mean": 759.4501953125,
  "summary_fg_median": 757.87646484375,
  "summary_fg_n": 24823.0,
  "summary_fg_p05": 597.7072509765625,
  "summary_fg_p95": 922.3496948242185,
  "summary_fg_stdv": 102.0228271484375,
  "tsnr": 49.42927795369178
}