{
  "bids_meta": {
    "AcquisitionMatrixPE": 256,
    "AcquisitionNumber": 1,
    "AcquisitionTime": "14:01:12.065000",
    "BaseResolution": 256,
    "BodyPartExamined": "BRAIN",
    "ConsistencyInfo": "N4_VE11C_LATEST_20160120",
    "ConversionSoftware": "dcm2niix",
    "ConversionSoftwareVersion": "v1.0.20171215 (OpenJPEG build) GCC4.8.5",
    "DeviceSerialNumber": "67039",
    "DwellTime": 9.8e-06,
    "EchoTime": 0.00228,
    "FlipAngle": 8,
    "ImageOrientationPatientDICOM": [
      0.0437137,
      0.99887,
      0.0186527,
      -0.0467631,
      0.0206959,
      -0.998692
    ],
    "ImageType": [
      "ORIGINAL",
      "PRIMARY",
      "M",
      "NORM",
      "DIS2D"
    ],
    "InPlanePhaseEncodingDirectionDICOM": "ROW",
    "InstitutionAddress": "University_Park_Chandlee_Laboratory_State_College_PA_US_16802",
    "InstitutionName": "Penn_State_SLEIC",
    "InstitutionalDepartmentName": "Department",
    "InversionTime": 0.9,
    "MRAcquisitionType": "3D",
    "MagneticFieldStrength": 3,
    "Manufacturer": "Siemens",
    "ManufacturersModelName": "Prisma_fit",
    "Modality": "MR",
    "ParallelReductionFactorInPlane": 2,
    "PartialFourier": 1,
    "PatientPosition": "HFS",
    "PercentPhaseFOV": 100,
    "PhaseEncodingSteps": 255,
    "PhaseResolution": 1,
    "PixelBandwidth": 200,
    "ProcedureStepDescription": "Investigators_20_ch_xxl213",
    "ProtocolName": "t1_mprage_sag_p2_iso_2300",
    "PulseSequenceDetails": "%SiemensSeq%_tfl",
    "ReceiveCoilActiveElements": "HE1-4;NE1,2",
    "ReceiveCoilName": "HeadNeck_20",
    "ReconMatrixPE": 256,
    "RepetitionTime": 2.3,
    "SAR": 0.0777641,
    "ScanOptions": "IR",
    "ScanningSequence": "GR_IR",
    "SequenceName": "_tfl3d1_16ns",
    "SequenceVariant": "SK_SP_MP",
    "SeriesDescription": "t1_mprage_sag_p2_iso_2300",
    "SeriesNumber": 13,
    "ShimSetting": [
      -1941,
      8275,
      9263,
      132,
      -19,
      -59,
      -30,
      9
    ],
    "SliceThickness": 1,
    "SoftwareVersions": "syngo_MR_E11",
    "StationName": "AWP67039",
    "TxRefAmp": 310.739,
    "dataset": "ds003768",
    "modality": "T1w",
    "subject_id": "17"
  },
  "cjv": 0.3158570587619105,
  "cnr": 4.34380794051899,
  "efc": 0.5243706227292974,
  "fber": -1.0,
  "fwhm_avg": 4.633276361398295,
  "fwhm_x": 4.6184090841948855,
  "fwhm_y": 4.67216,
  "fwhm_z": 4.60926,
  "icvs_csf": 0.20723525740697923,
  "icvs_gm": 0.4471359916590504,
  "icvs_wm": 0.3456287509339704,
  "inu_med": 0.6217029094696045,
  "inu_range": 0.3394179344177246,
  "provenance": {
    "md5sum": "87ff89b3f180e9ae912bceba4cce64d2",
    "settings": {
      "testing": false
    },
    "software": "mriqc",
    "version": "22.0.6",
    "warnings": {
      "large_rot_frame": true,
      "small_air_mask": false
    },
    "webapi_port": null,
    "webapi_url": "https://mriqc.nimh.nih.gov/api/v1"
  },
  "qi_1": 6.5780905729982e-05,
  "qi_2": 0.012311385403352497,
  "rpve_csf": 23.874875008842587,
  "rpve_gm": 11.81327209149698,
  "rpve_wm": 17.46880521324894,
  "size_x": 192,
  "size_y": 256,
  "size_z": 256,
  "snr_csf": 1.7894458318403215,
  "snr_gm": 11.708582725716788,
  "snr_total": 12.108327945392885,
  "snr_wm": 22.826955278621543,
  "snrd_csf": 20.13033370388204,
  "snrd_gm": 60.725954552321426,
  "snrd_total": 56.6390318018106,
  "snrd_wm": 89.06080714922834,
  "spacing_x": 0.9999980330467224,
  "spacing_y": 1.0,
  "spacing_z": 1.0,
  "summary_bg_k": 17.73946460142489,
  "summary_bg_mad": 0.0,
  "summary_bg_mean": 4.4379895923225625,
  "summary_bg_median": 0.0,
  "summary_bg_n": 4257300.0,
  "summary_bg_p05": 0.0,
  "summary_bg_p95": 18.433561481535435,
  "summary_bg_stdv": 7.356361656317746,
  "summary_csf_k": -0.5011422184884853,
  "summary_csf_mad": 144.7980657074088,
  "summary_csf_mean": 232.68481319066711,
  "summary_csf_median": 226.0384478531778,
  "summary_csf_n": 40513.0,
  "summary_csf_p05": 46.86918995529413,
  "summary_csf_p95": 450.8121715329588,
  "summary_csf_stdv": 126.31601030406108,
  "summary_gm_k": -0.02075316587264986,
  "summary_gm_mad": 58.27463414631645,
  "summary_gm_mean": 682.2289991165267,
  "summary_gm_median": 681.876451395452,
  "summary_gm_n": 57725.0,
  "summary_gm_p05": 586.7741532586515,
  "summary_gm_p95": 778.6650484301148,
  "summary_gm_stdv": 58.23681320738941,
  "summary_wm_k": 0.508029908342015,
  "summary_wm_mad": 42.22000307761518,
  "summary_wm_mean": 1000.080317691211,
  "summary_wm_median": 1000.0413758009672,
  "summary_wm_n": 234944.0,
  "summary_wm_p05": 928.5389960631728,
  "summary_wm_p95": 1071.3784321174026,
  "summary_wm_stdv": 43.80957667536665,
  "tpm_overlap_csf": 0.14968190017452232,
  "tpm_overlap_gm": 0.47792883828026594,
  "tpm_overlap_wm": 0.5150183931156005,
  "wm2max": 0.5039258565031761
}