{
  "aor": 0.002395967365967366,
  "aqi": 0.013078227086247085,
  "bids_meta": {
    "AcquisitionMatrixPE": 80,
    "AcquisitionNumber": 1,
    "AcquisitionTime": "18:00:18.065000",
    "BandwidthPerPixelPhaseEncode": 25.51,
    "BaseResolution": 80,
    "BodyPartExamined": "BRAIN",
    "ConsistencyInfo": "N4_VE11C_LATEST_20160120",
    "ConversionSoftware": "dcm2niix",
    "ConversionSoftwareVersion": "v1.0.20171215 (OpenJPEG build) GCC4.8.5",
    "DerivedVendorReportedEchoSpacing": 0.000490004,
    "DeviceSerialNumber": "67039",
    "DwellTime": 2.6e-06,
    "EchoTime": 0.025,
    "EchoTrainLength": 80,
    "EffectiveEchoSpacing": 0.000490004,
    "FlipAngle": 90,
    "ImageOrientationPatientDICOM": [
      0.989175,
      0.139096,
      0.0467541,
      -0.141837,
      0.987972,
      0.0615874
    ],
    "ImageType": [
      "ORIGINAL",
      "PRIMARY",
      "M",
      "ND",
      "NORM",
      "MOSAIC"
    ],
    "InPlanePhaseEncodingDirectionDICOM": "COL",
    "InstitutionAddress": "University_Park_Chandlee_Laboratory_State_College_PA_US_16802",
    "InstitutionName": "Penn_State_SLEIC",
    "InstitutionalDepartmentName": "Department",
    "MRAcquisitionType": "2D",
    "MagneticFieldStrength": 3,
    "Manufacturer": "Siemens",
    "ManufacturersModelName": "Prisma_fit",
    "Modality": "MR",
    "PartialFourier": 1,
    "PatientPosition": "HFS",
    "PercentPhaseFOV": 100,
    "PhaseEncodingDirection": "j-",
    "PhaseEncodingSteps": 80,
    "PhaseResolution": 1,
    "PixelBandwidth": 2405,
    "ProcedureStepDescription": "Investigators_20_ch_xxl213",
    "ProtocolName": "sleep-onset-segment-3",
    "PulseSequenceDetails": "%CustomerSeq%_ep2d_bold_1066",
    "ReceiveCoilActiveElements": "HE1-4",
    "ReceiveCoilName": "HeadNeck_20",
    "ReconMatrixPE": 80,
    "RepetitionTime": 2.1,
    "SAR": 0.152334,
    "ScanOptions": "FS_RT",
    "ScanningSequence": "EP",
    "SequenceName": "ep10662d1_80",
    "SequenceVariant": "SK",
    "SeriesDescription": "sleep-onset-segment-3",
    "SeriesNumber": 30,
    "ShimSetting": [
      -1897,
      8241,
      9533,
      427,
      -84,
      -326,
      26,
      22
    ],
    "SliceThickness": 4,
    "SliceTiming": [
      2.02,
      1.96,
      1.9,
      1.84,
      1.7825,
      1.7225,
      1.6625,
      1.6025,
      1.545,
      1.485,
      1.425,
      1.365,
      1.305,
      1.2475,
      1.1875,
      1.1275,
      1.0675,
      1.01,
      0.95,
      0.89,
      0.83,
      0.7725,
      0.7125,
      0.6525,
      0.5925,
      0.5325,
      0.475,
      0.415,
      0.355,
      0.295,
      0.2375,
      0.1775,
      0.1175,
      0.0575,
      0
    ],
    "SoftwareVersions": "syngo_MR_E11",
    "SpacingBetweenSlices": 4,
    "StationName": "AWP67039",
    "TaskName": "sleep",
    "TotalReadoutTime": 0.0387103,
    "TxRefAmp": 298.198,
    "dataset": "ds003768",
    "modality": "bold",
    "run_id": 1,
    "subject_id": "18",
    "task_id": "sleep"
  },
  "dummy_trs": 0,
  "dvars_nstd": 25.59810045495327,
  "dvars_std": 1.2248770416355146,
  "dvars_vstd": 0.9875055753037383,
  "efc": 0.47694283625122597,
  "fber": 2552.32666015625,
  "fd_mean": 0.31694677929028336,
  "fd_num": 249,
  "fd_perc": 58.04195804195804,
  "fwhm_avg": 1.8831230555555554,
  "fwhm_x": 1.83842,
  "fwhm_y": 2.169146666666667,
  "fwhm_z": 1.6418025,
  "gcor": 0.0889205,
  "gsr_x": -0.01969631016254425,
  "gsr_y": 0.023899588733911514,
  "provenance": {
    "md5sum": "08918b60dc9731a696913976a6364c7c",
    "settings": {
      "fd_thres": 0.2,
      "testing": false
    },
    "software": "mriqc",
    "version": "22.0.6",
    "webapi_port": null,
    "webapi_url": "https://mriqc.nimh.nih.gov/api/v1"
  },
  "size_t": 429,
  "size_x": 80,
  "size_y": 80,
  "size_z": 35,
  "snr": 7.18628001501967,
  "spacing_tr": 2.0999999046325684,
  "spacing_x": 3.0,
  "spacing_y": 3.0,
  "spacing_z": 4.0,
  "summary_bg_k": 23.322262124573097,
  "summary_bg_mad": 8.905981583880122,
  "summary_bg_mean": 39.31632614135742,
  "summary_bg_median": 15.188811302185059,
  "summary_bg_n": 152350.0,
  "summary_bg_p05": 6.895104885101318,
  "summary_bg_p95": 164.68962860107402,
  "summary_bg_stdv": 67.97999572753906,
  "summary_fg_k": 1.6166227082617342,
  "summary_fg_mad": 100.34350268899486,
  "summary_fg_mean": 776.7722778320312,
  "summary_fg_median": 773.2564086914062,
  "summary_fg_n": 31140.0,
  "summary_fg_p05": 614.0085235595703,
  "summary_fg_p95": 956.2357055664063,
  "summary_fg_stdv": 107.60003662109375,
  "tsnr": 56.68636403279379
}