{
  "aor": 0.0013517832167832169,
  "aqi": 0.01144517353146853,
  "bids_meta": {
    "AcquisitionMatrixPE": 80,
    "AcquisitionNumber": 1,
    "AcquisitionTime": "17:07:31.437500",
    "BandwidthPerPixelPhaseEncode": 25.51,
    "BaseResolution": 80,
    "BodyPartExamined": "BRAIN",
    "ConsistencyInfo": "N4_VE11C_LATEST_20160120",
    "ConversionSoftware": "dcm2niix",
    "ConversionSoftwareVersion": "v1.0.20171215 (OpenJPEG build) GCC4.8.5",
    "DerivedVendorReportedEchoSpacing": 0.000490004,
    "DeviceSerialNumber": "67039",
    "DwellTime": 2.6e-06,
    "EchoTime": 0.025,
    "EchoTrainLength": 80,
    "EffectiveEchoSpacing": 0.000490004,
    "FlipAngle": 90,
    "ImageOrientationPatientDICOM": [
      0.994569,
      0.0931364,
      0.0464553,
      -0.0952405,
      0.994421,
      0.0453441
    ],
    "ImageType": [
      "ORIGINAL",
      "PRIMARY",
      "M",
      "ND",
      "NORM",
      "MOSAIC"
    ],
    "InPlanePhaseEncodingDirectionDICOM": "COL",
    "InstitutionAddress": "University_Park_Chandlee_Laboratory_State_College_PA_US_16802",
    "InstitutionName": "Penn_State_SLEIC",
    "InstitutionalDepartmentName": "Department",
    "MRAcquisitionType": "2D",
    "MagneticFieldStrength": 3,
    "Manufacturer": "Siemens",
    "ManufacturersModelName": "Prisma_fit",
    "Modality": "MR",
    "PartialFourier": 1,
    "PatientPosition": "HFS",
    "PercentPhaseFOV": 100,
    "PhaseEncodingDirection": "j-",
    "PhaseEncodingSteps": 80,
    "PhaseResolution": 1,
    "PixelBandwidth": 2405,
    "ProcedureStepDescription": "Investigators_20_ch_xxl213",
    "ProtocolName": "resting-post-motor",
    "PulseSequenceDetails": "%CustomerSeq%_ep2d_bold_1066",
    "ReceiveCoilActiveElements": "HE1-4",
    "ReceiveCoilName": "HeadNeck_20",
    "ReconMatrixPE": 80,
    "RepetitionTime": 2.1,
    "SAR": 0.160759,
    "ScanOptions": "FS_RT",
    "ScanningSequence": "EP",
    "SequenceName": "ep10662d1_80",
    "SequenceVariant": "SK",
    "SeriesDescription": "resting-post-motor",
    "SeriesNumber": 19,
    "ShimSetting": [
      -1911,
      8235,
      9532,
      415,
      6,
      -296,
      15,
      3
    ],
    "SliceThickness": 4,
    "SliceTiming": [
      2.02,
      1.9625,
      1.9025,
      1.8425,
      1.7825,
      1.7225,
      1.665,
      1.605,
      1.545,
      1.485,
      1.4275,
      1.3675,
      1.3075,
      1.2475,
      1.19,
      1.13,
      1.07,
      1.01,
      0.9525,
      0.8925,
      0.8325,
      0.7725,
      0.7125,
      0.655,
      0.595,
      0.535,
      0.475,
      0.4175,
      0.3575,
      0.2975,
      0.2375,
      0.18,
      0.12,
      0.06,
      0
    ],
    "SoftwareVersions": "syngo_MR_E11",
    "SpacingBetweenSlices": 4,
    "StationName": "AWP67039",
    "TaskName": "rest",
    "TotalReadoutTime": 0.0387103,
    "TxRefAmp": 309.382,
    "dataset": "ds003768",
    "modality": "bold",
    "run_id": 2,
    "subject_id": "18",
    "task_id": "rest"
  },
  "dummy_trs": 0,
  "dvars_nstd": 19.954140823824563,
  "dvars_std": 1.179225565508772,
  "dvars_vstd": 0.9143779887719301,
  "efc": 0.47740288681140636,
  "fber": 2441.646728515625,
  "fd_mean": 0.11147658433138803,
  "fd_num": 31,
  "fd_perc": 10.839160839160838,
  "fwhm_avg": 1.7918291666666668,
  "fwhm_x": 1.7576933333333333,
  "fwhm_y": 2.075466666666667,
  "fwhm_z": 1.5423275,
  "gcor": 0.0298913,
  "gsr_x": -0.019358810037374496,
  "gsr_y": 0.024612190201878548,
  "provenance": {
    "md5sum": "a4b8c62bf99b9629b8f1d30af28785f5",
    "settings": {
      "fd_thres": 0.2,
      "testing": false
    },
    "software": "mriqc",
    "version": "22.0.6",
    "webapi_port": null,
    "webapi_url": "https://mriqc.nimh.nih.gov/api/v1"
  },
  "size_t": 286,
  "size_x": 80,
  "size_y": 80,
  "size_z": 35,
  "snr": 7.066899637183938,
  "spacing_tr": 2.0999999046325684,
  "spacing_x": 3.0,
  "spacing_y": 3.0,
  "spacing_z": 4.0,
  "summary_bg_k": 26.135875875695017,
  "summary_bg_mad": 7.231574094272208,
  "summary_bg_mean": 34.00605773925781,
  "summary_bg_median": 13.21678352355957,
  "summary_bg_n": 152563.0,
  "summary_bg_p05": 6.5034966468811035,
  "summary_bg_p95": 141.90838928222652,
  "summary_bg_stdv": 59.4886474609375,
  "summary_fg_k": 1.5271733212654333,
  "summary_fg_mad": 89.2878725959954,
  "summary_fg_mean": 660.4210205078125,
  "summary_fg_median": 655.87060546875,
  "summary_fg_n": 30961.0,
  "summary_fg_p05": 523.206298828125,
  "summary_fg_p95": 812.881103515625,
  "summary_fg_stdv": 92.80731964111328,
  "tsnr": 63.6833892413415
}