{
  "aor": 0.0025137894736842106,
  "aqi": 0.013960910701754387,
  "bids_meta": {
    "AcquisitionMatrixPE": 80,
    "AcquisitionNumber": 1,
    "AcquisitionTime": "16:44:51.747500",
    "BandwidthPerPixelPhaseEncode": 25.51,
    "BaseResolution": 80,
    "BodyPartExamined": "BRAIN",
    "ConsistencyInfo": "N4_VE11C_LATEST_20160120",
    "ConversionSoftware": "dcm2niix",
    "ConversionSoftwareVersion": "v1.0.20171215 (OpenJPEG build) GCC4.8.5",
    "DerivedVendorReportedEchoSpacing": 0.000490004,
    "DeviceSerialNumber": "67039",
    "DwellTime": 2.6e-06,
    "EchoTime": 0.025,
    "EchoTrainLength": 80,
    "EffectiveEchoSpacing": 0.000490004,
    "FlipAngle": 90,
    "ImageOrientationPatientDICOM": [
      0.994569,
      0.0931364,
      0.0464553,
      -0.0952405,
      0.994421,
      0.0453441
    ],
    "ImageType": [
      "ORIGINAL",
      "PRIMARY",
      "M",
      "ND",
      "NORM",
      "MOSAIC"
    ],
    "InPlanePhaseEncodingDirectionDICOM": "COL",
    "InstitutionAddress": "University_Park_Chandlee_Laboratory_State_College_PA_US_16802",
    "InstitutionName": "Penn_State_SLEIC",
    "InstitutionalDepartmentName": "Department",
    "MRAcquisitionType": "2D",
    "MagneticFieldStrength": 3,
    "Manufacturer": "Siemens",
    "ManufacturersModelName": "Prisma_fit",
    "Modality": "MR",
    "PartialFourier": 1,
    "PatientPosition": "HFS",
    "PercentPhaseFOV": 100,
    "PhaseEncodingDirection": "j-",
    "PhaseEncodingSteps": 80,
    "PhaseResolution": 1,
    "PixelBandwidth": 2405,
    "ProcedureStepDescription": "Investigators_20_ch_xxl213",
    "ProtocolName": "resting-pre-motor",
    "PulseSequenceDetails": "%CustomerSeq%_ep2d_bold_1066",
    "ReceiveCoilActiveElements": "HE1-4",
    "ReceiveCoilName": "HeadNeck_20",
    "ReconMatrixPE": 80,
    "RepetitionTime": 2.1,
    "SAR": 0.160759,
    "ScanOptions": "FS_RT",
    "ScanningSequence": "EP",
    "SequenceName": "ep10662d1_80",
    "SequenceVariant": "SK",
    "SeriesDescription": "resting-pre-motor",
    "SeriesNumber": 15,
    "ShimSetting": [
      -1911,
      8235,
      9532,
      415,
      6,
      -296,
      15,
      3
    ],
    "SliceThickness": 4,
    "SliceTiming": [
      2.02,
      1.9625,
      1.9025,
      1.8425,
      1.7825,
      1.725,
      1.665,
      1.605,
      1.545,
      1.4875,
      1.4275,
      1.3675,
      1.3075,
      1.2475,
      1.19,
      1.13,
      1.07,
      1.01,
      0.9525,
      0.8925,
      0.8325,
      0.7725,
      0.715,
      0.655,
      0.595,
      0.535,
      0.475,
      0.4175,
      0.3575,
      0.2975,
      0.2375,
      0.18,
      0.12,
      0.06,
      0
    ],
    "SoftwareVersions": "syngo_MR_E11",
    "SpacingBetweenSlices": 4,
    "StationName": "AWP67039",
    "TaskName": "rest",
    "TotalReadoutTime": 0.0387103,
    "TxRefAmp": 309.382,
    "dataset": "ds003768",
    "modality": "bold",
    "run_id": 1,
    "subject_id": "18",
    "task_id": "rest"
  },
  "dummy_trs": 1,
  "dvars_nstd": 19.860451644542238,
  "dvars_std": 1.1472050682746457,
  "dvars_vstd": 0.9318800699647891,
  "efc": 0.47984349543989774,
  "fber": 2425.892578125,
  "fd_mean": 0.1382680856346671,
  "fd_num": 38,
  "fd_perc": 13.333333333333334,
  "fwhm_avg": 1.8021213888888887,
  "fwhm_x": 1.7755400000000001,
  "fwhm_y": 2.0918666666666668,
  "fwhm_z": 1.5389575,
  "gcor": 0.0299501,
  "gsr_x": -0.01987866312265396,
  "gsr_y": 0.02280775085091591,
  "provenance": {
    "md5sum": "3b1c60c2253c35637b173984ddfd0c81",
    "settings": {
      "fd_thres": 0.2,
      "testing": false
    },
    "software": "mriqc",
    "version": "22.0.6",
    "webapi_port": null,
    "webapi_url": "https://mriqc.nimh.nih.gov/api/v1"
  },
  "size_t": 285,
  "size_x": 80,
  "size_y": 80,
  "size_z": 35,
  "snr": 7.102159995963447,
  "spacing_tr": 2.0999999046325684,
  "spacing_x": 3.0,
  "spacing_y": 3.0,
  "spacing_z": 4.0,
  "summary_bg_k": 25.522646019489528,
  "summary_bg_mad": 7.282958762455468,
  "summary_bg_mean": 34.46006393432617,
  "summary_bg_median": 13.203509330749512,
  "summary_bg_n": 152199.0,
  "summary_bg_p05": 6.473684310913086,
  "summary_bg_p95": 144.76421966552752,
  "summary_bg_stdv": 60.038482666015625,
  "summary_fg_k": 1.7393638419478208,
  "summary_fg_mad": 88.83125572620906,
  "summary_fg_mean": 657.9891357421875,
  "summary_fg_median": 653.8245849609375,
  "summary_fg_n": 31189.0,
  "summary_fg_p05": 522.8301879882813,
  "summary_fg_p95": 810.4533691406249,
  "summary_fg_stdv": 92.05848693847656,
  "tsnr": 59.27982129971497
}