{
  "aor": 0.017938438228438228,
  "aqi": 0.012593192540792542,
  "bids_meta": {
    "AcquisitionMatrixPE": 80,
    "AcquisitionNumber": 1,
    "AcquisitionTime": "18:16:5.675000",
    "BandwidthPerPixelPhaseEncode": 25.51,
    "BaseResolution": 80,
    "BodyPartExamined": "BRAIN",
    "ConsistencyInfo": "N4_VE11C_LATEST_20160120",
    "ConversionSoftware": "dcm2niix",
    "ConversionSoftwareVersion": "v1.0.20171215 (OpenJPEG build) GCC4.8.5",
    "DerivedVendorReportedEchoSpacing": 0.000490004,
    "DeviceSerialNumber": "67039",
    "DwellTime": 2.6e-06,
    "EchoTime": 0.025,
    "EchoTrainLength": 80,
    "EffectiveEchoSpacing": 0.000490004,
    "FlipAngle": 90,
    "ImageOrientationPatientDICOM": [
      0.989175,
      0.139096,
      0.0467541,
      -0.141837,
      0.987972,
      0.0615874
    ],
    "ImageType": [
      "ORIGINAL",
      "PRIMARY",
      "M",
      "ND",
      "NORM",
      "MOSAIC"
    ],
    "InPlanePhaseEncodingDirectionDICOM": "COL",
    "InstitutionAddress": "University_Park_Chandlee_Laboratory_State_College_PA_US_16802",
    "InstitutionName": "Penn_State_SLEIC",
    "InstitutionalDepartmentName": "Department",
    "MRAcquisitionType": "2D",
    "MagneticFieldStrength": 3,
    "Manufacturer": "Siemens",
    "ManufacturersModelName": "Prisma_fit",
    "Modality": "MR",
    "PartialFourier": 1,
    "PatientPosition": "HFS",
    "PercentPhaseFOV": 100,
    "PhaseEncodingDirection": "j-",
    "PhaseEncodingSteps": 80,
    "PhaseResolution": 1,
    "PixelBandwidth": 2405,
    "ProcedureStepDescription": "Investigators_20_ch_xxl213",
    "ProtocolName": "sleep-onset-segment-4",
    "PulseSequenceDetails": "%CustomerSeq%_ep2d_bold_1066",
    "ReceiveCoilActiveElements": "HE1-4",
    "ReceiveCoilName": "HeadNeck_20",
    "ReconMatrixPE": 80,
    "RepetitionTime": 2.1,
    "SAR": 0.152334,
    "ScanOptions": "FS_RT",
    "ScanningSequence": "EP",
    "SequenceName": "ep10662d1_80",
    "SequenceVariant": "SK",
    "SeriesDescription": "sleep-onset-segment-4",
    "SeriesNumber": 32,
    "ShimSetting": [
      -1897,
      8241,
      9533,
      427,
      -84,
      -326,
      26,
      22
    ],
    "SliceThickness": 4,
    "SliceTiming": [
      2.02,
      1.9625,
      1.9025,
      1.8425,
      1.7825,
      1.725,
      1.665,
      1.605,
      1.545,
      1.485,
      1.4275,
      1.3675,
      1.3075,
      1.2475,
      1.19,
      1.13,
      1.07,
      1.01,
      0.9525,
      0.8925,
      0.8325,
      0.7725,
      0.7125,
      0.655,
      0.595,
      0.535,
      0.475,
      0.4175,
      0.3575,
      0.2975,
      0.2375,
      0.18,
      0.12,
      0.06,
      0
    ],
    "SoftwareVersions": "syngo_MR_E11",
    "SpacingBetweenSlices": 4,
    "StationName": "AWP67039",
    "TaskName": "sleep",
    "TotalReadoutTime": 0.0387103,
    "TxRefAmp": 298.198,
    "dataset": "ds003768",
    "modality": "bold",
    "run_id": 2,
    "subject_id": "18",
    "task_id": "sleep"
  },
  "dummy_trs": 0,
  "dvars_nstd": 23.677627476728965,
  "dvars_std": 1.4087165191588775,
  "dvars_vstd": 1.1278866744158877,
  "efc": 0.47861450263095495,
  "fber": 2475.889404296875,
  "fd_mean": 0.221230205443105,
  "fd_num": 121,
  "fd_perc": 28.205128205128204,
  "fwhm_avg": 1.8652591666666665,
  "fwhm_x": 1.82237,
  "fwhm_y": 2.14427,
  "fwhm_z": 1.6291375,
  "gcor": 0.056856,
  "gsr_x": -0.0205626729875803,
  "gsr_y": 0.024794820696115494,
  "provenance": {
    "md5sum": "440d5c1df73b80161eb7d744054e5c4f",
    "settings": {
      "fd_thres": 0.2,
      "testing": false
    },
    "software": "mriqc",
    "version": "22.0.6",
    "webapi_port": null,
    "webapi_url": "https://mriqc.nimh.nih.gov/api/v1"
  },
  "size_t": 429,
  "size_x": 80,
  "size_y": 80,
  "size_z": 35,
  "snr": 7.143304539594707,
  "spacing_tr": 2.0999999046325684,
  "spacing_x": 3.0,
  "spacing_y": 3.0,
  "spacing_z": 4.0,
  "summary_bg_k": 24.22544439178459,
  "summary_bg_mad": 8.999291797739735,
  "summary_bg_mean": 39.94521713256836,
  "summary_bg_median": 15.326340675354004,
  "summary_bg_n": 152327.0,
  "summary_bg_p05": 6.926107263565064,
  "summary_bg_p95": 169.12610778808582,
  "summary_bg_stdv": 69.14657592773438,
  "summary_fg_k": 1.8333445703733622,
  "summary_fg_mad": 99.97366655209103,
  "summary_fg_mean": 771.7141723632812,
  "summary_fg_median": 768.582763671875,
  "summary_fg_n": 31081.0,
  "summary_fg_p05": 610.2284545898438,
  "summary_fg_p95": 951.3939819335938,
  "summary_fg_stdv": 107.5931167602539,
  "tsnr": 54.167804398806766
}