{
  "aor": 0.005261072261072261,
  "aqi": 0.02063892641025641,
  "bids_meta": {
    "AcquisitionMatrixPE": 80,
    "AcquisitionNumber": 1,
    "AcquisitionTime": "18:47:2.297500",
    "BandwidthPerPixelPhaseEncode": 25.51,
    "BaseResolution": 80,
    "BodyPartExamined": "BRAIN",
    "ConsistencyInfo": "N4_VE11C_LATEST_20160120",
    "ConversionSoftware": "dcm2niix",
    "ConversionSoftwareVersion": "v1.0.20171215 (OpenJPEG build) GCC4.8.5",
    "DerivedVendorReportedEchoSpacing": 0.000490004,
    "DeviceSerialNumber": "67039",
    "DwellTime": 2.6e-06,
    "EchoTime": 0.025,
    "EchoTrainLength": 80,
    "EffectiveEchoSpacing": 0.000490004,
    "FlipAngle": 90,
    "ImageOrientationPatientDICOM": [
      0.989175,
      0.139096,
      0.0467541,
      -0.141837,
      0.987972,
      0.0615874
    ],
    "ImageType": [
      "ORIGINAL",
      "PRIMARY",
      "M",
      "ND",
      "NORM",
      "MOSAIC"
    ],
    "InPlanePhaseEncodingDirectionDICOM": "COL",
    "InstitutionAddress": "University_Park_Chandlee_Laboratory_State_College_PA_US_16802",
    "InstitutionName": "Penn_State_SLEIC",
    "InstitutionalDepartmentName": "Department",
    "MRAcquisitionType": "2D",
    "MagneticFieldStrength": 3,
    "Manufacturer": "Siemens",
    "ManufacturersModelName": "Prisma_fit",
    "Modality": "MR",
    "PartialFourier": 1,
    "PatientPosition": "HFS",
    "PercentPhaseFOV": 100,
    "PhaseEncodingDirection": "j-",
    "PhaseEncodingSteps": 80,
    "PhaseResolution": 1,
    "PixelBandwidth": 2405,
    "ProcedureStepDescription": "Investigators_20_ch_xxl213",
    "ProtocolName": "sleep-onset-segment-6",
    "PulseSequenceDetails": "%CustomerSeq%_ep2d_bold_1066",
    "ReceiveCoilActiveElements": "HE1-4",
    "ReceiveCoilName": "HeadNeck_20",
    "ReconMatrixPE": 80,
    "RepetitionTime": 2.1,
    "SAR": 0.152334,
    "ScanOptions": "FS_RT",
    "ScanningSequence": "EP",
    "SequenceName": "ep10662d1_80",
    "SequenceVariant": "SK",
    "SeriesDescription": "sleep-onset-segment-6",
    "SeriesNumber": 36,
    "ShimSetting": [
      -1897,
      8241,
      9533,
      427,
      -84,
      -326,
      26,
      22
    ],
    "SliceThickness": 4,
    "SliceTiming": [
      2.02,
      1.96,
      1.9025,
      1.8425,
      1.7825,
      1.7225,
      1.6625,
      1.605,
      1.545,
      1.485,
      1.425,
      1.3675,
      1.3075,
      1.2475,
      1.1875,
      1.13,
      1.07,
      1.01,
      0.95,
      0.89,
      0.8325,
      0.7725,
      0.7125,
      0.6525,
      0.595,
      0.535,
      0.475,
      0.415,
      0.3575,
      0.2975,
      0.2375,
      0.1775,
      0.1175,
      0.06,
      0
    ],
    "SoftwareVersions": "syngo_MR_E11",
    "SpacingBetweenSlices": 4,
    "StationName": "AWP67039",
    "TaskName": "sleep",
    "TotalReadoutTime": 0.0387103,
    "TxRefAmp": 298.198,
    "dataset": "ds003768",
    "modality": "bold",
    "run_id": 4,
    "subject_id": "18",
    "task_id": "sleep"
  },
  "dummy_trs": 0,
  "dvars_nstd": 25.474077115794394,
  "dvars_std": 1.113041742009346,
  "dvars_vstd": 0.8935484638084112,
  "efc": 0.4768095987084487,
  "fber": 2506.55419921875,
  "fd_mean": 0.26607111833216934,
  "fd_num": 91,
  "fd_perc": 21.21212121212121,
  "fwhm_avg": 1.8815486111111113,
  "fwhm_x": 1.8409166666666668,
  "fwhm_y": 2.182976666666667,
  "fwhm_z": 1.6207525,
  "gcor": 0.038045,
  "gsr_x": -0.019624678418040276,
  "gsr_y": 0.023894766345620155,
  "provenance": {
    "md5sum": "10608f671ac94c997b5f723a655e1377",
    "settings": {
      "fd_thres": 0.2,
      "testing": false
    },
    "software": "mriqc",
    "version": "22.0.6",
    "webapi_port": null,
    "webapi_url": "https://mriqc.nimh.nih.gov/api/v1"
  },
  "size_t": 429,
  "size_x": 80,
  "size_y": 80,
  "size_z": 35,
  "snr": 7.084834610711394,
  "spacing_tr": 2.0999999046325684,
  "spacing_x": 3.0,
  "spacing_y": 3.0,
  "spacing_z": 4.0,
  "summary_bg_k": 23.53453324304957,
  "summary_bg_mad": 9.00274741738202,
  "summary_bg_mean": 39.150047302246094,
  "summary_bg_median": 15.289044380187988,
  "summary_bg_n": 152559.0,
  "summary_bg_p05": 6.911422252655029,
  "summary_bg_p95": 162.69510803222659,
  "summary_bg_stdv": 66.7978515625,
  "summary_fg_k": 1.6958827965953356,
  "summary_fg_mad": 101.2869603751606,
  "summary_fg_mean": 771.7719116210938,
  "summary_fg_median": 768.5850830078125,
  "summary_fg_n": 30949.0,
  "summary_fg_p05": 607.26435546875,
  "summary_fg_p95": 950.8652709960937,
  "summary_fg_stdv": 108.48138427734375,
  "tsnr": 42.2750946348533
}