{
  "aor": 0.013942983682983686,
  "aqi": 0.018207788671328672,
  "bids_meta": {
    "AcquisitionMatrixPE": 80,
    "AcquisitionNumber": 1,
    "AcquisitionTime": "18:31:35.540000",
    "BandwidthPerPixelPhaseEncode": 25.51,
    "BaseResolution": 80,
    "BodyPartExamined": "BRAIN",
    "ConsistencyInfo": "N4_VE11C_LATEST_20160120",
    "ConversionSoftware": "dcm2niix",
    "ConversionSoftwareVersion": "v1.0.20171215 (OpenJPEG build) GCC4.8.5",
    "DerivedVendorReportedEchoSpacing": 0.000490004,
    "DeviceSerialNumber": "67039",
    "DwellTime": 2.6e-06,
    "EchoTime": 0.025,
    "EchoTrainLength": 80,
    "EffectiveEchoSpacing": 0.000490004,
    "FlipAngle": 90,
    "ImageOrientationPatientDICOM": [
      0.989175,
      0.139096,
      0.0467541,
      -0.141837,
      0.987972,
      0.0615874
    ],
    "ImageType": [
      "ORIGINAL",
      "PRIMARY",
      "M",
      "ND",
      "NORM",
      "MOSAIC"
    ],
    "InPlanePhaseEncodingDirectionDICOM": "COL",
    "InstitutionAddress": "University_Park_Chandlee_Laboratory_State_College_PA_US_16802",
    "InstitutionName": "Penn_State_SLEIC",
    "InstitutionalDepartmentName": "Department",
    "MRAcquisitionType": "2D",
    "MagneticFieldStrength": 3,
    "Manufacturer": "Siemens",
    "ManufacturersModelName": "Prisma_fit",
    "Modality": "MR",
    "PartialFourier": 1,
    "PatientPosition": "HFS",
    "PercentPhaseFOV": 100,
    "PhaseEncodingDirection": "j-",
    "PhaseEncodingSteps": 80,
    "PhaseResolution": 1,
    "PixelBandwidth": 2405,
    "ProcedureStepDescription": "Investigators_20_ch_xxl213",
    "ProtocolName": "sleep-onset-segment-5",
    "PulseSequenceDetails": "%CustomerSeq%_ep2d_bold_1066",
    "ReceiveCoilActiveElements": "HE1-4",
    "ReceiveCoilName": "HeadNeck_20",
    "ReconMatrixPE": 80,
    "RepetitionTime": 2.1,
    "SAR": 0.152334,
    "ScanOptions": "FS_RT",
    "ScanningSequence": "EP",
    "SequenceName": "ep10662d1_80",
    "SequenceVariant": "SK",
    "SeriesDescription": "sleep-onset-segment-5",
    "SeriesNumber": 34,
    "ShimSetting": [
      -1897,
      8241,
      9533,
      427,
      -84,
      -326,
      26,
      22
    ],
    "SliceThickness": 4,
    "SliceTiming": [
      2.0225,
      1.9625,
      1.9025,
      1.8425,
      1.7825,
      1.725,
      1.665,
      1.605,
      1.545,
      1.4875,
      1.4275,
      1.3675,
      1.3075,
      1.25,
      1.19,
      1.13,
      1.07,
      1.01,
      0.9525,
      0.8925,
      0.8325,
      0.7725,
      0.715,
      0.655,
      0.595,
      0.535,
      0.4775,
      0.4175,
      0.3575,
      0.2975,
      0.2375,
      0.18,
      0.12,
      0.06,
      0
    ],
    "SoftwareVersions": "syngo_MR_E11",
    "SpacingBetweenSlices": 4,
    "StationName": "AWP67039",
    "TaskName": "sleep",
    "TotalReadoutTime": 0.0387103,
    "TxRefAmp": 298.198,
    "dataset": "ds003768",
    "modality": "bold",
    "run_id": 3,
    "subject_id": "18",
    "task_id": "sleep"
  },
  "dummy_trs": 0,
  "dvars_nstd": 23.954180040046722,
  "dvars_std": 1.2159685452102813,
  "dvars_vstd": 0.9992651118691599,
  "efc": 0.475371830793193,
  "fber": 2538.962890625,
  "fd_mean": 0.25780015841839454,
  "fd_num": 90,
  "fd_perc": 20.97902097902098,
  "fwhm_avg": 1.8734374999999999,
  "fwhm_x": 1.8351899999999999,
  "fwhm_y": 2.14947,
  "fwhm_z": 1.6356525,
  "gcor": 0.0386523,
  "gsr_x": -0.018807224929332733,
  "gsr_y": 0.02493826113641262,
  "provenance": {
    "md5sum": "436696cbe5075d62e7c9fe79bf52cc6c",
    "settings": {
      "fd_thres": 0.2,
      "testing": false
    },
    "software": "mriqc",
    "version": "22.0.6",
    "webapi_port": null,
    "webapi_url": "https://mriqc.nimh.nih.gov/api/v1"
  },
  "size_t": 429,
  "size_x": 80,
  "size_y": 80,
  "size_z": 35,
  "snr": 7.157828617697477,
  "spacing_tr": 2.0999999046325684,
  "spacing_x": 3.0,
  "spacing_y": 3.0,
  "spacing_z": 4.0,
  "summary_bg_k": 25.167992742542705,
  "summary_bg_mad": 8.97337182258329,
  "summary_bg_mean": 38.656837463378906,
  "summary_bg_median": 15.22960376739502,
  "summary_bg_n": 152758.0,
  "summary_bg_p05": 6.857809066772461,
  "summary_bg_p95": 160.62739486694335,
  "summary_bg_stdv": 66.09912872314453,
  "summary_fg_k": 1.5625419646620253,
  "summary_fg_mad": 100.92753068693402,
  "summary_fg_mean": 774.6531982421875,
  "summary_fg_median": 772.016357421875,
  "summary_fg_n": 30891.0,
  "summary_fg_p05": 611.3310241699219,
  "summary_fg_p95": 952.8368225097656,
  "summary_fg_stdv": 107.85447692871094,
  "tsnr": 45.44931406783871
}