{
  "aor": 0.0024533333333333334,
  "aqi": 0.018041479463869463,
  "bids_meta": {
    "AcquisitionMatrixPE": 80,
    "AcquisitionNumber": 1,
    "AcquisitionTime": "19:02:27.205000",
    "BandwidthPerPixelPhaseEncode": 25.51,
    "BaseResolution": 80,
    "BodyPartExamined": "BRAIN",
    "ConsistencyInfo": "N4_VE11C_LATEST_20160120",
    "ConversionSoftware": "dcm2niix",
    "ConversionSoftwareVersion": "v1.0.20171215 (OpenJPEG build) GCC4.8.5",
    "DerivedVendorReportedEchoSpacing": 0.000490004,
    "DeviceSerialNumber": "67039",
    "DwellTime": 2.6e-06,
    "EchoTime": 0.025,
    "EchoTrainLength": 80,
    "EffectiveEchoSpacing": 0.000490004,
    "FlipAngle": 90,
    "ImageOrientationPatientDICOM": [
      0.989175,
      0.139096,
      0.0467541,
      -0.141837,
      0.987972,
      0.0615874
    ],
    "ImageType": [
      "ORIGINAL",
      "PRIMARY",
      "M",
      "ND",
      "NORM",
      "MOSAIC"
    ],
    "InPlanePhaseEncodingDirectionDICOM": "COL",
    "InstitutionAddress": "University_Park_Chandlee_Laboratory_State_College_PA_US_16802",
    "InstitutionName": "Penn_State_SLEIC",
    "InstitutionalDepartmentName": "Department",
    "MRAcquisitionType": "2D",
    "MagneticFieldStrength": 3,
    "Manufacturer": "Siemens",
    "ManufacturersModelName": "Prisma_fit",
    "Modality": "MR",
    "PartialFourier": 1,
    "PatientPosition": "HFS",
    "PercentPhaseFOV": 100,
    "PhaseEncodingDirection": "j-",
    "PhaseEncodingSteps": 80,
    "PhaseResolution": 1,
    "PixelBandwidth": 2405,
    "ProcedureStepDescription": "Investigators_20_ch_xxl213",
    "ProtocolName": "sleep-onset-segment-7",
    "PulseSequenceDetails": "%CustomerSeq%_ep2d_bold_1066",
    "ReceiveCoilActiveElements": "HE1-4",
    "ReceiveCoilName": "HeadNeck_20",
    "ReconMatrixPE": 80,
    "RepetitionTime": 2.1,
    "SAR": 0.152334,
    "ScanOptions": "FS_RT",
    "ScanningSequence": "EP",
    "SequenceName": "ep10662d1_80",
    "SequenceVariant": "SK",
    "SeriesDescription": "sleep-onset-segment-7",
    "SeriesNumber": 38,
    "ShimSetting": [
      -1897,
      8241,
      9533,
      427,
      -84,
      -326,
      26,
      22
    ],
    "SliceThickness": 4,
    "SliceTiming": [
      2.0225,
      1.9625,
      1.9025,
      1.8425,
      1.7825,
      1.725,
      1.665,
      1.605,
      1.545,
      1.4875,
      1.4275,
      1.3675,
      1.3075,
      1.25,
      1.19,
      1.13,
      1.07,
      1.0125,
      0.9525,
      0.8925,
      0.8325,
      0.7725,
      0.715,
      0.655,
      0.595,
      0.535,
      0.4775,
      0.4175,
      0.3575,
      0.2975,
      0.24,
      0.18,
      0.12,
      0.06,
      0
    ],
    "SoftwareVersions": "syngo_MR_E11",
    "SpacingBetweenSlices": 4,
    "StationName": "AWP67039",
    "TaskName": "sleep",
    "TotalReadoutTime": 0.0387103,
    "TxRefAmp": 298.198,
    "dataset": "ds003768",
    "modality": "bold",
    "run_id": 5,
    "subject_id": "18",
    "task_id": "sleep"
  },
  "dummy_trs": 0,
  "dvars_nstd": 23.82573722679905,
  "dvars_std": 1.1417613130607476,
  "dvars_vstd": 0.8888443147897194,
  "efc": 0.4764115609706609,
  "fber": 2497.8203125,
  "fd_mean": 0.2117326670674881,
  "fd_num": 80,
  "fd_perc": 18.64801864801865,
  "fwhm_avg": 1.882125277777778,
  "fwhm_x": 1.8373166666666665,
  "fwhm_y": 2.170996666666667,
  "fwhm_z": 1.6380625,
  "gcor": 0.0238704,
  "gsr_x": -0.01955229416489601,
  "gsr_y": 0.023774655535817146,
  "provenance": {
    "md5sum": "156c28b433e13f013a2cffb588006392",
    "settings": {
      "fd_thres": 0.2,
      "testing": false
    },
    "software": "mriqc",
    "version": "22.0.6",
    "webapi_port": null,
    "webapi_url": "https://mriqc.nimh.nih.gov/api/v1"
  },
  "size_t": 429,
  "size_x": 80,
  "size_y": 80,
  "size_z": 35,
  "snr": 7.071723510814315,
  "spacing_tr": 2.0999999046325684,
  "spacing_x": 3.0,
  "spacing_y": 3.0,
  "spacing_z": 4.0,
  "summary_bg_k": 23.407804167405686,
  "summary_bg_mad": 9.182458019736336,
  "summary_bg_mean": 39.53054428100586,
  "summary_bg_median": 15.365967750549316,
  "summary_bg_n": 152707.0,
  "summary_bg_p05": 6.869463920593262,
  "summary_bg_p95": 165.28019561767553,
  "summary_bg_stdv": 67.74772644042969,
  "summary_fg_k": 1.7688173098528326,
  "summary_fg_mad": 101.70167997766373,
  "summary_fg_mean": 773.7411499023438,
  "summary_fg_median": 771.284423828125,
  "summary_fg_n": 30869.0,
  "summary_fg_p05": 608.9030395507813,
  "summary_fg_p95": 953.9063110351562,
  "summary_fg_stdv": 109.064208984375,
  "tsnr": 47.36286292318255
}