{
  "bids_meta": {
    "AcquisitionMatrixPE": 256,
    "AcquisitionNumber": 1,
    "AcquisitionTime": "15:45:56.617500",
    "BaseResolution": 256,
    "BodyPartExamined": "BRAIN",
    "ConsistencyInfo": "N4_VE11C_LATEST_20160120",
    "ConversionSoftware": "dcm2niix",
    "ConversionSoftwareVersion": "v1.0.20171215 (OpenJPEG build) GCC4.8.5",
    "DeviceSerialNumber": "67039",
    "DwellTime": 9.8e-06,
    "EchoTime": 0.00228,
    "FlipAngle": 8,
    "ImageOrientationPatientDICOM": [
      0.0219525,
      0.999328,
      -0.029361,
      -0.0947304,
      -0.0271568,
      -0.995133
    ],
    "ImageType": [
      "ORIGINAL",
      "PRIMARY",
      "M",
      "NORM",
      "DIS2D"
    ],
    "InPlanePhaseEncodingDirectionDICOM": "ROW",
    "InstitutionAddress": "University_Park_Chandlee_Laboratory_State_College_PA_US_16802",
    "InstitutionName": "PSU-SLEIC",
    "InstitutionalDepartmentName": "Department",
    "InversionTime": 0.9,
    "MRAcquisitionType": "3D",
    "MagneticFieldStrength": 3,
    "Manufacturer": "Siemens",
    "ManufacturersModelName": "Prisma_fit",
    "Modality": "MR",
    "ParallelReductionFactorInPlane": 2,
    "PartialFourier": 1,
    "PatientPosition": "HFS",
    "PercentPhaseFOV": 100,
    "PhaseEncodingSteps": 255,
    "PhaseResolution": 1,
    "PixelBandwidth": 200,
    "ProcedureStepDescription": "Investigators_20_ch_xxl213",
    "ProtocolName": "t1_mprage_sag_p2_iso_2300",
    "PulseSequenceDetails": "%SiemensSeq%_tfl",
    "ReceiveCoilActiveElements": "HE1-4;NE1,2",
    "ReceiveCoilName": "HeadNeck_20",
    "ReconMatrixPE": 256,
    "RepetitionTime": 2.3,
    "SAR": 0.0750305,
    "ScanOptions": "IR",
    "ScanningSequence": "GR_IR",
    "SequenceName": "_tfl3d1_16ns",
    "SequenceVariant": "SK_SP_MP",
    "SeriesDescription": "t1_mprage_sag_p2_iso_2300",
    "SeriesNumber": 11,
    "ShimSetting": [
      -1941,
      8275,
      9263,
      132,
      -19,
      -59,
      -30,
      9
    ],
    "SliceThickness": 1,
    "SoftwareVersions": "syngo_MR_E11",
    "StationName": "AWP67039",
    "TxRefAmp": 297.327,
    "dataset": "ds003768",
    "modality": "T1w",
    "subject_id": "30"
  },
  "cjv": 0.3037501124740472,
  "cnr": 4.555424440320806,
  "efc": 0.49967107761261204,
  "fber": -1.0,
  "fwhm_avg": 4.495611591055881,
  "fwhm_x": 4.384584773167642,
  "fwhm_y": 4.60998,
  "fwhm_z": 4.49227,
  "icvs_csf": 0.19213487401780138,
  "icvs_gm": 0.47137856529095773,
  "icvs_wm": 0.3364865606912409,
  "inu_med": 0.6258786916732788,
  "inu_range": 0.3401027083396912,
  "provenance": {
    "md5sum": "cdb7430bcb877f00c0288fb5ac73d667",
    "settings": {
      "testing": false
    },
    "software": "mriqc",
    "version": "22.0.6",
    "warnings": {
      "large_rot_frame": true,
      "small_air_mask": false
    },
    "webapi_port": null,
    "webapi_url": "https://mriqc.nimh.nih.gov/api/v1"
  },
  "qi_1": 4.769122249862945e-06,
  "qi_2": 0.014684801791732666,
  "rpve_csf": 29.759812786126947,
  "rpve_gm": 13.466677641982315,
  "rpve_wm": 20.775635787459642,
  "size_x": 192,
  "size_y": 256,
  "size_z": 256,
  "snr_csf": 1.9774541555741296,
  "snr_gm": 12.973179456928724,
  "snr_total": 12.451015015847533,
  "snr_wm": 22.40241143503975,
  "snrd_csf": 19.70384539875666,
  "snrd_gm": 56.54746303103999,
  "snrd_total": 52.998503936752115,
  "snrd_wm": 82.74420338045971,
  "spacing_x": 1.0000011920928955,
  "spacing_y": 1.0,
  "spacing_z": 1.0,
  "summary_bg_k": 37.793241386145056,
  "summary_bg_mad": 0.0,
  "summary_bg_mean": 4.286936858412002,
  "summary_bg_median": 0.0,
  "summary_bg_n": 4151111.0,
  "summary_bg_p05": 0.0,
  "summary_bg_p95": 19.325818240642548,
  "summary_bg_stdv": 7.917611026386877,
  "summary_csf_k": 0.14610802964765135,
  "summary_csf_mad": 114.69233876503347,
  "summary_csf_mean": 253.16638696444912,
  "summary_csf_median": 238.12962245941162,
  "summary_csf_n": 28525.0,
  "summary_csf_p05": 74.98195341527462,
  "summary_csf_p95": 475.4817694723606,
  "summary_csf_stdv": 120.4202118670435,
  "summary_gm_k": 0.05324320212156586,
  "summary_gm_mad": 52.28258084407484,
  "summary_gm_mean": 682.9077575248056,
  "summary_gm_median": 683.4009174406528,
  "summary_gm_n": 66107.0,
  "summary_gm_p05": 595.6572599112988,
  "summary_gm_p95": 768.7010807096958,
  "summary_gm_stdv": 52.67758384058445,
  "summary_wm_k": 0.11947390164803862,
  "summary_wm_mad": 43.88443399982975,
  "summary_wm_mean": 999.5646804796746,
  "summary_wm_median": 1000.0000260323286,
  "summary_wm_n": 192512.0,
  "summary_wm_p05": 925.1402473300695,
  "summary_wm_p95": 1072.360776513815,
  "summary_wm_stdv": 44.63793693316848,
  "tpm_overlap_csf": 0.13885015822351943,
  "tpm_overlap_gm": 0.47237047499679763,
  "tpm_overlap_wm": 0.5032308257234841,
  "wm2max": 0.36907909569780073
}