{
  "aor": 0.01676252631578947,
  "aqi": 0.010114035754385966,
  "bids_meta": {
    "AcquisitionMatrixPE": 80,
    "AcquisitionNumber": 1,
    "AcquisitionTime": "14:59:45.772500",
    "BandwidthPerPixelPhaseEncode": 25.51,
    "BaseResolution": 80,
    "BodyPartExamined": "BRAIN",
    "ConsistencyInfo": "N4_VE11C_LATEST_20160120",
    "ConversionSoftware": "dcm2niix",
    "ConversionSoftwareVersion": "v1.0.20171215 (OpenJPEG build) GCC4.8.5",
    "DerivedVendorReportedEchoSpacing": 0.000490004,
    "DeviceSerialNumber": "67039",
    "DwellTime": 2.6e-06,
    "EchoTime": 0.025,
    "EchoTrainLength": 80,
    "EffectiveEchoSpacing": 0.000490004,
    "FlipAngle": 90,
    "ImageOrientationPatientDICOM": [
      0.998116,
      0.0563272,
      0.0243089,
      -0.0521343,
      0.987633,
      -0.147865
    ],
    "ImageType": [
      "ORIGINAL",
      "PRIMARY",
      "M",
      "ND",
      "NORM",
      "MOSAIC"
    ],
    "InPlanePhaseEncodingDirectionDICOM": "COL",
    "InstitutionAddress": "University_Park_Chandlee_Laboratory_State_College_PA_US_16802",
    "InstitutionName": "PSU-SLEIC",
    "InstitutionalDepartmentName": "Department",
    "MRAcquisitionType": "2D",
    "MagneticFieldStrength": 3,
    "Manufacturer": "Siemens",
    "ManufacturersModelName": "Prisma_fit",
    "Modality": "MR",
    "PartialFourier": 1,
    "PatientPosition": "HFS",
    "PercentPhaseFOV": 100,
    "PhaseEncodingDirection": "j-",
    "PhaseEncodingSteps": 80,
    "PhaseResolution": 1,
    "PixelBandwidth": 2405,
    "ProcedureStepDescription": "Investigators_20_ch_xxl213",
    "ProtocolName": "resting-post-motor",
    "PulseSequenceDetails": "%CustomerSeq%_ep2d_bold_1066",
    "ReceiveCoilActiveElements": "HE1-4",
    "ReceiveCoilName": "HeadNeck_20",
    "ReconMatrixPE": 80,
    "RepetitionTime": 2.1,
    "SAR": 0.131371,
    "ScanOptions": "FS_RT",
    "ScanningSequence": "EP",
    "SequenceName": "ep10662d1_80",
    "SequenceVariant": "SK",
    "SeriesDescription": "resting-post-motor",
    "SeriesNumber": 18,
    "ShimSetting": [
      -1922,
      8270,
      9520,
      341,
      46,
      -308,
      -106,
      0
    ],
    "SliceThickness": 4,
    "SliceTiming": [
      2.02,
      1.96,
      1.9,
      1.8425,
      1.7825,
      1.7225,
      1.6625,
      1.605,
      1.545,
      1.485,
      1.425,
      1.3675,
      1.3075,
      1.2475,
      1.1875,
      1.1275,
      1.07,
      1.01,
      0.95,
      0.89,
      0.8325,
      0.7725,
      0.7125,
      0.6525,
      0.595,
      0.535,
      0.475,
      0.415,
      0.355,
      0.2975,
      0.2375,
      0.1775,
      0.1175,
      0.06,
      0
    ],
    "SoftwareVersions": "syngo_MR_E11",
    "SpacingBetweenSlices": 4,
    "StationName": "AWP67039",
    "TaskName": "rest",
    "TotalReadoutTime": 0.0387103,
    "TxRefAmp": 269.367,
    "dataset": "ds003768",
    "modality": "bold",
    "run_id": 2,
    "subject_id": "15",
    "task_id": "rest"
  },
  "dummy_trs": 1,
  "dvars_nstd": 25.359402549260558,
  "dvars_std": 1.5856596941549288,
  "dvars_vstd": 1.1787923955633806,
  "efc": 0.44337957902269426,
  "fber": 3148.70458984375,
  "fd_mean": 0.20749696225390113,
  "fd_num": 132,
  "fd_perc": 46.31578947368421,
  "fwhm_avg": 1.9690533847209302,
  "fwhm_x": 1.9398168208294566,
  "fwhm_y": 2.1933333333333334,
  "fwhm_z": 1.77401,
  "gcor": 0.0307008,
  "gsr_x": -0.0233987458050251,
  "gsr_y": 0.025270087644457817,
  "provenance": {
    "md5sum": "90223431d3f1b23d4ce6c050beb6fd52",
    "settings": {
      "fd_thres": 0.2,
      "testing": false
    },
    "software": "mriqc",
    "version": "22.0.6",
    "webapi_port": null,
    "webapi_url": "https://mriqc.nimh.nih.gov/api/v1"
  },
  "size_t": 285,
  "size_x": 80,
  "size_y": 80,
  "size_z": 35,
  "snr": 6.958048365235988,
  "spacing_tr": 2.0999999046325684,
  "spacing_x": 2.999999761581421,
  "spacing_y": 3.0,
  "spacing_z": 4.0,
  "summary_bg_k": 56.799351883533745,
  "summary_bg_mad": 6.559864696628892,
  "summary_bg_mean": 29.45145606994629,
  "summary_bg_median": 12.596491813659668,
  "summary_bg_n": 157022.0,
  "summary_bg_p05": 6.319298267364502,
  "summary_bg_p95": 112.72982788085938,
  "summary_bg_stdv": 56.32557678222656,
  "summary_fg_k": 1.177854530398724,
  "summary_fg_mad": 94.96201135998314,
  "summary_fg_mean": 717.636962890625,
  "summary_fg_median": 713.6771850585938,
  "summary_fg_n": 27920.0,
  "summary_fg_p05": 558.2008605957031,
  "summary_fg_p95": 885.6828308105469,
  "summary_fg_stdv": 102.5667495727539,
  "tsnr": 65.63621399283875
}