{
  "aor": 0.003235667447306792,
  "aqi": 0.015137743395784543,
  "bids_meta": {
    "AcquisitionMatrixPE": 80,
    "AcquisitionNumber": 1,
    "AcquisitionTime": "15:10:57.257500",
    "BandwidthPerPixelPhaseEncode": 25.51,
    "BaseResolution": 80,
    "BodyPartExamined": "BRAIN",
    "ConsistencyInfo": "N4_VE11C_LATEST_20160120",
    "ConversionSoftware": "dcm2niix",
    "ConversionSoftwareVersion": "v1.0.20171215 (OpenJPEG build) GCC4.8.5",
    "DerivedVendorReportedEchoSpacing": 0.000490004,
    "DeviceSerialNumber": "67039",
    "DwellTime": 2.6e-06,
    "EchoTime": 0.025,
    "EchoTrainLength": 80,
    "EffectiveEchoSpacing": 0.000490004,
    "FlipAngle": 90,
    "ImageOrientationPatientDICOM": [
      0.998116,
      0.0563272,
      0.0243089,
      -0.0521343,
      0.987633,
      -0.147865
    ],
    "ImageType": [
      "ORIGINAL",
      "PRIMARY",
      "M",
      "ND",
      "NORM",
      "MOSAIC"
    ],
    "InPlanePhaseEncodingDirectionDICOM": "COL",
    "InstitutionAddress": "University_Park_Chandlee_Laboratory_State_College_PA_US_16802",
    "InstitutionName": "PSU-SLEIC",
    "InstitutionalDepartmentName": "Department",
    "MRAcquisitionType": "2D",
    "MagneticFieldStrength": 3,
    "Manufacturer": "Siemens",
    "ManufacturersModelName": "Prisma_fit",
    "Modality": "MR",
    "PartialFourier": 1,
    "PatientPosition": "HFS",
    "PercentPhaseFOV": 100,
    "PhaseEncodingDirection": "j-",
    "PhaseEncodingSteps": 80,
    "PhaseResolution": 1,
    "PixelBandwidth": 2405,
    "ProcedureStepDescription": "Investigators_20_ch_xxl213",
    "ProtocolName": "sleep-onset-segment-1",
    "PulseSequenceDetails": "%CustomerSeq%_ep2d_bold_1066",
    "ReceiveCoilActiveElements": "HE1-4",
    "ReceiveCoilName": "HeadNeck_20",
    "ReconMatrixPE": 80,
    "RepetitionTime": 2.1,
    "SAR": 0.131371,
    "ScanOptions": "FS_RT",
    "ScanningSequence": "EP",
    "SequenceName": "ep10662d1_80",
    "SequenceVariant": "SK",
    "SeriesDescription": "sleep-onset-segment-1",
    "SeriesNumber": 20,
    "ShimSetting": [
      -1922,
      8270,
      9520,
      341,
      46,
      -308,
      -106,
      0
    ],
    "SliceThickness": 4,
    "SliceTiming": [
      2.02,
      1.9625,
      1.9025,
      1.8425,
      1.7825,
      1.7225,
      1.665,
      1.605,
      1.545,
      1.485,
      1.4275,
      1.3675,
      1.3075,
      1.2475,
      1.19,
      1.13,
      1.07,
      1.01,
      0.95,
      0.8925,
      0.8325,
      0.7725,
      0.7125,
      0.655,
      0.595,
      0.535,
      0.475,
      0.4175,
      0.3575,
      0.2975,
      0.2375,
      0.1775,
      0.12,
      0.06,
      0
    ],
    "SoftwareVersions": "syngo_MR_E11",
    "SpacingBetweenSlices": 4,
    "StationName": "AWP67039",
    "TaskName": "sleep",
    "TotalReadoutTime": 0.0387103,
    "TxRefAmp": 269.367,
    "dataset": "ds003768",
    "modality": "bold",
    "run_id": 1,
    "subject_id": "15",
    "task_id": "sleep"
  },
  "dummy_trs": 2,
  "dvars_nstd": 25.17794480776994,
  "dvars_std": 1.2326537849530514,
  "dvars_vstd": 0.9518621769483574,
  "efc": 0.443825225524196,
  "fber": 3158.79638671875,
  "fd_mean": 0.3509235383585272,
  "fd_num": 310,
  "fd_perc": 72.59953161592506,
  "fwhm_avg": 1.940603939841857,
  "fwhm_x": 1.9234101528589052,
  "fwhm_y": 2.1828366666666668,
  "fwhm_z": 1.715565,
  "gcor": 0.0237763,
  "gsr_x": -0.02341284602880478,
  "gsr_y": 0.025224143639206886,
  "provenance": {
    "md5sum": "c924362448b67fd96a04a0c2e6bc73ee",
    "settings": {
      "fd_thres": 0.2,
      "testing": false
    },
    "software": "mriqc",
    "version": "22.0.6",
    "webapi_port": null,
    "webapi_url": "https://mriqc.nimh.nih.gov/api/v1"
  },
  "size_t": 427,
  "size_x": 80,
  "size_y": 80,
  "size_z": 35,
  "snr": 6.981776184281061,
  "spacing_tr": 2.0999999046325684,
  "spacing_x": 2.999999761581421,
  "spacing_y": 3.0,
  "spacing_z": 4.0,
  "summary_bg_k": 53.02438668822821,
  "summary_bg_mad": 6.899135425342431,
  "summary_bg_mean": 29.768627166748047,
  "summary_bg_median": 12.615924835205078,
  "summary_bg_n": 157248.0,
  "summary_bg_p05": 5.974238395690918,
  "summary_bg_p95": 112.63055992126458,
  "summary_bg_stdv": 57.059478759765625,
  "summary_fg_k": 1.4071398226030807,
  "summary_fg_mad": 92.71648071714766,
  "summary_fg_mean": 712.6268920898438,
  "summary_fg_median": 708.6580200195312,
  "summary_fg_n": 27803.0,
  "summary_fg_p05": 556.1915344238281,
  "summary_fg_p95": 878.9912841796875,
  "summary_fg_stdv": 101.49928283691406,
  "tsnr": 48.43189581600018
}