{
  "aor": 0.0013444055944055943,
  "aqi": 0.00901836472027972,
  "bids_meta": {
    "AcquisitionMatrixPE": 80,
    "AcquisitionNumber": 1,
    "AcquisitionTime": "14:34:31.937500",
    "BandwidthPerPixelPhaseEncode": 25.51,
    "BaseResolution": 80,
    "BodyPartExamined": "BRAIN",
    "ConsistencyInfo": "N4_VE11C_LATEST_20160120",
    "ConversionSoftware": "dcm2niix",
    "ConversionSoftwareVersion": "v1.0.20171215 (OpenJPEG build) GCC4.8.5",
    "DerivedVendorReportedEchoSpacing": 0.000490004,
    "DeviceSerialNumber": "67039",
    "DwellTime": 2.6e-06,
    "EchoTime": 0.025,
    "EchoTrainLength": 80,
    "EffectiveEchoSpacing": 0.000490004,
    "FlipAngle": 90,
    "ImageOrientationPatientDICOM": [
      0.998116,
      0.0563272,
      0.0243089,
      -0.0521343,
      0.987633,
      -0.147865
    ],
    "ImageType": [
      "ORIGINAL",
      "PRIMARY",
      "M",
      "ND",
      "NORM",
      "MOSAIC"
    ],
    "InPlanePhaseEncodingDirectionDICOM": "COL",
    "InstitutionAddress": "University_Park_Chandlee_Laboratory_State_College_PA_US_16802",
    "InstitutionName": "PSU-SLEIC",
    "InstitutionalDepartmentName": "Department",
    "MRAcquisitionType": "2D",
    "MagneticFieldStrength": 3,
    "Manufacturer": "Siemens",
    "ManufacturersModelName": "Prisma_fit",
    "Modality": "MR",
    "PartialFourier": 1,
    "PatientPosition": "HFS",
    "PercentPhaseFOV": 100,
    "PhaseEncodingDirection": "j-",
    "PhaseEncodingSteps": 80,
    "PhaseResolution": 1,
    "PixelBandwidth": 2405,
    "ProcedureStepDescription": "Investigators_20_ch_xxl213",
    "ProtocolName": "resting-pre-motor",
    "PulseSequenceDetails": "%CustomerSeq%_ep2d_bold_1066",
    "ReceiveCoilActiveElements": "HE1-4",
    "ReceiveCoilName": "HeadNeck_20",
    "ReconMatrixPE": 80,
    "RepetitionTime": 2.1,
    "SAR": 0.131371,
    "ScanOptions": "FS_RT",
    "ScanningSequence": "EP",
    "SequenceName": "ep10662d1_80",
    "SequenceVariant": "SK",
    "SeriesDescription": "resting-pre-motor",
    "SeriesNumber": 14,
    "ShimSetting": [
      -1922,
      8270,
      9520,
      341,
      46,
      -308,
      -106,
      0
    ],
    "SliceThickness": 4,
    "SliceTiming": [
      2.0225,
      1.9625,
      1.9025,
      1.8425,
      1.7825,
      1.725,
      1.665,
      1.605,
      1.545,
      1.4875,
      1.4275,
      1.3675,
      1.3075,
      1.25,
      1.19,
      1.13,
      1.07,
      1.0125,
      0.9525,
      0.8925,
      0.8325,
      0.7725,
      0.715,
      0.655,
      0.595,
      0.535,
      0.4775,
      0.4175,
      0.3575,
      0.2975,
      0.24,
      0.18,
      0.12,
      0.06,
      0
    ],
    "SoftwareVersions": "syngo_MR_E11",
    "SpacingBetweenSlices": 4,
    "StationName": "AWP67039",
    "TaskName": "rest",
    "TotalReadoutTime": 0.0387103,
    "TxRefAmp": 269.367,
    "dataset": "ds003768",
    "modality": "bold",
    "run_id": 1,
    "subject_id": "15",
    "task_id": "rest"
  },
  "dummy_trs": 0,
  "dvars_nstd": 24.815263701438614,
  "dvars_std": 1.373227252842105,
  "dvars_vstd": 0.950124488210526,
  "efc": 0.442174955871167,
  "fber": 3202.18212890625,
  "fd_mean": 0.2008396445125152,
  "fd_num": 118,
  "fd_perc": 41.25874125874126,
  "fwhm_avg": 1.95628088451695,
  "fwhm_x": 1.9321168202175159,
  "fwhm_y": 2.1859533333333334,
  "fwhm_z": 1.7507725,
  "gcor": 0.0452444,
  "gsr_x": -0.024083629250526428,
  "gsr_y": 0.022291991859674454,
  "provenance": {
    "md5sum": "46a90b9a2e55f0fa08afde75f112e1ec",
    "settings": {
      "fd_thres": 0.2,
      "testing": false
    },
    "software": "mriqc",
    "version": "22.0.6",
    "webapi_port": null,
    "webapi_url": "https://mriqc.nimh.nih.gov/api/v1"
  },
  "size_t": 286,
  "size_x": 80,
  "size_y": 80,
  "size_z": 35,
  "snr": 6.884154910441251,
  "spacing_tr": 2.0999999046325684,
  "spacing_x": 2.999999761581421,
  "spacing_y": 3.0,
  "spacing_z": 4.0,
  "summary_bg_k": 55.64635814316521,
  "summary_bg_mad": 6.588768042262104,
  "summary_bg_mean": 29.874235153198242,
  "summary_bg_median": 12.618881225585938,
  "summary_bg_n": 157223.0,
  "summary_bg_p05": 6.342657089233398,
  "summary_bg_p95": 114.24160461425762,
  "summary_bg_stdv": 57.56694030761719,
  "summary_fg_k": 1.3798789816271313,
  "summary_fg_mad": 96.16694238052216,
  "summary_fg_mean": 725.5594482421875,
  "summary_fg_median": 720.8863525390625,
  "summary_fg_n": 27638.0,
  "summary_fg_p05": 564.4563018798829,
  "summary_fg_p95": 898.0197448730468,
  "summary_fg_stdv": 104.71485900878906,
  "tsnr": 70.52060610172339
}