{
  "aor": 0.0036941258741258745,
  "aqi": 0.016715149440559438,
  "bids_meta": {
    "AcquisitionMatrixPE": 80,
    "AcquisitionNumber": 1,
    "AcquisitionTime": "15:42:56.587500",
    "BandwidthPerPixelPhaseEncode": 25.51,
    "BaseResolution": 80,
    "BodyPartExamined": "BRAIN",
    "ConsistencyInfo": "N4_VE11C_LATEST_20160120",
    "ConversionSoftware": "dcm2niix",
    "ConversionSoftwareVersion": "v1.0.20171215 (OpenJPEG build) GCC4.8.5",
    "DerivedVendorReportedEchoSpacing": 0.000490004,
    "DeviceSerialNumber": "67039",
    "DwellTime": 2.6e-06,
    "EchoTime": 0.025,
    "EchoTrainLength": 80,
    "EffectiveEchoSpacing": 0.000490004,
    "FlipAngle": 90,
    "ImageOrientationPatientDICOM": [
      0.998116,
      0.0563272,
      0.0243089,
      -0.0521343,
      0.987633,
      -0.147865
    ],
    "ImageType": [
      "ORIGINAL",
      "PRIMARY",
      "M",
      "ND",
      "NORM",
      "MOSAIC"
    ],
    "InPlanePhaseEncodingDirectionDICOM": "COL",
    "InstitutionAddress": "University_Park_Chandlee_Laboratory_State_College_PA_US_16802",
    "InstitutionName": "PSU-SLEIC",
    "InstitutionalDepartmentName": "Department",
    "MRAcquisitionType": "2D",
    "MagneticFieldStrength": 3,
    "Manufacturer": "Siemens",
    "ManufacturersModelName": "Prisma_fit",
    "Modality": "MR",
    "PartialFourier": 1,
    "PatientPosition": "HFS",
    "PercentPhaseFOV": 100,
    "PhaseEncodingDirection": "j-",
    "PhaseEncodingSteps": 80,
    "PhaseResolution": 1,
    "PixelBandwidth": 2405,
    "ProcedureStepDescription": "Investigators_20_ch_xxl213",
    "ProtocolName": "sleep-onset-segment-3",
    "PulseSequenceDetails": "%CustomerSeq%_ep2d_bold_1066",
    "ReceiveCoilActiveElements": "HE1-4",
    "ReceiveCoilName": "HeadNeck_20",
    "ReconMatrixPE": 80,
    "RepetitionTime": 2.1,
    "SAR": 0.131371,
    "ScanOptions": "FS_RT",
    "ScanningSequence": "EP",
    "SequenceName": "ep10662d1_80",
    "SequenceVariant": "SK",
    "SeriesDescription": "sleep-onset-segment-3",
    "SeriesNumber": 24,
    "ShimSetting": [
      -1922,
      8270,
      9520,
      341,
      46,
      -308,
      -106,
      0
    ],
    "SliceThickness": 4,
    "SliceTiming": [
      2.02,
      1.9625,
      1.9025,
      1.8425,
      1.7825,
      1.7225,
      1.665,
      1.605,
      1.545,
      1.485,
      1.4275,
      1.3675,
      1.3075,
      1.2475,
      1.19,
      1.13,
      1.07,
      1.01,
      0.95,
      0.8925,
      0.8325,
      0.7725,
      0.7125,
      0.655,
      0.595,
      0.535,
      0.475,
      0.4175,
      0.3575,
      0.2975,
      0.2375,
      0.1775,
      0.12,
      0.06,
      0
    ],
    "SoftwareVersions": "syngo_MR_E11",
    "SpacingBetweenSlices": 4,
    "StationName": "AWP67039",
    "TaskName": "sleep",
    "TotalReadoutTime": 0.0387103,
    "TxRefAmp": 269.367,
    "dataset": "ds003768",
    "modality": "bold",
    "run_id": 3,
    "subject_id": "15",
    "task_id": "sleep"
  },
  "dummy_trs": 0,
  "dvars_nstd": 21.92801889983646,
  "dvars_std": 1.1694945774299057,
  "dvars_vstd": 0.912135888738318,
  "efc": 0.44390365227392004,
  "fber": 3194.999755859375,
  "fd_mean": 0.2273359263355807,
  "fd_num": 186,
  "fd_perc": 43.35664335664335,
  "fwhm_avg": 1.9592508851858463,
  "fwhm_x": 1.9573668222242053,
  "fwhm_y": 2.189443333333333,
  "fwhm_z": 1.7309425,
  "gcor": 0.0366383,
  "gsr_x": -0.0227385051548481,
  "gsr_y": 0.025998465716838837,
  "provenance": {
    "md5sum": "f4cd647c5fd6fb3dc48354ca2fd3ece2",
    "settings": {
      "fd_thres": 0.2,
      "testing": false
    },
    "software": "mriqc",
    "version": "22.0.6",
    "webapi_port": null,
    "webapi_url": "https://mriqc.nimh.nih.gov/api/v1"
  },
  "size_t": 429,
  "size_x": 80,
  "size_y": 80,
  "size_z": 35,
  "snr": 7.0631673244855016,
  "spacing_tr": 2.0999999046325684,
  "spacing_x": 2.999999761581421,
  "spacing_y": 3.0,
  "spacing_z": 4.0,
  "summary_bg_k": 52.092553409348824,
  "summary_bg_mad": 6.645790008118763,
  "summary_bg_mean": 30.09500503540039,
  "summary_bg_median": 12.64102554321289,
  "summary_bg_n": 157224.0,
  "summary_bg_p05": 6.300699234008789,
  "summary_bg_p95": 114.68997955322266,
  "summary_bg_stdv": 57.61223602294922,
  "summary_fg_k": 1.2389254784085288,
  "summary_fg_mad": 94.51335768570635,
  "summary_fg_mean": 721.4385986328125,
  "summary_fg_median": 717.2703857421875,
  "summary_fg_n": 27941.0,
  "summary_fg_p05": 565.1375122070312,
  "summary_fg_p95": 886.5711059570312,
  "summary_fg_stdv": 101.54899597167969,
  "tsnr": 50.19022189837415
}