{
  "aor": 0.01307955710955711,
  "aqi": 0.01347927979020979,
  "bids_meta": {
    "AcquisitionMatrixPE": 80,
    "AcquisitionNumber": 1,
    "AcquisitionTime": "14:19:5.217500",
    "BandwidthPerPixelPhaseEncode": 25.51,
    "BaseResolution": 80,
    "BodyPartExamined": "BRAIN",
    "ConsistencyInfo": "N4_VE11C_LATEST_20160120",
    "ConversionSoftware": "dcm2niix",
    "ConversionSoftwareVersion": "v1.0.20171215 (OpenJPEG build) GCC4.8.5",
    "DerivedVendorReportedEchoSpacing": 0.000490004,
    "DeviceSerialNumber": "67039",
    "DwellTime": 2.6e-06,
    "EchoTime": 0.025,
    "EchoTrainLength": 80,
    "EffectiveEchoSpacing": 0.000490004,
    "FlipAngle": 90,
    "ImageOrientationPatientDICOM": [
      0.998387,
      -0.0135951,
      0.0551298,
      0.00819003,
      0.99524,
      0.0971083
    ],
    "ImageType": [
      "ORIGINAL",
      "PRIMARY",
      "M",
      "ND",
      "NORM",
      "MOSAIC"
    ],
    "InPlanePhaseEncodingDirectionDICOM": "COL",
    "InstitutionAddress": "University_Park_Chandlee_Laboratory_State_College_PA_US_16802",
    "InstitutionName": "Penn_State_SLEIC",
    "InstitutionalDepartmentName": "Department",
    "MRAcquisitionType": "2D",
    "MagneticFieldStrength": 3,
    "Manufacturer": "Siemens",
    "ManufacturersModelName": "Prisma_fit",
    "Modality": "MR",
    "PartialFourier": 1,
    "PatientPosition": "HFS",
    "PercentPhaseFOV": 100,
    "PhaseEncodingDirection": "j-",
    "PhaseEncodingSteps": 80,
    "PhaseResolution": 1,
    "PixelBandwidth": 2405,
    "ProcedureStepDescription": "Investigators_20_ch_xxl213",
    "ProtocolName": "sleep-onset-segment-2",
    "PulseSequenceDetails": "%CustomerSeq%_ep2d_bold_1066",
    "ReceiveCoilActiveElements": "HE1-4",
    "ReceiveCoilName": "HeadNeck_20",
    "ReconMatrixPE": 80,
    "RepetitionTime": 2.1,
    "SAR": 0.1624,
    "ScanOptions": "FS_RT",
    "ScanningSequence": "EP",
    "SequenceName": "ep10662d1_80",
    "SequenceVariant": "SK",
    "SeriesDescription": "sleep-onset-segment-2",
    "SeriesNumber": 24,
    "ShimSetting": [
      -1910,
      8230,
      9515,
      362,
      20,
      -335,
      -63,
      -10
    ],
    "SliceThickness": 4,
    "SliceTiming": [
      2.02,
      1.96,
      1.9,
      1.8425,
      1.7825,
      1.7225,
      1.6625,
      1.6025,
      1.545,
      1.485,
      1.425,
      1.365,
      1.3075,
      1.2475,
      1.1875,
      1.1275,
      1.07,
      1.01,
      0.95,
      0.89,
      0.83,
      0.7725,
      0.7125,
      0.6525,
      0.5925,
      0.535,
      0.475,
      0.415,
      0.355,
      0.2975,
      0.2375,
      0.1775,
      0.1175,
      0.06,
      0
    ],
    "SoftwareVersions": "syngo_MR_E11",
    "SpacingBetweenSlices": 4,
    "StationName": "AWP67039",
    "TaskName": "sleep",
    "TotalReadoutTime": 0.0387103,
    "TxRefAmp": 291.859,
    "dataset": "ds003768",
    "modality": "bold",
    "run_id": 2,
    "subject_id": "08",
    "task_id": "sleep"
  },
  "dummy_trs": 0,
  "dvars_nstd": 19.090086740911204,
  "dvars_std": 1.3168633557476628,
  "dvars_vstd": 1.059614767196261,
  "efc": 0.4816236109823524,
  "fber": 2571.22509765625,
  "fd_mean": 0.1838798241447577,
  "fd_num": 103,
  "fd_perc": 24.009324009324008,
  "fwhm_avg": 1.8533600000000001,
  "fwhm_x": 1.8106799999999998,
  "fwhm_y": 2.08142,
  "fwhm_z": 1.66798,
  "gcor": 0.0212809,
  "gsr_x": -0.009543408639729023,
  "gsr_y": 0.0202177707105875,
  "provenance": {
    "md5sum": "ef76b545c409408ef967deff3cf6cd8a",
    "settings": {
      "fd_thres": 0.2,
      "testing": false
    },
    "software": "mriqc",
    "version": "22.0.6",
    "webapi_port": null,
    "webapi_url": "https://mriqc.nimh.nih.gov/api/v1"
  },
  "size_t": 429,
  "size_x": 80,
  "size_y": 80,
  "size_z": 35,
  "snr": 7.205378275379021,
  "spacing_tr": 2.0999999046325684,
  "spacing_x": 3.0,
  "spacing_y": 3.0,
  "spacing_z": 4.0,
  "summary_bg_k": 27.340526628607563,
  "summary_bg_mad": 8.653697313359208,
  "summary_bg_mean": 40.0704345703125,
  "summary_bg_median": 15.009324073791504,
  "summary_bg_n": 151362.0,
  "summary_bg_p05": 7.314685344696045,
  "summary_bg_p95": 166.84522857665982,
  "summary_bg_stdv": 69.70008850097656,
  "summary_fg_k": 1.672841985629269,
  "summary_fg_mad": 94.60312461690494,
  "summary_fg_mean": 768.4088745117188,
  "summary_fg_median": 763.1212158203125,
  "summary_fg_n": 31943.0,
  "summary_fg_p05": 603.0655395507813,
  "summary_fg_p95": 940.9170593261719,
  "summary_fg_stdv": 105.90828704833984,
  "tsnr": 59.96674491092563
}