{
  "aor": 0.0013624125874125872,
  "aqi": 0.004820556888111888,
  "bids_meta": {
    "AcquisitionMatrixPE": 80,
    "AcquisitionNumber": 1,
    "AcquisitionTime": "13:27:21.730000",
    "BandwidthPerPixelPhaseEncode": 25.51,
    "BaseResolution": 80,
    "BodyPartExamined": "BRAIN",
    "ConsistencyInfo": "N4_VE11C_LATEST_20160120",
    "ConversionSoftware": "dcm2niix",
    "ConversionSoftwareVersion": "v1.0.20171215 (OpenJPEG build) GCC4.8.5",
    "DerivedVendorReportedEchoSpacing": 0.000490004,
    "DeviceSerialNumber": "67039",
    "DwellTime": 2.6e-06,
    "EchoTime": 0.025,
    "EchoTrainLength": 80,
    "EffectiveEchoSpacing": 0.000490004,
    "FlipAngle": 90,
    "ImageOrientationPatientDICOM": [
      0.998387,
      -0.0135951,
      0.0551298,
      0.00819003,
      0.99524,
      0.0971083
    ],
    "ImageType": [
      "ORIGINAL",
      "PRIMARY",
      "M",
      "ND",
      "NORM",
      "MOSAIC"
    ],
    "InPlanePhaseEncodingDirectionDICOM": "COL",
    "InstitutionAddress": "University_Park_Chandlee_Laboratory_State_College_PA_US_16802",
    "InstitutionName": "Penn_State_SLEIC",
    "InstitutionalDepartmentName": "Department",
    "MRAcquisitionType": "2D",
    "MagneticFieldStrength": 3,
    "Manufacturer": "Siemens",
    "ManufacturersModelName": "Prisma_fit",
    "Modality": "MR",
    "PartialFourier": 1,
    "PatientPosition": "HFS",
    "PercentPhaseFOV": 100,
    "PhaseEncodingDirection": "j-",
    "PhaseEncodingSteps": 80,
    "PhaseResolution": 1,
    "PixelBandwidth": 2405,
    "ProcedureStepDescription": "Investigators_20_ch_xxl213",
    "ProtocolName": "resting-pre-motor",
    "PulseSequenceDetails": "%CustomerSeq%_ep2d_bold_1066",
    "ReceiveCoilActiveElements": "HE1-4",
    "ReceiveCoilName": "HeadNeck_20",
    "ReconMatrixPE": 80,
    "RepetitionTime": 2.1,
    "SAR": 0.1624,
    "ScanOptions": "FS_RT",
    "ScanningSequence": "EP",
    "SequenceName": "ep10662d1_80",
    "SequenceVariant": "SK",
    "SeriesDescription": "resting-pre-motor",
    "SeriesNumber": 16,
    "ShimSetting": [
      -1910,
      8230,
      9515,
      362,
      20,
      -335,
      -63,
      -10
    ],
    "SliceThickness": 4,
    "SliceTiming": [
      2.02,
      1.9625,
      1.9025,
      1.8425,
      1.7825,
      1.725,
      1.665,
      1.605,
      1.545,
      1.4875,
      1.4275,
      1.3675,
      1.3075,
      1.2475,
      1.19,
      1.13,
      1.07,
      1.01,
      0.9525,
      0.8925,
      0.8325,
      0.7725,
      0.715,
      0.655,
      0.595,
      0.535,
      0.475,
      0.4175,
      0.3575,
      0.2975,
      0.2375,
      0.18,
      0.12,
      0.06,
      0
    ],
    "SoftwareVersions": "syngo_MR_E11",
    "SpacingBetweenSlices": 4,
    "StationName": "AWP67039",
    "TaskName": "rest",
    "TotalReadoutTime": 0.0387103,
    "TxRefAmp": 291.859,
    "dataset": "ds003768",
    "modality": "bold",
    "run_id": 1,
    "subject_id": "08",
    "task_id": "rest"
  },
  "dummy_trs": 0,
  "dvars_nstd": 19.11710482807019,
  "dvars_std": 1.3775848550526304,
  "dvars_vstd": 1.017463580210526,
  "efc": 0.47763234681593797,
  "fber": 2671.430908203125,
  "fd_mean": 0.1510673450236414,
  "fd_num": 52,
  "fd_perc": 18.181818181818183,
  "fwhm_avg": 1.8160897222222223,
  "fwhm_x": 1.7811066666666668,
  "fwhm_y": 2.02419,
  "fwhm_z": 1.6429725,
  "gcor": 0.0241342,
  "gsr_x": -0.007663399446755648,
  "gsr_y": 0.01948322355747223,
  "provenance": {
    "md5sum": "a3d5ce69b6e60eb2d1669a07705b8250",
    "settings": {
      "fd_thres": 0.2,
      "testing": false
    },
    "software": "mriqc",
    "version": "22.0.6",
    "webapi_port": null,
    "webapi_url": "https://mriqc.nimh.nih.gov/api/v1"
  },
  "size_t": 286,
  "size_x": 80,
  "size_y": 80,
  "size_z": 35,
  "snr": 7.148044946631685,
  "spacing_tr": 2.0999999046325684,
  "spacing_x": 3.0,
  "spacing_y": 3.0,
  "spacing_z": 4.0,
  "summary_bg_k": 32.09432358268705,
  "summary_bg_mad": 8.335749200036613,
  "summary_bg_mean": 38.62269592285156,
  "summary_bg_median": 14.76573371887207,
  "summary_bg_n": 151587.0,
  "summary_bg_p05": 7.209790229797363,
  "summary_bg_p95": 158.0444030761712,
  "summary_bg_stdv": 68.60508728027344,
  "summary_fg_k": 1.9195087411024438,
  "summary_fg_mad": 94.1374586613123,
  "summary_fg_mean": 769.7614135742188,
  "summary_fg_median": 764.9702758789062,
  "summary_fg_n": 31736.0,
  "summary_fg_p05": 602.6232147216797,
  "summary_fg_p95": 943.7910919189453,
  "summary_fg_stdv": 107.01642608642578,
  "tsnr": 103.56974025140516
}