{
  "bids_meta": {
    "AcquisitionMatrixPE": 256,
    "AcquisitionNumber": 1,
    "AcquisitionTime": "14:02:22.802500",
    "BaseResolution": 256,
    "BodyPartExamined": "BRAIN",
    "ConsistencyInfo": "N4_VE11C_LATEST_20160120",
    "ConversionSoftware": "dcm2niix",
    "ConversionSoftwareVersion": "v1.0.20171215 (OpenJPEG build) GCC4.8.5",
    "DeviceSerialNumber": "67039",
    "DwellTime": 9.8e-06,
    "EchoTime": 0.00228,
    "FlipAngle": 8,
    "ImageOrientationPatientDICOM": [
      -0.0321976,
      0.984606,
      -0.171799,
      0.065711,
      -0.169431,
      -0.983349
    ],
    "ImageType": [
      "ORIGINAL",
      "PRIMARY",
      "M",
      "NORM",
      "DIS2D"
    ],
    "InPlanePhaseEncodingDirectionDICOM": "ROW",
    "InstitutionAddress": "University_Park_Chandlee_Laboratory_State_College_PA_US_16802",
    "InstitutionName": "Penn_State_SLEIC",
    "InstitutionalDepartmentName": "Department",
    "InversionTime": 0.9,
    "MRAcquisitionType": "3D",
    "MagneticFieldStrength": 3,
    "Manufacturer": "Siemens",
    "ManufacturersModelName": "Prisma_fit",
    "Modality": "MR",
    "ParallelReductionFactorInPlane": 2,
    "PartialFourier": 1,
    "PatientPosition": "HFS",
    "PercentPhaseFOV": 100,
    "PhaseEncodingSteps": 255,
    "PhaseResolution": 1,
    "PixelBandwidth": 200,
    "ProcedureStepDescription": "Investigators_20_ch_xxl213",
    "ProtocolName": "t1_mprage_sag_p2_iso_2300",
    "PulseSequenceDetails": "%SiemensSeq%_tfl",
    "ReceiveCoilActiveElements": "HE1-4;NE1,2",
    "ReceiveCoilName": "HeadNeck_20",
    "ReconMatrixPE": 256,
    "RepetitionTime": 2.3,
    "SAR": 0.0827451,
    "ScanOptions": "IR",
    "ScanningSequence": "GR_IR",
    "SequenceName": "_tfl3d1_16ns",
    "SequenceVariant": "SK_SP_MP",
    "SeriesDescription": "t1_mprage_sag_p2_iso_2300",
    "SeriesNumber": 11,
    "ShimSetting": [
      -1941,
      8275,
      9263,
      132,
      -19,
      -59,
      -30,
      9
    ],
    "SliceThickness": 1,
    "SoftwareVersions": "syngo_MR_E11",
    "StationName": "AWP67039",
    "TxRefAmp": 308.583,
    "dataset": "ds003768",
    "modality": "T1w",
    "subject_id": "16"
  },
  "cjv": 0.3174234110259813,
  "cnr": 4.284746572829967,
  "efc": 0.49902097299669484,
  "fber": -1.0,
  "fwhm_avg": 4.8276284820422655,
  "fwhm_x": 4.691375446126795,
  "fwhm_y": 4.93166,
  "fwhm_z": 4.85985,
  "icvs_csf": 0.23010025626696493,
  "icvs_gm": 0.4186727171791986,
  "icvs_wm": 0.3512270265538365,
  "inu_med": 0.6208049058914185,
  "inu_range": 0.28466296195983887,
  "provenance": {
    "md5sum": "c6ea34002ea31afbffd73c221ce5f535",
    "settings": {
      "testing": false
    },
    "software": "mriqc",
    "version": "22.0.6",
    "warnings": {
      "large_rot_frame": true,
      "small_air_mask": false
    },
    "webapi_port": null,
    "webapi_url": "https://mriqc.nimh.nih.gov/api/v1"
  },
  "qi_1": 9.408614108917498e-05,
  "qi_2": 0.012352244627108377,
  "rpve_csf": 24.845389131787663,
  "rpve_gm": 13.686645368398308,
  "rpve_wm": 19.11396308453437,
  "size_x": 192,
  "size_y": 256,
  "size_z": 256,
  "snr_csf": 1.606095451409161,
  "snr_gm": 10.647576927785675,
  "snr_total": 11.824753830246754,
  "snr_wm": 23.22058911154543,
  "snrd_csf": 15.594737929464259,
  "snrd_gm": 59.01472196253765,
  "snrd_total": 54.173479143605306,
  "snrd_wm": 87.91097753881401,
  "spacing_x": 0.9999945759773254,
  "spacing_y": 1.0,
  "spacing_z": 1.0,
  "summary_bg_k": 621.5187325188118,
  "summary_bg_mad": 0.0,
  "summary_bg_mean": 3.729022166045091,
  "summary_bg_median": 0.0,
  "summary_bg_n": 4242142.0,
  "summary_bg_p05": 0.0,
  "summary_bg_p95": 17.19936892390251,
  "summary_bg_stdv": 7.452270488454497,
  "summary_csf_k": -0.28483575015814777,
  "summary_csf_mad": 124.52413332296554,
  "summary_csf_mean": 191.61656335748012,
  "summary_csf_median": 177.39238004013896,
  "summary_csf_n": 50378.0,
  "summary_csf_p05": 38.26859585568309,
  "summary_csf_p95": 387.4635610356927,
  "summary_csf_stdv": 110.44836672826666,
  "summary_gm_k": 0.01132452568731157,
  "summary_gm_mad": 63.04122790525559,
  "summary_gm_mean": 671.2293779187282,
  "summary_gm_median": 671.3009243048728,
  "summary_gm_n": 39390.0,
  "summary_gm_p05": 567.4836224392056,
  "summary_gm_p95": 773.8067742900921,
  "summary_gm_stdv": 63.04649476530138,
  "summary_wm_k": 0.38691638986010046,
  "summary_wm_mad": 41.29554591995956,
  "summary_wm_mean": 999.3617594176021,
  "summary_wm_median": 999.9999748505652,
  "summary_wm_n": 213642.0,
  "summary_wm_p05": 927.3804171718657,
  "summary_wm_p95": 1068.5585704222322,
  "summary_wm_stdv": 43.06512766236813,
  "tpm_overlap_csf": 0.1457483360282915,
  "tpm_overlap_gm": 0.4671160154696317,
  "tpm_overlap_wm": 0.5116702121414457,
  "wm2max": 0.41068555507593296
}