{
  "aor": 0.029761911421911424,
  "aqi": 0.008172471934731935,
  "bids_meta": {
    "AcquisitionMatrixPE": 80,
    "AcquisitionNumber": 1,
    "AcquisitionTime": "15:47:30.110000",
    "BandwidthPerPixelPhaseEncode": 25.51,
    "BaseResolution": 80,
    "BodyPartExamined": "BRAIN",
    "ConsistencyInfo": "N4_VE11C_LATEST_20160120",
    "ConversionSoftware": "dcm2niix",
    "ConversionSoftwareVersion": "v1.0.20171215 (OpenJPEG build) GCC4.8.5",
    "DerivedVendorReportedEchoSpacing": 0.000490004,
    "DeviceSerialNumber": "67039",
    "DwellTime": 2.6e-06,
    "EchoTime": 0.025,
    "EchoTrainLength": 80,
    "EffectiveEchoSpacing": 0.000490004,
    "FlipAngle": 90,
    "ImageOrientationPatientDICOM": [
      0.995169,
      0.0931824,
      0.0309258,
      -0.0930198,
      0.995642,
      -0.00666071
    ],
    "ImageType": [
      "ORIGINAL",
      "PRIMARY",
      "M",
      "ND",
      "NORM",
      "MOSAIC"
    ],
    "InPlanePhaseEncodingDirectionDICOM": "COL",
    "InstitutionAddress": "University_Park_Chandlee_Laboratory_State_College_PA_US_16802",
    "InstitutionName": "Penn_State_SLEIC",
    "InstitutionalDepartmentName": "Department",
    "MRAcquisitionType": "2D",
    "MagneticFieldStrength": 3,
    "Manufacturer": "Siemens",
    "ManufacturersModelName": "Prisma_fit",
    "Modality": "MR",
    "PartialFourier": 1,
    "PatientPosition": "HFS",
    "PercentPhaseFOV": 100,
    "PhaseEncodingDirection": "j-",
    "PhaseEncodingSteps": 80,
    "PhaseResolution": 1,
    "PixelBandwidth": 2405,
    "ProcedureStepDescription": "Investigators_20_ch_xxl213",
    "ProtocolName": "sleep-onset-segment-4",
    "PulseSequenceDetails": "%CustomerSeq%_ep2d_bold_1066",
    "ReceiveCoilActiveElements": "HE1-4",
    "ReceiveCoilName": "HeadNeck_20",
    "ReconMatrixPE": 80,
    "RepetitionTime": 2.1,
    "SAR": 0.167914,
    "ScanOptions": "FS_RT",
    "ScanningSequence": "EP",
    "SequenceName": "ep10662d1_80",
    "SequenceVariant": "SK",
    "SeriesDescription": "sleep-onset-segment-4",
    "SeriesNumber": 28,
    "ShimSetting": [
      -1916,
      8247,
      9497,
      384,
      -34,
      -124,
      125,
      16
    ],
    "SliceThickness": 4,
    "SliceTiming": [
      2.02,
      1.96,
      1.9,
      1.84,
      1.7825,
      1.7225,
      1.6625,
      1.6025,
      1.545,
      1.485,
      1.425,
      1.365,
      1.3075,
      1.2475,
      1.1875,
      1.1275,
      1.0675,
      1.01,
      0.95,
      0.89,
      0.83,
      0.7725,
      0.7125,
      0.6525,
      0.5925,
      0.535,
      0.475,
      0.415,
      0.355,
      0.295,
      0.2375,
      0.1775,
      0.1175,
      0.0575,
      0
    ],
    "SoftwareVersions": "syngo_MR_E11",
    "SpacingBetweenSlices": 4,
    "StationName": "AWP67039",
    "TaskName": "sleep",
    "TotalReadoutTime": 0.0387103,
    "TxRefAmp": 316.394,
    "dataset": "ds003768",
    "modality": "bold",
    "run_id": 4,
    "subject_id": "32",
    "task_id": "sleep"
  },
  "dummy_trs": 0,
  "dvars_nstd": 25.022996610257,
  "dvars_std": 1.8654865164252326,
  "dvars_vstd": 1.5071684096962619,
  "efc": 0.47273999153683743,
  "fber": 2423.4287109375,
  "fd_mean": 0.267848987235185,
  "fd_num": 164,
  "fd_perc": 38.22843822843823,
  "fwhm_avg": 1.9372552777777778,
  "fwhm_x": 1.9245166666666667,
  "fwhm_y": 2.1775166666666665,
  "fwhm_z": 1.7097325,
  "gcor": 0.0379593,
  "gsr_x": -0.012298529036343098,
  "gsr_y": 0.030654901638627052,
  "provenance": {
    "md5sum": "87ed2b06f6c0aed410fd02bec681d9ee",
    "settings": {
      "fd_thres": 0.2,
      "testing": false
    },
    "software": "mriqc",
    "version": "22.0.6",
    "webapi_port": null,
    "webapi_url": "https://mriqc.nimh.nih.gov/api/v1"
  },
  "size_t": 429,
  "size_x": 80,
  "size_y": 80,
  "size_z": 35,
  "snr": 6.573722132806224,
  "spacing_tr": 2.0999999046325684,
  "spacing_x": 3.0,
  "spacing_y": 3.0,
  "spacing_z": 4.0,
  "summary_bg_k": 24.383328727676048,
  "summary_bg_mad": 7.243670176939859,
  "summary_bg_mean": 32.66453552246094,
  "summary_bg_median": 12.566433906555176,
  "summary_bg_n": 154351.0,
  "summary_bg_p05": 5.613053798675537,
  "summary_bg_p95": 139.12821197509766,
  "summary_bg_stdv": 57.63203430175781,
  "summary_fg_k": 1.0034751598771257,
  "summary_fg_mad": 92.78878291274006,
  "summary_fg_mean": 625.92578125,
  "summary_fg_median": 622.0477905273438,
  "summary_fg_n": 30236.0,
  "summary_fg_p05": 481.15443420410156,
  "summary_fg_p95": 781.5,
  "summary_fg_stdv": 94.6248550415039,
  "tsnr": 60.15821195929311
}