{
  "aor": 0.02099319347319347,
  "aqi": 0.02208946368298368,
  "bids_meta": {
    "AcquisitionMatrixPE": 80,
    "AcquisitionNumber": 1,
    "AcquisitionTime": "16:02:57.192500",
    "BandwidthPerPixelPhaseEncode": 25.51,
    "BaseResolution": 80,
    "BodyPartExamined": "BRAIN",
    "ConsistencyInfo": "N4_VE11C_LATEST_20160120",
    "ConversionSoftware": "dcm2niix",
    "ConversionSoftwareVersion": "v1.0.20171215 (OpenJPEG build) GCC4.8.5",
    "DerivedVendorReportedEchoSpacing": 0.000490004,
    "DeviceSerialNumber": "67039",
    "DwellTime": 2.6e-06,
    "EchoTime": 0.025,
    "EchoTrainLength": 80,
    "EffectiveEchoSpacing": 0.000490004,
    "FlipAngle": 90,
    "ImageOrientationPatientDICOM": [
      0.995169,
      0.0931824,
      0.0309258,
      -0.0930198,
      0.995642,
      -0.00666071
    ],
    "ImageType": [
      "ORIGINAL",
      "PRIMARY",
      "M",
      "ND",
      "NORM",
      "MOSAIC"
    ],
    "InPlanePhaseEncodingDirectionDICOM": "COL",
    "InstitutionAddress": "University_Park_Chandlee_Laboratory_State_College_PA_US_16802",
    "InstitutionName": "Penn_State_SLEIC",
    "InstitutionalDepartmentName": "Department",
    "MRAcquisitionType": "2D",
    "MagneticFieldStrength": 3,
    "Manufacturer": "Siemens",
    "ManufacturersModelName": "Prisma_fit",
    "Modality": "MR",
    "PartialFourier": 1,
    "PatientPosition": "HFS",
    "PercentPhaseFOV": 100,
    "PhaseEncodingDirection": "j-",
    "PhaseEncodingSteps": 80,
    "PhaseResolution": 1,
    "PixelBandwidth": 2405,
    "ProcedureStepDescription": "Investigators_20_ch_xxl213",
    "ProtocolName": "sleep-onset-segment-5",
    "PulseSequenceDetails": "%CustomerSeq%_ep2d_bold_1066",
    "ReceiveCoilActiveElements": "HE1-4",
    "ReceiveCoilName": "HeadNeck_20",
    "ReconMatrixPE": 80,
    "RepetitionTime": 2.1,
    "SAR": 0.167914,
    "ScanOptions": "FS_RT",
    "ScanningSequence": "EP",
    "SequenceName": "ep10662d1_80",
    "SequenceVariant": "SK",
    "SeriesDescription": "sleep-onset-segment-5",
    "SeriesNumber": 30,
    "ShimSetting": [
      -1916,
      8247,
      9497,
      384,
      -34,
      -124,
      125,
      16
    ],
    "SliceThickness": 4,
    "SliceTiming": [
      2.02,
      1.96,
      1.9025,
      1.8425,
      1.7825,
      1.7225,
      1.6625,
      1.605,
      1.545,
      1.485,
      1.425,
      1.3675,
      1.3075,
      1.2475,
      1.1875,
      1.13,
      1.07,
      1.01,
      0.95,
      0.8925,
      0.8325,
      0.7725,
      0.7125,
      0.6525,
      0.595,
      0.535,
      0.475,
      0.415,
      0.3575,
      0.2975,
      0.2375,
      0.1775,
      0.12,
      0.06,
      0
    ],
    "SoftwareVersions": "syngo_MR_E11",
    "SpacingBetweenSlices": 4,
    "StationName": "AWP67039",
    "TaskName": "sleep",
    "TotalReadoutTime": 0.0387103,
    "TxRefAmp": 316.394,
    "dataset": "ds003768",
    "modality": "bold",
    "run_id": 5,
    "subject_id": "32",
    "task_id": "sleep"
  },
  "dummy_trs": 0,
  "dvars_nstd": 25.05855057399535,
  "dvars_std": 1.2638745257009356,
  "dvars_vstd": 1.0276135387850471,
  "efc": 0.4687158157712329,
  "fber": 2545.7607421875,
  "fd_mean": 0.31931139244377205,
  "fd_num": 185,
  "fd_perc": 43.12354312354312,
  "fwhm_avg": 1.9684249999999999,
  "fwhm_x": 1.98866,
  "fwhm_y": 2.24853,
  "fwhm_z": 1.668085,
  "gcor": 0.0332156,
  "gsr_x": -0.01116077322512865,
  "gsr_y": 0.03150338679552078,
  "provenance": {
    "md5sum": "d79fb454ea7d92c0b1b366e73e7a1067",
    "settings": {
      "fd_thres": 0.2,
      "testing": false
    },
    "software": "mriqc",
    "version": "22.0.6",
    "webapi_port": null,
    "webapi_url": "https://mriqc.nimh.nih.gov/api/v1"
  },
  "size_t": 429,
  "size_x": 80,
  "size_y": 80,
  "size_z": 35,
  "snr": 6.474655894581343,
  "spacing_tr": 2.0999999046325684,
  "spacing_x": 3.0,
  "spacing_y": 3.0,
  "spacing_z": 4.0,
  "summary_bg_k": 26.009808669551543,
  "summary_bg_mad": 7.164182441649381,
  "summary_bg_mean": 32.10160827636719,
  "summary_bg_median": 12.386946678161621,
  "summary_bg_n": 154665.0,
  "summary_bg_p05": 5.52913761138916,
  "summary_bg_p95": 135.83590393066402,
  "summary_bg_stdv": 56.61585998535156,
  "summary_fg_k": 0.9777131737482687,
  "summary_fg_mad": 95.32198399335809,
  "summary_fg_mean": 634.8939208984375,
  "summary_fg_median": 629.8007202148438,
  "summary_fg_n": 29938.0,
  "summary_fg_p05": 488.4058319091797,
  "summary_fg_p95": 797.6511596679687,
  "summary_fg_stdv": 97.27006530761719,
  "tsnr": 43.103528003674
}