{
  "aor": 0.003763668224299065,
  "aqi": 0.023881781074766358,
  "bids_meta": {
    "AcquisitionMatrixPE": 80,
    "AcquisitionNumber": 1,
    "AcquisitionTime": "15:01:11.700000",
    "BandwidthPerPixelPhaseEncode": 25.51,
    "BaseResolution": 80,
    "BodyPartExamined": "BRAIN",
    "ConsistencyInfo": "N4_VE11C_LATEST_20160120",
    "ConversionSoftware": "dcm2niix",
    "ConversionSoftwareVersion": "v1.0.20171215 (OpenJPEG build) GCC4.8.5",
    "DerivedVendorReportedEchoSpacing": 0.000490004,
    "DeviceSerialNumber": "67039",
    "DwellTime": 2.6e-06,
    "EchoTime": 0.025,
    "EchoTrainLength": 80,
    "EffectiveEchoSpacing": 0.000490004,
    "FlipAngle": 90,
    "ImageOrientationPatientDICOM": [
      0.995169,
      0.0931824,
      0.0309258,
      -0.0930198,
      0.995642,
      -0.00666071
    ],
    "ImageType": [
      "ORIGINAL",
      "PRIMARY",
      "M",
      "ND",
      "NORM",
      "MOSAIC"
    ],
    "InPlanePhaseEncodingDirectionDICOM": "COL",
    "InstitutionAddress": "University_Park_Chandlee_Laboratory_State_College_PA_US_16802",
    "InstitutionName": "Penn_State_SLEIC",
    "InstitutionalDepartmentName": "Department",
    "MRAcquisitionType": "2D",
    "MagneticFieldStrength": 3,
    "Manufacturer": "Siemens",
    "ManufacturersModelName": "Prisma_fit",
    "Modality": "MR",
    "PartialFourier": 1,
    "PatientPosition": "HFS",
    "PercentPhaseFOV": 100,
    "PhaseEncodingDirection": "j-",
    "PhaseEncodingSteps": 80,
    "PhaseResolution": 1,
    "PixelBandwidth": 2405,
    "ProcedureStepDescription": "Investigators_20_ch_xxl213",
    "ProtocolName": "sleep-onset-segment-1",
    "PulseSequenceDetails": "%CustomerSeq%_ep2d_bold_1066",
    "ReceiveCoilActiveElements": "HE1-4",
    "ReceiveCoilName": "HeadNeck_20",
    "ReconMatrixPE": 80,
    "RepetitionTime": 2.1,
    "SAR": 0.167914,
    "ScanOptions": "FS_RT",
    "ScanningSequence": "EP",
    "SequenceName": "ep10662d1_80",
    "SequenceVariant": "SK",
    "SeriesDescription": "sleep-onset-segment-1",
    "SeriesNumber": 22,
    "ShimSetting": [
      -1916,
      8247,
      9497,
      384,
      -34,
      -124,
      125,
      16
    ],
    "SliceThickness": 4,
    "SliceTiming": [
      2.02,
      1.96,
      1.9,
      1.84,
      1.7825,
      1.7225,
      1.6625,
      1.6025,
      1.545,
      1.485,
      1.425,
      1.365,
      1.3075,
      1.2475,
      1.1875,
      1.1275,
      1.0675,
      1.01,
      0.95,
      0.89,
      0.83,
      0.7725,
      0.7125,
      0.6525,
      0.5925,
      0.535,
      0.475,
      0.415,
      0.355,
      0.295,
      0.2375,
      0.1775,
      0.1175,
      0.0575,
      0
    ],
    "SoftwareVersions": "syngo_MR_E11",
    "SpacingBetweenSlices": 4,
    "StationName": "AWP67039",
    "TaskName": "sleep",
    "TotalReadoutTime": 0.0387103,
    "TxRefAmp": 316.394,
    "dataset": "ds003768",
    "modality": "bold",
    "run_id": 1,
    "subject_id": "32",
    "task_id": "sleep"
  },
  "dummy_trs": 1,
  "dvars_nstd": 23.75828813772834,
  "dvars_std": 1.15810828409836,
  "dvars_vstd": 0.8696128758313815,
  "efc": 0.474308735892636,
  "fber": 2405.863037109375,
  "fd_mean": 0.25813336820412386,
  "fd_num": 183,
  "fd_perc": 42.757009345794394,
  "fwhm_avg": 1.9418877777777777,
  "fwhm_x": 1.9699533333333334,
  "fwhm_y": 2.2128900000000002,
  "fwhm_z": 1.64282,
  "gcor": 0.0189121,
  "gsr_x": -0.013897178694605827,
  "gsr_y": 0.029000358656048775,
  "provenance": {
    "md5sum": "b0275e8d42182dca6356c34dd19d8371",
    "settings": {
      "fd_thres": 0.2,
      "testing": false
    },
    "software": "mriqc",
    "version": "22.0.6",
    "webapi_port": null,
    "webapi_url": "https://mriqc.nimh.nih.gov/api/v1"
  },
  "size_t": 428,
  "size_x": 80,
  "size_y": 80,
  "size_z": 35,
  "snr": 6.577972544480716,
  "spacing_tr": 2.0999999046325684,
  "spacing_x": 3.0,
  "spacing_y": 3.0,
  "spacing_z": 4.0,
  "summary_bg_k": 23.237038375711304,
  "summary_bg_mad": 7.9949669912094885,
  "summary_bg_mean": 33.13123321533203,
  "summary_bg_median": 12.684578895568848,
  "summary_bg_n": 153866.0,
  "summary_bg_p05": 5.385513782501221,
  "summary_bg_p95": 139.59871292114258,
  "summary_bg_stdv": 56.66714096069336,
  "summary_fg_k": 1.0946058682013167,
  "summary_fg_mad": 92.85493172998417,
  "summary_fg_mean": 624.347900390625,
  "summary_fg_median": 620.232421875,
  "summary_fg_n": 30286.0,
  "summary_fg_p05": 480.4339828491211,
  "summary_fg_p95": 780.1290893554688,
  "summary_fg_stdv": 94.2877426147461,
  "tsnr": 39.766696410952136
}