{
  "aor": 0.0031642307692307694,
  "aqi": 0.007767126958041957,
  "bids_meta": {
    "AcquisitionMatrixPE": 80,
    "AcquisitionNumber": 1,
    "AcquisitionTime": "17:39:39.925000",
    "BandwidthPerPixelPhaseEncode": 25.51,
    "BaseResolution": 80,
    "BodyPartExamined": "BRAIN",
    "ConsistencyInfo": "N4_VE11C_LATEST_20160120",
    "ConversionSoftware": "dcm2niix",
    "ConversionSoftwareVersion": "v1.0.20171215 (OpenJPEG build) GCC4.8.5",
    "DerivedVendorReportedEchoSpacing": 0.000490004,
    "DeviceSerialNumber": "67039",
    "DwellTime": 2.6e-06,
    "EchoTime": 0.025,
    "EchoTrainLength": 80,
    "EffectiveEchoSpacing": 0.000490004,
    "FlipAngle": 90,
    "ImageOrientationPatientDICOM": [
      0.995638,
      0.0452705,
      0.0815854,
      -0.061419,
      0.976233,
      0.207837
    ],
    "ImageType": [
      "ORIGINAL",
      "PRIMARY",
      "M",
      "ND",
      "NORM",
      "MOSAIC"
    ],
    "InPlanePhaseEncodingDirectionDICOM": "COL",
    "InstitutionAddress": "University_Park_Chandlee_Laboratory_State_College_PA_US_16802",
    "InstitutionName": "Penn_State_SLEIC",
    "InstitutionalDepartmentName": "Department",
    "MRAcquisitionType": "2D",
    "MagneticFieldStrength": 3,
    "Manufacturer": "Siemens",
    "ManufacturersModelName": "Prisma_fit",
    "Modality": "MR",
    "PartialFourier": 1,
    "PatientPosition": "HFS",
    "PercentPhaseFOV": 100,
    "PhaseEncodingDirection": "j-",
    "PhaseEncodingSteps": 80,
    "PhaseResolution": 1,
    "PixelBandwidth": 2405,
    "ProcedureStepDescription": "Investigators_20_ch_xxl213",
    "ProtocolName": "resting-pre-motor",
    "PulseSequenceDetails": "%CustomerSeq%_ep2d_bold_1066",
    "ReceiveCoilActiveElements": "HE1-4",
    "ReceiveCoilName": "HeadNeck_20",
    "ReconMatrixPE": 80,
    "RepetitionTime": 2.1,
    "SAR": 0.142094,
    "ScanOptions": "FS_RT",
    "ScanningSequence": "EP",
    "SequenceName": "ep10662d1_80",
    "SequenceVariant": "SK",
    "SeriesDescription": "resting-pre-motor",
    "SeriesNumber": 10,
    "ShimSetting": [
      -1909,
      8226,
      9488,
      264,
      -26,
      -152,
      -144,
      -15
    ],
    "SliceThickness": 4,
    "SliceTiming": [
      2.02,
      1.9625,
      1.9025,
      1.8425,
      1.7825,
      1.725,
      1.665,
      1.605,
      1.545,
      1.485,
      1.4275,
      1.3675,
      1.3075,
      1.2475,
      1.19,
      1.13,
      1.07,
      1.01,
      0.9525,
      0.8925,
      0.8325,
      0.7725,
      0.715,
      0.655,
      0.595,
      0.535,
      0.475,
      0.4175,
      0.3575,
      0.2975,
      0.2375,
      0.18,
      0.12,
      0.06,
      0
    ],
    "SoftwareVersions": "syngo_MR_E11",
    "SpacingBetweenSlices": 4,
    "StationName": "AWP67039",
    "TaskName": "rest",
    "TotalReadoutTime": 0.0387103,
    "TxRefAmp": 271.386,
    "dataset": "ds003768",
    "modality": "bold",
    "run_id": 1,
    "subject_id": "02",
    "task_id": "rest"
  },
  "dummy_trs": 0,
  "dvars_nstd": 21.479115857614026,
  "dvars_std": 1.1869636362456144,
  "dvars_vstd": 0.9801948377543862,
  "efc": 0.44597737612874244,
  "fber": 2932.42236328125,
  "fd_mean": 0.1519969423092051,
  "fd_num": 62,
  "fd_perc": 21.678321678321677,
  "fwhm_avg": 1.8759469444444443,
  "fwhm_x": 1.8675666666666666,
  "fwhm_y": 2.0989066666666667,
  "fwhm_z": 1.6613675,
  "gcor": 0.0312523,
  "gsr_x": -0.02831530198454857,
  "gsr_y": 0.02754170261323452,
  "provenance": {
    "md5sum": "12e5d6a7e23ec83f8d120ed32297dc4d",
    "settings": {
      "fd_thres": 0.2,
      "testing": false
    },
    "software": "mriqc",
    "version": "22.0.6",
    "webapi_port": null,
    "webapi_url": "https://mriqc.nimh.nih.gov/api/v1"
  },
  "size_t": 286,
  "size_x": 80,
  "size_y": 80,
  "size_z": 35,
  "snr": 6.841499291558298,
  "spacing_tr": 2.0999999046325684,
  "spacing_x": 3.0,
  "spacing_y": 3.0,
  "spacing_z": 4.0,
  "summary_bg_k": 36.665735095417546,
  "summary_bg_mad": 7.013848848013451,
  "summary_bg_mean": 31.314716339111328,
  "summary_bg_median": 13.601398468017578,
  "summary_bg_n": 157146.0,
  "summary_bg_p05": 6.94755220413208,
  "summary_bg_p95": 118.2333927154541,
  "summary_bg_stdv": 58.57748031616211,
  "summary_fg_k": 1.3669297157421,
  "summary_fg_mad": 101.78113095104311,
  "summary_fg_mean": 749.8517456054688,
  "summary_fg_median": 742.6923217773438,
  "summary_fg_n": 27679.0,
  "summary_fg_p05": 591.816064453125,
  "summary_fg_p95": 936.3045471191406,
  "summary_fg_stdv": 108.55499267578125,
  "tsnr": 68.76113374251872
}