{
  "bids_meta": {
    "AcquisitionMatrixPE": 256,
    "AcquisitionNumber": 1,
    "AcquisitionTime": "13:59:14.367500",
    "BaseResolution": 256,
    "BodyPartExamined": "BRAIN",
    "ConsistencyInfo": "N4_VE11C_LATEST_20160120",
    "ConversionSoftware": "dcm2niix",
    "ConversionSoftwareVersion": "v1.0.20171215 (OpenJPEG build) GCC4.8.5",
    "DeviceSerialNumber": "67039",
    "DwellTime": 9.8e-06,
    "EchoTime": 0.00228,
    "FlipAngle": 8,
    "ImageOrientationPatientDICOM": [
      0.0497614,
      0.987482,
      -0.149678,
      0.0124989,
      -0.150468,
      -0.988536
    ],
    "ImageType": [
      "ORIGINAL",
      "PRIMARY",
      "M",
      "NORM",
      "DIS2D"
    ],
    "InPlanePhaseEncodingDirectionDICOM": "ROW",
    "InstitutionAddress": "University_Park_Chandlee_Laboratory_State_College_PA_US_16802",
    "InstitutionName": "PSU-SLEIC",
    "InstitutionalDepartmentName": "Department",
    "InversionTime": 0.9,
    "MRAcquisitionType": "3D",
    "MagneticFieldStrength": 3,
    "Manufacturer": "Siemens",
    "ManufacturersModelName": "Prisma_fit",
    "Modality": "MR",
    "ParallelReductionFactorInPlane": 2,
    "PartialFourier": 1,
    "PatientPosition": "HFS",
    "PercentPhaseFOV": 100,
    "PhaseEncodingSteps": 255,
    "PhaseResolution": 1,
    "PixelBandwidth": 200,
    "ProcedureStepDescription": "Investigators_20_ch_xxl213",
    "ProtocolName": "t1_mprage_sag_p2_iso_2300",
    "PulseSequenceDetails": "%SiemensSeq%_tfl",
    "ReceiveCoilActiveElements": "HE1-4;NE1,2",
    "ReceiveCoilName": "HeadNeck_20",
    "ReconMatrixPE": 256,
    "RepetitionTime": 2.3,
    "SAR": 0.0752253,
    "ScanOptions": "IR",
    "ScanningSequence": "GR_IR",
    "SequenceName": "_tfl3d1_16ns",
    "SequenceVariant": "SK_SP_MP",
    "SeriesDescription": "t1_mprage_sag_p2_iso_2300",
    "SeriesNumber": 11,
    "ShimSetting": [
      -1941,
      8275,
      9263,
      132,
      -19,
      -59,
      -30,
      9
    ],
    "SliceThickness": 1,
    "SoftwareVersions": "syngo_MR_E11",
    "StationName": "AWP67039",
    "TxRefAmp": 291.993,
    "dataset": "ds003768",
    "modality": "T1w",
    "subject_id": "27"
  },
  "cjv": 0.34467519022756427,
  "cnr": 3.9733604416926207,
  "efc": 0.5386268657443509,
  "fber": -1.0,
  "fwhm_avg": 4.416570646764859,
  "fwhm_x": 4.262231940294575,
  "fwhm_y": 4.64096,
  "fwhm_z": 4.34652,
  "icvs_csf": 0.18808045157409584,
  "icvs_gm": 0.45446422654319624,
  "icvs_wm": 0.3574553218827079,
  "inu_med": 0.5804696083068848,
  "inu_range": 0.29383981227874756,
  "provenance": {
    "md5sum": "f508a056efb262cf1d31c46b2a6a63b9",
    "settings": {
      "testing": false
    },
    "software": "mriqc",
    "version": "22.0.6",
    "warnings": {
      "large_rot_frame": true,
      "small_air_mask": false
    },
    "webapi_port": null,
    "webapi_url": "https://mriqc.nimh.nih.gov/api/v1"
  },
  "qi_1": 3.108912073970789e-06,
  "qi_2": 0.010573039451521653,
  "rpve_csf": 25.10478266465043,
  "rpve_gm": 11.635941741667324,
  "rpve_wm": 16.88077183955725,
  "size_x": 192,
  "size_y": 256,
  "size_z": 256,
  "snr_csf": 2.2756956569927875,
  "snr_gm": 12.130654652787147,
  "snr_total": 12.155699323678029,
  "snr_wm": 22.06074766125415,
  "snrd_csf": 20.23803797938182,
  "snrd_gm": 53.38987162179775,
  "snrd_total": 49.782197700587524,
  "snrd_wm": 75.71868350058301,
  "spacing_x": 0.9999971985816956,
  "spacing_y": 1.0,
  "spacing_z": 1.0,
  "summary_bg_k": 38.25316094181426,
  "summary_bg_mad": 0.0,
  "summary_bg_mean": 4.298945827865196,
  "summary_bg_median": 0.0,
  "summary_bg_n": 4248152.0,
  "summary_bg_p05": 0.0,
  "summary_bg_p95": 21.27016957104206,
  "summary_bg_stdv": 8.65224217914794,
  "summary_csf_k": 0.3720952365366661,
  "summary_csf_mad": 104.77618371805345,
  "summary_csf_mean": 284.3192588442298,
  "summary_csf_median": 267.2793113440275,
  "summary_csf_n": 32419.0,
  "summary_csf_p05": 108.54689578860999,
  "summary_csf_p95": 501.81636774390927,
  "summary_csf_stdv": 117.44768604167143,
  "summary_gm_k": 0.011210113199743077,
  "summary_gm_mad": 58.01709318209675,
  "summary_gm_mean": 704.3467834154571,
  "summary_gm_median": 705.1082784980536,
  "summary_gm_n": 54781.0,
  "summary_gm_p05": 607.4294470399618,
  "summary_gm_p95": 798.9904062598944,
  "summary_gm_stdv": 58.12562165436207,
  "summary_wm_k": 0.3919220918275639,
  "summary_wm_mad": 43.62476025379271,
  "summary_wm_mean": 1000.949459088878,
  "summary_wm_median": 999.9999803602695,
  "summary_wm_n": 244785.0,
  "summary_wm_p05": 928.1732495248318,
  "summary_wm_p95": 1076.6675084084272,
  "summary_wm_stdv": 45.32928589295843,
  "tpm_overlap_csf": 0.15760595200510213,
  "tpm_overlap_gm": 0.4659666371846121,
  "tpm_overlap_wm": 0.5105791657396337,
  "wm2max": 0.4979804056376762
}