{
  "aor": 0.006264545454545456,
  "aqi": 0.014404575209790209,
  "bids_meta": {
    "AcquisitionMatrixPE": 80,
    "AcquisitionNumber": 1,
    "AcquisitionTime": "14:38:41.165000",
    "BandwidthPerPixelPhaseEncode": 25.51,
    "BaseResolution": 80,
    "BodyPartExamined": "BRAIN",
    "ConsistencyInfo": "N4_VE11C_LATEST_20160120",
    "ConversionSoftware": "dcm2niix",
    "ConversionSoftwareVersion": "v1.0.20171215 (OpenJPEG build) GCC4.8.5",
    "DerivedVendorReportedEchoSpacing": 0.000490004,
    "DeviceSerialNumber": "67039",
    "DwellTime": 2.6e-06,
    "EchoTime": 0.025,
    "EchoTrainLength": 80,
    "EffectiveEchoSpacing": 0.000490004,
    "FlipAngle": 90,
    "ImageOrientationPatientDICOM": [
      0.993868,
      -0.0362059,
      0.104475,
      0.0426981,
      0.997249,
      -0.0605881
    ],
    "ImageType": [
      "ORIGINAL",
      "PRIMARY",
      "M",
      "ND",
      "NORM",
      "MOSAIC"
    ],
    "InPlanePhaseEncodingDirectionDICOM": "COL",
    "InstitutionAddress": "University_Park_Chandlee_Laboratory_State_College_PA_US_16802",
    "InstitutionName": "PSU-SLEIC",
    "InstitutionalDepartmentName": "Department",
    "MRAcquisitionType": "2D",
    "MagneticFieldStrength": 3,
    "Manufacturer": "Siemens",
    "ManufacturersModelName": "Prisma_fit",
    "Modality": "MR",
    "PartialFourier": 1,
    "PatientPosition": "HFS",
    "PercentPhaseFOV": 100,
    "PhaseEncodingDirection": "j-",
    "PhaseEncodingSteps": 80,
    "PhaseResolution": 1,
    "PixelBandwidth": 2405,
    "ProcedureStepDescription": "Investigators_20_ch_xxl213",
    "ProtocolName": "resting-post-motor",
    "PulseSequenceDetails": "%CustomerSeq%_ep2d_bold_1066",
    "ReceiveCoilActiveElements": "HE1-4",
    "ReceiveCoilName": "HeadNeck_20",
    "ReconMatrixPE": 80,
    "RepetitionTime": 2.1,
    "SAR": 0.165942,
    "ScanOptions": "FS_RT",
    "ScanningSequence": "EP",
    "SequenceName": "ep10662d1_80",
    "SequenceVariant": "SK",
    "SeriesDescription": "resting-post-motor",
    "SeriesNumber": 20,
    "ShimSetting": [
      -1899,
      8239,
      9523,
      345,
      11,
      -212,
      48,
      -31
    ],
    "SliceThickness": 4,
    "SliceTiming": [
      2.02,
      1.96,
      1.9,
      1.8425,
      1.7825,
      1.7225,
      1.6625,
      1.6025,
      1.545,
      1.485,
      1.425,
      1.365,
      1.3075,
      1.2475,
      1.1875,
      1.1275,
      1.07,
      1.01,
      0.95,
      0.89,
      0.83,
      0.7725,
      0.7125,
      0.6525,
      0.5925,
      0.535,
      0.475,
      0.415,
      0.355,
      0.2975,
      0.2375,
      0.1775,
      0.1175,
      0.0575,
      0
    ],
    "SoftwareVersions": "syngo_MR_E11",
    "SpacingBetweenSlices": 4,
    "StationName": "AWP67039",
    "TaskName": "rest",
    "TotalReadoutTime": 0.0387103,
    "TxRefAmp": 320.961,
    "dataset": "ds003768",
    "modality": "bold",
    "run_id": 2,
    "subject_id": "14",
    "task_id": "rest"
  },
  "dummy_trs": 0,
  "dvars_nstd": 35.162413693719316,
  "dvars_std": 1.3604953416140346,
  "dvars_vstd": 0.9761966125964914,
  "efc": 0.4709421221546161,
  "fber": 2279.98828125,
  "fd_mean": 0.39892285550872475,
  "fd_num": 184,
  "fd_perc": 64.33566433566433,
  "fwhm_avg": 1.9540611975214721,
  "fwhm_x": 1.9620568225969333,
  "fwhm_y": 2.1670266666666667,
  "fwhm_z": 1.7331001033008162,
  "gcor": 0.147048,
  "gsr_x": -0.017717523500323296,
  "gsr_y": 0.03178907930850983,
  "provenance": {
    "md5sum": "a74771f06be0dc5f12ab9b9518491607",
    "settings": {
      "fd_thres": 0.2,
      "testing": false
    },
    "software": "mriqc",
    "version": "22.0.6",
    "webapi_port": null,
    "webapi_url": "https://mriqc.nimh.nih.gov/api/v1"
  },
  "size_t": 286,
  "size_x": 80,
  "size_y": 80,
  "size_z": 35,
  "snr": 6.645236875210119,
  "spacing_tr": 2.0999999046325684,
  "spacing_x": 2.999999761581421,
  "spacing_y": 3.0,
  "spacing_z": 3.999999761581421,
  "summary_bg_k": 28.426525583416556,
  "summary_bg_mad": 7.584080524897131,
  "summary_bg_mean": 34.27125930786133,
  "summary_bg_median": 12.569930076599121,
  "summary_bg_n": 156473.0,
  "summary_bg_p05": 5.569930076599121,
  "summary_bg_p95": 147.25104675292965,
  "summary_bg_stdv": 62.32884216308594,
  "summary_fg_k": 0.9215517030249467,
  "summary_fg_mad": 90.5864616546297,
  "summary_fg_mean": 603.3075561523438,
  "summary_fg_median": 601.70458984375,
  "summary_fg_n": 28342.0,
  "summary_fg_p05": 458.21764068603517,
  "summary_fg_p95": 746.4181579589842,
  "summary_fg_stdv": 90.54515075683594,
  "tsnr": 46.34467269387096
}