{
  "aor": 0.005223519813519813,
  "aqi": 0.022065379743589745,
  "bids_meta": {
    "AcquisitionMatrixPE": 80,
    "AcquisitionNumber": 1,
    "AcquisitionTime": "15:37:13.342500",
    "BandwidthPerPixelPhaseEncode": 25.51,
    "BaseResolution": 80,
    "BodyPartExamined": "BRAIN",
    "ConsistencyInfo": "N4_VE11C_LATEST_20160120",
    "ConversionSoftware": "dcm2niix",
    "ConversionSoftwareVersion": "v1.0.20171215 (OpenJPEG build) GCC4.8.5",
    "DerivedVendorReportedEchoSpacing": 0.000490004,
    "DeviceSerialNumber": "67039",
    "DwellTime": 2.6e-06,
    "EchoTime": 0.025,
    "EchoTrainLength": 80,
    "EffectiveEchoSpacing": 0.000490004,
    "FlipAngle": 90,
    "ImageOrientationPatientDICOM": [
      0.993868,
      -0.0362059,
      0.104475,
      0.0426981,
      0.997249,
      -0.0605881
    ],
    "ImageType": [
      "ORIGINAL",
      "PRIMARY",
      "M",
      "ND",
      "NORM",
      "MOSAIC"
    ],
    "InPlanePhaseEncodingDirectionDICOM": "COL",
    "InstitutionAddress": "University_Park_Chandlee_Laboratory_State_College_PA_US_16802",
    "InstitutionName": "PSU-SLEIC",
    "InstitutionalDepartmentName": "Department",
    "MRAcquisitionType": "2D",
    "MagneticFieldStrength": 3,
    "Manufacturer": "Siemens",
    "ManufacturersModelName": "Prisma_fit",
    "Modality": "MR",
    "PartialFourier": 1,
    "PatientPosition": "HFS",
    "PercentPhaseFOV": 100,
    "PhaseEncodingDirection": "j-",
    "PhaseEncodingSteps": 80,
    "PhaseResolution": 1,
    "PixelBandwidth": 2405,
    "ProcedureStepDescription": "Investigators_20_ch_xxl213",
    "ProtocolName": "sleep-onset-segment-4",
    "PulseSequenceDetails": "%CustomerSeq%_ep2d_bold_1066",
    "ReceiveCoilActiveElements": "HE1-4",
    "ReceiveCoilName": "HeadNeck_20",
    "ReconMatrixPE": 80,
    "RepetitionTime": 2.1,
    "SAR": 0.165942,
    "ScanOptions": "FS_RT",
    "ScanningSequence": "EP",
    "SequenceName": "ep10662d1_80",
    "SequenceVariant": "SK",
    "SeriesDescription": "sleep-onset-segment-4",
    "SeriesNumber": 28,
    "ShimSetting": [
      -1899,
      8239,
      9523,
      345,
      11,
      -212,
      48,
      -31
    ],
    "SliceThickness": 4,
    "SliceTiming": [
      2.0225,
      1.9625,
      1.9025,
      1.8425,
      1.7825,
      1.725,
      1.665,
      1.605,
      1.545,
      1.4875,
      1.4275,
      1.3675,
      1.3075,
      1.25,
      1.19,
      1.13,
      1.07,
      1.01,
      0.9525,
      0.8925,
      0.8325,
      0.7725,
      0.715,
      0.655,
      0.595,
      0.535,
      0.4775,
      0.4175,
      0.3575,
      0.2975,
      0.24,
      0.18,
      0.12,
      0.06,
      0
    ],
    "SoftwareVersions": "syngo_MR_E11",
    "SpacingBetweenSlices": 4,
    "StationName": "AWP67039",
    "TaskName": "sleep",
    "TotalReadoutTime": 0.0387103,
    "TxRefAmp": 320.961,
    "dataset": "ds003768",
    "modality": "bold",
    "run_id": 4,
    "subject_id": "14",
    "task_id": "sleep"
  },
  "dummy_trs": 0,
  "dvars_nstd": 34.88116872203271,
  "dvars_std": 1.1739691617757,
  "dvars_vstd": 0.9125571271962624,
  "efc": 0.4735333871875427,
  "fber": 2241.097900390625,
  "fd_mean": 0.5405305197515226,
  "fd_num": 311,
  "fd_perc": 72.49417249417249,
  "fwhm_avg": 1.9746106422930023,
  "fwhm_x": 2.0248601609214276,
  "fwhm_y": 2.233146666666667,
  "fwhm_z": 1.6658250992909132,
  "gcor": 0.0988008,
  "gsr_x": -0.019183190539479256,
  "gsr_y": 0.031180081889033318,
  "provenance": {
    "md5sum": "fb76d48e1dfc6e3278ffa68cc538947a",
    "settings": {
      "fd_thres": 0.2,
      "testing": false
    },
    "software": "mriqc",
    "version": "22.0.6",
    "webapi_port": null,
    "webapi_url": "https://mriqc.nimh.nih.gov/api/v1"
  },
  "size_t": 429,
  "size_x": 80,
  "size_y": 80,
  "size_z": 35,
  "snr": 6.553095011854493,
  "spacing_tr": 2.0999999046325684,
  "spacing_x": 2.999999761581421,
  "spacing_y": 3.0,
  "spacing_z": 3.999999761581421,
  "summary_bg_k": 29.222292836012535,
  "summary_bg_mad": 8.007435641706822,
  "summary_bg_mean": 36.09654998779297,
  "summary_bg_median": 12.850815773010254,
  "summary_bg_n": 156369.0,
  "summary_bg_p05": 5.55244779586792,
  "summary_bg_p95": 155.05082092285173,
  "summary_bg_stdv": 65.52775573730469,
  "summary_fg_k": 0.8507531228521996,
  "summary_fg_mad": 91.32346444812451,
  "summary_fg_mean": 604.6095581054688,
  "summary_fg_median": 603.19580078125,
  "summary_fg_n": 28365.0,
  "summary_fg_p05": 456.9226318359375,
  "summary_fg_p95": 750.286279296875,
  "summary_fg_stdv": 92.04584503173828,
  "tsnr": 36.02611341193551
}