{
  "aor": 0.004810666666666667,
  "aqi": 0.01627396505263158,
  "bids_meta": {
    "AcquisitionMatrixPE": 80,
    "AcquisitionNumber": 1,
    "AcquisitionTime": "14:17:39.845000",
    "BandwidthPerPixelPhaseEncode": 25.51,
    "BaseResolution": 80,
    "BodyPartExamined": "BRAIN",
    "ConsistencyInfo": "N4_VE11C_LATEST_20160120",
    "ConversionSoftware": "dcm2niix",
    "ConversionSoftwareVersion": "v1.0.20171215 (OpenJPEG build) GCC4.8.5",
    "DerivedVendorReportedEchoSpacing": 0.000490004,
    "DeviceSerialNumber": "67039",
    "DwellTime": 2.6e-06,
    "EchoTime": 0.025,
    "EchoTrainLength": 80,
    "EffectiveEchoSpacing": 0.000490004,
    "FlipAngle": 90,
    "ImageOrientationPatientDICOM": [
      0.993868,
      -0.0362059,
      0.104475,
      0.0426981,
      0.997249,
      -0.0605881
    ],
    "ImageType": [
      "ORIGINAL",
      "PRIMARY",
      "M",
      "ND",
      "NORM",
      "MOSAIC"
    ],
    "InPlanePhaseEncodingDirectionDICOM": "COL",
    "InstitutionAddress": "University_Park_Chandlee_Laboratory_State_College_PA_US_16802",
    "InstitutionName": "PSU-SLEIC",
    "InstitutionalDepartmentName": "Department",
    "MRAcquisitionType": "2D",
    "MagneticFieldStrength": 3,
    "Manufacturer": "Siemens",
    "ManufacturersModelName": "Prisma_fit",
    "Modality": "MR",
    "PartialFourier": 1,
    "PatientPosition": "HFS",
    "PercentPhaseFOV": 100,
    "PhaseEncodingDirection": "j-",
    "PhaseEncodingSteps": 80,
    "PhaseResolution": 1,
    "PixelBandwidth": 2405,
    "ProcedureStepDescription": "Investigators_20_ch_xxl213",
    "ProtocolName": "resting-pre-motor",
    "PulseSequenceDetails": "%CustomerSeq%_ep2d_bold_1066",
    "ReceiveCoilActiveElements": "HE1-4",
    "ReceiveCoilName": "HeadNeck_20",
    "ReconMatrixPE": 80,
    "RepetitionTime": 2.1,
    "SAR": 0.165942,
    "ScanOptions": "FS_RT",
    "ScanningSequence": "EP",
    "SequenceName": "ep10662d1_80",
    "SequenceVariant": "SK",
    "SeriesDescription": "resting-pre-motor",
    "SeriesNumber": 16,
    "ShimSetting": [
      -1899,
      8239,
      9523,
      345,
      11,
      -212,
      48,
      -31
    ],
    "SliceThickness": 4,
    "SliceTiming": [
      2.02,
      1.9625,
      1.9025,
      1.8425,
      1.7825,
      1.725,
      1.665,
      1.605,
      1.545,
      1.4875,
      1.4275,
      1.3675,
      1.3075,
      1.2475,
      1.19,
      1.13,
      1.07,
      1.01,
      0.9525,
      0.8925,
      0.8325,
      0.7725,
      0.715,
      0.655,
      0.595,
      0.535,
      0.475,
      0.4175,
      0.3575,
      0.2975,
      0.2375,
      0.18,
      0.12,
      0.06,
      0
    ],
    "SoftwareVersions": "syngo_MR_E11",
    "SpacingBetweenSlices": 4,
    "StationName": "AWP67039",
    "TaskName": "rest",
    "TotalReadoutTime": 0.0387103,
    "TxRefAmp": 320.961,
    "dataset": "ds003768",
    "modality": "bold",
    "run_id": 1,
    "subject_id": "14",
    "task_id": "rest"
  },
  "dummy_trs": 1,
  "dvars_nstd": 28.6603128943662,
  "dvars_std": 1.3489433939084505,
  "dvars_vstd": 0.9765703141197182,
  "efc": 0.4694267230626448,
  "fber": 2347.246337890625,
  "fd_mean": 0.2937863241654476,
  "fd_num": 142,
  "fd_perc": 49.824561403508774,
  "fwhm_avg": 1.9852117544403516,
  "fwhm_x": 1.993236825074897,
  "fwhm_y": 2.2022533333333336,
  "fwhm_z": 1.7601451049128238,
  "gcor": 0.0189131,
  "gsr_x": -0.01863810233771801,
  "gsr_y": 0.03171120211482048,
  "provenance": {
    "md5sum": "8704ea6fa94256a72cf44ade114c675f",
    "settings": {
      "fd_thres": 0.2,
      "testing": false
    },
    "software": "mriqc",
    "version": "22.0.6",
    "webapi_port": null,
    "webapi_url": "https://mriqc.nimh.nih.gov/api/v1"
  },
  "size_t": 285,
  "size_x": 80,
  "size_y": 80,
  "size_z": 35,
  "snr": 6.619529268071544,
  "spacing_tr": 2.0999999046325684,
  "spacing_x": 2.999999761581421,
  "spacing_y": 3.0,
  "spacing_z": 3.999999761581421,
  "summary_bg_k": 30.29322474626329,
  "summary_bg_mad": 7.610691199806135,
  "summary_bg_mean": 34.06658935546875,
  "summary_bg_median": 12.519298553466797,
  "summary_bg_n": 156540.0,
  "summary_bg_p05": 5.536842346191406,
  "summary_bg_p95": 144.8633346557617,
  "summary_bg_stdv": 62.080039978027344,
  "summary_fg_k": 0.7808247536683894,
  "summary_fg_mad": 92.23348576223593,
  "summary_fg_mean": 608.3485107421875,
  "summary_fg_median": 606.498291015625,
  "summary_fg_n": 28372.0,
  "summary_fg_p05": 461.06966400146484,
  "summary_fg_p95": 754.2356170654297,
  "summary_fg_stdv": 91.62095642089844,
  "tsnr": 50.749126256327145
}