{
  "aor": 0.0043364568764568765,
  "aqi": 0.024311317575757573,
  "bids_meta": {
    "AcquisitionMatrixPE": 80,
    "AcquisitionNumber": 1,
    "AcquisitionTime": "15:53:16.007500",
    "BandwidthPerPixelPhaseEncode": 25.51,
    "BaseResolution": 80,
    "BodyPartExamined": "BRAIN",
    "ConsistencyInfo": "N4_VE11C_LATEST_20160120",
    "ConversionSoftware": "dcm2niix",
    "ConversionSoftwareVersion": "v1.0.20171215 (OpenJPEG build) GCC4.8.5",
    "DerivedVendorReportedEchoSpacing": 0.000490004,
    "DeviceSerialNumber": "67039",
    "DwellTime": 2.6e-06,
    "EchoTime": 0.025,
    "EchoTrainLength": 80,
    "EffectiveEchoSpacing": 0.000490004,
    "FlipAngle": 90,
    "ImageOrientationPatientDICOM": [
      0.993868,
      -0.0362059,
      0.104475,
      0.0426981,
      0.997249,
      -0.0605881
    ],
    "ImageType": [
      "ORIGINAL",
      "PRIMARY",
      "M",
      "ND",
      "NORM",
      "MOSAIC"
    ],
    "InPlanePhaseEncodingDirectionDICOM": "COL",
    "InstitutionAddress": "University_Park_Chandlee_Laboratory_State_College_PA_US_16802",
    "InstitutionName": "PSU-SLEIC",
    "InstitutionalDepartmentName": "Department",
    "MRAcquisitionType": "2D",
    "MagneticFieldStrength": 3,
    "Manufacturer": "Siemens",
    "ManufacturersModelName": "Prisma_fit",
    "Modality": "MR",
    "PartialFourier": 1,
    "PatientPosition": "HFS",
    "PercentPhaseFOV": 100,
    "PhaseEncodingDirection": "j-",
    "PhaseEncodingSteps": 80,
    "PhaseResolution": 1,
    "PixelBandwidth": 2405,
    "ProcedureStepDescription": "Investigators_20_ch_xxl213",
    "ProtocolName": "sleep-onset-segment-5",
    "PulseSequenceDetails": "%CustomerSeq%_ep2d_bold_1066",
    "ReceiveCoilActiveElements": "HE1-4",
    "ReceiveCoilName": "HeadNeck_20",
    "ReconMatrixPE": 80,
    "RepetitionTime": 2.1,
    "SAR": 0.165942,
    "ScanOptions": "FS_RT",
    "ScanningSequence": "EP",
    "SequenceName": "ep10662d1_80",
    "SequenceVariant": "SK",
    "SeriesDescription": "sleep-onset-segment-5",
    "SeriesNumber": 30,
    "ShimSetting": [
      -1899,
      8239,
      9523,
      345,
      11,
      -212,
      48,
      -31
    ],
    "SliceThickness": 4,
    "SliceTiming": [
      2.02,
      1.96,
      1.9025,
      1.8425,
      1.7825,
      1.7225,
      1.665,
      1.605,
      1.545,
      1.485,
      1.4275,
      1.3675,
      1.3075,
      1.2475,
      1.1875,
      1.13,
      1.07,
      1.01,
      0.95,
      0.8925,
      0.8325,
      0.7725,
      0.7125,
      0.655,
      0.595,
      0.535,
      0.475,
      0.415,
      0.3575,
      0.2975,
      0.2375,
      0.1775,
      0.12,
      0.06,
      0
    ],
    "SoftwareVersions": "syngo_MR_E11",
    "SpacingBetweenSlices": 4,
    "StationName": "AWP67039",
    "TaskName": "sleep",
    "TotalReadoutTime": 0.0387103,
    "TxRefAmp": 320.961,
    "dataset": "ds003768",
    "modality": "bold",
    "run_id": 5,
    "subject_id": "14",
    "task_id": "sleep"
  },
  "dummy_trs": 0,
  "dvars_nstd": 32.69428519205607,
  "dvars_std": 1.1814145298364478,
  "dvars_vstd": 0.9229817567757014,
  "efc": 0.47210968835285677,
  "fber": 2271.861083984375,
  "fd_mean": 0.4435439282195829,
  "fd_num": 258,
  "fd_perc": 60.13986013986014,
  "fwhm_avg": 1.98690453223441,
  "fwhm_x": 2.010580159786555,
  "fwhm_y": 2.2122933333333332,
  "fwhm_z": 1.7378401035833422,
  "gcor": 0.0923146,
  "gsr_x": -0.018095416948199272,
  "gsr_y": 0.032812245190143585,
  "provenance": {
    "md5sum": "b7835c3c0ee9a77dec296eebeb776a0f",
    "settings": {
      "fd_thres": 0.2,
      "testing": false
    },
    "software": "mriqc",
    "version": "22.0.6",
    "webapi_port": null,
    "webapi_url": "https://mriqc.nimh.nih.gov/api/v1"
  },
  "size_t": 429,
  "size_x": 80,
  "size_y": 80,
  "size_z": 35,
  "snr": 6.644609193541435,
  "spacing_tr": 2.0999999046325684,
  "spacing_x": 2.999999761581421,
  "spacing_y": 3.0,
  "spacing_z": 3.999999761581421,
  "summary_bg_k": 30.530474271837257,
  "summary_bg_mad": 7.810445527221426,
  "summary_bg_mean": 35.09516525268555,
  "summary_bg_median": 12.708624839782715,
  "summary_bg_n": 156608.0,
  "summary_bg_p05": 5.603729724884033,
  "summary_bg_p95": 150.82202453613252,
  "summary_bg_stdv": 63.790523529052734,
  "summary_fg_k": 0.9373096553761475,
  "summary_fg_mad": 91.10221430016027,
  "summary_fg_mean": 605.9932861328125,
  "summary_fg_median": 604.0280151367188,
  "summary_fg_n": 28297.0,
  "summary_fg_p05": 459.60792236328126,
  "summary_fg_p95": 749.5575805664062,
  "summary_fg_stdv": 90.90336608886719,
  "tsnr": 38.38885920471512
}