{
  "aor": 0.002207412587412587,
  "aqi": 0.025775329836829838,
  "bids_meta": {
    "AcquisitionMatrixPE": 80,
    "AcquisitionNumber": 1,
    "AcquisitionTime": "14:50:20.702500",
    "BandwidthPerPixelPhaseEncode": 25.51,
    "BaseResolution": 80,
    "BodyPartExamined": "BRAIN",
    "ConsistencyInfo": "N4_VE11C_LATEST_20160120",
    "ConversionSoftware": "dcm2niix",
    "ConversionSoftwareVersion": "v1.0.20171215 (OpenJPEG build) GCC4.8.5",
    "DerivedVendorReportedEchoSpacing": 0.000490004,
    "DeviceSerialNumber": "67039",
    "DwellTime": 2.6e-06,
    "EchoTime": 0.025,
    "EchoTrainLength": 80,
    "EffectiveEchoSpacing": 0.000490004,
    "FlipAngle": 90,
    "ImageOrientationPatientDICOM": [
      0.993868,
      -0.0362059,
      0.104475,
      0.0426981,
      0.997249,
      -0.0605881
    ],
    "ImageType": [
      "ORIGINAL",
      "PRIMARY",
      "M",
      "ND",
      "NORM",
      "MOSAIC"
    ],
    "InPlanePhaseEncodingDirectionDICOM": "COL",
    "InstitutionAddress": "University_Park_Chandlee_Laboratory_State_College_PA_US_16802",
    "InstitutionName": "PSU-SLEIC",
    "InstitutionalDepartmentName": "Department",
    "MRAcquisitionType": "2D",
    "MagneticFieldStrength": 3,
    "Manufacturer": "Siemens",
    "ManufacturersModelName": "Prisma_fit",
    "Modality": "MR",
    "PartialFourier": 1,
    "PatientPosition": "HFS",
    "PercentPhaseFOV": 100,
    "PhaseEncodingDirection": "j-",
    "PhaseEncodingSteps": 80,
    "PhaseResolution": 1,
    "PixelBandwidth": 2405,
    "ProcedureStepDescription": "Investigators_20_ch_xxl213",
    "ProtocolName": "sleep-onset-segment-1",
    "PulseSequenceDetails": "%CustomerSeq%_ep2d_bold_1066",
    "ReceiveCoilActiveElements": "HE1-4",
    "ReceiveCoilName": "HeadNeck_20",
    "ReconMatrixPE": 80,
    "RepetitionTime": 2.1,
    "SAR": 0.165942,
    "ScanOptions": "FS_RT",
    "ScanningSequence": "EP",
    "SequenceName": "ep10662d1_80",
    "SequenceVariant": "SK",
    "SeriesDescription": "sleep-onset-segment-1",
    "SeriesNumber": 22,
    "ShimSetting": [
      -1899,
      8239,
      9523,
      345,
      11,
      -212,
      48,
      -31
    ],
    "SliceThickness": 4,
    "SliceTiming": [
      2.02,
      1.9625,
      1.9025,
      1.8425,
      1.7825,
      1.725,
      1.665,
      1.605,
      1.545,
      1.4875,
      1.4275,
      1.3675,
      1.3075,
      1.2475,
      1.19,
      1.13,
      1.07,
      1.01,
      0.9525,
      0.8925,
      0.8325,
      0.7725,
      0.715,
      0.655,
      0.595,
      0.535,
      0.475,
      0.4175,
      0.3575,
      0.2975,
      0.2375,
      0.18,
      0.12,
      0.06,
      0
    ],
    "SoftwareVersions": "syngo_MR_E11",
    "SpacingBetweenSlices": 4,
    "StationName": "AWP67039",
    "TaskName": "sleep",
    "TotalReadoutTime": 0.0387103,
    "TxRefAmp": 320.961,
    "dataset": "ds003768",
    "modality": "bold",
    "run_id": 1,
    "subject_id": "14",
    "task_id": "sleep"
  },
  "dummy_trs": 0,
  "dvars_nstd": 33.77751953794391,
  "dvars_std": 1.133311500490654,
  "dvars_vstd": 0.8654776632476637,
  "efc": 0.4724121735851079,
  "fber": 2250.14697265625,
  "fd_mean": 0.4395640384862561,
  "fd_num": 294,
  "fd_perc": 68.53146853146853,
  "fwhm_avg": 1.9834448095796515,
  "fwhm_x": 2.0086768263019583,
  "fwhm_y": 2.22305,
  "fwhm_z": 1.7186076024369956,
  "gcor": 0.120926,
  "gsr_x": -0.018286515027284622,
  "gsr_y": 0.03217509761452675,
  "provenance": {
    "md5sum": "059100ed8847e659194abea3e7e8294a",
    "settings": {
      "fd_thres": 0.2,
      "testing": false
    },
    "software": "mriqc",
    "version": "22.0.6",
    "webapi_port": null,
    "webapi_url": "https://mriqc.nimh.nih.gov/api/v1"
  },
  "size_t": 429,
  "size_x": 80,
  "size_y": 80,
  "size_z": 35,
  "snr": 6.698056319622217,
  "spacing_tr": 2.0999999046325684,
  "spacing_x": 2.999999761581421,
  "spacing_y": 3.0,
  "spacing_z": 3.999999761581421,
  "summary_bg_k": 29.687388336583737,
  "summary_bg_mad": 7.879563575745737,
  "summary_bg_mean": 34.846519470214844,
  "summary_bg_median": 12.701631546020508,
  "summary_bg_n": 156375.0,
  "summary_bg_p05": 5.526806831359863,
  "summary_bg_p95": 148.49254760742184,
  "summary_bg_stdv": 62.89735412597656,
  "summary_fg_k": 0.8649002166945814,
  "summary_fg_mad": 89.2498664356089,
  "summary_fg_mean": 601.3170776367188,
  "summary_fg_median": 599.3496704101562,
  "summary_fg_n": 28453.0,
  "summary_fg_p05": 457.68298950195316,
  "summary_fg_p95": 744.2303344726562,
  "summary_fg_stdv": 89.47956085205078,
  "tsnr": 34.14949607709423
}