{
  "aor": 0.007699440559440559,
  "aqi": 0.008090376456876457,
  "bids_meta": {
    "AcquisitionMatrixPE": 80,
    "AcquisitionNumber": 1,
    "AcquisitionTime": "16:13:37.217500",
    "BandwidthPerPixelPhaseEncode": 25.51,
    "BaseResolution": 80,
    "BodyPartExamined": "BRAIN",
    "ConsistencyInfo": "N4_VE11C_LATEST_20160120",
    "ConversionSoftware": "dcm2niix",
    "ConversionSoftwareVersion": "v1.0.20171215 (OpenJPEG build) GCC4.8.5",
    "DerivedVendorReportedEchoSpacing": 0.000490004,
    "DeviceSerialNumber": "67039",
    "DwellTime": 2.6e-06,
    "EchoTime": 0.025,
    "EchoTrainLength": 80,
    "EffectiveEchoSpacing": 0.000490004,
    "FlipAngle": 90,
    "ImageOrientationPatientDICOM": [
      0.999543,
      -0.0115671,
      -0.0279288,
      0.0137827,
      0.99666,
      0.0804863
    ],
    "ImageType": [
      "ORIGINAL",
      "PRIMARY",
      "M",
      "ND",
      "NORM",
      "MOSAIC"
    ],
    "InPlanePhaseEncodingDirectionDICOM": "COL",
    "InstitutionAddress": "University_Park_Chandlee_Laboratory_State_College_PA_US_16802",
    "InstitutionName": "PSU-SLEIC",
    "InstitutionalDepartmentName": "Department",
    "MRAcquisitionType": "2D",
    "MagneticFieldStrength": 3,
    "Manufacturer": "Siemens",
    "ManufacturersModelName": "Prisma_fit",
    "Modality": "MR",
    "PartialFourier": 1,
    "PatientPosition": "HFS",
    "PercentPhaseFOV": 100,
    "PhaseEncodingDirection": "j-",
    "PhaseEncodingSteps": 80,
    "PhaseResolution": 1,
    "PixelBandwidth": 2405,
    "ProcedureStepDescription": "Investigators_20_ch_xxl213",
    "ProtocolName": "sleep-onset-segment-5",
    "PulseSequenceDetails": "%CustomerSeq%_ep2d_bold_1066",
    "ReceiveCoilActiveElements": "HE1-4",
    "ReceiveCoilName": "HeadNeck_20",
    "ReconMatrixPE": 80,
    "RepetitionTime": 2.1,
    "SAR": 0.131926,
    "ScanOptions": "FS_RT",
    "ScanningSequence": "EP",
    "SequenceName": "ep10662d1_80",
    "SequenceVariant": "SK",
    "SeriesDescription": "sleep-onset-segment-5",
    "SeriesNumber": 32,
    "ShimSetting": [
      -1947,
      8253,
      9504,
      527,
      0,
      -52,
      3,
      19
    ],
    "SliceThickness": 4,
    "SliceTiming": [
      2.02,
      1.96,
      1.9025,
      1.8425,
      1.7825,
      1.7225,
      1.665,
      1.605,
      1.545,
      1.485,
      1.4275,
      1.3675,
      1.3075,
      1.2475,
      1.1875,
      1.13,
      1.07,
      1.01,
      0.95,
      0.8925,
      0.8325,
      0.7725,
      0.7125,
      0.655,
      0.595,
      0.535,
      0.475,
      0.4175,
      0.3575,
      0.2975,
      0.2375,
      0.1775,
      0.12,
      0.06,
      0
    ],
    "SoftwareVersions": "syngo_MR_E11",
    "SpacingBetweenSlices": 4,
    "StationName": "AWP67039",
    "TaskName": "sleep",
    "TotalReadoutTime": 0.0387103,
    "TxRefAmp": 260.018,
    "dataset": "ds003768",
    "modality": "bold",
    "run_id": 5,
    "subject_id": "29",
    "task_id": "sleep"
  },
  "dummy_trs": 0,
  "dvars_nstd": 18.761002001471965,
  "dvars_std": 1.2796989866822426,
  "dvars_vstd": 1.0213609405841126,
  "efc": 0.44985458024910874,
  "fber": 3393.7724609375,
  "fd_mean": 0.16608563531095893,
  "fd_num": 50,
  "fd_perc": 11.655011655011656,
  "fwhm_avg": 1.8337372540253751,
  "fwhm_x": 1.81353,
  "fwhm_y": 2.0869766666666667,
  "fwhm_z": 1.6007050954094586,
  "gcor": 0.0225549,
  "gsr_x": -0.025221461430191994,
  "gsr_y": 0.02070336602628231,
  "provenance": {
    "md5sum": "df6751dc872e5d974e55ac44724c7b59",
    "settings": {
      "fd_thres": 0.2,
      "testing": false
    },
    "software": "mriqc",
    "version": "22.0.6",
    "webapi_port": null,
    "webapi_url": "https://mriqc.nimh.nih.gov/api/v1"
  },
  "size_t": 429,
  "size_x": 80,
  "size_y": 80,
  "size_z": 35,
  "snr": 7.71253009681428,
  "spacing_tr": 2.0999999046325684,
  "spacing_x": 3.0,
  "spacing_y": 3.0,
  "spacing_z": 3.999999761581421,
  "summary_bg_k": 37.59126892400761,
  "summary_bg_mad": 7.271317961917447,
  "summary_bg_mean": 33.51338577270508,
  "summary_bg_median": 13.934732437133789,
  "summary_bg_n": 155818.0,
  "summary_bg_p05": 7.030303001403809,
  "summary_bg_p95": 133.09324645996094,
  "summary_bg_stdv": 61.37852096557617,
  "summary_fg_k": 1.854861474374137,
  "summary_fg_mad": 98.38048450503234,
  "summary_fg_mean": 816.5655517578125,
  "summary_fg_median": 814.8997802734375,
  "summary_fg_n": 28613.0,
  "summary_fg_p05": 651.95244140625,
  "summary_fg_p95": 985.3244873046874,
  "summary_fg_stdv": 105.65735626220703,
  "tsnr": 81.25552561087534
}