{
  "aor": 0.013801705607476636,
  "aqi": 0.018484179906542057,
  "bids_meta": {
    "AcquisitionMatrixPE": 80,
    "AcquisitionNumber": 1,
    "AcquisitionTime": "14:55:54.352500",
    "BandwidthPerPixelPhaseEncode": 25.51,
    "BaseResolution": 80,
    "BodyPartExamined": "BRAIN",
    "ConsistencyInfo": "N4_VE11C_LATEST_20160120",
    "ConversionSoftware": "dcm2niix",
    "ConversionSoftwareVersion": "v1.0.20171215 (OpenJPEG build) GCC4.8.5",
    "DerivedVendorReportedEchoSpacing": 0.000490004,
    "DeviceSerialNumber": "67039",
    "DwellTime": 2.6e-06,
    "EchoTime": 0.025,
    "EchoTrainLength": 80,
    "EffectiveEchoSpacing": 0.000490004,
    "FlipAngle": 90,
    "ImageOrientationPatientDICOM": [
      0.994641,
      0.0591635,
      0.0847918,
      -0.0699009,
      0.989068,
      0.129842
    ],
    "ImageType": [
      "ORIGINAL",
      "PRIMARY",
      "M",
      "ND",
      "NORM",
      "MOSAIC"
    ],
    "InPlanePhaseEncodingDirectionDICOM": "COL",
    "InstitutionAddress": "University_Park_Chandlee_Laboratory_State_College_PA_US_16802",
    "InstitutionName": "Penn_State_SLEIC",
    "InstitutionalDepartmentName": "Department",
    "MRAcquisitionType": "2D",
    "MagneticFieldStrength": 3,
    "Manufacturer": "Siemens",
    "ManufacturersModelName": "Prisma_fit",
    "Modality": "MR",
    "PartialFourier": 1,
    "PatientPosition": "HFS",
    "PercentPhaseFOV": 100,
    "PhaseEncodingDirection": "j-",
    "PhaseEncodingSteps": 80,
    "PhaseResolution": 1,
    "PixelBandwidth": 2405,
    "ProcedureStepDescription": "Investigators_20_ch_xxl213",
    "ProtocolName": "sleep-onset-segment-2",
    "PulseSequenceDetails": "%CustomerSeq%_ep2d_bold_1066",
    "ReceiveCoilActiveElements": "HE1-4",
    "ReceiveCoilName": "HeadNeck_20",
    "ReconMatrixPE": 80,
    "RepetitionTime": 2.1,
    "SAR": 0.162987,
    "ScanOptions": "FS_RT",
    "ScanningSequence": "EP",
    "SequenceName": "ep10662d1_80",
    "SequenceVariant": "SK",
    "SeriesDescription": "sleep-onset-segment-2",
    "SeriesNumber": 22,
    "ShimSetting": [
      -1901,
      8271,
      9516,
      419,
      26,
      -197,
      57,
      -49
    ],
    "SliceThickness": 4,
    "SliceTiming": [
      2.02,
      1.96,
      1.9,
      1.8425,
      1.7825,
      1.7225,
      1.6625,
      1.6025,
      1.545,
      1.485,
      1.425,
      1.365,
      1.3075,
      1.2475,
      1.1875,
      1.1275,
      1.07,
      1.01,
      0.95,
      0.89,
      0.83,
      0.7725,
      0.7125,
      0.6525,
      0.5925,
      0.535,
      0.475,
      0.415,
      0.355,
      0.2975,
      0.2375,
      0.1775,
      0.1175,
      0.0575,
      0
    ],
    "SoftwareVersions": "syngo_MR_E11",
    "SpacingBetweenSlices": 4,
    "StationName": "AWP67039",
    "TaskName": "sleep",
    "TotalReadoutTime": 0.0387103,
    "TxRefAmp": 314.838,
    "dataset": "ds003768",
    "modality": "bold",
    "run_id": 2,
    "subject_id": "31",
    "task_id": "sleep"
  },
  "dummy_trs": 1,
  "dvars_nstd": 29.500621138922707,
  "dvars_std": 1.2614784187587826,
  "dvars_vstd": 1.0365095323185007,
  "efc": 0.4859058036362642,
  "fber": 2568.922119140625,
  "fd_mean": 0.45580439405379136,
  "fd_num": 307,
  "fd_perc": 71.72897196261682,
  "fwhm_avg": 1.867186388888889,
  "fwhm_x": 1.8304933333333333,
  "fwhm_y": 2.0815933333333336,
  "fwhm_z": 1.6894725,
  "gcor": 0.0359996,
  "gsr_x": -0.022659853100776672,
  "gsr_y": 0.04067305475473404,
  "provenance": {
    "md5sum": "158942a1a3172ec56dba5a30a53fd14a",
    "settings": {
      "fd_thres": 0.2,
      "testing": false
    },
    "software": "mriqc",
    "version": "22.0.6",
    "webapi_port": null,
    "webapi_url": "https://mriqc.nimh.nih.gov/api/v1"
  },
  "size_t": 428,
  "size_x": 80,
  "size_y": 80,
  "size_z": 35,
  "snr": 7.084649775162125,
  "spacing_tr": 2.0999999046325684,
  "spacing_x": 3.0,
  "spacing_y": 3.0,
  "spacing_z": 4.0,
  "summary_bg_k": 26.15049725053587,
  "summary_bg_mad": 7.506539050014838,
  "summary_bg_mean": 33.84889602661133,
  "summary_bg_median": 12.887849807739258,
  "summary_bg_n": 150077.0,
  "summary_bg_p05": 5.876168251037598,
  "summary_bg_p95": 138.5747558593748,
  "summary_bg_stdv": 59.40201187133789,
  "summary_fg_k": 1.9006015923083464,
  "summary_fg_mad": 86.99555817954129,
  "summary_fg_mean": 664.1008911132812,
  "summary_fg_median": 659.5560302734375,
  "summary_fg_n": 33123.0,
  "summary_fg_p05": 527.2787231445312,
  "summary_fg_p95": 819.5640075683593,
  "summary_fg_stdv": 93.09508514404297,
  "tsnr": 46.709866733523086
}