{
  "aor": 0.026054883177570095,
  "aqi": 0.07185152873831775,
  "bids_meta": {
    "AcquisitionMatrixPE": 80,
    "AcquisitionNumber": 1,
    "AcquisitionTime": "15:58:20.352500",
    "BandwidthPerPixelPhaseEncode": 25.51,
    "BaseResolution": 80,
    "BodyPartExamined": "BRAIN",
    "ConsistencyInfo": "N4_VE11C_LATEST_20160120",
    "ConversionSoftware": "dcm2niix",
    "ConversionSoftwareVersion": "v1.0.20171215 (OpenJPEG build) GCC4.8.5",
    "DerivedVendorReportedEchoSpacing": 0.000490004,
    "DeviceSerialNumber": "67039",
    "DwellTime": 2.6e-06,
    "EchoTime": 0.025,
    "EchoTrainLength": 80,
    "EffectiveEchoSpacing": 0.000490004,
    "FlipAngle": 90,
    "ImageOrientationPatientDICOM": [
      0.994641,
      0.0591635,
      0.0847918,
      -0.0699009,
      0.989068,
      0.129842
    ],
    "ImageType": [
      "ORIGINAL",
      "PRIMARY",
      "M",
      "ND",
      "NORM",
      "MOSAIC"
    ],
    "InPlanePhaseEncodingDirectionDICOM": "COL",
    "InstitutionAddress": "University_Park_Chandlee_Laboratory_State_College_PA_US_16802",
    "InstitutionName": "Penn_State_SLEIC",
    "InstitutionalDepartmentName": "Department",
    "MRAcquisitionType": "2D",
    "MagneticFieldStrength": 3,
    "Manufacturer": "Siemens",
    "ManufacturersModelName": "Prisma_fit",
    "Modality": "MR",
    "PartialFourier": 1,
    "PatientPosition": "HFS",
    "PercentPhaseFOV": 100,
    "PhaseEncodingDirection": "j-",
    "PhaseEncodingSteps": 80,
    "PhaseResolution": 1,
    "PixelBandwidth": 2405,
    "ProcedureStepDescription": "Investigators_20_ch_xxl213",
    "ProtocolName": "sleep-onset-segment-6",
    "PulseSequenceDetails": "%CustomerSeq%_ep2d_bold_1066",
    "ReceiveCoilActiveElements": "HE1-4",
    "ReceiveCoilName": "HeadNeck_20",
    "ReconMatrixPE": 80,
    "RepetitionTime": 2.1,
    "SAR": 0.162987,
    "ScanOptions": "FS_RT",
    "ScanningSequence": "EP",
    "SequenceName": "ep10662d1_80",
    "SequenceVariant": "SK",
    "SeriesDescription": "sleep-onset-segment-6",
    "SeriesNumber": 30,
    "ShimSetting": [
      -1901,
      8271,
      9516,
      419,
      26,
      -197,
      57,
      -49
    ],
    "SliceThickness": 4,
    "SliceTiming": [
      2.02,
      1.96,
      1.9,
      1.84,
      1.7825,
      1.7225,
      1.6625,
      1.6025,
      1.545,
      1.485,
      1.425,
      1.365,
      1.3075,
      1.2475,
      1.1875,
      1.1275,
      1.0675,
      1.01,
      0.95,
      0.89,
      0.83,
      0.7725,
      0.7125,
      0.6525,
      0.5925,
      0.535,
      0.475,
      0.415,
      0.355,
      0.295,
      0.2375,
      0.1775,
      0.1175,
      0.0575,
      0
    ],
    "SoftwareVersions": "syngo_MR_E11",
    "SpacingBetweenSlices": 4,
    "StationName": "AWP67039",
    "TaskName": "sleep",
    "TotalReadoutTime": 0.0387103,
    "TxRefAmp": 314.838,
    "dataset": "ds003768",
    "modality": "bold",
    "run_id": 6,
    "subject_id": "31",
    "task_id": "sleep"
  },
  "dummy_trs": 1,
  "dvars_nstd": 38.996571275105396,
  "dvars_std": 1.0376397877283374,
  "dvars_vstd": 0.9869258028805613,
  "efc": 0.4728044748227825,
  "fber": 2895.4580078125,
  "fd_mean": 1.123960932638143,
  "fd_num": 248,
  "fd_perc": 57.94392523364486,
  "fwhm_avg": 1.9891577777777778,
  "fwhm_x": 1.9364299999999999,
  "fwhm_y": 2.2924233333333333,
  "fwhm_z": 1.73862,
  "gcor": 0.126138,
  "gsr_x": -0.0146081717684865,
  "gsr_y": 0.03517603501677513,
  "provenance": {
    "md5sum": "87115555775e1b047cf20b0a73d461e4",
    "settings": {
      "fd_thres": 0.2,
      "testing": false
    },
    "software": "mriqc",
    "version": "22.0.6",
    "webapi_port": null,
    "webapi_url": "https://mriqc.nimh.nih.gov/api/v1"
  },
  "size_t": 428,
  "size_x": 80,
  "size_y": 80,
  "size_z": 35,
  "snr": 7.225217433257375,
  "spacing_tr": 2.0999999046325684,
  "spacing_x": 3.0,
  "spacing_y": 3.0,
  "spacing_z": 4.0,
  "summary_bg_k": 23.56688568116346,
  "summary_bg_mad": 7.9949669912094885,
  "summary_bg_mean": 31.09964942932129,
  "summary_bg_median": 12.658878326416016,
  "summary_bg_n": 151545.0,
  "summary_bg_p05": 5.429906368255615,
  "summary_bg_p95": 122.97709960937462,
  "summary_bg_stdv": 52.081058502197266,
  "summary_fg_k": 1.840013261784983,
  "summary_fg_mad": 86.52790142507126,
  "summary_fg_mean": 680.663818359375,
  "summary_fg_median": 675.6261596679688,
  "summary_fg_n": 32159.0,
  "summary_fg_p05": 543.423095703125,
  "summary_fg_p95": 839.2112060546873,
  "summary_fg_stdv": 93.50800323486328,
  "tsnr": 20.533931886893697
}