{
  "aor": 0.002774385964912281,
  "aqi": 0.020360050245614034,
  "bids_meta": {
    "AcquisitionMatrixPE": 80,
    "AcquisitionNumber": 1,
    "AcquisitionTime": "14:05:31.460000",
    "BandwidthPerPixelPhaseEncode": 25.51,
    "BaseResolution": 80,
    "BodyPartExamined": "BRAIN",
    "ConsistencyInfo": "N4_VE11C_LATEST_20160120",
    "ConversionSoftware": "dcm2niix",
    "ConversionSoftwareVersion": "v1.0.20171215 (OpenJPEG build) GCC4.8.5",
    "DerivedVendorReportedEchoSpacing": 0.000490004,
    "DeviceSerialNumber": "67039",
    "DwellTime": 2.6e-06,
    "EchoTime": 0.025,
    "EchoTrainLength": 80,
    "EffectiveEchoSpacing": 0.000490004,
    "FlipAngle": 90,
    "ImageOrientationPatientDICOM": [
      0.994641,
      0.0591635,
      0.0847918,
      -0.0699009,
      0.989068,
      0.129842
    ],
    "ImageType": [
      "ORIGINAL",
      "PRIMARY",
      "M",
      "ND",
      "NORM",
      "MOSAIC"
    ],
    "InPlanePhaseEncodingDirectionDICOM": "COL",
    "InstitutionAddress": "University_Park_Chandlee_Laboratory_State_College_PA_US_16802",
    "InstitutionName": "Penn_State_SLEIC",
    "InstitutionalDepartmentName": "Department",
    "MRAcquisitionType": "2D",
    "MagneticFieldStrength": 3,
    "Manufacturer": "Siemens",
    "ManufacturersModelName": "Prisma_fit",
    "Modality": "MR",
    "PartialFourier": 1,
    "PatientPosition": "HFS",
    "PercentPhaseFOV": 100,
    "PhaseEncodingDirection": "j-",
    "PhaseEncodingSteps": 80,
    "PhaseResolution": 1,
    "PixelBandwidth": 2405,
    "ProcedureStepDescription": "Investigators_20_ch_xxl213",
    "ProtocolName": "resting-pre-motor",
    "PulseSequenceDetails": "%CustomerSeq%_ep2d_bold_1066",
    "ReceiveCoilActiveElements": "HE1-4",
    "ReceiveCoilName": "HeadNeck_20",
    "ReconMatrixPE": 80,
    "RepetitionTime": 2.1,
    "SAR": 0.162987,
    "ScanOptions": "FS_RT",
    "ScanningSequence": "EP",
    "SequenceName": "ep10662d1_80",
    "SequenceVariant": "SK",
    "SeriesDescription": "resting-pre-motor",
    "SeriesNumber": 14,
    "ShimSetting": [
      -1901,
      8271,
      9516,
      419,
      26,
      -197,
      57,
      -49
    ],
    "SliceThickness": 4,
    "SliceTiming": [
      2.02,
      1.9625,
      1.9025,
      1.8425,
      1.7825,
      1.725,
      1.665,
      1.605,
      1.545,
      1.4875,
      1.4275,
      1.3675,
      1.3075,
      1.2475,
      1.19,
      1.13,
      1.07,
      1.01,
      0.9525,
      0.8925,
      0.8325,
      0.7725,
      0.715,
      0.655,
      0.595,
      0.535,
      0.475,
      0.4175,
      0.3575,
      0.2975,
      0.2375,
      0.18,
      0.12,
      0.06,
      0
    ],
    "SoftwareVersions": "syngo_MR_E11",
    "SpacingBetweenSlices": 4,
    "StationName": "AWP67039",
    "TaskName": "rest",
    "TotalReadoutTime": 0.0387103,
    "TxRefAmp": 314.838,
    "dataset": "ds003768",
    "modality": "bold",
    "run_id": 1,
    "subject_id": "31",
    "task_id": "rest"
  },
  "dummy_trs": 1,
  "dvars_nstd": 25.646972051866207,
  "dvars_std": 1.1831285992957752,
  "dvars_vstd": 0.9290953917605633,
  "efc": 0.48916539186852076,
  "fber": 2456.123291015625,
  "fd_mean": 0.3499027868388631,
  "fd_num": 213,
  "fd_perc": 74.73684210526316,
  "fwhm_avg": 1.8445536111111107,
  "fwhm_x": 1.8444966666666665,
  "fwhm_y": 2.1168666666666667,
  "fwhm_z": 1.5722975,
  "gcor": 0.0216996,
  "gsr_x": -0.02665722742676735,
  "gsr_y": 0.03601602464914322,
  "provenance": {
    "md5sum": "484aafb85e3fa71ef8839a821513e9ec",
    "settings": {
      "fd_thres": 0.2,
      "testing": false
    },
    "software": "mriqc",
    "version": "22.0.6",
    "webapi_port": null,
    "webapi_url": "https://mriqc.nimh.nih.gov/api/v1"
  },
  "size_t": 285,
  "size_x": 80,
  "size_y": 80,
  "size_z": 35,
  "snr": 6.802034835858724,
  "spacing_tr": 2.0999999046325684,
  "spacing_x": 3.0,
  "spacing_y": 3.0,
  "spacing_z": 4.0,
  "summary_bg_k": 32.701824018802256,
  "summary_bg_mad": 8.406614853257267,
  "summary_bg_mean": 35.211944580078125,
  "summary_bg_median": 13.059649467468262,
  "summary_bg_n": 149768.0,
  "summary_bg_p05": 5.56491231918335,
  "summary_bg_p95": 145.6733398437499,
  "summary_bg_stdv": 62.599082946777344,
  "summary_fg_k": 2.017093876935447,
  "summary_fg_mad": 89.45550691055726,
  "summary_fg_mean": 654.7507934570312,
  "summary_fg_median": 649.9140625,
  "summary_fg_n": 33280.0,
  "summary_fg_p05": 516.3822723388672,
  "summary_fg_p95": 814.2117980957031,
  "summary_fg_stdv": 95.54557037353516,
  "tsnr": 47.45762479654513
}