{
  "bids_meta": {
    "AcquisitionMatrixPE": 256,
    "AcquisitionNumber": 1,
    "AcquisitionTime": "14:03:8.402500",
    "BaseResolution": 256,
    "BodyPartExamined": "BRAIN",
    "ConsistencyInfo": "N4_VE11C_LATEST_20160120",
    "ConversionSoftware": "dcm2niix",
    "ConversionSoftwareVersion": "v1.0.20171215 (OpenJPEG build) GCC4.8.5",
    "DeviceSerialNumber": "67039",
    "DwellTime": 9.8e-06,
    "EchoTime": 0.00228,
    "FlipAngle": 8,
    "ImageOrientationPatientDICOM": [
      -0.0256359,
      0.997891,
      -0.0596413,
      0.0227931,
      -0.059062,
      -0.997994
    ],
    "ImageType": [
      "ORIGINAL",
      "PRIMARY",
      "M",
      "NORM",
      "DIS2D"
    ],
    "InPlanePhaseEncodingDirectionDICOM": "ROW",
    "InstitutionAddress": "University_Park_Chandlee_Laboratory_State_College_PA_US_16802",
    "InstitutionName": "PSU-SLEIC",
    "InstitutionalDepartmentName": "Department",
    "InversionTime": 0.9,
    "MRAcquisitionType": "3D",
    "MagneticFieldStrength": 3,
    "Manufacturer": "Siemens",
    "ManufacturersModelName": "Prisma_fit",
    "Modality": "MR",
    "ParallelReductionFactorInPlane": 2,
    "PartialFourier": 1,
    "PatientPosition": "HFS",
    "PercentPhaseFOV": 100,
    "PhaseEncodingSteps": 255,
    "PhaseResolution": 1,
    "PixelBandwidth": 200,
    "ProcedureStepDescription": "Investigators_20_ch_xxl213",
    "ProtocolName": "t1_mprage_sag_p2_iso_2300",
    "PulseSequenceDetails": "%SiemensSeq%_tfl",
    "ReceiveCoilActiveElements": "HE1-4;NE1,2",
    "ReceiveCoilName": "HeadNeck_20",
    "ReconMatrixPE": 256,
    "RepetitionTime": 2.3,
    "SAR": 0.0984424,
    "ScanOptions": "IR",
    "ScanningSequence": "GR_IR",
    "SequenceName": "_tfl3d1_16ns",
    "SequenceVariant": "SK_SP_MP",
    "SeriesDescription": "t1_mprage_sag_p2_iso_2300",
    "SeriesNumber": 9,
    "ShimSetting": [
      -1941,
      8275,
      9263,
      132,
      -19,
      -59,
      -30,
      9
    ],
    "SliceThickness": 1,
    "SoftwareVersions": "syngo_MR_E11",
    "StationName": "AWP67039",
    "TxRefAmp": 317.24,
    "dataset": "ds003768",
    "modality": "T1w",
    "subject_id": "07"
  },
  "cjv": 0.366890094654452,
  "cnr": 3.764855374498906,
  "efc": 0.508605825494623,
  "fber": 10465.29,
  "fwhm_avg": 4.6180618566463565,
  "fwhm_x": 4.64525556993907,
  "fwhm_y": 4.53334,
  "fwhm_z": 4.67559,
  "icvs_csf": 0.24933560824469744,
  "icvs_gm": 0.40527654353447773,
  "icvs_wm": 0.34538784822082486,
  "inu_med": 0.6568880677223206,
  "inu_range": 0.3043937772512436,
  "provenance": {
    "md5sum": "0348035b408591143b789e81fd6163d6",
    "settings": {
      "testing": false
    },
    "software": "mriqc",
    "version": "22.0.6",
    "warnings": {
      "large_rot_frame": true,
      "small_air_mask": false
    },
    "webapi_port": null,
    "webapi_url": "https://mriqc.nimh.nih.gov/api/v1"
  },
  "qi_1": 7.051431324442478e-05,
  "qi_2": 0.007673661563033166,
  "rpve_csf": 22.79705995072543,
  "rpve_gm": 13.757633864887602,
  "rpve_wm": 19.066788564387465,
  "size_x": 192,
  "size_y": 256,
  "size_z": 256,
  "snr_csf": 2.1561830083134508,
  "snr_gm": 10.952377180805001,
  "snr_total": 11.772358360758483,
  "snr_wm": 22.208514893157002,
  "snrd_csf": 15.46605666000191,
  "snrd_gm": 46.953346773015426,
  "snrd_total": 43.08171913755302,
  "snrd_wm": 66.82575397964172,
  "spacing_x": 1.0000009536743164,
  "spacing_y": 1.0,
  "spacing_z": 1.0,
  "summary_bg_k": 43.831112692112626,
  "summary_bg_mad": 0.0,
  "summary_bg_mean": 5.825823925946004,
  "summary_bg_median": 0.0,
  "summary_bg_n": 4479245.0,
  "summary_bg_p05": 0.0,
  "summary_bg_p95": 24.00524728372693,
  "summary_bg_stdv": 9.803651547549963,
  "summary_csf_k": -0.052834629803569566,
  "summary_csf_mad": 110.20654989739437,
  "summary_csf_mean": 238.37949377544828,
  "summary_csf_median": 231.43856807425618,
  "summary_csf_n": 62303.0,
  "summary_csf_p05": 75.68867586180568,
  "summary_csf_p95": 427.37210737913847,
  "summary_csf_stdv": 107.33630207246577,
  "summary_gm_k": -0.11603722432249342,
  "summary_gm_mad": 65.67013826238852,
  "summary_gm_mean": 700.2310187677625,
  "summary_gm_median": 702.6235311515629,
  "summary_gm_n": 30398.0,
  "summary_gm_p05": 591.4298265203834,
  "summary_gm_p95": 801.9676510579884,
  "summary_gm_stdv": 64.15155015109329,
  "summary_wm_k": 0.3700707114994417,
  "summary_wm_mad": 43.4343461360319,
  "summary_wm_mean": 1000.2476683707407,
  "summary_wm_median": 1000.0000097975135,
  "summary_wm_n": 206741.0,
  "summary_wm_p05": 926.8911328241229,
  "summary_wm_p95": 1074.2020218931139,
  "summary_wm_stdv": 45.027666015512146,
  "tpm_overlap_csf": 0.1581903082252562,
  "tpm_overlap_gm": 0.4464353669960141,
  "tpm_overlap_wm": 0.5005992082543979,
  "wm2max": 0.438710915020142
}