{
  "aor": 0.005702132867132868,
  "aqi": 0.020745117692307694,
  "bids_meta": {
    "AcquisitionMatrixPE": 80,
    "AcquisitionNumber": 1,
    "AcquisitionTime": "14:30:43.142500",
    "BandwidthPerPixelPhaseEncode": 25.51,
    "BaseResolution": 80,
    "BodyPartExamined": "BRAIN",
    "ConsistencyInfo": "N4_VE11C_LATEST_20160120",
    "ConversionSoftware": "dcm2niix",
    "ConversionSoftwareVersion": "v1.0.20171215 (OpenJPEG build) GCC4.8.5",
    "DerivedVendorReportedEchoSpacing": 0.000490004,
    "DeviceSerialNumber": "67039",
    "DwellTime": 2.6e-06,
    "EchoTime": 0.025,
    "EchoTrainLength": 80,
    "EffectiveEchoSpacing": 0.000490004,
    "FlipAngle": 90,
    "ImageOrientationPatientDICOM": [
      0.995538,
      -0.0659684,
      0.0674712,
      0.0544392,
      0.985557,
      0.160355
    ],
    "ImageType": [
      "ORIGINAL",
      "PRIMARY",
      "M",
      "ND",
      "NORM",
      "MOSAIC"
    ],
    "InPlanePhaseEncodingDirectionDICOM": "COL",
    "InstitutionAddress": "University_Park_Chandlee_Laboratory_State_College_PA_US_16802",
    "InstitutionName": "PSU-SLEIC",
    "InstitutionalDepartmentName": "Department",
    "MRAcquisitionType": "2D",
    "MagneticFieldStrength": 3,
    "Manufacturer": "Siemens",
    "ManufacturersModelName": "Prisma_fit",
    "Modality": "MR",
    "PartialFourier": 1,
    "PatientPosition": "HFS",
    "PercentPhaseFOV": 100,
    "PhaseEncodingDirection": "j-",
    "PhaseEncodingSteps": 80,
    "PhaseResolution": 1,
    "PixelBandwidth": 2405,
    "ProcedureStepDescription": "Investigators_20_ch_xxl213",
    "ProtocolName": "resting-post-motor",
    "PulseSequenceDetails": "%CustomerSeq%_ep2d_bold_1066",
    "ReceiveCoilActiveElements": "HE1-4",
    "ReceiveCoilName": "HeadNeck_20",
    "ReconMatrixPE": 80,
    "RepetitionTime": 2.1,
    "SAR": 0.10852,
    "ScanOptions": "FS_RT",
    "ScanningSequence": "EP",
    "SequenceName": "ep10662d1_80",
    "SequenceVariant": "SK",
    "SeriesDescription": "resting-post-motor",
    "SeriesNumber": 14,
    "ShimSetting": [
      -1915,
      8214,
      9517,
      352,
      -38,
      -293,
      31,
      -40
    ],
    "SliceThickness": 4,
    "SliceTiming": [
      2.02,
      1.9625,
      1.9025,
      1.8425,
      1.7825,
      1.725,
      1.665,
      1.605,
      1.545,
      1.485,
      1.4275,
      1.3675,
      1.3075,
      1.2475,
      1.19,
      1.13,
      1.07,
      1.01,
      0.9525,
      0.8925,
      0.8325,
      0.7725,
      0.7125,
      0.655,
      0.595,
      0.535,
      0.475,
      0.4175,
      0.3575,
      0.2975,
      0.2375,
      0.18,
      0.12,
      0.06,
      0
    ],
    "SoftwareVersions": "syngo_MR_E11",
    "SpacingBetweenSlices": 4,
    "StationName": "AWP67039",
    "TaskName": "rest",
    "TotalReadoutTime": 0.0387103,
    "TxRefAmp": 264.494,
    "dataset": "ds003768",
    "modality": "bold",
    "run_id": 2,
    "subject_id": "06",
    "task_id": "rest"
  },
  "dummy_trs": 0,
  "dvars_nstd": 22.139943517684213,
  "dvars_std": 1.1382977141403512,
  "dvars_vstd": 0.9202686335789472,
  "efc": 0.43673646065792315,
  "fber": 3333.873779296875,
  "fd_mean": 0.24858760743047523,
  "fd_num": 115,
  "fd_perc": 40.20979020979021,
  "fwhm_avg": 1.9022247222222226,
  "fwhm_x": 1.8952933333333333,
  "fwhm_y": 2.1433433333333336,
  "fwhm_z": 1.6680375,
  "gcor": 0.0185522,
  "gsr_x": -0.022006560117006302,
  "gsr_y": 0.011868161149322987,
  "provenance": {
    "md5sum": "0815559f1e118d01196522c78f44e900",
    "settings": {
      "fd_thres": 0.2,
      "testing": false
    },
    "software": "mriqc",
    "version": "22.0.6",
    "webapi_port": null,
    "webapi_url": "https://mriqc.nimh.nih.gov/api/v1"
  },
  "size_t": 286,
  "size_x": 80,
  "size_y": 80,
  "size_z": 35,
  "snr": 7.494312843475436,
  "spacing_tr": 2.0999999046325684,
  "spacing_x": 3.0,
  "spacing_y": 3.0,
  "spacing_z": 4.0,
  "summary_bg_k": 39.236605540226044,
  "summary_bg_mad": 6.847963552067585,
  "summary_bg_mean": 27.63041114807129,
  "summary_bg_median": 12.71678352355957,
  "summary_bg_n": 157664.0,
  "summary_bg_p05": 6.360139846801758,
  "summary_bg_p95": 97.5554210662842,
  "summary_bg_stdv": 47.726348876953125,
  "summary_fg_k": 1.3640368751702008,
  "summary_fg_mad": 92.22203866869096,
  "summary_fg_mean": 748.5256958007812,
  "summary_fg_median": 744.2692260742188,
  "summary_fg_n": 26891.0,
  "summary_fg_p05": 595.5856628417969,
  "summary_fg_p95": 911.466796875,
  "summary_fg_stdv": 99.30935668945312,
  "tsnr": 46.032871730974875
}