{
  "bids_meta": {
    "AcquisitionMatrixPE": 256,
    "AcquisitionNumber": 1,
    "AcquisitionTime": "15:34:44.145000",
    "BaseResolution": 256,
    "BodyPartExamined": "BRAIN",
    "ConsistencyInfo": "N4_VE11C_LATEST_20160120",
    "ConversionSoftware": "dcm2niix",
    "ConversionSoftwareVersion": "v1.0.20171215 (OpenJPEG build) GCC4.8.5",
    "DeviceSerialNumber": "67039",
    "DwellTime": 9.8e-06,
    "EchoTime": 0.00228,
    "FlipAngle": 8,
    "ImageOrientationPatientDICOM": [
      -0.0151446,
      0.988776,
      -0.148633,
      0.0748271,
      -0.147113,
      -0.986285
    ],
    "ImageType": [
      "ORIGINAL",
      "PRIMARY",
      "M",
      "NORM",
      "DIS2D"
    ],
    "InPlanePhaseEncodingDirectionDICOM": "ROW",
    "InstitutionAddress": "University_Park_Chandlee_Laboratory_State_College_PA_US_16802",
    "InstitutionName": "PSU-SLEIC",
    "InstitutionalDepartmentName": "Department",
    "InversionTime": 0.9,
    "MRAcquisitionType": "3D",
    "MagneticFieldStrength": 3,
    "Manufacturer": "Siemens",
    "ManufacturersModelName": "Prisma_fit",
    "Modality": "MR",
    "ParallelReductionFactorInPlane": 2,
    "PartialFourier": 1,
    "PatientPosition": "HFS",
    "PercentPhaseFOV": 100,
    "PhaseEncodingSteps": 255,
    "PhaseResolution": 1,
    "PixelBandwidth": 200,
    "ProcedureStepDescription": "Investigators_20_ch_xxl213",
    "ProtocolName": "t1_mprage_sag_p2_iso_2300",
    "PulseSequenceDetails": "%SiemensSeq%_tfl",
    "ReceiveCoilActiveElements": "HE1-4;NE1,2",
    "ReceiveCoilName": "HeadNeck_20",
    "ReconMatrixPE": 256,
    "RepetitionTime": 2.3,
    "SAR": 0.0994907,
    "ScanOptions": "IR",
    "ScanningSequence": "GR_IR",
    "SequenceName": "_tfl3d1_16ns",
    "SequenceVariant": "SK_SP_MP",
    "SeriesDescription": "t1_mprage_sag_p2_iso_2300",
    "SeriesNumber": 9,
    "ShimSetting": [
      -1941,
      8275,
      9263,
      132,
      -19,
      -59,
      -30,
      9
    ],
    "SliceThickness": 1,
    "SoftwareVersions": "syngo_MR_E11",
    "StationName": "AWP67039",
    "TxRefAmp": 348.351,
    "dataset": "ds003768",
    "modality": "T1w",
    "subject_id": "24"
  },
  "cjv": 0.3333342106521493,
  "cnr": 4.119469543066388,
  "efc": 0.53016264330988,
  "fber": -1.0,
  "fwhm_avg": 4.836892785502569,
  "fwhm_x": 4.812048356507708,
  "fwhm_y": 4.81505,
  "fwhm_z": 4.88358,
  "icvs_csf": 0.23295282636550088,
  "icvs_gm": 0.4188314884474831,
  "icvs_wm": 0.34821568518701607,
  "inu_med": 0.5971486270427704,
  "inu_range": 0.33827496469020846,
  "provenance": {
    "md5sum": "214ff61c8ae0430361f61b02608116d0",
    "settings": {
      "testing": false
    },
    "software": "mriqc",
    "version": "22.0.6",
    "warnings": {
      "large_rot_frame": true,
      "small_air_mask": false
    },
    "webapi_port": null,
    "webapi_url": "https://mriqc.nimh.nih.gov/api/v1"
  },
  "qi_1": 7.93991416309013e-06,
  "qi_2": 0.02381058751312095,
  "rpve_csf": 21.49260105632772,
  "rpve_gm": 12.15493149677704,
  "rpve_wm": 17.206390699031747,
  "size_x": 192,
  "size_y": 256,
  "size_z": 256,
  "snr_csf": 2.2795438456164954,
  "snr_gm": 11.01535373399519,
  "snr_total": 12.084972970056171,
  "snr_wm": 22.960021330556827,
  "snrd_csf": 20.314207026184402,
  "snrd_gm": 58.53477534320668,
  "snrd_total": 54.74624931853102,
  "snrd_wm": 85.38976558620196,
  "spacing_x": 0.9999961853027344,
  "spacing_y": 1.0,
  "spacing_z": 1.0,
  "summary_bg_k": 171.7499014162263,
  "summary_bg_mad": 0.0,
  "summary_bg_mean": 4.297219485427675,
  "summary_bg_median": 0.0,
  "summary_bg_n": 4395681.0,
  "summary_bg_p05": 0.0,
  "summary_bg_p95": 19.24307005852461,
  "summary_bg_stdv": 7.67230575180115,
  "summary_csf_k": -0.08363103507060066,
  "summary_csf_mad": 101.79059846869798,
  "summary_csf_mean": 241.66191386026182,
  "summary_csf_median": 237.89978302270174,
  "summary_csf_n": 65188.0,
  "summary_csf_p05": 70.89552126824856,
  "summary_csf_p95": 421.1087353527546,
  "summary_csf_stdv": 104.36208926294537,
  "summary_gm_k": 0.013830968986973335,
  "summary_gm_mad": 62.275614591097835,
  "summary_gm_mean": 683.887260198123,
  "summary_gm_median": 685.5010552704334,
  "summary_gm_n": 56995.0,
  "summary_gm_p05": 578.8379439488053,
  "summary_gm_p95": 783.4754673689604,
  "summary_gm_stdv": 62.23086957560303,
  "summary_wm_k": 0.175446760885686,
  "summary_wm_mad": 42.55763763617536,
  "summary_wm_mean": 999.8202169789099,
  "summary_wm_median": 999.9999842047691,
  "summary_wm_n": 254306.0,
  "summary_wm_p05": 927.5586207434535,
  "summary_wm_p95": 1070.8955054730177,
  "summary_wm_stdv": 43.55388018462828,
  "tpm_overlap_csf": 0.14353838901791027,
  "tpm_overlap_gm": 0.44030676134870395,
  "tpm_overlap_wm": 0.485715666945023,
  "wm2max": 0.4207693170348772
}