{
  "aor": 0.004305034965034965,
  "aqi": 0.005452791421911422,
  "bids_meta": {
    "AcquisitionMatrixPE": 80,
    "AcquisitionNumber": 1,
    "AcquisitionTime": "14:51:57.650000",
    "BandwidthPerPixelPhaseEncode": 25.51,
    "BaseResolution": 80,
    "BodyPartExamined": "BRAIN",
    "ConsistencyInfo": "N4_VE11C_LATEST_20160120",
    "ConversionSoftware": "dcm2niix",
    "ConversionSoftwareVersion": "v1.0.20171215 (OpenJPEG build) GCC4.8.5",
    "DerivedVendorReportedEchoSpacing": 0.000490004,
    "DeviceSerialNumber": "67039",
    "DwellTime": 2.6e-06,
    "EchoTime": 0.025,
    "EchoTrainLength": 80,
    "EffectiveEchoSpacing": 0.000490004,
    "FlipAngle": 90,
    "ImageOrientationPatientDICOM": [
      0.995935,
      -0.0742,
      0.0510676,
      0.0722632,
      0.996631,
      0.038784
    ],
    "ImageType": [
      "ORIGINAL",
      "PRIMARY",
      "M",
      "ND",
      "NORM",
      "MOSAIC"
    ],
    "InPlanePhaseEncodingDirectionDICOM": "COL",
    "InstitutionAddress": "University_Park_Chandlee_Laboratory_State_College_PA_US_16802",
    "InstitutionName": "PSU-SLEIC",
    "InstitutionalDepartmentName": "Department",
    "MRAcquisitionType": "2D",
    "MagneticFieldStrength": 3,
    "Manufacturer": "Siemens",
    "ManufacturersModelName": "Prisma_fit",
    "Modality": "MR",
    "PartialFourier": 1,
    "PatientPosition": "HFS",
    "PercentPhaseFOV": 100,
    "PhaseEncodingDirection": "j-",
    "PhaseEncodingSteps": 80,
    "PhaseResolution": 1,
    "PixelBandwidth": 2405,
    "ProcedureStepDescription": "Investigators_20_ch_xxl213",
    "ProtocolName": "sleep-onset-segment-1",
    "PulseSequenceDetails": "%CustomerSeq%_ep2d_bold_1066",
    "ReceiveCoilActiveElements": "HE1-4",
    "ReceiveCoilName": "HeadNeck_20",
    "ReconMatrixPE": 80,
    "RepetitionTime": 2.1,
    "SAR": 0.148533,
    "ScanOptions": "FS_RT",
    "ScanningSequence": "EP",
    "SequenceName": "ep10662d1_80",
    "SequenceVariant": "SK",
    "SeriesDescription": "sleep-onset-segment-1",
    "SeriesNumber": 20,
    "ShimSetting": [
      -1905,
      8203,
      9519,
      390,
      -9,
      -315,
      -129,
      -53
    ],
    "SliceThickness": 4,
    "SliceTiming": [
      2.02,
      1.96,
      1.9,
      1.8425,
      1.7825,
      1.7225,
      1.6625,
      1.6025,
      1.545,
      1.485,
      1.425,
      1.365,
      1.3075,
      1.2475,
      1.1875,
      1.1275,
      1.07,
      1.01,
      0.95,
      0.89,
      0.83,
      0.7725,
      0.7125,
      0.6525,
      0.5925,
      0.535,
      0.475,
      0.415,
      0.355,
      0.2975,
      0.2375,
      0.1775,
      0.1175,
      0.0575,
      0
    ],
    "SoftwareVersions": "syngo_MR_E11",
    "SpacingBetweenSlices": 4,
    "StationName": "AWP67039",
    "TaskName": "sleep",
    "TotalReadoutTime": 0.0387103,
    "TxRefAmp": 281.034,
    "dataset": "ds003768",
    "modality": "bold",
    "run_id": 1,
    "subject_id": "25",
    "task_id": "sleep"
  },
  "dummy_trs": 0,
  "dvars_nstd": 20.41519946247665,
  "dvars_std": 1.3853010546028044,
  "dvars_vstd": 1.039884532523365,
  "efc": 0.46306180401723646,
  "fber": 2556.088623046875,
  "fd_mean": 0.10365703170697034,
  "fd_num": 26,
  "fd_perc": 6.0606060606060606,
  "fwhm_avg": 1.8516180006796386,
  "fwhm_x": 1.8726200000000002,
  "fwhm_y": 2.0714965020389156,
  "fwhm_z": 1.6107375,
  "gcor": 0.0493414,
  "gsr_x": -0.016217803582549095,
  "gsr_y": 0.019568493589758873,
  "provenance": {
    "md5sum": "3c66196566136ab0c9d253b8eb5d1e6f",
    "settings": {
      "fd_thres": 0.2,
      "testing": false
    },
    "software": "mriqc",
    "version": "22.0.6",
    "webapi_port": null,
    "webapi_url": "https://mriqc.nimh.nih.gov/api/v1"
  },
  "size_t": 429,
  "size_x": 80,
  "size_y": 80,
  "size_z": 35,
  "snr": 7.068430865403125,
  "spacing_tr": 2.0999999046325684,
  "spacing_x": 3.0,
  "spacing_y": 3.000000238418579,
  "spacing_z": 4.0,
  "summary_bg_k": 55.50309526738312,
  "summary_bg_mad": 7.585810455597759,
  "summary_bg_mean": 31.231502532958984,
  "summary_bg_median": 13.151515007019043,
  "summary_bg_n": 153543.0,
  "summary_bg_p05": 6.107459449768068,
  "summary_bg_p95": 111.19324417114242,
  "summary_bg_stdv": 61.846134185791016,
  "summary_fg_k": 1.8353937517056087,
  "summary_fg_mad": 87.3163030259459,
  "summary_fg_mean": 681.8618774414062,
  "summary_fg_median": 675.9498901367188,
  "summary_fg_n": 29938.0,
  "summary_fg_p05": 541.2686370849609,
  "summary_fg_p95": 841.6052856445312,
  "summary_fg_stdv": 95.62781524658203,
  "tsnr": 86.28039026726037
}