{
  "aor": 0.0008566083916083917,
  "aqi": 0.003161748391608391,
  "bids_meta": {
    "AcquisitionMatrixPE": 80,
    "AcquisitionNumber": 1,
    "AcquisitionTime": "16:16:39.812500",
    "BandwidthPerPixelPhaseEncode": 25.51,
    "BaseResolution": 80,
    "BodyPartExamined": "BRAIN",
    "ConsistencyInfo": "N4_VE11C_LATEST_20160120",
    "ConversionSoftware": "dcm2niix",
    "ConversionSoftwareVersion": "v1.0.20171215 (OpenJPEG build) GCC4.8.5",
    "DerivedVendorReportedEchoSpacing": 0.000490004,
    "DeviceSerialNumber": "67039",
    "DwellTime": 2.6e-06,
    "EchoTime": 0.025,
    "EchoTrainLength": 80,
    "EffectiveEchoSpacing": 0.000490004,
    "FlipAngle": 90,
    "ImageOrientationPatientDICOM": [
      0.995262,
      -0.0245668,
      -0.0940723,
      0.0218905,
      0.999329,
      -0.0293767
    ],
    "ImageType": [
      "ORIGINAL",
      "PRIMARY",
      "M",
      "ND",
      "NORM",
      "MOSAIC"
    ],
    "InPlanePhaseEncodingDirectionDICOM": "COL",
    "InstitutionAddress": "University_Park_Chandlee_Laboratory_State_College_PA_US_16802",
    "InstitutionName": "PSU-SLEIC",
    "InstitutionalDepartmentName": "Department",
    "MRAcquisitionType": "2D",
    "MagneticFieldStrength": 3,
    "Manufacturer": "Siemens",
    "ManufacturersModelName": "Prisma_fit",
    "Modality": "MR",
    "PartialFourier": 1,
    "PatientPosition": "HFS",
    "PercentPhaseFOV": 100,
    "PhaseEncodingDirection": "j-",
    "PhaseEncodingSteps": 80,
    "PhaseResolution": 1,
    "PixelBandwidth": 2405,
    "ProcedureStepDescription": "Investigators_20_ch_xxl213",
    "ProtocolName": "resting-post-motor",
    "PulseSequenceDetails": "%CustomerSeq%_ep2d_bold_1066",
    "ReceiveCoilActiveElements": "HE1-4",
    "ReceiveCoilName": "HeadNeck_20",
    "ReconMatrixPE": 80,
    "RepetitionTime": 2.1,
    "SAR": 0.139809,
    "ScanOptions": "FS_RT",
    "ScanningSequence": "EP",
    "SequenceName": "ep10662d1_80",
    "SequenceVariant": "SK",
    "SeriesDescription": "resting-post-motor",
    "SeriesNumber": 18,
    "ShimSetting": [
      -1953,
      8260,
      9529,
      396,
      -43,
      -200,
      -14,
      4
    ],
    "SliceThickness": 4,
    "SliceTiming": [
      2.02,
      1.9625,
      1.9025,
      1.8425,
      1.7825,
      1.725,
      1.665,
      1.605,
      1.545,
      1.485,
      1.4275,
      1.3675,
      1.3075,
      1.2475,
      1.19,
      1.13,
      1.07,
      1.01,
      0.9525,
      0.8925,
      0.8325,
      0.7725,
      0.7125,
      0.655,
      0.595,
      0.535,
      0.475,
      0.4175,
      0.3575,
      0.2975,
      0.2375,
      0.18,
      0.12,
      0.06,
      0
    ],
    "SoftwareVersions": "syngo_MR_E11",
    "SpacingBetweenSlices": 4,
    "StationName": "AWP67039",
    "TaskName": "rest",
    "TotalReadoutTime": 0.0387103,
    "TxRefAmp": 297.327,
    "dataset": "ds003768",
    "modality": "bold",
    "run_id": 2,
    "subject_id": "30",
    "task_id": "rest"
  },
  "dummy_trs": 0,
  "dvars_nstd": 18.133614831157907,
  "dvars_std": 1.3623711104912284,
  "dvars_vstd": 1.0097911579649124,
  "efc": 0.4429687702445082,
  "fber": 3050.010986328125,
  "fd_mean": 0.1660220598343801,
  "fd_num": 91,
  "fd_perc": 31.818181818181817,
  "fwhm_avg": 1.8392839213504744,
  "fwhm_x": 1.77984,
  "fwhm_y": 2.1041666666666665,
  "fwhm_z": 1.6338450973847567,
  "gcor": 0.0186847,
  "gsr_x": -0.020336827263236046,
  "gsr_y": 0.03828765079379082,
  "provenance": {
    "md5sum": "072b71a87169eadeaf7be15492ca462d",
    "settings": {
      "fd_thres": 0.2,
      "testing": false
    },
    "software": "mriqc",
    "version": "22.0.6",
    "webapi_port": null,
    "webapi_url": "https://mriqc.nimh.nih.gov/api/v1"
  },
  "size_t": 286,
  "size_x": 80,
  "size_y": 80,
  "size_z": 35,
  "snr": 7.463490968930253,
  "spacing_tr": 2.0999999046325684,
  "spacing_x": 3.0,
  "spacing_y": 3.0,
  "spacing_z": 3.999999761581421,
  "summary_bg_k": 48.34518637630224,
  "summary_bg_mad": 6.054822492501893,
  "summary_bg_mean": 25.173892974853516,
  "summary_bg_median": 11.192307472229004,
  "summary_bg_n": 157306.0,
  "summary_bg_p05": 5.195804119110107,
  "summary_bg_p95": 90.10926246643066,
  "summary_bg_stdv": 46.80913162231445,
  "summary_fg_k": 1.1359477952309485,
  "summary_fg_mad": 83.15530714506005,
  "summary_fg_mean": 628.0299682617188,
  "summary_fg_median": 624.716796875,
  "summary_fg_n": 27657.0,
  "summary_fg_p05": 501.5971984863281,
  "summary_fg_p95": 765.0090942382811,
  "summary_fg_stdv": 83.7015151977539,
  "tsnr": 113.52589179901406
}