{
  "aor": 0.003721355140186916,
  "aqi": 0.00822365976635514,
  "bids_meta": {
    "AcquisitionMatrixPE": 80,
    "AcquisitionNumber": 1,
    "AcquisitionTime": "16:59:10.397500",
    "BandwidthPerPixelPhaseEncode": 25.51,
    "BaseResolution": 80,
    "BodyPartExamined": "BRAIN",
    "ConsistencyInfo": "N4_VE11C_LATEST_20160120",
    "ConversionSoftware": "dcm2niix",
    "ConversionSoftwareVersion": "v1.0.20171215 (OpenJPEG build) GCC4.8.5",
    "DerivedVendorReportedEchoSpacing": 0.000490004,
    "DeviceSerialNumber": "67039",
    "DwellTime": 2.6e-06,
    "EchoTime": 0.025,
    "EchoTrainLength": 80,
    "EffectiveEchoSpacing": 0.000490004,
    "FlipAngle": 90,
    "ImageOrientationPatientDICOM": [
      0.995262,
      -0.0245668,
      -0.0940723,
      0.0218905,
      0.999329,
      -0.0293767
    ],
    "ImageType": [
      "ORIGINAL",
      "PRIMARY",
      "M",
      "ND",
      "NORM",
      "MOSAIC"
    ],
    "InPlanePhaseEncodingDirectionDICOM": "COL",
    "InstitutionAddress": "University_Park_Chandlee_Laboratory_State_College_PA_US_16802",
    "InstitutionName": "PSU-SLEIC",
    "InstitutionalDepartmentName": "Department",
    "MRAcquisitionType": "2D",
    "MagneticFieldStrength": 3,
    "Manufacturer": "Siemens",
    "ManufacturersModelName": "Prisma_fit",
    "Modality": "MR",
    "PartialFourier": 1,
    "PatientPosition": "HFS",
    "PercentPhaseFOV": 100,
    "PhaseEncodingDirection": "j-",
    "PhaseEncodingSteps": 80,
    "PhaseResolution": 1,
    "PixelBandwidth": 2405,
    "ProcedureStepDescription": "Investigators_20_ch_xxl213",
    "ProtocolName": "sleep-onset-segment-3",
    "PulseSequenceDetails": "%CustomerSeq%_ep2d_bold_1066",
    "ReceiveCoilActiveElements": "HE1-4",
    "ReceiveCoilName": "HeadNeck_20",
    "ReconMatrixPE": 80,
    "RepetitionTime": 2.1,
    "SAR": 0.139809,
    "ScanOptions": "FS_RT",
    "ScanningSequence": "EP",
    "SequenceName": "ep10662d1_80",
    "SequenceVariant": "SK",
    "SeriesDescription": "sleep-onset-segment-3",
    "SeriesNumber": 24,
    "ShimSetting": [
      -1953,
      8260,
      9529,
      396,
      -43,
      -200,
      -14,
      4
    ],
    "SliceThickness": 4,
    "SliceTiming": [
      2.02,
      1.96,
      1.9,
      1.8425,
      1.7825,
      1.7225,
      1.6625,
      1.6025,
      1.545,
      1.485,
      1.425,
      1.365,
      1.3075,
      1.2475,
      1.1875,
      1.1275,
      1.07,
      1.01,
      0.95,
      0.89,
      0.83,
      0.7725,
      0.7125,
      0.6525,
      0.5925,
      0.535,
      0.475,
      0.415,
      0.355,
      0.2975,
      0.2375,
      0.1775,
      0.1175,
      0.06,
      0
    ],
    "SoftwareVersions": "syngo_MR_E11",
    "SpacingBetweenSlices": 4,
    "StationName": "AWP67039",
    "TaskName": "sleep",
    "TotalReadoutTime": 0.0387103,
    "TxRefAmp": 297.327,
    "dataset": "ds003768",
    "modality": "bold",
    "run_id": 3,
    "subject_id": "30",
    "task_id": "sleep"
  },
  "dummy_trs": 1,
  "dvars_nstd": 18.86772641302109,
  "dvars_std": 1.206673673864169,
  "dvars_vstd": 0.9485816352927396,
  "efc": 0.44320170564691863,
  "fber": 3067.25146484375,
  "fd_mean": 0.21392934859793813,
  "fd_num": 155,
  "fd_perc": 36.21495327102804,
  "fwhm_avg": 1.8706022548408658,
  "fwhm_x": 1.8137266666666667,
  "fwhm_y": 2.15633,
  "fwhm_z": 1.6417500978559314,
  "gcor": 0.0158224,
  "gsr_x": -0.020341549068689346,
  "gsr_y": 0.03799064829945564,
  "provenance": {
    "md5sum": "886718f371da2f74953742f850423035",
    "settings": {
      "fd_thres": 0.2,
      "testing": false
    },
    "software": "mriqc",
    "version": "22.0.6",
    "webapi_port": null,
    "webapi_url": "https://mriqc.nimh.nih.gov/api/v1"
  },
  "size_t": 428,
  "size_x": 80,
  "size_y": 80,
  "size_z": 35,
  "snr": 7.387047868367671,
  "spacing_tr": 2.0999999046325684,
  "spacing_x": 3.0,
  "spacing_y": 3.0,
  "spacing_z": 3.999999761581421,
  "summary_bg_k": 50.38090761060662,
  "summary_bg_mad": 6.100147101034241,
  "summary_bg_mean": 25.291187286376953,
  "summary_bg_median": 11.21495246887207,
  "summary_bg_n": 157362.0,
  "summary_bg_p05": 5.210280418395996,
  "summary_bg_p95": 89.92499809265128,
  "summary_bg_stdv": 46.952518463134766,
  "summary_fg_k": 1.0839472919554307,
  "summary_fg_mad": 84.39403650108564,
  "summary_fg_mean": 629.1550903320312,
  "summary_fg_median": 624.5,
  "summary_fg_n": 27611.0,
  "summary_fg_p05": 502.80955505371094,
  "summary_fg_p95": 768.5677185058594,
  "summary_fg_stdv": 84.538330078125,
  "tsnr": 76.57619607425295
}