{
  "bids_meta": {
    "AcquisitionMatrixPE": 256,
    "AcquisitionNumber": 1,
    "AcquisitionTime": "14:30:40.502500",
    "BaseResolution": 256,
    "BodyPartExamined": "BRAIN",
    "ConsistencyInfo": "N4_VE11C_LATEST_20160120",
    "ConversionSoftware": "dcm2niix",
    "ConversionSoftwareVersion": "v1.0.20171215 (OpenJPEG build) GCC4.8.5",
    "DeviceSerialNumber": "67039",
    "DwellTime": 9.8e-06,
    "EchoTime": 0.00228,
    "FlipAngle": 8,
    "ImageOrientationPatientDICOM": [
      0.0500448,
      0.970308,
      -0.23664,
      -0.0694021,
      -0.232986,
      -0.970001
    ],
    "ImageType": [
      "ORIGINAL",
      "PRIMARY",
      "M",
      "NORM",
      "DIS2D"
    ],
    "InPlanePhaseEncodingDirectionDICOM": "ROW",
    "InstitutionAddress": "University_Park_Chandlee_Laboratory_State_College_PA_US_16802",
    "InstitutionName": "PSU-SLEIC",
    "InstitutionalDepartmentName": "Department",
    "InversionTime": 0.9,
    "MRAcquisitionType": "3D",
    "MagneticFieldStrength": 3,
    "Manufacturer": "Siemens",
    "ManufacturersModelName": "Prisma_fit",
    "Modality": "MR",
    "ParallelReductionFactorInPlane": 2,
    "PartialFourier": 1,
    "PatientPosition": "HFS",
    "PercentPhaseFOV": 100,
    "PhaseEncodingSteps": 255,
    "PhaseResolution": 1,
    "PixelBandwidth": 200,
    "ProcedureStepDescription": "Investigators_20_ch_xxl213",
    "ProtocolName": "t1_mprage_sag_p2_iso_2300",
    "PulseSequenceDetails": "%SiemensSeq%_tfl",
    "ReceiveCoilActiveElements": "HE1-4;NE1,2",
    "ReceiveCoilName": "HeadNeck_20",
    "ReconMatrixPE": 256,
    "RepetitionTime": 2.3,
    "SAR": 0.0526485,
    "ScanOptions": "IR",
    "ScanningSequence": "GR_IR",
    "SequenceName": "_tfl3d1_16ns",
    "SequenceVariant": "SK_SP_MP",
    "SeriesDescription": "t1_mprage_sag_p2_iso_2300",
    "SeriesNumber": 11,
    "ShimSetting": [
      -1941,
      8275,
      9263,
      132,
      -19,
      -59,
      -30,
      9
    ],
    "SliceThickness": 1,
    "SoftwareVersions": "syngo_MR_E11",
    "StationName": "AWP67039",
    "TxRefAmp": 259.192,
    "dataset": "ds003768",
    "modality": "T1w",
    "subject_id": "26"
  },
  "cjv": 0.31418599592481766,
  "cnr": 4.337997238816903,
  "efc": 0.5035670395416406,
  "fber": 15920.831604938272,
  "fwhm_avg": 4.227403091470788,
  "fwhm_x": 4.2404592744123635,
  "fwhm_y": 4.18183,
  "fwhm_z": 4.25992,
  "icvs_csf": 0.19155208615142139,
  "icvs_gm": 0.4552904644407625,
  "icvs_wm": 0.3531574494078161,
  "inu_med": 0.4997769594192505,
  "inu_range": 0.1765442043542862,
  "provenance": {
    "md5sum": "340465f709bef769fcda98df744b4395",
    "settings": {
      "testing": false
    },
    "software": "mriqc",
    "version": "22.0.6",
    "warnings": {
      "large_rot_frame": true,
      "small_air_mask": false
    },
    "webapi_port": null,
    "webapi_url": "https://mriqc.nimh.nih.gov/api/v1"
  },
  "qi_1": 5.2449220077215626e-05,
  "qi_2": 0.018585450364527457,
  "rpve_csf": 33.319066987366455,
  "rpve_gm": 15.63305572304291,
  "rpve_wm": 23.1954089649141,
  "size_x": 192,
  "size_y": 256,
  "size_z": 256,
  "snr_csf": 2.2948007122665053,
  "snr_gm": 11.84872154245363,
  "snr_total": 13.230582938414065,
  "snr_wm": 25.548226560522057,
  "snrd_csf": 24.27023259822709,
  "snrd_gm": 65.52073782012222,
  "snrd_total": 61.43769024865215,
  "snrd_wm": 94.52210032760716,
  "spacing_x": 1.0000048875808716,
  "spacing_y": 1.0,
  "spacing_z": 1.0,
  "summary_bg_k": 48.88162560802693,
  "summary_bg_mad": 0.0,
  "summary_bg_mean": 4.050683140885521,
  "summary_bg_median": 0.0,
  "summary_bg_n": 3254472.0,
  "summary_bg_p05": 0.0,
  "summary_bg_p95": 17.134911388158798,
  "summary_bg_stdv": 6.931322631386471,
  "summary_csf_k": 0.812079769785758,
  "summary_csf_mad": 93.06810375728173,
  "summary_csf_mean": 261.0407091642025,
  "summary_csf_median": 256.77830216288567,
  "summary_csf_n": 18798.0,
  "summary_csf_p05": 71.80509346276521,
  "summary_csf_p95": 460.5160790979862,
  "summary_csf_stdv": 111.89271066666684,
  "summary_gm_k": 0.028344752158744768,
  "summary_gm_mad": 58.38735108681583,
  "summary_gm_mean": 692.2671916258638,
  "summary_gm_median": 693.207357853651,
  "summary_gm_n": 40931.0,
  "summary_gm_p05": 593.5058925449848,
  "summary_gm_p95": 786.3043167442083,
  "summary_gm_stdv": 58.504108423759284,
  "summary_wm_k": 0.23532310000484014,
  "summary_wm_mad": 38.015440427241465,
  "summary_wm_mean": 1000.5598397782436,
  "summary_wm_median": 1000.0408665537834,
  "summary_wm_n": 175734.0,
  "summary_wm_p05": 937.0220158398151,
  "summary_wm_p95": 1065.6769829690456,
  "summary_wm_stdv": 39.14314830640793,
  "tpm_overlap_csf": 0.15641334917979277,
  "tpm_overlap_gm": 0.4717015548868393,
  "tpm_overlap_wm": 0.5086422038498525,
  "wm2max": 0.4214027227296226
}