{
  "aor": 0.0035725174825174824,
  "aqi": 0.009451018531468533,
  "bids_meta": {
    "AcquisitionMatrixPE": 80,
    "AcquisitionNumber": 1,
    "AcquisitionTime": "15:50:44.015000",
    "BandwidthPerPixelPhaseEncode": 25.51,
    "BaseResolution": 80,
    "BodyPartExamined": "BRAIN",
    "ConsistencyInfo": "N4_VE11C_LATEST_20160120",
    "ConversionSoftware": "dcm2niix",
    "ConversionSoftwareVersion": "v1.0.20171215 (OpenJPEG build) GCC4.8.5",
    "DerivedVendorReportedEchoSpacing": 0.000490004,
    "DeviceSerialNumber": "67039",
    "DwellTime": 2.6e-06,
    "EchoTime": 0.025,
    "EchoTrainLength": 80,
    "EffectiveEchoSpacing": 0.000490004,
    "FlipAngle": 90,
    "ImageOrientationPatientDICOM": [
      0.995832,
      -0.0838518,
      -0.0358892,
      0.0823973,
      0.995786,
      -0.0402537
    ],
    "ImageType": [
      "ORIGINAL",
      "PRIMARY",
      "M",
      "ND",
      "NORM",
      "MOSAIC"
    ],
    "InPlanePhaseEncodingDirectionDICOM": "COL",
    "InstitutionAddress": "University_Park_Chandlee_Laboratory_State_College_PA_US_16802",
    "InstitutionName": "PSU-SLEIC",
    "InstitutionalDepartmentName": "Department",
    "MRAcquisitionType": "2D",
    "MagneticFieldStrength": 3,
    "Manufacturer": "Siemens",
    "ManufacturersModelName": "Prisma_fit",
    "Modality": "MR",
    "PartialFourier": 1,
    "PatientPosition": "HFS",
    "PercentPhaseFOV": 100,
    "PhaseEncodingDirection": "j-",
    "PhaseEncodingSteps": 80,
    "PhaseResolution": 1,
    "PixelBandwidth": 2405,
    "ProcedureStepDescription": "Investigators_20_ch_xxl213",
    "ProtocolName": "sleep-onset-segment-3",
    "PulseSequenceDetails": "%CustomerSeq%_ep2d_bold_1066",
    "ReceiveCoilActiveElements": "HE1-4",
    "ReceiveCoilName": "HeadNeck_20",
    "ReconMatrixPE": 80,
    "RepetitionTime": 2.1,
    "SAR": 0.132881,
    "ScanOptions": "FS_RT",
    "ScanningSequence": "EP",
    "SequenceName": "ep10662d1_80",
    "SequenceVariant": "SK",
    "SeriesDescription": "sleep-onset-segment-3",
    "SeriesNumber": 21,
    "ShimSetting": [
      -1908,
      8254,
      9534,
      208,
      10,
      -473,
      -92,
      -62
    ],
    "SliceThickness": 4,
    "SliceTiming": [
      2.02,
      1.9625,
      1.9025,
      1.8425,
      1.7825,
      1.7225,
      1.665,
      1.605,
      1.545,
      1.485,
      1.4275,
      1.3675,
      1.3075,
      1.2475,
      1.19,
      1.13,
      1.07,
      1.01,
      0.95,
      0.8925,
      0.8325,
      0.7725,
      0.7125,
      0.655,
      0.595,
      0.535,
      0.475,
      0.4175,
      0.3575,
      0.2975,
      0.2375,
      0.1775,
      0.12,
      0.06,
      0
    ],
    "SoftwareVersions": "syngo_MR_E11",
    "SpacingBetweenSlices": 4,
    "StationName": "AWP67039",
    "TaskName": "sleep",
    "TotalReadoutTime": 0.0387103,
    "TxRefAmp": 306.067,
    "dataset": "ds003768",
    "modality": "bold",
    "run_id": 3,
    "subject_id": "01",
    "task_id": "sleep"
  },
  "dummy_trs": 0,
  "dvars_nstd": 29.370316547710242,
  "dvars_std": 1.2916373969392532,
  "dvars_vstd": 0.974407158761682,
  "efc": 0.465880812291887,
  "fber": 2230.107177734375,
  "fd_mean": 0.3326498607758576,
  "fd_num": 277,
  "fd_perc": 64.56876456876456,
  "fwhm_avg": 1.9528194444444444,
  "fwhm_x": 1.9666733333333333,
  "fwhm_y": 2.1958699999999998,
  "fwhm_z": 1.695915,
  "gcor": 0.065537,
  "gsr_x": -0.011303418315947056,
  "gsr_y": 0.015091722831130028,
  "provenance": {
    "md5sum": "ec4c6eb0eec57745f240fd2851e0b75a",
    "settings": {
      "fd_thres": 0.2,
      "testing": false
    },
    "software": "mriqc",
    "version": "22.0.6",
    "webapi_port": null,
    "webapi_url": "https://mriqc.nimh.nih.gov/api/v1"
  },
  "size_t": 429,
  "size_x": 80,
  "size_y": 80,
  "size_z": 35,
  "snr": 6.782822724609994,
  "spacing_tr": 2.0999999046325684,
  "spacing_x": 3.0,
  "spacing_y": 3.0,
  "spacing_z": 4.0,
  "summary_bg_k": 31.745160390414974,
  "summary_bg_mad": 7.827725039352504,
  "summary_bg_mean": 32.055931091308594,
  "summary_bg_median": 13.36363697052002,
  "summary_bg_n": 155884.0,
  "summary_bg_p05": 5.962704181671143,
  "summary_bg_p95": 128.19813537597656,
  "summary_bg_stdv": 56.072505950927734,
  "summary_fg_k": 1.023595304152888,
  "summary_fg_mad": 91.81939959573926,
  "summary_fg_mean": 636.2700805664062,
  "summary_fg_median": 633.793701171875,
  "summary_fg_n": 28478.0,
  "summary_fg_p05": 489.7262420654297,
  "summary_fg_p95": 786.7085052490232,
  "summary_fg_stdv": 93.4393539428711,
  "tsnr": 61.47241399437189
}