{
  "aor": 0.0018483916083916084,
  "aqi": 0.007439021153846154,
  "bids_meta": {
    "AcquisitionMatrixPE": 80,
    "AcquisitionNumber": 1,
    "AcquisitionTime": "14:27:58.555000",
    "BandwidthPerPixelPhaseEncode": 25.51,
    "BaseResolution": 80,
    "BodyPartExamined": "BRAIN",
    "ConsistencyInfo": "N4_VE11C_LATEST_20160120",
    "ConversionSoftware": "dcm2niix",
    "ConversionSoftwareVersion": "v1.0.20171215 (OpenJPEG build) GCC4.8.5",
    "DerivedVendorReportedEchoSpacing": 0.000490004,
    "DeviceSerialNumber": "67039",
    "DwellTime": 2.6e-06,
    "EchoTime": 0.025,
    "EchoTrainLength": 80,
    "EffectiveEchoSpacing": 0.000490004,
    "FlipAngle": 90,
    "ImageOrientationPatientDICOM": [
      0.995832,
      -0.0838518,
      -0.0358892,
      0.0823973,
      0.995786,
      -0.0402537
    ],
    "ImageType": [
      "ORIGINAL",
      "PRIMARY",
      "M",
      "ND",
      "NORM",
      "MOSAIC"
    ],
    "InPlanePhaseEncodingDirectionDICOM": "COL",
    "InstitutionAddress": "University_Park_Chandlee_Laboratory_State_College_PA_US_16802",
    "InstitutionName": "PSU-SLEIC",
    "InstitutionalDepartmentName": "Department",
    "MRAcquisitionType": "2D",
    "MagneticFieldStrength": 3,
    "Manufacturer": "Siemens",
    "ManufacturersModelName": "Prisma_fit",
    "Modality": "MR",
    "PartialFourier": 1,
    "PatientPosition": "HFS",
    "PercentPhaseFOV": 100,
    "PhaseEncodingDirection": "j-",
    "PhaseEncodingSteps": 80,
    "PhaseResolution": 1,
    "PixelBandwidth": 2405,
    "ProcedureStepDescription": "Investigators_20_ch_xxl213",
    "ProtocolName": "resting-pre-motor",
    "PulseSequenceDetails": "%CustomerSeq%_ep2d_bold_1066",
    "ReceiveCoilActiveElements": "HE1-4",
    "ReceiveCoilName": "HeadNeck_20",
    "ReconMatrixPE": 80,
    "RepetitionTime": 2.1,
    "SAR": 0.132881,
    "ScanOptions": "FS_RT",
    "ScanningSequence": "EP",
    "SequenceName": "ep10662d1_80",
    "SequenceVariant": "SK",
    "SeriesDescription": "resting-pre-motor",
    "SeriesNumber": 9,
    "ShimSetting": [
      -1908,
      8254,
      9534,
      208,
      10,
      -473,
      -92,
      -62
    ],
    "SliceThickness": 4,
    "SliceTiming": [
      2.02,
      1.96,
      1.9,
      1.8425,
      1.7825,
      1.7225,
      1.6625,
      1.605,
      1.545,
      1.485,
      1.425,
      1.3675,
      1.3075,
      1.2475,
      1.1875,
      1.1275,
      1.07,
      1.01,
      0.95,
      0.89,
      0.8325,
      0.7725,
      0.7125,
      0.6525,
      0.595,
      0.535,
      0.475,
      0.415,
      0.355,
      0.2975,
      0.2375,
      0.1775,
      0.1175,
      0.06,
      0
    ],
    "SoftwareVersions": "syngo_MR_E11",
    "SpacingBetweenSlices": 4,
    "StationName": "AWP67039",
    "TaskName": "rest",
    "TotalReadoutTime": 0.0387103,
    "TxRefAmp": 306.067,
    "dataset": "ds003768",
    "modality": "bold",
    "run_id": 1,
    "subject_id": "01",
    "task_id": "rest"
  },
  "dummy_trs": 0,
  "dvars_nstd": 28.251174625508778,
  "dvars_std": 1.3791754994385952,
  "dvars_vstd": 1.0102336672982457,
  "efc": 0.46243434814718065,
  "fber": 2354.538818359375,
  "fd_mean": 0.24690369589201516,
  "fd_num": 177,
  "fd_perc": 61.88811188811189,
  "fwhm_avg": 1.9245772222222222,
  "fwhm_x": 1.9406800000000002,
  "fwhm_y": 2.165556666666667,
  "fwhm_z": 1.667495,
  "gcor": 0.0730465,
  "gsr_x": -0.011519786901772022,
  "gsr_y": 0.015170340426266193,
  "provenance": {
    "md5sum": "e19e52475dd2a0ac97eefd707b08b6ee",
    "settings": {
      "fd_thres": 0.2,
      "testing": false
    },
    "software": "mriqc",
    "version": "22.0.6",
    "webapi_port": null,
    "webapi_url": "https://mriqc.nimh.nih.gov/api/v1"
  },
  "size_t": 286,
  "size_x": 80,
  "size_y": 80,
  "size_z": 35,
  "snr": 6.823181933581727,
  "spacing_tr": 2.0999999046325684,
  "spacing_x": 3.0,
  "spacing_y": 3.0,
  "spacing_z": 4.0,
  "summary_bg_k": 33.88467203802191,
  "summary_bg_mad": 7.475218608727581,
  "summary_bg_mean": 30.888959884643555,
  "summary_bg_median": 13.0,
  "summary_bg_n": 156025.0,
  "summary_bg_p05": 5.832167625427246,
  "summary_bg_p95": 121.88041992187496,
  "summary_bg_stdv": 54.24884796142578,
  "summary_fg_k": 1.1443458063623595,
  "summary_fg_mad": 90.71862355283085,
  "summary_fg_mean": 635.3951416015625,
  "summary_fg_median": 633.26220703125,
  "summary_fg_n": 28419.0,
  "summary_fg_p05": 490.1657196044922,
  "summary_fg_p95": 783.9237915039063,
  "summary_fg_stdv": 92.80876159667969,
  "tsnr": 68.5525288132485
}