{
  "aor": 0.009926293706293705,
  "aqi": 0.009385324545454545,
  "bids_meta": {
    "AcquisitionMatrixPE": 80,
    "AcquisitionNumber": 1,
    "AcquisitionTime": "15:07:49.620000",
    "BandwidthPerPixelPhaseEncode": 25.51,
    "BaseResolution": 80,
    "BodyPartExamined": "BRAIN",
    "ConsistencyInfo": "N4_VE11C_LATEST_20160120",
    "ConversionSoftware": "dcm2niix",
    "ConversionSoftwareVersion": "v1.0.20171215 (OpenJPEG build) GCC4.8.5",
    "DerivedVendorReportedEchoSpacing": 0.000490004,
    "DeviceSerialNumber": "67039",
    "DwellTime": 2.6e-06,
    "EchoTime": 0.025,
    "EchoTrainLength": 80,
    "EffectiveEchoSpacing": 0.000490004,
    "FlipAngle": 90,
    "ImageOrientationPatientDICOM": [
      0.995832,
      -0.0838518,
      -0.0358892,
      0.0823973,
      0.995786,
      -0.0402537
    ],
    "ImageType": [
      "ORIGINAL",
      "PRIMARY",
      "M",
      "ND",
      "NORM",
      "MOSAIC"
    ],
    "InPlanePhaseEncodingDirectionDICOM": "COL",
    "InstitutionAddress": "University_Park_Chandlee_Laboratory_State_College_PA_US_16802",
    "InstitutionName": "PSU-SLEIC",
    "InstitutionalDepartmentName": "Department",
    "MRAcquisitionType": "2D",
    "MagneticFieldStrength": 3,
    "Manufacturer": "Siemens",
    "ManufacturersModelName": "Prisma_fit",
    "Modality": "MR",
    "PartialFourier": 1,
    "PatientPosition": "HFS",
    "PercentPhaseFOV": 100,
    "PhaseEncodingDirection": "j-",
    "PhaseEncodingSteps": 80,
    "PhaseResolution": 1,
    "PixelBandwidth": 2405,
    "ProcedureStepDescription": "Investigators_20_ch_xxl213",
    "ProtocolName": "resting-post-motor",
    "PulseSequenceDetails": "%CustomerSeq%_ep2d_bold_1066",
    "ReceiveCoilActiveElements": "HE1-4",
    "ReceiveCoilName": "HeadNeck_20",
    "ReconMatrixPE": 80,
    "RepetitionTime": 2.1,
    "SAR": 0.132881,
    "ScanOptions": "FS_RT",
    "ScanningSequence": "EP",
    "SequenceName": "ep10662d1_80",
    "SequenceVariant": "SK",
    "SeriesDescription": "resting-post-motor",
    "SeriesNumber": 15,
    "ShimSetting": [
      -1908,
      8254,
      9534,
      208,
      10,
      -473,
      -92,
      -62
    ],
    "SliceThickness": 4,
    "SliceTiming": [
      2.02,
      1.96,
      1.9,
      1.84,
      1.7825,
      1.7225,
      1.6625,
      1.6025,
      1.545,
      1.485,
      1.425,
      1.365,
      1.3075,
      1.2475,
      1.1875,
      1.1275,
      1.0675,
      1.01,
      0.95,
      0.89,
      0.83,
      0.7725,
      0.7125,
      0.6525,
      0.5925,
      0.535,
      0.475,
      0.415,
      0.355,
      0.295,
      0.2375,
      0.1775,
      0.1175,
      0.0575,
      0
    ],
    "SoftwareVersions": "syngo_MR_E11",
    "SpacingBetweenSlices": 4,
    "StationName": "AWP67039",
    "TaskName": "rest",
    "TotalReadoutTime": 0.0387103,
    "TxRefAmp": 306.067,
    "dataset": "ds003768",
    "modality": "bold",
    "run_id": 2,
    "subject_id": "01",
    "task_id": "rest"
  },
  "dummy_trs": 0,
  "dvars_nstd": 23.152688260561373,
  "dvars_std": 1.2334363775789483,
  "dvars_vstd": 0.9949753074385969,
  "efc": 0.4653004208461183,
  "fber": 2270.541748046875,
  "fd_mean": 0.18856491641591042,
  "fd_num": 46,
  "fd_perc": 16.083916083916083,
  "fwhm_avg": 1.9280944444444443,
  "fwhm_x": 1.92852,
  "fwhm_y": 2.1586133333333333,
  "fwhm_z": 1.69715,
  "gcor": 0.038524,
  "gsr_x": -0.011083772405982018,
  "gsr_y": 0.01545286737382412,
  "provenance": {
    "md5sum": "0e582798dd96b6cc14d5b49a6ca1619d",
    "settings": {
      "fd_thres": 0.2,
      "testing": false
    },
    "software": "mriqc",
    "version": "22.0.6",
    "webapi_port": null,
    "webapi_url": "https://mriqc.nimh.nih.gov/api/v1"
  },
  "size_t": 286,
  "size_x": 80,
  "size_y": 80,
  "size_z": 35,
  "snr": 6.863930838349666,
  "spacing_tr": 2.0999999046325684,
  "spacing_x": 3.0,
  "spacing_y": 3.0,
  "spacing_z": 4.0,
  "summary_bg_k": 31.801237490925125,
  "summary_bg_mad": 7.547793690813833,
  "summary_bg_mean": 31.410829544067383,
  "summary_bg_median": 13.076923370361328,
  "summary_bg_n": 155785.0,
  "summary_bg_p05": 5.832167625427246,
  "summary_bg_p95": 125.11118621826168,
  "summary_bg_stdv": 54.7421989440918,
  "summary_fg_k": 1.2477110987578204,
  "summary_fg_mad": 88.82139222268019,
  "summary_fg_mean": 629.3616943359375,
  "summary_fg_median": 627.4335327148438,
  "summary_fg_n": 28479.0,
  "summary_fg_p05": 484.8283233642578,
  "summary_fg_p95": 775.8146545410156,
  "summary_fg_stdv": 91.40863037109375,
  "tsnr": 58.93799873068929
}