{
  "aor": 0.008460139860139859,
  "aqi": 0.010746164289044288,
  "bids_meta": {
    "AcquisitionMatrixPE": 80,
    "AcquisitionNumber": 1,
    "AcquisitionTime": "14:50:21.397500",
    "BandwidthPerPixelPhaseEncode": 25.51,
    "BaseResolution": 80,
    "BodyPartExamined": "BRAIN",
    "ConsistencyInfo": "N4_VE11C_LATEST_20160120",
    "ConversionSoftware": "dcm2niix",
    "ConversionSoftwareVersion": "v1.0.20171215 (OpenJPEG build) GCC4.8.5",
    "DerivedVendorReportedEchoSpacing": 0.000490004,
    "DeviceSerialNumber": "67039",
    "DwellTime": 2.6e-06,
    "EchoTime": 0.025,
    "EchoTrainLength": 80,
    "EffectiveEchoSpacing": 0.000490004,
    "FlipAngle": 90,
    "ImageOrientationPatientDICOM": [
      0.998387,
      -0.0135951,
      0.0551298,
      0.00819003,
      0.99524,
      0.0971083
    ],
    "ImageType": [
      "ORIGINAL",
      "PRIMARY",
      "M",
      "ND",
      "NORM",
      "MOSAIC"
    ],
    "InPlanePhaseEncodingDirectionDICOM": "COL",
    "InstitutionAddress": "University_Park_Chandlee_Laboratory_State_College_PA_US_16802",
    "InstitutionName": "Penn_State_SLEIC",
    "InstitutionalDepartmentName": "Department",
    "MRAcquisitionType": "2D",
    "MagneticFieldStrength": 3,
    "Manufacturer": "Siemens",
    "ManufacturersModelName": "Prisma_fit",
    "Modality": "MR",
    "PartialFourier": 1,
    "PatientPosition": "HFS",
    "PercentPhaseFOV": 100,
    "PhaseEncodingDirection": "j-",
    "PhaseEncodingSteps": 80,
    "PhaseResolution": 1,
    "PixelBandwidth": 2405,
    "ProcedureStepDescription": "Investigators_20_ch_xxl213",
    "ProtocolName": "sleep-onset-segment-4",
    "PulseSequenceDetails": "%CustomerSeq%_ep2d_bold_1066",
    "ReceiveCoilActiveElements": "HE1-4",
    "ReceiveCoilName": "HeadNeck_20",
    "ReconMatrixPE": 80,
    "RepetitionTime": 2.1,
    "SAR": 0.1624,
    "ScanOptions": "FS_RT",
    "ScanningSequence": "EP",
    "SequenceName": "ep10662d1_80",
    "SequenceVariant": "SK",
    "SeriesDescription": "sleep-onset-segment-4",
    "SeriesNumber": 28,
    "ShimSetting": [
      -1910,
      8230,
      9515,
      362,
      20,
      -335,
      -63,
      -10
    ],
    "SliceThickness": 4,
    "SliceTiming": [
      2.02,
      1.96,
      1.9025,
      1.8425,
      1.7825,
      1.7225,
      1.665,
      1.605,
      1.545,
      1.485,
      1.4275,
      1.3675,
      1.3075,
      1.2475,
      1.19,
      1.13,
      1.07,
      1.01,
      0.95,
      0.8925,
      0.8325,
      0.7725,
      0.7125,
      0.655,
      0.595,
      0.535,
      0.475,
      0.4175,
      0.3575,
      0.2975,
      0.2375,
      0.1775,
      0.12,
      0.06,
      0
    ],
    "SoftwareVersions": "syngo_MR_E11",
    "SpacingBetweenSlices": 4,
    "StationName": "AWP67039",
    "TaskName": "sleep",
    "TotalReadoutTime": 0.0387103,
    "TxRefAmp": 291.859,
    "dataset": "ds003768",
    "modality": "bold",
    "run_id": 4,
    "subject_id": "08",
    "task_id": "sleep"
  },
  "dummy_trs": 0,
  "dvars_nstd": 19.74115313310747,
  "dvars_std": 1.2783380943925229,
  "dvars_vstd": 1.0140492074766345,
  "efc": 0.4808736368690011,
  "fber": 2607.101318359375,
  "fd_mean": 0.1782693927792323,
  "fd_num": 81,
  "fd_perc": 18.88111888111888,
  "fwhm_avg": 1.830808888888889,
  "fwhm_x": 1.8070700000000002,
  "fwhm_y": 2.0493966666666665,
  "fwhm_z": 1.63596,
  "gcor": 0.0532492,
  "gsr_x": -0.008613299578428268,
  "gsr_y": 0.020779699087142944,
  "provenance": {
    "md5sum": "b8d77fa871582a47a3728d1c1e84e9da",
    "settings": {
      "fd_thres": 0.2,
      "testing": false
    },
    "software": "mriqc",
    "version": "22.0.6",
    "webapi_port": null,
    "webapi_url": "https://mriqc.nimh.nih.gov/api/v1"
  },
  "size_t": 429,
  "size_x": 80,
  "size_y": 80,
  "size_z": 35,
  "snr": 7.151832007908903,
  "spacing_tr": 2.0999999046325684,
  "spacing_x": 3.0,
  "spacing_y": 3.0,
  "spacing_z": 4.0,
  "summary_bg_k": 28.20509830752064,
  "summary_bg_mad": 8.608770016250544,
  "summary_bg_mean": 40.04950714111328,
  "summary_bg_median": 14.969696998596191,
  "summary_bg_n": 151499.0,
  "summary_bg_p05": 7.209790229797363,
  "summary_bg_p95": 166.65222473144541,
  "summary_bg_stdv": 70.25482177734375,
  "summary_fg_k": 1.7540464099022115,
  "summary_fg_mad": 94.92975136908365,
  "summary_fg_mean": 770.0114135742188,
  "summary_fg_median": 764.2808837890625,
  "summary_fg_n": 31862.0,
  "summary_fg_p05": 603.9660766601562,
  "summary_fg_p95": 945.7094818115233,
  "summary_fg_stdv": 106.86337280273438,
  "tsnr": 64.67732697352767
}