{
  "aor": 0.009292750582750581,
  "aqi": 0.008073448484848483,
  "bids_meta": {
    "AcquisitionMatrixPE": 80,
    "AcquisitionNumber": 1,
    "AcquisitionTime": "14:03:31.257500",
    "BandwidthPerPixelPhaseEncode": 25.51,
    "BaseResolution": 80,
    "BodyPartExamined": "BRAIN",
    "ConsistencyInfo": "N4_VE11C_LATEST_20160120",
    "ConversionSoftware": "dcm2niix",
    "ConversionSoftwareVersion": "v1.0.20171215 (OpenJPEG build) GCC4.8.5",
    "DerivedVendorReportedEchoSpacing": 0.000490004,
    "DeviceSerialNumber": "67039",
    "DwellTime": 2.6e-06,
    "EchoTime": 0.025,
    "EchoTrainLength": 80,
    "EffectiveEchoSpacing": 0.000490004,
    "FlipAngle": 90,
    "ImageOrientationPatientDICOM": [
      0.998387,
      -0.0135951,
      0.0551298,
      0.00819003,
      0.99524,
      0.0971083
    ],
    "ImageType": [
      "ORIGINAL",
      "PRIMARY",
      "M",
      "ND",
      "NORM",
      "MOSAIC"
    ],
    "InPlanePhaseEncodingDirectionDICOM": "COL",
    "InstitutionAddress": "University_Park_Chandlee_Laboratory_State_College_PA_US_16802",
    "InstitutionName": "Penn_State_SLEIC",
    "InstitutionalDepartmentName": "Department",
    "MRAcquisitionType": "2D",
    "MagneticFieldStrength": 3,
    "Manufacturer": "Siemens",
    "ManufacturersModelName": "Prisma_fit",
    "Modality": "MR",
    "PartialFourier": 1,
    "PatientPosition": "HFS",
    "PercentPhaseFOV": 100,
    "PhaseEncodingDirection": "j-",
    "PhaseEncodingSteps": 80,
    "PhaseResolution": 1,
    "PixelBandwidth": 2405,
    "ProcedureStepDescription": "Investigators_20_ch_xxl213",
    "ProtocolName": "sleep-onset-segment-1",
    "PulseSequenceDetails": "%CustomerSeq%_ep2d_bold_1066",
    "ReceiveCoilActiveElements": "HE1-4",
    "ReceiveCoilName": "HeadNeck_20",
    "ReconMatrixPE": 80,
    "RepetitionTime": 2.1,
    "SAR": 0.1624,
    "ScanOptions": "FS_RT",
    "ScanningSequence": "EP",
    "SequenceName": "ep10662d1_80",
    "SequenceVariant": "SK",
    "SeriesDescription": "sleep-onset-segment-1",
    "SeriesNumber": 22,
    "ShimSetting": [
      -1910,
      8230,
      9515,
      362,
      20,
      -335,
      -63,
      -10
    ],
    "SliceThickness": 4,
    "SliceTiming": [
      2.02,
      1.96,
      1.9025,
      1.8425,
      1.7825,
      1.7225,
      1.665,
      1.605,
      1.545,
      1.485,
      1.4275,
      1.3675,
      1.3075,
      1.2475,
      1.19,
      1.13,
      1.07,
      1.01,
      0.95,
      0.8925,
      0.8325,
      0.7725,
      0.7125,
      0.655,
      0.595,
      0.535,
      0.475,
      0.4175,
      0.3575,
      0.2975,
      0.2375,
      0.1775,
      0.12,
      0.06,
      0
    ],
    "SoftwareVersions": "syngo_MR_E11",
    "SpacingBetweenSlices": 4,
    "StationName": "AWP67039",
    "TaskName": "sleep",
    "TotalReadoutTime": 0.0387103,
    "TxRefAmp": 291.859,
    "dataset": "ds003768",
    "modality": "bold",
    "run_id": 1,
    "subject_id": "08",
    "task_id": "sleep"
  },
  "dummy_trs": 0,
  "dvars_nstd": 18.207543825490642,
  "dvars_std": 1.3556177779439245,
  "dvars_vstd": 1.0973957647897201,
  "efc": 0.4785169402567654,
  "fber": 2768.37353515625,
  "fd_mean": 0.18253714034302007,
  "fd_num": 123,
  "fd_perc": 28.67132867132867,
  "fwhm_avg": 1.8073494444444442,
  "fwhm_x": 1.8086399999999998,
  "fwhm_y": 2.026683333333333,
  "fwhm_z": 1.586725,
  "gcor": 0.0169954,
  "gsr_x": -0.007593929301947355,
  "gsr_y": 0.020040487870573997,
  "provenance": {
    "md5sum": "7e473005259c8c02ffdbab23ca3eabb5",
    "settings": {
      "fd_thres": 0.2,
      "testing": false
    },
    "software": "mriqc",
    "version": "22.0.6",
    "webapi_port": null,
    "webapi_url": "https://mriqc.nimh.nih.gov/api/v1"
  },
  "size_t": 429,
  "size_x": 80,
  "size_y": 80,
  "size_z": 35,
  "snr": 7.124174286895937,
  "spacing_tr": 2.0999999046325684,
  "spacing_x": 3.0,
  "spacing_y": 3.0,
  "spacing_z": 4.0,
  "summary_bg_k": 31.144494915086682,
  "summary_bg_mad": 8.456707198873813,
  "summary_bg_mean": 39.00802993774414,
  "summary_bg_median": 14.62937068939209,
  "summary_bg_n": 151446.0,
  "summary_bg_p05": 7.0349650382995605,
  "summary_bg_p95": 161.6771583557129,
  "summary_bg_stdv": 68.59593200683594,
  "summary_fg_k": 1.6592819562847767,
  "summary_fg_mad": 95.80927726402781,
  "summary_fg_mean": 770.9107055664062,
  "summary_fg_median": 765.1888427734375,
  "summary_fg_n": 31829.0,
  "summary_fg_p05": 603.7580444335938,
  "summary_fg_p95": 947.8629516601562,
  "summary_fg_stdv": 107.40568542480469,
  "tsnr": 75.13937109219842
}