{
  "aor": 0.003789322429906542,
  "aqi": 0.01065847675233645,
  "bids_meta": {
    "AcquisitionMatrixPE": 80,
    "AcquisitionNumber": 1,
    "AcquisitionTime": "15:06:2.875000",
    "BandwidthPerPixelPhaseEncode": 25.51,
    "BaseResolution": 80,
    "BodyPartExamined": "BRAIN",
    "ConsistencyInfo": "N4_VE11C_LATEST_20160120",
    "ConversionSoftware": "dcm2niix",
    "ConversionSoftwareVersion": "v1.0.20171215 (OpenJPEG build) GCC4.8.5",
    "DerivedVendorReportedEchoSpacing": 0.000490004,
    "DeviceSerialNumber": "67039",
    "DwellTime": 2.6e-06,
    "EchoTime": 0.025,
    "EchoTrainLength": 80,
    "EffectiveEchoSpacing": 0.000490004,
    "FlipAngle": 90,
    "ImageOrientationPatientDICOM": [
      0.998387,
      -0.0135951,
      0.0551298,
      0.00819003,
      0.99524,
      0.0971083
    ],
    "ImageType": [
      "ORIGINAL",
      "PRIMARY",
      "M",
      "ND",
      "NORM",
      "MOSAIC"
    ],
    "InPlanePhaseEncodingDirectionDICOM": "COL",
    "InstitutionAddress": "University_Park_Chandlee_Laboratory_State_College_PA_US_16802",
    "InstitutionName": "Penn_State_SLEIC",
    "InstitutionalDepartmentName": "Department",
    "MRAcquisitionType": "2D",
    "MagneticFieldStrength": 3,
    "Manufacturer": "Siemens",
    "ManufacturersModelName": "Prisma_fit",
    "Modality": "MR",
    "PartialFourier": 1,
    "PatientPosition": "HFS",
    "PercentPhaseFOV": 100,
    "PhaseEncodingDirection": "j-",
    "PhaseEncodingSteps": 80,
    "PhaseResolution": 1,
    "PixelBandwidth": 2405,
    "ProcedureStepDescription": "Investigators_20_ch_xxl213",
    "ProtocolName": "sleep-onset-segment-5",
    "PulseSequenceDetails": "%CustomerSeq%_ep2d_bold_1066",
    "ReceiveCoilActiveElements": "HE1-4",
    "ReceiveCoilName": "HeadNeck_20",
    "ReconMatrixPE": 80,
    "RepetitionTime": 2.1,
    "SAR": 0.1624,
    "ScanOptions": "FS_RT",
    "ScanningSequence": "EP",
    "SequenceName": "ep10662d1_80",
    "SequenceVariant": "SK",
    "SeriesDescription": "sleep-onset-segment-5",
    "SeriesNumber": 30,
    "ShimSetting": [
      -1910,
      8230,
      9515,
      362,
      20,
      -335,
      -63,
      -10
    ],
    "SliceThickness": 4,
    "SliceTiming": [
      2.02,
      1.96,
      1.9,
      1.84,
      1.7825,
      1.7225,
      1.6625,
      1.6025,
      1.545,
      1.485,
      1.425,
      1.365,
      1.3075,
      1.2475,
      1.1875,
      1.1275,
      1.0675,
      1.01,
      0.95,
      0.89,
      0.83,
      0.7725,
      0.7125,
      0.6525,
      0.5925,
      0.535,
      0.475,
      0.415,
      0.355,
      0.295,
      0.2375,
      0.1775,
      0.1175,
      0.0575,
      0
    ],
    "SoftwareVersions": "syngo_MR_E11",
    "SpacingBetweenSlices": 4,
    "StationName": "AWP67039",
    "TaskName": "sleep",
    "TotalReadoutTime": 0.0387103,
    "TxRefAmp": 291.859,
    "dataset": "ds003768",
    "modality": "bold",
    "run_id": 5,
    "subject_id": "08",
    "task_id": "sleep"
  },
  "dummy_trs": 1,
  "dvars_nstd": 17.9018214759719,
  "dvars_std": 1.1755163143559721,
  "dvars_vstd": 0.9738050830679157,
  "efc": 0.4799404716023969,
  "fber": 2614.64892578125,
  "fd_mean": 0.17414366719421606,
  "fd_num": 73,
  "fd_perc": 17.05607476635514,
  "fwhm_avg": 1.8362127777777777,
  "fwhm_x": 1.81876,
  "fwhm_y": 2.0399833333333333,
  "fwhm_z": 1.649895,
  "gcor": 0.0248756,
  "gsr_x": -0.007537135388702154,
  "gsr_y": 0.020089412108063698,
  "provenance": {
    "md5sum": "bd4bfed80f24a3d01781c30587d95374",
    "settings": {
      "fd_thres": 0.2,
      "testing": false
    },
    "software": "mriqc",
    "version": "22.0.6",
    "webapi_port": null,
    "webapi_url": "https://mriqc.nimh.nih.gov/api/v1"
  },
  "size_t": 428,
  "size_x": 80,
  "size_y": 80,
  "size_z": 35,
  "snr": 7.138563863927391,
  "spacing_tr": 2.0999999046325684,
  "spacing_x": 3.0,
  "spacing_y": 3.0,
  "spacing_z": 4.0,
  "summary_bg_k": 28.659031665828664,
  "summary_bg_mad": 8.660058537897113,
  "summary_bg_mean": 39.73066711425781,
  "summary_bg_median": 14.932242393493652,
  "summary_bg_n": 151618.0,
  "summary_bg_p05": 7.179906368255615,
  "summary_bg_p95": 164.53597259521462,
  "summary_bg_stdv": 69.16468048095703,
  "summary_fg_k": 1.8010585820962586,
  "summary_fg_mad": 95.40957914396316,
  "summary_fg_mean": 768.7254638671875,
  "summary_fg_median": 763.0303344726562,
  "summary_fg_n": 31759.0,
  "summary_fg_p05": 602.6502197265625,
  "summary_fg_p95": 943.4773254394531,
  "summary_fg_stdv": 106.88681030273438,
  "tsnr": 65.58050621906295
}