{
  "aor": 0.00740037296037296,
  "aqi": 0.007083867925407925,
  "bids_meta": {
    "AcquisitionMatrixPE": 80,
    "AcquisitionNumber": 1,
    "AcquisitionTime": "14:42:11.437500",
    "BandwidthPerPixelPhaseEncode": 25.51,
    "BaseResolution": 80,
    "BodyPartExamined": "BRAIN",
    "ConsistencyInfo": "N4_VE11C_LATEST_20160120",
    "ConversionSoftware": "dcm2niix",
    "ConversionSoftwareVersion": "v1.0.20171215 (OpenJPEG build) GCC4.8.5",
    "DerivedVendorReportedEchoSpacing": 0.000490004,
    "DeviceSerialNumber": "67039",
    "DwellTime": 2.6e-06,
    "EchoTime": 0.025,
    "EchoTrainLength": 80,
    "EffectiveEchoSpacing": 0.000490004,
    "FlipAngle": 90,
    "ImageOrientationPatientDICOM": [
      0.996188,
      -0.0716088,
      0.0498247,
      0.0770022,
      0.99021,
      -0.116428
    ],
    "ImageType": [
      "ORIGINAL",
      "PRIMARY",
      "M",
      "ND",
      "NORM",
      "MOSAIC"
    ],
    "InPlanePhaseEncodingDirectionDICOM": "COL",
    "InstitutionAddress": "University_Park_Chandlee_Laboratory_State_College_PA_US_16802",
    "InstitutionName": "Penn_State_SLEIC",
    "InstitutionalDepartmentName": "Department",
    "MRAcquisitionType": "2D",
    "MagneticFieldStrength": 3,
    "Manufacturer": "Siemens",
    "ManufacturersModelName": "Prisma_fit",
    "Modality": "MR",
    "PartialFourier": 1,
    "PatientPosition": "HFS",
    "PercentPhaseFOV": 100,
    "PhaseEncodingDirection": "j-",
    "PhaseEncodingSteps": 80,
    "PhaseResolution": 1,
    "PixelBandwidth": 2405,
    "ProcedureStepDescription": "Investigators_20_ch_xxl213",
    "ProtocolName": "sleep-onset-segment-4",
    "PulseSequenceDetails": "%CustomerSeq%_ep2d_bold_1066",
    "ReceiveCoilActiveElements": "HE1-4",
    "ReceiveCoilName": "HeadNeck_20",
    "ReconMatrixPE": 80,
    "RepetitionTime": 2.1,
    "SAR": 0.154199,
    "ScanOptions": "FS_RT",
    "ScanningSequence": "EP",
    "SequenceName": "ep10662d1_80",
    "SequenceVariant": "SK",
    "SeriesDescription": "sleep-onset-segment-4",
    "SeriesNumber": 24,
    "ShimSetting": [
      -1927,
      8244,
      9516,
      453,
      -54,
      -290,
      -19,
      -16
    ],
    "SliceThickness": 4,
    "SliceTiming": [
      2.02,
      1.96,
      1.9025,
      1.8425,
      1.7825,
      1.7225,
      1.665,
      1.605,
      1.545,
      1.485,
      1.4275,
      1.3675,
      1.3075,
      1.2475,
      1.19,
      1.13,
      1.07,
      1.01,
      0.95,
      0.8925,
      0.8325,
      0.7725,
      0.7125,
      0.655,
      0.595,
      0.535,
      0.475,
      0.4175,
      0.3575,
      0.2975,
      0.2375,
      0.1775,
      0.12,
      0.06,
      0
    ],
    "SoftwareVersions": "syngo_MR_E11",
    "SpacingBetweenSlices": 4,
    "StationName": "AWP67039",
    "TaskName": "sleep",
    "TotalReadoutTime": 0.0387103,
    "TxRefAmp": 282.792,
    "dataset": "ds003768",
    "modality": "bold",
    "run_id": 4,
    "subject_id": "10",
    "task_id": "sleep"
  },
  "dummy_trs": 0,
  "dvars_nstd": 20.2382788880841,
  "dvars_std": 1.4105012478971957,
  "dvars_vstd": 1.0509605182242987,
  "efc": 0.4506302220600472,
  "fber": 2932.230712890625,
  "fd_mean": 0.216301494527235,
  "fd_num": 201,
  "fd_perc": 46.85314685314685,
  "fwhm_avg": 1.8165188888888888,
  "fwhm_x": 1.82191,
  "fwhm_y": 1.9863266666666668,
  "fwhm_z": 1.64132,
  "gcor": 0.0442927,
  "gsr_x": -0.01490770373493433,
  "gsr_y": 0.012421445921063423,
  "provenance": {
    "md5sum": "1b01ac29f7a47a3544c196e964a6712d",
    "settings": {
      "fd_thres": 0.2,
      "testing": false
    },
    "software": "mriqc",
    "version": "22.0.6",
    "webapi_port": null,
    "webapi_url": "https://mriqc.nimh.nih.gov/api/v1"
  },
  "size_t": 429,
  "size_x": 80,
  "size_y": 80,
  "size_z": 35,
  "snr": 7.636726001841725,
  "spacing_tr": 2.0999999046325684,
  "spacing_x": 3.0,
  "spacing_y": 3.0,
  "spacing_z": 4.0,
  "summary_bg_k": 56.65789394617391,
  "summary_bg_mad": 7.886476228949963,
  "summary_bg_mean": 32.25641632080078,
  "summary_bg_median": 13.848484992980957,
  "summary_bg_n": 156121.0,
  "summary_bg_p05": 6.324009418487549,
  "summary_bg_p95": 117.46620178222656,
  "summary_bg_stdv": 61.906002044677734,
  "summary_fg_k": 1.7155729743335666,
  "summary_fg_mad": 92.88556288543853,
  "summary_fg_mean": 757.8007202148438,
  "summary_fg_median": 753.8496704101562,
  "summary_fg_n": 27962.0,
  "summary_fg_p05": 603.6821899414062,
  "summary_fg_p95": 914.535317993164,
  "summary_fg_stdv": 98.71195983886719,
  "tsnr": 83.7845347984694
}