{
  "bids_meta": {
    "AcquisitionMatrixPE": 256,
    "AcquisitionNumber": 1,
    "AcquisitionTime": "13:59:27.180000",
    "BaseResolution": 256,
    "BodyPartExamined": "BRAIN",
    "ConsistencyInfo": "N4_VE11C_LATEST_20160120",
    "ConversionSoftware": "dcm2niix",
    "ConversionSoftwareVersion": "v1.0.20171215 (OpenJPEG build) GCC4.8.5",
    "DeviceSerialNumber": "67039",
    "DwellTime": 9.8e-06,
    "EchoTime": 0.00228,
    "FlipAngle": 8,
    "ImageOrientationPatientDICOM": [
      0.0544477,
      0.985553,
      0.160376,
      0.0770762,
      0.155987,
      -0.984747
    ],
    "ImageType": [
      "ORIGINAL",
      "PRIMARY",
      "M",
      "NORM",
      "DIS2D"
    ],
    "InPlanePhaseEncodingDirectionDICOM": "ROW",
    "InstitutionAddress": "University_Park_Chandlee_Laboratory_State_College_PA_US_16802",
    "InstitutionName": "PSU-SLEIC",
    "InstitutionalDepartmentName": "Department",
    "InversionTime": 0.9,
    "MRAcquisitionType": "3D",
    "MagneticFieldStrength": 3,
    "Manufacturer": "Siemens",
    "ManufacturersModelName": "Prisma_fit",
    "Modality": "MR",
    "ParallelReductionFactorInPlane": 2,
    "PartialFourier": 1,
    "PatientPosition": "HFS",
    "PercentPhaseFOV": 100,
    "PhaseEncodingSteps": 255,
    "PhaseResolution": 1,
    "PixelBandwidth": 200,
    "ProcedureStepDescription": "Investigators_20_ch_xxl213",
    "ProtocolName": "t1_mprage_sag_p2_iso_2300",
    "PulseSequenceDetails": "%SiemensSeq%_tfl",
    "ReceiveCoilActiveElements": "HE1-4;NE1,2",
    "ReceiveCoilName": "HeadNeck_20",
    "ReconMatrixPE": 256,
    "RepetitionTime": 2.3,
    "SAR": 0.0582385,
    "ScanOptions": "IR",
    "ScanningSequence": "GR_IR",
    "SequenceName": "_tfl3d1_16ns",
    "SequenceVariant": "SK_SP_MP",
    "SeriesDescription": "t1_mprage_sag_p2_iso_2300",
    "SeriesNumber": 6,
    "ShimSetting": [
      -1941,
      8275,
      9263,
      132,
      -19,
      -59,
      -30,
      9
    ],
    "SliceThickness": 1,
    "SoftwareVersions": "syngo_MR_E11",
    "StationName": "AWP67039",
    "TxRefAmp": 264.494,
    "dataset": "ds003768",
    "modality": "T1w",
    "subject_id": "06"
  },
  "cjv": 0.3251285703575843,
  "cnr": 4.176050534137037,
  "efc": 0.5015749208307017,
  "fber": 12824.374590444522,
  "fwhm_avg": 4.200717759600334,
  "fwhm_x": 4.231473278801001,
  "fwhm_y": 4.08949,
  "fwhm_z": 4.28119,
  "icvs_csf": 0.24111534697099743,
  "icvs_gm": 0.437507642796314,
  "icvs_wm": 0.3213770102326886,
  "inu_med": 0.5814300775527954,
  "inu_range": 0.23680630326271057,
  "provenance": {
    "md5sum": "d05266d65ac894894a996c09c52a4903",
    "settings": {
      "testing": false
    },
    "software": "mriqc",
    "version": "22.0.6",
    "warnings": {
      "large_rot_frame": true,
      "small_air_mask": false
    },
    "webapi_port": null,
    "webapi_url": "https://mriqc.nimh.nih.gov/api/v1"
  },
  "qi_1": 0.0003165628884512174,
  "qi_2": 0.01378211743642694,
  "rpve_csf": 23.88837999147092,
  "rpve_gm": 13.600569407487708,
  "rpve_wm": 21.407365580634508,
  "size_x": 192,
  "size_y": 256,
  "size_z": 256,
  "snr_csf": 2.2503715943179623,
  "snr_gm": 10.992078728144097,
  "snr_total": 11.947207098132493,
  "snr_wm": 22.59917097193542,
  "snrd_csf": 21.65528724312143,
  "snrd_gm": 56.02028771070257,
  "snrd_total": 53.332963288660245,
  "snrd_wm": 82.32331491215673,
  "spacing_x": 0.9999992251396179,
  "spacing_y": 1.0,
  "spacing_z": 1.0,
  "summary_bg_k": 16.07408422107262,
  "summary_bg_mad": 0.0,
  "summary_bg_mean": 5.0294829819830715,
  "summary_bg_median": 0.0,
  "summary_bg_n": 3595153.0,
  "summary_bg_p05": 0.0,
  "summary_bg_p95": 20.39414392784238,
  "summary_bg_stdv": 7.958432402655685,
  "summary_csf_k": -0.11866763848482931,
  "summary_csf_mad": 118.08111078789848,
  "summary_csf_mean": 271.8279750743257,
  "summary_csf_median": 263.06298914924264,
  "summary_csf_n": 36783.0,
  "summary_csf_p05": 89.26194784417748,
  "summary_csf_p95": 473.5734895244241,
  "summary_csf_stdv": 116.89598904991955,
  "summary_gm_k": 0.07243729123686826,
  "summary_gm_mad": 61.045706331856955,
  "summary_gm_mean": 678.0360483491047,
  "summary_gm_median": 680.5203815922141,
  "summary_gm_n": 35780.0,
  "summary_gm_p05": 571.6349737854674,
  "summary_gm_p95": 775.5807065678758,
  "summary_gm_stdv": 61.90920649031149,
  "summary_wm_k": 0.37208304759006916,
  "summary_wm_mad": 42.84020892736155,
  "summary_wm_mean": 999.3117602276611,
  "summary_wm_median": 1000.0429481416941,
  "summary_wm_n": 181776.0,
  "summary_wm_p05": 925.5077189654112,
  "summary_wm_p95": 1070.0270630940795,
  "summary_wm_stdv": 44.251189507062854,
  "tpm_overlap_csf": 0.15785900005947961,
  "tpm_overlap_gm": 0.4805431668931625,
  "tpm_overlap_wm": 0.5152889598626919,
  "wm2max": 0.4183189655172414
}