{
  "bids_meta": {
    "AcquisitionMatrixPE": 256,
    "AcquisitionNumber": 1,
    "AcquisitionTime": "14:25:58.787500",
    "BaseResolution": 256,
    "BodyPartExamined": "BRAIN",
    "ConsistencyInfo": "N4_VE11C_LATEST_20160120",
    "ConversionSoftware": "dcm2niix",
    "ConversionSoftwareVersion": "v1.0.20171215 (OpenJPEG build) GCC4.8.5",
    "DeviceSerialNumber": "67039",
    "DwellTime": 9.8e-06,
    "EchoTime": 0.00228,
    "FlipAngle": 8,
    "ImageOrientationPatientDICOM": [
      -0.0783928,
      0.996912,
      -0.00453743,
      -0.0127555,
      -0.00555409,
      -0.999903
    ],
    "ImageType": [
      "ORIGINAL",
      "PRIMARY",
      "M",
      "NORM",
      "DIS2D"
    ],
    "InPlanePhaseEncodingDirectionDICOM": "ROW",
    "InstitutionAddress": "University_Park_Chandlee_Laboratory_State_College_PA_US_16802",
    "InstitutionName": "PSU-SLEIC",
    "InstitutionalDepartmentName": "Department",
    "InversionTime": 0.9,
    "MRAcquisitionType": "3D",
    "MagneticFieldStrength": 3,
    "Manufacturer": "Siemens",
    "ManufacturersModelName": "Prisma_fit",
    "Modality": "MR",
    "ParallelReductionFactorInPlane": 2,
    "PartialFourier": 1,
    "PatientPosition": "HFS",
    "PercentPhaseFOV": 100,
    "PhaseEncodingSteps": 255,
    "PhaseResolution": 1,
    "PixelBandwidth": 200,
    "ProcedureStepDescription": "Investigators_20_ch_xxl213",
    "ProtocolName": "t1_mprage_sag_p2_iso_2300",
    "PulseSequenceDetails": "%SiemensSeq%_tfl",
    "ReceiveCoilActiveElements": "HE1-4;NE1,2",
    "ReceiveCoilName": "HeadNeck_20",
    "ReconMatrixPE": 256,
    "RepetitionTime": 2.3,
    "SAR": 0.0621258,
    "ScanOptions": "IR",
    "ScanningSequence": "GR_IR",
    "SequenceName": "_tfl3d1_16ns",
    "SequenceVariant": "SK_SP_MP",
    "SeriesDescription": "t1_mprage_sag_p2_iso_2300",
    "SeriesNumber": 6,
    "ShimSetting": [
      -1941,
      8275,
      9263,
      132,
      -19,
      -59,
      -30,
      9
    ],
    "SliceThickness": 1,
    "SoftwareVersions": "syngo_MR_E11",
    "StationName": "AWP67039",
    "TxRefAmp": 258.086,
    "dataset": "ds003768",
    "modality": "T1w",
    "subject_id": "05"
  },
  "cjv": 0.32900031980391686,
  "cnr": 4.1724666566194575,
  "efc": 0.507687289408788,
  "fber": 17005.72875798519,
  "fwhm_avg": 4.2756948184454835,
  "fwhm_x": 4.22836445533645,
  "fwhm_y": 4.24293,
  "fwhm_z": 4.35579,
  "icvs_csf": 0.2174127636176945,
  "icvs_gm": 0.4435948968426567,
  "icvs_wm": 0.3389923395396488,
  "inu_med": 0.5679383873939514,
  "inu_range": 0.22443011999130247,
  "provenance": {
    "md5sum": "d5de6fb78a29eb67aae4be06c37ac157",
    "settings": {
      "testing": false
    },
    "software": "mriqc",
    "version": "22.0.6",
    "warnings": {
      "large_rot_frame": true,
      "small_air_mask": false
    },
    "webapi_port": null,
    "webapi_url": "https://mriqc.nimh.nih.gov/api/v1"
  },
  "qi_1": 0.00019779179587886664,
  "qi_2": 0.015829223224479983,
  "rpve_csf": 25.25246193898919,
  "rpve_gm": 13.160726814120839,
  "rpve_wm": 19.77094293808175,
  "size_x": 192,
  "size_y": 256,
  "size_z": 256,
  "snr_csf": 2.1619556335260426,
  "snr_gm": 11.402419730878554,
  "snr_total": 12.192739333630762,
  "snr_wm": 23.01384263648769,
  "snrd_csf": 21.63177790486656,
  "snrd_gm": 65.70913725550467,
  "snrd_total": 60.933845607071156,
  "snrd_wm": 95.46062166084224,
  "spacing_x": 1.000001311302185,
  "spacing_y": 1.0,
  "spacing_z": 1.0,
  "summary_bg_k": 17.027330813022246,
  "summary_bg_mad": 0.0,
  "summary_bg_mean": 4.02561489833865,
  "summary_bg_median": 0.0,
  "summary_bg_n": 3858944.0,
  "summary_bg_p05": 0.0,
  "summary_bg_p95": 17.319508012384176,
  "summary_bg_stdv": 6.863160232464349,
  "summary_csf_k": 1.4453068100142854,
  "summary_csf_mad": 92.69110410689699,
  "summary_csf_mean": 237.62913317498783,
  "summary_csf_median": 226.61289751902223,
  "summary_csf_n": 37583.0,
  "summary_csf_p05": 87.14285494834186,
  "summary_csf_p95": 434.3279460515827,
  "summary_csf_stdv": 104.81708280798851,
  "summary_gm_k": -0.005575024664911776,
  "summary_gm_mad": 60.465572826489314,
  "summary_gm_mean": 686.8226906681257,
  "summary_gm_median": 688.364037964493,
  "summary_gm_n": 40502.0,
  "summary_gm_p05": 585.4473738895729,
  "summary_gm_p95": 783.5234057677909,
  "summary_gm_stdv": 60.36925111133357,
  "summary_wm_k": 0.25259003255092294,
  "summary_wm_mad": 42.07538448095631,
  "summary_wm_mean": 1000.3060242843868,
  "summary_wm_median": 1000.0383772738278,
  "summary_wm_n": 198020.0,
  "summary_wm_p05": 929.1858444958925,
  "summary_wm_p95": 1072.2733984962106,
  "summary_wm_stdv": 43.45366690700919,
  "tpm_overlap_csf": 0.16564240338639366,
  "tpm_overlap_gm": 0.4744116960177127,
  "tpm_overlap_wm": 0.517444431831498,
  "wm2max": 0.4684897004587569
}