{
  "aor": 0.009936223776223774,
  "aqi": 0.006809739405594406,
  "bids_meta": {
    "AcquisitionMatrixPE": 80,
    "AcquisitionNumber": 1,
    "AcquisitionTime": "14:28:53.262500",
    "BandwidthPerPixelPhaseEncode": 25.51,
    "BaseResolution": 80,
    "BodyPartExamined": "BRAIN",
    "ConsistencyInfo": "N4_VE11C_LATEST_20160120",
    "ConversionSoftware": "dcm2niix",
    "ConversionSoftwareVersion": "v1.0.20171215 (OpenJPEG build) GCC4.8.5",
    "DerivedVendorReportedEchoSpacing": 0.000490004,
    "DeviceSerialNumber": "67039",
    "DwellTime": 2.6e-06,
    "EchoTime": 0.025,
    "EchoTrainLength": 80,
    "EffectiveEchoSpacing": 0.000490004,
    "FlipAngle": 90,
    "ImageOrientationPatientDICOM": [
      0.998278,
      0.0585495,
      -0.00350186,
      -0.0586092,
      0.998071,
      -0.0204963
    ],
    "ImageType": [
      "ORIGINAL",
      "PRIMARY",
      "M",
      "ND",
      "NORM",
      "MOSAIC"
    ],
    "InPlanePhaseEncodingDirectionDICOM": "COL",
    "InstitutionAddress": "University_Park_Chandlee_Laboratory_State_College_PA_US_16802",
    "InstitutionName": "PSU-SLEIC",
    "InstitutionalDepartmentName": "Department",
    "MRAcquisitionType": "2D",
    "MagneticFieldStrength": 3,
    "Manufacturer": "Siemens",
    "ManufacturersModelName": "Prisma_fit",
    "Modality": "MR",
    "PartialFourier": 1,
    "PatientPosition": "HFS",
    "PercentPhaseFOV": 100,
    "PhaseEncodingDirection": "j-",
    "PhaseEncodingSteps": 80,
    "PhaseResolution": 1,
    "PixelBandwidth": 2405,
    "ProcedureStepDescription": "Investigators_20_ch_xxl213",
    "ProtocolName": "resting-pre-motor",
    "PulseSequenceDetails": "%CustomerSeq%_ep2d_bold_1066",
    "ReceiveCoilActiveElements": "HE1-4",
    "ReceiveCoilName": "HeadNeck_20",
    "ReconMatrixPE": 80,
    "RepetitionTime": 2.1,
    "SAR": 0.137828,
    "ScanOptions": "FS_RT",
    "ScanningSequence": "EP",
    "SequenceName": "ep10662d1_80",
    "SequenceVariant": "SK",
    "SeriesDescription": "resting-pre-motor",
    "SeriesNumber": 22,
    "ShimSetting": [
      -1909,
      8222,
      9473,
      466,
      -15,
      -181,
      -74,
      93
    ],
    "SliceThickness": 4,
    "SliceTiming": [
      2.02,
      1.9625,
      1.9025,
      1.8425,
      1.7825,
      1.725,
      1.665,
      1.605,
      1.545,
      1.4875,
      1.4275,
      1.3675,
      1.3075,
      1.25,
      1.19,
      1.13,
      1.07,
      1.01,
      0.9525,
      0.8925,
      0.8325,
      0.7725,
      0.715,
      0.655,
      0.595,
      0.535,
      0.4775,
      0.4175,
      0.3575,
      0.2975,
      0.2375,
      0.18,
      0.12,
      0.06,
      0
    ],
    "SoftwareVersions": "syngo_MR_E11",
    "SpacingBetweenSlices": 4,
    "StationName": "AWP67039",
    "TaskName": "rest",
    "TotalReadoutTime": 0.0387103,
    "TxRefAmp": 266.397,
    "dataset": "ds003768",
    "modality": "bold",
    "run_id": 1,
    "subject_id": "12",
    "task_id": "rest"
  },
  "dummy_trs": 0,
  "dvars_nstd": 17.62297205340352,
  "dvars_std": 1.461085784526317,
  "dvars_vstd": 1.0993339241403512,
  "efc": 0.4544943620341701,
  "fber": 3003.1005859375,
  "fd_mean": 0.12428831929447395,
  "fd_num": 27,
  "fd_perc": 9.44055944055944,
  "fwhm_avg": 1.8883227777777778,
  "fwhm_x": 1.9061066666666668,
  "fwhm_y": 2.034006666666667,
  "fwhm_z": 1.724855,
  "gcor": 0.0500773,
  "gsr_x": -0.009942013770341873,
  "gsr_y": 0.01846812106668949,
  "provenance": {
    "md5sum": "074deaf950694b79693b238dcc5410d5",
    "settings": {
      "fd_thres": 0.2,
      "testing": false
    },
    "software": "mriqc",
    "version": "22.0.6",
    "webapi_port": null,
    "webapi_url": "https://mriqc.nimh.nih.gov/api/v1"
  },
  "size_t": 286,
  "size_x": 80,
  "size_y": 80,
  "size_z": 35,
  "snr": 7.518836575578948,
  "spacing_tr": 2.0999999046325684,
  "spacing_x": 3.0,
  "spacing_y": 3.0,
  "spacing_z": 4.0,
  "summary_bg_k": 35.48667451150779,
  "summary_bg_mad": 8.128392226624365,
  "summary_bg_mean": 34.07651138305664,
  "summary_bg_median": 14.150349617004395,
  "summary_bg_n": 156051.0,
  "summary_bg_p05": 6.2972025871276855,
  "summary_bg_p95": 137.9283218383789,
  "summary_bg_stdv": 63.7017936706543,
  "summary_fg_k": 1.6949614941809692,
  "summary_fg_mad": 94.81654730564674,
  "summary_fg_mean": 779.4657592773438,
  "summary_fg_median": 776.30419921875,
  "summary_fg_n": 28586.0,
  "summary_fg_p05": 615.8636169433594,
  "summary_fg_p95": 943.8513793945312,
  "summary_fg_stdv": 103.24610900878906,
  "tsnr": 92.42600757908076
}