{
  "aor": 0.016068344988344984,
  "aqi": 0.016956650209790213,
  "bids_meta": {
    "AcquisitionMatrixPE": 80,
    "AcquisitionNumber": 1,
    "AcquisitionTime": "15:52:30.015000",
    "BandwidthPerPixelPhaseEncode": 25.51,
    "BaseResolution": 80,
    "BodyPartExamined": "BRAIN",
    "ConsistencyInfo": "N4_VE11C_LATEST_20160120",
    "ConversionSoftware": "dcm2niix",
    "ConversionSoftwareVersion": "v1.0.20171215 (OpenJPEG build) GCC4.8.5",
    "DerivedVendorReportedEchoSpacing": 0.000490004,
    "DeviceSerialNumber": "67039",
    "DwellTime": 2.6e-06,
    "EchoTime": 0.025,
    "EchoTrainLength": 80,
    "EffectiveEchoSpacing": 0.000490004,
    "FlipAngle": 90,
    "ImageOrientationPatientDICOM": [
      0.998278,
      0.0585495,
      -0.00350186,
      -0.0586092,
      0.998071,
      -0.0204963
    ],
    "ImageType": [
      "ORIGINAL",
      "PRIMARY",
      "M",
      "ND",
      "NORM",
      "MOSAIC"
    ],
    "InPlanePhaseEncodingDirectionDICOM": "COL",
    "InstitutionAddress": "University_Park_Chandlee_Laboratory_State_College_PA_US_16802",
    "InstitutionName": "PSU-SLEIC",
    "InstitutionalDepartmentName": "Department",
    "MRAcquisitionType": "2D",
    "MagneticFieldStrength": 3,
    "Manufacturer": "Siemens",
    "ManufacturersModelName": "Prisma_fit",
    "Modality": "MR",
    "PartialFourier": 1,
    "PatientPosition": "HFS",
    "PercentPhaseFOV": 100,
    "PhaseEncodingDirection": "j-",
    "PhaseEncodingSteps": 80,
    "PhaseResolution": 1,
    "PixelBandwidth": 2405,
    "ProcedureStepDescription": "Investigators_20_ch_xxl213",
    "ProtocolName": "sleep-onset-segment-3",
    "PulseSequenceDetails": "%CustomerSeq%_ep2d_bold_1066",
    "ReceiveCoilActiveElements": "HE1-4",
    "ReceiveCoilName": "HeadNeck_20",
    "ReconMatrixPE": 80,
    "RepetitionTime": 2.1,
    "SAR": 0.137828,
    "ScanOptions": "FS_RT",
    "ScanningSequence": "EP",
    "SequenceName": "ep10662d1_80",
    "SequenceVariant": "SK",
    "SeriesDescription": "sleep-onset-segment-3",
    "SeriesNumber": 38,
    "ShimSetting": [
      -1909,
      8222,
      9473,
      466,
      -15,
      -181,
      -74,
      93
    ],
    "SliceThickness": 4,
    "SliceTiming": [
      2.02,
      1.96,
      1.9,
      1.84,
      1.7825,
      1.7225,
      1.6625,
      1.6025,
      1.545,
      1.485,
      1.425,
      1.365,
      1.305,
      1.2475,
      1.1875,
      1.1275,
      1.0675,
      1.01,
      0.95,
      0.89,
      0.83,
      0.7725,
      0.7125,
      0.6525,
      0.5925,
      0.5325,
      0.475,
      0.415,
      0.355,
      0.295,
      0.2375,
      0.1775,
      0.1175,
      0.0575,
      0
    ],
    "SoftwareVersions": "syngo_MR_E11",
    "SpacingBetweenSlices": 4,
    "StationName": "AWP67039",
    "TaskName": "sleep",
    "TotalReadoutTime": 0.0387103,
    "TxRefAmp": 266.397,
    "dataset": "ds003768",
    "modality": "bold",
    "run_id": 3,
    "subject_id": "12",
    "task_id": "sleep"
  },
  "dummy_trs": 0,
  "dvars_nstd": 15.817044734953264,
  "dvars_std": 1.1205300741355142,
  "dvars_vstd": 1.0660473186448596,
  "efc": 0.44019607269340005,
  "fber": 3656.05126953125,
  "fd_mean": 0.21166274425855133,
  "fd_num": 91,
  "fd_perc": 21.21212121212121,
  "fwhm_avg": 1.8902122222222222,
  "fwhm_x": 1.9322166666666665,
  "fwhm_y": 2.05808,
  "fwhm_z": 1.68034,
  "gcor": 0.0229927,
  "gsr_x": -6.914700497873127e-05,
  "gsr_y": 0.024191992357373238,
  "provenance": {
    "md5sum": "78cf8cf042c16a87dae7a0b9170a2884",
    "settings": {
      "fd_thres": 0.2,
      "testing": false
    },
    "software": "mriqc",
    "version": "22.0.6",
    "webapi_port": null,
    "webapi_url": "https://mriqc.nimh.nih.gov/api/v1"
  },
  "size_t": 429,
  "size_x": 80,
  "size_y": 80,
  "size_z": 35,
  "snr": 7.738583453793471,
  "spacing_tr": 2.0999999046325684,
  "spacing_x": 3.0,
  "spacing_y": 3.0,
  "spacing_z": 4.0,
  "summary_bg_k": 39.36521412741258,
  "summary_bg_mad": 7.751693630664139,
  "summary_bg_mean": 31.618757247924805,
  "summary_bg_median": 13.219114303588867,
  "summary_bg_n": 157751.0,
  "summary_bg_p05": 5.573426723480225,
  "summary_bg_p95": 126.96620178222656,
  "summary_bg_stdv": 61.42449188232422,
  "summary_fg_k": 2.1530591116453657,
  "summary_fg_mad": 92.13561989924071,
  "summary_fg_mean": 794.6541137695312,
  "summary_fg_median": 789.7435913085938,
  "summary_fg_n": 27772.0,
  "summary_fg_p05": 638.6270751953125,
  "summary_fg_p95": 959.7719085693358,
  "summary_fg_stdv": 102.05089569091797,
  "tsnr": 53.60114906798117
}