{
  "aor": 0.010496480186480188,
  "aqi": 0.01767451006993007,
  "bids_meta": {
    "AcquisitionMatrixPE": 80,
    "AcquisitionNumber": 1,
    "AcquisitionTime": "17:30:45.125000",
    "BandwidthPerPixelPhaseEncode": 25.51,
    "BaseResolution": 80,
    "BodyPartExamined": "BRAIN",
    "ConsistencyInfo": "N4_VE11C_LATEST_20160120",
    "ConversionSoftware": "dcm2niix",
    "ConversionSoftwareVersion": "v1.0.20171215 (OpenJPEG build) GCC4.8.5",
    "DerivedVendorReportedEchoSpacing": 0.000490004,
    "DeviceSerialNumber": "67039",
    "DwellTime": 2.6e-06,
    "EchoTime": 0.025,
    "EchoTrainLength": 80,
    "EffectiveEchoSpacing": 0.000490004,
    "FlipAngle": 90,
    "ImageOrientationPatientDICOM": [
      0.997212,
      -0.0529968,
      -0.0525224,
      0.0445855,
      0.98767,
      -0.15007
    ],
    "ImageType": [
      "ORIGINAL",
      "PRIMARY",
      "M",
      "ND",
      "NORM",
      "MOSAIC"
    ],
    "InPlanePhaseEncodingDirectionDICOM": "COL",
    "InstitutionAddress": "University_Park_Chandlee_Laboratory_State_College_PA_US_16802",
    "InstitutionName": "Penn_State_SLEIC",
    "InstitutionalDepartmentName": "Department",
    "MRAcquisitionType": "2D",
    "MagneticFieldStrength": 3,
    "Manufacturer": "Siemens",
    "ManufacturersModelName": "Prisma_fit",
    "Modality": "MR",
    "PartialFourier": 1,
    "PatientPosition": "HFS",
    "PercentPhaseFOV": 100,
    "PhaseEncodingDirection": "j-",
    "PhaseEncodingSteps": 80,
    "PhaseResolution": 1,
    "PixelBandwidth": 2405,
    "ProcedureStepDescription": "Investigators_20_ch_xxl213",
    "ProtocolName": "sleep-onset-segment-6",
    "PulseSequenceDetails": "%CustomerSeq%_ep2d_bold_1066",
    "ReceiveCoilActiveElements": "HE1-4",
    "ReceiveCoilName": "HeadNeck_20",
    "ReconMatrixPE": 80,
    "RepetitionTime": 2.1,
    "SAR": 0.13612,
    "ScanOptions": "FS_RT",
    "ScanningSequence": "EP",
    "SequenceName": "ep10662d1_80",
    "SequenceVariant": "SK",
    "SeriesDescription": "sleep-onset-segment-6",
    "SeriesNumber": 30,
    "ShimSetting": [
      -1956,
      8302,
      9536,
      319,
      0,
      -319,
      -95,
      48
    ],
    "SliceThickness": 4,
    "SliceTiming": [
      2.02,
      1.9625,
      1.9025,
      1.8425,
      1.7825,
      1.725,
      1.665,
      1.605,
      1.545,
      1.4875,
      1.4275,
      1.3675,
      1.3075,
      1.2475,
      1.19,
      1.13,
      1.07,
      1.01,
      0.9525,
      0.8925,
      0.8325,
      0.7725,
      0.715,
      0.655,
      0.595,
      0.535,
      0.475,
      0.4175,
      0.3575,
      0.2975,
      0.2375,
      0.18,
      0.12,
      0.06,
      0
    ],
    "SoftwareVersions": "syngo_MR_E11",
    "SpacingBetweenSlices": 4,
    "StationName": "AWP67039",
    "TaskName": "sleep",
    "TotalReadoutTime": 0.0387103,
    "TxRefAmp": 282.754,
    "dataset": "ds003768",
    "modality": "bold",
    "run_id": 6,
    "subject_id": "33",
    "task_id": "sleep"
  },
  "dummy_trs": 0,
  "dvars_nstd": 27.193724251261663,
  "dvars_std": 1.2075977383177559,
  "dvars_vstd": 1.0098620246728973,
  "efc": 0.4826007421257373,
  "fber": 2683.138671875,
  "fd_mean": 0.37982132773107097,
  "fd_num": 179,
  "fd_perc": 41.72494172494172,
  "fwhm_avg": 1.9865094444444444,
  "fwhm_x": 1.9964333333333333,
  "fwhm_y": 2.26134,
  "fwhm_z": 1.701755,
  "gcor": 0.0356604,
  "gsr_x": -0.011967814527451992,
  "gsr_y": 0.019832970574498177,
  "provenance": {
    "md5sum": "3931af4de9195dd80d0816658f958b2a",
    "settings": {
      "fd_thres": 0.2,
      "testing": false
    },
    "software": "mriqc",
    "version": "22.0.6",
    "webapi_port": null,
    "webapi_url": "https://mriqc.nimh.nih.gov/api/v1"
  },
  "size_t": 429,
  "size_x": 80,
  "size_y": 80,
  "size_z": 35,
  "snr": 7.031121174515959,
  "spacing_tr": 2.0999999046325684,
  "spacing_x": 3.0,
  "spacing_y": 3.0,
  "spacing_z": 4.0,
  "summary_bg_k": 17.630970205292467,
  "summary_bg_mad": 7.727500758369008,
  "summary_bg_mean": 37.930870056152344,
  "summary_bg_median": 13.473194122314453,
  "summary_bg_n": 151319.0,
  "summary_bg_p05": 5.906760215759277,
  "summary_bg_p95": 186.79814300537114,
  "summary_bg_stdv": 67.9643783569336,
  "summary_fg_k": 2.8915985636936936,
  "summary_fg_mad": 81.62433756291972,
  "summary_fg_mean": 701.28271484375,
  "summary_fg_median": 701.3485107421875,
  "summary_fg_n": 31522.0,
  "summary_fg_p05": 542.9197387695312,
  "summary_fg_p95": 858.6807708740233,
  "summary_fg_stdv": 99.74758911132812,
  "tsnr": 47.77103685226757
}