{
  "aor": 0.0005774825174825174,
  "aqi": 0.005141877132867133,
  "bids_meta": {
    "AcquisitionMatrixPE": 80,
    "AcquisitionNumber": 1,
    "AcquisitionTime": "14:22:49.682500",
    "BandwidthPerPixelPhaseEncode": 25.51,
    "BaseResolution": 80,
    "BodyPartExamined": "BRAIN",
    "ConsistencyInfo": "N4_VE11C_LATEST_20160120",
    "ConversionSoftware": "dcm2niix",
    "ConversionSoftwareVersion": "v1.0.20171215 (OpenJPEG build) GCC4.8.5",
    "DerivedVendorReportedEchoSpacing": 0.000490004,
    "DeviceSerialNumber": "67039",
    "DwellTime": 2.6e-06,
    "EchoTime": 0.025,
    "EchoTrainLength": 80,
    "EffectiveEchoSpacing": 0.000490004,
    "FlipAngle": 90,
    "ImageOrientationPatientDICOM": [
      0.995935,
      -0.0742,
      0.0510676,
      0.0722632,
      0.996631,
      0.038784
    ],
    "ImageType": [
      "ORIGINAL",
      "PRIMARY",
      "M",
      "ND",
      "NORM",
      "MOSAIC"
    ],
    "InPlanePhaseEncodingDirectionDICOM": "COL",
    "InstitutionAddress": "University_Park_Chandlee_Laboratory_State_College_PA_US_16802",
    "InstitutionName": "PSU-SLEIC",
    "InstitutionalDepartmentName": "Department",
    "MRAcquisitionType": "2D",
    "MagneticFieldStrength": 3,
    "Manufacturer": "Siemens",
    "ManufacturersModelName": "Prisma_fit",
    "Modality": "MR",
    "PartialFourier": 1,
    "PatientPosition": "HFS",
    "PercentPhaseFOV": 100,
    "PhaseEncodingDirection": "j-",
    "PhaseEncodingSteps": 80,
    "PhaseResolution": 1,
    "PixelBandwidth": 2405,
    "ProcedureStepDescription": "Investigators_20_ch_xxl213",
    "ProtocolName": "resting-pre-motor",
    "PulseSequenceDetails": "%CustomerSeq%_ep2d_bold_1066",
    "ReceiveCoilActiveElements": "HE1-4",
    "ReceiveCoilName": "HeadNeck_20",
    "ReconMatrixPE": 80,
    "RepetitionTime": 2.1,
    "SAR": 0.148533,
    "ScanOptions": "FS_RT",
    "ScanningSequence": "EP",
    "SequenceName": "ep10662d1_80",
    "SequenceVariant": "SK",
    "SeriesDescription": "resting-pre-motor",
    "SeriesNumber": 14,
    "ShimSetting": [
      -1905,
      8203,
      9519,
      390,
      -9,
      -315,
      -129,
      -53
    ],
    "SliceThickness": 4,
    "SliceTiming": [
      2.02,
      1.96,
      1.9,
      1.84,
      1.7825,
      1.7225,
      1.6625,
      1.6025,
      1.545,
      1.485,
      1.425,
      1.365,
      1.3075,
      1.2475,
      1.1875,
      1.1275,
      1.0675,
      1.01,
      0.95,
      0.89,
      0.83,
      0.7725,
      0.7125,
      0.6525,
      0.5925,
      0.535,
      0.475,
      0.415,
      0.355,
      0.295,
      0.2375,
      0.1775,
      0.1175,
      0.0575,
      0
    ],
    "SoftwareVersions": "syngo_MR_E11",
    "SpacingBetweenSlices": 4,
    "StationName": "AWP67039",
    "TaskName": "rest",
    "TotalReadoutTime": 0.0387103,
    "TxRefAmp": 281.034,
    "dataset": "ds003768",
    "modality": "bold",
    "run_id": 1,
    "subject_id": "25",
    "task_id": "rest"
  },
  "dummy_trs": 0,
  "dvars_nstd": 20.515098712350873,
  "dvars_std": 1.3465145342456137,
  "dvars_vstd": 0.9990218766666665,
  "efc": 0.4608625471161393,
  "fber": 2626.6240234375,
  "fd_mean": 0.1073121553112778,
  "fd_num": 15,
  "fd_perc": 5.244755244755245,
  "fwhm_avg": 1.828033835461497,
  "fwhm_x": 1.8499299999999999,
  "fwhm_y": 2.016816506384491,
  "fwhm_z": 1.617355,
  "gcor": 0.0610623,
  "gsr_x": -0.014541770331561565,
  "gsr_y": 0.017466971650719643,
  "provenance": {
    "md5sum": "79d7c09769a7e591700e9f216f1006f5",
    "settings": {
      "fd_thres": 0.2,
      "testing": false
    },
    "software": "mriqc",
    "version": "22.0.6",
    "webapi_port": null,
    "webapi_url": "https://mriqc.nimh.nih.gov/api/v1"
  },
  "size_t": 286,
  "size_x": 80,
  "size_y": 80,
  "size_z": 35,
  "snr": 7.072301988043751,
  "spacing_tr": 2.0999999046325684,
  "spacing_x": 3.0,
  "spacing_y": 3.000000238418579,
  "spacing_z": 4.0,
  "summary_bg_k": 46.23766838122212,
  "summary_bg_mad": 7.397459390218074,
  "summary_bg_mean": 29.878400802612305,
  "summary_bg_median": 13.031468391418457,
  "summary_bg_n": 153595.0,
  "summary_bg_p05": 6.094405651092529,
  "summary_bg_p95": 105.79020690917969,
  "summary_bg_stdv": 56.80867004394531,
  "summary_fg_k": 2.0388639762437677,
  "summary_fg_mad": 87.20395862566059,
  "summary_fg_mean": 682.699462890625,
  "summary_fg_median": 676.84619140625,
  "summary_fg_n": 30042.0,
  "summary_fg_p05": 542.6190704345703,
  "summary_fg_p95": 842.1900482177733,
  "summary_fg_stdv": 95.70220947265625,
  "tsnr": 94.80673329066485
}