{
  "aor": 0.004578294392523364,
  "aqi": 0.005381931121495326,
  "bids_meta": {
    "AcquisitionMatrixPE": 80,
    "AcquisitionNumber": 1,
    "AcquisitionTime": "16:09:29.495000",
    "BandwidthPerPixelPhaseEncode": 25.51,
    "BaseResolution": 80,
    "BodyPartExamined": "BRAIN",
    "ConsistencyInfo": "N4_VE11C_LATEST_20160120",
    "ConversionSoftware": "dcm2niix",
    "ConversionSoftwareVersion": "v1.0.20171215 (OpenJPEG build) GCC4.8.5",
    "DerivedVendorReportedEchoSpacing": 0.000490004,
    "DeviceSerialNumber": "67039",
    "DwellTime": 2.6e-06,
    "EchoTime": 0.025,
    "EchoTrainLength": 80,
    "EffectiveEchoSpacing": 0.000490004,
    "FlipAngle": 90,
    "ImageOrientationPatientDICOM": [
      0.995935,
      -0.0742,
      0.0510676,
      0.0722632,
      0.996631,
      0.038784
    ],
    "ImageType": [
      "ORIGINAL",
      "PRIMARY",
      "M",
      "ND",
      "NORM",
      "MOSAIC"
    ],
    "InPlanePhaseEncodingDirectionDICOM": "COL",
    "InstitutionAddress": "University_Park_Chandlee_Laboratory_State_College_PA_US_16802",
    "InstitutionName": "PSU-SLEIC",
    "InstitutionalDepartmentName": "Department",
    "MRAcquisitionType": "2D",
    "MagneticFieldStrength": 3,
    "Manufacturer": "Siemens",
    "ManufacturersModelName": "Prisma_fit",
    "Modality": "MR",
    "PartialFourier": 1,
    "PatientPosition": "HFS",
    "PercentPhaseFOV": 100,
    "PhaseEncodingDirection": "j-",
    "PhaseEncodingSteps": 80,
    "PhaseResolution": 1,
    "PixelBandwidth": 2405,
    "ProcedureStepDescription": "Investigators_20_ch_xxl213",
    "ProtocolName": "sleep-onset-segment-6",
    "PulseSequenceDetails": "%CustomerSeq%_ep2d_bold_1066",
    "ReceiveCoilActiveElements": "HE1-4",
    "ReceiveCoilName": "HeadNeck_20",
    "ReconMatrixPE": 80,
    "RepetitionTime": 2.1,
    "SAR": 0.148533,
    "ScanOptions": "FS_RT",
    "ScanningSequence": "EP",
    "SequenceName": "ep10662d1_80",
    "SequenceVariant": "SK",
    "SeriesDescription": "sleep-onset-segment-6",
    "SeriesNumber": 30,
    "ShimSetting": [
      -1905,
      8203,
      9519,
      390,
      -9,
      -315,
      -129,
      -53
    ],
    "SliceThickness": 4,
    "SliceTiming": [
      2.02,
      1.96,
      1.9,
      1.8425,
      1.7825,
      1.7225,
      1.6625,
      1.605,
      1.545,
      1.485,
      1.425,
      1.3675,
      1.3075,
      1.2475,
      1.1875,
      1.1275,
      1.07,
      1.01,
      0.95,
      0.89,
      0.8325,
      0.7725,
      0.7125,
      0.6525,
      0.595,
      0.535,
      0.475,
      0.415,
      0.355,
      0.2975,
      0.2375,
      0.1775,
      0.1175,
      0.06,
      0
    ],
    "SoftwareVersions": "syngo_MR_E11",
    "SpacingBetweenSlices": 4,
    "StationName": "AWP67039",
    "TaskName": "sleep",
    "TotalReadoutTime": 0.0387103,
    "TxRefAmp": 281.034,
    "dataset": "ds003768",
    "modality": "bold",
    "run_id": 6,
    "subject_id": "25",
    "task_id": "sleep"
  },
  "dummy_trs": 1,
  "dvars_nstd": 20.055164194168626,
  "dvars_std": 1.2780305453395786,
  "dvars_vstd": 1.0063629883840752,
  "efc": 0.46378246754606733,
  "fber": 2462.07666015625,
  "fd_mean": 0.1569530038377708,
  "fd_num": 73,
  "fd_perc": 17.05607476635514,
  "fwhm_avg": 1.8473468904125292,
  "fwhm_x": 1.8628566666666666,
  "fwhm_y": 2.039636504570921,
  "fwhm_z": 1.6395475,
  "gcor": 0.066773,
  "gsr_x": -0.016663195565342903,
  "gsr_y": 0.018036089837551117,
  "provenance": {
    "md5sum": "d1a876532ce7498236af6c9caa5c147a",
    "settings": {
      "fd_thres": 0.2,
      "testing": false
    },
    "software": "mriqc",
    "version": "22.0.6",
    "webapi_port": null,
    "webapi_url": "https://mriqc.nimh.nih.gov/api/v1"
  },
  "size_t": 428,
  "size_x": 80,
  "size_y": 80,
  "size_z": 35,
  "snr": 7.027316707872107,
  "spacing_tr": 2.0999999046325684,
  "spacing_x": 3.0,
  "spacing_y": 3.000000238418579,
  "spacing_z": 4.0,
  "summary_bg_k": 55.779248177590745,
  "summary_bg_mad": 7.804446266115775,
  "summary_bg_mean": 31.534639358520508,
  "summary_bg_median": 13.373831748962402,
  "summary_bg_n": 153753.0,
  "summary_bg_p05": 6.144859790802002,
  "summary_bg_p95": 112.34158325195301,
  "summary_bg_stdv": 62.306190490722656,
  "summary_fg_k": 1.6608084678151025,
  "summary_fg_mad": 87.09423846025909,
  "summary_fg_mean": 678.5479736328125,
  "summary_fg_median": 672.5291748046875,
  "summary_fg_n": 29790.0,
  "summary_fg_p05": 538.2351654052734,
  "summary_fg_p95": 839.9863983154297,
  "summary_fg_stdv": 95.70052337646484,
  "tsnr": 81.58216136449482
}