{
  "aor": 0.0010612910798122066,
  "aqi": 0.005467122347417841,
  "bids_meta": {
    "AcquisitionMatrixPE": 80,
    "AcquisitionNumber": 1,
    "AcquisitionTime": "15:07:50.550000",
    "BandwidthPerPixelPhaseEncode": 25.51,
    "BaseResolution": 80,
    "BodyPartExamined": "BRAIN",
    "ConsistencyInfo": "N4_VE11C_LATEST_20160120",
    "ConversionSoftware": "dcm2niix",
    "ConversionSoftwareVersion": "v1.0.20171215 (OpenJPEG build) GCC4.8.5",
    "DerivedVendorReportedEchoSpacing": 0.000490004,
    "DeviceSerialNumber": "67039",
    "DwellTime": 2.6e-06,
    "EchoTime": 0.025,
    "EchoTrainLength": 80,
    "EffectiveEchoSpacing": 0.000490004,
    "FlipAngle": 90,
    "ImageOrientationPatientDICOM": [
      0.995935,
      -0.0742,
      0.0510676,
      0.0722632,
      0.996631,
      0.038784
    ],
    "ImageType": [
      "ORIGINAL",
      "PRIMARY",
      "M",
      "ND",
      "NORM",
      "MOSAIC"
    ],
    "InPlanePhaseEncodingDirectionDICOM": "COL",
    "InstitutionAddress": "University_Park_Chandlee_Laboratory_State_College_PA_US_16802",
    "InstitutionName": "PSU-SLEIC",
    "InstitutionalDepartmentName": "Department",
    "MRAcquisitionType": "2D",
    "MagneticFieldStrength": 3,
    "Manufacturer": "Siemens",
    "ManufacturersModelName": "Prisma_fit",
    "Modality": "MR",
    "PartialFourier": 1,
    "PatientPosition": "HFS",
    "PercentPhaseFOV": 100,
    "PhaseEncodingDirection": "j-",
    "PhaseEncodingSteps": 80,
    "PhaseResolution": 1,
    "PixelBandwidth": 2405,
    "ProcedureStepDescription": "Investigators_20_ch_xxl213",
    "ProtocolName": "sleep-onset-segment-2",
    "PulseSequenceDetails": "%CustomerSeq%_ep2d_bold_1066",
    "ReceiveCoilActiveElements": "HE1-4",
    "ReceiveCoilName": "HeadNeck_20",
    "ReconMatrixPE": 80,
    "RepetitionTime": 2.1,
    "SAR": 0.148533,
    "ScanOptions": "FS_RT",
    "ScanningSequence": "EP",
    "SequenceName": "ep10662d1_80",
    "SequenceVariant": "SK",
    "SeriesDescription": "sleep-onset-segment-2",
    "SeriesNumber": 22,
    "ShimSetting": [
      -1905,
      8203,
      9519,
      390,
      -9,
      -315,
      -129,
      -53
    ],
    "SliceThickness": 4,
    "SliceTiming": [
      2.0225,
      1.9625,
      1.9025,
      1.8425,
      1.785,
      1.725,
      1.665,
      1.605,
      1.545,
      1.4875,
      1.4275,
      1.3675,
      1.3075,
      1.25,
      1.19,
      1.13,
      1.07,
      1.0125,
      0.9525,
      0.8925,
      0.8325,
      0.7725,
      0.715,
      0.655,
      0.595,
      0.535,
      0.4775,
      0.4175,
      0.3575,
      0.2975,
      0.24,
      0.18,
      0.12,
      0.06,
      0
    ],
    "SoftwareVersions": "syngo_MR_E11",
    "SpacingBetweenSlices": 4,
    "StationName": "AWP67039",
    "TaskName": "sleep",
    "TotalReadoutTime": 0.0387103,
    "TxRefAmp": 281.034,
    "dataset": "ds003768",
    "modality": "bold",
    "run_id": 2,
    "subject_id": "25",
    "task_id": "sleep"
  },
  "dummy_trs": 3,
  "dvars_nstd": 18.264208055717653,
  "dvars_std": 1.2536657368705884,
  "dvars_vstd": 0.9714890000470585,
  "efc": 0.462993803461149,
  "fber": 2542.634521484375,
  "fd_mean": 0.09482097795836021,
  "fd_num": 16,
  "fd_perc": 3.755868544600939,
  "fwhm_avg": 1.8561605007690014,
  "fwhm_x": 1.8790633333333335,
  "fwhm_y": 2.068123168973671,
  "fwhm_z": 1.621295,
  "gcor": 0.0258988,
  "gsr_x": -0.01624193787574768,
  "gsr_y": 0.01965978369116783,
  "provenance": {
    "md5sum": "e58e564da13b710cb1191be70539645c",
    "settings": {
      "fd_thres": 0.2,
      "testing": false
    },
    "software": "mriqc",
    "version": "22.0.6",
    "webapi_port": null,
    "webapi_url": "https://mriqc.nimh.nih.gov/api/v1"
  },
  "size_t": 426,
  "size_x": 80,
  "size_y": 80,
  "size_z": 35,
  "snr": 7.0588908794273735,
  "spacing_tr": 2.0999999046325684,
  "spacing_x": 3.0,
  "spacing_y": 3.000000238418579,
  "spacing_z": 4.0,
  "summary_bg_k": 56.49908661784707,
  "summary_bg_mad": 7.69839522222481,
  "summary_bg_mean": 31.184070587158203,
  "summary_bg_median": 13.244132041931152,
  "summary_bg_n": 153525.0,
  "summary_bg_p05": 6.105633735656738,
  "summary_bg_p95": 109.96056213378854,
  "summary_bg_stdv": 61.890899658203125,
  "summary_fg_k": 1.705923562717274,
  "summary_fg_mad": 88.59245035178057,
  "summary_fg_mean": 683.7918090820312,
  "summary_fg_median": 677.0093994140625,
  "summary_fg_n": 29980.0,
  "summary_fg_p05": 542.4013092041016,
  "summary_fg_p95": 846.4507446289062,
  "summary_fg_stdv": 95.90715026855469,
  "tsnr": 86.94417474861257
}