{
  "aor": 0.0011623076923076925,
  "aqi": 0.005446292820512821,
  "bids_meta": {
    "AcquisitionMatrixPE": 80,
    "AcquisitionNumber": 1,
    "AcquisitionTime": "15:23:15.290000",
    "BandwidthPerPixelPhaseEncode": 25.51,
    "BaseResolution": 80,
    "BodyPartExamined": "BRAIN",
    "ConsistencyInfo": "N4_VE11C_LATEST_20160120",
    "ConversionSoftware": "dcm2niix",
    "ConversionSoftwareVersion": "v1.0.20171215 (OpenJPEG build) GCC4.8.5",
    "DerivedVendorReportedEchoSpacing": 0.000490004,
    "DeviceSerialNumber": "67039",
    "DwellTime": 2.6e-06,
    "EchoTime": 0.025,
    "EchoTrainLength": 80,
    "EffectiveEchoSpacing": 0.000490004,
    "FlipAngle": 90,
    "ImageOrientationPatientDICOM": [
      0.995935,
      -0.0742,
      0.0510676,
      0.0722632,
      0.996631,
      0.038784
    ],
    "ImageType": [
      "ORIGINAL",
      "PRIMARY",
      "M",
      "ND",
      "NORM",
      "MOSAIC"
    ],
    "InPlanePhaseEncodingDirectionDICOM": "COL",
    "InstitutionAddress": "University_Park_Chandlee_Laboratory_State_College_PA_US_16802",
    "InstitutionName": "PSU-SLEIC",
    "InstitutionalDepartmentName": "Department",
    "MRAcquisitionType": "2D",
    "MagneticFieldStrength": 3,
    "Manufacturer": "Siemens",
    "ManufacturersModelName": "Prisma_fit",
    "Modality": "MR",
    "PartialFourier": 1,
    "PatientPosition": "HFS",
    "PercentPhaseFOV": 100,
    "PhaseEncodingDirection": "j-",
    "PhaseEncodingSteps": 80,
    "PhaseResolution": 1,
    "PixelBandwidth": 2405,
    "ProcedureStepDescription": "Investigators_20_ch_xxl213",
    "ProtocolName": "sleep-onset-segment-3",
    "PulseSequenceDetails": "%CustomerSeq%_ep2d_bold_1066",
    "ReceiveCoilActiveElements": "HE1-4",
    "ReceiveCoilName": "HeadNeck_20",
    "ReconMatrixPE": 80,
    "RepetitionTime": 2.1,
    "SAR": 0.148533,
    "ScanOptions": "FS_RT",
    "ScanningSequence": "EP",
    "SequenceName": "ep10662d1_80",
    "SequenceVariant": "SK",
    "SeriesDescription": "sleep-onset-segment-3",
    "SeriesNumber": 24,
    "ShimSetting": [
      -1905,
      8203,
      9519,
      390,
      -9,
      -315,
      -129,
      -53
    ],
    "SliceThickness": 4,
    "SliceTiming": [
      2.02,
      1.96,
      1.9,
      1.8425,
      1.7825,
      1.7225,
      1.6625,
      1.605,
      1.545,
      1.485,
      1.425,
      1.365,
      1.3075,
      1.2475,
      1.1875,
      1.1275,
      1.07,
      1.01,
      0.95,
      0.89,
      0.8325,
      0.7725,
      0.7125,
      0.6525,
      0.595,
      0.535,
      0.475,
      0.415,
      0.355,
      0.2975,
      0.2375,
      0.1775,
      0.1175,
      0.06,
      0
    ],
    "SoftwareVersions": "syngo_MR_E11",
    "SpacingBetweenSlices": 4,
    "StationName": "AWP67039",
    "TaskName": "sleep",
    "TotalReadoutTime": 0.0387103,
    "TxRefAmp": 281.034,
    "dataset": "ds003768",
    "modality": "bold",
    "run_id": 3,
    "subject_id": "25",
    "task_id": "sleep"
  },
  "dummy_trs": 0,
  "dvars_nstd": 19.601158353855144,
  "dvars_std": 1.3492200292056082,
  "dvars_vstd": 0.9881597331775698,
  "efc": 0.46325290902830984,
  "fber": 2523.9814453125,
  "fd_mean": 0.09777141053667987,
  "fd_num": 23,
  "fd_perc": 5.361305361305361,
  "fwhm_avg": 1.8567943897751569,
  "fwhm_x": 1.8770166666666668,
  "fwhm_y": 2.063696502658804,
  "fwhm_z": 1.62967,
  "gcor": 0.0382653,
  "gsr_x": -0.01643352396786213,
  "gsr_y": 0.019107867032289505,
  "provenance": {
    "md5sum": "d6a21eb952a93acad13eef85f61caa60",
    "settings": {
      "fd_thres": 0.2,
      "testing": false
    },
    "software": "mriqc",
    "version": "22.0.6",
    "webapi_port": null,
    "webapi_url": "https://mriqc.nimh.nih.gov/api/v1"
  },
  "size_t": 429,
  "size_x": 80,
  "size_y": 80,
  "size_z": 35,
  "snr": 7.079448650804063,
  "spacing_tr": 2.0999999046325684,
  "spacing_x": 3.0,
  "spacing_y": 3.000000238418579,
  "spacing_z": 4.0,
  "summary_bg_k": 56.026833203986186,
  "summary_bg_mad": 7.696398767668794,
  "summary_bg_mean": 31.27545166015625,
  "summary_bg_median": 13.284382820129395,
  "summary_bg_n": 153581.0,
  "summary_bg_p05": 6.137529373168945,
  "summary_bg_p95": 110.80186462402344,
  "summary_bg_stdv": 61.9809455871582,
  "summary_fg_k": 1.7593984917807255,
  "summary_fg_mad": 87.89168914694004,
  "summary_fg_mean": 682.8739624023438,
  "summary_fg_median": 676.6643676757812,
  "summary_fg_n": 29939.0,
  "summary_fg_p05": 541.7104736328125,
  "summary_fg_p95": 843.860400390625,
  "summary_fg_stdv": 95.57991027832031,
  "tsnr": 87.74570990586653
}