{
  "aor": 0.002187482517482517,
  "aqi": 0.013129480023310023,
  "bids_meta": {
    "AcquisitionMatrixPE": 80,
    "AcquisitionNumber": 1,
    "AcquisitionTime": "19:00:12.760000",
    "BandwidthPerPixelPhaseEncode": 25.51,
    "BaseResolution": 80,
    "BodyPartExamined": "BRAIN",
    "ConsistencyInfo": "N4_VE11C_LATEST_20160120",
    "ConversionSoftware": "dcm2niix",
    "ConversionSoftwareVersion": "v1.0.20171215 (OpenJPEG build) GCC4.8.5",
    "DerivedVendorReportedEchoSpacing": 0.000490004,
    "DeviceSerialNumber": "67039",
    "DwellTime": 2.6e-06,
    "EchoTime": 0.025,
    "EchoTrainLength": 80,
    "EffectiveEchoSpacing": 0.000490004,
    "FlipAngle": 90,
    "ImageOrientationPatientDICOM": [
      0.999136,
      0.0410774,
      -0.00634544,
      -0.0410028,
      0.999093,
      0.0114704
    ],
    "ImageType": [
      "ORIGINAL",
      "PRIMARY",
      "M",
      "ND",
      "NORM",
      "MOSAIC"
    ],
    "InPlanePhaseEncodingDirectionDICOM": "COL",
    "InstitutionAddress": "University_Park_Chandlee_Laboratory_State_College_PA_US_16802",
    "InstitutionName": "PSU-SLEIC",
    "InstitutionalDepartmentName": "Department",
    "MRAcquisitionType": "2D",
    "MagneticFieldStrength": 3,
    "Manufacturer": "Siemens",
    "ManufacturersModelName": "Prisma_fit",
    "Modality": "MR",
    "PartialFourier": 1,
    "PatientPosition": "HFS",
    "PercentPhaseFOV": 100,
    "PhaseEncodingDirection": "j-",
    "PhaseEncodingSteps": 80,
    "PhaseResolution": 1,
    "PixelBandwidth": 2405,
    "ProcedureStepDescription": "Investigators_20_ch_xxl213",
    "ProtocolName": "sleep-onset-segment-8",
    "PulseSequenceDetails": "%CustomerSeq%_ep2d_bold_1066",
    "ReceiveCoilActiveElements": "HE1-4",
    "ReceiveCoilName": "HeadNeck_20",
    "ReconMatrixPE": 80,
    "RepetitionTime": 2.1,
    "SAR": 0.166974,
    "ScanOptions": "FS_RT",
    "ScanningSequence": "EP",
    "SequenceName": "ep10662d1_80",
    "SequenceVariant": "SK",
    "SeriesDescription": "sleep-onset-segment-8",
    "SeriesNumber": 32,
    "ShimSetting": [
      -1915,
      8244,
      9501,
      265,
      2,
      -65,
      -30,
      -54
    ],
    "SliceThickness": 4,
    "SliceTiming": [
      2.02,
      1.96,
      1.9,
      1.8425,
      1.7825,
      1.7225,
      1.6625,
      1.605,
      1.545,
      1.485,
      1.425,
      1.3675,
      1.3075,
      1.2475,
      1.1875,
      1.1275,
      1.07,
      1.01,
      0.95,
      0.89,
      0.8325,
      0.7725,
      0.7125,
      0.6525,
      0.595,
      0.535,
      0.475,
      0.415,
      0.355,
      0.2975,
      0.2375,
      0.1775,
      0.1175,
      0.06,
      0
    ],
    "SoftwareVersions": "syngo_MR_E11",
    "SpacingBetweenSlices": 4,
    "StationName": "AWP67039",
    "TaskName": "sleep",
    "TotalReadoutTime": 0.0387103,
    "TxRefAmp": 309.311,
    "dataset": "ds003768",
    "modality": "bold",
    "run_id": 8,
    "subject_id": "23",
    "task_id": "sleep"
  },
  "dummy_trs": 0,
  "dvars_nstd": 22.230820000887853,
  "dvars_std": 1.2027874648364492,
  "dvars_vstd": 0.898747707733645,
  "efc": 0.48861100309844807,
  "fber": 2269.115966796875,
  "fd_mean": 0.14974126697528928,
  "fd_num": 47,
  "fd_perc": 10.955710955710956,
  "fwhm_avg": 2.0235986111111113,
  "fwhm_x": 2.004516666666667,
  "fwhm_y": 2.2891166666666667,
  "fwhm_z": 1.7771625,
  "gcor": 0.0393046,
  "gsr_x": -0.020062869414687157,
  "gsr_y": 0.025084104388952255,
  "provenance": {
    "md5sum": "c0064e0e4b9210c6099e87f5f2bc5067",
    "settings": {
      "fd_thres": 0.2,
      "testing": false
    },
    "software": "mriqc",
    "version": "22.0.6",
    "webapi_port": null,
    "webapi_url": "https://mriqc.nimh.nih.gov/api/v1"
  },
  "size_t": 429,
  "size_x": 80,
  "size_y": 80,
  "size_z": 35,
  "snr": 6.097791914188177,
  "spacing_tr": 2.0999999046325684,
  "spacing_x": 3.0,
  "spacing_y": 3.0,
  "spacing_z": 4.0,
  "summary_bg_k": 34.299037865310396,
  "summary_bg_mad": 7.302419952617661,
  "summary_bg_mean": 31.898296356201172,
  "summary_bg_median": 13.048951148986816,
  "summary_bg_n": 148868.0,
  "summary_bg_p05": 6.067599296569824,
  "summary_bg_p95": 127.33718299865721,
  "summary_bg_stdv": 56.118221282958984,
  "summary_fg_k": 0.3722271362216447,
  "summary_fg_mad": 102.86973597354203,
  "summary_fg_mean": 633.2493286132812,
  "summary_fg_median": 627.6829833984375,
  "summary_fg_n": 33917.0,
  "summary_fg_p05": 472.71888427734376,
  "summary_fg_p95": 805.1706665039061,
  "summary_fg_stdv": 102.9345932006836,
  "tsnr": 55.239168967236765
}