{
  "aor": 0.00431611888111888,
  "aqi": 0.011207873496503496,
  "bids_meta": {
    "AcquisitionMatrixPE": 80,
    "AcquisitionNumber": 1,
    "AcquisitionTime": "16:58:50.680000",
    "BandwidthPerPixelPhaseEncode": 25.51,
    "BaseResolution": 80,
    "BodyPartExamined": "BRAIN",
    "ConsistencyInfo": "N4_VE11C_LATEST_20160120",
    "ConversionSoftware": "dcm2niix",
    "ConversionSoftwareVersion": "v1.0.20171215 (OpenJPEG build) GCC4.8.5",
    "DerivedVendorReportedEchoSpacing": 0.000490004,
    "DeviceSerialNumber": "67039",
    "DwellTime": 2.6e-06,
    "EchoTime": 0.025,
    "EchoTrainLength": 80,
    "EffectiveEchoSpacing": 0.000490004,
    "FlipAngle": 90,
    "ImageOrientationPatientDICOM": [
      0.999136,
      0.0410774,
      -0.00634544,
      -0.0410028,
      0.999093,
      0.0114704
    ],
    "ImageType": [
      "ORIGINAL",
      "PRIMARY",
      "M",
      "ND",
      "NORM",
      "MOSAIC"
    ],
    "InPlanePhaseEncodingDirectionDICOM": "COL",
    "InstitutionAddress": "University_Park_Chandlee_Laboratory_State_College_PA_US_16802",
    "InstitutionName": "PSU-SLEIC",
    "InstitutionalDepartmentName": "Department",
    "MRAcquisitionType": "2D",
    "MagneticFieldStrength": 3,
    "Manufacturer": "Siemens",
    "ManufacturersModelName": "Prisma_fit",
    "Modality": "MR",
    "PartialFourier": 1,
    "PatientPosition": "HFS",
    "PercentPhaseFOV": 100,
    "PhaseEncodingDirection": "j-",
    "PhaseEncodingSteps": 80,
    "PhaseResolution": 1,
    "PixelBandwidth": 2405,
    "ProcedureStepDescription": "Investigators_20_ch_xxl213",
    "ProtocolName": "resting-post-motor",
    "PulseSequenceDetails": "%CustomerSeq%_ep2d_bold_1066",
    "ReceiveCoilActiveElements": "HE1-4",
    "ReceiveCoilName": "HeadNeck_20",
    "ReconMatrixPE": 80,
    "RepetitionTime": 2.1,
    "SAR": 0.166974,
    "ScanOptions": "FS_RT",
    "ScanningSequence": "EP",
    "SequenceName": "ep10662d1_80",
    "SequenceVariant": "SK",
    "SeriesDescription": "resting-post-motor",
    "SeriesNumber": 16,
    "ShimSetting": [
      -1915,
      8244,
      9501,
      265,
      2,
      -65,
      -30,
      -54
    ],
    "SliceThickness": 4,
    "SliceTiming": [
      2.02,
      1.96,
      1.9025,
      1.8425,
      1.7825,
      1.7225,
      1.665,
      1.605,
      1.545,
      1.485,
      1.4275,
      1.3675,
      1.3075,
      1.2475,
      1.1875,
      1.13,
      1.07,
      1.01,
      0.95,
      0.8925,
      0.8325,
      0.7725,
      0.7125,
      0.655,
      0.595,
      0.535,
      0.475,
      0.415,
      0.3575,
      0.2975,
      0.2375,
      0.1775,
      0.12,
      0.06,
      0
    ],
    "SoftwareVersions": "syngo_MR_E11",
    "SpacingBetweenSlices": 4,
    "StationName": "AWP67039",
    "TaskName": "rest",
    "TotalReadoutTime": 0.0387103,
    "TxRefAmp": 309.311,
    "dataset": "ds003768",
    "modality": "bold",
    "run_id": 2,
    "subject_id": "23",
    "task_id": "rest"
  },
  "dummy_trs": 0,
  "dvars_nstd": 23.2952620257193,
  "dvars_std": 1.2655983271578934,
  "dvars_vstd": 0.9639812088771931,
  "efc": 0.4842647040089637,
  "fber": 2375.15966796875,
  "fd_mean": 0.18421014342324102,
  "fd_num": 55,
  "fd_perc": 19.23076923076923,
  "fwhm_avg": 1.9655719444444444,
  "fwhm_x": 1.9496466666666665,
  "fwhm_y": 2.227656666666667,
  "fwhm_z": 1.7194125,
  "gcor": 0.0328248,
  "gsr_x": -0.019206402823328972,
  "gsr_y": 0.023909710347652435,
  "provenance": {
    "md5sum": "b52e78f8974e26d6bd8bfa66c9575edd",
    "settings": {
      "fd_thres": 0.2,
      "testing": false
    },
    "software": "mriqc",
    "version": "22.0.6",
    "webapi_port": null,
    "webapi_url": "https://mriqc.nimh.nih.gov/api/v1"
  },
  "size_t": 286,
  "size_x": 80,
  "size_y": 80,
  "size_z": 35,
  "snr": 6.129485205558744,
  "spacing_tr": 2.0999999046325684,
  "spacing_x": 3.0,
  "spacing_y": 3.0,
  "spacing_z": 4.0,
  "summary_bg_k": 37.10950286805475,
  "summary_bg_mad": 6.796123601754694,
  "summary_bg_mean": 30.29952049255371,
  "summary_bg_median": 12.821678161621094,
  "summary_bg_n": 148961.0,
  "summary_bg_p05": 6.132866859436035,
  "summary_bg_p95": 118.44405364990234,
  "summary_bg_stdv": 53.648536682128906,
  "summary_fg_k": 0.5185789700876398,
  "summary_fg_mad": 103.10044241617388,
  "summary_fg_mean": 634.5470581054688,
  "summary_fg_median": 629.1118774414062,
  "summary_fg_n": 33832.0,
  "summary_fg_p05": 476.2225402832031,
  "summary_fg_p95": 805.13759765625,
  "summary_fg_stdv": 102.63546752929688,
  "tsnr": 58.92900078417733
}