{
  "aor": 0.003751864801864802,
  "aqi": 0.004820575757575758,
  "bids_meta": {
    "AcquisitionMatrixPE": 80,
    "AcquisitionNumber": 1,
    "AcquisitionTime": "18:44:41.395000",
    "BandwidthPerPixelPhaseEncode": 25.51,
    "BaseResolution": 80,
    "BodyPartExamined": "BRAIN",
    "ConsistencyInfo": "N4_VE11C_LATEST_20160120",
    "ConversionSoftware": "dcm2niix",
    "ConversionSoftwareVersion": "v1.0.20171215 (OpenJPEG build) GCC4.8.5",
    "DerivedVendorReportedEchoSpacing": 0.000490004,
    "DeviceSerialNumber": "67039",
    "DwellTime": 2.6e-06,
    "EchoTime": 0.025,
    "EchoTrainLength": 80,
    "EffectiveEchoSpacing": 0.000490004,
    "FlipAngle": 90,
    "ImageOrientationPatientDICOM": [
      0.999136,
      0.0410774,
      -0.00634544,
      -0.0410028,
      0.999093,
      0.0114704
    ],
    "ImageType": [
      "ORIGINAL",
      "PRIMARY",
      "M",
      "ND",
      "NORM",
      "MOSAIC"
    ],
    "InPlanePhaseEncodingDirectionDICOM": "COL",
    "InstitutionAddress": "University_Park_Chandlee_Laboratory_State_College_PA_US_16802",
    "InstitutionName": "PSU-SLEIC",
    "InstitutionalDepartmentName": "Department",
    "MRAcquisitionType": "2D",
    "MagneticFieldStrength": 3,
    "Manufacturer": "Siemens",
    "ManufacturersModelName": "Prisma_fit",
    "Modality": "MR",
    "PartialFourier": 1,
    "PatientPosition": "HFS",
    "PercentPhaseFOV": 100,
    "PhaseEncodingDirection": "j-",
    "PhaseEncodingSteps": 80,
    "PhaseResolution": 1,
    "PixelBandwidth": 2405,
    "ProcedureStepDescription": "Investigators_20_ch_xxl213",
    "ProtocolName": "sleep-onset-segment-7",
    "PulseSequenceDetails": "%CustomerSeq%_ep2d_bold_1066",
    "ReceiveCoilActiveElements": "HE1-4",
    "ReceiveCoilName": "HeadNeck_20",
    "ReconMatrixPE": 80,
    "RepetitionTime": 2.1,
    "SAR": 0.166974,
    "ScanOptions": "FS_RT",
    "ScanningSequence": "EP",
    "SequenceName": "ep10662d1_80",
    "SequenceVariant": "SK",
    "SeriesDescription": "sleep-onset-segment-7",
    "SeriesNumber": 30,
    "ShimSetting": [
      -1915,
      8244,
      9501,
      265,
      2,
      -65,
      -30,
      -54
    ],
    "SliceThickness": 4,
    "SliceTiming": [
      2.02,
      1.9625,
      1.9025,
      1.8425,
      1.7825,
      1.725,
      1.665,
      1.605,
      1.545,
      1.4875,
      1.4275,
      1.3675,
      1.3075,
      1.2475,
      1.19,
      1.13,
      1.07,
      1.01,
      0.9525,
      0.8925,
      0.8325,
      0.7725,
      0.715,
      0.655,
      0.595,
      0.535,
      0.475,
      0.4175,
      0.3575,
      0.2975,
      0.2375,
      0.18,
      0.12,
      0.06,
      0
    ],
    "SoftwareVersions": "syngo_MR_E11",
    "SpacingBetweenSlices": 4,
    "StationName": "AWP67039",
    "TaskName": "sleep",
    "TotalReadoutTime": 0.0387103,
    "TxRefAmp": 309.311,
    "dataset": "ds003768",
    "modality": "bold",
    "run_id": 7,
    "subject_id": "23",
    "task_id": "sleep"
  },
  "dummy_trs": 0,
  "dvars_nstd": 23.964325608574764,
  "dvars_std": 1.4198027966121498,
  "dvars_vstd": 1.028889697570093,
  "efc": 0.4882296723938369,
  "fber": 2288.1337890625,
  "fd_mean": 0.178028377936522,
  "fd_num": 134,
  "fd_perc": 31.235431235431236,
  "fwhm_avg": 2.000391666666667,
  "fwhm_x": 1.99716,
  "fwhm_y": 2.24748,
  "fwhm_z": 1.756535,
  "gcor": 0.088736,
  "gsr_x": -0.019992493093013763,
  "gsr_y": 0.02463800273835659,
  "provenance": {
    "md5sum": "9bd5b2f20dff3a2b3cec171553f13847",
    "settings": {
      "fd_thres": 0.2,
      "testing": false
    },
    "software": "mriqc",
    "version": "22.0.6",
    "webapi_port": null,
    "webapi_url": "https://mriqc.nimh.nih.gov/api/v1"
  },
  "size_t": 429,
  "size_x": 80,
  "size_y": 80,
  "size_z": 35,
  "snr": 6.0598864023651995,
  "spacing_tr": 2.0999999046325684,
  "spacing_x": 3.0,
  "spacing_y": 3.0,
  "spacing_z": 4.0,
  "summary_bg_k": 35.31349917284818,
  "summary_bg_mad": 7.129623417387226,
  "summary_bg_mean": 31.975305557250977,
  "summary_bg_median": 13.067599296569824,
  "summary_bg_n": 148944.0,
  "summary_bg_p05": 6.142191410064697,
  "summary_bg_p95": 128.0451049804689,
  "summary_bg_stdv": 56.440757751464844,
  "summary_fg_k": 0.33152132592122063,
  "summary_fg_mad": 104.48029226534885,
  "summary_fg_mean": 635.8909301757812,
  "summary_fg_median": 630.2261352539062,
  "summary_fg_n": 33969.0,
  "summary_fg_p05": 474.3361511230469,
  "summary_fg_p95": 809.36318359375,
  "summary_fg_stdv": 103.99813079833984,
  "tsnr": 82.79480255022645
}