{
  "aor": 0.01450058275058275,
  "aqi": 0.013869218321678322,
  "bids_meta": {
    "AcquisitionMatrixPE": 80,
    "AcquisitionNumber": 1,
    "AcquisitionTime": "17:11:7.087500",
    "BandwidthPerPixelPhaseEncode": 25.51,
    "BaseResolution": 80,
    "BodyPartExamined": "BRAIN",
    "ConsistencyInfo": "N4_VE11C_LATEST_20160120",
    "ConversionSoftware": "dcm2niix",
    "ConversionSoftwareVersion": "v1.0.20171215 (OpenJPEG build) GCC4.8.5",
    "DerivedVendorReportedEchoSpacing": 0.000490004,
    "DeviceSerialNumber": "67039",
    "DwellTime": 2.6e-06,
    "EchoTime": 0.025,
    "EchoTrainLength": 80,
    "EffectiveEchoSpacing": 0.000490004,
    "FlipAngle": 90,
    "ImageOrientationPatientDICOM": [
      0.999136,
      0.0410774,
      -0.00634544,
      -0.0410028,
      0.999093,
      0.0114704
    ],
    "ImageType": [
      "ORIGINAL",
      "PRIMARY",
      "M",
      "ND",
      "NORM",
      "MOSAIC"
    ],
    "InPlanePhaseEncodingDirectionDICOM": "COL",
    "InstitutionAddress": "University_Park_Chandlee_Laboratory_State_College_PA_US_16802",
    "InstitutionName": "PSU-SLEIC",
    "InstitutionalDepartmentName": "Department",
    "MRAcquisitionType": "2D",
    "MagneticFieldStrength": 3,
    "Manufacturer": "Siemens",
    "ManufacturersModelName": "Prisma_fit",
    "Modality": "MR",
    "PartialFourier": 1,
    "PatientPosition": "HFS",
    "PercentPhaseFOV": 100,
    "PhaseEncodingDirection": "j-",
    "PhaseEncodingSteps": 80,
    "PhaseResolution": 1,
    "PixelBandwidth": 2405,
    "ProcedureStepDescription": "Investigators_20_ch_xxl213",
    "ProtocolName": "sleep-onset-segment-1",
    "PulseSequenceDetails": "%CustomerSeq%_ep2d_bold_1066",
    "ReceiveCoilActiveElements": "HE1-4",
    "ReceiveCoilName": "HeadNeck_20",
    "ReconMatrixPE": 80,
    "RepetitionTime": 2.1,
    "SAR": 0.166974,
    "ScanOptions": "FS_RT",
    "ScanningSequence": "EP",
    "SequenceName": "ep10662d1_80",
    "SequenceVariant": "SK",
    "SeriesDescription": "sleep-onset-segment-1",
    "SeriesNumber": 18,
    "ShimSetting": [
      -1915,
      8244,
      9501,
      265,
      2,
      -65,
      -30,
      -54
    ],
    "SliceThickness": 4,
    "SliceTiming": [
      2.02,
      1.96,
      1.9025,
      1.8425,
      1.7825,
      1.7225,
      1.665,
      1.605,
      1.545,
      1.485,
      1.4275,
      1.3675,
      1.3075,
      1.2475,
      1.1875,
      1.13,
      1.07,
      1.01,
      0.95,
      0.8925,
      0.8325,
      0.7725,
      0.7125,
      0.655,
      0.595,
      0.535,
      0.475,
      0.415,
      0.3575,
      0.2975,
      0.2375,
      0.1775,
      0.12,
      0.06,
      0
    ],
    "SoftwareVersions": "syngo_MR_E11",
    "SpacingBetweenSlices": 4,
    "StationName": "AWP67039",
    "TaskName": "sleep",
    "TotalReadoutTime": 0.0387103,
    "TxRefAmp": 309.311,
    "dataset": "ds003768",
    "modality": "bold",
    "run_id": 1,
    "subject_id": "23",
    "task_id": "sleep"
  },
  "dummy_trs": 0,
  "dvars_nstd": 25.456653911331806,
  "dvars_std": 1.3113036964018705,
  "dvars_vstd": 1.030449427429906,
  "efc": 0.4837980376311344,
  "fber": 2384.67333984375,
  "fd_mean": 0.3105252073727908,
  "fd_num": 132,
  "fd_perc": 30.76923076923077,
  "fwhm_avg": 1.9633894444444444,
  "fwhm_x": 1.9629200000000002,
  "fwhm_y": 2.2304333333333335,
  "fwhm_z": 1.696815,
  "gcor": 0.046503,
  "gsr_x": -0.019035907462239265,
  "gsr_y": 0.024972906336188316,
  "provenance": {
    "md5sum": "2805dcdf7f8de29b4195779a004d50fe",
    "settings": {
      "fd_thres": 0.2,
      "testing": false
    },
    "software": "mriqc",
    "version": "22.0.6",
    "webapi_port": null,
    "webapi_url": "https://mriqc.nimh.nih.gov/api/v1"
  },
  "size_t": 429,
  "size_x": 80,
  "size_y": 80,
  "size_z": 35,
  "snr": 6.1336530735943375,
  "spacing_tr": 2.0999999046325684,
  "spacing_x": 3.0,
  "spacing_y": 3.0,
  "spacing_z": 4.0,
  "summary_bg_k": 37.733348982316194,
  "summary_bg_mad": 6.801308445137778,
  "summary_bg_mean": 30.011062622070312,
  "summary_bg_median": 12.717948913574219,
  "summary_bg_n": 148927.0,
  "summary_bg_p05": 6.002331256866455,
  "summary_bg_p95": 116.44079513549792,
  "summary_bg_stdv": 52.88236618041992,
  "summary_fg_k": 0.44223258152030853,
  "summary_fg_mad": 102.11983823277325,
  "summary_fg_mean": 633.3788452148438,
  "summary_fg_median": 627.3986206054688,
  "summary_fg_n": 33793.0,
  "summary_fg_p05": 475.62005615234375,
  "summary_fg_p95": 805.2060668945312,
  "summary_fg_stdv": 102.28640747070312,
  "tsnr": 50.30855415388942
}