{
  "aor": 0.0011413986013986013,
  "aqi": 0.005080311608391608,
  "bids_meta": {
    "AcquisitionMatrixPE": 80,
    "AcquisitionNumber": 1,
    "AcquisitionTime": "16:35:35.935000",
    "BandwidthPerPixelPhaseEncode": 25.51,
    "BaseResolution": 80,
    "BodyPartExamined": "BRAIN",
    "ConsistencyInfo": "N4_VE11C_LATEST_20160120",
    "ConversionSoftware": "dcm2niix",
    "ConversionSoftwareVersion": "v1.0.20171215 (OpenJPEG build) GCC4.8.5",
    "DerivedVendorReportedEchoSpacing": 0.000490004,
    "DeviceSerialNumber": "67039",
    "DwellTime": 2.6e-06,
    "EchoTime": 0.025,
    "EchoTrainLength": 80,
    "EffectiveEchoSpacing": 0.000490004,
    "FlipAngle": 90,
    "ImageOrientationPatientDICOM": [
      0.999136,
      0.0410774,
      -0.00634544,
      -0.0410028,
      0.999093,
      0.0114704
    ],
    "ImageType": [
      "ORIGINAL",
      "PRIMARY",
      "M",
      "ND",
      "NORM",
      "MOSAIC"
    ],
    "InPlanePhaseEncodingDirectionDICOM": "COL",
    "InstitutionAddress": "University_Park_Chandlee_Laboratory_State_College_PA_US_16802",
    "InstitutionName": "PSU-SLEIC",
    "InstitutionalDepartmentName": "Department",
    "MRAcquisitionType": "2D",
    "MagneticFieldStrength": 3,
    "Manufacturer": "Siemens",
    "ManufacturersModelName": "Prisma_fit",
    "Modality": "MR",
    "PartialFourier": 1,
    "PatientPosition": "HFS",
    "PercentPhaseFOV": 100,
    "PhaseEncodingDirection": "j-",
    "PhaseEncodingSteps": 80,
    "PhaseResolution": 1,
    "PixelBandwidth": 2405,
    "ProcedureStepDescription": "Investigators_20_ch_xxl213",
    "ProtocolName": "resting-pre-motor",
    "PulseSequenceDetails": "%CustomerSeq%_ep2d_bold_1066",
    "ReceiveCoilActiveElements": "HE1-4;NE1,2",
    "ReceiveCoilName": "HeadNeck_20",
    "ReconMatrixPE": 80,
    "RepetitionTime": 2.1,
    "SAR": 0.166974,
    "ScanOptions": "FS_RT",
    "ScanningSequence": "EP",
    "SequenceName": "ep10662d1_80",
    "SequenceVariant": "SK",
    "SeriesDescription": "resting-pre-motor",
    "SeriesNumber": 12,
    "ShimSetting": [
      -1915,
      8247,
      9501,
      269,
      0,
      -58,
      -33,
      -58
    ],
    "SliceThickness": 4,
    "SliceTiming": [
      2.02,
      1.96,
      1.9,
      1.84,
      1.7825,
      1.7225,
      1.6625,
      1.6025,
      1.545,
      1.485,
      1.425,
      1.365,
      1.3075,
      1.2475,
      1.1875,
      1.1275,
      1.0675,
      1.01,
      0.95,
      0.89,
      0.83,
      0.7725,
      0.7125,
      0.6525,
      0.5925,
      0.535,
      0.475,
      0.415,
      0.355,
      0.295,
      0.2375,
      0.1775,
      0.1175,
      0.0575,
      0
    ],
    "SoftwareVersions": "syngo_MR_E11",
    "SpacingBetweenSlices": 4,
    "StationName": "AWP67039",
    "TaskName": "rest",
    "TotalReadoutTime": 0.0387103,
    "TxRefAmp": 309.311,
    "dataset": "ds003768",
    "modality": "bold",
    "run_id": 1,
    "subject_id": "23",
    "task_id": "rest"
  },
  "dummy_trs": 0,
  "dvars_nstd": 22.64083889424562,
  "dvars_std": 1.3895258023859647,
  "dvars_vstd": 1.0058194744210531,
  "efc": 0.48507380175851916,
  "fber": 2056.860107421875,
  "fd_mean": 0.14263010738037907,
  "fd_num": 36,
  "fd_perc": 12.587412587412587,
  "fwhm_avg": 1.9394425000000002,
  "fwhm_x": 1.9115733333333333,
  "fwhm_y": 2.1756466666666667,
  "fwhm_z": 1.7311075,
  "gcor": 0.0775411,
  "gsr_x": -0.0173816941678524,
  "gsr_y": 0.0258617103099823,
  "provenance": {
    "md5sum": "09f7a30e55842cb2e46737f1abef26f9",
    "settings": {
      "fd_thres": 0.2,
      "testing": false
    },
    "software": "mriqc",
    "version": "22.0.6",
    "webapi_port": null,
    "webapi_url": "https://mriqc.nimh.nih.gov/api/v1"
  },
  "size_t": 286,
  "size_x": 80,
  "size_y": 80,
  "size_z": 35,
  "snr": 6.316421693283703,
  "spacing_tr": 2.0999999046325684,
  "spacing_x": 3.0,
  "spacing_y": 3.0,
  "spacing_z": 4.0,
  "summary_bg_k": 45.656985368495164,
  "summary_bg_mad": 7.563344686163941,
  "summary_bg_mean": 32.67258071899414,
  "summary_bg_median": 14.786712646484375,
  "summary_bg_n": 149027.0,
  "summary_bg_p05": 7.185314655303955,
  "summary_bg_p95": 122.48846130371088,
  "summary_bg_stdv": 57.72807693481445,
  "summary_fg_k": 0.31999212657343,
  "summary_fg_mad": 107.92410285065571,
  "summary_fg_mean": 682.9300537109375,
  "summary_fg_median": 676.0594482421875,
  "summary_fg_n": 33807.0,
  "summary_fg_p05": 518.1164184570313,
  "summary_fg_p95": 862.5234374999999,
  "summary_fg_stdv": 107.03044891357422,
  "tsnr": 86.00807010848075
}