{
  "aor": 0.0006161915887850467,
  "aqi": 0.004254421612149533,
  "bids_meta": {
    "AcquisitionMatrixPE": 80,
    "AcquisitionNumber": 1,
    "AcquisitionTime": "17:26:47.950000",
    "BandwidthPerPixelPhaseEncode": 25.51,
    "BaseResolution": 80,
    "BodyPartExamined": "BRAIN",
    "ConsistencyInfo": "N4_VE11C_LATEST_20160120",
    "ConversionSoftware": "dcm2niix",
    "ConversionSoftwareVersion": "v1.0.20171215 (OpenJPEG build) GCC4.8.5",
    "DerivedVendorReportedEchoSpacing": 0.000490004,
    "DeviceSerialNumber": "67039",
    "DwellTime": 2.6e-06,
    "EchoTime": 0.025,
    "EchoTrainLength": 80,
    "EffectiveEchoSpacing": 0.000490004,
    "FlipAngle": 90,
    "ImageOrientationPatientDICOM": [
      0.999136,
      0.0410774,
      -0.00634544,
      -0.0410028,
      0.999093,
      0.0114704
    ],
    "ImageType": [
      "ORIGINAL",
      "PRIMARY",
      "M",
      "ND",
      "NORM",
      "MOSAIC"
    ],
    "InPlanePhaseEncodingDirectionDICOM": "COL",
    "InstitutionAddress": "University_Park_Chandlee_Laboratory_State_College_PA_US_16802",
    "InstitutionName": "PSU-SLEIC",
    "InstitutionalDepartmentName": "Department",
    "MRAcquisitionType": "2D",
    "MagneticFieldStrength": 3,
    "Manufacturer": "Siemens",
    "ManufacturersModelName": "Prisma_fit",
    "Modality": "MR",
    "PartialFourier": 1,
    "PatientPosition": "HFS",
    "PercentPhaseFOV": 100,
    "PhaseEncodingDirection": "j-",
    "PhaseEncodingSteps": 80,
    "PhaseResolution": 1,
    "PixelBandwidth": 2405,
    "ProcedureStepDescription": "Investigators_20_ch_xxl213",
    "ProtocolName": "sleep-onset-segment-2",
    "PulseSequenceDetails": "%CustomerSeq%_ep2d_bold_1066",
    "ReceiveCoilActiveElements": "HE1-4",
    "ReceiveCoilName": "HeadNeck_20",
    "ReconMatrixPE": 80,
    "RepetitionTime": 2.1,
    "SAR": 0.166974,
    "ScanOptions": "FS_RT",
    "ScanningSequence": "EP",
    "SequenceName": "ep10662d1_80",
    "SequenceVariant": "SK",
    "SeriesDescription": "sleep-onset-segment-2",
    "SeriesNumber": 20,
    "ShimSetting": [
      -1915,
      8244,
      9501,
      265,
      2,
      -65,
      -30,
      -54
    ],
    "SliceThickness": 4,
    "SliceTiming": [
      2.02,
      1.96,
      1.9,
      1.84,
      1.7825,
      1.7225,
      1.6625,
      1.6025,
      1.545,
      1.485,
      1.425,
      1.365,
      1.3075,
      1.2475,
      1.1875,
      1.1275,
      1.07,
      1.01,
      0.95,
      0.89,
      0.83,
      0.7725,
      0.7125,
      0.6525,
      0.5925,
      0.535,
      0.475,
      0.415,
      0.355,
      0.2975,
      0.2375,
      0.1775,
      0.1175,
      0.0575,
      0
    ],
    "SoftwareVersions": "syngo_MR_E11",
    "SpacingBetweenSlices": 4,
    "StationName": "AWP67039",
    "TaskName": "sleep",
    "TotalReadoutTime": 0.0387103,
    "TxRefAmp": 309.311,
    "dataset": "ds003768",
    "modality": "bold",
    "run_id": 2,
    "subject_id": "23",
    "task_id": "sleep"
  },
  "dummy_trs": 1,
  "dvars_nstd": 23.01915735145201,
  "dvars_std": 1.391172213957845,
  "dvars_vstd": 0.9956317686885252,
  "efc": 0.48388421074962457,
  "fber": 2381.4541015625,
  "fd_mean": 0.14497393024690677,
  "fd_num": 96,
  "fd_perc": 22.429906542056074,
  "fwhm_avg": 1.9886980555555553,
  "fwhm_x": 1.9748599999999998,
  "fwhm_y": 2.2185266666666665,
  "fwhm_z": 1.7727075,
  "gcor": 0.0405533,
  "gsr_x": -0.018450327217578888,
  "gsr_y": 0.025448771193623543,
  "provenance": {
    "md5sum": "6d2405df6e9400d9ab9d638417db0bca",
    "settings": {
      "fd_thres": 0.2,
      "testing": false
    },
    "software": "mriqc",
    "version": "22.0.6",
    "webapi_port": null,
    "webapi_url": "https://mriqc.nimh.nih.gov/api/v1"
  },
  "size_t": 428,
  "size_x": 80,
  "size_y": 80,
  "size_z": 35,
  "snr": 6.126612901174029,
  "spacing_tr": 2.0999999046325684,
  "spacing_x": 3.0,
  "spacing_y": 3.0,
  "spacing_z": 4.0,
  "summary_bg_k": 38.73426642758653,
  "summary_bg_mad": 6.768703457841922,
  "summary_bg_mean": 30.37972640991211,
  "summary_bg_median": 12.871495246887207,
  "summary_bg_n": 148914.0,
  "summary_bg_p05": 6.175233364105225,
  "summary_bg_p95": 118.61062698364259,
  "summary_bg_stdv": 54.17095184326172,
  "summary_fg_k": 0.3021816814304161,
  "summary_fg_mad": 104.80053941203411,
  "summary_fg_mean": 640.711181640625,
  "summary_fg_median": 634.754638671875,
  "summary_fg_n": 33887.0,
  "summary_fg_p05": 481.2588653564453,
  "summary_fg_p95": 814.5553344726562,
  "summary_fg_stdv": 103.60459899902344,
  "tsnr": 92.18249624536838
}