{
  "aor": 0.005309298245614035,
  "aqi": 0.0049993820701754385,
  "bids_meta": {
    "AcquisitionMatrixPE": 80,
    "AcquisitionNumber": 1,
    "AcquisitionTime": "13:44:7.877500",
    "BandwidthPerPixelPhaseEncode": 25.51,
    "BaseResolution": 80,
    "BodyPartExamined": "BRAIN",
    "ConsistencyInfo": "N4_VE11C_LATEST_20160120",
    "ConversionSoftware": "dcm2niix",
    "ConversionSoftwareVersion": "v1.0.20171215 (OpenJPEG build) GCC4.8.5",
    "DerivedVendorReportedEchoSpacing": 0.000490004,
    "DeviceSerialNumber": "67039",
    "DwellTime": 2.6e-06,
    "EchoTime": 0.025,
    "EchoTrainLength": 80,
    "EffectiveEchoSpacing": 0.000490004,
    "FlipAngle": 90,
    "ImageOrientationPatientDICOM": [
      0.996188,
      -0.0716088,
      0.0498247,
      0.0770022,
      0.99021,
      -0.116428
    ],
    "ImageType": [
      "ORIGINAL",
      "PRIMARY",
      "M",
      "ND",
      "NORM",
      "MOSAIC"
    ],
    "InPlanePhaseEncodingDirectionDICOM": "COL",
    "InstitutionAddress": "University_Park_Chandlee_Laboratory_State_College_PA_US_16802",
    "InstitutionName": "Penn_State_SLEIC",
    "InstitutionalDepartmentName": "Department",
    "MRAcquisitionType": "2D",
    "MagneticFieldStrength": 3,
    "Manufacturer": "Siemens",
    "ManufacturersModelName": "Prisma_fit",
    "Modality": "MR",
    "PartialFourier": 1,
    "PatientPosition": "HFS",
    "PercentPhaseFOV": 100,
    "PhaseEncodingDirection": "j-",
    "PhaseEncodingSteps": 80,
    "PhaseResolution": 1,
    "PixelBandwidth": 2405,
    "ProcedureStepDescription": "Investigators_20_ch_xxl213",
    "ProtocolName": "resting-post-motor",
    "PulseSequenceDetails": "%CustomerSeq%_ep2d_bold_1066",
    "ReceiveCoilActiveElements": "HE1-4",
    "ReceiveCoilName": "HeadNeck_20",
    "ReconMatrixPE": 80,
    "RepetitionTime": 2.1,
    "SAR": 0.154199,
    "ScanOptions": "FS_RT",
    "ScanningSequence": "EP",
    "SequenceName": "ep10662d1_80",
    "SequenceVariant": "SK",
    "SeriesDescription": "resting-post-motor",
    "SeriesNumber": 16,
    "ShimSetting": [
      -1927,
      8244,
      9516,
      453,
      -54,
      -290,
      -19,
      -16
    ],
    "SliceThickness": 4,
    "SliceTiming": [
      2.02,
      1.96,
      1.9,
      1.84,
      1.7825,
      1.7225,
      1.6625,
      1.6025,
      1.545,
      1.485,
      1.425,
      1.365,
      1.3075,
      1.2475,
      1.1875,
      1.1275,
      1.07,
      1.01,
      0.95,
      0.89,
      0.83,
      0.7725,
      0.7125,
      0.6525,
      0.5925,
      0.535,
      0.475,
      0.415,
      0.355,
      0.2975,
      0.2375,
      0.1775,
      0.1175,
      0.0575,
      0
    ],
    "SoftwareVersions": "syngo_MR_E11",
    "SpacingBetweenSlices": 4,
    "StationName": "AWP67039",
    "TaskName": "rest",
    "TotalReadoutTime": 0.0387103,
    "TxRefAmp": 282.792,
    "dataset": "ds003768",
    "modality": "bold",
    "run_id": 2,
    "subject_id": "10",
    "task_id": "rest"
  },
  "dummy_trs": 1,
  "dvars_nstd": 21.142142282429578,
  "dvars_std": 1.4738295075000007,
  "dvars_vstd": 1.0464488509859147,
  "efc": 0.4491057785591382,
  "fber": 2995.81103515625,
  "fd_mean": 0.21086364207343142,
  "fd_num": 132,
  "fd_perc": 46.31578947368421,
  "fwhm_avg": 1.7997444444444444,
  "fwhm_x": 1.8141966666666667,
  "fwhm_y": 1.9500666666666666,
  "fwhm_z": 1.63497,
  "gcor": 0.0369146,
  "gsr_x": -0.015000458806753159,
  "gsr_y": 0.01286302786320448,
  "provenance": {
    "md5sum": "60c67a38946bccfe2fb263b6281e4410",
    "settings": {
      "fd_thres": 0.2,
      "testing": false
    },
    "software": "mriqc",
    "version": "22.0.6",
    "webapi_port": null,
    "webapi_url": "https://mriqc.nimh.nih.gov/api/v1"
  },
  "size_t": 285,
  "size_x": 80,
  "size_y": 80,
  "size_z": 35,
  "snr": 7.642351378773218,
  "spacing_tr": 2.0999999046325684,
  "spacing_x": 3.0,
  "spacing_y": 3.0,
  "spacing_z": 4.0,
  "summary_bg_k": 57.983104653752896,
  "summary_bg_mad": 7.725138098621766,
  "summary_bg_mean": 31.676420211791992,
  "summary_bg_median": 13.729825019836426,
  "summary_bg_n": 156128.0,
  "summary_bg_p05": 6.280702114105225,
  "summary_bg_p95": 114.554214477539,
  "summary_bg_stdv": 60.69984436035156,
  "summary_fg_k": 2.005840766209536,
  "summary_fg_mad": 92.13720348925682,
  "summary_fg_mean": 760.1047973632812,
  "summary_fg_median": 756.196533203125,
  "summary_fg_n": 27956.0,
  "summary_fg_p05": 606.9903564453125,
  "summary_fg_p95": 917.7044067382812,
  "summary_fg_stdv": 98.94638061523438,
  "tsnr": 100.22014286369085
}