{
  "aor": 0.0008790209790209791,
  "aqi": 0.005075809906759906,
  "bids_meta": {
    "AcquisitionMatrixPE": 80,
    "AcquisitionNumber": 1,
    "AcquisitionTime": "14:11:2.662500",
    "BandwidthPerPixelPhaseEncode": 25.51,
    "BaseResolution": 80,
    "BodyPartExamined": "BRAIN",
    "ConsistencyInfo": "N4_VE11C_LATEST_20160120",
    "ConversionSoftware": "dcm2niix",
    "ConversionSoftwareVersion": "v1.0.20171215 (OpenJPEG build) GCC4.8.5",
    "DerivedVendorReportedEchoSpacing": 0.000490004,
    "DeviceSerialNumber": "67039",
    "DwellTime": 2.6e-06,
    "EchoTime": 0.025,
    "EchoTrainLength": 80,
    "EffectiveEchoSpacing": 0.000490004,
    "FlipAngle": 90,
    "ImageOrientationPatientDICOM": [
      0.996188,
      -0.0716088,
      0.0498247,
      0.0770022,
      0.99021,
      -0.116428
    ],
    "ImageType": [
      "ORIGINAL",
      "PRIMARY",
      "M",
      "ND",
      "NORM",
      "MOSAIC"
    ],
    "InPlanePhaseEncodingDirectionDICOM": "COL",
    "InstitutionAddress": "University_Park_Chandlee_Laboratory_State_College_PA_US_16802",
    "InstitutionName": "Penn_State_SLEIC",
    "InstitutionalDepartmentName": "Department",
    "MRAcquisitionType": "2D",
    "MagneticFieldStrength": 3,
    "Manufacturer": "Siemens",
    "ManufacturersModelName": "Prisma_fit",
    "Modality": "MR",
    "PartialFourier": 1,
    "PatientPosition": "HFS",
    "PercentPhaseFOV": 100,
    "PhaseEncodingDirection": "j-",
    "PhaseEncodingSteps": 80,
    "PhaseResolution": 1,
    "PixelBandwidth": 2405,
    "ProcedureStepDescription": "Investigators_20_ch_xxl213",
    "ProtocolName": "sleep-onset-segment-2",
    "PulseSequenceDetails": "%CustomerSeq%_ep2d_bold_1066",
    "ReceiveCoilActiveElements": "HE1-4",
    "ReceiveCoilName": "HeadNeck_20",
    "ReconMatrixPE": 80,
    "RepetitionTime": 2.1,
    "SAR": 0.154199,
    "ScanOptions": "FS_RT",
    "ScanningSequence": "EP",
    "SequenceName": "ep10662d1_80",
    "SequenceVariant": "SK",
    "SeriesDescription": "sleep-onset-segment-2",
    "SeriesNumber": 20,
    "ShimSetting": [
      -1927,
      8244,
      9516,
      453,
      -54,
      -290,
      -19,
      -16
    ],
    "SliceThickness": 4,
    "SliceTiming": [
      2.02,
      1.96,
      1.9025,
      1.8425,
      1.7825,
      1.7225,
      1.665,
      1.605,
      1.545,
      1.485,
      1.425,
      1.3675,
      1.3075,
      1.2475,
      1.1875,
      1.13,
      1.07,
      1.01,
      0.95,
      0.8925,
      0.8325,
      0.7725,
      0.7125,
      0.655,
      0.595,
      0.535,
      0.475,
      0.415,
      0.3575,
      0.2975,
      0.2375,
      0.1775,
      0.12,
      0.06,
      0
    ],
    "SoftwareVersions": "syngo_MR_E11",
    "SpacingBetweenSlices": 4,
    "StationName": "AWP67039",
    "TaskName": "sleep",
    "TotalReadoutTime": 0.0387103,
    "TxRefAmp": 282.792,
    "dataset": "ds003768",
    "modality": "bold",
    "run_id": 2,
    "subject_id": "10",
    "task_id": "sleep"
  },
  "dummy_trs": 0,
  "dvars_nstd": 17.87248508971963,
  "dvars_std": 1.2715132910046738,
  "dvars_vstd": 0.9904609617289716,
  "efc": 0.4491386064138011,
  "fber": 3009.40576171875,
  "fd_mean": 0.21261377185488792,
  "fd_num": 237,
  "fd_perc": 55.24475524475525,
  "fwhm_avg": 1.809443611111111,
  "fwhm_x": 1.8184133333333332,
  "fwhm_y": 1.9666,
  "fwhm_z": 1.6433175,
  "gcor": 0.0448318,
  "gsr_x": -0.014849089086055756,
  "gsr_y": 0.013534721918404102,
  "provenance": {
    "md5sum": "614bf5f065698064d9d59647c4c36af4",
    "settings": {
      "fd_thres": 0.2,
      "testing": false
    },
    "software": "mriqc",
    "version": "22.0.6",
    "webapi_port": null,
    "webapi_url": "https://mriqc.nimh.nih.gov/api/v1"
  },
  "size_t": 429,
  "size_x": 80,
  "size_y": 80,
  "size_z": 35,
  "snr": 7.6794793256707585,
  "spacing_tr": 2.0999999046325684,
  "spacing_x": 3.0,
  "spacing_y": 3.0,
  "spacing_z": 4.0,
  "summary_bg_k": 59.495022013887315,
  "summary_bg_mad": 7.758605576908536,
  "summary_bg_mean": 31.64335823059082,
  "summary_bg_median": 13.738927841186523,
  "summary_bg_n": 156029.0,
  "summary_bg_p05": 6.289044380187988,
  "summary_bg_p95": 113.8205169677735,
  "summary_bg_stdv": 60.87504959106445,
  "summary_fg_k": 1.6709857164402173,
  "summary_fg_mad": 93.13269341880883,
  "summary_fg_mean": 761.4732055664062,
  "summary_fg_median": 757.3414916992188,
  "summary_fg_n": 28084.0,
  "summary_fg_p05": 608.1965087890625,
  "summary_fg_p95": 918.8202972412109,
  "summary_fg_stdv": 98.61710357666016,
  "tsnr": 101.37656949192751
}