{
  "aor": 0.004126969696969697,
  "aqi": 0.006241539603729604,
  "bids_meta": {
    "AcquisitionMatrixPE": 80,
    "AcquisitionNumber": 1,
    "AcquisitionTime": "13:55:26.980000",
    "BandwidthPerPixelPhaseEncode": 25.51,
    "BaseResolution": 80,
    "BodyPartExamined": "BRAIN",
    "ConsistencyInfo": "N4_VE11C_LATEST_20160120",
    "ConversionSoftware": "dcm2niix",
    "ConversionSoftwareVersion": "v1.0.20171215 (OpenJPEG build) GCC4.8.5",
    "DerivedVendorReportedEchoSpacing": 0.000490004,
    "DeviceSerialNumber": "67039",
    "DwellTime": 2.6e-06,
    "EchoTime": 0.025,
    "EchoTrainLength": 80,
    "EffectiveEchoSpacing": 0.000490004,
    "FlipAngle": 90,
    "ImageOrientationPatientDICOM": [
      0.996188,
      -0.0716088,
      0.0498247,
      0.0770022,
      0.99021,
      -0.116428
    ],
    "ImageType": [
      "ORIGINAL",
      "PRIMARY",
      "M",
      "ND",
      "NORM",
      "MOSAIC"
    ],
    "InPlanePhaseEncodingDirectionDICOM": "COL",
    "InstitutionAddress": "University_Park_Chandlee_Laboratory_State_College_PA_US_16802",
    "InstitutionName": "Penn_State_SLEIC",
    "InstitutionalDepartmentName": "Department",
    "MRAcquisitionType": "2D",
    "MagneticFieldStrength": 3,
    "Manufacturer": "Siemens",
    "ManufacturersModelName": "Prisma_fit",
    "Modality": "MR",
    "PartialFourier": 1,
    "PatientPosition": "HFS",
    "PercentPhaseFOV": 100,
    "PhaseEncodingDirection": "j-",
    "PhaseEncodingSteps": 80,
    "PhaseResolution": 1,
    "PixelBandwidth": 2405,
    "ProcedureStepDescription": "Investigators_20_ch_xxl213",
    "ProtocolName": "sleep-onset-segment-1",
    "PulseSequenceDetails": "%CustomerSeq%_ep2d_bold_1066",
    "ReceiveCoilActiveElements": "HE1-4",
    "ReceiveCoilName": "HeadNeck_20",
    "ReconMatrixPE": 80,
    "RepetitionTime": 2.1,
    "SAR": 0.154199,
    "ScanOptions": "FS_RT",
    "ScanningSequence": "EP",
    "SequenceName": "ep10662d1_80",
    "SequenceVariant": "SK",
    "SeriesDescription": "sleep-onset-segment-1",
    "SeriesNumber": 18,
    "ShimSetting": [
      -1927,
      8244,
      9516,
      453,
      -54,
      -290,
      -19,
      -16
    ],
    "SliceThickness": 4,
    "SliceTiming": [
      2.02,
      1.96,
      1.9,
      1.84,
      1.7825,
      1.7225,
      1.6625,
      1.6025,
      1.545,
      1.485,
      1.425,
      1.365,
      1.305,
      1.2475,
      1.1875,
      1.1275,
      1.0675,
      1.01,
      0.95,
      0.89,
      0.83,
      0.7725,
      0.7125,
      0.6525,
      0.5925,
      0.5325,
      0.475,
      0.415,
      0.355,
      0.295,
      0.2375,
      0.1775,
      0.1175,
      0.0575,
      0
    ],
    "SoftwareVersions": "syngo_MR_E11",
    "SpacingBetweenSlices": 4,
    "StationName": "AWP67039",
    "TaskName": "sleep",
    "TotalReadoutTime": 0.0387103,
    "TxRefAmp": 282.792,
    "dataset": "ds003768",
    "modality": "bold",
    "run_id": 1,
    "subject_id": "10",
    "task_id": "sleep"
  },
  "dummy_trs": 0,
  "dvars_nstd": 19.795471759602798,
  "dvars_std": 1.4007069461915886,
  "dvars_vstd": 1.0254867991822434,
  "efc": 0.44914857201253805,
  "fber": 3008.0166015625,
  "fd_mean": 0.20432700596182024,
  "fd_num": 183,
  "fd_perc": 42.65734265734266,
  "fwhm_avg": 1.8084986111111112,
  "fwhm_x": 1.82622,
  "fwhm_y": 1.9675933333333333,
  "fwhm_z": 1.6316825,
  "gcor": 0.0565255,
  "gsr_x": -0.01503309141844511,
  "gsr_y": 0.01340299192816019,
  "provenance": {
    "md5sum": "4eb00de50f16cf074610eba0badd4395",
    "settings": {
      "fd_thres": 0.2,
      "testing": false
    },
    "software": "mriqc",
    "version": "22.0.6",
    "webapi_port": null,
    "webapi_url": "https://mriqc.nimh.nih.gov/api/v1"
  },
  "size_t": 429,
  "size_x": 80,
  "size_y": 80,
  "size_z": 35,
  "snr": 7.673770440031432,
  "spacing_tr": 2.0999999046325684,
  "spacing_x": 3.0,
  "spacing_y": 3.0,
  "spacing_z": 4.0,
  "summary_bg_k": 56.78420985487328,
  "summary_bg_mad": 7.78625477580578,
  "summary_bg_mean": 31.75166893005371,
  "summary_bg_median": 13.73426628112793,
  "summary_bg_n": 156108.0,
  "summary_bg_p05": 6.2968531370162975,
  "summary_bg_p95": 114.97191658020016,
  "summary_bg_stdv": 60.83994674682617,
  "summary_fg_k": 1.6756023123936057,
  "summary_fg_mad": 93.21390896392045,
  "summary_fg_mean": 761.6756591796875,
  "summary_fg_median": 757.41259765625,
  "summary_fg_n": 27995.0,
  "summary_fg_p05": 607.7088745117187,
  "summary_fg_p95": 919.088623046875,
  "summary_fg_stdv": 98.6997299194336,
  "tsnr": 90.53376851789653
}