{
  "aor": 0.0034770279720279713,
  "aqi": 0.007390123426573426,
  "bids_meta": {
    "AcquisitionMatrixPE": 80,
    "AcquisitionNumber": 1,
    "AcquisitionTime": "13:17:33.785000",
    "BandwidthPerPixelPhaseEncode": 25.51,
    "BaseResolution": 80,
    "BodyPartExamined": "BRAIN",
    "ConsistencyInfo": "N4_VE11C_LATEST_20160120",
    "ConversionSoftware": "dcm2niix",
    "ConversionSoftwareVersion": "v1.0.20171215 (OpenJPEG build) GCC4.8.5",
    "DerivedVendorReportedEchoSpacing": 0.000490004,
    "DeviceSerialNumber": "67039",
    "DwellTime": 2.6e-06,
    "EchoTime": 0.025,
    "EchoTrainLength": 80,
    "EffectiveEchoSpacing": 0.000490004,
    "FlipAngle": 90,
    "ImageOrientationPatientDICOM": [
      0.996188,
      -0.0716088,
      0.0498247,
      0.0770022,
      0.99021,
      -0.116428
    ],
    "ImageType": [
      "ORIGINAL",
      "PRIMARY",
      "M",
      "ND",
      "NORM",
      "MOSAIC"
    ],
    "InPlanePhaseEncodingDirectionDICOM": "COL",
    "InstitutionAddress": "University_Park_Chandlee_Laboratory_State_College_PA_US_16802",
    "InstitutionName": "Penn_State_SLEIC",
    "InstitutionalDepartmentName": "Department",
    "MRAcquisitionType": "2D",
    "MagneticFieldStrength": 3,
    "Manufacturer": "Siemens",
    "ManufacturersModelName": "Prisma_fit",
    "Modality": "MR",
    "PartialFourier": 1,
    "PatientPosition": "HFS",
    "PercentPhaseFOV": 100,
    "PhaseEncodingDirection": "j-",
    "PhaseEncodingSteps": 80,
    "PhaseResolution": 1,
    "PixelBandwidth": 2405,
    "ProcedureStepDescription": "Investigators_20_ch_xxl213",
    "ProtocolName": "resting-pre-motor",
    "PulseSequenceDetails": "%CustomerSeq%_ep2d_bold_1066",
    "ReceiveCoilActiveElements": "HE1-4",
    "ReceiveCoilName": "HeadNeck_20",
    "ReconMatrixPE": 80,
    "RepetitionTime": 2.1,
    "SAR": 0.154199,
    "ScanOptions": "FS_RT",
    "ScanningSequence": "EP",
    "SequenceName": "ep10662d1_80",
    "SequenceVariant": "SK",
    "SeriesDescription": "resting-pre-motor",
    "SeriesNumber": 12,
    "ShimSetting": [
      -1927,
      8244,
      9516,
      453,
      -54,
      -290,
      -19,
      -16
    ],
    "SliceThickness": 4,
    "SliceTiming": [
      2.02,
      1.96,
      1.9,
      1.84,
      1.7825,
      1.7225,
      1.6625,
      1.6025,
      1.545,
      1.485,
      1.425,
      1.365,
      1.3075,
      1.2475,
      1.1875,
      1.1275,
      1.0675,
      1.01,
      0.95,
      0.89,
      0.83,
      0.7725,
      0.7125,
      0.6525,
      0.5925,
      0.535,
      0.475,
      0.415,
      0.355,
      0.295,
      0.2375,
      0.1775,
      0.1175,
      0.0575,
      0
    ],
    "SoftwareVersions": "syngo_MR_E11",
    "SpacingBetweenSlices": 4,
    "StationName": "AWP67039",
    "TaskName": "rest",
    "TotalReadoutTime": 0.0387103,
    "TxRefAmp": 282.792,
    "dataset": "ds003768",
    "modality": "bold",
    "run_id": 1,
    "subject_id": "10",
    "task_id": "rest"
  },
  "dummy_trs": 0,
  "dvars_nstd": 20.691321313122806,
  "dvars_std": 1.4530908102456146,
  "dvars_vstd": 0.9989553844912283,
  "efc": 0.4494931388697079,
  "fber": 3020.15234375,
  "fd_mean": 0.19228316047098457,
  "fd_num": 133,
  "fd_perc": 46.50349650349651,
  "fwhm_avg": 1.7923572222222222,
  "fwhm_x": 1.8068766666666667,
  "fwhm_y": 1.94665,
  "fwhm_z": 1.623545,
  "gcor": 0.0448161,
  "gsr_x": -0.014354299753904343,
  "gsr_y": 0.014635968022048473,
  "provenance": {
    "md5sum": "08de387f8c62c83fcdd173164e7a391a",
    "settings": {
      "fd_thres": 0.2,
      "testing": false
    },
    "software": "mriqc",
    "version": "22.0.6",
    "webapi_port": null,
    "webapi_url": "https://mriqc.nimh.nih.gov/api/v1"
  },
  "size_t": 286,
  "size_x": 80,
  "size_y": 80,
  "size_z": 35,
  "snr": 7.754732490310572,
  "spacing_tr": 2.0999999046325684,
  "spacing_x": 3.0,
  "spacing_y": 3.0,
  "spacing_z": 4.0,
  "summary_bg_k": 56.25473839953859,
  "summary_bg_mad": 7.692941734106852,
  "summary_bg_mean": 31.496644973754883,
  "summary_bg_median": 13.625873565673828,
  "summary_bg_n": 156035.0,
  "summary_bg_p05": 6.24125862121582,
  "summary_bg_p95": 113.97307357788083,
  "summary_bg_stdv": 60.024620056152344,
  "summary_fg_k": 2.018233986120131,
  "summary_fg_mad": 90.8690193589317,
  "summary_fg_mean": 756.3505859375,
  "summary_fg_median": 752.9300537109375,
  "summary_fg_n": 28091.0,
  "summary_fg_p05": 605.1293334960938,
  "summary_fg_p95": 911.0594177246094,
  "summary_fg_stdv": 97.09124755859375,
  "tsnr": 88.09215101064183
}