{
  "aor": 0.002622693208430913,
  "aqi": 0.0044621273302107725,
  "bids_meta": {
    "AcquisitionMatrixPE": 80,
    "AcquisitionNumber": 1,
    "AcquisitionTime": "15:33:47.487500",
    "BandwidthPerPixelPhaseEncode": 25.51,
    "BaseResolution": 80,
    "BodyPartExamined": "BRAIN",
    "ConsistencyInfo": "N4_VE11C_LATEST_20160120",
    "ConversionSoftware": "dcm2niix",
    "ConversionSoftwareVersion": "v1.0.20171215 (OpenJPEG build) GCC4.8.5",
    "DerivedVendorReportedEchoSpacing": 0.000490004,
    "DeviceSerialNumber": "67039",
    "DwellTime": 2.6e-06,
    "EchoTime": 0.025,
    "EchoTrainLength": 80,
    "EffectiveEchoSpacing": 0.000490004,
    "FlipAngle": 90,
    "ImageOrientationPatientDICOM": [
      0.996329,
      -0.0650423,
      -0.0556632,
      0.0501231,
      0.970305,
      -0.236633
    ],
    "ImageType": [
      "ORIGINAL",
      "PRIMARY",
      "M",
      "ND",
      "NORM",
      "MOSAIC"
    ],
    "InPlanePhaseEncodingDirectionDICOM": "COL",
    "InstitutionAddress": "University_Park_Chandlee_Laboratory_State_College_PA_US_16802",
    "InstitutionName": "PSU-SLEIC",
    "InstitutionalDepartmentName": "Department",
    "MRAcquisitionType": "2D",
    "MagneticFieldStrength": 3,
    "Manufacturer": "Siemens",
    "ManufacturersModelName": "Prisma_fit",
    "Modality": "MR",
    "PartialFourier": 1,
    "PatientPosition": "HFS",
    "PercentPhaseFOV": 100,
    "PhaseEncodingDirection": "j-",
    "PhaseEncodingSteps": 80,
    "PhaseResolution": 1,
    "PixelBandwidth": 2405,
    "ProcedureStepDescription": "Investigators_20_ch_xxl213",
    "ProtocolName": "sleep-onset-segment-2",
    "PulseSequenceDetails": "%CustomerSeq%_ep2d_bold_1066",
    "ReceiveCoilActiveElements": "HE1-4",
    "ReceiveCoilName": "HeadNeck_20",
    "ReconMatrixPE": 80,
    "RepetitionTime": 2.1,
    "SAR": 0.0981036,
    "ScanOptions": "FS_RT",
    "ScanningSequence": "EP",
    "SequenceName": "ep10662d1_80",
    "SequenceVariant": "SK",
    "SeriesDescription": "sleep-onset-segment-2",
    "SeriesNumber": 22,
    "ShimSetting": [
      -1920,
      8286,
      9494,
      472,
      134,
      -264,
      20,
      -2
    ],
    "SliceThickness": 4,
    "SliceTiming": [
      2.02,
      1.96,
      1.9,
      1.84,
      1.7825,
      1.7225,
      1.6625,
      1.6025,
      1.545,
      1.485,
      1.425,
      1.365,
      1.305,
      1.2475,
      1.1875,
      1.1275,
      1.0675,
      1.01,
      0.95,
      0.89,
      0.83,
      0.7725,
      0.7125,
      0.6525,
      0.5925,
      0.5325,
      0.475,
      0.415,
      0.355,
      0.295,
      0.2375,
      0.1775,
      0.1175,
      0.0575,
      0
    ],
    "SoftwareVersions": "syngo_MR_E11",
    "SpacingBetweenSlices": 4,
    "StationName": "AWP67039",
    "TaskName": "sleep",
    "TotalReadoutTime": 0.0387103,
    "TxRefAmp": 259.192,
    "dataset": "ds003768",
    "modality": "bold",
    "run_id": 2,
    "subject_id": "26",
    "task_id": "sleep"
  },
  "dummy_trs": 2,
  "dvars_nstd": 20.535909717488263,
  "dvars_std": 1.434710962652583,
  "dvars_vstd": 1.0128080335211265,
  "efc": 0.4165819165299655,
  "fber": 3809.8837890625,
  "fd_mean": 0.1687970543178942,
  "fd_num": 110,
  "fd_perc": 25.761124121779858,
  "fwhm_avg": 1.9043092007412037,
  "fwhm_x": 1.91948,
  "fwhm_y": 2.07842,
  "fwhm_z": 1.7150276022236108,
  "gcor": 0.0235559,
  "gsr_x": -0.022661283612251282,
  "gsr_y": 0.0077303266152739525,
  "provenance": {
    "md5sum": "c27e679a0ff52a3f86b72662de487325",
    "settings": {
      "fd_thres": 0.2,
      "testing": false
    },
    "software": "mriqc",
    "version": "22.0.6",
    "webapi_port": null,
    "webapi_url": "https://mriqc.nimh.nih.gov/api/v1"
  },
  "size_t": 427,
  "size_x": 80,
  "size_y": 80,
  "size_z": 35,
  "snr": 7.551725450185005,
  "spacing_tr": 2.0999999046325684,
  "spacing_x": 3.0,
  "spacing_y": 3.0,
  "spacing_z": 3.999999761581421,
  "summary_bg_k": 42.52068535868982,
  "summary_bg_mad": 6.32796844060549,
  "summary_bg_mean": 26.930465698242188,
  "summary_bg_median": 12.304449081420898,
  "summary_bg_n": 162080.0,
  "summary_bg_p05": 5.9156904220581055,
  "summary_bg_p95": 93.16240997314434,
  "summary_bg_stdv": 50.49698257446289,
  "summary_fg_k": 1.7092201336570998,
  "summary_fg_mad": 85.03950779164963,
  "summary_fg_mean": 763.5875854492188,
  "summary_fg_median": 763.119384765625,
  "summary_fg_n": 23499.0,
  "summary_fg_p05": 597.6484497070312,
  "summary_fg_p95": 928.9596801757812,
  "summary_fg_stdv": 101.0501708984375,
  "tsnr": 100.78642194438726
}