{
  "aor": 0.006684382284382285,
  "aqi": 0.0054826783449883456,
  "bids_meta": {
    "AcquisitionMatrixPE": 80,
    "AcquisitionNumber": 1,
    "AcquisitionTime": "16:32:43.200000",
    "BandwidthPerPixelPhaseEncode": 25.51,
    "BaseResolution": 80,
    "BodyPartExamined": "BRAIN",
    "ConsistencyInfo": "N4_VE11C_LATEST_20160120",
    "ConversionSoftware": "dcm2niix",
    "ConversionSoftwareVersion": "v1.0.20171215 (OpenJPEG build) GCC4.8.5",
    "DerivedVendorReportedEchoSpacing": 0.000490004,
    "DeviceSerialNumber": "67039",
    "DwellTime": 2.6e-06,
    "EchoTime": 0.025,
    "EchoTrainLength": 80,
    "EffectiveEchoSpacing": 0.000490004,
    "FlipAngle": 90,
    "ImageOrientationPatientDICOM": [
      0.996329,
      -0.0650423,
      -0.0556632,
      0.0501231,
      0.970305,
      -0.236633
    ],
    "ImageType": [
      "ORIGINAL",
      "PRIMARY",
      "M",
      "ND",
      "NORM",
      "MOSAIC"
    ],
    "InPlanePhaseEncodingDirectionDICOM": "COL",
    "InstitutionAddress": "University_Park_Chandlee_Laboratory_State_College_PA_US_16802",
    "InstitutionName": "PSU-SLEIC",
    "InstitutionalDepartmentName": "Department",
    "MRAcquisitionType": "2D",
    "MagneticFieldStrength": 3,
    "Manufacturer": "Siemens",
    "ManufacturersModelName": "Prisma_fit",
    "Modality": "MR",
    "PartialFourier": 1,
    "PatientPosition": "HFS",
    "PercentPhaseFOV": 100,
    "PhaseEncodingDirection": "j-",
    "PhaseEncodingSteps": 80,
    "PhaseResolution": 1,
    "PixelBandwidth": 2405,
    "ProcedureStepDescription": "Investigators_20_ch_xxl213",
    "ProtocolName": "sleep-onset-segment-6",
    "PulseSequenceDetails": "%CustomerSeq%_ep2d_bold_1066",
    "ReceiveCoilActiveElements": "HE1-4",
    "ReceiveCoilName": "HeadNeck_20",
    "ReconMatrixPE": 80,
    "RepetitionTime": 2.1,
    "SAR": 0.0981036,
    "ScanOptions": "FS_RT",
    "ScanningSequence": "EP",
    "SequenceName": "ep10662d1_80",
    "SequenceVariant": "SK",
    "SeriesDescription": "sleep-onset-segment-6",
    "SeriesNumber": 30,
    "ShimSetting": [
      -1920,
      8286,
      9494,
      472,
      134,
      -264,
      20,
      -2
    ],
    "SliceThickness": 4,
    "SliceTiming": [
      2.02,
      1.96,
      1.9025,
      1.8425,
      1.7825,
      1.7225,
      1.665,
      1.605,
      1.545,
      1.485,
      1.425,
      1.3675,
      1.3075,
      1.2475,
      1.1875,
      1.13,
      1.07,
      1.01,
      0.95,
      0.8925,
      0.8325,
      0.7725,
      0.7125,
      0.6525,
      0.595,
      0.535,
      0.475,
      0.415,
      0.3575,
      0.2975,
      0.2375,
      0.1775,
      0.12,
      0.06,
      0
    ],
    "SoftwareVersions": "syngo_MR_E11",
    "SpacingBetweenSlices": 4,
    "StationName": "AWP67039",
    "TaskName": "sleep",
    "TotalReadoutTime": 0.0387103,
    "TxRefAmp": 259.192,
    "dataset": "ds003768",
    "modality": "bold",
    "run_id": 5,
    "subject_id": "26",
    "task_id": "sleep"
  },
  "dummy_trs": 0,
  "dvars_nstd": 21.27522978829441,
  "dvars_std": 1.4456632970794405,
  "dvars_vstd": 1.0400056568691591,
  "efc": 0.41180244887353235,
  "fber": 3976.758056640625,
  "fd_mean": 0.20034451990016935,
  "fd_num": 135,
  "fd_perc": 31.46853146853147,
  "fwhm_avg": 1.9056475338991998,
  "fwhm_x": 1.9244833333333335,
  "fwhm_y": 2.086256666666667,
  "fwhm_z": 1.7062026016976,
  "gcor": 0.0463757,
  "gsr_x": -0.02023482695221901,
  "gsr_y": 0.009773451834917068,
  "provenance": {
    "md5sum": "c5c796b22862317bfefd18f587003126",
    "settings": {
      "fd_thres": 0.2,
      "testing": false
    },
    "software": "mriqc",
    "version": "22.0.6",
    "webapi_port": null,
    "webapi_url": "https://mriqc.nimh.nih.gov/api/v1"
  },
  "size_t": 429,
  "size_x": 80,
  "size_y": 80,
  "size_z": 35,
  "snr": 7.566224277392417,
  "spacing_tr": 2.0999999046325684,
  "spacing_x": 3.0,
  "spacing_y": 3.0,
  "spacing_z": 3.999999761581421,
  "summary_bg_k": 47.33685392270229,
  "summary_bg_mad": 6.289827250891728,
  "summary_bg_mean": 25.87276840209961,
  "summary_bg_median": 12.15850830078125,
  "summary_bg_n": 162649.0,
  "summary_bg_p05": 5.829836845397949,
  "summary_bg_p95": 88.16876373291021,
  "summary_bg_stdv": 48.23352813720703,
  "summary_fg_k": 1.7467725932352076,
  "summary_fg_mad": 85.4033715319213,
  "summary_fg_mean": 769.8148803710938,
  "summary_fg_median": 770.1468505859375,
  "summary_fg_n": 23269.0,
  "summary_fg_p05": 599.1375366210938,
  "summary_fg_p95": 932.9380371093749,
  "summary_fg_stdv": 101.78528594970703,
  "tsnr": 88.12965002143756
}