{
  "aor": 0.0016236140350877192,
  "aqi": 0.0049429321754385965,
  "bids_meta": {
    "AcquisitionMatrixPE": 80,
    "AcquisitionNumber": 1,
    "AcquisitionTime": "14:39:11.655000",
    "BandwidthPerPixelPhaseEncode": 25.51,
    "BaseResolution": 80,
    "BodyPartExamined": "BRAIN",
    "ConsistencyInfo": "N4_VE11C_LATEST_20160120",
    "ConversionSoftware": "dcm2niix",
    "ConversionSoftwareVersion": "v1.0.20171215 (OpenJPEG build) GCC4.8.5",
    "DerivedVendorReportedEchoSpacing": 0.000490004,
    "DeviceSerialNumber": "67039",
    "DwellTime": 2.6e-06,
    "EchoTime": 0.025,
    "EchoTrainLength": 80,
    "EffectiveEchoSpacing": 0.000490004,
    "FlipAngle": 90,
    "ImageOrientationPatientDICOM": [
      0.996329,
      -0.0650423,
      -0.0556632,
      0.0501231,
      0.970305,
      -0.236633
    ],
    "ImageType": [
      "ORIGINAL",
      "PRIMARY",
      "M",
      "ND",
      "NORM",
      "MOSAIC"
    ],
    "InPlanePhaseEncodingDirectionDICOM": "COL",
    "InstitutionAddress": "University_Park_Chandlee_Laboratory_State_College_PA_US_16802",
    "InstitutionName": "PSU-SLEIC",
    "InstitutionalDepartmentName": "Department",
    "MRAcquisitionType": "2D",
    "MagneticFieldStrength": 3,
    "Manufacturer": "Siemens",
    "ManufacturersModelName": "Prisma_fit",
    "Modality": "MR",
    "PartialFourier": 1,
    "PatientPosition": "HFS",
    "PercentPhaseFOV": 100,
    "PhaseEncodingDirection": "j-",
    "PhaseEncodingSteps": 80,
    "PhaseResolution": 1,
    "PixelBandwidth": 2405,
    "ProcedureStepDescription": "Investigators_20_ch_xxl213",
    "ProtocolName": "resting-pre-motor",
    "PulseSequenceDetails": "%CustomerSeq%_ep2d_bold_1066",
    "ReceiveCoilActiveElements": "HE1-4",
    "ReceiveCoilName": "HeadNeck_20",
    "ReconMatrixPE": 80,
    "RepetitionTime": 2.1,
    "SAR": 0.0981036,
    "ScanOptions": "FS_RT",
    "ScanningSequence": "EP",
    "SequenceName": "ep10662d1_80",
    "SequenceVariant": "SK",
    "SeriesDescription": "resting-pre-motor",
    "SeriesNumber": 14,
    "ShimSetting": [
      -1920,
      8286,
      9494,
      472,
      134,
      -264,
      20,
      -2
    ],
    "SliceThickness": 4,
    "SliceTiming": [
      2.02,
      1.9625,
      1.9025,
      1.8425,
      1.7825,
      1.725,
      1.665,
      1.605,
      1.545,
      1.4875,
      1.4275,
      1.3675,
      1.3075,
      1.2475,
      1.19,
      1.13,
      1.07,
      1.01,
      0.9525,
      0.8925,
      0.8325,
      0.7725,
      0.715,
      0.655,
      0.595,
      0.535,
      0.4775,
      0.4175,
      0.3575,
      0.2975,
      0.2375,
      0.18,
      0.12,
      0.06,
      0
    ],
    "SoftwareVersions": "syngo_MR_E11",
    "SpacingBetweenSlices": 4,
    "StationName": "AWP67039",
    "TaskName": "rest",
    "TotalReadoutTime": 0.0387103,
    "TxRefAmp": 259.192,
    "dataset": "ds003768",
    "modality": "bold",
    "run_id": 1,
    "subject_id": "26",
    "task_id": "rest"
  },
  "dummy_trs": 1,
  "dvars_nstd": 19.87640010478871,
  "dvars_std": 1.4072948801760572,
  "dvars_vstd": 0.9792506178873243,
  "efc": 0.41486440002159386,
  "fber": 3883.654296875,
  "fd_mean": 0.14909820893539977,
  "fd_num": 45,
  "fd_perc": 15.789473684210526,
  "fwhm_avg": 1.933735590135391,
  "fwhm_x": 1.9384766666666666,
  "fwhm_y": 2.12227,
  "fwhm_z": 1.7404601037395062,
  "gcor": 0.012901,
  "gsr_x": -0.022330408915877342,
  "gsr_y": 0.008036562241613865,
  "provenance": {
    "md5sum": "a6cc9579375d37d203ba64ec0cf3010b",
    "settings": {
      "fd_thres": 0.2,
      "testing": false
    },
    "software": "mriqc",
    "version": "22.0.6",
    "webapi_port": null,
    "webapi_url": "https://mriqc.nimh.nih.gov/api/v1"
  },
  "size_t": 285,
  "size_x": 80,
  "size_y": 80,
  "size_z": 35,
  "snr": 7.496836699215171,
  "spacing_tr": 2.0999999046325684,
  "spacing_x": 3.0,
  "spacing_y": 3.0,
  "spacing_z": 3.999999761581421,
  "summary_bg_k": 44.73523978414301,
  "summary_bg_mad": 6.237333362737366,
  "summary_bg_mean": 26.439638137817383,
  "summary_bg_median": 12.178947448730469,
  "summary_bg_n": 162197.0,
  "summary_bg_p05": 5.870175361633301,
  "summary_bg_p95": 90.52561798095678,
  "summary_bg_stdv": 49.66327667236328,
  "summary_fg_k": 1.6272486915875328,
  "summary_fg_mad": 85.47069673032023,
  "summary_fg_mean": 763.6488647460938,
  "summary_fg_median": 763.3649291992188,
  "summary_fg_n": 23479.0,
  "summary_fg_p05": 595.6438781738282,
  "summary_fg_p95": 929.9603454589843,
  "summary_fg_stdv": 101.82276916503906,
  "tsnr": 99.26509053166956
}