{
  "bids_meta": {
    "AcquisitionMatrixPE": 256,
    "AcquisitionNumber": 1,
    "AcquisitionTime": "16:39:58.432500",
    "BaseResolution": 256,
    "BodyPartExamined": "BRAIN",
    "ConsistencyInfo": "N4_VE11C_LATEST_20160120",
    "ConversionSoftware": "dcm2niix",
    "ConversionSoftwareVersion": "v1.0.20171215 (OpenJPEG build) GCC4.8.5",
    "DeviceSerialNumber": "67039",
    "DwellTime": 9.8e-06,
    "EchoTime": 0.00228,
    "FlipAngle": 8,
    "ImageOrientationPatientDICOM": [
      0.0149428,
      0.999888,
      0.000348141,
      0.0712224,
      -0.000717088,
      -0.99746
    ],
    "ImageType": [
      "ORIGINAL",
      "PRIMARY",
      "M",
      "NORM",
      "DIS2D"
    ],
    "InPlanePhaseEncodingDirectionDICOM": "ROW",
    "InstitutionAddress": "University_Park_Chandlee_Laboratory_State_College_PA_US_16802",
    "InstitutionName": "PSU-SLEIC",
    "InstitutionalDepartmentName": "Department",
    "InversionTime": 0.9,
    "MRAcquisitionType": "3D",
    "MagneticFieldStrength": 3,
    "Manufacturer": "Siemens",
    "ManufacturersModelName": "Prisma_fit",
    "Modality": "MR",
    "ParallelReductionFactorInPlane": 2,
    "PartialFourier": 1,
    "PatientPosition": "HFS",
    "PercentPhaseFOV": 100,
    "PhaseEncodingSteps": 255,
    "PhaseResolution": 1,
    "PixelBandwidth": 200,
    "ProcedureStepDescription": "Investigators_20_ch_xxl213",
    "ProtocolName": "t1_mprage_sag_p2_iso_2300",
    "PulseSequenceDetails": "%SiemensSeq%_tfl",
    "ReceiveCoilActiveElements": "HE1-4;NE1,2",
    "ReceiveCoilName": "HeadNeck_20",
    "ReconMatrixPE": 256,
    "RepetitionTime": 2.3,
    "SAR": 0.0621886,
    "ScanOptions": "IR",
    "ScanningSequence": "GR_IR",
    "SequenceName": "_tfl3d1_16ns",
    "SequenceVariant": "SK_SP_MP",
    "SeriesDescription": "t1_mprage_sag_p2_iso_2300",
    "SeriesNumber": 9,
    "ShimSetting": [
      -1941,
      8275,
      9263,
      132,
      -19,
      -59,
      -30,
      9
    ],
    "SliceThickness": 1,
    "SoftwareVersions": "syngo_MR_E11",
    "StationName": "AWP67039",
    "TxRefAmp": 262.196,
    "dataset": "ds003768",
    "modality": "T1w",
    "subject_id": "21"
  },
  "cjv": 0.32842208725169875,
  "cnr": 4.149881523631168,
  "efc": 0.49766313180234545,
  "fber": 18457.468906937815,
  "fwhm_avg": 4.477020303077986,
  "fwhm_x": 4.44847090923396,
  "fwhm_y": 4.54753,
  "fwhm_z": 4.43506,
  "icvs_csf": 0.20909811290926233,
  "icvs_gm": 0.4381919809452355,
  "icvs_wm": 0.3527099061455022,
  "inu_med": 0.4814611226320267,
  "inu_range": 0.15551680475473406,
  "provenance": {
    "md5sum": "7a6048706a9bcfbabc153f1f639a33a7",
    "settings": {
      "testing": false
    },
    "software": "mriqc",
    "version": "22.0.6",
    "warnings": {
      "large_rot_frame": true,
      "small_air_mask": false
    },
    "webapi_port": null,
    "webapi_url": "https://mriqc.nimh.nih.gov/api/v1"
  },
  "qi_1": 0.00017516074457151794,
  "qi_2": 0.017754001262877878,
  "rpve_csf": 28.399950930726,
  "rpve_gm": 14.48365198971382,
  "rpve_wm": 20.854650949591793,
  "size_x": 192,
  "size_y": 256,
  "size_z": 256,
  "snr_csf": 2.1241077429966957,
  "snr_gm": 11.623273462633556,
  "snr_total": 12.928624941775004,
  "snr_wm": 25.038493619694755,
  "snrd_csf": 26.82203999377594,
  "snrd_gm": 76.605469726802,
  "snrd_total": 70.99115356424939,
  "snrd_wm": 109.5459509721702,
  "spacing_x": 1.0000042915344238,
  "spacing_y": 1.0,
  "spacing_z": 1.0,
  "summary_bg_k": 67.63133851574767,
  "summary_bg_mad": 0.0,
  "summary_bg_mean": 3.559052603743963,
  "summary_bg_median": 0.0,
  "summary_bg_n": 3596689.0,
  "summary_bg_p05": 0.0,
  "summary_bg_p95": 15.301105365157127,
  "summary_bg_stdv": 5.980706420304207,
  "summary_csf_k": 0.2124015817799081,
  "summary_csf_mad": 107.71216259039706,
  "summary_csf_mean": 255.16467409253326,
  "summary_csf_median": 244.857020303607,
  "summary_csf_n": 28593.0,
  "summary_csf_p05": 74.05105645358563,
  "summary_csf_p95": 460.8346792727707,
  "summary_csf_stdv": 115.27321968875636,
  "summary_gm_k": -0.016512510874459707,
  "summary_gm_mad": 60.154356097452386,
  "summary_gm_mean": 699.1369906225726,
  "summary_gm_median": 699.3273837715387,
  "summary_gm_n": 45698.0,
  "summary_gm_p05": 599.6538593620062,
  "summary_gm_p95": 798.2928878813982,
  "summary_gm_stdv": 60.16547183189821,
  "summary_wm_k": 0.3253447812120127,
  "summary_wm_mad": 38.606091843444965,
  "summary_wm_mean": 1000.466443841119,
  "summary_wm_median": 1000.0393388271332,
  "summary_wm_n": 201243.0,
  "summary_wm_p05": 935.6881604790688,
  "summary_wm_p95": 1066.435909152031,
  "summary_wm_stdv": 39.939976795618,
  "tpm_overlap_csf": 0.14751754209631016,
  "tpm_overlap_gm": 0.4823408424713216,
  "tpm_overlap_wm": 0.5351535752867329,
  "wm2max": 0.4498469487056992
}