{
  "bids_meta": {
    "AcquisitionMatrixPE": 256,
    "AcquisitionNumber": 1,
    "AcquisitionTime": "14:25:53.802500",
    "BaseResolution": 256,
    "BodyPartExamined": "BRAIN",
    "ConsistencyInfo": "N4_VE11C_LATEST_20160120",
    "ConversionSoftware": "dcm2niix",
    "ConversionSoftwareVersion": "v1.0.20171215 (OpenJPEG build) GCC4.8.5",
    "DeviceSerialNumber": "67039",
    "DwellTime": 9.8e-06,
    "EchoTime": 0.00228,
    "FlipAngle": 8,
    "ImageOrientationPatientDICOM": [
      -0.118448,
      0.991842,
      -0.0471059,
      0.000945156,
      -0.0473272,
      -0.998879
    ],
    "ImageType": [
      "ORIGINAL",
      "PRIMARY",
      "M",
      "NORM",
      "DIS2D"
    ],
    "InPlanePhaseEncodingDirectionDICOM": "ROW",
    "InstitutionAddress": "University_Park_Chandlee_Laboratory_State_College_PA_US_16802",
    "InstitutionName": "PSU-SLEIC",
    "InstitutionalDepartmentName": "Department",
    "InversionTime": 0.9,
    "MRAcquisitionType": "3D",
    "MagneticFieldStrength": 3,
    "Manufacturer": "Siemens",
    "ManufacturersModelName": "Prisma_fit",
    "Modality": "MR",
    "ParallelReductionFactorInPlane": 2,
    "PartialFourier": 1,
    "PatientPosition": "HFS",
    "PercentPhaseFOV": 100,
    "PhaseEncodingSteps": 255,
    "PhaseResolution": 1,
    "PixelBandwidth": 200,
    "ProcedureStepDescription": "Investigators_20_ch_xxl213",
    "ProtocolName": "t1_mprage_sag_p2_iso_2300",
    "PulseSequenceDetails": "%SiemensSeq%_tfl",
    "ReceiveCoilActiveElements": "HE1-4;NE1,2",
    "ReceiveCoilName": "HeadNeck_20",
    "ReconMatrixPE": 256,
    "RepetitionTime": 2.3,
    "SAR": 0.073281,
    "ScanOptions": "IR",
    "ScanningSequence": "GR_IR",
    "SequenceName": "_tfl3d1_16ns",
    "SequenceVariant": "SK_SP_MP",
    "SeriesDescription": "t1_mprage_sag_p2_iso_2300",
    "SeriesNumber": 14,
    "ShimSetting": [
      -1941,
      8275,
      9263,
      132,
      -19,
      -59,
      -30,
      9
    ],
    "SliceThickness": 1,
    "SoftwareVersions": "syngo_MR_E11",
    "StationName": "AWP67039",
    "TxRefAmp": 268.156,
    "dataset": "ds003768",
    "modality": "T1w",
    "subject_id": "13"
  },
  "cjv": 0.33284452947864795,
  "cnr": 4.159784075220707,
  "efc": 0.5084343804778362,
  "fber": 18015.834378698226,
  "fwhm_avg": 4.255404563160325,
  "fwhm_x": 4.253173689480975,
  "fwhm_y": 4.22439,
  "fwhm_z": 4.28865,
  "icvs_csf": 0.1897242231052796,
  "icvs_gm": 0.4523502940368962,
  "icvs_wm": 0.35792548285782416,
  "inu_med": 0.5250078439712524,
  "inu_range": 0.20948028862476342,
  "provenance": {
    "md5sum": "c83a85dcef15889ae3cbfb489788c697",
    "settings": {
      "testing": false
    },
    "software": "mriqc",
    "version": "22.0.6",
    "warnings": {
      "large_rot_frame": true,
      "small_air_mask": false
    },
    "webapi_port": null,
    "webapi_url": "https://mriqc.nimh.nih.gov/api/v1"
  },
  "qi_1": 0.00012854242986103781,
  "qi_2": 0.010090261847486862,
  "rpve_csf": 32.73558673602897,
  "rpve_gm": 15.122277478668998,
  "rpve_wm": 21.726600754276664,
  "size_x": 192,
  "size_y": 256,
  "size_z": 256,
  "snr_csf": 2.1610942197230645,
  "snr_gm": 11.390017932656894,
  "snr_total": 12.249227705794619,
  "snr_wm": 23.1965709650039,
  "snrd_csf": 21.7308889537649,
  "snrd_gm": 58.32241441076516,
  "snrd_total": 54.889807222087,
  "snrd_wm": 84.61611830173094,
  "spacing_x": 0.9999967813491821,
  "spacing_y": 1.0,
  "spacing_z": 1.0,
  "summary_bg_k": 22.43196085298591,
  "summary_bg_mad": 0.0,
  "summary_bg_mean": 4.6106754379441774,
  "summary_bg_median": 0.0,
  "summary_bg_n": 3726191.0,
  "summary_bg_p05": 0.0,
  "summary_bg_p95": 18.338426649570465,
  "summary_bg_stdv": 7.742453665450129,
  "summary_csf_k": 0.009782866608770036,
  "summary_csf_mad": 113.05040107874669,
  "summary_csf_mean": 266.6446418494399,
  "summary_csf_median": 256.81736022233963,
  "summary_csf_n": 20644.0,
  "summary_csf_p05": 76.05882299691439,
  "summary_csf_p95": 479.1747527047991,
  "summary_csf_stdv": 118.8338470659529,
  "summary_gm_k": -0.10957936889236253,
  "summary_gm_mad": 61.880529273452446,
  "summary_gm_mean": 688.933062308975,
  "summary_gm_median": 689.2588951438665,
  "summary_gm_n": 38590.0,
  "summary_gm_p05": 589.2906537652016,
  "summary_gm_p95": 787.4845890551802,
  "summary_gm_stdv": 60.513510042173515,
  "summary_wm_k": 0.39256777889540295,
  "summary_wm_mad": 41.54793501384444,
  "summary_wm_mean": 1000.5020569846148,
  "summary_wm_median": 999.9999623000622,
  "summary_wm_n": 180667.0,
  "summary_wm_p05": 930.9331606328487,
  "summary_wm_p95": 1072.0834748446941,
  "summary_wm_stdv": 43.1096991138233,
  "tpm_overlap_csf": 0.15323018389289586,
  "tpm_overlap_gm": 0.4849908751658149,
  "tpm_overlap_wm": 0.5174334182107533,
  "wm2max": 0.46226074421593816
}