{
  "bids_meta": {
    "AcquisitionMatrixPE": 256,
    "AcquisitionNumber": 1,
    "AcquisitionTime": "13:06:20.422500",
    "BaseResolution": 256,
    "BodyPartExamined": "BRAIN",
    "ConsistencyInfo": "N4_VE11C_LATEST_20160120",
    "ConversionSoftware": "dcm2niix",
    "ConversionSoftwareVersion": "v1.0.20171215 (OpenJPEG build) GCC4.8.5",
    "DeviceSerialNumber": "67039",
    "DwellTime": 9.8e-06,
    "EchoTime": 0.00228,
    "FlipAngle": 8,
    "ImageOrientationPatientDICOM": [
      0.0770482,
      0.990215,
      -0.116353,
      0.0410053,
      -0.119748,
      -0.991957
    ],
    "ImageType": [
      "ORIGINAL",
      "PRIMARY",
      "M",
      "NORM",
      "DIS2D"
    ],
    "InPlanePhaseEncodingDirectionDICOM": "ROW",
    "InstitutionAddress": "University_Park_Chandlee_Laboratory_State_College_PA_US_16802",
    "InstitutionName": "Penn_State_SLEIC",
    "InstitutionalDepartmentName": "Department",
    "InversionTime": 0.9,
    "MRAcquisitionType": "3D",
    "MagneticFieldStrength": 3,
    "Manufacturer": "Siemens",
    "ManufacturersModelName": "Prisma_fit",
    "Modality": "MR",
    "ParallelReductionFactorInPlane": 2,
    "PartialFourier": 1,
    "PatientPosition": "HFS",
    "PercentPhaseFOV": 100,
    "PhaseEncodingSteps": 255,
    "PhaseResolution": 1,
    "PixelBandwidth": 200,
    "ProcedureStepDescription": "Investigators_20_ch_xxl213",
    "ProtocolName": "t1_mprage_sag_p2_iso_2300",
    "PulseSequenceDetails": "%SiemensSeq%_tfl",
    "ReceiveCoilActiveElements": "HE1-4;NE1,2",
    "ReceiveCoilName": "HeadNeck_20",
    "ReconMatrixPE": 256,
    "RepetitionTime": 2.3,
    "SAR": 0.082753,
    "ScanOptions": "IR",
    "ScanningSequence": "GR_IR",
    "SequenceName": "_tfl3d1_16ns",
    "SequenceVariant": "SK_SP_MP",
    "SeriesDescription": "t1_mprage_sag_p2_iso_2300",
    "SeriesNumber": 6,
    "ShimSetting": [
      -1941,
      8275,
      9263,
      132,
      -19,
      -59,
      -30,
      9
    ],
    "SliceThickness": 1,
    "SoftwareVersions": "syngo_MR_E11",
    "StationName": "AWP67039",
    "TxRefAmp": 282.792,
    "dataset": "ds003768",
    "modality": "T1w",
    "subject_id": "10"
  },
  "cjv": 0.3440386538060099,
  "cnr": 3.989952100262639,
  "efc": 0.5007895100745705,
  "fber": 17916.480784735286,
  "fwhm_avg": 4.52012672466504,
  "fwhm_x": 4.5792501739951215,
  "fwhm_y": 4.40299,
  "fwhm_z": 4.57814,
  "icvs_csf": 0.21455140201753986,
  "icvs_gm": 0.43039605746859544,
  "icvs_wm": 0.3550525405138647,
  "inu_med": 0.552133321762085,
  "inu_range": 0.24062147140502932,
  "provenance": {
    "md5sum": "173b07107c0000e06275938547b438b0",
    "settings": {
      "testing": false
    },
    "software": "mriqc",
    "version": "22.0.6",
    "warnings": {
      "large_rot_frame": true,
      "small_air_mask": false
    },
    "webapi_port": null,
    "webapi_url": "https://mriqc.nimh.nih.gov/api/v1"
  },
  "qi_1": 0.00013228144133670513,
  "qi_2": 0.012181115541185067,
  "rpve_csf": 27.07139733358736,
  "rpve_gm": 13.962699814397872,
  "rpve_wm": 19.564908460321856,
  "size_x": 192,
  "size_y": 256,
  "size_z": 256,
  "snr_csf": 1.8604456245569518,
  "snr_gm": 11.242580591590109,
  "snr_total": 12.854514878641089,
  "snr_wm": 25.460518419776207,
  "snrd_csf": 20.42010106993794,
  "snrd_gm": 67.08477427720183,
  "snrd_total": 60.93874809173487,
  "snrd_wm": 95.31136892806482,
  "spacing_x": 1.000002145767212,
  "spacing_y": 1.0,
  "spacing_z": 1.0,
  "summary_bg_k": 62.73449158462057,
  "summary_bg_mad": 0.0,
  "summary_bg_mean": 4.011848536186329,
  "summary_bg_median": 0.0,
  "summary_bg_n": 4011379.0,
  "summary_bg_p05": 0.0,
  "summary_bg_p95": 16.883558213710785,
  "summary_bg_stdv": 6.873935909667423,
  "summary_csf_k": 0.25980465649315,
  "summary_csf_mad": 115.82632440053867,
  "summary_csf_mean": 225.36813176013032,
  "summary_csf_median": 214.25533068180084,
  "summary_csf_n": 41715.0,
  "summary_csf_p05": 58.420513647794735,
  "summary_csf_p95": 440.67362773418427,
  "summary_csf_stdv": 115.16206641752443,
  "summary_gm_k": -0.09737482272677722,
  "summary_gm_mad": 63.87156593236019,
  "summary_gm_mean": 702.401312650974,
  "summary_gm_median": 703.8785188794136,
  "summary_gm_n": 39725.0,
  "summary_gm_p05": 597.6014106273651,
  "summary_gm_p95": 802.3219963431357,
  "summary_gm_stdv": 62.607481769834024,
  "summary_wm_k": 0.3206040822084928,
  "summary_wm_mad": 38.02029048096071,
  "summary_wm_mean": 1000.3277586687301,
  "summary_wm_median": 1000.0424972176552,
  "summary_wm_n": 204688.0,
  "summary_wm_p05": 936.5058826804161,
  "summary_wm_p95": 1065.3652816414833,
  "summary_wm_stdv": 39.27807116417418,
  "tpm_overlap_csf": 0.1411442777499299,
  "tpm_overlap_gm": 0.46855115866111835,
  "tpm_overlap_wm": 0.5076493361975207,
  "wm2max": 0.4527513573876545
}