{
  "aor": 0.003515734265734266,
  "aqi": 0.014671274230769232,
  "bids_meta": {
    "AcquisitionMatrixPE": 80,
    "AcquisitionNumber": 1,
    "AcquisitionTime": "16:47:33.785000",
    "BandwidthPerPixelPhaseEncode": 25.51,
    "BaseResolution": 80,
    "BodyPartExamined": "BRAIN",
    "ConsistencyInfo": "N4_VE11C_LATEST_20160120",
    "ConversionSoftware": "dcm2niix",
    "ConversionSoftwareVersion": "v1.0.20171215 (OpenJPEG build) GCC4.8.5",
    "DerivedVendorReportedEchoSpacing": 0.000490004,
    "DeviceSerialNumber": "67039",
    "DwellTime": 2.6e-06,
    "EchoTime": 0.025,
    "EchoTrainLength": 80,
    "EffectiveEchoSpacing": 0.000490004,
    "FlipAngle": 90,
    "ImageOrientationPatientDICOM": [
      0.997348,
      -0.0149644,
      0.0712252,
      0.0149712,
      0.999888,
      0.000439527
    ],
    "ImageType": [
      "ORIGINAL",
      "PRIMARY",
      "M",
      "ND",
      "NORM",
      "MOSAIC"
    ],
    "InPlanePhaseEncodingDirectionDICOM": "COL",
    "InstitutionAddress": "University_Park_Chandlee_Laboratory_State_College_PA_US_16802",
    "InstitutionName": "PSU-SLEIC",
    "InstitutionalDepartmentName": "Department",
    "MRAcquisitionType": "2D",
    "MagneticFieldStrength": 3,
    "Manufacturer": "Siemens",
    "ManufacturersModelName": "Prisma_fit",
    "Modality": "MR",
    "PartialFourier": 1,
    "PatientPosition": "HFS",
    "PercentPhaseFOV": 100,
    "PhaseEncodingDirection": "j-",
    "PhaseEncodingSteps": 80,
    "PhaseResolution": 1,
    "PixelBandwidth": 2405,
    "ProcedureStepDescription": "Investigators_20_ch_xxl213",
    "ProtocolName": "resting-pre-motor",
    "PulseSequenceDetails": "%CustomerSeq%_ep2d_bold_1066",
    "ReceiveCoilActiveElements": "HE1-4",
    "ReceiveCoilName": "HeadNeck_20",
    "ReconMatrixPE": 80,
    "RepetitionTime": 2.1,
    "SAR": 0.11588,
    "ScanOptions": "FS_RT",
    "ScanningSequence": "EP",
    "SequenceName": "ep10662d1_80",
    "SequenceVariant": "SK",
    "SeriesDescription": "resting-pre-motor",
    "SeriesNumber": 12,
    "ShimSetting": [
      -1902,
      8268,
      9498,
      552,
      94,
      -259,
      -148,
      -32
    ],
    "SliceThickness": 4,
    "SliceTiming": [
      2.02,
      1.9625,
      1.9025,
      1.8425,
      1.7825,
      1.725,
      1.665,
      1.605,
      1.545,
      1.4875,
      1.4275,
      1.3675,
      1.3075,
      1.2475,
      1.19,
      1.13,
      1.07,
      1.01,
      0.9525,
      0.8925,
      0.8325,
      0.7725,
      0.715,
      0.655,
      0.595,
      0.535,
      0.475,
      0.4175,
      0.3575,
      0.2975,
      0.2375,
      0.18,
      0.12,
      0.06,
      0
    ],
    "SoftwareVersions": "syngo_MR_E11",
    "SpacingBetweenSlices": 4,
    "StationName": "AWP67039",
    "TaskName": "rest",
    "TotalReadoutTime": 0.0387103,
    "TxRefAmp": 262.196,
    "dataset": "ds003768",
    "modality": "bold",
    "run_id": 1,
    "subject_id": "21",
    "task_id": "rest"
  },
  "dummy_trs": 0,
  "dvars_nstd": 20.47629152596489,
  "dvars_std": 1.2106273322807013,
  "dvars_vstd": 0.9607816825614033,
  "efc": 0.4393224079133724,
  "fber": 3875.659912109375,
  "fd_mean": 0.23909206191015442,
  "fd_num": 180,
  "fd_perc": 62.93706293706294,
  "fwhm_avg": 1.9244047801427533,
  "fwhm_x": 1.9079899999999999,
  "fwhm_y": 2.1864268404282603,
  "fwhm_z": 1.6787975,
  "gcor": 0.0336336,
  "gsr_x": -0.02040219120681286,
  "gsr_y": 0.012707803398370743,
  "provenance": {
    "md5sum": "9be67fbbf318afbadd4e8052c9839ae7",
    "settings": {
      "fd_thres": 0.2,
      "testing": false
    },
    "software": "mriqc",
    "version": "22.0.6",
    "webapi_port": null,
    "webapi_url": "https://mriqc.nimh.nih.gov/api/v1"
  },
  "size_t": 286,
  "size_x": 80,
  "size_y": 80,
  "size_z": 35,
  "snr": 7.22883682473505,
  "spacing_tr": 2.0999999046325684,
  "spacing_x": 3.0,
  "spacing_y": 2.999999761581421,
  "spacing_z": 4.0,
  "summary_bg_k": 28.145048790916736,
  "summary_bg_mad": 7.527057852080643,
  "summary_bg_mean": 32.63290786743164,
  "summary_bg_median": 13.101398468017578,
  "summary_bg_n": 157447.0,
  "summary_bg_p05": 6.115384578704834,
  "summary_bg_p95": 134.96888122558576,
  "summary_bg_stdv": 59.759220123291016,
  "summary_fg_k": 1.8668410617106135,
  "summary_fg_mad": 96.93937234494865,
  "summary_fg_mean": 818.8397827148438,
  "summary_fg_median": 817.7989501953125,
  "summary_fg_n": 26866.0,
  "summary_fg_p05": 636.7473602294922,
  "summary_fg_p95": 999.3504943847656,
  "summary_fg_stdv": 113.12798309326172,
  "tsnr": 55.49336970807053
}