{
  "aor": 0.002615944055944056,
  "aqi": 0.013615049580419581,
  "bids_meta": {
    "AcquisitionMatrixPE": 80,
    "AcquisitionNumber": 1,
    "AcquisitionTime": "17:10:16.520000",
    "BandwidthPerPixelPhaseEncode": 25.51,
    "BaseResolution": 80,
    "BodyPartExamined": "BRAIN",
    "ConsistencyInfo": "N4_VE11C_LATEST_20160120",
    "ConversionSoftware": "dcm2niix",
    "ConversionSoftwareVersion": "v1.0.20171215 (OpenJPEG build) GCC4.8.5",
    "DerivedVendorReportedEchoSpacing": 0.000490004,
    "DeviceSerialNumber": "67039",
    "DwellTime": 2.6e-06,
    "EchoTime": 0.025,
    "EchoTrainLength": 80,
    "EffectiveEchoSpacing": 0.000490004,
    "FlipAngle": 90,
    "ImageOrientationPatientDICOM": [
      0.997348,
      -0.0149644,
      0.0712252,
      0.0149712,
      0.999888,
      0.000439527
    ],
    "ImageType": [
      "ORIGINAL",
      "PRIMARY",
      "M",
      "ND",
      "NORM",
      "MOSAIC"
    ],
    "InPlanePhaseEncodingDirectionDICOM": "COL",
    "InstitutionAddress": "University_Park_Chandlee_Laboratory_State_College_PA_US_16802",
    "InstitutionName": "PSU-SLEIC",
    "InstitutionalDepartmentName": "Department",
    "MRAcquisitionType": "2D",
    "MagneticFieldStrength": 3,
    "Manufacturer": "Siemens",
    "ManufacturersModelName": "Prisma_fit",
    "Modality": "MR",
    "PartialFourier": 1,
    "PatientPosition": "HFS",
    "PercentPhaseFOV": 100,
    "PhaseEncodingDirection": "j-",
    "PhaseEncodingSteps": 80,
    "PhaseResolution": 1,
    "PixelBandwidth": 2405,
    "ProcedureStepDescription": "Investigators_20_ch_xxl213",
    "ProtocolName": "resting-post-motor",
    "PulseSequenceDetails": "%CustomerSeq%_ep2d_bold_1066",
    "ReceiveCoilActiveElements": "HE1-4",
    "ReceiveCoilName": "HeadNeck_20",
    "ReconMatrixPE": 80,
    "RepetitionTime": 2.1,
    "SAR": 0.11588,
    "ScanOptions": "FS_RT",
    "ScanningSequence": "EP",
    "SequenceName": "ep10662d1_80",
    "SequenceVariant": "SK",
    "SeriesDescription": "resting-post-motor",
    "SeriesNumber": 16,
    "ShimSetting": [
      -1902,
      8268,
      9498,
      552,
      94,
      -259,
      -148,
      -32
    ],
    "SliceThickness": 4,
    "SliceTiming": [
      2.02,
      1.96,
      1.9,
      1.84,
      1.7825,
      1.7225,
      1.6625,
      1.6025,
      1.545,
      1.485,
      1.425,
      1.365,
      1.3075,
      1.2475,
      1.1875,
      1.1275,
      1.07,
      1.01,
      0.95,
      0.89,
      0.83,
      0.7725,
      0.7125,
      0.6525,
      0.5925,
      0.535,
      0.475,
      0.415,
      0.355,
      0.2975,
      0.2375,
      0.1775,
      0.1175,
      0.0575,
      0
    ],
    "SoftwareVersions": "syngo_MR_E11",
    "SpacingBetweenSlices": 4,
    "StationName": "AWP67039",
    "TaskName": "rest",
    "TotalReadoutTime": 0.0387103,
    "TxRefAmp": 262.196,
    "dataset": "ds003768",
    "modality": "bold",
    "run_id": 2,
    "subject_id": "21",
    "task_id": "rest"
  },
  "dummy_trs": 0,
  "dvars_nstd": 25.37887025140351,
  "dvars_std": 1.2280598696491216,
  "dvars_vstd": 0.9367647890175442,
  "efc": 0.43921090207540386,
  "fber": 3765.159912109375,
  "fd_mean": 0.28122076529139056,
  "fd_num": 175,
  "fd_perc": 61.18881118881119,
  "fwhm_avg": 1.9666692255715132,
  "fwhm_x": 1.9444166666666665,
  "fwhm_y": 2.223583510047874,
  "fwhm_z": 1.7320075,
  "gcor": 0.0284236,
  "gsr_x": -0.019837835803627968,
  "gsr_y": 0.011007977649569511,
  "provenance": {
    "md5sum": "5b4a8260197019a3c9c0fa5bf99ea056",
    "settings": {
      "fd_thres": 0.2,
      "testing": false
    },
    "software": "mriqc",
    "version": "22.0.6",
    "webapi_port": null,
    "webapi_url": "https://mriqc.nimh.nih.gov/api/v1"
  },
  "size_t": 286,
  "size_x": 80,
  "size_y": 80,
  "size_z": 35,
  "snr": 7.124864724675292,
  "spacing_tr": 2.0999999046325684,
  "spacing_x": 3.0,
  "spacing_y": 2.999999761581421,
  "spacing_z": 4.0,
  "summary_bg_k": 28.845321143925844,
  "summary_bg_mad": 7.122712178102658,
  "summary_bg_mean": 33.194820404052734,
  "summary_bg_median": 13.374125480651855,
  "summary_bg_n": 157641.0,
  "summary_bg_p05": 6.538461685180664,
  "summary_bg_p95": 136.63636779785156,
  "summary_bg_stdv": 61.22727966308594,
  "summary_fg_k": 1.9990303087263532,
  "summary_fg_mad": 97.74288591911984,
  "summary_fg_mean": 825.8839721679688,
  "summary_fg_median": 825.118896484375,
  "summary_fg_n": 26601.0,
  "summary_fg_p05": 638.6887817382812,
  "summary_fg_p95": 1010.9055786132812,
  "summary_fg_stdv": 115.80618286132812,
  "tsnr": 55.73954994790256
}