{
  "aor": 0.0009613519813519814,
  "aqi": 0.006798526526806527,
  "bids_meta": {
    "AcquisitionMatrixPE": 80,
    "AcquisitionNumber": 1,
    "AcquisitionTime": "15:10:26.517500",
    "BandwidthPerPixelPhaseEncode": 25.51,
    "BaseResolution": 80,
    "BodyPartExamined": "BRAIN",
    "ConsistencyInfo": "N4_VE11C_LATEST_20160120",
    "ConversionSoftware": "dcm2niix",
    "ConversionSoftwareVersion": "v1.0.20171215 (OpenJPEG build) GCC4.8.5",
    "DerivedVendorReportedEchoSpacing": 0.000490004,
    "DeviceSerialNumber": "67039",
    "DwellTime": 2.6e-06,
    "EchoTime": 0.025,
    "EchoTrainLength": 80,
    "EffectiveEchoSpacing": 0.000490004,
    "FlipAngle": 90,
    "ImageOrientationPatientDICOM": [
      0.998685,
      -0.0472765,
      0.0198234,
      0.0497175,
      0.987482,
      -0.149693
    ],
    "ImageType": [
      "ORIGINAL",
      "PRIMARY",
      "M",
      "ND",
      "NORM",
      "MOSAIC"
    ],
    "InPlanePhaseEncodingDirectionDICOM": "COL",
    "InstitutionAddress": "University_Park_Chandlee_Laboratory_State_College_PA_US_16802",
    "InstitutionName": "PSU-SLEIC",
    "InstitutionalDepartmentName": "Department",
    "MRAcquisitionType": "2D",
    "MagneticFieldStrength": 3,
    "Manufacturer": "Siemens",
    "ManufacturersModelName": "Prisma_fit",
    "Modality": "MR",
    "PartialFourier": 1,
    "PatientPosition": "HFS",
    "PercentPhaseFOV": 100,
    "PhaseEncodingDirection": "j-",
    "PhaseEncodingSteps": 80,
    "PhaseResolution": 1,
    "PixelBandwidth": 2405,
    "ProcedureStepDescription": "Investigators_20_ch_xxl213",
    "ProtocolName": "sleep-onset-segment-3",
    "PulseSequenceDetails": "%CustomerSeq%_ep2d_bold_1066",
    "ReceiveCoilActiveElements": "HE1-4",
    "ReceiveCoilName": "HeadNeck_20",
    "ReconMatrixPE": 80,
    "RepetitionTime": 2.1,
    "SAR": 0.140172,
    "ScanOptions": "FS_RT",
    "ScanningSequence": "EP",
    "SequenceName": "ep10662d1_80",
    "SequenceVariant": "SK",
    "SeriesDescription": "sleep-onset-segment-3",
    "SeriesNumber": 24,
    "ShimSetting": [
      -1929,
      8308,
      9525,
      442,
      -33,
      -93,
      -14,
      -43
    ],
    "SliceThickness": 4,
    "SliceTiming": [
      2.0225,
      1.9625,
      1.9025,
      1.8425,
      1.7825,
      1.725,
      1.665,
      1.605,
      1.545,
      1.4875,
      1.4275,
      1.3675,
      1.3075,
      1.25,
      1.19,
      1.13,
      1.07,
      1.0125,
      0.9525,
      0.8925,
      0.8325,
      0.7725,
      0.715,
      0.655,
      0.595,
      0.535,
      0.4775,
      0.4175,
      0.3575,
      0.2975,
      0.24,
      0.18,
      0.12,
      0.06,
      0
    ],
    "SoftwareVersions": "syngo_MR_E11",
    "SpacingBetweenSlices": 4,
    "StationName": "AWP67039",
    "TaskName": "sleep",
    "TotalReadoutTime": 0.0387103,
    "TxRefAmp": 291.993,
    "dataset": "ds003768",
    "modality": "bold",
    "run_id": 3,
    "subject_id": "27",
    "task_id": "sleep"
  },
  "dummy_trs": 0,
  "dvars_nstd": 31.769074382172914,
  "dvars_std": 1.5350399564018682,
  "dvars_vstd": 0.9971748796028035,
  "efc": 0.4867984784239665,
  "fber": 3078.48193359375,
  "fd_mean": 0.21755024485305913,
  "fd_num": 240,
  "fd_perc": 55.94405594405595,
  "fwhm_avg": 1.808357777777778,
  "fwhm_x": 1.7590366666666668,
  "fwhm_y": 2.0987266666666664,
  "fwhm_z": 1.56731,
  "gcor": 0.0301194,
  "gsr_x": -0.024714143946766853,
  "gsr_y": 0.045139607042074203,
  "provenance": {
    "md5sum": "b93a40ed9b0dd61552981ae6c77e0a78",
    "settings": {
      "fd_thres": 0.2,
      "testing": false
    },
    "software": "mriqc",
    "version": "22.0.6",
    "webapi_port": null,
    "webapi_url": "https://mriqc.nimh.nih.gov/api/v1"
  },
  "size_t": 429,
  "size_x": 80,
  "size_y": 80,
  "size_z": 35,
  "snr": 7.826603295130078,
  "spacing_tr": 2.0999999046325684,
  "spacing_x": 3.0,
  "spacing_y": 3.0,
  "spacing_z": 4.0,
  "summary_bg_k": 26.299258115226824,
  "summary_bg_mad": 6.742557255540319,
  "summary_bg_mean": 37.59725570678711,
  "summary_bg_median": 13.184149742126465,
  "summary_bg_n": 148705.0,
  "summary_bg_p05": 6.769230842590332,
  "summary_bg_p95": 173.593942260742,
  "summary_bg_stdv": 68.92359161376953,
  "summary_fg_k": 1.9194799064061199,
  "summary_fg_mad": 89.42270397450939,
  "summary_fg_mean": 746.7457885742188,
  "summary_fg_median": 740.8648071289062,
  "summary_fg_n": 33343.0,
  "summary_fg_p05": 609.3431213378906,
  "summary_fg_p95": 901.8613220214844,
  "summary_fg_stdv": 94.65839385986328,
  "tsnr": 97.48069477081299
}