{
  "aor": 0.009194522144522144,
  "aqi": 0.019898832354312355,
  "bids_meta": {
    "AcquisitionMatrixPE": 80,
    "AcquisitionNumber": 1,
    "AcquisitionTime": "14:54:55.335000",
    "BandwidthPerPixelPhaseEncode": 25.51,
    "BaseResolution": 80,
    "BodyPartExamined": "BRAIN",
    "ConsistencyInfo": "N4_VE11C_LATEST_20160120",
    "ConversionSoftware": "dcm2niix",
    "ConversionSoftwareVersion": "v1.0.20171215 (OpenJPEG build) GCC4.8.5",
    "DerivedVendorReportedEchoSpacing": 0.000490004,
    "DeviceSerialNumber": "67039",
    "DwellTime": 2.6e-06,
    "EchoTime": 0.025,
    "EchoTrainLength": 80,
    "EffectiveEchoSpacing": 0.000490004,
    "FlipAngle": 90,
    "ImageOrientationPatientDICOM": [
      0.998685,
      -0.0472765,
      0.0198234,
      0.0497175,
      0.987482,
      -0.149693
    ],
    "ImageType": [
      "ORIGINAL",
      "PRIMARY",
      "M",
      "ND",
      "NORM",
      "MOSAIC"
    ],
    "InPlanePhaseEncodingDirectionDICOM": "COL",
    "InstitutionAddress": "University_Park_Chandlee_Laboratory_State_College_PA_US_16802",
    "InstitutionName": "PSU-SLEIC",
    "InstitutionalDepartmentName": "Department",
    "MRAcquisitionType": "2D",
    "MagneticFieldStrength": 3,
    "Manufacturer": "Siemens",
    "ManufacturersModelName": "Prisma_fit",
    "Modality": "MR",
    "PartialFourier": 1,
    "PatientPosition": "HFS",
    "PercentPhaseFOV": 100,
    "PhaseEncodingDirection": "j-",
    "PhaseEncodingSteps": 80,
    "PhaseResolution": 1,
    "PixelBandwidth": 2405,
    "ProcedureStepDescription": "Investigators_20_ch_xxl213",
    "ProtocolName": "sleep-onset-segment-2",
    "PulseSequenceDetails": "%CustomerSeq%_ep2d_bold_1066",
    "ReceiveCoilActiveElements": "HE1-4",
    "ReceiveCoilName": "HeadNeck_20",
    "ReconMatrixPE": 80,
    "RepetitionTime": 2.1,
    "SAR": 0.140172,
    "ScanOptions": "FS_RT",
    "ScanningSequence": "EP",
    "SequenceName": "ep10662d1_80",
    "SequenceVariant": "SK",
    "SeriesDescription": "sleep-onset-segment-2",
    "SeriesNumber": 22,
    "ShimSetting": [
      -1929,
      8308,
      9525,
      442,
      -33,
      -93,
      -14,
      -43
    ],
    "SliceThickness": 4,
    "SliceTiming": [
      2.02,
      1.9625,
      1.9025,
      1.8425,
      1.7825,
      1.725,
      1.665,
      1.605,
      1.545,
      1.4875,
      1.4275,
      1.3675,
      1.3075,
      1.2475,
      1.19,
      1.13,
      1.07,
      1.01,
      0.9525,
      0.8925,
      0.8325,
      0.7725,
      0.715,
      0.655,
      0.595,
      0.535,
      0.475,
      0.4175,
      0.3575,
      0.2975,
      0.2375,
      0.18,
      0.12,
      0.06,
      0
    ],
    "SoftwareVersions": "syngo_MR_E11",
    "SpacingBetweenSlices": 4,
    "StationName": "AWP67039",
    "TaskName": "sleep",
    "TotalReadoutTime": 0.0387103,
    "TxRefAmp": 291.993,
    "dataset": "ds003768",
    "modality": "bold",
    "run_id": 2,
    "subject_id": "27",
    "task_id": "sleep"
  },
  "dummy_trs": 0,
  "dvars_nstd": 31.74769221957946,
  "dvars_std": 1.4354879960046714,
  "dvars_vstd": 1.014989861028036,
  "efc": 0.48878996515307727,
  "fber": 3135.699462890625,
  "fd_mean": 0.3351453230028467,
  "fd_num": 266,
  "fd_perc": 62.004662004662,
  "fwhm_avg": 1.8260202777777776,
  "fwhm_x": 1.80541,
  "fwhm_y": 2.1718033333333335,
  "fwhm_z": 1.5008475,
  "gcor": 0.0673937,
  "gsr_x": -0.02584948018193245,
  "gsr_y": 0.04432642087340355,
  "provenance": {
    "md5sum": "e43a8c3ddd58388860e6a7b205c0cf86",
    "settings": {
      "fd_thres": 0.2,
      "testing": false
    },
    "software": "mriqc",
    "version": "22.0.6",
    "webapi_port": null,
    "webapi_url": "https://mriqc.nimh.nih.gov/api/v1"
  },
  "size_t": 429,
  "size_x": 80,
  "size_y": 80,
  "size_z": 35,
  "snr": 7.803577773267193,
  "spacing_tr": 2.0999999046325684,
  "spacing_x": 3.0,
  "spacing_y": 3.0,
  "spacing_z": 4.0,
  "summary_bg_k": 24.998448717835316,
  "summary_bg_mad": 7.139991690233735,
  "summary_bg_mean": 38.877891540527344,
  "summary_bg_median": 13.177156448364258,
  "summary_bg_n": 148398.0,
  "summary_bg_p05": 6.4289045333862305,
  "summary_bg_p95": 177.54755477905266,
  "summary_bg_stdv": 71.08084106445312,
  "summary_fg_k": 1.856718947014616,
  "summary_fg_mad": 89.48143254139234,
  "summary_fg_mean": 746.1039428710938,
  "summary_fg_median": 740.0489501953125,
  "summary_fg_n": 33435.0,
  "summary_fg_p05": 606.4953430175781,
  "summary_fg_p95": 902.6750732421875,
  "summary_fg_stdv": 94.8331527709961,
  "tsnr": 49.05247998889536
}