{
  "aor": 0.02132270396270396,
  "aqi": 0.025243322191142194,
  "bids_meta": {
    "AcquisitionMatrixPE": 80,
    "AcquisitionNumber": 1,
    "AcquisitionTime": "15:57:48.917500",
    "BandwidthPerPixelPhaseEncode": 25.51,
    "BaseResolution": 80,
    "BodyPartExamined": "BRAIN",
    "ConsistencyInfo": "N4_VE11C_LATEST_20160120",
    "ConversionSoftware": "dcm2niix",
    "ConversionSoftwareVersion": "v1.0.20171215 (OpenJPEG build) GCC4.8.5",
    "DerivedVendorReportedEchoSpacing": 0.000490004,
    "DeviceSerialNumber": "67039",
    "DwellTime": 2.6e-06,
    "EchoTime": 0.025,
    "EchoTrainLength": 80,
    "EffectiveEchoSpacing": 0.000490004,
    "FlipAngle": 90,
    "ImageOrientationPatientDICOM": [
      0.998685,
      -0.0472765,
      0.0198234,
      0.0497175,
      0.987482,
      -0.149693
    ],
    "ImageType": [
      "ORIGINAL",
      "PRIMARY",
      "M",
      "ND",
      "NORM",
      "MOSAIC"
    ],
    "InPlanePhaseEncodingDirectionDICOM": "COL",
    "InstitutionAddress": "University_Park_Chandlee_Laboratory_State_College_PA_US_16802",
    "InstitutionName": "PSU-SLEIC",
    "InstitutionalDepartmentName": "Department",
    "MRAcquisitionType": "2D",
    "MagneticFieldStrength": 3,
    "Manufacturer": "Siemens",
    "ManufacturersModelName": "Prisma_fit",
    "Modality": "MR",
    "PartialFourier": 1,
    "PatientPosition": "HFS",
    "PercentPhaseFOV": 100,
    "PhaseEncodingDirection": "j-",
    "PhaseEncodingSteps": 80,
    "PhaseResolution": 1,
    "PixelBandwidth": 2405,
    "ProcedureStepDescription": "Investigators_20_ch_xxl213",
    "ProtocolName": "sleep-onset-segment-6",
    "PulseSequenceDetails": "%CustomerSeq%_ep2d_bold_1066",
    "ReceiveCoilActiveElements": "HE1-4",
    "ReceiveCoilName": "HeadNeck_20",
    "ReconMatrixPE": 80,
    "RepetitionTime": 2.1,
    "SAR": 0.140172,
    "ScanOptions": "FS_RT",
    "ScanningSequence": "EP",
    "SequenceName": "ep10662d1_80",
    "SequenceVariant": "SK",
    "SeriesDescription": "sleep-onset-segment-6",
    "SeriesNumber": 30,
    "ShimSetting": [
      -1929,
      8308,
      9525,
      442,
      -33,
      -93,
      -14,
      -43
    ],
    "SliceThickness": 4,
    "SliceTiming": [
      2.02,
      1.96,
      1.9,
      1.84,
      1.7825,
      1.7225,
      1.6625,
      1.6025,
      1.545,
      1.485,
      1.425,
      1.365,
      1.3075,
      1.2475,
      1.1875,
      1.1275,
      1.0675,
      1.01,
      0.95,
      0.89,
      0.83,
      0.7725,
      0.7125,
      0.6525,
      0.5925,
      0.535,
      0.475,
      0.415,
      0.355,
      0.295,
      0.2375,
      0.1775,
      0.1175,
      0.0575,
      0
    ],
    "SoftwareVersions": "syngo_MR_E11",
    "SpacingBetweenSlices": 4,
    "StationName": "AWP67039",
    "TaskName": "sleep",
    "TotalReadoutTime": 0.0387103,
    "TxRefAmp": 291.993,
    "dataset": "ds003768",
    "modality": "bold",
    "run_id": 6,
    "subject_id": "27",
    "task_id": "sleep"
  },
  "dummy_trs": 0,
  "dvars_nstd": 31.74039075551404,
  "dvars_std": 1.4231186847663553,
  "dvars_vstd": 1.0848833696495324,
  "efc": 0.48708936503920025,
  "fber": 3163.657470703125,
  "fd_mean": 0.4248101642941438,
  "fd_num": 217,
  "fd_perc": 50.582750582750585,
  "fwhm_avg": 1.8575658333333334,
  "fwhm_x": 1.79449,
  "fwhm_y": 2.19279,
  "fwhm_z": 1.5854175,
  "gcor": 0.0471115,
  "gsr_x": -0.023580901324748993,
  "gsr_y": 0.04589744284749031,
  "provenance": {
    "md5sum": "603fb53219eb9522a8363e1a58932168",
    "settings": {
      "fd_thres": 0.2,
      "testing": false
    },
    "software": "mriqc",
    "version": "22.0.6",
    "webapi_port": null,
    "webapi_url": "https://mriqc.nimh.nih.gov/api/v1"
  },
  "size_t": 429,
  "size_x": 80,
  "size_y": 80,
  "size_z": 35,
  "snr": 7.910104146666645,
  "spacing_tr": 2.0999999046325684,
  "spacing_x": 3.0,
  "spacing_y": 3.0,
  "spacing_z": 4.0,
  "summary_bg_k": 24.636912399685468,
  "summary_bg_mad": 6.815132337626571,
  "summary_bg_mean": 37.61813735961914,
  "summary_bg_median": 13.034965515136719,
  "summary_bg_n": 148784.0,
  "summary_bg_p05": 6.634032726287842,
  "summary_bg_p95": 172.18601531982432,
  "summary_bg_stdv": 67.67253112792969,
  "summary_fg_k": 2.091293986609763,
  "summary_fg_mad": 87.0882208181979,
  "summary_fg_mean": 743.9552001953125,
  "summary_fg_median": 738.27392578125,
  "summary_fg_n": 33446.0,
  "summary_fg_p05": 609.5944366455078,
  "summary_fg_p95": 898.2465209960938,
  "summary_fg_stdv": 93.33162689208984,
  "tsnr": 45.051274558878504
}