{
  "aor": 0.0058417016317016315,
  "aqi": 0.014990940536130535,
  "bids_meta": {
    "AcquisitionMatrixPE": 80,
    "AcquisitionNumber": 1,
    "AcquisitionTime": "16:19:2.585000",
    "BandwidthPerPixelPhaseEncode": 25.51,
    "BaseResolution": 80,
    "BodyPartExamined": "BRAIN",
    "ConsistencyInfo": "N4_VE11C_LATEST_20160120",
    "ConversionSoftware": "dcm2niix",
    "ConversionSoftwareVersion": "v1.0.20171215 (OpenJPEG build) GCC4.8.5",
    "DerivedVendorReportedEchoSpacing": 0.000490004,
    "DeviceSerialNumber": "67039",
    "DwellTime": 2.6e-06,
    "EchoTime": 0.025,
    "EchoTrainLength": 80,
    "EffectiveEchoSpacing": 0.000490004,
    "FlipAngle": 90,
    "ImageOrientationPatientDICOM": [
      0.993228,
      -0.0920209,
      0.0709213,
      0.0959869,
      0.993879,
      -0.0546991
    ],
    "ImageType": [
      "ORIGINAL",
      "PRIMARY",
      "M",
      "ND",
      "NORM",
      "MOSAIC"
    ],
    "InPlanePhaseEncodingDirectionDICOM": "COL",
    "InstitutionAddress": "University_Park_Chandlee_Laboratory_State_College_PA_US_16802",
    "InstitutionName": "PSU-SLEIC",
    "InstitutionalDepartmentName": "Department",
    "MRAcquisitionType": "2D",
    "MagneticFieldStrength": 3,
    "Manufacturer": "Siemens",
    "ManufacturersModelName": "Prisma_fit",
    "Modality": "MR",
    "PartialFourier": 1,
    "PatientPosition": "HFS",
    "PercentPhaseFOV": 100,
    "PhaseEncodingDirection": "j-",
    "PhaseEncodingSteps": 80,
    "PhaseResolution": 1,
    "PixelBandwidth": 2405,
    "ProcedureStepDescription": "Investigators_20_ch_xxl213",
    "ProtocolName": "sleep-onset-segment-6",
    "PulseSequenceDetails": "%CustomerSeq%_ep2d_bold_1066",
    "ReceiveCoilActiveElements": "HE1-4",
    "ReceiveCoilName": "HeadNeck_20",
    "ReconMatrixPE": 80,
    "RepetitionTime": 2.1,
    "SAR": 0.171575,
    "ScanOptions": "FS_RT",
    "ScanningSequence": "EP",
    "SequenceName": "ep10662d1_80",
    "SequenceVariant": "SK",
    "SeriesDescription": "sleep-onset-segment-6",
    "SeriesNumber": 32,
    "ShimSetting": [
      -1917,
      8278,
      9500,
      339,
      -46,
      -111,
      57,
      -17
    ],
    "SliceThickness": 4,
    "SliceTiming": [
      2.02,
      1.96,
      1.9025,
      1.8425,
      1.7825,
      1.7225,
      1.6625,
      1.605,
      1.545,
      1.485,
      1.425,
      1.3675,
      1.3075,
      1.2475,
      1.1875,
      1.13,
      1.07,
      1.01,
      0.95,
      0.89,
      0.8325,
      0.7725,
      0.7125,
      0.6525,
      0.595,
      0.535,
      0.475,
      0.415,
      0.3575,
      0.2975,
      0.2375,
      0.1775,
      0.12,
      0.06,
      0
    ],
    "SoftwareVersions": "syngo_MR_E11",
    "SpacingBetweenSlices": 4,
    "StationName": "AWP67039",
    "TaskName": "sleep",
    "TotalReadoutTime": 0.0387103,
    "TxRefAmp": 312.208,
    "dataset": "ds003768",
    "modality": "bold",
    "run_id": 6,
    "subject_id": "11",
    "task_id": "sleep"
  },
  "dummy_trs": 0,
  "dvars_nstd": 26.43677888857478,
  "dvars_std": 1.2098783330373832,
  "dvars_vstd": 0.9693723449999997,
  "efc": 0.4799935656326425,
  "fber": 2530.54541015625,
  "fd_mean": 0.2953627360124223,
  "fd_num": 139,
  "fd_perc": 32.4009324009324,
  "fwhm_avg": 1.862264151665359,
  "fwhm_x": 1.837569853963069,
  "fwhm_y": 2.05417,
  "fwhm_z": 1.6950526010330083,
  "gcor": 0.0365312,
  "gsr_x": -0.009355059824883938,
  "gsr_y": 0.02509760670363903,
  "provenance": {
    "md5sum": "0c8e8e57b49e860fde509cffedd8f4b9",
    "settings": {
      "fd_thres": 0.2,
      "testing": false
    },
    "software": "mriqc",
    "version": "22.0.6",
    "webapi_port": null,
    "webapi_url": "https://mriqc.nimh.nih.gov/api/v1"
  },
  "size_t": 429,
  "size_x": 80,
  "size_y": 80,
  "size_z": 35,
  "snr": 6.697594440872327,
  "spacing_tr": 2.0999999046325684,
  "spacing_x": 3.000000238418579,
  "spacing_y": 3.0,
  "spacing_z": 3.999999761581421,
  "summary_bg_k": 32.10781235482637,
  "summary_bg_mad": 7.948683038189706,
  "summary_bg_mean": 35.00454330444336,
  "summary_bg_median": 13.596736907958984,
  "summary_bg_n": 150764.0,
  "summary_bg_p05": 6.02331018447876,
  "summary_bg_p95": 144.6396232604981,
  "summary_bg_stdv": 63.558963775634766,
  "summary_fg_k": 1.4800810419859074,
  "summary_fg_mad": 96.08228818280415,
  "summary_fg_mean": 694.9583740234375,
  "summary_fg_median": 687.9522705078125,
  "summary_fg_n": 32866.0,
  "summary_fg_p05": 542.5938568115234,
  "summary_fg_p95": 866.3199615478516,
  "summary_fg_stdv": 102.71475982666016,
  "tsnr": 54.58682782156393
}