{
  "aor": 0.004985152224824356,
  "aqi": 0.008452597540983606,
  "bids_meta": {
    "AcquisitionMatrixPE": 80,
    "AcquisitionNumber": 1,
    "AcquisitionTime": "15:31:38.625000",
    "BandwidthPerPixelPhaseEncode": 25.51,
    "BaseResolution": 80,
    "BodyPartExamined": "BRAIN",
    "ConsistencyInfo": "N4_VE11C_LATEST_20160120",
    "ConversionSoftware": "dcm2niix",
    "ConversionSoftwareVersion": "v1.0.20171215 (OpenJPEG build) GCC4.8.5",
    "DerivedVendorReportedEchoSpacing": 0.000490004,
    "DeviceSerialNumber": "67039",
    "DwellTime": 2.6e-06,
    "EchoTime": 0.025,
    "EchoTrainLength": 80,
    "EffectiveEchoSpacing": 0.000490004,
    "FlipAngle": 90,
    "ImageOrientationPatientDICOM": [
      0.993228,
      -0.0920209,
      0.0709213,
      0.0959869,
      0.993879,
      -0.0546991
    ],
    "ImageType": [
      "ORIGINAL",
      "PRIMARY",
      "M",
      "ND",
      "NORM",
      "MOSAIC"
    ],
    "InPlanePhaseEncodingDirectionDICOM": "COL",
    "InstitutionAddress": "University_Park_Chandlee_Laboratory_State_College_PA_US_16802",
    "InstitutionName": "PSU-SLEIC",
    "InstitutionalDepartmentName": "Department",
    "MRAcquisitionType": "2D",
    "MagneticFieldStrength": 3,
    "Manufacturer": "Siemens",
    "ManufacturersModelName": "Prisma_fit",
    "Modality": "MR",
    "PartialFourier": 1,
    "PatientPosition": "HFS",
    "PercentPhaseFOV": 100,
    "PhaseEncodingDirection": "j-",
    "PhaseEncodingSteps": 80,
    "PhaseResolution": 1,
    "PixelBandwidth": 2405,
    "ProcedureStepDescription": "Investigators_20_ch_xxl213",
    "ProtocolName": "sleep-onset-segment-3",
    "PulseSequenceDetails": "%CustomerSeq%_ep2d_bold_1066",
    "ReceiveCoilActiveElements": "HE1-4",
    "ReceiveCoilName": "HeadNeck_20",
    "ReconMatrixPE": 80,
    "RepetitionTime": 2.1,
    "SAR": 0.171575,
    "ScanOptions": "FS_RT",
    "ScanningSequence": "EP",
    "SequenceName": "ep10662d1_80",
    "SequenceVariant": "SK",
    "SeriesDescription": "sleep-onset-segment-3",
    "SeriesNumber": 26,
    "ShimSetting": [
      -1917,
      8278,
      9500,
      339,
      -46,
      -111,
      57,
      -17
    ],
    "SliceThickness": 4,
    "SliceTiming": [
      2.02,
      1.96,
      1.9025,
      1.8425,
      1.7825,
      1.7225,
      1.6625,
      1.605,
      1.545,
      1.485,
      1.425,
      1.3675,
      1.3075,
      1.2475,
      1.1875,
      1.13,
      1.07,
      1.01,
      0.95,
      0.89,
      0.8325,
      0.7725,
      0.7125,
      0.6525,
      0.595,
      0.535,
      0.475,
      0.415,
      0.3575,
      0.2975,
      0.2375,
      0.1775,
      0.1175,
      0.06,
      0
    ],
    "SoftwareVersions": "syngo_MR_E11",
    "SpacingBetweenSlices": 4,
    "StationName": "AWP67039",
    "TaskName": "sleep",
    "TotalReadoutTime": 0.0387103,
    "TxRefAmp": 312.208,
    "dataset": "ds003768",
    "modality": "bold",
    "run_id": 3,
    "subject_id": "11",
    "task_id": "sleep"
  },
  "dummy_trs": 2,
  "dvars_nstd": 22.78630397014087,
  "dvars_std": 1.3305862049765247,
  "dvars_vstd": 0.9797235434507047,
  "efc": 0.4821153169738149,
  "fber": 2476.177490234375,
  "fd_mean": 0.14542630141967586,
  "fd_num": 48,
  "fd_perc": 11.241217798594848,
  "fwhm_avg": 1.8455508185840206,
  "fwhm_x": 1.8239998550415155,
  "fwhm_y": 2.0230099999999998,
  "fwhm_z": 1.689642600710547,
  "gcor": 0.0334673,
  "gsr_x": -0.010237734764814377,
  "gsr_y": 0.025019239634275436,
  "provenance": {
    "md5sum": "6bdb1c0b273fe525d6b828bc767ef0b1",
    "settings": {
      "fd_thres": 0.2,
      "testing": false
    },
    "software": "mriqc",
    "version": "22.0.6",
    "webapi_port": null,
    "webapi_url": "https://mriqc.nimh.nih.gov/api/v1"
  },
  "size_t": 427,
  "size_x": 80,
  "size_y": 80,
  "size_z": 35,
  "snr": 6.647711737160075,
  "spacing_tr": 2.0999999046325684,
  "spacing_x": 3.000000238418579,
  "spacing_y": 3.0,
  "spacing_z": 3.999999761581421,
  "summary_bg_k": 35.330843572384325,
  "summary_bg_mad": 7.98591295668438,
  "summary_bg_mean": 35.50123977661133,
  "summary_bg_median": 13.695549964904785,
  "summary_bg_n": 150409.0,
  "summary_bg_p05": 6.100702285766602,
  "summary_bg_p95": 146.21638793945326,
  "summary_bg_stdv": 65.2281494140625,
  "summary_fg_k": 1.3579563627083937,
  "summary_fg_mad": 97.87255931872424,
  "summary_fg_mean": 692.5597534179688,
  "summary_fg_median": 685.3606567382812,
  "summary_fg_n": 33129.0,
  "summary_fg_p05": 540.0154174804687,
  "summary_fg_p95": 863.5718627929688,
  "summary_fg_stdv": 103.09567260742188,
  "tsnr": 73.16188704280648
}