{
  "bids_meta": {
    "AcquisitionMatrixPE": 256,
    "AcquisitionNumber": 1,
    "AcquisitionTime": "16:25:21.765000",
    "BaseResolution": 256,
    "BodyPartExamined": "BRAIN",
    "ConsistencyInfo": "N4_VE11C_LATEST_20160120",
    "ConversionSoftware": "dcm2niix",
    "ConversionSoftwareVersion": "v1.0.20171215 (OpenJPEG build) GCC4.8.5",
    "DeviceSerialNumber": "67039",
    "DwellTime": 9.8e-06,
    "EchoTime": 0.00228,
    "FlipAngle": 8,
    "ImageOrientationPatientDICOM": [
      -0.0951841,
      0.994428,
      0.045314,
      0.041976,
      0.0494898,
      -0.997892
    ],
    "ImageType": [
      "ORIGINAL",
      "PRIMARY",
      "M",
      "NORM",
      "DIS2D"
    ],
    "InPlanePhaseEncodingDirectionDICOM": "ROW",
    "InstitutionAddress": "University_Park_Chandlee_Laboratory_State_College_PA_US_16802",
    "InstitutionName": "Penn_State_SLEIC",
    "InstitutionalDepartmentName": "Department",
    "InversionTime": 0.9,
    "MRAcquisitionType": "3D",
    "MagneticFieldStrength": 3,
    "Manufacturer": "Siemens",
    "ManufacturersModelName": "Prisma_fit",
    "Modality": "MR",
    "ParallelReductionFactorInPlane": 2,
    "PartialFourier": 1,
    "PatientPosition": "HFS",
    "PercentPhaseFOV": 100,
    "PhaseEncodingSteps": 255,
    "PhaseResolution": 1,
    "PixelBandwidth": 200,
    "ProcedureStepDescription": "Investigators_20_ch_xxl213",
    "ProtocolName": "t1_mprage_sag_p2_iso_2300",
    "PulseSequenceDetails": "%SiemensSeq%_tfl",
    "ReceiveCoilActiveElements": "HE1-4;NE1,2",
    "ReceiveCoilName": "HeadNeck_20",
    "ReconMatrixPE": 256,
    "RepetitionTime": 2.3,
    "SAR": 0.0862734,
    "ScanOptions": "IR",
    "ScanningSequence": "GR_IR",
    "SequenceName": "_tfl3d1_16ns",
    "SequenceVariant": "SK_SP_MP",
    "SeriesDescription": "t1_mprage_sag_p2_iso_2300",
    "SeriesNumber": 6,
    "ShimSetting": [
      -1941,
      8275,
      9263,
      132,
      -19,
      -59,
      -30,
      9
    ],
    "SliceThickness": 1,
    "SoftwareVersions": "syngo_MR_E11",
    "StationName": "AWP67039",
    "TxRefAmp": 309.382,
    "dataset": "ds003768",
    "modality": "T1w",
    "subject_id": "18"
  },
  "cjv": 0.34412804550154474,
  "cnr": 4.004517750380022,
  "efc": 0.5133096066607945,
  "fber": 15114.653402777778,
  "fwhm_avg": 4.374442294799434,
  "fwhm_x": 4.355926884398304,
  "fwhm_y": 4.39369,
  "fwhm_z": 4.37371,
  "icvs_csf": 0.1968445812979354,
  "icvs_gm": 0.4572182596531329,
  "icvs_wm": 0.3459371590489317,
  "inu_med": 0.6279760003089905,
  "inu_range": 0.3506928801536559,
  "provenance": {
    "md5sum": "4c58e8ab2d563514e7eed4a277b4ca91",
    "settings": {
      "testing": false
    },
    "software": "mriqc",
    "version": "22.0.6",
    "warnings": {
      "large_rot_frame": true,
      "small_air_mask": false
    },
    "webapi_port": null,
    "webapi_url": "https://mriqc.nimh.nih.gov/api/v1"
  },
  "qi_1": 0.00010529026870575795,
  "qi_2": 0.011568741316763585,
  "rpve_csf": 26.513285546954574,
  "rpve_gm": 12.553164932113194,
  "rpve_wm": 18.57925807655313,
  "size_x": 192,
  "size_y": 256,
  "size_z": 256,
  "snr_csf": 2.168760228590294,
  "snr_gm": 12.564396279961752,
  "snr_total": 11.859982549491841,
  "snr_wm": 20.84679113992348,
  "snrd_csf": 20.301475485542543,
  "snrd_gm": 53.743555840352,
  "snrd_total": 50.16805736131882,
  "snrd_wm": 76.45914075806192,
  "spacing_x": 1.0000007152557373,
  "spacing_y": 1.0,
  "spacing_z": 1.0,
  "summary_bg_k": 15.86348961113314,
  "summary_bg_mad": 0.0,
  "summary_bg_mean": 4.829311355931887,
  "summary_bg_median": 0.0,
  "summary_bg_n": 4153400.0,
  "summary_bg_p05": 0.0,
  "summary_bg_p95": 22.46973419189453,
  "summary_bg_stdv": 8.568451190063769,
  "summary_csf_k": 0.05727887544724641,
  "summary_csf_mad": 118.46458686965758,
  "summary_csf_mean": 275.9121342493947,
  "summary_csf_median": 265.5205874443054,
  "summary_csf_n": 30075.0,
  "summary_csf_p05": 83.2929801940918,
  "summary_csf_p95": 491.8305202007293,
  "summary_csf_stdv": 122.4276292049315,
  "summary_gm_k": 0.0196013717869441,
  "summary_gm_mad": 55.78605090771148,
  "summary_gm_mean": 701.911361925501,
  "summary_gm_median": 702.9055857658386,
  "summary_gm_n": 50290.0,
  "summary_gm_p05": 607.3607892990112,
  "summary_gm_p95": 791.4770164489746,
  "summary_gm_stdv": 55.94368257308813,
  "summary_wm_k": 0.40133065129800505,
  "summary_wm_mad": 46.452477396768764,
  "summary_wm_mean": 1000.6220200867951,
  "summary_wm_median": 1000.0000238418579,
  "summary_wm_n": 201736.0,
  "summary_wm_p05": 923.0508694648743,
  "summary_wm_p95": 1079.6126165390015,
  "summary_wm_stdv": 47.968895483243315,
  "tpm_overlap_csf": 0.15906263507076915,
  "tpm_overlap_gm": 0.46959099954545097,
  "tpm_overlap_wm": 0.5079847800775902,
  "wm2max": 0.39025187110889137
}