{
  "bids_meta": {
    "AcquisitionMatrixPE": 256,
    "AcquisitionNumber": 1,
    "AcquisitionTime": "16:32:30.727500",
    "BaseResolution": 256,
    "BodyPartExamined": "BRAIN",
    "ConsistencyInfo": "N4_VE11C_LATEST_20160120",
    "ConversionSoftware": "dcm2niix",
    "ConversionSoftwareVersion": "v1.0.20171215 (OpenJPEG build) GCC4.8.5",
    "DeviceSerialNumber": "67039",
    "DwellTime": 9.8e-06,
    "EchoTime": 0.00228,
    "FlipAngle": 8,
    "ImageOrientationPatientDICOM": [
      -0.0230002,
      0.999589,
      -0.0171004,
      0.0191791,
      -0.0166606,
      -0.999677
    ],
    "ImageType": [
      "ORIGINAL",
      "PRIMARY",
      "M",
      "NORM",
      "DIS2D"
    ],
    "InPlanePhaseEncodingDirectionDICOM": "ROW",
    "InstitutionAddress": "University_Park_Chandlee_Laboratory_State_College_PA_US_16802",
    "InstitutionName": "Penn_State_SLEIC",
    "InstitutionalDepartmentName": "Department",
    "InversionTime": 0.9,
    "MRAcquisitionType": "3D",
    "MagneticFieldStrength": 3,
    "Manufacturer": "Siemens",
    "ManufacturersModelName": "Prisma_fit",
    "Modality": "MR",
    "ParallelReductionFactorInPlane": 2,
    "PartialFourier": 1,
    "PatientPosition": "HFS",
    "PercentPhaseFOV": 100,
    "PhaseEncodingSteps": 255,
    "PhaseResolution": 1,
    "PixelBandwidth": 200,
    "ProcedureStepDescription": "Investigators_20_ch_xxl213",
    "ProtocolName": "t1_mprage_sag_p2_iso_2300",
    "PulseSequenceDetails": "%SiemensSeq%_tfl",
    "ReceiveCoilActiveElements": "HE1-4;NE1,2",
    "ReceiveCoilName": "HeadNeck_20",
    "ReconMatrixPE": 256,
    "RepetitionTime": 2.3,
    "SAR": 0.0672382,
    "ScanOptions": "IR",
    "ScanningSequence": "GR_IR",
    "SequenceName": "_tfl3d1_16ns",
    "SequenceVariant": "SK_SP_MP",
    "SeriesDescription": "t1_mprage_sag_p2_iso_2300",
    "SeriesNumber": 11,
    "ShimSetting": [
      -1941,
      8275,
      9263,
      132,
      -19,
      -59,
      -30,
      9
    ],
    "SliceThickness": 1,
    "SoftwareVersions": "syngo_MR_E11",
    "StationName": "AWP67039",
    "TxRefAmp": 258.926,
    "dataset": "ds003768",
    "modality": "T1w",
    "subject_id": "22"
  },
  "cjv": 0.32923341212646573,
  "cnr": 4.158112866145429,
  "efc": 0.5087952581080648,
  "fber": 17159.12862244898,
  "fwhm_avg": 4.25555542509192,
  "fwhm_x": 4.21126627527576,
  "fwhm_y": 4.28787,
  "fwhm_z": 4.26753,
  "icvs_csf": 0.2161410280210414,
  "icvs_gm": 0.43950357954240593,
  "icvs_wm": 0.34435539243655267,
  "inu_med": 0.5223616361618042,
  "inu_range": 0.18755072355270386,
  "provenance": {
    "md5sum": "ae63cab8478100a7fd5776c1ad4d931b",
    "settings": {
      "testing": false
    },
    "software": "mriqc",
    "version": "22.0.6",
    "warnings": {
      "large_rot_frame": true,
      "small_air_mask": false
    },
    "webapi_port": null,
    "webapi_url": "https://mriqc.nimh.nih.gov/api/v1"
  },
  "qi_1": 9.762558148859587e-05,
  "qi_2": 0.020169271109018203,
  "rpve_csf": 25.879397328362845,
  "rpve_gm": 13.434234390123883,
  "rpve_wm": 19.90825476352663,
  "size_x": 192,
  "size_y": 256,
  "size_z": 256,
  "snr_csf": 1.9077862859351777,
  "snr_gm": 11.140448303965565,
  "snr_total": 12.603182895010727,
  "snr_wm": 24.761314095131443,
  "snrd_csf": 20.229098053868015,
  "snrd_gm": 63.02167738575631,
  "snrd_total": 58.15837900210577,
  "snrd_wm": 91.22436156669298,
  "spacing_x": 0.9999985098838806,
  "spacing_y": 1.0,
  "spacing_z": 1.0,
  "summary_bg_k": 35.535839766713345,
  "summary_bg_mad": 0.0,
  "summary_bg_mean": 4.6610536872802,
  "summary_bg_median": 0.0,
  "summary_bg_n": 3774491.0,
  "summary_bg_p05": 0.0,
  "summary_bg_p95": 17.473954029381275,
  "summary_bg_stdv": 7.181594980166058,
  "summary_csf_k": 0.06068926074675218,
  "summary_csf_mad": 110.97160013185643,
  "summary_csf_mean": 245.2789422821422,
  "summary_csf_median": 221.7510567829013,
  "summary_csf_n": 33982.0,
  "summary_csf_p05": 89.49004071950912,
  "summary_csf_p95": 459.2926458733155,
  "summary_csf_stdv": 116.23303701331304,
  "summary_gm_k": -0.04727309879688191,
  "summary_gm_mad": 62.54516559324168,
  "summary_gm_mean": 689.3974659212566,
  "summary_gm_median": 690.8426427766681,
  "summary_gm_n": 47940.0,
  "summary_gm_p05": 585.5218577215448,
  "summary_gm_p95": 788.5213146731257,
  "summary_gm_stdv": 62.011457582819965,
  "summary_wm_k": 0.3020327072384976,
  "summary_wm_mad": 39.23977460095925,
  "summary_wm_mean": 999.9323079358322,
  "summary_wm_median": 1000.0000260956585,
  "summary_wm_n": 198069.0,
  "summary_wm_p05": 933.6501797288656,
  "summary_wm_p95": 1065.9111957922578,
  "summary_wm_stdv": 40.385477841671005,
  "tpm_overlap_csf": 0.15589794693490458,
  "tpm_overlap_gm": 0.48001343650367423,
  "tpm_overlap_wm": 0.5304051922911233,
  "wm2max": 0.49200525189301964
}