{
  "bids_meta": {
    "AcquisitionMatrixPE": 256,
    "AcquisitionNumber": 1,
    "AcquisitionTime": "14:21:40.677500",
    "BaseResolution": 256,
    "BodyPartExamined": "BRAIN",
    "ConsistencyInfo": "N4_VE11C_LATEST_20160120",
    "ConversionSoftware": "dcm2niix",
    "ConversionSoftwareVersion": "v1.0.20171215 (OpenJPEG build) GCC4.8.5",
    "DeviceSerialNumber": "67039",
    "DwellTime": 9.8e-06,
    "EchoTime": 0.00228,
    "FlipAngle": 8,
    "ImageOrientationPatientDICOM": [
      -0.0930586,
      0.995639,
      -0.00662899,
      0.0314087,
      -0.00371904,
      -0.9995
    ],
    "ImageType": [
      "ORIGINAL",
      "PRIMARY",
      "M",
      "NORM",
      "DIS2D"
    ],
    "InPlanePhaseEncodingDirectionDICOM": "ROW",
    "InstitutionAddress": "University_Park_Chandlee_Laboratory_State_College_PA_US_16802",
    "InstitutionName": "Penn_State_SLEIC",
    "InstitutionalDepartmentName": "Department",
    "InversionTime": 0.9,
    "MRAcquisitionType": "3D",
    "MagneticFieldStrength": 3,
    "Manufacturer": "Siemens",
    "ManufacturersModelName": "Prisma_fit",
    "Modality": "MR",
    "ParallelReductionFactorInPlane": 2,
    "PartialFourier": 1,
    "PatientPosition": "HFS",
    "PercentPhaseFOV": 100,
    "PhaseEncodingSteps": 255,
    "PhaseResolution": 1,
    "PixelBandwidth": 200,
    "ProcedureStepDescription": "Investigators_20_ch_xxl213",
    "ProtocolName": "t1_mprage_sag_p2_iso_2300",
    "PulseSequenceDetails": "%SiemensSeq%_tfl",
    "ReceiveCoilActiveElements": "HE1-4;NE1,2",
    "ReceiveCoilName": "HeadNeck_20",
    "ReconMatrixPE": 256,
    "RepetitionTime": 2.3,
    "SAR": 0.0901131,
    "ScanOptions": "IR",
    "ScanningSequence": "GR_IR",
    "SequenceName": "_tfl3d1_16ns",
    "SequenceVariant": "SK_SP_MP",
    "SeriesDescription": "t1_mprage_sag_p2_iso_2300",
    "SeriesNumber": 13,
    "ShimSetting": [
      -1941,
      8275,
      9263,
      132,
      -19,
      -59,
      -30,
      9
    ],
    "SliceThickness": 1,
    "SoftwareVersions": "syngo_MR_E11",
    "StationName": "AWP67039",
    "TxRefAmp": 316.394,
    "dataset": "ds003768",
    "modality": "T1w",
    "subject_id": "32"
  },
  "cjv": 0.32543778049154093,
  "cnr": 4.263300316891785,
  "efc": 0.5166350475551459,
  "fber": -1.0,
  "fwhm_avg": 4.38793045110344,
  "fwhm_x": 4.32902135331032,
  "fwhm_y": 4.35552,
  "fwhm_z": 4.47925,
  "icvs_csf": 0.2020544086632069,
  "icvs_gm": 0.44929487875692564,
  "icvs_wm": 0.34865071257986746,
  "inu_med": 0.6100208163261414,
  "inu_range": 0.3423623979091644,
  "provenance": {
    "md5sum": "ea3f3f4ab0c12b5418d7c806f23fb6d9",
    "settings": {
      "testing": false
    },
    "software": "mriqc",
    "version": "22.0.6",
    "warnings": {
      "large_rot_frame": true,
      "small_air_mask": false
    },
    "webapi_port": null,
    "webapi_url": "https://mriqc.nimh.nih.gov/api/v1"
  },
  "qi_1": 1.5334261713349636e-06,
  "qi_2": 0.015342433293950374,
  "rpve_csf": 25.79054708390547,
  "rpve_gm": 12.62004289152755,
  "rpve_wm": 18.689146101377197,
  "size_x": 192,
  "size_y": 256,
  "size_z": 256,
  "snr_csf": 2.4465562072915548,
  "snr_gm": 11.428661919632557,
  "snr_total": 12.638138754091377,
  "snr_wm": 24.03919813535002,
  "snrd_csf": 22.453748345156654,
  "snrd_gm": 61.64290475114677,
  "snrd_total": 57.9482289962744,
  "snrd_wm": 89.74803389251979,
  "spacing_x": 0.9999973773956299,
  "spacing_y": 1.0,
  "spacing_z": 1.0,
  "summary_bg_k": 143.17798711207203,
  "summary_bg_mad": 0.0,
  "summary_bg_mean": 3.8970024566438433,
  "summary_bg_median": 0.0,
  "summary_bg_n": 4308334.0,
  "summary_bg_p05": 0.0,
  "summary_bg_p95": 17.90599286556244,
  "summary_bg_stdv": 7.299729555413238,
  "summary_csf_k": 0.4241302455192191,
  "summary_csf_mad": 97.48818998769856,
  "summary_csf_mean": 259.1985439579624,
  "summary_csf_median": 250.18651142716408,
  "summary_csf_n": 38091.0,
  "summary_csf_p05": 105.42153299599886,
  "summary_csf_p95": 444.59088119119406,
  "summary_csf_stdv": 102.25934176237831,
  "summary_gm_k": -0.10318387417921215,
  "summary_gm_mad": 61.42788370631838,
  "summary_gm_mean": 687.2903416173733,
  "summary_gm_median": 686.8440430015326,
  "summary_gm_n": 48038.0,
  "summary_gm_p05": 589.8035094439983,
  "summary_gm_p95": 786.3715200126171,
  "summary_gm_stdv": 60.09775237279571,
  "summary_wm_k": 0.2748461506541604,
  "summary_wm_mad": 40.48488373921824,
  "summary_wm_mean": 1000.1616845476486,
  "summary_wm_median": 999.9999626725912,
  "summary_wm_n": 209388.0,
  "summary_wm_p05": 932.404839605093,
  "summary_wm_p95": 1068.8385574668646,
  "summary_wm_stdv": 41.59862442698868,
  "tpm_overlap_csf": 0.15321571754573834,
  "tpm_overlap_gm": 0.46518297883750415,
  "tpm_overlap_wm": 0.5012316551046663,
  "wm2max": 0.3893299767621998
}