{
  "aor": 0.03820573426573426,
  "aqi": 0.015052051282051284,
  "bids_meta": {
    "AcquisitionMatrixPE": 80,
    "AcquisitionNumber": 1,
    "AcquisitionTime": "15:15:36.152500",
    "BandwidthPerPixelPhaseEncode": 25.51,
    "BaseResolution": 80,
    "BodyPartExamined": "BRAIN",
    "ConsistencyInfo": "N4_VE11C_LATEST_20160120",
    "ConversionSoftware": "dcm2niix",
    "ConversionSoftwareVersion": "v1.0.20171215 (OpenJPEG build) GCC4.8.5",
    "DerivedVendorReportedEchoSpacing": 0.000490004,
    "DeviceSerialNumber": "67039",
    "DwellTime": 2.6e-06,
    "EchoTime": 0.025,
    "EchoTrainLength": 80,
    "EffectiveEchoSpacing": 0.000490004,
    "FlipAngle": 90,
    "ImageOrientationPatientDICOM": [
      0.993228,
      -0.0920209,
      0.0709213,
      0.0959869,
      0.993879,
      -0.0546991
    ],
    "ImageType": [
      "ORIGINAL",
      "PRIMARY",
      "M",
      "ND",
      "NORM",
      "MOSAIC"
    ],
    "InPlanePhaseEncodingDirectionDICOM": "COL",
    "InstitutionAddress": "University_Park_Chandlee_Laboratory_State_College_PA_US_16802",
    "InstitutionName": "PSU-SLEIC",
    "InstitutionalDepartmentName": "Department",
    "MRAcquisitionType": "2D",
    "MagneticFieldStrength": 3,
    "Manufacturer": "Siemens",
    "ManufacturersModelName": "Prisma_fit",
    "Modality": "MR",
    "PartialFourier": 1,
    "PatientPosition": "HFS",
    "PercentPhaseFOV": 100,
    "PhaseEncodingDirection": "j-",
    "PhaseEncodingSteps": 80,
    "PhaseResolution": 1,
    "PixelBandwidth": 2405,
    "ProcedureStepDescription": "Investigators_20_ch_xxl213",
    "ProtocolName": "sleep-onset-segment-2",
    "PulseSequenceDetails": "%CustomerSeq%_ep2d_bold_1066",
    "ReceiveCoilActiveElements": "HE1-4",
    "ReceiveCoilName": "HeadNeck_20",
    "ReconMatrixPE": 80,
    "RepetitionTime": 2.1,
    "SAR": 0.171575,
    "ScanOptions": "FS_RT",
    "ScanningSequence": "EP",
    "SequenceName": "ep10662d1_80",
    "SequenceVariant": "SK",
    "SeriesDescription": "sleep-onset-segment-2",
    "SeriesNumber": 24,
    "ShimSetting": [
      -1917,
      8278,
      9500,
      339,
      -46,
      -111,
      57,
      -17
    ],
    "SliceThickness": 4,
    "SliceTiming": [
      2.02,
      1.96,
      1.9,
      1.8425,
      1.7825,
      1.7225,
      1.6625,
      1.605,
      1.545,
      1.485,
      1.425,
      1.3675,
      1.3075,
      1.2475,
      1.1875,
      1.1275,
      1.07,
      1.01,
      0.95,
      0.89,
      0.8325,
      0.7725,
      0.7125,
      0.6525,
      0.595,
      0.535,
      0.475,
      0.415,
      0.3575,
      0.2975,
      0.2375,
      0.1775,
      0.1175,
      0.06,
      0
    ],
    "SoftwareVersions": "syngo_MR_E11",
    "SpacingBetweenSlices": 4,
    "StationName": "AWP67039",
    "TaskName": "sleep",
    "TotalReadoutTime": 0.0387103,
    "TxRefAmp": 312.208,
    "dataset": "ds003768",
    "modality": "bold",
    "run_id": 2,
    "subject_id": "11",
    "task_id": "sleep"
  },
  "dummy_trs": 0,
  "dvars_nstd": 23.961478188878516,
  "dvars_std": 1.6747980567990635,
  "dvars_vstd": 1.293285885981308,
  "efc": 0.4849029210507649,
  "fber": 2450.096923828125,
  "fd_mean": 0.17785283175395955,
  "fd_num": 74,
  "fd_perc": 17.24941724941725,
  "fwhm_avg": 1.8517344286187545,
  "fwhm_x": 1.8327698543445385,
  "fwhm_y": 2.075273333333333,
  "fwhm_z": 1.6471600981783925,
  "gcor": 0.0251912,
  "gsr_x": -0.011852705851197243,
  "gsr_y": 0.023591674864292145,
  "provenance": {
    "md5sum": "6e9c0838d3429722adc5b29a9693ef2b",
    "settings": {
      "fd_thres": 0.2,
      "testing": false
    },
    "software": "mriqc",
    "version": "22.0.6",
    "webapi_port": null,
    "webapi_url": "https://mriqc.nimh.nih.gov/api/v1"
  },
  "size_t": 429,
  "size_x": 80,
  "size_y": 80,
  "size_z": 35,
  "snr": 6.608979704392991,
  "spacing_tr": 2.0999999046325684,
  "spacing_x": 3.000000238418579,
  "spacing_y": 3.0,
  "spacing_z": 3.999999761581421,
  "summary_bg_k": 33.34588255060271,
  "summary_bg_mad": 8.47398812492455,
  "summary_bg_mean": 36.42372131347656,
  "summary_bg_median": 13.806527137756348,
  "summary_bg_n": 150273.0,
  "summary_bg_p05": 5.895104885101318,
  "summary_bg_p95": 149.42517700195305,
  "summary_bg_stdv": 66.0146255493164,
  "summary_fg_k": 1.1898963790140975,
  "summary_fg_mad": 97.8482625233343,
  "summary_fg_mean": 689.52880859375,
  "summary_fg_median": 682.1258544921875,
  "summary_fg_n": 33302.0,
  "summary_fg_p05": 535.4103942871094,
  "summary_fg_p95": 861.3967559814452,
  "summary_fg_stdv": 103.2104263305664,
  "tsnr": 53.31140841753222
}