{
  "aor": 0.001336083916083916,
  "aqi": 0.004957878531468531,
  "bids_meta": {
    "AcquisitionMatrixPE": 80,
    "AcquisitionNumber": 1,
    "AcquisitionTime": "14:48:17.665000",
    "BandwidthPerPixelPhaseEncode": 25.51,
    "BaseResolution": 80,
    "BodyPartExamined": "BRAIN",
    "ConsistencyInfo": "N4_VE11C_LATEST_20160120",
    "ConversionSoftware": "dcm2niix",
    "ConversionSoftwareVersion": "v1.0.20171215 (OpenJPEG build) GCC4.8.5",
    "DerivedVendorReportedEchoSpacing": 0.000490004,
    "DeviceSerialNumber": "67039",
    "DwellTime": 2.6e-06,
    "EchoTime": 0.025,
    "EchoTrainLength": 80,
    "EffectiveEchoSpacing": 0.000490004,
    "FlipAngle": 90,
    "ImageOrientationPatientDICOM": [
      0.993228,
      -0.0920209,
      0.0709213,
      0.0959869,
      0.993879,
      -0.0546991
    ],
    "ImageType": [
      "ORIGINAL",
      "PRIMARY",
      "M",
      "ND",
      "NORM",
      "MOSAIC"
    ],
    "InPlanePhaseEncodingDirectionDICOM": "COL",
    "InstitutionAddress": "University_Park_Chandlee_Laboratory_State_College_PA_US_16802",
    "InstitutionName": "PSU-SLEIC",
    "InstitutionalDepartmentName": "Department",
    "MRAcquisitionType": "2D",
    "MagneticFieldStrength": 3,
    "Manufacturer": "Siemens",
    "ManufacturersModelName": "Prisma_fit",
    "Modality": "MR",
    "PartialFourier": 1,
    "PatientPosition": "HFS",
    "PercentPhaseFOV": 100,
    "PhaseEncodingDirection": "j-",
    "PhaseEncodingSteps": 80,
    "PhaseResolution": 1,
    "PixelBandwidth": 2405,
    "ProcedureStepDescription": "Investigators_20_ch_xxl213",
    "ProtocolName": "resting-post-motor",
    "PulseSequenceDetails": "%CustomerSeq%_ep2d_bold_1066",
    "ReceiveCoilActiveElements": "HE1-4",
    "ReceiveCoilName": "HeadNeck_20",
    "ReconMatrixPE": 80,
    "RepetitionTime": 2.1,
    "SAR": 0.171575,
    "ScanOptions": "FS_RT",
    "ScanningSequence": "EP",
    "SequenceName": "ep10662d1_80",
    "SequenceVariant": "SK",
    "SeriesDescription": "resting-post-motor",
    "SeriesNumber": 20,
    "ShimSetting": [
      -1917,
      8278,
      9500,
      339,
      -46,
      -111,
      57,
      -17
    ],
    "SliceThickness": 4,
    "SliceTiming": [
      2.02,
      1.96,
      1.9,
      1.84,
      1.7825,
      1.7225,
      1.6625,
      1.6025,
      1.545,
      1.485,
      1.425,
      1.365,
      1.305,
      1.2475,
      1.1875,
      1.1275,
      1.0675,
      1.01,
      0.95,
      0.89,
      0.83,
      0.7725,
      0.7125,
      0.6525,
      0.5925,
      0.5325,
      0.475,
      0.415,
      0.355,
      0.295,
      0.2375,
      0.1775,
      0.1175,
      0.0575,
      0
    ],
    "SoftwareVersions": "syngo_MR_E11",
    "SpacingBetweenSlices": 4,
    "StationName": "AWP67039",
    "TaskName": "rest",
    "TotalReadoutTime": 0.0387103,
    "TxRefAmp": 312.208,
    "dataset": "ds003768",
    "modality": "bold",
    "run_id": 2,
    "subject_id": "11",
    "task_id": "rest"
  },
  "dummy_trs": 0,
  "dvars_nstd": 23.648065921333323,
  "dvars_std": 1.5484305446315791,
  "dvars_vstd": 1.0118132774035085,
  "efc": 0.4846587220094459,
  "fber": 2398.377197265625,
  "fd_mean": 0.08921506843021307,
  "fd_num": 5,
  "fd_perc": 1.7482517482517483,
  "fwhm_avg": 1.8479547078277891,
  "fwhm_x": 1.8141698558227337,
  "fwhm_y": 2.0352966666666665,
  "fwhm_z": 1.6943976009939672,
  "gcor": 0.0394262,
  "gsr_x": -0.012487451545894146,
  "gsr_y": 0.023204172030091286,
  "provenance": {
    "md5sum": "5abac49e6c0b81299a23820b06a1ae19",
    "settings": {
      "fd_thres": 0.2,
      "testing": false
    },
    "software": "mriqc",
    "version": "22.0.6",
    "webapi_port": null,
    "webapi_url": "https://mriqc.nimh.nih.gov/api/v1"
  },
  "size_t": 286,
  "size_x": 80,
  "size_y": 80,
  "size_z": 35,
  "snr": 6.647795803815471,
  "spacing_tr": 2.0999999046325684,
  "spacing_x": 3.000000238418579,
  "spacing_y": 3.0,
  "spacing_z": 3.999999761581421,
  "summary_bg_k": 32.69178087386777,
  "summary_bg_mad": 8.351300902346548,
  "summary_bg_mean": 35.65868377685547,
  "summary_bg_median": 13.849650382995605,
  "summary_bg_n": 150138.0,
  "summary_bg_p05": 6.024475574493408,
  "summary_bg_p95": 146.56800918579094,
  "summary_bg_stdv": 64.99353790283203,
  "summary_fg_k": 1.1009277252489156,
  "summary_fg_mad": 98.02802261287663,
  "summary_fg_mean": 687.1553344726562,
  "summary_fg_median": 681.2902221679688,
  "summary_fg_n": 33433.0,
  "summary_fg_p05": 531.9251586914063,
  "summary_fg_p95": 855.6635986328124,
  "summary_fg_stdv": 102.48209381103516,
  "tsnr": 95.34890160430223
}