{
  "aor": 0.0035303846153846154,
  "aqi": 0.00477414493006993,
  "bids_meta": {
    "AcquisitionMatrixPE": 80,
    "AcquisitionNumber": 1,
    "AcquisitionTime": "14:25:40.652500",
    "BandwidthPerPixelPhaseEncode": 25.51,
    "BaseResolution": 80,
    "BodyPartExamined": "BRAIN",
    "ConsistencyInfo": "N4_VE11C_LATEST_20160120",
    "ConversionSoftware": "dcm2niix",
    "ConversionSoftwareVersion": "v1.0.20171215 (OpenJPEG build) GCC4.8.5",
    "DerivedVendorReportedEchoSpacing": 0.000490004,
    "DeviceSerialNumber": "67039",
    "DwellTime": 2.6e-06,
    "EchoTime": 0.025,
    "EchoTrainLength": 80,
    "EffectiveEchoSpacing": 0.000490004,
    "FlipAngle": 90,
    "ImageOrientationPatientDICOM": [
      0.993228,
      -0.0920209,
      0.0709213,
      0.0959869,
      0.993879,
      -0.0546991
    ],
    "ImageType": [
      "ORIGINAL",
      "PRIMARY",
      "M",
      "ND",
      "NORM",
      "MOSAIC"
    ],
    "InPlanePhaseEncodingDirectionDICOM": "COL",
    "InstitutionAddress": "University_Park_Chandlee_Laboratory_State_College_PA_US_16802",
    "InstitutionName": "PSU-SLEIC",
    "InstitutionalDepartmentName": "Department",
    "MRAcquisitionType": "2D",
    "MagneticFieldStrength": 3,
    "Manufacturer": "Siemens",
    "ManufacturersModelName": "Prisma_fit",
    "Modality": "MR",
    "PartialFourier": 1,
    "PatientPosition": "HFS",
    "PercentPhaseFOV": 100,
    "PhaseEncodingDirection": "j-",
    "PhaseEncodingSteps": 80,
    "PhaseResolution": 1,
    "PixelBandwidth": 2405,
    "ProcedureStepDescription": "Investigators_20_ch_xxl213",
    "ProtocolName": "resting-pre-motor",
    "PulseSequenceDetails": "%CustomerSeq%_ep2d_bold_1066",
    "ReceiveCoilActiveElements": "HE1-4",
    "ReceiveCoilName": "HeadNeck_20",
    "ReconMatrixPE": 80,
    "RepetitionTime": 2.1,
    "SAR": 0.171575,
    "ScanOptions": "FS_RT",
    "ScanningSequence": "EP",
    "SequenceName": "ep10662d1_80",
    "SequenceVariant": "SK",
    "SeriesDescription": "resting-pre-motor",
    "SeriesNumber": 16,
    "ShimSetting": [
      -1917,
      8278,
      9500,
      339,
      -46,
      -111,
      57,
      -17
    ],
    "SliceThickness": 4,
    "SliceTiming": [
      2.02,
      1.96,
      1.9025,
      1.8425,
      1.7825,
      1.7225,
      1.665,
      1.605,
      1.545,
      1.485,
      1.4275,
      1.3675,
      1.3075,
      1.2475,
      1.1875,
      1.13,
      1.07,
      1.01,
      0.95,
      0.8925,
      0.8325,
      0.7725,
      0.7125,
      0.655,
      0.595,
      0.535,
      0.475,
      0.415,
      0.3575,
      0.2975,
      0.2375,
      0.1775,
      0.12,
      0.06,
      0
    ],
    "SoftwareVersions": "syngo_MR_E11",
    "SpacingBetweenSlices": 4,
    "StationName": "AWP67039",
    "TaskName": "rest",
    "TotalReadoutTime": 0.0387103,
    "TxRefAmp": 312.208,
    "dataset": "ds003768",
    "modality": "bold",
    "run_id": 1,
    "subject_id": "11",
    "task_id": "rest"
  },
  "dummy_trs": 0,
  "dvars_nstd": 22.270774951719304,
  "dvars_std": 1.536596472561403,
  "dvars_vstd": 1.0477773187017554,
  "efc": 0.4841827599890972,
  "fber": 2409.982421875,
  "fd_mean": 0.08394619582751148,
  "fd_num": 7,
  "fd_perc": 2.4475524475524475,
  "fwhm_avg": 1.837523874458047,
  "fwhm_x": 1.804389856599978,
  "fwhm_y": 2.0286566666666666,
  "fwhm_z": 1.679525100107497,
  "gcor": 0.0274975,
  "gsr_x": -0.011937044560909271,
  "gsr_y": 0.02285524271428585,
  "provenance": {
    "md5sum": "a8cc635a04e9a2ebaa5c8f6d73da6834",
    "settings": {
      "fd_thres": 0.2,
      "testing": false
    },
    "software": "mriqc",
    "version": "22.0.6",
    "webapi_port": null,
    "webapi_url": "https://mriqc.nimh.nih.gov/api/v1"
  },
  "size_t": 286,
  "size_x": 80,
  "size_y": 80,
  "size_z": 35,
  "snr": 6.594981350055199,
  "spacing_tr": 2.0999999046325684,
  "spacing_x": 3.000000238418579,
  "spacing_y": 3.0,
  "spacing_z": 3.999999761581421,
  "summary_bg_k": 32.3185535643466,
  "summary_bg_mad": 8.195783879247191,
  "summary_bg_mean": 35.5323486328125,
  "summary_bg_median": 13.790209770202637,
  "summary_bg_n": 150169.0,
  "summary_bg_p05": 6.041957855224609,
  "summary_bg_p95": 145.36363220214844,
  "summary_bg_stdv": 64.8035659790039,
  "summary_fg_k": 1.216210990662618,
  "summary_fg_mad": 98.0849413625983,
  "summary_fg_mean": 685.7589111328125,
  "summary_fg_median": 679.4580078125,
  "summary_fg_n": 33323.0,
  "summary_fg_p05": 529.9902160644531,
  "summary_fg_p95": 855.3482666015625,
  "summary_fg_stdv": 103.02497863769531,
  "tsnr": 100.37511334614828
}