{
  "aor": 0.0026936130536130538,
  "aqi": 0.011475956107226107,
  "bids_meta": {
    "AcquisitionMatrixPE": 80,
    "AcquisitionNumber": 1,
    "AcquisitionTime": "15:43:48.272500",
    "BandwidthPerPixelPhaseEncode": 25.51,
    "BaseResolution": 80,
    "BodyPartExamined": "BRAIN",
    "ConsistencyInfo": "N4_VE11C_LATEST_20160120",
    "ConversionSoftware": "dcm2niix",
    "ConversionSoftwareVersion": "v1.0.20171215 (OpenJPEG build) GCC4.8.5",
    "DerivedVendorReportedEchoSpacing": 0.000490004,
    "DeviceSerialNumber": "67039",
    "DwellTime": 2.6e-06,
    "EchoTime": 0.025,
    "EchoTrainLength": 80,
    "EffectiveEchoSpacing": 0.000490004,
    "FlipAngle": 90,
    "ImageOrientationPatientDICOM": [
      0.999675,
      -0.00423816,
      -0.0251322,
      0.00296607,
      0.998723,
      -0.0504388
    ],
    "ImageType": [
      "ORIGINAL",
      "PRIMARY",
      "M",
      "ND",
      "NORM",
      "MOSAIC"
    ],
    "InPlanePhaseEncodingDirectionDICOM": "COL",
    "InstitutionAddress": "University_Park_Chandlee_Laboratory_State_College_PA_US_16802",
    "InstitutionName": "PSU-SLEIC",
    "InstitutionalDepartmentName": "Department",
    "MRAcquisitionType": "2D",
    "MagneticFieldStrength": 3,
    "Manufacturer": "Siemens",
    "ManufacturersModelName": "Prisma_fit",
    "Modality": "MR",
    "PartialFourier": 1,
    "PatientPosition": "HFS",
    "PercentPhaseFOV": 100,
    "PhaseEncodingDirection": "j-",
    "PhaseEncodingSteps": 80,
    "PhaseResolution": 1,
    "PixelBandwidth": 2405,
    "ProcedureStepDescription": "Investigators_20_ch_xxl213",
    "ProtocolName": "sleep-onset-segment-3",
    "PulseSequenceDetails": "%CustomerSeq%_ep2d_bold_1066",
    "ReceiveCoilActiveElements": "HE1-4",
    "ReceiveCoilName": "HeadNeck_20",
    "ReconMatrixPE": 80,
    "RepetitionTime": 2.1,
    "SAR": 0.193728,
    "ScanOptions": "FS_RT",
    "ScanningSequence": "EP",
    "SequenceName": "ep10662d1_80",
    "SequenceVariant": "SK",
    "SeriesDescription": "sleep-onset-segment-3",
    "SeriesNumber": 32,
    "ShimSetting": [
      -1933,
      8233,
      9525,
      357,
      -3,
      -153,
      -9,
      13
    ],
    "SliceThickness": 4,
    "SliceTiming": [
      2.02,
      1.9625,
      1.9025,
      1.8425,
      1.7825,
      1.7225,
      1.665,
      1.605,
      1.545,
      1.485,
      1.4275,
      1.3675,
      1.3075,
      1.2475,
      1.19,
      1.13,
      1.07,
      1.01,
      0.9525,
      0.8925,
      0.8325,
      0.7725,
      0.7125,
      0.655,
      0.595,
      0.535,
      0.475,
      0.4175,
      0.3575,
      0.2975,
      0.2375,
      0.18,
      0.12,
      0.06,
      0
    ],
    "SoftwareVersions": "syngo_MR_E11",
    "SpacingBetweenSlices": 4,
    "StationName": "AWP67039",
    "TaskName": "sleep",
    "TotalReadoutTime": 0.0387103,
    "TxRefAmp": 322.28,
    "dataset": "ds003768",
    "modality": "bold",
    "run_id": 3,
    "subject_id": "07",
    "task_id": "sleep"
  },
  "dummy_trs": 0,
  "dvars_nstd": 37.77556227313084,
  "dvars_std": 1.2649638915887862,
  "dvars_vstd": 0.9865689060514027,
  "efc": 0.47456336112759157,
  "fber": 2235.088134765625,
  "fd_mean": 0.5584942416679712,
  "fd_num": 395,
  "fd_perc": 92.07459207459208,
  "fwhm_avg": 1.8390827777777776,
  "fwhm_x": 1.8851033333333334,
  "fwhm_y": 2.00894,
  "fwhm_z": 1.623205,
  "gcor": 0.0649501,
  "gsr_x": -0.014768390916287899,
  "gsr_y": 0.022294115275144577,
  "provenance": {
    "md5sum": "5ea865a185b523c161b46ef805814a23",
    "settings": {
      "fd_thres": 0.2,
      "testing": false
    },
    "software": "mriqc",
    "version": "22.0.6",
    "webapi_port": null,
    "webapi_url": "https://mriqc.nimh.nih.gov/api/v1"
  },
  "size_t": 429,
  "size_x": 80,
  "size_y": 80,
  "size_z": 35,
  "snr": 6.981440537492479,
  "spacing_tr": 2.0999999046325684,
  "spacing_x": 3.0,
  "spacing_y": 3.0,
  "spacing_z": 4.0,
  "summary_bg_k": 26.630189013157118,
  "summary_bg_mad": 8.157769235342752,
  "summary_bg_mean": 33.35957336425781,
  "summary_bg_median": 14.125874519348145,
  "summary_bg_n": 153180.0,
  "summary_bg_p05": 6.209790229797363,
  "summary_bg_p95": 138.21701507568355,
  "summary_bg_stdv": 55.2235107421875,
  "summary_fg_k": 2.1818091849526935,
  "summary_fg_mad": 86.45397039403372,
  "summary_fg_mean": 678.1817626953125,
  "summary_fg_median": 672.757568359375,
  "summary_fg_n": 30917.0,
  "summary_fg_p05": 535.9338256835938,
  "summary_fg_p95": 836.2788208007812,
  "summary_fg_stdv": 96.3621597290039,
  "tsnr": 56.954096065834165
}