{
  "bids_meta": {
    "AcquisitionMatrixPE": 256,
    "AcquisitionNumber": 1,
    "AcquisitionTime": "14:19:28.672500",
    "BaseResolution": 256,
    "BodyPartExamined": "BRAIN",
    "ConsistencyInfo": "N4_VE11C_LATEST_20160120",
    "ConversionSoftware": "dcm2niix",
    "ConversionSoftwareVersion": "v1.0.20171215 (OpenJPEG build) GCC4.8.5",
    "DeviceSerialNumber": "67039",
    "DwellTime": 9.8e-06,
    "EchoTime": 0.00228,
    "FlipAngle": 8,
    "ImageOrientationPatientDICOM": [
      0.0823351,
      0.99579,
      -0.0402802,
      -0.0391157,
      -0.0371574,
      -0.998544
    ],
    "ImageType": [
      "ORIGINAL",
      "PRIMARY",
      "M",
      "NORM",
      "DIS2D"
    ],
    "InPlanePhaseEncodingDirectionDICOM": "ROW",
    "InstitutionAddress": "University_Park_Chandlee_Laboratory_State_College_PA_US_16802",
    "InstitutionName": "PSU-SLEIC",
    "InstitutionalDepartmentName": "Department",
    "InversionTime": 0.9,
    "MRAcquisitionType": "3D",
    "MagneticFieldStrength": 3,
    "Manufacturer": "Siemens",
    "ManufacturersModelName": "Prisma_fit",
    "Modality": "MR",
    "ParallelReductionFactorInPlane": 2,
    "PartialFourier": 1,
    "PatientPosition": "HFS",
    "PercentPhaseFOV": 100,
    "PhaseEncodingSteps": 255,
    "PhaseResolution": 1,
    "PixelBandwidth": 200,
    "ProcedureStepDescription": "Investigators_20_ch_xxl213",
    "ProtocolName": "t1_mprage_sag_p2_iso_2300",
    "PulseSequenceDetails": "%SiemensSeq%_tfl",
    "ReceiveCoilActiveElements": "HE1-4;NE1,2",
    "ReceiveCoilName": "HeadNeck_20",
    "ReconMatrixPE": 256,
    "RepetitionTime": 2.3,
    "SAR": 0.0713125,
    "ScanOptions": "IR",
    "ScanningSequence": "GR_IR",
    "SequenceName": "_tfl3d1_16ns",
    "SequenceVariant": "SK_SP_MP",
    "SeriesDescription": "t1_mprage_sag_p2_iso_2300",
    "SeriesNumber": 6,
    "ShimSetting": [
      -1941,
      8275,
      9263,
      132,
      -19,
      -59,
      -30,
      9
    ],
    "SliceThickness": 1,
    "SoftwareVersions": "syngo_MR_E11",
    "StationName": "AWP67039",
    "TxRefAmp": 306.067,
    "dataset": "ds003768",
    "modality": "T1w",
    "subject_id": "01"
  },
  "cjv": 0.3338142958024187,
  "cnr": 4.128020851024636,
  "efc": 0.511650503467889,
  "fber": -1.0,
  "fwhm_avg": 4.124460692267056,
  "fwhm_x": 4.135002076801167,
  "fwhm_y": 4.10723,
  "fwhm_z": 4.13115,
  "icvs_csf": 0.20990235402034962,
  "icvs_gm": 0.45010133096647226,
  "icvs_wm": 0.3399963150131781,
  "inu_med": 0.6503373384475708,
  "inu_range": 0.3376053273677826,
  "provenance": {
    "md5sum": "52b42882fd231b419c52814c8ada5d1e",
    "settings": {
      "testing": false
    },
    "software": "mriqc",
    "version": "22.0.6",
    "warnings": {
      "large_rot_frame": true,
      "small_air_mask": false
    },
    "webapi_port": null,
    "webapi_url": "https://mriqc.nimh.nih.gov/api/v1"
  },
  "qi_1": 1.4659122405701812e-05,
  "qi_2": 0.0122941568686459,
  "rpve_csf": 26.26599161688227,
  "rpve_gm": 13.253335937825227,
  "rpve_wm": 19.899912139405476,
  "size_x": 192,
  "size_y": 256,
  "size_z": 256,
  "snr_csf": 2.258740592933155,
  "snr_gm": 11.706680629179395,
  "snr_total": 11.92011836289907,
  "snr_wm": 21.794933866584657,
  "snrd_csf": 19.371976255967567,
  "snrd_gm": 52.15838512590109,
  "snrd_total": 49.05225345601858,
  "snrd_wm": 75.6263989861871,
  "spacing_x": 0.999997079372406,
  "spacing_y": 1.0,
  "spacing_z": 1.0,
  "summary_bg_k": 639.1187210488855,
  "summary_bg_mad": 0.0,
  "summary_bg_mean": 4.539239137524139,
  "summary_bg_median": 0.0,
  "summary_bg_n": 4180521.0,
  "summary_bg_p05": 0.0,
  "summary_bg_p95": 19.77779920771718,
  "summary_bg_stdv": 8.662800472182166,
  "summary_csf_k": 10.470491571391245,
  "summary_csf_mad": 101.59964516703602,
  "summary_csf_mean": 264.2147906373805,
  "summary_csf_median": 256.15362702682614,
  "summary_csf_n": 34464.0,
  "summary_csf_p05": 90.52293908558786,
  "summary_csf_p95": 457.99492724630977,
  "summary_csf_stdv": 113.40386388416817,
  "summary_gm_k": 0.046364610756363334,
  "summary_gm_mad": 59.14221133762474,
  "summary_gm_mean": 689.0191951848752,
  "summary_gm_median": 689.6849011853337,
  "summary_gm_n": 39604.0,
  "summary_gm_p05": 590.9874576814473,
  "summary_gm_p95": 783.5863481016829,
  "summary_gm_stdv": 58.913044244852074,
  "summary_wm_k": 0.27051941597110574,
  "summary_wm_mad": 44.4454073197516,
  "summary_wm_mean": 999.0771531965889,
  "summary_wm_median": 1000.0000073984265,
  "summary_wm_n": 185326.0,
  "summary_wm_p05": 922.2775664441288,
  "summary_wm_p95": 1072.6463061831892,
  "summary_wm_stdv": 45.88209882019662,
  "tpm_overlap_csf": 0.1689858107094812,
  "tpm_overlap_gm": 0.477824646089955,
  "tpm_overlap_wm": 0.5066283902510883,
  "wm2max": 0.40003414140631594
}