{
  "bids_meta": {
    "AcquisitionMatrixPE": 256,
    "AcquisitionNumber": 1,
    "AcquisitionTime": "15:32:15.797500",
    "BaseResolution": 256,
    "BodyPartExamined": "BRAIN",
    "ConsistencyInfo": "N4_VE11C_LATEST_20160120",
    "ConversionSoftware": "dcm2niix",
    "ConversionSoftwareVersion": "v1.0.20171215 (OpenJPEG build) GCC4.8.5",
    "DeviceSerialNumber": "67039",
    "DwellTime": 9.8e-06,
    "EchoTime": 0.00228,
    "FlipAngle": 8,
    "ImageOrientationPatientDICOM": [
      0.0489965,
      0.998224,
      -0.033873,
      -0.0967403,
      -0.0290114,
      -0.994887
    ],
    "ImageType": [
      "ORIGINAL",
      "PRIMARY",
      "M",
      "NORM",
      "DIS2D"
    ],
    "InPlanePhaseEncodingDirectionDICOM": "ROW",
    "InstitutionAddress": "University_Park_Chandlee_Laboratory_State_College_PA_US_16802",
    "InstitutionName": "Penn_State_SLEIC",
    "InstitutionalDepartmentName": "Department",
    "InversionTime": 0.9,
    "MRAcquisitionType": "3D",
    "MagneticFieldStrength": 3,
    "Manufacturer": "Siemens",
    "ManufacturersModelName": "Prisma_fit",
    "Modality": "MR",
    "ParallelReductionFactorInPlane": 2,
    "PartialFourier": 1,
    "PatientPosition": "HFS",
    "PercentPhaseFOV": 100,
    "PhaseEncodingSteps": 255,
    "PhaseResolution": 1,
    "PixelBandwidth": 200,
    "ProcedureStepDescription": "Investigators_20_ch_xxl213",
    "ProtocolName": "t1_mprage_sag_p2_iso_2300",
    "PulseSequenceDetails": "%SiemensSeq%_tfl",
    "ReceiveCoilActiveElements": "HE1-4;NE1,2",
    "ReceiveCoilName": "HeadNeck_20",
    "ReconMatrixPE": 256,
    "RepetitionTime": 2.3,
    "SAR": 0.0718847,
    "ScanOptions": "IR",
    "ScanningSequence": "GR_IR",
    "SequenceName": "_tfl3d1_16ns",
    "SequenceVariant": "SK_SP_MP",
    "SeriesDescription": "t1_mprage_sag_p2_iso_2300",
    "SeriesNumber": 9,
    "ShimSetting": [
      -1941,
      8275,
      9263,
      132,
      -19,
      -59,
      -30,
      9
    ],
    "SliceThickness": 1,
    "SoftwareVersions": "syngo_MR_E11",
    "StationName": "AWP67039",
    "TxRefAmp": 291.357,
    "dataset": "ds003768",
    "modality": "T1w",
    "subject_id": "20"
  },
  "cjv": 0.3454782721446563,
  "cnr": 3.969312015488353,
  "efc": 0.5240525920458208,
  "fber": 12397.810247933883,
  "fwhm_avg": 4.543371813839054,
  "fwhm_x": 4.5646754415171635,
  "fwhm_y": 4.54545,
  "fwhm_z": 4.51999,
  "icvs_csf": 0.20686618710322088,
  "icvs_gm": 0.43190526683445635,
  "icvs_wm": 0.36122854606232274,
  "inu_med": 0.5535086989402771,
  "inu_range": 0.28871378898620603,
  "provenance": {
    "md5sum": "b88fdcab0f4150ea92c36935b80b9cd9",
    "settings": {
      "testing": false
    },
    "software": "mriqc",
    "version": "22.0.6",
    "warnings": {
      "large_rot_frame": true,
      "small_air_mask": false
    },
    "webapi_port": null,
    "webapi_url": "https://mriqc.nimh.nih.gov/api/v1"
  },
  "qi_1": 5.815035616531854e-05,
  "qi_2": 0.016642833606131138,
  "rpve_csf": 22.168851340304386,
  "rpve_gm": 11.352797417866844,
  "rpve_wm": 16.015918128744932,
  "size_x": 192,
  "size_y": 256,
  "size_z": 256,
  "snr_csf": 2.155704839996569,
  "snr_gm": 12.057107922430433,
  "snr_total": 12.890794916720608,
  "snr_wm": 24.459571987734826,
  "snrd_csf": 25.387117905190053,
  "snrd_gm": 66.97621615793912,
  "snrd_total": 62.08933969285078,
  "snrd_wm": 93.90468501542315,
  "spacing_x": 0.9999988079071045,
  "spacing_y": 1.0,
  "spacing_z": 1.0,
  "summary_bg_k": 42.47698374656873,
  "summary_bg_mad": 0.0,
  "summary_bg_mean": 4.4131639292797695,
  "summary_bg_median": 0.0,
  "summary_bg_n": 4193850.0,
  "summary_bg_p05": 0.0,
  "summary_bg_p95": 17.609329245984554,
  "summary_bg_stdv": 6.97661029850268,
  "summary_csf_k": -0.07227129562849433,
  "summary_csf_mad": 126.3453712959883,
  "summary_csf_mean": 285.6637185836175,
  "summary_csf_median": 270.3498511556536,
  "summary_csf_n": 35188.0,
  "summary_csf_p05": 98.71720004454255,
  "summary_csf_p95": 509.07579596508305,
  "summary_csf_stdv": 125.40956656312787,
  "summary_gm_k": -0.011899621589962273,
  "summary_gm_mad": 59.04474074249744,
  "summary_gm_mean": 711.9575867494375,
  "summary_gm_median": 713.2361434996128,
  "summary_gm_n": 48810.0,
  "summary_gm_p05": 612.361509077251,
  "summary_gm_p95": 807.728853796236,
  "summary_gm_stdv": 59.1542218748118,
  "summary_wm_k": 0.20808500551785292,
  "summary_wm_mad": 40.02593698942359,
  "summary_wm_mean": 1000.2955152333261,
  "summary_wm_median": 999.9999886378646,
  "summary_wm_n": 255063.0,
  "summary_wm_p05": 933.8192313723266,
  "summary_wm_p95": 1067.9883260577917,
  "summary_wm_stdv": 40.8837092013469,
  "tpm_overlap_csf": 0.1441774982223225,
  "tpm_overlap_gm": 0.4400966323573763,
  "tpm_overlap_wm": 0.4907171881258741,
  "wm2max": 0.4063595867690266
}