{
  "bids_meta": {
    "AcquisitionMatrixPE": 256,
    "AcquisitionNumber": 1,
    "AcquisitionTime": "14:10:23.572500",
    "BaseResolution": 256,
    "BodyPartExamined": "BRAIN",
    "ConsistencyInfo": "N4_VE11C_LATEST_20160120",
    "ConversionSoftware": "dcm2niix",
    "ConversionSoftwareVersion": "v1.0.20171215 (OpenJPEG build) GCC4.8.5",
    "DeviceSerialNumber": "67039",
    "DwellTime": 9.8e-06,
    "EchoTime": 0.00228,
    "FlipAngle": 8,
    "ImageOrientationPatientDICOM": [
      0.0427057,
      0.997252,
      -0.0605411,
      0.101996,
      -0.0646316,
      -0.992683
    ],
    "ImageType": [
      "ORIGINAL",
      "PRIMARY",
      "M",
      "NORM",
      "DIS2D"
    ],
    "InPlanePhaseEncodingDirectionDICOM": "ROW",
    "InstitutionAddress": "University_Park_Chandlee_Laboratory_State_College_PA_US_16802",
    "InstitutionName": "PSU-SLEIC",
    "InstitutionalDepartmentName": "Department",
    "InversionTime": 0.9,
    "MRAcquisitionType": "3D",
    "MagneticFieldStrength": 3,
    "Manufacturer": "Siemens",
    "ManufacturersModelName": "Prisma_fit",
    "Modality": "MR",
    "ParallelReductionFactorInPlane": 2,
    "PartialFourier": 1,
    "PatientPosition": "HFS",
    "PercentPhaseFOV": 100,
    "PhaseEncodingSteps": 255,
    "PhaseResolution": 1,
    "PixelBandwidth": 200,
    "ProcedureStepDescription": "Investigators_20_ch_xxl213",
    "ProtocolName": "t1_mprage_sag_p2_iso_2300",
    "PulseSequenceDetails": "%SiemensSeq%_tfl",
    "ReceiveCoilActiveElements": "HE1-4;NE1,2",
    "ReceiveCoilName": "HeadNeck_20",
    "ReconMatrixPE": 256,
    "RepetitionTime": 2.3,
    "SAR": 0.089055,
    "ScanOptions": "IR",
    "ScanningSequence": "GR_IR",
    "SequenceName": "_tfl3d1_16ns",
    "SequenceVariant": "SK_SP_MP",
    "SeriesDescription": "t1_mprage_sag_p2_iso_2300",
    "SeriesNumber": 13,
    "ShimSetting": [
      -1941,
      8275,
      9263,
      132,
      -19,
      -59,
      -30,
      9
    ],
    "SliceThickness": 1,
    "SoftwareVersions": "syngo_MR_E11",
    "StationName": "AWP67039",
    "TxRefAmp": 320.961,
    "dataset": "ds003768",
    "modality": "T1w",
    "subject_id": "14"
  },
  "cjv": 0.39102142961256997,
  "cnr": 3.512919037902906,
  "efc": 0.5276010037348468,
  "fber": -1.0,
  "fwhm_avg": 4.331399034643152,
  "fwhm_x": 4.256577103929454,
  "fwhm_y": 4.35701,
  "fwhm_z": 4.38061,
  "icvs_csf": 0.2195489921806992,
  "icvs_gm": 0.41276234811224954,
  "icvs_wm": 0.3676886597070513,
  "inu_med": 0.7506189346313477,
  "inu_range": 0.4604767888784408,
  "provenance": {
    "md5sum": "b28bee8f240a407bbf17abb42be07cfa",
    "settings": {
      "testing": false
    },
    "software": "mriqc",
    "version": "22.0.6",
    "warnings": {
      "large_rot_frame": true,
      "small_air_mask": false
    },
    "webapi_port": null,
    "webapi_url": "https://mriqc.nimh.nih.gov/api/v1"
  },
  "qi_1": 0.00012516602488187183,
  "qi_2": 0.013247656823589039,
  "rpve_csf": 25.54898108547924,
  "rpve_gm": 13.926552740684903,
  "rpve_wm": 18.300673796039803,
  "size_x": 192,
  "size_y": 256,
  "size_z": 256,
  "snr_csf": 1.7902905959338122,
  "snr_gm": 11.29194208261199,
  "snr_total": 10.757408937875857,
  "snr_wm": 19.18999413508177,
  "snrd_csf": 15.298559773540012,
  "snrd_gm": 38.13024418561209,
  "snrd_total": 35.71230085337825,
  "snrd_wm": 53.70809860098265,
  "spacing_x": 0.9999983310699463,
  "spacing_y": 1.0,
  "spacing_z": 1.0,
  "summary_bg_k": 27.581261355751856,
  "summary_bg_mad": 0.0,
  "summary_bg_mean": 5.862760348085933,
  "summary_bg_median": 0.0,
  "summary_bg_n": 4326711.0,
  "summary_bg_p05": 0.0,
  "summary_bg_p95": 27.363305550068617,
  "summary_bg_stdv": 12.19868645610899,
  "summary_csf_k": 33.281515501,
  "summary_csf_mad": 115.22143361486897,
  "summary_csf_mean": 297.79536266496353,
  "summary_csf_median": 284.8602732308209,
  "summary_csf_n": 44780.0,
  "summary_csf_p05": 100.55893282964826,
  "summary_csf_p95": 493.17133466526866,
  "summary_csf_stdv": 159.11220960216374,
  "summary_gm_k": 0.04300920440964884,
  "summary_gm_mad": 62.90701159836186,
  "summary_gm_mean": 708.651773369718,
  "summary_gm_median": 709.9878640770912,
  "summary_gm_n": 26927.0,
  "summary_gm_p05": 602.2017136003822,
  "summary_gm_p95": 809.2831273786724,
  "summary_gm_stdv": 62.8744528791092,
  "summary_wm_k": 0.3434922745310982,
  "summary_wm_mad": 50.512961203266514,
  "summary_wm_mean": 1002.2379860485376,
  "summary_wm_median": 1000.0486234426498,
  "summary_wm_n": 216735.0,
  "summary_wm_p05": 920.6804565452039,
  "summary_wm_p95": 1091.0814321376383,
  "summary_wm_stdv": 52.11290369989622,
  "tpm_overlap_csf": 0.17095841945634258,
  "tpm_overlap_gm": 0.46733183694576513,
  "tpm_overlap_wm": 0.5209937806586237,
  "wm2max": 0.42464141987411
}