{
  "bids_meta": {
    "AcquisitionMatrixPE": 256,
    "AcquisitionNumber": 1,
    "AcquisitionTime": "13:09:17.875000",
    "BaseResolution": 256,
    "BodyPartExamined": "BRAIN",
    "ConsistencyInfo": "N4_VE11C_LATEST_20160120",
    "ConversionSoftware": "dcm2niix",
    "ConversionSoftwareVersion": "v1.0.20171215 (OpenJPEG build) GCC4.8.5",
    "DeviceSerialNumber": "67039",
    "DwellTime": 9.8e-06,
    "EchoTime": 0.00228,
    "FlipAngle": 8,
    "ImageOrientationPatientDICOM": [
      0.00820814,
      0.995242,
      0.0970876,
      0.0561874,
      0.0964785,
      -0.993748
    ],
    "ImageType": [
      "ORIGINAL",
      "PRIMARY",
      "M",
      "NORM",
      "DIS2D"
    ],
    "InPlanePhaseEncodingDirectionDICOM": "ROW",
    "InstitutionAddress": "University_Park_Chandlee_Laboratory_State_College_PA_US_16802",
    "InstitutionName": "Penn_State_SLEIC",
    "InstitutionalDepartmentName": "Department",
    "InversionTime": 0.9,
    "MRAcquisitionType": "3D",
    "MagneticFieldStrength": 3,
    "Manufacturer": "Siemens",
    "ManufacturersModelName": "Prisma_fit",
    "Modality": "MR",
    "ParallelReductionFactorInPlane": 2,
    "PartialFourier": 1,
    "PatientPosition": "HFS",
    "PercentPhaseFOV": 100,
    "PhaseEncodingSteps": 255,
    "PhaseResolution": 1,
    "PixelBandwidth": 200,
    "ProcedureStepDescription": "Investigators_20_ch_xxl213",
    "ProtocolName": "t1_mprage_sag_p2_iso_2300",
    "PulseSequenceDetails": "%SiemensSeq%_tfl",
    "ReceiveCoilActiveElements": "HE1-4;NE1,2",
    "ReceiveCoilName": "HeadNeck_20",
    "ReconMatrixPE": 256,
    "RepetitionTime": 2.3,
    "SAR": 0.087154,
    "ScanOptions": "IR",
    "ScanningSequence": "GR_IR",
    "SequenceName": "_tfl3d1_16ns",
    "SequenceVariant": "SK_SP_MP",
    "SeriesDescription": "t1_mprage_sag_p2_iso_2300",
    "SeriesNumber": 6,
    "ShimSetting": [
      -1941,
      8275,
      9263,
      132,
      -19,
      -59,
      -30,
      9
    ],
    "SliceThickness": 1,
    "SoftwareVersions": "syngo_MR_E11",
    "StationName": "AWP67039",
    "TxRefAmp": 291.859,
    "dataset": "ds003768",
    "modality": "T1w",
    "subject_id": "08"
  },
  "cjv": 0.3349614920555859,
  "cnr": 4.139241627330154,
  "efc": 0.5241128669765379,
  "fber": -1.0,
  "fwhm_avg": 4.271468012564772,
  "fwhm_x": 4.319404037694315,
  "fwhm_y": 4.219,
  "fwhm_z": 4.276,
  "icvs_csf": 0.21151339160336888,
  "icvs_gm": 0.4138873580355861,
  "icvs_wm": 0.3745992503610451,
  "inu_med": 0.5069798231124878,
  "inu_range": 0.19446658939123151,
  "provenance": {
    "md5sum": "76fbdcd20e82d7da15c060e11298e973",
    "settings": {
      "testing": false
    },
    "software": "mriqc",
    "version": "22.0.6",
    "warnings": {
      "large_rot_frame": true,
      "small_air_mask": false
    },
    "webapi_port": null,
    "webapi_url": "https://mriqc.nimh.nih.gov/api/v1"
  },
  "qi_1": 0.0002574670336641955,
  "qi_2": 0.01000716835049166,
  "rpve_csf": 24.087670878849597,
  "rpve_gm": 12.818446370260027,
  "rpve_wm": 16.919927725030284,
  "size_x": 192,
  "size_y": 256,
  "size_z": 256,
  "snr_csf": 1.7840262409934478,
  "snr_gm": 10.646081495415594,
  "snr_total": 12.511088216968082,
  "snr_wm": 25.1031569144952,
  "snrd_csf": 25.60637403066592,
  "snrd_gm": 73.15203104194244,
  "snrd_total": 68.48799733282983,
  "snrd_wm": 106.70558692588115,
  "spacing_x": 1.000003695487976,
  "spacing_y": 1.0,
  "spacing_z": 1.0,
  "summary_bg_k": 14.364140338679459,
  "summary_bg_mad": 0.0,
  "summary_bg_mean": 3.6212222695664504,
  "summary_bg_median": 0.0,
  "summary_bg_n": 4331970.0,
  "summary_bg_p05": 0.0,
  "summary_bg_p95": 15.864578798413277,
  "summary_bg_stdv": 6.139663583468797,
  "summary_csf_k": 10.489631278947696,
  "summary_csf_mad": 123.12078890658928,
  "summary_csf_mean": 251.85227735677685,
  "summary_csf_median": 239.97219837084413,
  "summary_csf_n": 43434.0,
  "summary_csf_p05": 63.417427103966475,
  "summary_csf_p95": 477.9817684367299,
  "summary_csf_stdv": 134.51003709946337,
  "summary_gm_k": -0.14672258613426337,
  "summary_gm_mad": 66.71316011408247,
  "summary_gm_mean": 684.6782307392941,
  "summary_gm_median": 685.550155730918,
  "summary_gm_n": 43244.0,
  "summary_gm_p05": 578.1575881689787,
  "summary_gm_p95": 787.9952644407749,
  "summary_gm_stdv": 64.39385509544891,
  "summary_wm_k": 0.31967148477235785,
  "summary_wm_mad": 38.61543206966882,
  "summary_wm_mean": 999.5309093950331,
  "summary_wm_median": 1000.0000094659626,
  "summary_wm_n": 254632.0,
  "summary_wm_p05": 933.3340236363933,
  "summary_wm_p95": 1063.7445412874222,
  "summary_wm_stdv": 39.835549339553694,
  "tpm_overlap_csf": 0.16059111393659412,
  "tpm_overlap_gm": 0.4553935461230069,
  "tpm_overlap_wm": 0.5123455891440861,
  "wm2max": 0.5020003555485042
}