{
  "bids_meta": {
    "AcquisitionMatrixPE": 256,
    "AcquisitionNumber": 1,
    "AcquisitionTime": "17:30:9.467500",
    "BaseResolution": 256,
    "BodyPartExamined": "BRAIN",
    "ConsistencyInfo": "N4_VE11C_LATEST_20160120",
    "ConversionSoftware": "dcm2niix",
    "ConversionSoftwareVersion": "v1.0.20171215 (OpenJPEG build) GCC4.8.5",
    "DeviceSerialNumber": "67039",
    "DwellTime": 9.8e-06,
    "EchoTime": 0.00228,
    "FlipAngle": 8,
    "ImageOrientationPatientDICOM": [
      -0.0614654,
      0.976217,
      0.207899,
      0.0702334,
      0.212007,
      -0.974741
    ],
    "ImageType": [
      "ORIGINAL",
      "PRIMARY",
      "M",
      "NORM",
      "DIS2D"
    ],
    "InPlanePhaseEncodingDirectionDICOM": "ROW",
    "InstitutionAddress": "University_Park_Chandlee_Laboratory_State_College_PA_US_16802",
    "InstitutionName": "Penn_State_SLEIC",
    "InstitutionalDepartmentName": "Department",
    "InversionTime": 0.9,
    "MRAcquisitionType": "3D",
    "MagneticFieldStrength": 3,
    "Manufacturer": "Siemens",
    "ManufacturersModelName": "Prisma_fit",
    "Modality": "MR",
    "ParallelReductionFactorInPlane": 2,
    "PartialFourier": 1,
    "PatientPosition": "HFS",
    "PercentPhaseFOV": 100,
    "PhaseEncodingSteps": 255,
    "PhaseResolution": 1,
    "PixelBandwidth": 200,
    "ProcedureStepDescription": "Investigators_20_ch_xxl213",
    "ProtocolName": "t1_mprage_sag_p2_iso_2300",
    "PulseSequenceDetails": "%SiemensSeq%_tfl",
    "ReceiveCoilActiveElements": "HE1-4;NE1,2",
    "ReceiveCoilName": "HeadNeck_20",
    "ReconMatrixPE": 256,
    "RepetitionTime": 2.3,
    "SAR": 0.0762565,
    "ScanOptions": "IR",
    "ScanningSequence": "GR_IR",
    "SequenceName": "_tfl3d1_16ns",
    "SequenceVariant": "SK_SP_MP",
    "SeriesDescription": "t1_mprage_sag_p2_iso_2300",
    "SeriesNumber": 6,
    "ShimSetting": [
      -1941,
      8275,
      9263,
      132,
      -19,
      -59,
      -30,
      9
    ],
    "SliceThickness": 1,
    "SoftwareVersions": "syngo_MR_E11",
    "StationName": "AWP67039",
    "TxRefAmp": 271.386,
    "dataset": "ds003768",
    "modality": "T1w",
    "subject_id": "02"
  },
  "cjv": 0.32999346503479315,
  "cnr": 4.113802461661933,
  "efc": 0.5285698630365181,
  "fber": 13223.368844625522,
  "fwhm_avg": 4.45806,
  "fwhm_x": 4.34004,
  "fwhm_y": 4.48307,
  "fwhm_z": 4.55107,
  "icvs_csf": 0.2232441541839401,
  "icvs_gm": 0.44252433492774934,
  "icvs_wm": 0.33423151088831055,
  "inu_med": 0.5900770127773285,
  "inu_range": 0.2599783107638359,
  "provenance": {
    "md5sum": "4584f799199047442e1e2312bb8aa9e8",
    "settings": {
      "testing": false
    },
    "software": "mriqc",
    "version": "22.0.6",
    "warnings": {
      "large_rot_frame": true,
      "small_air_mask": false
    },
    "webapi_port": null,
    "webapi_url": "https://mriqc.nimh.nih.gov/api/v1"
  },
  "qi_1": 0.00011314054264473034,
  "qi_2": 0.0064784837505608385,
  "rpve_csf": 26.10274262969174,
  "rpve_gm": 13.694393896475065,
  "rpve_wm": 20.728687244994347,
  "size_x": 192,
  "size_y": 256,
  "size_z": 256,
  "snr_csf": 2.0753026951016325,
  "snr_gm": 11.265631132754852,
  "snr_total": 12.597643494917435,
  "snr_wm": 24.451996656895815,
  "snrd_csf": 14.171442061090188,
  "snrd_gm": 41.986705634588134,
  "snrd_total": 38.91758892182974,
  "snrd_wm": 60.5946190698109,
  "spacing_x": 1.0,
  "spacing_y": 1.0,
  "spacing_z": 1.0,
  "summary_bg_k": 45.15998643985485,
  "summary_bg_mad": 0.0,
  "summary_bg_mean": 6.092755539879281,
  "summary_bg_median": 0.0,
  "summary_bg_n": 3122954.0,
  "summary_bg_p05": 0.0,
  "summary_bg_p95": 24.120027646422386,
  "summary_bg_stdv": 10.812233640521505,
  "summary_csf_k": -0.040834269485436,
  "summary_csf_mad": 113.70597049513268,
  "summary_csf_mean": 241.7514645041403,
  "summary_csf_median": 233.88250536471605,
  "summary_csf_n": 38472.0,
  "summary_csf_p05": 69.82543596625328,
  "summary_csf_p95": 446.3431556671858,
  "summary_csf_stdv": 112.69655566448526,
  "summary_gm_k": -0.023886029652087526,
  "summary_gm_mad": 61.9442973592887,
  "summary_gm_mean": 691.4772136175686,
  "summary_gm_median": 692.9397772997618,
  "summary_gm_n": 37640.0,
  "summary_gm_p05": 587.6701651141047,
  "summary_gm_p95": 790.4010415524244,
  "summary_gm_stdv": 61.50836684077139,
  "summary_wm_k": 0.3338773508438089,
  "summary_wm_mad": 39.3970580073754,
  "summary_wm_mean": 1000.2688219530911,
  "summary_wm_median": 1000.0408750623465,
  "summary_wm_n": 177024.0,
  "summary_wm_p05": 933.4859513193369,
  "summary_wm_p95": 1067.4543082639575,
  "summary_wm_stdv": 40.89801190877819,
  "tpm_overlap_csf": 0.1328590777066429,
  "tpm_overlap_gm": 0.4632715774504635,
  "tpm_overlap_wm": 0.477673565295692,
  "wm2max": 0.449173705471906
}