{
  "aor": 0.0060913986013986015,
  "aqi": 0.008568249860139859,
  "bids_meta": {
    "AcquisitionMatrixPE": 80,
    "AcquisitionNumber": 1,
    "AcquisitionTime": "16:40:18.230000",
    "BandwidthPerPixelPhaseEncode": 25.51,
    "BaseResolution": 80,
    "BodyPartExamined": "BRAIN",
    "ConsistencyInfo": "N4_VE11C_LATEST_20160120",
    "ConversionSoftware": "dcm2niix",
    "ConversionSoftwareVersion": "v1.0.20171215 (OpenJPEG build) GCC4.8.5",
    "DerivedVendorReportedEchoSpacing": 0.000490004,
    "DeviceSerialNumber": "67039",
    "DwellTime": 2.6e-06,
    "EchoTime": 0.025,
    "EchoTrainLength": 80,
    "EffectiveEchoSpacing": 0.000490004,
    "FlipAngle": 90,
    "ImageOrientationPatientDICOM": [
      0.999551,
      0.023353,
      0.0187874,
      -0.0230321,
      0.999588,
      -0.0171199
    ],
    "ImageType": [
      "ORIGINAL",
      "PRIMARY",
      "M",
      "ND",
      "NORM",
      "MOSAIC"
    ],
    "InPlanePhaseEncodingDirectionDICOM": "COL",
    "InstitutionAddress": "University_Park_Chandlee_Laboratory_State_College_PA_US_16802",
    "InstitutionName": "Penn_State_SLEIC",
    "InstitutionalDepartmentName": "Department",
    "MRAcquisitionType": "2D",
    "MagneticFieldStrength": 3,
    "Manufacturer": "Siemens",
    "ManufacturersModelName": "Prisma_fit",
    "Modality": "MR",
    "PartialFourier": 1,
    "PatientPosition": "HFS",
    "PercentPhaseFOV": 100,
    "PhaseEncodingDirection": "j-",
    "PhaseEncodingSteps": 80,
    "PhaseResolution": 1,
    "PixelBandwidth": 2405,
    "ProcedureStepDescription": "Investigators_20_ch_xxl213",
    "ProtocolName": "resting-pre-motor",
    "PulseSequenceDetails": "%CustomerSeq%_ep2d_bold_1066",
    "ReceiveCoilActiveElements": "HE1-4",
    "ReceiveCoilName": "HeadNeck_20",
    "ReconMatrixPE": 80,
    "RepetitionTime": 2.1,
    "SAR": 0.125289,
    "ScanOptions": "FS_RT",
    "ScanningSequence": "EP",
    "SequenceName": "ep10662d1_80",
    "SequenceVariant": "SK",
    "SeriesDescription": "resting-pre-motor",
    "SeriesNumber": 14,
    "ShimSetting": [
      -1927,
      8274,
      9543,
      375,
      -14,
      72,
      19,
      -7
    ],
    "SliceThickness": 4,
    "SliceTiming": [
      2.0225,
      1.9625,
      1.9025,
      1.8425,
      1.7825,
      1.725,
      1.665,
      1.605,
      1.545,
      1.4875,
      1.4275,
      1.3675,
      1.3075,
      1.25,
      1.19,
      1.13,
      1.07,
      1.0125,
      0.9525,
      0.8925,
      0.8325,
      0.7725,
      0.715,
      0.655,
      0.595,
      0.535,
      0.4775,
      0.4175,
      0.3575,
      0.2975,
      0.24,
      0.18,
      0.12,
      0.06,
      0
    ],
    "SoftwareVersions": "syngo_MR_E11",
    "SpacingBetweenSlices": 4,
    "StationName": "AWP67039",
    "TaskName": "rest",
    "TotalReadoutTime": 0.0387103,
    "TxRefAmp": 258.926,
    "dataset": "ds003768",
    "modality": "bold",
    "run_id": 1,
    "subject_id": "22",
    "task_id": "rest"
  },
  "dummy_trs": 0,
  "dvars_nstd": 19.600620637824566,
  "dvars_std": 1.4674693505263168,
  "dvars_vstd": 1.0653290817894725,
  "efc": 0.4498412648692837,
  "fber": 3666.697265625,
  "fd_mean": 0.11604605680662661,
  "fd_num": 14,
  "fd_perc": 4.895104895104895,
  "fwhm_avg": 1.7513024999999998,
  "fwhm_x": 1.73342,
  "fwhm_y": 1.9969299999999999,
  "fwhm_z": 1.5235575,
  "gcor": 0.0230636,
  "gsr_x": -0.026870539411902428,
  "gsr_y": 0.024385347962379456,
  "provenance": {
    "md5sum": "fc5e7797baa413f206e0b61438c1c118",
    "settings": {
      "fd_thres": 0.2,
      "testing": false
    },
    "software": "mriqc",
    "version": "22.0.6",
    "webapi_port": null,
    "webapi_url": "https://mriqc.nimh.nih.gov/api/v1"
  },
  "size_t": 286,
  "size_x": 80,
  "size_y": 80,
  "size_z": 35,
  "snr": 7.973245998231369,
  "spacing_tr": 2.0999999046325684,
  "spacing_x": 3.0,
  "spacing_y": 3.0,
  "spacing_z": 4.0,
  "summary_bg_k": 38.516022726737496,
  "summary_bg_mad": 6.728733363051525,
  "summary_bg_mean": 32.27281188964844,
  "summary_bg_median": 13.681818008422852,
  "summary_bg_n": 154492.0,
  "summary_bg_p05": 6.937062740325928,
  "summary_bg_p95": 130.644928741455,
  "summary_bg_stdv": 58.79307174682617,
  "summary_fg_k": 1.58576645283389,
  "summary_fg_mad": 98.6915468296242,
  "summary_fg_mean": 835.2955932617188,
  "summary_fg_median": 829.0681762695312,
  "summary_fg_n": 29514.0,
  "summary_fg_p05": 678.9300476074219,
  "summary_fg_p95": 1005.5529541015625,
  "summary_fg_stdv": 103.97949981689453,
  "tsnr": 91.08804380754009
}