{
  "aor": 0.011540769230769231,
  "aqi": 0.01385610923076923,
  "bids_meta": {
    "AcquisitionMatrixPE": 80,
    "AcquisitionNumber": 1,
    "AcquisitionTime": "17:28:8.005000",
    "BandwidthPerPixelPhaseEncode": 25.51,
    "BaseResolution": 80,
    "BodyPartExamined": "BRAIN",
    "ConsistencyInfo": "N4_VE11C_LATEST_20160120",
    "ConversionSoftware": "dcm2niix",
    "ConversionSoftwareVersion": "v1.0.20171215 (OpenJPEG build) GCC4.8.5",
    "DerivedVendorReportedEchoSpacing": 0.000490004,
    "DeviceSerialNumber": "67039",
    "DwellTime": 2.6e-06,
    "EchoTime": 0.025,
    "EchoTrainLength": 80,
    "EffectiveEchoSpacing": 0.000490004,
    "FlipAngle": 90,
    "ImageOrientationPatientDICOM": [
      0.999551,
      0.023353,
      0.0187874,
      -0.0230321,
      0.999588,
      -0.0171199
    ],
    "ImageType": [
      "ORIGINAL",
      "PRIMARY",
      "M",
      "ND",
      "NORM",
      "MOSAIC"
    ],
    "InPlanePhaseEncodingDirectionDICOM": "COL",
    "InstitutionAddress": "University_Park_Chandlee_Laboratory_State_College_PA_US_16802",
    "InstitutionName": "Penn_State_SLEIC",
    "InstitutionalDepartmentName": "Department",
    "MRAcquisitionType": "2D",
    "MagneticFieldStrength": 3,
    "Manufacturer": "Siemens",
    "ManufacturersModelName": "Prisma_fit",
    "Modality": "MR",
    "PartialFourier": 1,
    "PatientPosition": "HFS",
    "PercentPhaseFOV": 100,
    "PhaseEncodingDirection": "j-",
    "PhaseEncodingSteps": 80,
    "PhaseResolution": 1,
    "PixelBandwidth": 2405,
    "ProcedureStepDescription": "Investigators_20_ch_xxl213",
    "ProtocolName": "sleep-onset-segment-2",
    "PulseSequenceDetails": "%CustomerSeq%_ep2d_bold_1066",
    "ReceiveCoilActiveElements": "HE1-4",
    "ReceiveCoilName": "HeadNeck_20",
    "ReconMatrixPE": 80,
    "RepetitionTime": 2.1,
    "SAR": 0.125289,
    "ScanOptions": "FS_RT",
    "ScanningSequence": "EP",
    "SequenceName": "ep10662d1_80",
    "SequenceVariant": "SK",
    "SeriesDescription": "sleep-onset-segment-2",
    "SeriesNumber": 22,
    "ShimSetting": [
      -1927,
      8274,
      9543,
      375,
      -14,
      72,
      19,
      -7
    ],
    "SliceThickness": 4,
    "SliceTiming": [
      2.02,
      1.96,
      1.9025,
      1.8425,
      1.7825,
      1.7225,
      1.6625,
      1.605,
      1.545,
      1.485,
      1.425,
      1.3675,
      1.3075,
      1.2475,
      1.1875,
      1.13,
      1.07,
      1.01,
      0.95,
      0.8925,
      0.8325,
      0.7725,
      0.7125,
      0.6525,
      0.595,
      0.535,
      0.475,
      0.415,
      0.3575,
      0.2975,
      0.2375,
      0.1775,
      0.12,
      0.06,
      0
    ],
    "SoftwareVersions": "syngo_MR_E11",
    "SpacingBetweenSlices": 4,
    "StationName": "AWP67039",
    "TaskName": "sleep",
    "TotalReadoutTime": 0.0387103,
    "TxRefAmp": 258.926,
    "dataset": "ds003768",
    "modality": "bold",
    "run_id": 2,
    "subject_id": "22",
    "task_id": "sleep"
  },
  "dummy_trs": 0,
  "dvars_nstd": 19.878509790887858,
  "dvars_std": 1.326056583317757,
  "dvars_vstd": 1.012578300887851,
  "efc": 0.4515725992246436,
  "fber": 3551.54345703125,
  "fd_mean": 0.14606092785732866,
  "fd_num": 55,
  "fd_perc": 12.820512820512821,
  "fwhm_avg": 1.7897552777777779,
  "fwhm_x": 1.7622766666666667,
  "fwhm_y": 2.0350066666666664,
  "fwhm_z": 1.5719825,
  "gcor": 0.0284559,
  "gsr_x": -0.027975432574748993,
  "gsr_y": 0.025514863431453705,
  "provenance": {
    "md5sum": "3fdd2b16f5a6e82a79359fd8c2669e86",
    "settings": {
      "fd_thres": 0.2,
      "testing": false
    },
    "software": "mriqc",
    "version": "22.0.6",
    "webapi_port": null,
    "webapi_url": "https://mriqc.nimh.nih.gov/api/v1"
  },
  "size_t": 429,
  "size_x": 80,
  "size_y": 80,
  "size_z": 35,
  "snr": 7.962854426043416,
  "spacing_tr": 2.0999999046325684,
  "spacing_x": 3.0,
  "spacing_y": 3.0,
  "spacing_z": 4.0,
  "summary_bg_k": 76.95377895362374,
  "summary_bg_mad": 6.908442551486186,
  "summary_bg_mean": 33.476646423339844,
  "summary_bg_median": 13.913753509521484,
  "summary_bg_n": 154463.0,
  "summary_bg_p05": 7.030303001403809,
  "summary_bg_p95": 135.23030700683591,
  "summary_bg_stdv": 64.61388397216797,
  "summary_fg_k": 1.2475545601337101,
  "summary_fg_mad": 100.31925113903395,
  "summary_fg_mean": 837.7673950195312,
  "summary_fg_median": 831.5758056640625,
  "summary_fg_n": 29435.0,
  "summary_fg_p05": 679.0675903320313,
  "summary_fg_p95": 1008.9268432617188,
  "summary_fg_stdv": 104.43009948730469,
  "tsnr": 67.17074748501182
}