{
  "bids_meta": {
    "AcquisitionMatrixPE": 256,
    "AcquisitionNumber": 1,
    "AcquisitionTime": "14:07:15.287500",
    "BaseResolution": 256,
    "BodyPartExamined": "BRAIN",
    "ConsistencyInfo": "N4_VE11C_LATEST_20160120",
    "ConversionSoftware": "dcm2niix",
    "ConversionSoftwareVersion": "v1.0.20171215 (OpenJPEG build) GCC4.8.5",
    "DeviceSerialNumber": "67039",
    "DwellTime": 9.8e-06,
    "EchoTime": 0.00228,
    "FlipAngle": 8,
    "ImageOrientationPatientDICOM": [
      -0.0975896,
      0.995045,
      0.0190096,
      -0.039188,
      0.015244,
      -0.999116
    ],
    "ImageType": [
      "ORIGINAL",
      "PRIMARY",
      "M",
      "NORM",
      "DIS2D"
    ],
    "InPlanePhaseEncodingDirectionDICOM": "ROW",
    "InstitutionAddress": "University_Park_Chandlee_Laboratory_State_College_PA_US_16802",
    "InstitutionName": "PSU-SLEIC",
    "InstitutionalDepartmentName": "Department",
    "InversionTime": 0.9,
    "MRAcquisitionType": "3D",
    "MagneticFieldStrength": 3,
    "Manufacturer": "Siemens",
    "ManufacturersModelName": "Prisma_fit",
    "Modality": "MR",
    "ParallelReductionFactorInPlane": 2,
    "PartialFourier": 1,
    "PatientPosition": "HFS",
    "PercentPhaseFOV": 100,
    "PhaseEncodingSteps": 255,
    "PhaseResolution": 1,
    "PixelBandwidth": 200,
    "ProcedureStepDescription": "Investigators_20_ch_xxl213",
    "ProtocolName": "t1_mprage_sag_p2_iso_2300",
    "PulseSequenceDetails": "%SiemensSeq%_tfl",
    "ReceiveCoilActiveElements": "HE1-4;NE1,2",
    "ReceiveCoilName": "HeadNeck_20",
    "ReconMatrixPE": 256,
    "RepetitionTime": 2.3,
    "SAR": 0.0760076,
    "ScanOptions": "IR",
    "ScanningSequence": "GR_IR",
    "SequenceName": "_tfl3d1_16ns",
    "SequenceVariant": "SK_SP_MP",
    "SeriesDescription": "t1_mprage_sag_p2_iso_2300",
    "SeriesNumber": 6,
    "ShimSetting": [
      -1941,
      8275,
      9263,
      132,
      -19,
      -59,
      -30,
      9
    ],
    "SliceThickness": 1,
    "SoftwareVersions": "syngo_MR_E11",
    "StationName": "AWP67039",
    "TxRefAmp": 274.057,
    "dataset": "ds003768",
    "modality": "T1w",
    "subject_id": "04"
  },
  "cjv": 0.33651481121966526,
  "cnr": 4.010368285991071,
  "efc": 0.5003496028117024,
  "fber": 17302.366863905325,
  "fwhm_avg": 4.473293947390773,
  "fwhm_x": 4.415081842172318,
  "fwhm_y": 4.4466,
  "fwhm_z": 4.5582,
  "icvs_csf": 0.24316122979419427,
  "icvs_gm": 0.39927304284606535,
  "icvs_wm": 0.35756572735974035,
  "inu_med": 0.49233318865299225,
  "inu_range": 0.16281173378229136,
  "provenance": {
    "md5sum": "bb9fe4d9103ba92d964f2b7f02fd9e2b",
    "settings": {
      "testing": false
    },
    "software": "mriqc",
    "version": "22.0.6",
    "warnings": {
      "large_rot_frame": true,
      "small_air_mask": false
    },
    "webapi_port": null,
    "webapi_url": "https://mriqc.nimh.nih.gov/api/v1"
  },
  "qi_1": 4.768182065566838e-05,
  "qi_2": 0.011067900663003043,
  "rpve_csf": 22.25021911073108,
  "rpve_gm": 13.41866821429961,
  "rpve_wm": 18.032492218619666,
  "size_x": 192,
  "size_y": 256,
  "size_z": 256,
  "snr_csf": 2.263971179831313,
  "snr_gm": 10.558231056494954,
  "snr_total": 13.092926576058225,
  "snr_wm": 26.45657749184841,
  "snrd_csf": 23.826524188993897,
  "snrd_gm": 74.45526863983757,
  "snrd_total": 68.48571496879852,
  "snrd_wm": 107.1753520775641,
  "spacing_x": 0.9999973177909851,
  "spacing_y": 1.0,
  "spacing_z": 1.0,
  "summary_bg_k": 13.471844927148979,
  "summary_bg_mad": 0.0,
  "summary_bg_mean": 4.038518168518514,
  "summary_bg_median": 0.0,
  "summary_bg_n": 3906449.0,
  "summary_bg_p05": 0.0,
  "summary_bg_p95": 15.83763437345624,
  "summary_bg_stdv": 6.112752279082839,
  "summary_csf_k": 0.8057239025907408,
  "summary_csf_mad": 84.5892602488236,
  "summary_csf_mean": 229.93122622591906,
  "summary_csf_median": 222.3134602792561,
  "summary_csf_n": 63265.0,
  "summary_csf_p05": 81.2998564504087,
  "summary_csf_p95": 417.2063051939009,
  "summary_csf_stdv": 98.19546522977352,
  "summary_gm_k": -0.06776515841053676,
  "summary_gm_mad": 66.15239612330893,
  "summary_gm_mean": 692.6799987760487,
  "summary_gm_median": 694.7051225788891,
  "summary_gm_n": 37451.0,
  "summary_gm_p05": 581.4953657612205,
  "summary_gm_p95": 798.0799039769918,
  "summary_gm_stdv": 65.79661346163842,
  "summary_wm_k": 0.3543024340213381,
  "summary_wm_mad": 36.58384045031371,
  "summary_wm_mean": 1000.2304166175974,
  "summary_wm_median": 999.9999659210443,
  "summary_wm_n": 244541.0,
  "summary_wm_p05": 938.5264813899994,
  "summary_wm_p95": 1062.2946611233056,
  "summary_wm_stdv": 37.79770537516522,
  "tpm_overlap_csf": 0.14400891230439203,
  "tpm_overlap_gm": 0.43599054700718953,
  "tpm_overlap_wm": 0.4842664119543953,
  "wm2max": 0.46941772523680153
}