{
  "aor": 0.0005979906542056075,
  "aqi": 0.010566948504672897,
  "bids_meta": {
    "AcquisitionMatrixPE": 80,
    "AcquisitionNumber": 1,
    "AcquisitionTime": "15:23:55.032500",
    "BandwidthPerPixelPhaseEncode": 25.51,
    "BaseResolution": 80,
    "BodyPartExamined": "BRAIN",
    "ConsistencyInfo": "N4_VE11C_LATEST_20160120",
    "ConversionSoftware": "dcm2niix",
    "ConversionSoftwareVersion": "v1.0.20171215 (OpenJPEG build) GCC4.8.5",
    "DerivedVendorReportedEchoSpacing": 0.000490004,
    "DeviceSerialNumber": "67039",
    "DwellTime": 2.6e-06,
    "EchoTime": 0.025,
    "EchoTrainLength": 80,
    "EffectiveEchoSpacing": 0.000490004,
    "FlipAngle": 90,
    "ImageOrientationPatientDICOM": [
      0.999675,
      -0.00423816,
      -0.0251322,
      0.00296607,
      0.998723,
      -0.0504388
    ],
    "ImageType": [
      "ORIGINAL",
      "PRIMARY",
      "M",
      "ND",
      "NORM",
      "MOSAIC"
    ],
    "InPlanePhaseEncodingDirectionDICOM": "COL",
    "InstitutionAddress": "University_Park_Chandlee_Laboratory_State_College_PA_US_16802",
    "InstitutionName": "PSU-SLEIC",
    "InstitutionalDepartmentName": "Department",
    "MRAcquisitionType": "2D",
    "MagneticFieldStrength": 3,
    "Manufacturer": "Siemens",
    "ManufacturersModelName": "Prisma_fit",
    "Modality": "MR",
    "PartialFourier": 1,
    "PatientPosition": "HFS",
    "PercentPhaseFOV": 100,
    "PhaseEncodingDirection": "j-",
    "PhaseEncodingSteps": 80,
    "PhaseResolution": 1,
    "PixelBandwidth": 2405,
    "ProcedureStepDescription": "Investigators_20_ch_xxl213",
    "ProtocolName": "sleep-onset-segment-2",
    "PulseSequenceDetails": "%CustomerSeq%_ep2d_bold_1066",
    "ReceiveCoilActiveElements": "HE1-4",
    "ReceiveCoilName": "HeadNeck_20",
    "ReconMatrixPE": 80,
    "RepetitionTime": 2.1,
    "SAR": 0.193728,
    "ScanOptions": "FS_RT",
    "ScanningSequence": "EP",
    "SequenceName": "ep10662d1_80",
    "SequenceVariant": "SK",
    "SeriesDescription": "sleep-onset-segment-2",
    "SeriesNumber": 28,
    "ShimSetting": [
      -1933,
      8233,
      9525,
      357,
      -3,
      -153,
      -9,
      13
    ],
    "SliceThickness": 4,
    "SliceTiming": [
      2.02,
      1.96,
      1.9,
      1.8425,
      1.7825,
      1.7225,
      1.6625,
      1.605,
      1.545,
      1.485,
      1.425,
      1.365,
      1.3075,
      1.2475,
      1.1875,
      1.1275,
      1.07,
      1.01,
      0.95,
      0.89,
      0.8325,
      0.7725,
      0.7125,
      0.6525,
      0.5925,
      0.535,
      0.475,
      0.415,
      0.355,
      0.2975,
      0.2375,
      0.1775,
      0.1175,
      0.06,
      0
    ],
    "SoftwareVersions": "syngo_MR_E11",
    "SpacingBetweenSlices": 4,
    "StationName": "AWP67039",
    "TaskName": "sleep",
    "TotalReadoutTime": 0.0387103,
    "TxRefAmp": 322.28,
    "dataset": "ds003768",
    "modality": "bold",
    "run_id": 2,
    "subject_id": "07",
    "task_id": "sleep"
  },
  "dummy_trs": 1,
  "dvars_nstd": 34.81126774988294,
  "dvars_std": 1.2837126870725997,
  "dvars_vstd": 0.9719283213114748,
  "efc": 0.4737980198934988,
  "fber": 2264.9248046875,
  "fd_mean": 0.44895669517367076,
  "fd_num": 384,
  "fd_perc": 89.7196261682243,
  "fwhm_avg": 1.8412744444444444,
  "fwhm_x": 1.8762866666666669,
  "fwhm_y": 2.010616666666667,
  "fwhm_z": 1.63692,
  "gcor": 0.0734427,
  "gsr_x": -0.014201774261891842,
  "gsr_y": 0.02216069959104061,
  "provenance": {
    "md5sum": "5cc351f4c33494fafc2070a67f3a2ff7",
    "settings": {
      "fd_thres": 0.2,
      "testing": false
    },
    "software": "mriqc",
    "version": "22.0.6",
    "webapi_port": null,
    "webapi_url": "https://mriqc.nimh.nih.gov/api/v1"
  },
  "size_t": 428,
  "size_x": 80,
  "size_y": 80,
  "size_z": 35,
  "snr": 6.980410333963023,
  "spacing_tr": 2.0999999046325684,
  "spacing_x": 3.0,
  "spacing_y": 3.0,
  "spacing_z": 4.0,
  "summary_bg_k": 26.77178245258245,
  "summary_bg_mad": 8.078103346175462,
  "summary_bg_mean": 32.97393798828125,
  "summary_bg_median": 14.060747146606445,
  "summary_bg_n": 153222.0,
  "summary_bg_p05": 6.191588401794434,
  "summary_bg_p95": 136.6048995971679,
  "summary_bg_stdv": 54.48213577270508,
  "summary_fg_k": 2.042768383009082,
  "summary_fg_mad": 86.2576957228949,
  "summary_fg_mean": 678.0955200195312,
  "summary_fg_median": 672.96728515625,
  "summary_fg_n": 30937.0,
  "summary_fg_p05": 533.8327026367188,
  "summary_fg_p95": 836.5882812499999,
  "summary_fg_stdv": 96.40642547607422,
  "tsnr": 60.42539059370756
}