{
  "aor": 0.0006704195804195804,
  "aqi": 0.009745130862470862,
  "bids_meta": {
    "AcquisitionMatrixPE": 80,
    "AcquisitionNumber": 1,
    "AcquisitionTime": "16:15:5.380000",
    "BandwidthPerPixelPhaseEncode": 25.51,
    "BaseResolution": 80,
    "BodyPartExamined": "BRAIN",
    "ConsistencyInfo": "N4_VE11C_LATEST_20160120",
    "ConversionSoftware": "dcm2niix",
    "ConversionSoftwareVersion": "v1.0.20171215 (OpenJPEG build) GCC4.8.5",
    "DerivedVendorReportedEchoSpacing": 0.000490004,
    "DeviceSerialNumber": "67039",
    "DwellTime": 2.6e-06,
    "EchoTime": 0.025,
    "EchoTrainLength": 80,
    "EffectiveEchoSpacing": 0.000490004,
    "FlipAngle": 90,
    "ImageOrientationPatientDICOM": [
      0.999675,
      -0.00423816,
      -0.0251322,
      0.00296607,
      0.998723,
      -0.0504388
    ],
    "ImageType": [
      "ORIGINAL",
      "PRIMARY",
      "M",
      "ND",
      "NORM",
      "MOSAIC"
    ],
    "InPlanePhaseEncodingDirectionDICOM": "COL",
    "InstitutionAddress": "University_Park_Chandlee_Laboratory_State_College_PA_US_16802",
    "InstitutionName": "PSU-SLEIC",
    "InstitutionalDepartmentName": "Department",
    "MRAcquisitionType": "2D",
    "MagneticFieldStrength": 3,
    "Manufacturer": "Siemens",
    "ManufacturersModelName": "Prisma_fit",
    "Modality": "MR",
    "PartialFourier": 1,
    "PatientPosition": "HFS",
    "PercentPhaseFOV": 100,
    "PhaseEncodingDirection": "j-",
    "PhaseEncodingSteps": 80,
    "PhaseResolution": 1,
    "PixelBandwidth": 2405,
    "ProcedureStepDescription": "Investigators_20_ch_xxl213",
    "ProtocolName": "sleep-onset-segment-5",
    "PulseSequenceDetails": "%CustomerSeq%_ep2d_bold_1066",
    "ReceiveCoilActiveElements": "HE1-4",
    "ReceiveCoilName": "HeadNeck_20",
    "ReconMatrixPE": 80,
    "RepetitionTime": 2.1,
    "SAR": 0.193728,
    "ScanOptions": "FS_RT",
    "ScanningSequence": "EP",
    "SequenceName": "ep10662d1_80",
    "SequenceVariant": "SK",
    "SeriesDescription": "sleep-onset-segment-5",
    "SeriesNumber": 36,
    "ShimSetting": [
      -1933,
      8233,
      9525,
      357,
      -3,
      -153,
      -9,
      13
    ],
    "SliceThickness": 4,
    "SliceTiming": [
      2.02,
      1.96,
      1.9,
      1.84,
      1.7825,
      1.7225,
      1.6625,
      1.6025,
      1.545,
      1.485,
      1.425,
      1.365,
      1.305,
      1.2475,
      1.1875,
      1.1275,
      1.0675,
      1.01,
      0.95,
      0.89,
      0.83,
      0.7725,
      0.7125,
      0.6525,
      0.5925,
      0.5325,
      0.475,
      0.415,
      0.355,
      0.295,
      0.2375,
      0.1775,
      0.1175,
      0.0575,
      0
    ],
    "SoftwareVersions": "syngo_MR_E11",
    "SpacingBetweenSlices": 4,
    "StationName": "AWP67039",
    "TaskName": "sleep",
    "TotalReadoutTime": 0.0387103,
    "TxRefAmp": 322.28,
    "dataset": "ds003768",
    "modality": "bold",
    "run_id": 5,
    "subject_id": "07",
    "task_id": "sleep"
  },
  "dummy_trs": 0,
  "dvars_nstd": 38.600986017313055,
  "dvars_std": 1.2661841263785039,
  "dvars_vstd": 0.968724685397195,
  "efc": 0.475041333016593,
  "fber": 2225.1708984375,
  "fd_mean": 0.5776547794517733,
  "fd_num": 412,
  "fd_perc": 96.03729603729603,
  "fwhm_avg": 1.8350161111111112,
  "fwhm_x": 1.8884833333333333,
  "fwhm_y": 2.00986,
  "fwhm_z": 1.606705,
  "gcor": 0.0466066,
  "gsr_x": -0.014880615286529064,
  "gsr_y": 0.02240990847349167,
  "provenance": {
    "md5sum": "1474827edf3fc9aea5e640be6df4f5e2",
    "settings": {
      "fd_thres": 0.2,
      "testing": false
    },
    "software": "mriqc",
    "version": "22.0.6",
    "webapi_port": null,
    "webapi_url": "https://mriqc.nimh.nih.gov/api/v1"
  },
  "size_t": 429,
  "size_x": 80,
  "size_y": 80,
  "size_z": 35,
  "snr": 6.968671878036104,
  "spacing_tr": 2.0999999046325684,
  "spacing_x": 3.0,
  "spacing_y": 3.0,
  "spacing_z": 4.0,
  "summary_bg_k": 26.731917964644808,
  "summary_bg_mad": 8.21479120119941,
  "summary_bg_mean": 33.36711883544922,
  "summary_bg_median": 14.090909004211426,
  "summary_bg_n": 153141.0,
  "summary_bg_p05": 6.149184226989746,
  "summary_bg_p95": 139.1352081298828,
  "summary_bg_stdv": 55.230552673339844,
  "summary_fg_k": 2.1693147784450666,
  "summary_fg_mad": 86.08426999341698,
  "summary_fg_mean": 674.2098388671875,
  "summary_fg_median": 668.9300537109375,
  "summary_fg_n": 30920.0,
  "summary_fg_p05": 531.8798706054688,
  "summary_fg_p95": 831.3893981933594,
  "summary_fg_stdv": 95.98948669433594,
  "tsnr": 63.60095820855349
}