{
  "aor": 0.004758461538461538,
  "aqi": 0.010499845594405593,
  "bids_meta": {
    "AcquisitionMatrixPE": 80,
    "AcquisitionNumber": 1,
    "AcquisitionTime": "14:51:8.807500",
    "BandwidthPerPixelPhaseEncode": 25.51,
    "BaseResolution": 80,
    "BodyPartExamined": "BRAIN",
    "ConsistencyInfo": "N4_VE11C_LATEST_20160120",
    "ConversionSoftware": "dcm2niix",
    "ConversionSoftwareVersion": "v1.0.20171215 (OpenJPEG build) GCC4.8.5",
    "DerivedVendorReportedEchoSpacing": 0.000490004,
    "DeviceSerialNumber": "67039",
    "DwellTime": 2.6e-06,
    "EchoTime": 0.025,
    "EchoTrainLength": 80,
    "EffectiveEchoSpacing": 0.000490004,
    "FlipAngle": 90,
    "ImageOrientationPatientDICOM": [
      0.999675,
      -0.00423816,
      -0.0251322,
      0.00296607,
      0.998723,
      -0.0504388
    ],
    "ImageType": [
      "ORIGINAL",
      "PRIMARY",
      "M",
      "ND",
      "NORM",
      "MOSAIC"
    ],
    "InPlanePhaseEncodingDirectionDICOM": "COL",
    "InstitutionAddress": "University_Park_Chandlee_Laboratory_State_College_PA_US_16802",
    "InstitutionName": "PSU-SLEIC",
    "InstitutionalDepartmentName": "Department",
    "MRAcquisitionType": "2D",
    "MagneticFieldStrength": 3,
    "Manufacturer": "Siemens",
    "ManufacturersModelName": "Prisma_fit",
    "Modality": "MR",
    "PartialFourier": 1,
    "PatientPosition": "HFS",
    "PercentPhaseFOV": 100,
    "PhaseEncodingDirection": "j-",
    "PhaseEncodingSteps": 80,
    "PhaseResolution": 1,
    "PixelBandwidth": 2405,
    "ProcedureStepDescription": "Investigators_20_ch_xxl213",
    "ProtocolName": "resting-post-motor",
    "PulseSequenceDetails": "%CustomerSeq%_ep2d_bold_1066",
    "ReceiveCoilActiveElements": "HE1-4",
    "ReceiveCoilName": "HeadNeck_20",
    "ReconMatrixPE": 80,
    "RepetitionTime": 2.1,
    "SAR": 0.193728,
    "ScanOptions": "FS_RT",
    "ScanningSequence": "EP",
    "SequenceName": "ep10662d1_80",
    "SequenceVariant": "SK",
    "SeriesDescription": "resting-post-motor",
    "SeriesNumber": 22,
    "ShimSetting": [
      -1933,
      8233,
      9525,
      357,
      -3,
      -153,
      -9,
      13
    ],
    "SliceThickness": 4,
    "SliceTiming": [
      2.0225,
      1.9625,
      1.9025,
      1.8425,
      1.7825,
      1.725,
      1.665,
      1.605,
      1.545,
      1.4875,
      1.4275,
      1.3675,
      1.3075,
      1.25,
      1.19,
      1.13,
      1.07,
      1.01,
      0.9525,
      0.8925,
      0.8325,
      0.7725,
      0.715,
      0.655,
      0.595,
      0.535,
      0.4775,
      0.4175,
      0.3575,
      0.2975,
      0.2375,
      0.18,
      0.12,
      0.06,
      0
    ],
    "SoftwareVersions": "syngo_MR_E11",
    "SpacingBetweenSlices": 4,
    "StationName": "AWP67039",
    "TaskName": "rest",
    "TotalReadoutTime": 0.0387103,
    "TxRefAmp": 322.28,
    "dataset": "ds003768",
    "modality": "bold",
    "run_id": 2,
    "subject_id": "07",
    "task_id": "rest"
  },
  "dummy_trs": 0,
  "dvars_nstd": 28.61420770589475,
  "dvars_std": 1.3357361724210528,
  "dvars_vstd": 1.0333372538596495,
  "efc": 0.4729743505962103,
  "fber": 2283.63330078125,
  "fd_mean": 0.3513806394288154,
  "fd_num": 205,
  "fd_perc": 71.67832167832168,
  "fwhm_avg": 1.8372330555555554,
  "fwhm_x": 1.89183,
  "fwhm_y": 2.0076266666666664,
  "fwhm_z": 1.6122425,
  "gcor": 0.108276,
  "gsr_x": -0.015208359807729721,
  "gsr_y": 0.021152719855308533,
  "provenance": {
    "md5sum": "7cca490ada74feaf61032a15d2fd051f",
    "settings": {
      "fd_thres": 0.2,
      "testing": false
    },
    "software": "mriqc",
    "version": "22.0.6",
    "webapi_port": null,
    "webapi_url": "https://mriqc.nimh.nih.gov/api/v1"
  },
  "size_t": 286,
  "size_x": 80,
  "size_y": 80,
  "size_z": 35,
  "snr": 6.850792996930339,
  "spacing_tr": 2.0999999046325684,
  "spacing_x": 3.0,
  "spacing_y": 3.0,
  "spacing_z": 4.0,
  "summary_bg_k": 27.681372955146824,
  "summary_bg_mad": 8.097288822004494,
  "summary_bg_mean": 33.034629821777344,
  "summary_bg_median": 14.073426246643066,
  "summary_bg_n": 153307.0,
  "summary_bg_p05": 6.199300765991211,
  "summary_bg_p95": 136.45944213867114,
  "summary_bg_stdv": 54.60114669799805,
  "summary_fg_k": 2.1426667231094667,
  "summary_fg_mad": 87.32838355549733,
  "summary_fg_mean": 682.5137939453125,
  "summary_fg_median": 676.8426513671875,
  "summary_fg_n": 30791.0,
  "summary_fg_p05": 533.8741149902344,
  "summary_fg_p95": 843.9178161621094,
  "summary_fg_stdv": 98.79610443115234,
  "tsnr": 58.04199586715549
}