{
  "aor": 0.0031988344988344987,
  "aqi": 0.01007497153846154,
  "bids_meta": {
    "AcquisitionMatrixPE": 80,
    "AcquisitionNumber": 1,
    "AcquisitionTime": "15:59:27.577500",
    "BandwidthPerPixelPhaseEncode": 25.51,
    "BaseResolution": 80,
    "BodyPartExamined": "BRAIN",
    "ConsistencyInfo": "N4_VE11C_LATEST_20160120",
    "ConversionSoftware": "dcm2niix",
    "ConversionSoftwareVersion": "v1.0.20171215 (OpenJPEG build) GCC4.8.5",
    "DerivedVendorReportedEchoSpacing": 0.000490004,
    "DeviceSerialNumber": "67039",
    "DwellTime": 2.6e-06,
    "EchoTime": 0.025,
    "EchoTrainLength": 80,
    "EffectiveEchoSpacing": 0.000490004,
    "FlipAngle": 90,
    "ImageOrientationPatientDICOM": [
      0.999675,
      -0.00423816,
      -0.0251322,
      0.00296607,
      0.998723,
      -0.0504388
    ],
    "ImageType": [
      "ORIGINAL",
      "PRIMARY",
      "M",
      "ND",
      "NORM",
      "MOSAIC"
    ],
    "InPlanePhaseEncodingDirectionDICOM": "COL",
    "InstitutionAddress": "University_Park_Chandlee_Laboratory_State_College_PA_US_16802",
    "InstitutionName": "PSU-SLEIC",
    "InstitutionalDepartmentName": "Department",
    "MRAcquisitionType": "2D",
    "MagneticFieldStrength": 3,
    "Manufacturer": "Siemens",
    "ManufacturersModelName": "Prisma_fit",
    "Modality": "MR",
    "PartialFourier": 1,
    "PatientPosition": "HFS",
    "PercentPhaseFOV": 100,
    "PhaseEncodingDirection": "j-",
    "PhaseEncodingSteps": 80,
    "PhaseResolution": 1,
    "PixelBandwidth": 2405,
    "ProcedureStepDescription": "Investigators_20_ch_xxl213",
    "ProtocolName": "sleep-onset-segment-4",
    "PulseSequenceDetails": "%CustomerSeq%_ep2d_bold_1066",
    "ReceiveCoilActiveElements": "HE1-4",
    "ReceiveCoilName": "HeadNeck_20",
    "ReconMatrixPE": 80,
    "RepetitionTime": 2.1,
    "SAR": 0.193728,
    "ScanOptions": "FS_RT",
    "ScanningSequence": "EP",
    "SequenceName": "ep10662d1_80",
    "SequenceVariant": "SK",
    "SeriesDescription": "sleep-onset-segment-4",
    "SeriesNumber": 34,
    "ShimSetting": [
      -1933,
      8233,
      9525,
      357,
      -3,
      -153,
      -9,
      13
    ],
    "SliceThickness": 4,
    "SliceTiming": [
      2.02,
      1.96,
      1.9,
      1.84,
      1.7825,
      1.7225,
      1.6625,
      1.6025,
      1.545,
      1.485,
      1.425,
      1.365,
      1.3075,
      1.2475,
      1.1875,
      1.1275,
      1.0675,
      1.01,
      0.95,
      0.89,
      0.83,
      0.7725,
      0.7125,
      0.6525,
      0.5925,
      0.535,
      0.475,
      0.415,
      0.355,
      0.295,
      0.2375,
      0.1775,
      0.1175,
      0.0575,
      0
    ],
    "SoftwareVersions": "syngo_MR_E11",
    "SpacingBetweenSlices": 4,
    "StationName": "AWP67039",
    "TaskName": "sleep",
    "TotalReadoutTime": 0.0387103,
    "TxRefAmp": 322.28,
    "dataset": "ds003768",
    "modality": "bold",
    "run_id": 4,
    "subject_id": "07",
    "task_id": "sleep"
  },
  "dummy_trs": 0,
  "dvars_nstd": 27.84992428801402,
  "dvars_std": 1.3187692152336448,
  "dvars_vstd": 1.0050388692056078,
  "efc": 0.4747111283458383,
  "fber": 2238.682373046875,
  "fd_mean": 0.36563312918206925,
  "fd_num": 336,
  "fd_perc": 78.32167832167832,
  "fwhm_avg": 1.8245180555555554,
  "fwhm_x": 1.8775866666666667,
  "fwhm_y": 1.9963,
  "fwhm_z": 1.5996675,
  "gcor": 0.0744968,
  "gsr_x": -0.015054116025567055,
  "gsr_y": 0.02195196971297264,
  "provenance": {
    "md5sum": "87ac76598ada36c9bc9a235ef8a1d838",
    "settings": {
      "fd_thres": 0.2,
      "testing": false
    },
    "software": "mriqc",
    "version": "22.0.6",
    "webapi_port": null,
    "webapi_url": "https://mriqc.nimh.nih.gov/api/v1"
  },
  "size_t": 429,
  "size_x": 80,
  "size_y": 80,
  "size_z": 35,
  "snr": 6.918271009634246,
  "spacing_tr": 2.0999999046325684,
  "spacing_x": 3.0,
  "spacing_y": 3.0,
  "spacing_z": 4.0,
  "summary_bg_k": 27.545794407785923,
  "summary_bg_mad": 8.366852604656485,
  "summary_bg_mean": 33.308250427246094,
  "summary_bg_median": 14.030303001403809,
  "summary_bg_n": 153179.0,
  "summary_bg_p05": 6.1142191886901855,
  "summary_bg_p95": 138.23916168212898,
  "summary_bg_stdv": 55.04466247558594,
  "summary_fg_k": 2.288251484868182,
  "summary_fg_mad": 86.2812233459913,
  "summary_fg_mean": 673.3849487304688,
  "summary_fg_median": 668.072265625,
  "summary_fg_n": 30833.0,
  "summary_fg_p05": 529.5795166015625,
  "summary_fg_p95": 831.1948852539061,
  "summary_fg_stdv": 96.5647964477539,
  "tsnr": 61.86893702019006
}