{
  "aor": 0.007022517482517483,
  "aqi": 0.018905165804195805,
  "bids_meta": {
    "AcquisitionMatrixPE": 80,
    "AcquisitionNumber": 1,
    "AcquisitionTime": "14:11:3.947500",
    "BandwidthPerPixelPhaseEncode": 25.51,
    "BaseResolution": 80,
    "BodyPartExamined": "BRAIN",
    "ConsistencyInfo": "N4_VE11C_LATEST_20160120",
    "ConversionSoftware": "dcm2niix",
    "ConversionSoftwareVersion": "v1.0.20171215 (OpenJPEG build) GCC4.8.5",
    "DerivedVendorReportedEchoSpacing": 0.000490004,
    "DeviceSerialNumber": "67039",
    "DwellTime": 2.6e-06,
    "EchoTime": 0.025,
    "EchoTrainLength": 80,
    "EffectiveEchoSpacing": 0.000490004,
    "FlipAngle": 90,
    "ImageOrientationPatientDICOM": [
      0.999411,
      0.0269558,
      0.0212302,
      -0.0256469,
      0.997888,
      -0.0596801
    ],
    "ImageType": [
      "ORIGINAL",
      "PRIMARY",
      "M",
      "ND",
      "NORM",
      "MOSAIC"
    ],
    "InPlanePhaseEncodingDirectionDICOM": "COL",
    "InstitutionAddress": "University_Park_Chandlee_Laboratory_State_College_PA_US_16802",
    "InstitutionName": "PSU-SLEIC",
    "InstitutionalDepartmentName": "Department",
    "MRAcquisitionType": "2D",
    "MagneticFieldStrength": 3,
    "Manufacturer": "Siemens",
    "ManufacturersModelName": "Prisma_fit",
    "Modality": "MR",
    "PartialFourier": 1,
    "PatientPosition": "HFS",
    "PercentPhaseFOV": 100,
    "PhaseEncodingDirection": "j-",
    "PhaseEncodingSteps": 80,
    "PhaseResolution": 1,
    "PixelBandwidth": 2405,
    "ProcedureStepDescription": "Investigators_20_ch_xxl213",
    "ProtocolName": "resting-pre-motor",
    "PulseSequenceDetails": "%CustomerSeq%_ep2d_bold_1066",
    "ReceiveCoilActiveElements": "HE1-4",
    "ReceiveCoilName": "HeadNeck_20",
    "ReconMatrixPE": 80,
    "RepetitionTime": 2.1,
    "SAR": 0.183434,
    "ScanOptions": "FS_RT",
    "ScanningSequence": "EP",
    "SequenceName": "ep10662d1_80",
    "SequenceVariant": "SK",
    "SeriesDescription": "resting-pre-motor",
    "SeriesNumber": 11,
    "ShimSetting": [
      -1925,
      8248,
      9521,
      356,
      6,
      -171,
      -84,
      35
    ],
    "SliceThickness": 4,
    "SliceTiming": [
      2.02,
      1.96,
      1.9025,
      1.8425,
      1.7825,
      1.7225,
      1.6625,
      1.605,
      1.545,
      1.485,
      1.425,
      1.3675,
      1.3075,
      1.2475,
      1.1875,
      1.13,
      1.07,
      1.01,
      0.95,
      0.89,
      0.8325,
      0.7725,
      0.7125,
      0.6525,
      0.595,
      0.535,
      0.475,
      0.415,
      0.3575,
      0.2975,
      0.2375,
      0.1775,
      0.1175,
      0.06,
      0
    ],
    "SoftwareVersions": "syngo_MR_E11",
    "SpacingBetweenSlices": 4,
    "StationName": "AWP67039",
    "TaskName": "rest",
    "TotalReadoutTime": 0.0387103,
    "TxRefAmp": 317.24,
    "dataset": "ds003768",
    "modality": "bold",
    "run_id": 1,
    "subject_id": "07",
    "task_id": "rest"
  },
  "dummy_trs": 0,
  "dvars_nstd": 29.513329087684205,
  "dvars_std": 1.2839823353684214,
  "dvars_vstd": 1.0152732895438608,
  "efc": 0.4684312518678029,
  "fber": 2557.985107421875,
  "fd_mean": 0.4249362651056836,
  "fd_num": 232,
  "fd_perc": 81.11888111888112,
  "fwhm_avg": 1.7623347524844457,
  "fwhm_x": 1.8204366666666667,
  "fwhm_y": 1.94342,
  "fwhm_z": 1.5231475907866712,
  "gcor": 0.0839517,
  "gsr_x": -0.012894206680357456,
  "gsr_y": 0.023702546954154968,
  "provenance": {
    "md5sum": "9411c9f0a46ca80326c3c789b21b34a1",
    "settings": {
      "fd_thres": 0.2,
      "testing": false
    },
    "software": "mriqc",
    "version": "22.0.6",
    "webapi_port": null,
    "webapi_url": "https://mriqc.nimh.nih.gov/api/v1"
  },
  "size_t": 286,
  "size_x": 80,
  "size_y": 80,
  "size_z": 35,
  "snr": 7.033487505809775,
  "spacing_tr": 2.0999999046325684,
  "spacing_x": 3.0,
  "spacing_y": 3.0,
  "spacing_z": 3.999999761581421,
  "summary_bg_k": 33.95822839208799,
  "summary_bg_mad": 8.449795959589245,
  "summary_bg_mean": 33.010231018066406,
  "summary_bg_median": 13.678321838378906,
  "summary_bg_n": 153923.0,
  "summary_bg_p05": 5.790209770202637,
  "summary_bg_p95": 136.12517089843746,
  "summary_bg_stdv": 56.397823333740234,
  "summary_fg_k": 1.773493034913213,
  "summary_fg_mad": 91.29930338902167,
  "summary_fg_mean": 694.4149780273438,
  "summary_fg_median": 689.5314331054688,
  "summary_fg_n": 30526.0,
  "summary_fg_p05": 551.2456207275391,
  "summary_fg_p95": 857.6039886474609,
  "summary_fg_stdv": 98.03388977050781,
  "tsnr": 46.117192167788744
}