{
  "aor": 0.0026808391608391614,
  "aqi": 0.01007874247086247,
  "bids_meta": {
    "AcquisitionMatrixPE": 80,
    "AcquisitionNumber": 1,
    "AcquisitionTime": "18:51:25.070000",
    "BandwidthPerPixelPhaseEncode": 25.51,
    "BaseResolution": 80,
    "BodyPartExamined": "BRAIN",
    "ConsistencyInfo": "N4_VE11C_LATEST_20160120",
    "ConversionSoftware": "dcm2niix",
    "ConversionSoftwareVersion": "v1.0.20171215 (OpenJPEG build) GCC4.8.5",
    "DerivedVendorReportedEchoSpacing": 0.000490004,
    "DeviceSerialNumber": "67039",
    "DwellTime": 2.6e-06,
    "EchoTime": 0.025,
    "EchoTrainLength": 80,
    "EffectiveEchoSpacing": 0.000490004,
    "FlipAngle": 90,
    "ImageOrientationPatientDICOM": [
      0.998714,
      0.00508933,
      -0.0504388,
      -0.0162121,
      0.974763,
      -0.222654
    ],
    "ImageType": [
      "ORIGINAL",
      "PRIMARY",
      "M",
      "ND",
      "NORM",
      "MOSAIC"
    ],
    "InPlanePhaseEncodingDirectionDICOM": "COL",
    "InstitutionAddress": "University_Park_Chandlee_Laboratory_State_College_PA_US_16802",
    "InstitutionName": "Penn_State_SLEIC",
    "InstitutionalDepartmentName": "Department",
    "MRAcquisitionType": "2D",
    "MagneticFieldStrength": 3,
    "Manufacturer": "Siemens",
    "ManufacturersModelName": "Prisma_fit",
    "Modality": "MR",
    "PartialFourier": 1,
    "PatientPosition": "HFS",
    "PercentPhaseFOV": 100,
    "PhaseEncodingDirection": "j-",
    "PhaseEncodingSteps": 80,
    "PhaseResolution": 1,
    "PixelBandwidth": 2405,
    "ProcedureStepDescription": "Investigators_20_ch_xxl213",
    "ProtocolName": "sleep-onset-segment-5",
    "PulseSequenceDetails": "%CustomerSeq%_ep2d_bold_1066",
    "ReceiveCoilActiveElements": "HE1-4",
    "ReceiveCoilName": "HeadNeck_20",
    "ReconMatrixPE": 80,
    "RepetitionTime": 2.1,
    "SAR": 0.184108,
    "ScanOptions": "FS_RT",
    "ScanningSequence": "EP",
    "SequenceName": "ep10662d1_80",
    "SequenceVariant": "SK",
    "SeriesDescription": "sleep-onset-segment-5",
    "SeriesNumber": 32,
    "ShimSetting": [
      -1949,
      8317,
      9551,
      456,
      10,
      -105,
      -59,
      5
    ],
    "SliceThickness": 4,
    "SliceTiming": [
      2.0225,
      1.9625,
      1.9025,
      1.8425,
      1.785,
      1.725,
      1.665,
      1.605,
      1.545,
      1.4875,
      1.4275,
      1.3675,
      1.3075,
      1.25,
      1.19,
      1.13,
      1.07,
      1.0125,
      0.9525,
      0.8925,
      0.8325,
      0.7725,
      0.715,
      0.655,
      0.595,
      0.535,
      0.4775,
      0.4175,
      0.3575,
      0.2975,
      0.24,
      0.18,
      0.12,
      0.06,
      0
    ],
    "SoftwareVersions": "syngo_MR_E11",
    "SpacingBetweenSlices": 4,
    "StationName": "AWP67039",
    "TaskName": "sleep",
    "TotalReadoutTime": 0.0387103,
    "TxRefAmp": 351.907,
    "dataset": "ds003768",
    "modality": "bold",
    "run_id": 5,
    "subject_id": "03",
    "task_id": "sleep"
  },
  "dummy_trs": 0,
  "dvars_nstd": 27.43497511806076,
  "dvars_std": 1.3307888125467302,
  "dvars_vstd": 0.9788304091121489,
  "efc": 0.4795211627546999,
  "fber": 2548.269287109375,
  "fd_mean": 0.2745687484693314,
  "fd_num": 224,
  "fd_perc": 52.214452214452216,
  "fwhm_avg": 1.9236066666666665,
  "fwhm_x": 1.8972066666666667,
  "fwhm_y": 2.1726433333333333,
  "fwhm_z": 1.70097,
  "gcor": 0.0308861,
  "gsr_x": -0.0067644850350916386,
  "gsr_y": 0.033805105835199356,
  "provenance": {
    "md5sum": "7c45f5d3e75503122478c8995bf63b4c",
    "settings": {
      "fd_thres": 0.2,
      "testing": false
    },
    "software": "mriqc",
    "version": "22.0.6",
    "webapi_port": null,
    "webapi_url": "https://mriqc.nimh.nih.gov/api/v1"
  },
  "size_t": 429,
  "size_x": 80,
  "size_y": 80,
  "size_z": 35,
  "snr": 6.992590449700508,
  "spacing_tr": 2.0999999046325684,
  "spacing_x": 3.0,
  "spacing_y": 3.0,
  "spacing_z": 4.0,
  "summary_bg_k": 25.991837363918414,
  "summary_bg_mad": 6.293284284453669,
  "summary_bg_mean": 33.415618896484375,
  "summary_bg_median": 12.202797889709473,
  "summary_bg_n": 152215.0,
  "summary_bg_p05": 6.303030490875244,
  "summary_bg_p95": 152.050352478027,
  "summary_bg_stdv": 61.89338302612305,
  "summary_fg_k": 1.1856091596226603,
  "summary_fg_mad": 88.01267542417038,
  "summary_fg_mean": 625.9716796875,
  "summary_fg_median": 624.8601684570312,
  "summary_fg_n": 30699.0,
  "summary_fg_p05": 487.5417419433594,
  "summary_fg_p95": 767.8860595703125,
  "summary_fg_stdv": 89.35887145996094,
  "tsnr": 59.977772729471326
}