{
  "aor": 0.002681095571095571,
  "aqi": 0.02768541445221445,
  "bids_meta": {
    "AcquisitionMatrixPE": 80,
    "AcquisitionNumber": 1,
    "AcquisitionTime": "19:38:17.902500",
    "BandwidthPerPixelPhaseEncode": 25.51,
    "BaseResolution": 80,
    "BodyPartExamined": "BRAIN",
    "ConsistencyInfo": "N4_VE11C_LATEST_20160120",
    "ConversionSoftware": "dcm2niix",
    "ConversionSoftwareVersion": "v1.0.20171215 (OpenJPEG build) GCC4.8.5",
    "DerivedVendorReportedEchoSpacing": 0.000490004,
    "DeviceSerialNumber": "67039",
    "DwellTime": 2.6e-06,
    "EchoTime": 0.025,
    "EchoTrainLength": 80,
    "EffectiveEchoSpacing": 0.000490004,
    "FlipAngle": 90,
    "ImageOrientationPatientDICOM": [
      0.998714,
      0.00508933,
      -0.0504388,
      -0.0162121,
      0.974763,
      -0.222654
    ],
    "ImageType": [
      "ORIGINAL",
      "PRIMARY",
      "M",
      "ND",
      "NORM",
      "MOSAIC"
    ],
    "InPlanePhaseEncodingDirectionDICOM": "COL",
    "InstitutionAddress": "University_Park_Chandlee_Laboratory_State_College_PA_US_16802",
    "InstitutionName": "Penn_State_SLEIC",
    "InstitutionalDepartmentName": "Department",
    "MRAcquisitionType": "2D",
    "MagneticFieldStrength": 3,
    "Manufacturer": "Siemens",
    "ManufacturersModelName": "Prisma_fit",
    "Modality": "MR",
    "PartialFourier": 1,
    "PatientPosition": "HFS",
    "PercentPhaseFOV": 100,
    "PhaseEncodingDirection": "j-",
    "PhaseEncodingSteps": 80,
    "PhaseResolution": 1,
    "PixelBandwidth": 2405,
    "ProcedureStepDescription": "Investigators_20_ch_xxl213",
    "ProtocolName": "sleep-onset-segment-8",
    "PulseSequenceDetails": "%CustomerSeq%_ep2d_bold_1066",
    "ReceiveCoilActiveElements": "HE1-4",
    "ReceiveCoilName": "HeadNeck_20",
    "ReconMatrixPE": 80,
    "RepetitionTime": 2.1,
    "SAR": 0.184108,
    "ScanOptions": "FS_RT",
    "ScanningSequence": "EP",
    "SequenceName": "ep10662d1_80",
    "SequenceVariant": "SK",
    "SeriesDescription": "sleep-onset-segment-8",
    "SeriesNumber": 38,
    "ShimSetting": [
      -1949,
      8317,
      9551,
      456,
      10,
      -105,
      -59,
      5
    ],
    "SliceThickness": 4,
    "SliceTiming": [
      2.02,
      1.96,
      1.9,
      1.8425,
      1.7825,
      1.7225,
      1.6625,
      1.605,
      1.545,
      1.485,
      1.425,
      1.3675,
      1.3075,
      1.2475,
      1.1875,
      1.1275,
      1.07,
      1.01,
      0.95,
      0.89,
      0.8325,
      0.7725,
      0.7125,
      0.6525,
      0.595,
      0.535,
      0.475,
      0.415,
      0.355,
      0.2975,
      0.2375,
      0.1775,
      0.1175,
      0.06,
      0
    ],
    "SoftwareVersions": "syngo_MR_E11",
    "SpacingBetweenSlices": 4,
    "StationName": "AWP67039",
    "TaskName": "sleep",
    "TotalReadoutTime": 0.0387103,
    "TxRefAmp": 351.907,
    "dataset": "ds003768",
    "modality": "bold",
    "run_id": 8,
    "subject_id": "03",
    "task_id": "sleep"
  },
  "dummy_trs": 0,
  "dvars_nstd": 32.87771769093455,
  "dvars_std": 1.0671475254439244,
  "dvars_vstd": 0.8776710191588784,
  "efc": 0.481994515493327,
  "fber": 2471.6376953125,
  "fd_mean": 0.4711765247819193,
  "fd_num": 266,
  "fd_perc": 62.004662004662,
  "fwhm_avg": 2.0131344444444443,
  "fwhm_x": 2.0029333333333335,
  "fwhm_y": 2.30452,
  "fwhm_z": 1.73195,
  "gcor": 0.0332715,
  "gsr_x": -0.008209588006138802,
  "gsr_y": 0.036238111555576324,
  "provenance": {
    "md5sum": "60124595d14b35162aeb8e003c51b6a0",
    "settings": {
      "fd_thres": 0.2,
      "testing": false
    },
    "software": "mriqc",
    "version": "22.0.6",
    "webapi_port": null,
    "webapi_url": "https://mriqc.nimh.nih.gov/api/v1"
  },
  "size_t": 429,
  "size_x": 80,
  "size_y": 80,
  "size_z": 35,
  "snr": 6.924646896186872,
  "spacing_tr": 2.0999999046325684,
  "spacing_x": 3.0,
  "spacing_y": 3.0,
  "spacing_z": 4.0,
  "summary_bg_k": 25.86149165460232,
  "summary_bg_mad": 6.566303686747943,
  "summary_bg_mean": 32.781776428222656,
  "summary_bg_median": 12.326340675354004,
  "summary_bg_n": 151213.0,
  "summary_bg_p05": 6.1981353759765625,
  "summary_bg_p95": 147.86759643554677,
  "summary_bg_stdv": 57.924686431884766,
  "summary_fg_k": 1.0569698921299429,
  "summary_fg_mad": 88.52412975394294,
  "summary_fg_mean": 622.4453125,
  "summary_fg_median": 621.2960815429688,
  "summary_fg_n": 30767.0,
  "summary_fg_p05": 482.50281066894536,
  "summary_fg_p95": 764.8181762695312,
  "summary_fg_stdv": 89.72096252441406,
  "tsnr": 35.76022216852289
}