{
  "bids_meta": {
    "AcquisitionMatrixPE": 256,
    "AcquisitionNumber": 1,
    "AcquisitionTime": "15:26:31.725000",
    "BaseResolution": 256,
    "BodyPartExamined": "BRAIN",
    "ConsistencyInfo": "N4_VE11C_LATEST_20160120",
    "ConversionSoftware": "dcm2niix",
    "ConversionSoftwareVersion": "v1.0.20171215 (OpenJPEG build) GCC4.8.5",
    "DeviceSerialNumber": "67039",
    "DwellTime": 9.8e-06,
    "EchoTime": 0.00228,
    "FlipAngle": 8,
    "ImageOrientationPatientDICOM": [
      -0.0310255,
      0.991158,
      0.129008,
      -0.105017,
      0.125124,
      -0.986567
    ],
    "ImageType": [
      "ORIGINAL",
      "PRIMARY",
      "M",
      "NORM",
      "DIS2D"
    ],
    "InPlanePhaseEncodingDirectionDICOM": "ROW",
    "InstitutionAddress": "University_Park_Chandlee_Laboratory_State_College_PA_US_16802",
    "InstitutionName": "Penn_State_SLEIC",
    "InstitutionalDepartmentName": "Department",
    "InversionTime": 0.9,
    "MRAcquisitionType": "3D",
    "MagneticFieldStrength": 3,
    "Manufacturer": "Siemens",
    "ManufacturersModelName": "Prisma_fit",
    "Modality": "MR",
    "ParallelReductionFactorInPlane": 2,
    "PartialFourier": 1,
    "PatientPosition": "HFS",
    "PercentPhaseFOV": 100,
    "PhaseEncodingSteps": 255,
    "PhaseResolution": 1,
    "PixelBandwidth": 200,
    "ProcedureStepDescription": "Investigators_20_ch_xxl213",
    "ProtocolName": "t1_mprage_sag_p2_iso_2300",
    "PulseSequenceDetails": "%SiemensSeq%_tfl",
    "ReceiveCoilActiveElements": "HE1-4;NE1,2",
    "ReceiveCoilName": "HeadNeck_20",
    "ReconMatrixPE": 256,
    "RepetitionTime": 2.3,
    "SAR": 0.0768965,
    "ScanOptions": "IR",
    "ScanningSequence": "GR_IR",
    "SequenceName": "_tfl3d1_16ns",
    "SequenceVariant": "SK_SP_MP",
    "SeriesDescription": "t1_mprage_sag_p2_iso_2300",
    "SeriesNumber": 34,
    "ShimSetting": [
      -1941,
      8275,
      9263,
      132,
      -19,
      -59,
      -30,
      9
    ],
    "SliceThickness": 1,
    "SoftwareVersions": "syngo_MR_E11",
    "StationName": "AWP67039",
    "TxRefAmp": 286.491,
    "dataset": "ds003768",
    "modality": "T1w",
    "subject_id": "09"
  },
  "cjv": 0.4177385312241158,
  "cnr": 3.3187352813640483,
  "efc": 0.5208598378922621,
  "fber": 9627.14436171444,
  "fwhm_avg": 4.710515409231838,
  "fwhm_x": 4.520626227695513,
  "fwhm_y": 4.74137,
  "fwhm_z": 4.86955,
  "icvs_csf": 0.19838808404438593,
  "icvs_gm": 0.4056259153555433,
  "icvs_wm": 0.3959860006000707,
  "inu_med": 0.7539802193641663,
  "inu_range": 0.43629498481750484,
  "provenance": {
    "md5sum": "f8602cf5ab540fe317bec9508bc027fa",
    "settings": {
      "testing": false
    },
    "software": "mriqc",
    "version": "22.0.6",
    "warnings": {
      "large_rot_frame": true,
      "small_air_mask": false
    },
    "webapi_port": null,
    "webapi_url": "https://mriqc.nimh.nih.gov/api/v1"
  },
  "qi_1": 0.0,
  "qi_2": 0.004298998196926277,
  "rpve_csf": 27.607417930827253,
  "rpve_gm": 13.597993770441082,
  "rpve_wm": 16.518318045686925,
  "size_x": 192,
  "size_y": 256,
  "size_z": 256,
  "snr_csf": 2.6124411451697696,
  "snr_gm": 11.847639750172187,
  "snr_total": 10.015731318702224,
  "snr_wm": 15.587113060764716,
  "snrd_csf": 17.552897996498228,
  "snrd_gm": 41.40859709362713,
  "snrd_total": 39.24595904030793,
  "snrd_wm": 58.77638203079845,
  "spacing_x": 1.0000008344650269,
  "spacing_y": 1.0,
  "spacing_z": 1.0,
  "summary_bg_k": 18.673721574997817,
  "summary_bg_mad": 11.147384928958648,
  "summary_bg_mean": 10.281212249896075,
  "summary_bg_median": 7.518796876072884,
  "summary_bg_n": 4074363.0,
  "summary_bg_p05": 0.0,
  "summary_bg_p95": 41.099369410425425,
  "summary_bg_stdv": 16.608892882740726,
  "summary_csf_k": -0.0978021874436279,
  "summary_csf_mad": 117.04754175406579,
  "summary_csf_mean": 307.91109929530177,
  "summary_csf_median": 298.6689650975168,
  "summary_csf_n": 32315.0,
  "summary_csf_p05": 133.69741715379058,
  "summary_csf_p95": 506.0455113686621,
  "summary_csf_stdv": 114.32385544893772,
  "summary_gm_k": -0.057576948839397346,
  "summary_gm_mad": 60.03017424581109,
  "summary_gm_mean": 704.3021722559656,
  "summary_gm_median": 704.5823910422623,
  "summary_gm_n": 19524.0,
  "summary_gm_p05": 606.2868225580081,
  "summary_gm_p95": 801.7679209336638,
  "summary_gm_stdv": 59.468751722791154,
  "summary_wm_k": 0.21408325483426394,
  "summary_wm_mad": 63.419581825562034,
  "summary_wm_mean": 1004.4371008534666,
  "summary_wm_median": 1000.1015898808837,
  "summary_wm_n": 221770.0,
  "summary_wm_p05": 906.6754584275186,
  "summary_wm_p95": 1116.6429414600134,
  "summary_wm_stdv": 64.16193500120453,
  "tpm_overlap_csf": 0.16521830044751606,
  "tpm_overlap_gm": 0.4543684315495384,
  "tpm_overlap_wm": 0.5099801812276513,
  "wm2max": 0.35761459403249124
}