{
  "aor": 0.023720489510489516,
  "aqi": 0.012749752867132869,
  "bids_meta": {
    "AcquisitionMatrixPE": 80,
    "AcquisitionNumber": 1,
    "AcquisitionTime": "15:19:38.222500",
    "BandwidthPerPixelPhaseEncode": 25.51,
    "BaseResolution": 80,
    "BodyPartExamined": "BRAIN",
    "ConsistencyInfo": "N4_VE11C_LATEST_20160120",
    "ConversionSoftware": "dcm2niix",
    "ConversionSoftwareVersion": "v1.0.20171215 (OpenJPEG build) GCC4.8.5",
    "DerivedVendorReportedEchoSpacing": 0.000490004,
    "DeviceSerialNumber": "67039",
    "DwellTime": 2.6e-06,
    "EchoTime": 0.025,
    "EchoTrainLength": 80,
    "EffectiveEchoSpacing": 0.000490004,
    "FlipAngle": 90,
    "ImageOrientationPatientDICOM": [
      0.998278,
      0.0585495,
      -0.00350186,
      -0.0586092,
      0.998071,
      -0.0204963
    ],
    "ImageType": [
      "ORIGINAL",
      "PRIMARY",
      "M",
      "ND",
      "NORM",
      "MOSAIC"
    ],
    "InPlanePhaseEncodingDirectionDICOM": "COL",
    "InstitutionAddress": "University_Park_Chandlee_Laboratory_State_College_PA_US_16802",
    "InstitutionName": "PSU-SLEIC",
    "InstitutionalDepartmentName": "Department",
    "MRAcquisitionType": "2D",
    "MagneticFieldStrength": 3,
    "Manufacturer": "Siemens",
    "ManufacturersModelName": "Prisma_fit",
    "Modality": "MR",
    "PartialFourier": 1,
    "PatientPosition": "HFS",
    "PercentPhaseFOV": 100,
    "PhaseEncodingDirection": "j-",
    "PhaseEncodingSteps": 80,
    "PhaseResolution": 1,
    "PixelBandwidth": 2405,
    "ProcedureStepDescription": "Investigators_20_ch_xxl213",
    "ProtocolName": "sleep-onset-segment-1",
    "PulseSequenceDetails": "%CustomerSeq%_ep2d_bold_1066",
    "ReceiveCoilActiveElements": "HE1-4",
    "ReceiveCoilName": "HeadNeck_20",
    "ReconMatrixPE": 80,
    "RepetitionTime": 2.1,
    "SAR": 0.137828,
    "ScanOptions": "FS_RT",
    "ScanningSequence": "EP",
    "SequenceName": "ep10662d1_80",
    "SequenceVariant": "SK",
    "SeriesDescription": "sleep-onset-segment-1",
    "SeriesNumber": 34,
    "ShimSetting": [
      -1909,
      8222,
      9473,
      466,
      -15,
      -181,
      -74,
      93
    ],
    "SliceThickness": 4,
    "SliceTiming": [
      2.02,
      1.96,
      1.9025,
      1.8425,
      1.7825,
      1.7225,
      1.665,
      1.605,
      1.545,
      1.485,
      1.425,
      1.3675,
      1.3075,
      1.2475,
      1.1875,
      1.13,
      1.07,
      1.01,
      0.95,
      0.8925,
      0.8325,
      0.7725,
      0.7125,
      0.6525,
      0.595,
      0.535,
      0.475,
      0.415,
      0.3575,
      0.2975,
      0.2375,
      0.1775,
      0.12,
      0.06,
      0
    ],
    "SoftwareVersions": "syngo_MR_E11",
    "SpacingBetweenSlices": 4,
    "StationName": "AWP67039",
    "TaskName": "sleep",
    "TotalReadoutTime": 0.0387103,
    "TxRefAmp": 266.397,
    "dataset": "ds003768",
    "modality": "bold",
    "run_id": 1,
    "subject_id": "12",
    "task_id": "sleep"
  },
  "dummy_trs": 0,
  "dvars_nstd": 15.60306686329439,
  "dvars_std": 1.3236305449532706,
  "dvars_vstd": 1.2356018485747655,
  "efc": 0.44353446452575307,
  "fber": 3555.33251953125,
  "fd_mean": 0.1645884362636359,
  "fd_num": 83,
  "fd_perc": 19.34731934731935,
  "fwhm_avg": 1.9122963888888889,
  "fwhm_x": 1.9596266666666666,
  "fwhm_y": 2.07161,
  "fwhm_z": 1.7056525,
  "gcor": 0.0341773,
  "gsr_x": -0.002500913105905056,
  "gsr_y": 0.02324487455189228,
  "provenance": {
    "md5sum": "7b7242a50ce52a6e328b27e84dd8364c",
    "settings": {
      "fd_thres": 0.2,
      "testing": false
    },
    "software": "mriqc",
    "version": "22.0.6",
    "webapi_port": null,
    "webapi_url": "https://mriqc.nimh.nih.gov/api/v1"
  },
  "size_t": 429,
  "size_x": 80,
  "size_y": 80,
  "size_z": 35,
  "snr": 7.679029633844798,
  "spacing_tr": 2.0999999046325684,
  "spacing_x": 3.0,
  "spacing_y": 3.0,
  "spacing_z": 4.0,
  "summary_bg_k": 39.10528768467514,
  "summary_bg_mad": 8.045450285611262,
  "summary_bg_mean": 32.02397537231445,
  "summary_bg_median": 13.349650382995605,
  "summary_bg_n": 157229.0,
  "summary_bg_p05": 5.752913951873779,
  "summary_bg_p95": 128.60466918945318,
  "summary_bg_stdv": 61.68015670776367,
  "summary_fg_k": 1.68344827862028,
  "summary_fg_mad": 93.97421315336649,
  "summary_fg_mean": 792.5225219726562,
  "summary_fg_median": 788.9067993164062,
  "summary_fg_n": 28199.0,
  "summary_fg_p05": 630.9921081542968,
  "summary_fg_p95": 958.9617858886719,
  "summary_fg_stdv": 102.7333984375,
  "tsnr": 61.507012161426246
}