{
  "aor": 0.014935629370629373,
  "aqi": 0.011040411748251749,
  "bids_meta": {
    "AcquisitionMatrixPE": 80,
    "AcquisitionNumber": 1,
    "AcquisitionTime": "15:05:16.607500",
    "BandwidthPerPixelPhaseEncode": 25.51,
    "BaseResolution": 80,
    "BodyPartExamined": "BRAIN",
    "ConsistencyInfo": "N4_VE11C_LATEST_20160120",
    "ConversionSoftware": "dcm2niix",
    "ConversionSoftwareVersion": "v1.0.20171215 (OpenJPEG build) GCC4.8.5",
    "DerivedVendorReportedEchoSpacing": 0.000490004,
    "DeviceSerialNumber": "67039",
    "DwellTime": 2.6e-06,
    "EchoTime": 0.025,
    "EchoTrainLength": 80,
    "EffectiveEchoSpacing": 0.000490004,
    "FlipAngle": 90,
    "ImageOrientationPatientDICOM": [
      0.998278,
      0.0585495,
      -0.00350186,
      -0.0586092,
      0.998071,
      -0.0204963
    ],
    "ImageType": [
      "ORIGINAL",
      "PRIMARY",
      "M",
      "ND",
      "NORM",
      "MOSAIC"
    ],
    "InPlanePhaseEncodingDirectionDICOM": "COL",
    "InstitutionAddress": "University_Park_Chandlee_Laboratory_State_College_PA_US_16802",
    "InstitutionName": "PSU-SLEIC",
    "InstitutionalDepartmentName": "Department",
    "MRAcquisitionType": "2D",
    "MagneticFieldStrength": 3,
    "Manufacturer": "Siemens",
    "ManufacturersModelName": "Prisma_fit",
    "Modality": "MR",
    "PartialFourier": 1,
    "PatientPosition": "HFS",
    "PercentPhaseFOV": 100,
    "PhaseEncodingDirection": "j-",
    "PhaseEncodingSteps": 80,
    "PhaseResolution": 1,
    "PixelBandwidth": 2405,
    "ProcedureStepDescription": "Investigators_20_ch_xxl213",
    "ProtocolName": "resting-post-motor",
    "PulseSequenceDetails": "%CustomerSeq%_ep2d_bold_1066",
    "ReceiveCoilActiveElements": "HE1-4",
    "ReceiveCoilName": "HeadNeck_20",
    "ReconMatrixPE": 80,
    "RepetitionTime": 2.1,
    "SAR": 0.137828,
    "ScanOptions": "FS_RT",
    "ScanningSequence": "EP",
    "SequenceName": "ep10662d1_80",
    "SequenceVariant": "SK",
    "SeriesDescription": "resting-post-motor",
    "SeriesNumber": 30,
    "ShimSetting": [
      -1909,
      8222,
      9473,
      466,
      -15,
      -181,
      -74,
      93
    ],
    "SliceThickness": 4,
    "SliceTiming": [
      2.02,
      1.9625,
      1.9025,
      1.8425,
      1.7825,
      1.725,
      1.665,
      1.605,
      1.545,
      1.4875,
      1.4275,
      1.3675,
      1.3075,
      1.2475,
      1.19,
      1.13,
      1.07,
      1.01,
      0.9525,
      0.8925,
      0.8325,
      0.7725,
      0.715,
      0.655,
      0.595,
      0.535,
      0.475,
      0.4175,
      0.3575,
      0.2975,
      0.2375,
      0.18,
      0.12,
      0.06,
      0
    ],
    "SoftwareVersions": "syngo_MR_E11",
    "SpacingBetweenSlices": 4,
    "StationName": "AWP67039",
    "TaskName": "rest",
    "TotalReadoutTime": 0.0387103,
    "TxRefAmp": 266.397,
    "dataset": "ds003768",
    "modality": "bold",
    "run_id": 2,
    "subject_id": "12",
    "task_id": "rest"
  },
  "dummy_trs": 0,
  "dvars_nstd": 14.292461753263169,
  "dvars_std": 1.2622777678947372,
  "dvars_vstd": 1.1080966659999998,
  "efc": 0.44621056276473453,
  "fber": 3374.38134765625,
  "fd_mean": 0.11927502947675295,
  "fd_num": 19,
  "fd_perc": 6.643356643356643,
  "fwhm_avg": 1.8948133333333335,
  "fwhm_x": 1.9398766666666667,
  "fwhm_y": 2.043023333333333,
  "fwhm_z": 1.70154,
  "gcor": 0.0252172,
  "gsr_x": -0.004425989463925362,
  "gsr_y": 0.021204723045229912,
  "provenance": {
    "md5sum": "53c16e0832357ad903b4f133147991d7",
    "settings": {
      "fd_thres": 0.2,
      "testing": false
    },
    "software": "mriqc",
    "version": "22.0.6",
    "webapi_port": null,
    "webapi_url": "https://mriqc.nimh.nih.gov/api/v1"
  },
  "size_t": 286,
  "size_x": 80,
  "size_y": 80,
  "size_z": 35,
  "snr": 7.627462519027189,
  "spacing_tr": 2.0999999046325684,
  "spacing_x": 3.0,
  "spacing_y": 3.0,
  "spacing_z": 4.0,
  "summary_bg_k": 36.766651118875416,
  "summary_bg_mad": 7.983243476371518,
  "summary_bg_mean": 32.214412689208984,
  "summary_bg_median": 13.618881225585938,
  "summary_bg_n": 156965.0,
  "summary_bg_p05": 5.958041667938232,
  "summary_bg_p95": 128.73985900878898,
  "summary_bg_stdv": 60.423465728759766,
  "summary_fg_k": 1.9736752225549816,
  "summary_fg_mad": 93.5827949468146,
  "summary_fg_mean": 787.8507690429688,
  "summary_fg_median": 783.93359375,
  "summary_fg_n": 28306.0,
  "summary_fg_p05": 628.2963256835938,
  "summary_fg_p95": 952.2386169433594,
  "summary_fg_stdv": 102.77595520019531,
  "tsnr": 70.06451650103554
}