{
  "bids_meta": {
    "AcquisitionMatrixPE": 256,
    "AcquisitionNumber": 1,
    "AcquisitionTime": "14:15:31.142500",
    "BaseResolution": 256,
    "BodyPartExamined": "BRAIN",
    "ConsistencyInfo": "N4_VE11C_LATEST_20160120",
    "ConversionSoftware": "dcm2niix",
    "ConversionSoftwareVersion": "v1.0.20171215 (OpenJPEG build) GCC4.8.5",
    "DeviceSerialNumber": "67039",
    "DwellTime": 9.8e-06,
    "EchoTime": 0.00228,
    "FlipAngle": 8,
    "ImageOrientationPatientDICOM": [
      0.0723001,
      0.996626,
      0.0388602,
      0.0537787,
      0.0350101,
      -0.997939
    ],
    "ImageType": [
      "ORIGINAL",
      "PRIMARY",
      "M",
      "NORM",
      "DIS2D"
    ],
    "InPlanePhaseEncodingDirectionDICOM": "ROW",
    "InstitutionAddress": "University_Park_Chandlee_Laboratory_State_College_PA_US_16802",
    "InstitutionName": "PSU-SLEIC",
    "InstitutionalDepartmentName": "Department",
    "InversionTime": 0.9,
    "MRAcquisitionType": "3D",
    "MagneticFieldStrength": 3,
    "Manufacturer": "Siemens",
    "ManufacturersModelName": "Prisma_fit",
    "Modality": "MR",
    "ParallelReductionFactorInPlane": 2,
    "PartialFourier": 1,
    "PatientPosition": "HFS",
    "PercentPhaseFOV": 100,
    "PhaseEncodingSteps": 255,
    "PhaseResolution": 1,
    "PixelBandwidth": 200,
    "ProcedureStepDescription": "Investigators_20_ch_xxl213",
    "ProtocolName": "t1_mprage_sag_p2_iso_2300",
    "PulseSequenceDetails": "%SiemensSeq%_tfl",
    "ReceiveCoilActiveElements": "HE1-4;NE1,2",
    "ReceiveCoilName": "HeadNeck_20",
    "ReconMatrixPE": 256,
    "RepetitionTime": 2.3,
    "SAR": 0.0797121,
    "ScanOptions": "IR",
    "ScanningSequence": "GR_IR",
    "SequenceName": "_tfl3d1_16ns",
    "SequenceVariant": "SK_SP_MP",
    "SeriesDescription": "t1_mprage_sag_p2_iso_2300",
    "SeriesNumber": 11,
    "ShimSetting": [
      -1941,
      8275,
      9263,
      132,
      -19,
      -59,
      -30,
      9
    ],
    "SliceThickness": 1,
    "SoftwareVersions": "syngo_MR_E11",
    "StationName": "AWP67039",
    "TxRefAmp": 281.034,
    "dataset": "ds003768",
    "modality": "T1w",
    "subject_id": "25"
  },
  "cjv": 0.3223711674757109,
  "cnr": 4.201204667485865,
  "efc": 0.507671061942344,
  "fber": 15319.863830566406,
  "fwhm_avg": 4.348985434872145,
  "fwhm_x": 4.428446304616435,
  "fwhm_y": 4.26174,
  "fwhm_z": 4.35677,
  "icvs_csf": 0.2391914326878803,
  "icvs_gm": 0.4199667090807369,
  "icvs_wm": 0.3408418582313828,
  "inu_med": 0.5630829930305481,
  "inu_range": 0.23786764144897443,
  "provenance": {
    "md5sum": "42f93fcac7ace67bf34626212a56ba56",
    "settings": {
      "testing": false
    },
    "software": "mriqc",
    "version": "22.0.6",
    "warnings": {
      "large_rot_frame": true,
      "small_air_mask": false
    },
    "webapi_port": null,
    "webapi_url": "https://mriqc.nimh.nih.gov/api/v1"
  },
  "qi_1": 2.715699620607557e-05,
  "qi_2": 0.020899440360472334,
  "rpve_csf": 23.264189036916733,
  "rpve_gm": 13.44587982776844,
  "rpve_wm": 19.524804593287094,
  "size_x": 192,
  "size_y": 256,
  "size_z": 256,
  "snr_csf": 2.332028541471526,
  "snr_gm": 11.530578436182891,
  "snr_total": 12.853713365269678,
  "snr_wm": 24.698533118154618,
  "snrd_csf": 21.97321781199258,
  "snrd_gm": 62.32822744351512,
  "snrd_total": 58.0465574164651,
  "snrd_wm": 89.83822699388757,
  "spacing_x": 1.0000008344650269,
  "spacing_y": 1.0,
  "spacing_z": 1.0,
  "summary_bg_k": 15.424691183733259,
  "summary_bg_mad": 0.0,
  "summary_bg_mean": 4.562987023899222,
  "summary_bg_median": 0.0,
  "summary_bg_n": 4098399.0,
  "summary_bg_p05": 0.0,
  "summary_bg_p95": 18.23338782414794,
  "summary_bg_stdv": 7.292729758493867,
  "summary_csf_k": 0.6302508824807918,
  "summary_csf_mad": 89.77579843554113,
  "summary_csf_mean": 255.12262062505988,
  "summary_csf_median": 244.59752110764384,
  "summary_csf_n": 47710.0,
  "summary_csf_p05": 94.94867881760001,
  "summary_csf_p95": 453.49361864849925,
  "summary_csf_stdv": 104.88506181058604,
  "summary_gm_k": 0.04994000069317872,
  "summary_gm_mad": 59.67253814228533,
  "summary_gm_mean": 694.42529923989,
  "summary_gm_median": 693.8141722418368,
  "summary_gm_n": 29461.0,
  "summary_gm_p05": 595.9391472302377,
  "summary_gm_p95": 794.075294919312,
  "summary_gm_stdv": 60.17064979458481,
  "summary_wm_k": 0.37006204612744575,
  "summary_wm_mad": 39.04746623404577,
  "summary_wm_mean": 1000.2058076878233,
  "summary_wm_median": 1000.0450462661684,
  "summary_wm_n": 206388.0,
  "summary_wm_p05": 934.2247672565281,
  "summary_wm_p95": 1066.4505945146084,
  "summary_wm_stdv": 40.489960223490094,
  "tpm_overlap_csf": 0.15262197136800731,
  "tpm_overlap_gm": 0.45070213728928926,
  "tpm_overlap_wm": 0.49844553265351155,
  "wm2max": 0.44321804313456853
}