{
  "aor": 0.02917960372960373,
  "aqi": 0.018557028578088577,
  "bids_meta": {
    "AcquisitionMatrixPE": 80,
    "AcquisitionNumber": 1,
    "AcquisitionTime": "17:51:23.565000",
    "BandwidthPerPixelPhaseEncode": 25.51,
    "BaseResolution": 80,
    "BodyPartExamined": "BRAIN",
    "ConsistencyInfo": "N4_VE11C_LATEST_20160120",
    "ConversionSoftware": "dcm2niix",
    "ConversionSoftwareVersion": "v1.0.20171215 (OpenJPEG build) GCC4.8.5",
    "DerivedVendorReportedEchoSpacing": 0.000490004,
    "DeviceSerialNumber": "67039",
    "DwellTime": 2.6e-06,
    "EchoTime": 0.025,
    "EchoTrainLength": 80,
    "EffectiveEchoSpacing": 0.000490004,
    "FlipAngle": 90,
    "ImageOrientationPatientDICOM": [
      0.998092,
      0.0285688,
      -0.0547347,
      -0.0289253,
      0.999565,
      -0.00573251
    ],
    "ImageType": [
      "ORIGINAL",
      "PRIMARY",
      "M",
      "ND",
      "NORM",
      "MOSAIC"
    ],
    "InPlanePhaseEncodingDirectionDICOM": "COL",
    "InstitutionAddress": "University_Park_Chandlee_Laboratory_State_College_PA_US_16802",
    "InstitutionName": "PSU-SLEIC",
    "InstitutionalDepartmentName": "Department",
    "MRAcquisitionType": "2D",
    "MagneticFieldStrength": 3,
    "Manufacturer": "Siemens",
    "ManufacturersModelName": "Prisma_fit",
    "Modality": "MR",
    "PartialFourier": 1,
    "PatientPosition": "HFS",
    "PercentPhaseFOV": 100,
    "PhaseEncodingDirection": "j-",
    "PhaseEncodingSteps": 80,
    "PhaseResolution": 1,
    "PixelBandwidth": 2405,
    "ProcedureStepDescription": "Investigators_20_ch_xxl213",
    "ProtocolName": "sleep-onset-segment-5",
    "PulseSequenceDetails": "%CustomerSeq%_ep2d_bold_1066",
    "ReceiveCoilActiveElements": "HE1-4",
    "ReceiveCoilName": "HeadNeck_20",
    "ReconMatrixPE": 80,
    "RepetitionTime": 2.1,
    "SAR": 0.145648,
    "ScanOptions": "FS_RT",
    "ScanningSequence": "EP",
    "SequenceName": "ep10662d1_80",
    "SequenceVariant": "SK",
    "SeriesDescription": "sleep-onset-segment-5",
    "SeriesNumber": 36,
    "ShimSetting": [
      -1943,
      8252,
      9517,
      431,
      -2,
      -252,
      18,
      1
    ],
    "SliceThickness": 4,
    "SliceTiming": [
      2.02,
      1.96,
      1.9025,
      1.8425,
      1.7825,
      1.7225,
      1.665,
      1.605,
      1.545,
      1.485,
      1.4275,
      1.3675,
      1.3075,
      1.2475,
      1.1875,
      1.13,
      1.07,
      1.01,
      0.95,
      0.8925,
      0.8325,
      0.7725,
      0.7125,
      0.655,
      0.595,
      0.535,
      0.475,
      0.415,
      0.3575,
      0.2975,
      0.2375,
      0.1775,
      0.12,
      0.06,
      0
    ],
    "SoftwareVersions": "syngo_MR_E11",
    "SpacingBetweenSlices": 4,
    "StationName": "AWP67039",
    "TaskName": "sleep",
    "TotalReadoutTime": 0.0387103,
    "TxRefAmp": 297.642,
    "dataset": "ds003768",
    "modality": "bold",
    "run_id": 5,
    "subject_id": "30",
    "task_id": "sleep"
  },
  "dummy_trs": 0,
  "dvars_nstd": 22.291555491612165,
  "dvars_std": 1.29267530203271,
  "dvars_vstd": 1.0535585830841119,
  "efc": 0.448939294439062,
  "fber": 3252.976318359375,
  "fd_mean": 0.2991846364871014,
  "fd_num": 207,
  "fd_perc": 48.25174825174825,
  "fwhm_avg": 1.8213008648670235,
  "fwhm_x": 1.7662933333333333,
  "fwhm_y": 2.110466666666667,
  "fwhm_z": 1.5871425946010704,
  "gcor": 0.0191991,
  "gsr_x": -0.024090860038995743,
  "gsr_y": 0.031804103404283524,
  "provenance": {
    "md5sum": "3777b449abadb2409152728475c89bc9",
    "settings": {
      "fd_thres": 0.2,
      "testing": false
    },
    "software": "mriqc",
    "version": "22.0.6",
    "webapi_port": null,
    "webapi_url": "https://mriqc.nimh.nih.gov/api/v1"
  },
  "size_t": 429,
  "size_x": 80,
  "size_y": 80,
  "size_z": 35,
  "snr": 8.179818446909351,
  "spacing_tr": 2.0999999046325684,
  "spacing_x": 3.0,
  "spacing_y": 3.0,
  "spacing_z": 3.999999761581421,
  "summary_bg_k": 35.50138815958661,
  "summary_bg_mad": 6.7373731191170645,
  "summary_bg_mean": 28.74224853515625,
  "summary_bg_median": 11.921911239624023,
  "summary_bg_n": 156370.0,
  "summary_bg_p05": 5.645687580108643,
  "summary_bg_p95": 106.38065452575667,
  "summary_bg_stdv": 51.090641021728516,
  "summary_fg_k": 1.7514231421608812,
  "summary_fg_mad": 80.32321476025965,
  "summary_fg_mean": 684.7905883789062,
  "summary_fg_median": 681.2238159179688,
  "summary_fg_n": 27999.0,
  "summary_fg_p05": 559.0527160644531,
  "summary_fg_p95": 817.2387268066406,
  "summary_fg_stdv": 83.27955627441406,
  "tsnr": 51.532448028214276
}