{
  "aor": 0.01179,
  "aqi": 0.01913428313084112,
  "bids_meta": {
    "AcquisitionMatrixPE": 80,
    "AcquisitionNumber": 1,
    "AcquisitionTime": "18:07:0.972500",
    "BandwidthPerPixelPhaseEncode": 25.51,
    "BaseResolution": 80,
    "BodyPartExamined": "BRAIN",
    "ConsistencyInfo": "N4_VE11C_LATEST_20160120",
    "ConversionSoftware": "dcm2niix",
    "ConversionSoftwareVersion": "v1.0.20171215 (OpenJPEG build) GCC4.8.5",
    "DerivedVendorReportedEchoSpacing": 0.000490004,
    "DeviceSerialNumber": "67039",
    "DwellTime": 2.6e-06,
    "EchoTime": 0.025,
    "EchoTrainLength": 80,
    "EffectiveEchoSpacing": 0.000490004,
    "FlipAngle": 90,
    "ImageOrientationPatientDICOM": [
      0.998092,
      0.0285688,
      -0.0547347,
      -0.0289253,
      0.999565,
      -0.00573251
    ],
    "ImageType": [
      "ORIGINAL",
      "PRIMARY",
      "M",
      "ND",
      "NORM",
      "MOSAIC"
    ],
    "InPlanePhaseEncodingDirectionDICOM": "COL",
    "InstitutionAddress": "University_Park_Chandlee_Laboratory_State_College_PA_US_16802",
    "InstitutionName": "PSU-SLEIC",
    "InstitutionalDepartmentName": "Department",
    "MRAcquisitionType": "2D",
    "MagneticFieldStrength": 3,
    "Manufacturer": "Siemens",
    "ManufacturersModelName": "Prisma_fit",
    "Modality": "MR",
    "PartialFourier": 1,
    "PatientPosition": "HFS",
    "PercentPhaseFOV": 100,
    "PhaseEncodingDirection": "j-",
    "PhaseEncodingSteps": 80,
    "PhaseResolution": 1,
    "PixelBandwidth": 2405,
    "ProcedureStepDescription": "Investigators_20_ch_xxl213",
    "ProtocolName": "sleep-onset-segment-6",
    "PulseSequenceDetails": "%CustomerSeq%_ep2d_bold_1066",
    "ReceiveCoilActiveElements": "HE1-4",
    "ReceiveCoilName": "HeadNeck_20",
    "ReconMatrixPE": 80,
    "RepetitionTime": 2.1,
    "SAR": 0.145648,
    "ScanOptions": "FS_RT",
    "ScanningSequence": "EP",
    "SequenceName": "ep10662d1_80",
    "SequenceVariant": "SK",
    "SeriesDescription": "sleep-onset-segment-6",
    "SeriesNumber": 38,
    "ShimSetting": [
      -1943,
      8252,
      9517,
      431,
      -2,
      -252,
      18,
      1
    ],
    "SliceThickness": 4,
    "SliceTiming": [
      2.02,
      1.9625,
      1.9025,
      1.8425,
      1.7825,
      1.7225,
      1.665,
      1.605,
      1.545,
      1.485,
      1.4275,
      1.3675,
      1.3075,
      1.2475,
      1.19,
      1.13,
      1.07,
      1.01,
      0.95,
      0.8925,
      0.8325,
      0.7725,
      0.7125,
      0.655,
      0.595,
      0.535,
      0.475,
      0.4175,
      0.3575,
      0.2975,
      0.2375,
      0.1775,
      0.12,
      0.06,
      0
    ],
    "SoftwareVersions": "syngo_MR_E11",
    "SpacingBetweenSlices": 4,
    "StationName": "AWP67039",
    "TaskName": "sleep",
    "TotalReadoutTime": 0.0387103,
    "TxRefAmp": 297.642,
    "dataset": "ds003768",
    "modality": "bold",
    "run_id": 6,
    "subject_id": "30",
    "task_id": "sleep"
  },
  "dummy_trs": 1,
  "dvars_nstd": 23.50127399243559,
  "dvars_std": 1.1989791136299763,
  "dvars_vstd": 1.0014337691100703,
  "efc": 0.4499451080830133,
  "fber": 3237.463134765625,
  "fd_mean": 0.33043606382166196,
  "fd_num": 233,
  "fd_perc": 54.4392523364486,
  "fwhm_avg": 1.8063655871839674,
  "fwhm_x": 1.7441700000000002,
  "fwhm_y": 2.083016666666667,
  "fwhm_z": 1.5919100948852356,
  "gcor": 0.0204743,
  "gsr_x": -0.02418491058051586,
  "gsr_y": 0.035227883607149124,
  "provenance": {
    "md5sum": "4c711a64bb0c0c6f76169a096fcbbf64",
    "settings": {
      "fd_thres": 0.2,
      "testing": false
    },
    "software": "mriqc",
    "version": "22.0.6",
    "webapi_port": null,
    "webapi_url": "https://mriqc.nimh.nih.gov/api/v1"
  },
  "size_t": 428,
  "size_x": 80,
  "size_y": 80,
  "size_z": 35,
  "snr": 8.250917320186783,
  "spacing_tr": 2.0999999046325684,
  "spacing_x": 3.0,
  "spacing_y": 3.0,
  "spacing_z": 3.999999761581421,
  "summary_bg_k": 34.68299557579464,
  "summary_bg_mad": 6.9072640494518796,
  "summary_bg_mean": 29.007871627807617,
  "summary_bg_median": 11.918224334716797,
  "summary_bg_n": 156446.0,
  "summary_bg_p05": 5.574766159057617,
  "summary_bg_p95": 107.66413307189941,
  "summary_bg_stdv": 51.408775329589844,
  "summary_fg_k": 1.718493191212903,
  "summary_fg_mad": 80.15924532544932,
  "summary_fg_mean": 683.6499633789062,
  "summary_fg_median": 680.6389770507812,
  "summary_fg_n": 28038.0,
  "summary_fg_p05": 559.3496337890625,
  "summary_fg_p95": 814.0990478515624,
  "summary_fg_stdv": 82.49105072021484,
  "tsnr": 50.63481605891138
}