{
  "aor": 0.0007273193473193473,
  "aqi": 0.00746665986013986,
  "bids_meta": {
    "AcquisitionMatrixPE": 80,
    "AcquisitionNumber": 1,
    "AcquisitionTime": "16:43:35.725000",
    "BandwidthPerPixelPhaseEncode": 25.51,
    "BaseResolution": 80,
    "BodyPartExamined": "BRAIN",
    "ConsistencyInfo": "N4_VE11C_LATEST_20160120",
    "ConversionSoftware": "dcm2niix",
    "ConversionSoftwareVersion": "v1.0.20171215 (OpenJPEG build) GCC4.8.5",
    "DerivedVendorReportedEchoSpacing": 0.000490004,
    "DeviceSerialNumber": "67039",
    "DwellTime": 2.6e-06,
    "EchoTime": 0.025,
    "EchoTrainLength": 80,
    "EffectiveEchoSpacing": 0.000490004,
    "FlipAngle": 90,
    "ImageOrientationPatientDICOM": [
      0.995262,
      -0.0245668,
      -0.0940723,
      0.0218905,
      0.999329,
      -0.0293767
    ],
    "ImageType": [
      "ORIGINAL",
      "PRIMARY",
      "M",
      "ND",
      "NORM",
      "MOSAIC"
    ],
    "InPlanePhaseEncodingDirectionDICOM": "COL",
    "InstitutionAddress": "University_Park_Chandlee_Laboratory_State_College_PA_US_16802",
    "InstitutionName": "PSU-SLEIC",
    "InstitutionalDepartmentName": "Department",
    "MRAcquisitionType": "2D",
    "MagneticFieldStrength": 3,
    "Manufacturer": "Siemens",
    "ManufacturersModelName": "Prisma_fit",
    "Modality": "MR",
    "PartialFourier": 1,
    "PatientPosition": "HFS",
    "PercentPhaseFOV": 100,
    "PhaseEncodingDirection": "j-",
    "PhaseEncodingSteps": 80,
    "PhaseResolution": 1,
    "PixelBandwidth": 2405,
    "ProcedureStepDescription": "Investigators_20_ch_xxl213",
    "ProtocolName": "sleep-onset-segment-2",
    "PulseSequenceDetails": "%CustomerSeq%_ep2d_bold_1066",
    "ReceiveCoilActiveElements": "HE1-4",
    "ReceiveCoilName": "HeadNeck_20",
    "ReconMatrixPE": 80,
    "RepetitionTime": 2.1,
    "SAR": 0.139809,
    "ScanOptions": "FS_RT",
    "ScanningSequence": "EP",
    "SequenceName": "ep10662d1_80",
    "SequenceVariant": "SK",
    "SeriesDescription": "sleep-onset-segment-2",
    "SeriesNumber": 22,
    "ShimSetting": [
      -1953,
      8260,
      9529,
      396,
      -43,
      -200,
      -14,
      4
    ],
    "SliceThickness": 4,
    "SliceTiming": [
      2.02,
      1.96,
      1.9025,
      1.8425,
      1.7825,
      1.7225,
      1.665,
      1.605,
      1.545,
      1.485,
      1.4275,
      1.3675,
      1.3075,
      1.2475,
      1.1875,
      1.13,
      1.07,
      1.01,
      0.95,
      0.8925,
      0.8325,
      0.7725,
      0.7125,
      0.655,
      0.595,
      0.535,
      0.475,
      0.4175,
      0.3575,
      0.2975,
      0.2375,
      0.1775,
      0.12,
      0.06,
      0
    ],
    "SoftwareVersions": "syngo_MR_E11",
    "SpacingBetweenSlices": 4,
    "StationName": "AWP67039",
    "TaskName": "sleep",
    "TotalReadoutTime": 0.0387103,
    "TxRefAmp": 297.327,
    "dataset": "ds003768",
    "modality": "bold",
    "run_id": 2,
    "subject_id": "30",
    "task_id": "sleep"
  },
  "dummy_trs": 0,
  "dvars_nstd": 21.626050528084114,
  "dvars_std": 1.2256130609345786,
  "dvars_vstd": 0.9762677302336441,
  "efc": 0.4439461107492111,
  "fber": 2998.777587890625,
  "fd_mean": 0.22948045966345154,
  "fd_num": 228,
  "fd_perc": 53.14685314685315,
  "fwhm_avg": 1.8640519773738768,
  "fwhm_x": 1.7933666666666666,
  "fwhm_y": 2.1413966666666666,
  "fwhm_z": 1.6573925987882971,
  "gcor": 0.051741,
  "gsr_x": -0.020916208624839783,
  "gsr_y": 0.03869748115539551,
  "provenance": {
    "md5sum": "e7ab2544b5448f60db6741a9d4783451",
    "settings": {
      "fd_thres": 0.2,
      "testing": false
    },
    "software": "mriqc",
    "version": "22.0.6",
    "webapi_port": null,
    "webapi_url": "https://mriqc.nimh.nih.gov/api/v1"
  },
  "size_t": 429,
  "size_x": 80,
  "size_y": 80,
  "size_z": 35,
  "snr": 7.46327035543024,
  "spacing_tr": 2.0999999046325684,
  "spacing_x": 3.0,
  "spacing_y": 3.0,
  "spacing_z": 3.999999761581421,
  "summary_bg_k": 48.922540381580426,
  "summary_bg_mad": 6.0962941699682744,
  "summary_bg_mean": 25.328346252441406,
  "summary_bg_median": 11.261072158813477,
  "summary_bg_n": 157247.0,
  "summary_bg_p05": 5.223776340484619,
  "summary_bg_p95": 91.23962707519514,
  "summary_bg_stdv": 46.82876205444336,
  "summary_fg_k": 1.0237059331130558,
  "summary_fg_mad": 83.49917240569978,
  "summary_fg_mean": 626.2102661132812,
  "summary_fg_median": 622.5548095703125,
  "summary_fg_n": 27717.0,
  "summary_fg_p05": 499.5370788574219,
  "summary_fg_p95": 763.7967773437498,
  "summary_fg_stdv": 83.41431427001953,
  "tsnr": 75.79343066760339
}