{
  "aor": 0.0008376689976689977,
  "aqi": 0.0037492028904428905,
  "bids_meta": {
    "AcquisitionMatrixPE": 80,
    "AcquisitionNumber": 1,
    "AcquisitionTime": "17:35:42.062500",
    "BandwidthPerPixelPhaseEncode": 25.51,
    "BaseResolution": 80,
    "BodyPartExamined": "BRAIN",
    "ConsistencyInfo": "N4_VE11C_LATEST_20160120",
    "ConversionSoftware": "dcm2niix",
    "ConversionSoftwareVersion": "v1.0.20171215 (OpenJPEG build) GCC4.8.5",
    "DerivedVendorReportedEchoSpacing": 0.000490004,
    "DeviceSerialNumber": "67039",
    "DwellTime": 2.6e-06,
    "EchoTime": 0.025,
    "EchoTrainLength": 80,
    "EffectiveEchoSpacing": 0.000490004,
    "FlipAngle": 90,
    "ImageOrientationPatientDICOM": [
      0.998092,
      0.0285688,
      -0.0547347,
      -0.0289253,
      0.999565,
      -0.00573251
    ],
    "ImageType": [
      "ORIGINAL",
      "PRIMARY",
      "M",
      "ND",
      "NORM",
      "MOSAIC"
    ],
    "InPlanePhaseEncodingDirectionDICOM": "COL",
    "InstitutionAddress": "University_Park_Chandlee_Laboratory_State_College_PA_US_16802",
    "InstitutionName": "PSU-SLEIC",
    "InstitutionalDepartmentName": "Department",
    "MRAcquisitionType": "2D",
    "MagneticFieldStrength": 3,
    "Manufacturer": "Siemens",
    "ManufacturersModelName": "Prisma_fit",
    "Modality": "MR",
    "PartialFourier": 1,
    "PatientPosition": "HFS",
    "PercentPhaseFOV": 100,
    "PhaseEncodingDirection": "j-",
    "PhaseEncodingSteps": 80,
    "PhaseResolution": 1,
    "PixelBandwidth": 2405,
    "ProcedureStepDescription": "Investigators_20_ch_xxl213",
    "ProtocolName": "sleep-onset-segment-4",
    "PulseSequenceDetails": "%CustomerSeq%_ep2d_bold_1066",
    "ReceiveCoilActiveElements": "HE1-4",
    "ReceiveCoilName": "HeadNeck_20",
    "ReconMatrixPE": 80,
    "RepetitionTime": 2.1,
    "SAR": 0.145648,
    "ScanOptions": "FS_RT",
    "ScanningSequence": "EP",
    "SequenceName": "ep10662d1_80",
    "SequenceVariant": "SK",
    "SeriesDescription": "sleep-onset-segment-4",
    "SeriesNumber": 34,
    "ShimSetting": [
      -1943,
      8252,
      9517,
      431,
      -2,
      -252,
      18,
      1
    ],
    "SliceThickness": 4,
    "SliceTiming": [
      2.02,
      1.96,
      1.9025,
      1.8425,
      1.7825,
      1.7225,
      1.665,
      1.605,
      1.545,
      1.485,
      1.4275,
      1.3675,
      1.3075,
      1.2475,
      1.1875,
      1.13,
      1.07,
      1.01,
      0.95,
      0.8925,
      0.8325,
      0.7725,
      0.7125,
      0.655,
      0.595,
      0.535,
      0.475,
      0.4175,
      0.3575,
      0.2975,
      0.2375,
      0.1775,
      0.12,
      0.06,
      0
    ],
    "SoftwareVersions": "syngo_MR_E11",
    "SpacingBetweenSlices": 4,
    "StationName": "AWP67039",
    "TaskName": "sleep",
    "TotalReadoutTime": 0.0387103,
    "TxRefAmp": 297.642,
    "dataset": "ds003768",
    "modality": "bold",
    "run_id": 4,
    "subject_id": "30",
    "task_id": "sleep"
  },
  "dummy_trs": 0,
  "dvars_nstd": 19.555529645817774,
  "dvars_std": 1.3854002699065417,
  "dvars_vstd": 1.004042338925234,
  "efc": 0.44755127077296386,
  "fber": 3279.8837890625,
  "fd_mean": 0.18536970525247115,
  "fd_num": 176,
  "fd_perc": 41.02564102564103,
  "fwhm_avg": 1.7934380867565523,
  "fwhm_x": 1.7476399999999999,
  "fwhm_y": 2.0622766666666665,
  "fwhm_z": 1.5703975936029906,
  "gcor": 0.0239363,
  "gsr_x": -0.023806534707546234,
  "gsr_y": 0.03062482737004757,
  "provenance": {
    "md5sum": "a2bc0a6d34c28b7a50d8cb952443ee1a",
    "settings": {
      "fd_thres": 0.2,
      "testing": false
    },
    "software": "mriqc",
    "version": "22.0.6",
    "webapi_port": null,
    "webapi_url": "https://mriqc.nimh.nih.gov/api/v1"
  },
  "size_t": 429,
  "size_x": 80,
  "size_y": 80,
  "size_z": 35,
  "snr": 8.13816052199825,
  "spacing_tr": 2.0999999046325684,
  "spacing_x": 3.0,
  "spacing_y": 3.0,
  "spacing_z": 3.999999761581421,
  "summary_bg_k": 36.08904994817608,
  "summary_bg_mad": 6.593950764765702,
  "summary_bg_mean": 28.325851440429688,
  "summary_bg_median": 11.820512771606445,
  "summary_bg_n": 156522.0,
  "summary_bg_p05": 5.62937068939209,
  "summary_bg_p95": 106.6904418945306,
  "summary_bg_stdv": 50.5408821105957,
  "summary_fg_k": 1.776686152058037,
  "summary_fg_mad": 81.0195419130551,
  "summary_fg_mean": 685.3298950195312,
  "summary_fg_median": 681.850830078125,
  "summary_fg_n": 27900.0,
  "summary_fg_p05": 558.7494445800781,
  "summary_fg_p95": 817.944091796875,
  "summary_fg_stdv": 83.78289031982422,
  "tsnr": 110.44414477050304
}