{
  "aor": 0.0011778088578088576,
  "aqi": 0.007005119067599068,
  "bids_meta": {
    "AcquisitionMatrixPE": 80,
    "AcquisitionNumber": 1,
    "AcquisitionTime": "16:28:1.485000",
    "BandwidthPerPixelPhaseEncode": 25.51,
    "BaseResolution": 80,
    "BodyPartExamined": "BRAIN",
    "ConsistencyInfo": "N4_VE11C_LATEST_20160120",
    "ConversionSoftware": "dcm2niix",
    "ConversionSoftwareVersion": "v1.0.20171215 (OpenJPEG build) GCC4.8.5",
    "DerivedVendorReportedEchoSpacing": 0.000490004,
    "DeviceSerialNumber": "67039",
    "DwellTime": 2.6e-06,
    "EchoTime": 0.025,
    "EchoTrainLength": 80,
    "EffectiveEchoSpacing": 0.000490004,
    "FlipAngle": 90,
    "ImageOrientationPatientDICOM": [
      0.995262,
      -0.0245668,
      -0.0940723,
      0.0218905,
      0.999329,
      -0.0293767
    ],
    "ImageType": [
      "ORIGINAL",
      "PRIMARY",
      "M",
      "ND",
      "NORM",
      "MOSAIC"
    ],
    "InPlanePhaseEncodingDirectionDICOM": "COL",
    "InstitutionAddress": "University_Park_Chandlee_Laboratory_State_College_PA_US_16802",
    "InstitutionName": "PSU-SLEIC",
    "InstitutionalDepartmentName": "Department",
    "MRAcquisitionType": "2D",
    "MagneticFieldStrength": 3,
    "Manufacturer": "Siemens",
    "ManufacturersModelName": "Prisma_fit",
    "Modality": "MR",
    "PartialFourier": 1,
    "PatientPosition": "HFS",
    "PercentPhaseFOV": 100,
    "PhaseEncodingDirection": "j-",
    "PhaseEncodingSteps": 80,
    "PhaseResolution": 1,
    "PixelBandwidth": 2405,
    "ProcedureStepDescription": "Investigators_20_ch_xxl213",
    "ProtocolName": "sleep-onset-segment-1",
    "PulseSequenceDetails": "%CustomerSeq%_ep2d_bold_1066",
    "ReceiveCoilActiveElements": "HE1-4",
    "ReceiveCoilName": "HeadNeck_20",
    "ReconMatrixPE": 80,
    "RepetitionTime": 2.1,
    "SAR": 0.139809,
    "ScanOptions": "FS_RT",
    "ScanningSequence": "EP",
    "SequenceName": "ep10662d1_80",
    "SequenceVariant": "SK",
    "SeriesDescription": "sleep-onset-segment-1",
    "SeriesNumber": 20,
    "ShimSetting": [
      -1953,
      8260,
      9529,
      396,
      -43,
      -200,
      -14,
      4
    ],
    "SliceThickness": 4,
    "SliceTiming": [
      2.02,
      1.96,
      1.9025,
      1.8425,
      1.7825,
      1.7225,
      1.665,
      1.605,
      1.545,
      1.485,
      1.4275,
      1.3675,
      1.3075,
      1.2475,
      1.1875,
      1.13,
      1.07,
      1.01,
      0.95,
      0.8925,
      0.8325,
      0.7725,
      0.7125,
      0.655,
      0.595,
      0.535,
      0.475,
      0.415,
      0.3575,
      0.2975,
      0.2375,
      0.1775,
      0.12,
      0.06,
      0
    ],
    "SoftwareVersions": "syngo_MR_E11",
    "SpacingBetweenSlices": 4,
    "StationName": "AWP67039",
    "TaskName": "sleep",
    "TotalReadoutTime": 0.0387103,
    "TxRefAmp": 297.327,
    "dataset": "ds003768",
    "modality": "bold",
    "run_id": 1,
    "subject_id": "30",
    "task_id": "sleep"
  },
  "dummy_trs": 0,
  "dvars_nstd": 18.72243979932242,
  "dvars_std": 1.2633380772897205,
  "dvars_vstd": 0.9850372181775702,
  "efc": 0.4442391747221521,
  "fber": 3035.99609375,
  "fd_mean": 0.19152988413537037,
  "fd_num": 189,
  "fd_perc": 44.05594405594405,
  "fwhm_avg": 1.8527597546122323,
  "fwhm_x": 1.7996633333333334,
  "fwhm_y": 2.1283733333333332,
  "fwhm_z": 1.630242597170031,
  "gcor": 0.0354127,
  "gsr_x": -0.02165880613029003,
  "gsr_y": 0.039337001740932465,
  "provenance": {
    "md5sum": "8ef8d376e8023e11237e56928be4ca3e",
    "settings": {
      "fd_thres": 0.2,
      "testing": false
    },
    "software": "mriqc",
    "version": "22.0.6",
    "webapi_port": null,
    "webapi_url": "https://mriqc.nimh.nih.gov/api/v1"
  },
  "size_t": 429,
  "size_x": 80,
  "size_y": 80,
  "size_z": 35,
  "snr": 7.426348125198435,
  "spacing_tr": 2.0999999046325684,
  "spacing_x": 3.0,
  "spacing_y": 3.0,
  "spacing_z": 3.999999761581421,
  "summary_bg_k": 48.37290573854767,
  "summary_bg_mad": 6.175780491339094,
  "summary_bg_mean": 25.563037872314453,
  "summary_bg_median": 11.202797889709473,
  "summary_bg_n": 157233.0,
  "summary_bg_p05": 5.160839080810547,
  "summary_bg_p95": 92.11934967041012,
  "summary_bg_stdv": 47.313507080078125,
  "summary_fg_k": 1.082338202432095,
  "summary_fg_mad": 83.46804355052608,
  "summary_fg_mean": 625.50634765625,
  "summary_fg_median": 621.4475708007812,
  "summary_fg_n": 27717.0,
  "summary_fg_p05": 498.8466430664063,
  "summary_fg_p95": 763.31005859375,
  "summary_fg_stdv": 83.67993927001953,
  "tsnr": 81.43042614706792
}