{
  "aor": 0.0005058947368421052,
  "aqi": 0.0031949569824561404,
  "bids_meta": {
    "AcquisitionMatrixPE": 80,
    "AcquisitionNumber": 1,
    "AcquisitionTime": "15:53:11.157500",
    "BandwidthPerPixelPhaseEncode": 25.51,
    "BaseResolution": 80,
    "BodyPartExamined": "BRAIN",
    "ConsistencyInfo": "N4_VE11C_LATEST_20160120",
    "ConversionSoftware": "dcm2niix",
    "ConversionSoftwareVersion": "v1.0.20171215 (OpenJPEG build) GCC4.8.5",
    "DerivedVendorReportedEchoSpacing": 0.000490004,
    "DeviceSerialNumber": "67039",
    "DwellTime": 2.6e-06,
    "EchoTime": 0.025,
    "EchoTrainLength": 80,
    "EffectiveEchoSpacing": 0.000490004,
    "FlipAngle": 90,
    "ImageOrientationPatientDICOM": [
      0.995262,
      -0.0245668,
      -0.0940723,
      0.0218905,
      0.999329,
      -0.0293767
    ],
    "ImageType": [
      "ORIGINAL",
      "PRIMARY",
      "M",
      "ND",
      "NORM",
      "MOSAIC"
    ],
    "InPlanePhaseEncodingDirectionDICOM": "COL",
    "InstitutionAddress": "University_Park_Chandlee_Laboratory_State_College_PA_US_16802",
    "InstitutionName": "PSU-SLEIC",
    "InstitutionalDepartmentName": "Department",
    "MRAcquisitionType": "2D",
    "MagneticFieldStrength": 3,
    "Manufacturer": "Siemens",
    "ManufacturersModelName": "Prisma_fit",
    "Modality": "MR",
    "PartialFourier": 1,
    "PatientPosition": "HFS",
    "PercentPhaseFOV": 100,
    "PhaseEncodingDirection": "j-",
    "PhaseEncodingSteps": 80,
    "PhaseResolution": 1,
    "PixelBandwidth": 2405,
    "ProcedureStepDescription": "Investigators_20_ch_xxl213",
    "ProtocolName": "resting-pre-motor",
    "PulseSequenceDetails": "%CustomerSeq%_ep2d_bold_1066",
    "ReceiveCoilActiveElements": "HE1-4",
    "ReceiveCoilName": "HeadNeck_20",
    "ReconMatrixPE": 80,
    "RepetitionTime": 2.1,
    "SAR": 0.139809,
    "ScanOptions": "FS_RT",
    "ScanningSequence": "EP",
    "SequenceName": "ep10662d1_80",
    "SequenceVariant": "SK",
    "SeriesDescription": "resting-pre-motor",
    "SeriesNumber": 14,
    "ShimSetting": [
      -1953,
      8260,
      9529,
      396,
      -43,
      -200,
      -14,
      4
    ],
    "SliceThickness": 4,
    "SliceTiming": [
      2.02,
      1.96,
      1.9,
      1.84,
      1.7825,
      1.7225,
      1.6625,
      1.6025,
      1.545,
      1.485,
      1.425,
      1.365,
      1.3075,
      1.2475,
      1.1875,
      1.1275,
      1.0675,
      1.01,
      0.95,
      0.89,
      0.83,
      0.7725,
      0.7125,
      0.6525,
      0.5925,
      0.535,
      0.475,
      0.415,
      0.355,
      0.295,
      0.2375,
      0.1775,
      0.1175,
      0.0575,
      0
    ],
    "SoftwareVersions": "syngo_MR_E11",
    "SpacingBetweenSlices": 4,
    "StationName": "AWP67039",
    "TaskName": "rest",
    "TotalReadoutTime": 0.0387103,
    "TxRefAmp": 297.327,
    "dataset": "ds003768",
    "modality": "bold",
    "run_id": 1,
    "subject_id": "30",
    "task_id": "rest"
  },
  "dummy_trs": 1,
  "dvars_nstd": 16.671973470352107,
  "dvars_std": 1.2796505842605626,
  "dvars_vstd": 0.9981758946478873,
  "efc": 0.44304769946139544,
  "fber": 3054.959228515625,
  "fd_mean": 0.15429746177133502,
  "fd_num": 62,
  "fd_perc": 21.75438596491228,
  "fwhm_avg": 1.8181441986428222,
  "fwhm_x": 1.7593166666666666,
  "fwhm_y": 2.0857033333333335,
  "fwhm_z": 1.609412595928466,
  "gcor": 0.0200145,
  "gsr_x": -0.020979274064302444,
  "gsr_y": 0.03732866793870926,
  "provenance": {
    "md5sum": "151a2e7df034e688356fa2afaea6ac55",
    "settings": {
      "fd_thres": 0.2,
      "testing": false
    },
    "software": "mriqc",
    "version": "22.0.6",
    "webapi_port": null,
    "webapi_url": "https://mriqc.nimh.nih.gov/api/v1"
  },
  "size_t": 285,
  "size_x": 80,
  "size_y": 80,
  "size_z": 35,
  "snr": 7.510393905960544,
  "spacing_tr": 2.0999999046325684,
  "spacing_x": 3.0,
  "spacing_y": 3.0,
  "spacing_z": 3.999999761581421,
  "summary_bg_k": 47.76718486976425,
  "summary_bg_mad": 5.951217529617946,
  "summary_bg_mean": 24.959348678588867,
  "summary_bg_median": 11.105263710021973,
  "summary_bg_n": 157154.0,
  "summary_bg_p05": 5.17543888092041,
  "summary_bg_p95": 89.36842346191406,
  "summary_bg_stdv": 46.48606491088867,
  "summary_fg_k": 1.1487806944712906,
  "summary_fg_mad": 82.06335396081279,
  "summary_fg_mean": 623.550048828125,
  "summary_fg_median": 620.017578125,
  "summary_fg_n": 27637.0,
  "summary_fg_p05": 498.7438659667969,
  "summary_fg_p95": 758.8779052734375,
  "summary_fg_stdv": 82.55310821533203,
  "tsnr": 115.20969595760107
}