{
  "aor": 0.012794825174825174,
  "aqi": 0.013107454825174827,
  "bids_meta": {
    "AcquisitionMatrixPE": 80,
    "AcquisitionNumber": 1,
    "AcquisitionTime": "14:06:59.652500",
    "BandwidthPerPixelPhaseEncode": 25.51,
    "BaseResolution": 80,
    "BodyPartExamined": "BRAIN",
    "ConsistencyInfo": "N4_VE11C_LATEST_20160120",
    "ConversionSoftware": "dcm2niix",
    "ConversionSoftwareVersion": "v1.0.20171215 (OpenJPEG build) GCC4.8.5",
    "DerivedVendorReportedEchoSpacing": 0.000490004,
    "DeviceSerialNumber": "67039",
    "DwellTime": 2.6e-06,
    "EchoTime": 0.025,
    "EchoTrainLength": 80,
    "EffectiveEchoSpacing": 0.000490004,
    "FlipAngle": 90,
    "ImageOrientationPatientDICOM": [
      0.998685,
      -0.0472765,
      0.0198234,
      0.0497175,
      0.987482,
      -0.149693
    ],
    "ImageType": [
      "ORIGINAL",
      "PRIMARY",
      "M",
      "ND",
      "NORM",
      "MOSAIC"
    ],
    "InPlanePhaseEncodingDirectionDICOM": "COL",
    "InstitutionAddress": "University_Park_Chandlee_Laboratory_State_College_PA_US_16802",
    "InstitutionName": "PSU-SLEIC",
    "InstitutionalDepartmentName": "Department",
    "MRAcquisitionType": "2D",
    "MagneticFieldStrength": 3,
    "Manufacturer": "Siemens",
    "ManufacturersModelName": "Prisma_fit",
    "Modality": "MR",
    "PartialFourier": 1,
    "PatientPosition": "HFS",
    "PercentPhaseFOV": 100,
    "PhaseEncodingDirection": "j-",
    "PhaseEncodingSteps": 80,
    "PhaseResolution": 1,
    "PixelBandwidth": 2405,
    "ProcedureStepDescription": "Investigators_20_ch_xxl213",
    "ProtocolName": "resting-pre-motor",
    "PulseSequenceDetails": "%CustomerSeq%_ep2d_bold_1066",
    "ReceiveCoilActiveElements": "HE1-4",
    "ReceiveCoilName": "HeadNeck_20",
    "ReconMatrixPE": 80,
    "RepetitionTime": 2.1,
    "SAR": 0.140172,
    "ScanOptions": "FS_RT",
    "ScanningSequence": "EP",
    "SequenceName": "ep10662d1_80",
    "SequenceVariant": "SK",
    "SeriesDescription": "resting-pre-motor",
    "SeriesNumber": 14,
    "ShimSetting": [
      -1929,
      8308,
      9525,
      442,
      -33,
      -93,
      -14,
      -43
    ],
    "SliceThickness": 4,
    "SliceTiming": [
      2.02,
      1.96,
      1.9025,
      1.8425,
      1.7825,
      1.7225,
      1.665,
      1.605,
      1.545,
      1.485,
      1.425,
      1.3675,
      1.3075,
      1.2475,
      1.1875,
      1.13,
      1.07,
      1.01,
      0.95,
      0.8925,
      0.8325,
      0.7725,
      0.7125,
      0.6525,
      0.595,
      0.535,
      0.475,
      0.415,
      0.3575,
      0.2975,
      0.2375,
      0.1775,
      0.12,
      0.06,
      0
    ],
    "SoftwareVersions": "syngo_MR_E11",
    "SpacingBetweenSlices": 4,
    "StationName": "AWP67039",
    "TaskName": "rest",
    "TotalReadoutTime": 0.0387103,
    "TxRefAmp": 291.993,
    "dataset": "ds003768",
    "modality": "bold",
    "run_id": 1,
    "subject_id": "27",
    "task_id": "rest"
  },
  "dummy_trs": 0,
  "dvars_nstd": 32.278876796666644,
  "dvars_std": 1.7268666419649124,
  "dvars_vstd": 1.14803863259649,
  "efc": 0.48760401703111594,
  "fber": 3108.099853515625,
  "fd_mean": 0.23161245010682444,
  "fd_num": 108,
  "fd_perc": 37.76223776223776,
  "fwhm_avg": 1.7994991666666669,
  "fwhm_x": 1.7486666666666668,
  "fwhm_y": 2.1030133333333336,
  "fwhm_z": 1.5468175,
  "gcor": 0.0584233,
  "gsr_x": -0.026062127202749252,
  "gsr_y": 0.04182618856430054,
  "provenance": {
    "md5sum": "723b75eaa6dac56688efca7ab7047964",
    "settings": {
      "fd_thres": 0.2,
      "testing": false
    },
    "software": "mriqc",
    "version": "22.0.6",
    "webapi_port": null,
    "webapi_url": "https://mriqc.nimh.nih.gov/api/v1"
  },
  "size_t": 286,
  "size_x": 80,
  "size_y": 80,
  "size_z": 35,
  "snr": 7.915248093775162,
  "spacing_tr": 2.0999999046325684,
  "spacing_x": 3.0,
  "spacing_y": 3.0,
  "spacing_z": 4.0,
  "summary_bg_k": 24.647971515507297,
  "summary_bg_mad": 6.723548519668442,
  "summary_bg_mean": 36.994781494140625,
  "summary_bg_median": 13.013985633850098,
  "summary_bg_n": 148220.0,
  "summary_bg_p05": 6.601398468017578,
  "summary_bg_p95": 169.80105438232414,
  "summary_bg_stdv": 67.42504119873047,
  "summary_fg_k": 2.059958792625042,
  "summary_fg_mad": 87.71197430282675,
  "summary_fg_mean": 737.9940795898438,
  "summary_fg_median": 732.8356323242188,
  "summary_fg_n": 33587.0,
  "summary_fg_p05": 603.67099609375,
  "summary_fg_p95": 889.0594482421875,
  "summary_fg_stdv": 92.58392333984375,
  "tsnr": 65.40028852969408
}