{
  "aor": 0.015433589743589743,
  "aqi": 0.03439885993006993,
  "bids_meta": {
    "AcquisitionMatrixPE": 80,
    "AcquisitionNumber": 1,
    "AcquisitionTime": "16:13:29.720000",
    "BandwidthPerPixelPhaseEncode": 25.51,
    "BaseResolution": 80,
    "BodyPartExamined": "BRAIN",
    "ConsistencyInfo": "N4_VE11C_LATEST_20160120",
    "ConversionSoftware": "dcm2niix",
    "ConversionSoftwareVersion": "v1.0.20171215 (OpenJPEG build) GCC4.8.5",
    "DerivedVendorReportedEchoSpacing": 0.000490004,
    "DeviceSerialNumber": "67039",
    "DwellTime": 2.6e-06,
    "EchoTime": 0.025,
    "EchoTrainLength": 80,
    "EffectiveEchoSpacing": 0.000490004,
    "FlipAngle": 90,
    "ImageOrientationPatientDICOM": [
      0.998685,
      -0.0472765,
      0.0198234,
      0.0497175,
      0.987482,
      -0.149693
    ],
    "ImageType": [
      "ORIGINAL",
      "PRIMARY",
      "M",
      "ND",
      "NORM",
      "MOSAIC"
    ],
    "InPlanePhaseEncodingDirectionDICOM": "COL",
    "InstitutionAddress": "University_Park_Chandlee_Laboratory_State_College_PA_US_16802",
    "InstitutionName": "PSU-SLEIC",
    "InstitutionalDepartmentName": "Department",
    "MRAcquisitionType": "2D",
    "MagneticFieldStrength": 3,
    "Manufacturer": "Siemens",
    "ManufacturersModelName": "Prisma_fit",
    "Modality": "MR",
    "PartialFourier": 1,
    "PatientPosition": "HFS",
    "PercentPhaseFOV": 100,
    "PhaseEncodingDirection": "j-",
    "PhaseEncodingSteps": 80,
    "PhaseResolution": 1,
    "PixelBandwidth": 2405,
    "ProcedureStepDescription": "Investigators_20_ch_xxl213",
    "ProtocolName": "sleep-onset-segment-7",
    "PulseSequenceDetails": "%CustomerSeq%_ep2d_bold_1066",
    "ReceiveCoilActiveElements": "HE1-4",
    "ReceiveCoilName": "HeadNeck_20",
    "ReconMatrixPE": 80,
    "RepetitionTime": 2.1,
    "SAR": 0.140172,
    "ScanOptions": "FS_RT",
    "ScanningSequence": "EP",
    "SequenceName": "ep10662d1_80",
    "SequenceVariant": "SK",
    "SeriesDescription": "sleep-onset-segment-7",
    "SeriesNumber": 32,
    "ShimSetting": [
      -1929,
      8308,
      9525,
      442,
      -33,
      -93,
      -14,
      -43
    ],
    "SliceThickness": 4,
    "SliceTiming": [
      2.02,
      1.96,
      1.9025,
      1.8425,
      1.7825,
      1.7225,
      1.665,
      1.605,
      1.545,
      1.485,
      1.4275,
      1.3675,
      1.3075,
      1.2475,
      1.19,
      1.13,
      1.07,
      1.01,
      0.95,
      0.8925,
      0.8325,
      0.7725,
      0.7125,
      0.655,
      0.595,
      0.535,
      0.475,
      0.4175,
      0.3575,
      0.2975,
      0.2375,
      0.1775,
      0.12,
      0.06,
      0
    ],
    "SoftwareVersions": "syngo_MR_E11",
    "SpacingBetweenSlices": 4,
    "StationName": "AWP67039",
    "TaskName": "sleep",
    "TotalReadoutTime": 0.0387103,
    "TxRefAmp": 291.993,
    "dataset": "ds003768",
    "modality": "bold",
    "run_id": 7,
    "subject_id": "27",
    "task_id": "sleep"
  },
  "dummy_trs": 0,
  "dvars_nstd": 35.832444734766355,
  "dvars_std": 1.1969489486915892,
  "dvars_vstd": 0.9979548600700943,
  "efc": 0.4852543549591652,
  "fber": 3226.454345703125,
  "fd_mean": 0.7618571364829972,
  "fd_num": 233,
  "fd_perc": 54.312354312354316,
  "fwhm_avg": 1.8654502777777777,
  "fwhm_x": 1.8131833333333331,
  "fwhm_y": 2.18259,
  "fwhm_z": 1.6005775,
  "gcor": 0.0517499,
  "gsr_x": -0.022083966061472893,
  "gsr_y": 0.04387906566262245,
  "provenance": {
    "md5sum": "f21760d9dc81e5c1f651e7b1dd1294aa",
    "settings": {
      "fd_thres": 0.2,
      "testing": false
    },
    "software": "mriqc",
    "version": "22.0.6",
    "webapi_port": null,
    "webapi_url": "https://mriqc.nimh.nih.gov/api/v1"
  },
  "size_t": 429,
  "size_x": 80,
  "size_y": 80,
  "size_z": 35,
  "snr": 7.909316613311759,
  "spacing_tr": 2.0999999046325684,
  "spacing_x": 3.0,
  "spacing_y": 3.0,
  "spacing_z": 4.0,
  "summary_bg_k": 21.60062026602295,
  "summary_bg_mad": 7.219478011604556,
  "summary_bg_mean": 37.98416519165039,
  "summary_bg_median": 13.10023307800293,
  "summary_bg_n": 148749.0,
  "summary_bg_p05": 6.18181848526001,
  "summary_bg_p95": 173.65081787109378,
  "summary_bg_stdv": 67.6965103149414,
  "summary_fg_k": 2.090867867585115,
  "summary_fg_mad": 87.53225945871347,
  "summary_fg_mean": 746.8948974609375,
  "summary_fg_median": 740.9254150390625,
  "summary_fg_n": 33178.0,
  "summary_fg_p05": 611.7743713378907,
  "summary_fg_p95": 902.5457214355469,
  "summary_fg_stdv": 93.67613983154297,
  "tsnr": 35.342084404081106
}