{
  "aor": 0.018509813519813526,
  "aqi": 0.024931857109557115,
  "bids_meta": {
    "AcquisitionMatrixPE": 80,
    "AcquisitionNumber": 1,
    "AcquisitionTime": "16:29:43.857500",
    "BandwidthPerPixelPhaseEncode": 25.51,
    "BaseResolution": 80,
    "BodyPartExamined": "BRAIN",
    "ConsistencyInfo": "N4_VE11C_LATEST_20160120",
    "ConversionSoftware": "dcm2niix",
    "ConversionSoftwareVersion": "v1.0.20171215 (OpenJPEG build) GCC4.8.5",
    "DerivedVendorReportedEchoSpacing": 0.000490004,
    "DeviceSerialNumber": "67039",
    "DwellTime": 2.6e-06,
    "EchoTime": 0.025,
    "EchoTrainLength": 80,
    "EffectiveEchoSpacing": 0.000490004,
    "FlipAngle": 90,
    "ImageOrientationPatientDICOM": [
      0.999543,
      -0.0115671,
      -0.0279288,
      0.0137827,
      0.99666,
      0.0804863
    ],
    "ImageType": [
      "ORIGINAL",
      "PRIMARY",
      "M",
      "ND",
      "NORM",
      "MOSAIC"
    ],
    "InPlanePhaseEncodingDirectionDICOM": "COL",
    "InstitutionAddress": "University_Park_Chandlee_Laboratory_State_College_PA_US_16802",
    "InstitutionName": "PSU-SLEIC",
    "InstitutionalDepartmentName": "Department",
    "MRAcquisitionType": "2D",
    "MagneticFieldStrength": 3,
    "Manufacturer": "Siemens",
    "ManufacturersModelName": "Prisma_fit",
    "Modality": "MR",
    "PartialFourier": 1,
    "PatientPosition": "HFS",
    "PercentPhaseFOV": 100,
    "PhaseEncodingDirection": "j-",
    "PhaseEncodingSteps": 80,
    "PhaseResolution": 1,
    "PixelBandwidth": 2405,
    "ProcedureStepDescription": "Investigators_20_ch_xxl213",
    "ProtocolName": "sleep-onset-segment-6",
    "PulseSequenceDetails": "%CustomerSeq%_ep2d_bold_1066",
    "ReceiveCoilActiveElements": "HE1-4",
    "ReceiveCoilName": "HeadNeck_20",
    "ReconMatrixPE": 80,
    "RepetitionTime": 2.1,
    "SAR": 0.131926,
    "ScanOptions": "FS_RT",
    "ScanningSequence": "EP",
    "SequenceName": "ep10662d1_80",
    "SequenceVariant": "SK",
    "SeriesDescription": "sleep-onset-segment-6",
    "SeriesNumber": 34,
    "ShimSetting": [
      -1947,
      8253,
      9504,
      527,
      0,
      -52,
      3,
      19
    ],
    "SliceThickness": 4,
    "SliceTiming": [
      2.02,
      1.9625,
      1.9025,
      1.8425,
      1.7825,
      1.725,
      1.665,
      1.605,
      1.545,
      1.485,
      1.4275,
      1.3675,
      1.3075,
      1.2475,
      1.19,
      1.13,
      1.07,
      1.01,
      0.9525,
      0.8925,
      0.8325,
      0.7725,
      0.715,
      0.655,
      0.595,
      0.535,
      0.475,
      0.4175,
      0.3575,
      0.2975,
      0.2375,
      0.18,
      0.12,
      0.06,
      0
    ],
    "SoftwareVersions": "syngo_MR_E11",
    "SpacingBetweenSlices": 4,
    "StationName": "AWP67039",
    "TaskName": "sleep",
    "TotalReadoutTime": 0.0387103,
    "TxRefAmp": 260.018,
    "dataset": "ds003768",
    "modality": "bold",
    "run_id": 6,
    "subject_id": "29",
    "task_id": "sleep"
  },
  "dummy_trs": 0,
  "dvars_nstd": 22.382038998738302,
  "dvars_std": 1.1755990391121498,
  "dvars_vstd": 1.0011772781542052,
  "efc": 0.44960782699971,
  "fber": 3400.203125,
  "fd_mean": 0.29139357691537177,
  "fd_num": 118,
  "fd_perc": 27.505827505827504,
  "fwhm_avg": 1.8731139215821377,
  "fwhm_x": 1.8470533333333332,
  "fwhm_y": 2.1267833333333335,
  "fwhm_z": 1.6455050980797468,
  "gcor": 0.0320911,
  "gsr_x": -0.024362914264202118,
  "gsr_y": 0.020591899752616882,
  "provenance": {
    "md5sum": "6da1b829691d0285989948f66d5ac643",
    "settings": {
      "fd_thres": 0.2,
      "testing": false
    },
    "software": "mriqc",
    "version": "22.0.6",
    "webapi_port": null,
    "webapi_url": "https://mriqc.nimh.nih.gov/api/v1"
  },
  "size_t": 429,
  "size_x": 80,
  "size_y": 80,
  "size_z": 35,
  "snr": 7.858984057415527,
  "spacing_tr": 2.0999999046325684,
  "spacing_x": 3.0,
  "spacing_y": 3.0,
  "spacing_z": 3.999999761581421,
  "summary_bg_k": 37.350144271460856,
  "summary_bg_mad": 7.440658877505597,
  "summary_bg_mean": 33.50666046142578,
  "summary_bg_median": 13.979021072387695,
  "summary_bg_n": 155993.0,
  "summary_bg_p05": 6.969696998596191,
  "summary_bg_p95": 132.22051086425776,
  "summary_bg_stdv": 60.51924133300781,
  "summary_fg_k": 1.7004496562284812,
  "summary_fg_mad": 95.92682488865177,
  "summary_fg_mean": 818.232666015625,
  "summary_fg_median": 815.5967407226562,
  "summary_fg_n": 28539.0,
  "summary_fg_p05": 655.6218994140625,
  "summary_fg_p95": 985.8480651855468,
  "summary_fg_stdv": 103.77708435058594,
  "tsnr": 44.82025644136593
}