{
  "aor": 0.0060758041958041955,
  "aqi": 0.006424744650349651,
  "bids_meta": {
    "AcquisitionMatrixPE": 80,
    "AcquisitionNumber": 1,
    "AcquisitionTime": "14:57:41.277500",
    "BandwidthPerPixelPhaseEncode": 25.51,
    "BaseResolution": 80,
    "BodyPartExamined": "BRAIN",
    "ConsistencyInfo": "N4_VE11C_LATEST_20160120",
    "ConversionSoftware": "dcm2niix",
    "ConversionSoftwareVersion": "v1.0.20171215 (OpenJPEG build) GCC4.8.5",
    "DerivedVendorReportedEchoSpacing": 0.000490004,
    "DeviceSerialNumber": "67039",
    "DwellTime": 2.6e-06,
    "EchoTime": 0.025,
    "EchoTrainLength": 80,
    "EffectiveEchoSpacing": 0.000490004,
    "FlipAngle": 90,
    "ImageOrientationPatientDICOM": [
      0.999543,
      -0.0115671,
      -0.0279288,
      0.0137827,
      0.99666,
      0.0804863
    ],
    "ImageType": [
      "ORIGINAL",
      "PRIMARY",
      "M",
      "ND",
      "NORM",
      "MOSAIC"
    ],
    "InPlanePhaseEncodingDirectionDICOM": "COL",
    "InstitutionAddress": "University_Park_Chandlee_Laboratory_State_College_PA_US_16802",
    "InstitutionName": "PSU-SLEIC",
    "InstitutionalDepartmentName": "Department",
    "MRAcquisitionType": "2D",
    "MagneticFieldStrength": 3,
    "Manufacturer": "Siemens",
    "ManufacturersModelName": "Prisma_fit",
    "Modality": "MR",
    "PartialFourier": 1,
    "PatientPosition": "HFS",
    "PercentPhaseFOV": 100,
    "PhaseEncodingDirection": "j-",
    "PhaseEncodingSteps": 80,
    "PhaseResolution": 1,
    "PixelBandwidth": 2405,
    "ProcedureStepDescription": "Investigators_20_ch_xxl213",
    "ProtocolName": "resting-post-motor",
    "PulseSequenceDetails": "%CustomerSeq%_ep2d_bold_1066",
    "ReceiveCoilActiveElements": "HE1-4",
    "ReceiveCoilName": "HeadNeck_20",
    "ReconMatrixPE": 80,
    "RepetitionTime": 2.1,
    "SAR": 0.131926,
    "ScanOptions": "FS_RT",
    "ScanningSequence": "EP",
    "SequenceName": "ep10662d1_80",
    "SequenceVariant": "SK",
    "SeriesDescription": "resting-post-motor",
    "SeriesNumber": 22,
    "ShimSetting": [
      -1947,
      8253,
      9504,
      527,
      0,
      -52,
      3,
      19
    ],
    "SliceThickness": 4,
    "SliceTiming": [
      2.02,
      1.9625,
      1.9025,
      1.8425,
      1.7825,
      1.725,
      1.665,
      1.605,
      1.545,
      1.485,
      1.4275,
      1.3675,
      1.3075,
      1.2475,
      1.19,
      1.13,
      1.07,
      1.01,
      0.9525,
      0.8925,
      0.8325,
      0.7725,
      0.715,
      0.655,
      0.595,
      0.535,
      0.475,
      0.4175,
      0.3575,
      0.2975,
      0.2375,
      0.18,
      0.12,
      0.06,
      0
    ],
    "SoftwareVersions": "syngo_MR_E11",
    "SpacingBetweenSlices": 4,
    "StationName": "AWP67039",
    "TaskName": "rest",
    "TotalReadoutTime": 0.0387103,
    "TxRefAmp": 260.018,
    "dataset": "ds003768",
    "modality": "bold",
    "run_id": 2,
    "subject_id": "29",
    "task_id": "rest"
  },
  "dummy_trs": 0,
  "dvars_nstd": 17.139534213929842,
  "dvars_std": 1.3732337146315787,
  "dvars_vstd": 1.051809604526316,
  "efc": 0.4468150307620736,
  "fber": 3524.1162109375,
  "fd_mean": 0.12564737768767156,
  "fd_num": 18,
  "fd_perc": 6.293706293706293,
  "fwhm_avg": 1.8320625319702941,
  "fwhm_x": 1.8097899999999998,
  "fwhm_y": 2.07728,
  "fwhm_z": 1.6091175959108828,
  "gcor": 0.0280066,
  "gsr_x": -0.023345109075307846,
  "gsr_y": 0.022242099046707153,
  "provenance": {
    "md5sum": "9767395c6ab97b093cc16ad73c2ae3ee",
    "settings": {
      "fd_thres": 0.2,
      "testing": false
    },
    "software": "mriqc",
    "version": "22.0.6",
    "webapi_port": null,
    "webapi_url": "https://mriqc.nimh.nih.gov/api/v1"
  },
  "size_t": 286,
  "size_x": 80,
  "size_y": 80,
  "size_z": 35,
  "snr": 7.849646269835293,
  "spacing_tr": 2.0999999046325684,
  "spacing_x": 3.0,
  "spacing_y": 3.0,
  "spacing_z": 3.999999761581421,
  "summary_bg_k": 42.42490085461502,
  "summary_bg_mad": 7.091607359563129,
  "summary_bg_mean": 32.35689163208008,
  "summary_bg_median": 13.730769157409668,
  "summary_bg_n": 155845.0,
  "summary_bg_p05": 6.951048851013184,
  "summary_bg_p95": 126.91468353271456,
  "summary_bg_stdv": 59.179344177246094,
  "summary_fg_k": 1.4743225983220922,
  "summary_fg_mad": 97.04818760176953,
  "summary_fg_mean": 822.5198364257812,
  "summary_fg_median": 819.9265747070312,
  "summary_fg_n": 28595.0,
  "summary_fg_p05": 658.3276428222656,
  "summary_fg_p95": 990.0024291992187,
  "summary_fg_stdv": 104.4521255493164,
  "tsnr": 96.72224065847695
}