{
  "aor": 0.002876258741258741,
  "aqi": 0.006581585979020979,
  "bids_meta": {
    "AcquisitionMatrixPE": 80,
    "AcquisitionNumber": 1,
    "AcquisitionTime": "14:35:40.197500",
    "BandwidthPerPixelPhaseEncode": 25.51,
    "BaseResolution": 80,
    "BodyPartExamined": "BRAIN",
    "ConsistencyInfo": "N4_VE11C_LATEST_20160120",
    "ConversionSoftware": "dcm2niix",
    "ConversionSoftwareVersion": "v1.0.20171215 (OpenJPEG build) GCC4.8.5",
    "DerivedVendorReportedEchoSpacing": 0.000490004,
    "DeviceSerialNumber": "67039",
    "DwellTime": 2.6e-06,
    "EchoTime": 0.025,
    "EchoTrainLength": 80,
    "EffectiveEchoSpacing": 0.000490004,
    "FlipAngle": 90,
    "ImageOrientationPatientDICOM": [
      0.999543,
      -0.0115671,
      -0.0279288,
      0.0137827,
      0.99666,
      0.0804863
    ],
    "ImageType": [
      "ORIGINAL",
      "PRIMARY",
      "M",
      "ND",
      "NORM",
      "MOSAIC"
    ],
    "InPlanePhaseEncodingDirectionDICOM": "COL",
    "InstitutionAddress": "University_Park_Chandlee_Laboratory_State_College_PA_US_16802",
    "InstitutionName": "PSU-SLEIC",
    "InstitutionalDepartmentName": "Department",
    "MRAcquisitionType": "2D",
    "MagneticFieldStrength": 3,
    "Manufacturer": "Siemens",
    "ManufacturersModelName": "Prisma_fit",
    "Modality": "MR",
    "PartialFourier": 1,
    "PatientPosition": "HFS",
    "PercentPhaseFOV": 100,
    "PhaseEncodingDirection": "j-",
    "PhaseEncodingSteps": 80,
    "PhaseResolution": 1,
    "PixelBandwidth": 2405,
    "ProcedureStepDescription": "Investigators_20_ch_xxl213",
    "ProtocolName": "resting-pre-motor",
    "PulseSequenceDetails": "%CustomerSeq%_ep2d_bold_1066",
    "ReceiveCoilActiveElements": "HE1-4",
    "ReceiveCoilName": "HeadNeck_20",
    "ReconMatrixPE": 80,
    "RepetitionTime": 2.1,
    "SAR": 0.131926,
    "ScanOptions": "FS_RT",
    "ScanningSequence": "EP",
    "SequenceName": "ep10662d1_80",
    "SequenceVariant": "SK",
    "SeriesDescription": "resting-pre-motor",
    "SeriesNumber": 18,
    "ShimSetting": [
      -1947,
      8253,
      9504,
      527,
      0,
      -52,
      3,
      19
    ],
    "SliceThickness": 4,
    "SliceTiming": [
      2.02,
      1.96,
      1.9,
      1.84,
      1.7825,
      1.7225,
      1.6625,
      1.6025,
      1.545,
      1.485,
      1.425,
      1.365,
      1.3075,
      1.2475,
      1.1875,
      1.1275,
      1.0675,
      1.01,
      0.95,
      0.89,
      0.83,
      0.7725,
      0.7125,
      0.6525,
      0.5925,
      0.535,
      0.475,
      0.415,
      0.355,
      0.295,
      0.2375,
      0.1775,
      0.1175,
      0.0575,
      0
    ],
    "SoftwareVersions": "syngo_MR_E11",
    "SpacingBetweenSlices": 4,
    "StationName": "AWP67039",
    "TaskName": "rest",
    "TotalReadoutTime": 0.0387103,
    "TxRefAmp": 260.018,
    "dataset": "ds003768",
    "modality": "bold",
    "run_id": 1,
    "subject_id": "29",
    "task_id": "rest"
  },
  "dummy_trs": 0,
  "dvars_nstd": 19.20973516431578,
  "dvars_std": 1.3807709311228062,
  "dvars_vstd": 1.0323957759298252,
  "efc": 0.4451900519562594,
  "fber": 3589.3720703125,
  "fd_mean": 0.11506065934162524,
  "fd_num": 13,
  "fd_perc": 4.545454545454546,
  "fwhm_avg": 1.821963365685147,
  "fwhm_x": 1.7869866666666667,
  "fwhm_y": 2.0505833333333334,
  "fwhm_z": 1.628320097055441,
  "gcor": 0.0405398,
  "gsr_x": -0.023262280970811844,
  "gsr_y": 0.02251213975250721,
  "provenance": {
    "md5sum": "d8499eecedb3e6bbfa28d2c9e893cbfb",
    "settings": {
      "fd_thres": 0.2,
      "testing": false
    },
    "software": "mriqc",
    "version": "22.0.6",
    "webapi_port": null,
    "webapi_url": "https://mriqc.nimh.nih.gov/api/v1"
  },
  "size_t": 286,
  "size_x": 80,
  "size_y": 80,
  "size_z": 35,
  "snr": 7.969482800306386,
  "spacing_tr": 2.0999999046325684,
  "spacing_x": 3.0,
  "spacing_y": 3.0,
  "spacing_z": 3.999999761581421,
  "summary_bg_k": 44.27567967060406,
  "summary_bg_mad": 6.972378584466727,
  "summary_bg_mean": 31.785484313964844,
  "summary_bg_median": 13.667832374572754,
  "summary_bg_n": 155958.0,
  "summary_bg_p05": 6.944056034088135,
  "summary_bg_p95": 124.69685020446774,
  "summary_bg_stdv": 57.99061965942383,
  "summary_fg_k": 1.4871323503425344,
  "summary_fg_mad": 96.61279083819898,
  "summary_fg_mean": 825.5552978515625,
  "summary_fg_median": 823.1800537109375,
  "summary_fg_n": 28428.0,
  "summary_fg_p05": 664.5828460693359,
  "summary_fg_p95": 990.5277801513672,
  "summary_fg_stdv": 103.28971099853516,
  "tsnr": 93.97712237108499
}