{
  "aor": 0.0011602341920374708,
  "aqi": 0.004965145058548009,
  "bids_meta": {
    "AcquisitionMatrixPE": 80,
    "AcquisitionNumber": 1,
    "AcquisitionTime": "15:25:41.337500",
    "BandwidthPerPixelPhaseEncode": 25.51,
    "BaseResolution": 80,
    "BodyPartExamined": "BRAIN",
    "ConsistencyInfo": "N4_VE11C_LATEST_20160120",
    "ConversionSoftware": "dcm2niix",
    "ConversionSoftwareVersion": "v1.0.20171215 (OpenJPEG build) GCC4.8.5",
    "DerivedVendorReportedEchoSpacing": 0.000490004,
    "DeviceSerialNumber": "67039",
    "DwellTime": 2.6e-06,
    "EchoTime": 0.025,
    "EchoTrainLength": 80,
    "EffectiveEchoSpacing": 0.000490004,
    "FlipAngle": 90,
    "ImageOrientationPatientDICOM": [
      0.999543,
      -0.0115671,
      -0.0279288,
      0.0137827,
      0.99666,
      0.0804863
    ],
    "ImageType": [
      "ORIGINAL",
      "PRIMARY",
      "M",
      "ND",
      "NORM",
      "MOSAIC"
    ],
    "InPlanePhaseEncodingDirectionDICOM": "COL",
    "InstitutionAddress": "University_Park_Chandlee_Laboratory_State_College_PA_US_16802",
    "InstitutionName": "PSU-SLEIC",
    "InstitutionalDepartmentName": "Department",
    "MRAcquisitionType": "2D",
    "MagneticFieldStrength": 3,
    "Manufacturer": "Siemens",
    "ManufacturersModelName": "Prisma_fit",
    "Modality": "MR",
    "PartialFourier": 1,
    "PatientPosition": "HFS",
    "PercentPhaseFOV": 100,
    "PhaseEncodingDirection": "j-",
    "PhaseEncodingSteps": 80,
    "PhaseResolution": 1,
    "PixelBandwidth": 2405,
    "ProcedureStepDescription": "Investigators_20_ch_xxl213",
    "ProtocolName": "sleep-onset-segment-2",
    "PulseSequenceDetails": "%CustomerSeq%_ep2d_bold_1066",
    "ReceiveCoilActiveElements": "HE1-4",
    "ReceiveCoilName": "HeadNeck_20",
    "ReconMatrixPE": 80,
    "RepetitionTime": 2.1,
    "SAR": 0.131926,
    "ScanOptions": "FS_RT",
    "ScanningSequence": "EP",
    "SequenceName": "ep10662d1_80",
    "SequenceVariant": "SK",
    "SeriesDescription": "sleep-onset-segment-2",
    "SeriesNumber": 26,
    "ShimSetting": [
      -1947,
      8253,
      9504,
      527,
      0,
      -52,
      3,
      19
    ],
    "SliceThickness": 4,
    "SliceTiming": [
      2.02,
      1.96,
      1.9025,
      1.8425,
      1.7825,
      1.7225,
      1.665,
      1.605,
      1.545,
      1.485,
      1.425,
      1.3675,
      1.3075,
      1.2475,
      1.1875,
      1.13,
      1.07,
      1.01,
      0.95,
      0.8925,
      0.8325,
      0.7725,
      0.7125,
      0.6525,
      0.595,
      0.535,
      0.475,
      0.415,
      0.3575,
      0.2975,
      0.2375,
      0.1775,
      0.12,
      0.06,
      0
    ],
    "SoftwareVersions": "syngo_MR_E11",
    "SpacingBetweenSlices": 4,
    "StationName": "AWP67039",
    "TaskName": "sleep",
    "TotalReadoutTime": 0.0387103,
    "TxRefAmp": 260.018,
    "dataset": "ds003768",
    "modality": "bold",
    "run_id": 2,
    "subject_id": "29",
    "task_id": "sleep"
  },
  "dummy_trs": 2,
  "dvars_nstd": 15.33824267647889,
  "dvars_std": 1.277162756103285,
  "dvars_vstd": 1.0069399747887322,
  "efc": 0.4485877767861345,
  "fber": 3434.902587890625,
  "fd_mean": 0.10668979810187454,
  "fd_num": 4,
  "fd_perc": 0.936768149882904,
  "fwhm_avg": 1.82404197632861,
  "fwhm_x": 1.7899766666666668,
  "fwhm_y": 2.077366666666667,
  "fwhm_z": 1.6047825956524966,
  "gcor": 0.0333792,
  "gsr_x": -0.02438499592244625,
  "gsr_y": 0.021244145929813385,
  "provenance": {
    "md5sum": "66fd3bcf4272aaff20c3a14d000001b1",
    "settings": {
      "fd_thres": 0.2,
      "testing": false
    },
    "software": "mriqc",
    "version": "22.0.6",
    "webapi_port": null,
    "webapi_url": "https://mriqc.nimh.nih.gov/api/v1"
  },
  "size_t": 427,
  "size_x": 80,
  "size_y": 80,
  "size_z": 35,
  "snr": 7.773122315956036,
  "spacing_tr": 2.0999999046325684,
  "spacing_x": 3.0,
  "spacing_y": 3.0,
  "spacing_z": 3.999999761581421,
  "summary_bg_k": 38.86386076159984,
  "summary_bg_mad": 7.149128439058793,
  "summary_bg_mean": 33.061519622802734,
  "summary_bg_median": 13.861825942993164,
  "summary_bg_n": 155862.0,
  "summary_bg_p05": 7.03747034072876,
  "summary_bg_p95": 131.35783843994125,
  "summary_bg_stdv": 60.70893478393555,
  "summary_fg_k": 1.7574466429471371,
  "summary_fg_mad": 97.02891304900209,
  "summary_fg_mean": 819.2881469726562,
  "summary_fg_median": 816.913330078125,
  "summary_fg_n": 28587.0,
  "summary_fg_p05": 655.2479675292968,
  "summary_fg_p95": 987.9622436523437,
  "summary_fg_stdv": 105.09278106689453,
  "tsnr": 111.28508270485327
}