{
  "aor": 0.00038009324009324007,
  "aqi": 0.004344885757575758,
  "bids_meta": {
    "AcquisitionMatrixPE": 80,
    "AcquisitionNumber": 1,
    "AcquisitionTime": "15:32:2.990000",
    "BandwidthPerPixelPhaseEncode": 25.51,
    "BaseResolution": 80,
    "BodyPartExamined": "BRAIN",
    "ConsistencyInfo": "N4_VE11C_LATEST_20160120",
    "ConversionSoftware": "dcm2niix",
    "ConversionSoftwareVersion": "v1.0.20171215 (OpenJPEG build) GCC4.8.5",
    "DerivedVendorReportedEchoSpacing": 0.000490004,
    "DeviceSerialNumber": "67039",
    "DwellTime": 2.6e-06,
    "EchoTime": 0.025,
    "EchoTrainLength": 80,
    "EffectiveEchoSpacing": 0.000490004,
    "FlipAngle": 90,
    "ImageOrientationPatientDICOM": [
      0.995169,
      0.0931824,
      0.0309258,
      -0.0930198,
      0.995642,
      -0.00666071
    ],
    "ImageType": [
      "ORIGINAL",
      "PRIMARY",
      "M",
      "ND",
      "NORM",
      "MOSAIC"
    ],
    "InPlanePhaseEncodingDirectionDICOM": "COL",
    "InstitutionAddress": "University_Park_Chandlee_Laboratory_State_College_PA_US_16802",
    "InstitutionName": "Penn_State_SLEIC",
    "InstitutionalDepartmentName": "Department",
    "MRAcquisitionType": "2D",
    "MagneticFieldStrength": 3,
    "Manufacturer": "Siemens",
    "ManufacturersModelName": "Prisma_fit",
    "Modality": "MR",
    "PartialFourier": 1,
    "PatientPosition": "HFS",
    "PercentPhaseFOV": 100,
    "PhaseEncodingDirection": "j-",
    "PhaseEncodingSteps": 80,
    "PhaseResolution": 1,
    "PixelBandwidth": 2405,
    "ProcedureStepDescription": "Investigators_20_ch_xxl213",
    "ProtocolName": "sleep-onset-segment-3",
    "PulseSequenceDetails": "%CustomerSeq%_ep2d_bold_1066",
    "ReceiveCoilActiveElements": "HE1-4",
    "ReceiveCoilName": "HeadNeck_20",
    "ReconMatrixPE": 80,
    "RepetitionTime": 2.1,
    "SAR": 0.167914,
    "ScanOptions": "FS_RT",
    "ScanningSequence": "EP",
    "SequenceName": "ep10662d1_80",
    "SequenceVariant": "SK",
    "SeriesDescription": "sleep-onset-segment-3",
    "SeriesNumber": 26,
    "ShimSetting": [
      -1916,
      8247,
      9497,
      384,
      -34,
      -124,
      125,
      16
    ],
    "SliceThickness": 4,
    "SliceTiming": [
      2.02,
      1.96,
      1.9025,
      1.8425,
      1.7825,
      1.7225,
      1.665,
      1.605,
      1.545,
      1.485,
      1.4275,
      1.3675,
      1.3075,
      1.2475,
      1.1875,
      1.13,
      1.07,
      1.01,
      0.95,
      0.8925,
      0.8325,
      0.7725,
      0.7125,
      0.655,
      0.595,
      0.535,
      0.475,
      0.4175,
      0.3575,
      0.2975,
      0.2375,
      0.1775,
      0.12,
      0.06,
      0
    ],
    "SoftwareVersions": "syngo_MR_E11",
    "SpacingBetweenSlices": 4,
    "StationName": "AWP67039",
    "TaskName": "sleep",
    "TotalReadoutTime": 0.0387103,
    "TxRefAmp": 316.394,
    "dataset": "ds003768",
    "modality": "bold",
    "run_id": 3,
    "subject_id": "32",
    "task_id": "sleep"
  },
  "dummy_trs": 0,
  "dvars_nstd": 23.20540944890188,
  "dvars_std": 1.3963097452102817,
  "dvars_vstd": 0.9696589876168216,
  "efc": 0.47206388009647765,
  "fber": 2467.058837890625,
  "fd_mean": 0.1725767242452884,
  "fd_num": 177,
  "fd_perc": 41.25874125874126,
  "fwhm_avg": 1.9281958333333333,
  "fwhm_x": 1.9225233333333334,
  "fwhm_y": 2.1624266666666667,
  "fwhm_z": 1.6996375,
  "gcor": 0.0166453,
  "gsr_x": -0.01209945511072874,
  "gsr_y": 0.03129658102989197,
  "provenance": {
    "md5sum": "1b8695efe019097aac5443ba91343446",
    "settings": {
      "fd_thres": 0.2,
      "testing": false
    },
    "software": "mriqc",
    "version": "22.0.6",
    "webapi_port": null,
    "webapi_url": "https://mriqc.nimh.nih.gov/api/v1"
  },
  "size_t": 429,
  "size_x": 80,
  "size_y": 80,
  "size_z": 35,
  "snr": 6.589172000797604,
  "spacing_tr": 2.0999999046325684,
  "spacing_x": 3.0,
  "spacing_y": 3.0,
  "spacing_z": 4.0,
  "summary_bg_k": 24.807615933451352,
  "summary_bg_mad": 7.105431959011751,
  "summary_bg_mean": 32.441551208496094,
  "summary_bg_median": 12.46387004852295,
  "summary_bg_n": 154388.0,
  "summary_bg_p05": 5.6022147178649915,
  "summary_bg_p95": 138.49871978759734,
  "summary_bg_stdv": 57.43193054199219,
  "summary_fg_k": 1.0816037382317534,
  "summary_fg_mad": 92.99093948965299,
  "summary_fg_mean": 626.472412109375,
  "summary_fg_median": 622.9464111328125,
  "summary_fg_n": 30220.0,
  "summary_fg_p05": 482.90547637939454,
  "summary_fg_p95": 781.8924255371094,
  "summary_fg_stdv": 94.53936004638672,
  "tsnr": 91.85832919366658
}