{
  "aor": 0.00041803508771929833,
  "aqi": 0.02513707789473684,
  "bids_meta": {
    "AcquisitionMatrixPE": 80,
    "AcquisitionNumber": 1,
    "AcquisitionTime": "14:29:18.710000",
    "BandwidthPerPixelPhaseEncode": 25.51,
    "BaseResolution": 80,
    "BodyPartExamined": "BRAIN",
    "ConsistencyInfo": "N4_VE11C_LATEST_20160120",
    "ConversionSoftware": "dcm2niix",
    "ConversionSoftwareVersion": "v1.0.20171215 (OpenJPEG build) GCC4.8.5",
    "DerivedVendorReportedEchoSpacing": 0.000490004,
    "DeviceSerialNumber": "67039",
    "DwellTime": 2.6e-06,
    "EchoTime": 0.025,
    "EchoTrainLength": 80,
    "EffectiveEchoSpacing": 0.000490004,
    "FlipAngle": 90,
    "ImageOrientationPatientDICOM": [
      0.995169,
      0.0931824,
      0.0309258,
      -0.0930198,
      0.995642,
      -0.00666071
    ],
    "ImageType": [
      "ORIGINAL",
      "PRIMARY",
      "M",
      "ND",
      "NORM",
      "MOSAIC"
    ],
    "InPlanePhaseEncodingDirectionDICOM": "COL",
    "InstitutionAddress": "University_Park_Chandlee_Laboratory_State_College_PA_US_16802",
    "InstitutionName": "Penn_State_SLEIC",
    "InstitutionalDepartmentName": "Department",
    "MRAcquisitionType": "2D",
    "MagneticFieldStrength": 3,
    "Manufacturer": "Siemens",
    "ManufacturersModelName": "Prisma_fit",
    "Modality": "MR",
    "PartialFourier": 1,
    "PatientPosition": "HFS",
    "PercentPhaseFOV": 100,
    "PhaseEncodingDirection": "j-",
    "PhaseEncodingSteps": 80,
    "PhaseResolution": 1,
    "PixelBandwidth": 2405,
    "ProcedureStepDescription": "Investigators_20_ch_xxl213",
    "ProtocolName": "resting-pre-motor",
    "PulseSequenceDetails": "%CustomerSeq%_ep2d_bold_1066",
    "ReceiveCoilActiveElements": "HE1-4",
    "ReceiveCoilName": "HeadNeck_20",
    "ReconMatrixPE": 80,
    "RepetitionTime": 2.1,
    "SAR": 0.167914,
    "ScanOptions": "FS_RT",
    "ScanningSequence": "EP",
    "SequenceName": "ep10662d1_80",
    "SequenceVariant": "SK",
    "SeriesDescription": "resting-pre-motor",
    "SeriesNumber": 16,
    "ShimSetting": [
      -1916,
      8247,
      9497,
      384,
      -34,
      -124,
      125,
      16
    ],
    "SliceThickness": 4,
    "SliceTiming": [
      2.02,
      1.96,
      1.9,
      1.8425,
      1.7825,
      1.7225,
      1.6625,
      1.6025,
      1.545,
      1.485,
      1.425,
      1.365,
      1.3075,
      1.2475,
      1.1875,
      1.1275,
      1.07,
      1.01,
      0.95,
      0.89,
      0.8325,
      0.7725,
      0.7125,
      0.6525,
      0.5925,
      0.535,
      0.475,
      0.415,
      0.355,
      0.2975,
      0.2375,
      0.1775,
      0.1175,
      0.06,
      0
    ],
    "SoftwareVersions": "syngo_MR_E11",
    "SpacingBetweenSlices": 4,
    "StationName": "AWP67039",
    "TaskName": "rest",
    "TotalReadoutTime": 0.0387103,
    "TxRefAmp": 316.394,
    "dataset": "ds003768",
    "modality": "bold",
    "run_id": 1,
    "subject_id": "32",
    "task_id": "rest"
  },
  "dummy_trs": 1,
  "dvars_nstd": 23.413367163873236,
  "dvars_std": 1.1972891836619721,
  "dvars_vstd": 0.8542039629577466,
  "efc": 0.47849918641699873,
  "fber": 2307.398681640625,
  "fd_mean": 0.2089474621627564,
  "fd_num": 129,
  "fd_perc": 45.26315789473684,
  "fwhm_avg": 1.9427055555555557,
  "fwhm_x": 1.9841466666666667,
  "fwhm_y": 2.22012,
  "fwhm_z": 1.62385,
  "gcor": 0.0387386,
  "gsr_x": -0.016554856672883034,
  "gsr_y": 0.02685702033340931,
  "provenance": {
    "md5sum": "63ac2f1c78d8425d78a664c410667173",
    "settings": {
      "fd_thres": 0.2,
      "testing": false
    },
    "software": "mriqc",
    "version": "22.0.6",
    "webapi_port": null,
    "webapi_url": "https://mriqc.nimh.nih.gov/api/v1"
  },
  "size_t": 285,
  "size_x": 80,
  "size_y": 80,
  "size_z": 35,
  "snr": 6.6102001371445525,
  "spacing_tr": 2.0999999046325684,
  "spacing_x": 3.0,
  "spacing_y": 3.0,
  "spacing_z": 4.0,
  "summary_bg_k": 23.133623704052,
  "summary_bg_mad": 7.875999791249675,
  "summary_bg_mean": 33.739227294921875,
  "summary_bg_median": 12.807018280029297,
  "summary_bg_n": 153617.0,
  "summary_bg_p05": 5.59649133682251,
  "summary_bg_p95": 141.82877807617152,
  "summary_bg_stdv": 57.31857681274414,
  "summary_fg_k": 0.8045411234784234,
  "summary_fg_mad": 93.37267517439213,
  "summary_fg_mean": 617.855712890625,
  "summary_fg_median": 615.0877075195312,
  "summary_fg_n": 30518.0,
  "summary_fg_p05": 474.81932067871094,
  "summary_fg_p95": 771.5168609619141,
  "summary_fg_stdv": 93.04977416992188,
  "tsnr": 39.49776481417939
}