{
  "aor": 0.002843543859649123,
  "aqi": 0.005892918877192983,
  "bids_meta": {
    "AcquisitionMatrixPE": 80,
    "AcquisitionNumber": 1,
    "AcquisitionTime": "15:28:53.417500",
    "BandwidthPerPixelPhaseEncode": 25.51,
    "BaseResolution": 80,
    "BodyPartExamined": "BRAIN",
    "ConsistencyInfo": "N4_VE11C_LATEST_20160120",
    "ConversionSoftware": "dcm2niix",
    "ConversionSoftwareVersion": "v1.0.20171215 (OpenJPEG build) GCC4.8.5",
    "DerivedVendorReportedEchoSpacing": 0.000490004,
    "DeviceSerialNumber": "67039",
    "DwellTime": 2.6e-06,
    "EchoTime": 0.025,
    "EchoTrainLength": 80,
    "EffectiveEchoSpacing": 0.000490004,
    "FlipAngle": 90,
    "ImageOrientationPatientDICOM": [
      0.996836,
      0.0783866,
      -0.0131518,
      -0.0784527,
      0.996907,
      -0.00458578
    ],
    "ImageType": [
      "ORIGINAL",
      "PRIMARY",
      "M",
      "ND",
      "NORM",
      "MOSAIC"
    ],
    "InPlanePhaseEncodingDirectionDICOM": "COL",
    "InstitutionAddress": "University_Park_Chandlee_Laboratory_State_College_PA_US_16802",
    "InstitutionName": "PSU-SLEIC",
    "InstitutionalDepartmentName": "Department",
    "MRAcquisitionType": "2D",
    "MagneticFieldStrength": 3,
    "Manufacturer": "Siemens",
    "ManufacturersModelName": "Prisma_fit",
    "Modality": "MR",
    "PartialFourier": 1,
    "PatientPosition": "HFS",
    "PercentPhaseFOV": 100,
    "PhaseEncodingDirection": "j-",
    "PhaseEncodingSteps": 80,
    "PhaseResolution": 1,
    "PixelBandwidth": 2405,
    "ProcedureStepDescription": "Investigators_20_ch_xxl213",
    "ProtocolName": "resting-post-motor",
    "PulseSequenceDetails": "%CustomerSeq%_ep2d_bold_1066",
    "ReceiveCoilActiveElements": "HE1-4",
    "ReceiveCoilName": "HeadNeck_20",
    "ReconMatrixPE": 80,
    "RepetitionTime": 2.1,
    "SAR": 0.115763,
    "ScanOptions": "FS_RT",
    "ScanningSequence": "EP",
    "SequenceName": "ep10662d1_80",
    "SequenceVariant": "SK",
    "SeriesDescription": "resting-post-motor",
    "SeriesNumber": 24,
    "ShimSetting": [
      -1928,
      8242,
      9522,
      432,
      -39,
      -106,
      -30,
      20
    ],
    "SliceThickness": 4,
    "SliceTiming": [
      2.02,
      1.96,
      1.9,
      1.8425,
      1.7825,
      1.7225,
      1.6625,
      1.605,
      1.545,
      1.485,
      1.425,
      1.365,
      1.3075,
      1.2475,
      1.1875,
      1.1275,
      1.07,
      1.01,
      0.95,
      0.89,
      0.8325,
      0.7725,
      0.7125,
      0.6525,
      0.5925,
      0.535,
      0.475,
      0.415,
      0.355,
      0.2975,
      0.2375,
      0.1775,
      0.1175,
      0.06,
      0
    ],
    "SoftwareVersions": "syngo_MR_E11",
    "SpacingBetweenSlices": 4,
    "StationName": "AWP67039",
    "TaskName": "rest",
    "TotalReadoutTime": 0.0387103,
    "TxRefAmp": 258.086,
    "dataset": "ds003768",
    "modality": "bold",
    "run_id": 2,
    "subject_id": "05",
    "task_id": "rest"
  },
  "dummy_trs": 1,
  "dvars_nstd": 18.647092429823942,
  "dvars_std": 1.3496471918661972,
  "dvars_vstd": 0.9997990722183092,
  "efc": 0.45649242270866613,
  "fber": 3237.81298828125,
  "fd_mean": 0.193144003984963,
  "fd_num": 133,
  "fd_perc": 46.666666666666664,
  "fwhm_avg": 1.8432497222222224,
  "fwhm_x": 1.79796,
  "fwhm_y": 2.0828666666666664,
  "fwhm_z": 1.6489225,
  "gcor": 0.0396734,
  "gsr_x": -0.023632433265447617,
  "gsr_y": 0.025013349950313568,
  "provenance": {
    "md5sum": "556909c15fb64046a6a0343b9ab20d08",
    "settings": {
      "fd_thres": 0.2,
      "testing": false
    },
    "software": "mriqc",
    "version": "22.0.6",
    "webapi_port": null,
    "webapi_url": "https://mriqc.nimh.nih.gov/api/v1"
  },
  "size_t": 285,
  "size_x": 80,
  "size_y": 80,
  "size_z": 35,
  "snr": 7.978691465186364,
  "spacing_tr": 2.0999999046325684,
  "spacing_x": 3.0,
  "spacing_y": 3.0,
  "spacing_z": 4.0,
  "summary_bg_k": 54.944766842943935,
  "summary_bg_mad": 7.137299587206359,
  "summary_bg_mean": 32.1089973449707,
  "summary_bg_median": 13.859649658203125,
  "summary_bg_n": 153832.0,
  "summary_bg_p05": 7.017543792724609,
  "summary_bg_p95": 123.08579254150385,
  "summary_bg_stdv": 60.09254455566406,
  "summary_fg_k": 2.775965267588596,
  "summary_fg_mad": 88.58154620338397,
  "summary_fg_mean": 796.4337768554688,
  "summary_fg_median": 794.5140380859375,
  "summary_fg_n": 30200.0,
  "summary_fg_p05": 645.2426239013672,
  "summary_fg_p95": 953.4112548828124,
  "summary_fg_stdv": 99.57784271240234,
  "tsnr": 99.35242075915448
}