{
  "aor": 0.005127822014051522,
  "aqi": 0.008519048149882904,
  "bids_meta": {
    "AcquisitionMatrixPE": 80,
    "AcquisitionNumber": 1,
    "AcquisitionTime": "15:39:49.352500",
    "BandwidthPerPixelPhaseEncode": 25.51,
    "BaseResolution": 80,
    "BodyPartExamined": "BRAIN",
    "ConsistencyInfo": "N4_VE11C_LATEST_20160120",
    "ConversionSoftware": "dcm2niix",
    "ConversionSoftwareVersion": "v1.0.20171215 (OpenJPEG build) GCC4.8.5",
    "DerivedVendorReportedEchoSpacing": 0.000490004,
    "DeviceSerialNumber": "67039",
    "DwellTime": 2.6e-06,
    "EchoTime": 0.025,
    "EchoTrainLength": 80,
    "EffectiveEchoSpacing": 0.000490004,
    "FlipAngle": 90,
    "ImageOrientationPatientDICOM": [
      0.996836,
      0.0783866,
      -0.0131518,
      -0.0784527,
      0.996907,
      -0.00458578
    ],
    "ImageType": [
      "ORIGINAL",
      "PRIMARY",
      "M",
      "ND",
      "NORM",
      "MOSAIC"
    ],
    "InPlanePhaseEncodingDirectionDICOM": "COL",
    "InstitutionAddress": "University_Park_Chandlee_Laboratory_State_College_PA_US_16802",
    "InstitutionName": "PSU-SLEIC",
    "InstitutionalDepartmentName": "Department",
    "MRAcquisitionType": "2D",
    "MagneticFieldStrength": 3,
    "Manufacturer": "Siemens",
    "ManufacturersModelName": "Prisma_fit",
    "Modality": "MR",
    "PartialFourier": 1,
    "PatientPosition": "HFS",
    "PercentPhaseFOV": 100,
    "PhaseEncodingDirection": "j-",
    "PhaseEncodingSteps": 80,
    "PhaseResolution": 1,
    "PixelBandwidth": 2405,
    "ProcedureStepDescription": "Investigators_20_ch_xxl213",
    "ProtocolName": "sleep-onset-segment-1",
    "PulseSequenceDetails": "%CustomerSeq%_ep2d_bold_1066",
    "ReceiveCoilActiveElements": "HE1-4",
    "ReceiveCoilName": "HeadNeck_20",
    "ReconMatrixPE": 80,
    "RepetitionTime": 2.1,
    "SAR": 0.115763,
    "ScanOptions": "FS_RT",
    "ScanningSequence": "EP",
    "SequenceName": "ep10662d1_80",
    "SequenceVariant": "SK",
    "SeriesDescription": "sleep-onset-segment-1",
    "SeriesNumber": 26,
    "ShimSetting": [
      -1928,
      8242,
      9522,
      432,
      -39,
      -106,
      -30,
      20
    ],
    "SliceThickness": 4,
    "SliceTiming": [
      2.02,
      1.96,
      1.9025,
      1.8425,
      1.7825,
      1.7225,
      1.665,
      1.605,
      1.545,
      1.485,
      1.4275,
      1.3675,
      1.3075,
      1.2475,
      1.1875,
      1.13,
      1.07,
      1.01,
      0.95,
      0.8925,
      0.8325,
      0.7725,
      0.7125,
      0.655,
      0.595,
      0.535,
      0.475,
      0.415,
      0.3575,
      0.2975,
      0.2375,
      0.1775,
      0.12,
      0.06,
      0
    ],
    "SoftwareVersions": "syngo_MR_E11",
    "SpacingBetweenSlices": 4,
    "StationName": "AWP67039",
    "TaskName": "sleep",
    "TotalReadoutTime": 0.0387103,
    "TxRefAmp": 258.086,
    "dataset": "ds003768",
    "modality": "bold",
    "run_id": 1,
    "subject_id": "05",
    "task_id": "sleep"
  },
  "dummy_trs": 2,
  "dvars_nstd": 20.80608855530517,
  "dvars_std": 1.3674973230516438,
  "dvars_vstd": 1.0026371357511739,
  "efc": 0.4568902092128724,
  "fber": 3249.912841796875,
  "fd_mean": 0.23953194206142955,
  "fd_num": 207,
  "fd_perc": 48.477751756440284,
  "fwhm_avg": 1.8487047222222224,
  "fwhm_x": 1.8033566666666667,
  "fwhm_y": 2.0836200000000002,
  "fwhm_z": 1.6591375,
  "gcor": 0.0353452,
  "gsr_x": -0.023605627939105034,
  "gsr_y": 0.024825168773531914,
  "provenance": {
    "md5sum": "151433a833d3f7126ff42a16b6850964",
    "settings": {
      "fd_thres": 0.2,
      "testing": false
    },
    "software": "mriqc",
    "version": "22.0.6",
    "webapi_port": null,
    "webapi_url": "https://mriqc.nimh.nih.gov/api/v1"
  },
  "size_t": 427,
  "size_x": 80,
  "size_y": 80,
  "size_z": 35,
  "snr": 7.949723693276131,
  "spacing_tr": 2.0999999046325684,
  "spacing_x": 3.0,
  "spacing_y": 3.0,
  "spacing_z": 4.0,
  "summary_bg_k": 53.10450813507088,
  "summary_bg_mad": 7.308846217459797,
  "summary_bg_mean": 32.19451141357422,
  "summary_bg_median": 13.875877380371094,
  "summary_bg_n": 153754.0,
  "summary_bg_p05": 6.873536109924316,
  "summary_bg_p95": 123.93699417114266,
  "summary_bg_stdv": 59.857933044433594,
  "summary_fg_k": 2.776403921563838,
  "summary_fg_mad": 88.70266821690142,
  "summary_fg_mean": 797.8370361328125,
  "summary_fg_median": 795.4378662109375,
  "summary_fg_n": 30228.0,
  "summary_fg_p05": 644.7441192626953,
  "summary_fg_p95": 955.3019256591797,
  "summary_fg_stdv": 100.05690002441406,
  "tsnr": 78.64533596672118
}