{
  "aor": 0.003283706293706294,
  "aqi": 0.006801712447552447,
  "bids_meta": {
    "AcquisitionMatrixPE": 80,
    "AcquisitionNumber": 1,
    "AcquisitionTime": "15:55:18.345000",
    "BandwidthPerPixelPhaseEncode": 25.51,
    "BaseResolution": 80,
    "BodyPartExamined": "BRAIN",
    "ConsistencyInfo": "N4_VE11C_LATEST_20160120",
    "ConversionSoftware": "dcm2niix",
    "ConversionSoftwareVersion": "v1.0.20171215 (OpenJPEG build) GCC4.8.5",
    "DerivedVendorReportedEchoSpacing": 0.000490004,
    "DeviceSerialNumber": "67039",
    "DwellTime": 2.6e-06,
    "EchoTime": 0.025,
    "EchoTrainLength": 80,
    "EffectiveEchoSpacing": 0.000490004,
    "FlipAngle": 90,
    "ImageOrientationPatientDICOM": [
      0.996836,
      0.0783866,
      -0.0131518,
      -0.0784527,
      0.996907,
      -0.00458578
    ],
    "ImageType": [
      "ORIGINAL",
      "PRIMARY",
      "M",
      "ND",
      "NORM",
      "MOSAIC"
    ],
    "InPlanePhaseEncodingDirectionDICOM": "COL",
    "InstitutionAddress": "University_Park_Chandlee_Laboratory_State_College_PA_US_16802",
    "InstitutionName": "PSU-SLEIC",
    "InstitutionalDepartmentName": "Department",
    "MRAcquisitionType": "2D",
    "MagneticFieldStrength": 3,
    "Manufacturer": "Siemens",
    "ManufacturersModelName": "Prisma_fit",
    "Modality": "MR",
    "PartialFourier": 1,
    "PatientPosition": "HFS",
    "PercentPhaseFOV": 100,
    "PhaseEncodingDirection": "j-",
    "PhaseEncodingSteps": 80,
    "PhaseResolution": 1,
    "PixelBandwidth": 2405,
    "ProcedureStepDescription": "Investigators_20_ch_xxl213",
    "ProtocolName": "sleep-onset-segment-2",
    "PulseSequenceDetails": "%CustomerSeq%_ep2d_bold_1066",
    "ReceiveCoilActiveElements": "HE1-4",
    "ReceiveCoilName": "HeadNeck_20",
    "ReconMatrixPE": 80,
    "RepetitionTime": 2.1,
    "SAR": 0.115763,
    "ScanOptions": "FS_RT",
    "ScanningSequence": "EP",
    "SequenceName": "ep10662d1_80",
    "SequenceVariant": "SK",
    "SeriesDescription": "sleep-onset-segment-2",
    "SeriesNumber": 28,
    "ShimSetting": [
      -1928,
      8242,
      9522,
      432,
      -39,
      -106,
      -30,
      20
    ],
    "SliceThickness": 4,
    "SliceTiming": [
      2.02,
      1.96,
      1.9025,
      1.8425,
      1.7825,
      1.7225,
      1.665,
      1.605,
      1.545,
      1.485,
      1.425,
      1.3675,
      1.3075,
      1.2475,
      1.1875,
      1.13,
      1.07,
      1.01,
      0.95,
      0.8925,
      0.8325,
      0.7725,
      0.7125,
      0.6525,
      0.595,
      0.535,
      0.475,
      0.415,
      0.3575,
      0.2975,
      0.2375,
      0.1775,
      0.12,
      0.06,
      0
    ],
    "SoftwareVersions": "syngo_MR_E11",
    "SpacingBetweenSlices": 4,
    "StationName": "AWP67039",
    "TaskName": "sleep",
    "TotalReadoutTime": 0.0387103,
    "TxRefAmp": 258.086,
    "dataset": "ds003768",
    "modality": "bold",
    "run_id": 2,
    "subject_id": "05",
    "task_id": "sleep"
  },
  "dummy_trs": 0,
  "dvars_nstd": 21.314271722009355,
  "dvars_std": 1.427404456238318,
  "dvars_vstd": 1.001423511168224,
  "efc": 0.45673641238866713,
  "fber": 3247.6484375,
  "fd_mean": 0.20549217297517383,
  "fd_num": 197,
  "fd_perc": 45.92074592074592,
  "fwhm_avg": 1.8418747222222223,
  "fwhm_x": 1.80046,
  "fwhm_y": 2.073186666666667,
  "fwhm_z": 1.6519775,
  "gcor": 0.0479088,
  "gsr_x": -0.023403100669384003,
  "gsr_y": 0.02411828190088272,
  "provenance": {
    "md5sum": "998ffb0e18034e255d6e567dd258e53a",
    "settings": {
      "fd_thres": 0.2,
      "testing": false
    },
    "software": "mriqc",
    "version": "22.0.6",
    "webapi_port": null,
    "webapi_url": "https://mriqc.nimh.nih.gov/api/v1"
  },
  "size_t": 429,
  "size_x": 80,
  "size_y": 80,
  "size_z": 35,
  "snr": 7.95662859101027,
  "spacing_tr": 2.0999999046325684,
  "spacing_x": 3.0,
  "spacing_y": 3.0,
  "spacing_z": 4.0,
  "summary_bg_k": 53.08069597930423,
  "summary_bg_mad": 7.167638061291666,
  "summary_bg_mean": 32.16698455810547,
  "summary_bg_median": 13.88811206817627,
  "summary_bg_n": 153773.0,
  "summary_bg_p05": 7.004662036895752,
  "summary_bg_p95": 123.72354431152343,
  "summary_bg_stdv": 59.70882034301758,
  "summary_fg_k": 2.6408256570893647,
  "summary_fg_mad": 88.68312219155979,
  "summary_fg_mean": 798.266357421875,
  "summary_fg_median": 795.7342529296875,
  "summary_fg_n": 30191.0,
  "summary_fg_p05": 645.6060791015625,
  "summary_fg_p95": 955.7331237792969,
  "summary_fg_stdv": 100.00731658935547,
  "tsnr": 87.82360586849973
}