{
  "aor": 0.0014026573426573425,
  "aqi": 0.009484671573426574,
  "bids_meta": {
    "AcquisitionMatrixPE": 80,
    "AcquisitionNumber": 1,
    "AcquisitionTime": "15:00:57.557500",
    "BandwidthPerPixelPhaseEncode": 25.51,
    "BaseResolution": 80,
    "BodyPartExamined": "BRAIN",
    "ConsistencyInfo": "N4_VE11C_LATEST_20160120",
    "ConversionSoftware": "dcm2niix",
    "ConversionSoftwareVersion": "v1.0.20171215 (OpenJPEG build) GCC4.8.5",
    "DerivedVendorReportedEchoSpacing": 0.000490004,
    "DeviceSerialNumber": "67039",
    "DwellTime": 2.6e-06,
    "EchoTime": 0.025,
    "EchoTrainLength": 80,
    "EffectiveEchoSpacing": 0.000490004,
    "FlipAngle": 90,
    "ImageOrientationPatientDICOM": [
      0.996836,
      0.0783866,
      -0.0131518,
      -0.0784527,
      0.996907,
      -0.00458578
    ],
    "ImageType": [
      "ORIGINAL",
      "PRIMARY",
      "M",
      "ND",
      "NORM",
      "MOSAIC"
    ],
    "InPlanePhaseEncodingDirectionDICOM": "COL",
    "InstitutionAddress": "University_Park_Chandlee_Laboratory_State_College_PA_US_16802",
    "InstitutionName": "PSU-SLEIC",
    "InstitutionalDepartmentName": "Department",
    "MRAcquisitionType": "2D",
    "MagneticFieldStrength": 3,
    "Manufacturer": "Siemens",
    "ManufacturersModelName": "Prisma_fit",
    "Modality": "MR",
    "PartialFourier": 1,
    "PatientPosition": "HFS",
    "PercentPhaseFOV": 100,
    "PhaseEncodingDirection": "j-",
    "PhaseEncodingSteps": 80,
    "PhaseResolution": 1,
    "PixelBandwidth": 2405,
    "ProcedureStepDescription": "Investigators_20_ch_xxl213",
    "ProtocolName": "resting-pre-motor",
    "PulseSequenceDetails": "%CustomerSeq%_ep2d_bold_1066",
    "ReceiveCoilActiveElements": "HE1-4",
    "ReceiveCoilName": "HeadNeck_20",
    "ReconMatrixPE": 80,
    "RepetitionTime": 2.1,
    "SAR": 0.115763,
    "ScanOptions": "FS_RT",
    "ScanningSequence": "EP",
    "SequenceName": "ep10662d1_80",
    "SequenceVariant": "SK",
    "SeriesDescription": "resting-pre-motor",
    "SeriesNumber": 20,
    "ShimSetting": [
      -1928,
      8242,
      9522,
      432,
      -39,
      -106,
      -30,
      20
    ],
    "SliceThickness": 4,
    "SliceTiming": [
      2.02,
      1.9625,
      1.9025,
      1.8425,
      1.7825,
      1.725,
      1.665,
      1.605,
      1.545,
      1.485,
      1.4275,
      1.3675,
      1.3075,
      1.2475,
      1.19,
      1.13,
      1.07,
      1.01,
      0.9525,
      0.8925,
      0.8325,
      0.7725,
      0.7125,
      0.655,
      0.595,
      0.535,
      0.475,
      0.4175,
      0.3575,
      0.2975,
      0.2375,
      0.18,
      0.12,
      0.06,
      0
    ],
    "SoftwareVersions": "syngo_MR_E11",
    "SpacingBetweenSlices": 4,
    "StationName": "AWP67039",
    "TaskName": "rest",
    "TotalReadoutTime": 0.0387103,
    "TxRefAmp": 258.086,
    "dataset": "ds003768",
    "modality": "bold",
    "run_id": 1,
    "subject_id": "05",
    "task_id": "rest"
  },
  "dummy_trs": 0,
  "dvars_nstd": 19.54638781975439,
  "dvars_std": 1.1904620455087729,
  "dvars_vstd": 0.9512794280701751,
  "efc": 0.45381908803908233,
  "fber": 3319.254150390625,
  "fd_mean": 0.2079586339872813,
  "fd_num": 142,
  "fd_perc": 49.65034965034965,
  "fwhm_avg": 1.8343202777777776,
  "fwhm_x": 1.7923600000000002,
  "fwhm_y": 2.072083333333333,
  "fwhm_z": 1.6385175,
  "gcor": 0.0344965,
  "gsr_x": -0.023047834634780884,
  "gsr_y": 0.022784823551774025,
  "provenance": {
    "md5sum": "8fffa971edee4b3bb50c964b73eb019b",
    "settings": {
      "fd_thres": 0.2,
      "testing": false
    },
    "software": "mriqc",
    "version": "22.0.6",
    "webapi_port": null,
    "webapi_url": "https://mriqc.nimh.nih.gov/api/v1"
  },
  "size_t": 286,
  "size_x": 80,
  "size_y": 80,
  "size_z": 35,
  "snr": 7.919571132741241,
  "spacing_tr": 2.0999999046325684,
  "spacing_x": 3.0,
  "spacing_y": 3.0,
  "spacing_z": 4.0,
  "summary_bg_k": 58.516554762664875,
  "summary_bg_mad": 7.07087081387011,
  "summary_bg_mean": 31.19408416748047,
  "summary_bg_median": 13.797203063964844,
  "summary_bg_n": 153938.0,
  "summary_bg_p05": 7.0034966468811035,
  "summary_bg_p95": 117.11940536499021,
  "summary_bg_stdv": 58.02096939086914,
  "summary_fg_k": 3.1563062023817388,
  "summary_fg_mad": 88.66058996790208,
  "summary_fg_mean": 802.0767822265625,
  "summary_fg_median": 800.4475708007812,
  "summary_fg_n": 30055.0,
  "summary_fg_p05": 647.9583984375,
  "summary_fg_p95": 959.202099609375,
  "summary_fg_stdv": 101.07040405273438,
  "tsnr": 79.21327079087496
}