{
  "aor": 0.005062967289719626,
  "aqi": 0.010640585420560749,
  "bids_meta": {
    "AcquisitionMatrixPE": 80,
    "AcquisitionNumber": 1,
    "AcquisitionTime": "16:41:47.732500",
    "BandwidthPerPixelPhaseEncode": 25.51,
    "BaseResolution": 80,
    "BodyPartExamined": "BRAIN",
    "ConsistencyInfo": "N4_VE11C_LATEST_20160120",
    "ConversionSoftware": "dcm2niix",
    "ConversionSoftwareVersion": "v1.0.20171215 (OpenJPEG build) GCC4.8.5",
    "DerivedVendorReportedEchoSpacing": 0.000490004,
    "DeviceSerialNumber": "67039",
    "DwellTime": 2.6e-06,
    "EchoTime": 0.025,
    "EchoTrainLength": 80,
    "EffectiveEchoSpacing": 0.000490004,
    "FlipAngle": 90,
    "ImageOrientationPatientDICOM": [
      0.996836,
      0.0783866,
      -0.0131518,
      -0.0784527,
      0.996907,
      -0.00458578
    ],
    "ImageType": [
      "ORIGINAL",
      "PRIMARY",
      "M",
      "ND",
      "NORM",
      "MOSAIC"
    ],
    "InPlanePhaseEncodingDirectionDICOM": "COL",
    "InstitutionAddress": "University_Park_Chandlee_Laboratory_State_College_PA_US_16802",
    "InstitutionName": "PSU-SLEIC",
    "InstitutionalDepartmentName": "Department",
    "MRAcquisitionType": "2D",
    "MagneticFieldStrength": 3,
    "Manufacturer": "Siemens",
    "ManufacturersModelName": "Prisma_fit",
    "Modality": "MR",
    "PartialFourier": 1,
    "PatientPosition": "HFS",
    "PercentPhaseFOV": 100,
    "PhaseEncodingDirection": "j-",
    "PhaseEncodingSteps": 80,
    "PhaseResolution": 1,
    "PixelBandwidth": 2405,
    "ProcedureStepDescription": "Investigators_20_ch_xxl213",
    "ProtocolName": "sleep-onset-segment-5",
    "PulseSequenceDetails": "%CustomerSeq%_ep2d_bold_1066",
    "ReceiveCoilActiveElements": "HE1-4",
    "ReceiveCoilName": "HeadNeck_20",
    "ReconMatrixPE": 80,
    "RepetitionTime": 2.1,
    "SAR": 0.115763,
    "ScanOptions": "FS_RT",
    "ScanningSequence": "EP",
    "SequenceName": "ep10662d1_80",
    "SequenceVariant": "SK",
    "SeriesDescription": "sleep-onset-segment-5",
    "SeriesNumber": 34,
    "ShimSetting": [
      -1928,
      8242,
      9522,
      432,
      -39,
      -106,
      -30,
      20
    ],
    "SliceThickness": 4,
    "SliceTiming": [
      2.02,
      1.96,
      1.9,
      1.8425,
      1.7825,
      1.7225,
      1.6625,
      1.6025,
      1.545,
      1.485,
      1.425,
      1.365,
      1.3075,
      1.2475,
      1.1875,
      1.1275,
      1.07,
      1.01,
      0.95,
      0.89,
      0.83,
      0.7725,
      0.7125,
      0.6525,
      0.5925,
      0.535,
      0.475,
      0.415,
      0.355,
      0.2975,
      0.2375,
      0.1775,
      0.1175,
      0.0575,
      0
    ],
    "SoftwareVersions": "syngo_MR_E11",
    "SpacingBetweenSlices": 4,
    "StationName": "AWP67039",
    "TaskName": "sleep",
    "TotalReadoutTime": 0.0387103,
    "TxRefAmp": 258.086,
    "dataset": "ds003768",
    "modality": "bold",
    "run_id": 5,
    "subject_id": "05",
    "task_id": "sleep"
  },
  "dummy_trs": 1,
  "dvars_nstd": 21.724646085878224,
  "dvars_std": 1.30725765559719,
  "dvars_vstd": 0.9547764262060903,
  "efc": 0.45961994582152627,
  "fber": 3108.76708984375,
  "fd_mean": 0.21732535442015405,
  "fd_num": 173,
  "fd_perc": 40.42056074766355,
  "fwhm_avg": 1.864268611111111,
  "fwhm_x": 1.8089166666666667,
  "fwhm_y": 2.1059066666666664,
  "fwhm_z": 1.6779825,
  "gcor": 0.0400971,
  "gsr_x": -0.0247284434735775,
  "gsr_y": 0.024857603013515472,
  "provenance": {
    "md5sum": "2f66d9705e6b5f528633a6022d3eb833",
    "settings": {
      "fd_thres": 0.2,
      "testing": false
    },
    "software": "mriqc",
    "version": "22.0.6",
    "webapi_port": null,
    "webapi_url": "https://mriqc.nimh.nih.gov/api/v1"
  },
  "size_t": 428,
  "size_x": 80,
  "size_y": 80,
  "size_z": 35,
  "snr": 7.943088005050083,
  "spacing_tr": 2.0999999046325684,
  "spacing_x": 3.0,
  "spacing_y": 3.0,
  "spacing_z": 4.0,
  "summary_bg_k": 49.84493425029826,
  "summary_bg_mad": 7.345461787863401,
  "summary_bg_mean": 33.105247497558594,
  "summary_bg_median": 14.074766159057617,
  "summary_bg_n": 153644.0,
  "summary_bg_p05": 7.08411169052124,
  "summary_bg_p95": 128.67488174438478,
  "summary_bg_stdv": 61.57798385620117,
  "summary_fg_k": 2.7752641546521604,
  "summary_fg_mad": 88.49888280454334,
  "summary_fg_mean": 793.0858154296875,
  "summary_fg_median": 790.6331787109375,
  "summary_fg_n": 30323.0,
  "summary_fg_p05": 642.9048767089844,
  "summary_fg_p95": 949.0139892578123,
  "summary_fg_stdv": 99.53561401367188,
  "tsnr": 71.45745298475958
}