{
  "aor": 0.002231025641025641,
  "aqi": 0.010208237016317017,
  "bids_meta": {
    "AcquisitionMatrixPE": 80,
    "AcquisitionNumber": 1,
    "AcquisitionTime": "18:35:27.700000",
    "BandwidthPerPixelPhaseEncode": 25.51,
    "BaseResolution": 80,
    "BodyPartExamined": "BRAIN",
    "ConsistencyInfo": "N4_VE11C_LATEST_20160120",
    "ConversionSoftware": "dcm2niix",
    "ConversionSoftwareVersion": "v1.0.20171215 (OpenJPEG build) GCC4.8.5",
    "DerivedVendorReportedEchoSpacing": 0.000490004,
    "DeviceSerialNumber": "67039",
    "DwellTime": 2.6e-06,
    "EchoTime": 0.025,
    "EchoTrainLength": 80,
    "EffectiveEchoSpacing": 0.000490004,
    "FlipAngle": 90,
    "ImageOrientationPatientDICOM": [
      0.998714,
      0.00508933,
      -0.0504388,
      -0.0162121,
      0.974763,
      -0.222654
    ],
    "ImageType": [
      "ORIGINAL",
      "PRIMARY",
      "M",
      "ND",
      "NORM",
      "MOSAIC"
    ],
    "InPlanePhaseEncodingDirectionDICOM": "COL",
    "InstitutionAddress": "University_Park_Chandlee_Laboratory_State_College_PA_US_16802",
    "InstitutionName": "Penn_State_SLEIC",
    "InstitutionalDepartmentName": "Department",
    "MRAcquisitionType": "2D",
    "MagneticFieldStrength": 3,
    "Manufacturer": "Siemens",
    "ManufacturersModelName": "Prisma_fit",
    "Modality": "MR",
    "PartialFourier": 1,
    "PatientPosition": "HFS",
    "PercentPhaseFOV": 100,
    "PhaseEncodingDirection": "j-",
    "PhaseEncodingSteps": 80,
    "PhaseResolution": 1,
    "PixelBandwidth": 2405,
    "ProcedureStepDescription": "Investigators_20_ch_xxl213",
    "ProtocolName": "sleep-onset-segment-4",
    "PulseSequenceDetails": "%CustomerSeq%_ep2d_bold_1066",
    "ReceiveCoilActiveElements": "HE1-4",
    "ReceiveCoilName": "HeadNeck_20",
    "ReconMatrixPE": 80,
    "RepetitionTime": 2.1,
    "SAR": 0.184108,
    "ScanOptions": "FS_RT",
    "ScanningSequence": "EP",
    "SequenceName": "ep10662d1_80",
    "SequenceVariant": "SK",
    "SeriesDescription": "sleep-onset-segment-4",
    "SeriesNumber": 30,
    "ShimSetting": [
      -1949,
      8317,
      9551,
      456,
      10,
      -105,
      -59,
      5
    ],
    "SliceThickness": 4,
    "SliceTiming": [
      2.02,
      1.96,
      1.9,
      1.84,
      1.7825,
      1.7225,
      1.6625,
      1.6025,
      1.545,
      1.485,
      1.425,
      1.365,
      1.3075,
      1.2475,
      1.1875,
      1.1275,
      1.07,
      1.01,
      0.95,
      0.89,
      0.83,
      0.7725,
      0.7125,
      0.6525,
      0.5925,
      0.535,
      0.475,
      0.415,
      0.355,
      0.2975,
      0.2375,
      0.1775,
      0.1175,
      0.0575,
      0
    ],
    "SoftwareVersions": "syngo_MR_E11",
    "SpacingBetweenSlices": 4,
    "StationName": "AWP67039",
    "TaskName": "sleep",
    "TotalReadoutTime": 0.0387103,
    "TxRefAmp": 351.907,
    "dataset": "ds003768",
    "modality": "bold",
    "run_id": 4,
    "subject_id": "03",
    "task_id": "sleep"
  },
  "dummy_trs": 0,
  "dvars_nstd": 30.279501643317754,
  "dvars_std": 1.3199197774299063,
  "dvars_vstd": 0.9829425329439243,
  "efc": 0.47906190776752794,
  "fber": 2555.85791015625,
  "fd_mean": 0.30276862889360934,
  "fd_num": 277,
  "fd_perc": 64.56876456876456,
  "fwhm_avg": 1.9553705555555556,
  "fwhm_x": 1.92738,
  "fwhm_y": 2.207586666666667,
  "fwhm_z": 1.731145,
  "gcor": 0.0476244,
  "gsr_x": -0.007140159606933594,
  "gsr_y": 0.03638772666454315,
  "provenance": {
    "md5sum": "bb083cb620d1b324416273422e8ee6e8",
    "settings": {
      "fd_thres": 0.2,
      "testing": false
    },
    "software": "mriqc",
    "version": "22.0.6",
    "webapi_port": null,
    "webapi_url": "https://mriqc.nimh.nih.gov/api/v1"
  },
  "size_t": 429,
  "size_x": 80,
  "size_y": 80,
  "size_z": 35,
  "snr": 6.951238311221129,
  "spacing_tr": 2.0999999046325684,
  "spacing_x": 3.0,
  "spacing_y": 3.0,
  "spacing_z": 4.0,
  "summary_bg_k": 29.779530683169142,
  "summary_bg_mad": 6.1688692520545265,
  "summary_bg_mean": 31.57294464111328,
  "summary_bg_median": 12.130536079406738,
  "summary_bg_n": 151291.0,
  "summary_bg_p05": 6.291375637054443,
  "summary_bg_p95": 141.634033203125,
  "summary_bg_stdv": 56.90120315551758,
  "summary_fg_k": 1.1690126286865716,
  "summary_fg_mad": 88.37898241760976,
  "summary_fg_mean": 625.7869262695312,
  "summary_fg_median": 624.938232421875,
  "summary_fg_n": 30864.0,
  "summary_fg_p05": 486.14523162841795,
  "summary_fg_p95": 768.0379241943359,
  "summary_fg_stdv": 89.90169525146484,
  "tsnr": 57.9798423666507
}