{
  "aor": 0.016179055944055942,
  "aqi": 0.020173995944055945,
  "bids_meta": {
    "AcquisitionMatrixPE": 80,
    "AcquisitionNumber": 1,
    "AcquisitionTime": "17:36:55.975000",
    "BandwidthPerPixelPhaseEncode": 25.51,
    "BaseResolution": 80,
    "BodyPartExamined": "BRAIN",
    "ConsistencyInfo": "N4_VE11C_LATEST_20160120",
    "ConversionSoftware": "dcm2niix",
    "ConversionSoftwareVersion": "v1.0.20171215 (OpenJPEG build) GCC4.8.5",
    "DerivedVendorReportedEchoSpacing": 0.000490004,
    "DeviceSerialNumber": "67039",
    "DwellTime": 2.6e-06,
    "EchoTime": 0.025,
    "EchoTrainLength": 80,
    "EffectiveEchoSpacing": 0.000490004,
    "FlipAngle": 90,
    "ImageOrientationPatientDICOM": [
      0.998714,
      0.00508933,
      -0.0504388,
      -0.0162121,
      0.974763,
      -0.222654
    ],
    "ImageType": [
      "ORIGINAL",
      "PRIMARY",
      "M",
      "ND",
      "NORM",
      "MOSAIC"
    ],
    "InPlanePhaseEncodingDirectionDICOM": "COL",
    "InstitutionAddress": "University_Park_Chandlee_Laboratory_State_College_PA_US_16802",
    "InstitutionName": "Penn_State_SLEIC",
    "InstitutionalDepartmentName": "Department",
    "MRAcquisitionType": "2D",
    "MagneticFieldStrength": 3,
    "Manufacturer": "Siemens",
    "ManufacturersModelName": "Prisma_fit",
    "Modality": "MR",
    "PartialFourier": 1,
    "PatientPosition": "HFS",
    "PercentPhaseFOV": 100,
    "PhaseEncodingDirection": "j-",
    "PhaseEncodingSteps": 80,
    "PhaseResolution": 1,
    "PixelBandwidth": 2405,
    "ProcedureStepDescription": "Investigators_20_ch_xxl213",
    "ProtocolName": "resting-post-motor",
    "PulseSequenceDetails": "%CustomerSeq%_ep2d_bold_1066",
    "ReceiveCoilActiveElements": "HE1-4",
    "ReceiveCoilName": "HeadNeck_20",
    "ReconMatrixPE": 80,
    "RepetitionTime": 2.1,
    "SAR": 0.184108,
    "ScanOptions": "FS_RT",
    "ScanningSequence": "EP",
    "SequenceName": "ep10662d1_80",
    "SequenceVariant": "SK",
    "SeriesDescription": "resting-post-motor",
    "SeriesNumber": 22,
    "ShimSetting": [
      -1949,
      8317,
      9551,
      456,
      10,
      -105,
      -59,
      5
    ],
    "SliceThickness": 4,
    "SliceTiming": [
      2.02,
      1.96,
      1.9,
      1.84,
      1.7825,
      1.7225,
      1.6625,
      1.6025,
      1.545,
      1.485,
      1.425,
      1.365,
      1.3075,
      1.2475,
      1.1875,
      1.1275,
      1.0675,
      1.01,
      0.95,
      0.89,
      0.83,
      0.7725,
      0.7125,
      0.6525,
      0.5925,
      0.535,
      0.475,
      0.415,
      0.355,
      0.295,
      0.2375,
      0.1775,
      0.1175,
      0.0575,
      0
    ],
    "SoftwareVersions": "syngo_MR_E11",
    "SpacingBetweenSlices": 4,
    "StationName": "AWP67039",
    "TaskName": "rest",
    "TotalReadoutTime": 0.0387103,
    "TxRefAmp": 351.907,
    "dataset": "ds003768",
    "modality": "bold",
    "run_id": 2,
    "subject_id": "03",
    "task_id": "rest"
  },
  "dummy_trs": 0,
  "dvars_nstd": 32.59844815449124,
  "dvars_std": 1.4067943038596489,
  "dvars_vstd": 1.1273118986666661,
  "efc": 0.48275432958862446,
  "fber": 2417.925537109375,
  "fd_mean": 0.38905112567898165,
  "fd_num": 206,
  "fd_perc": 72.02797202797203,
  "fwhm_avg": 2.0231925,
  "fwhm_x": 2.0083733333333336,
  "fwhm_y": 2.3153166666666665,
  "fwhm_z": 1.7458875,
  "gcor": 0.0299937,
  "gsr_x": -0.014113749377429485,
  "gsr_y": 0.028822781518101692,
  "provenance": {
    "md5sum": "76561fb8735ae90571cfb1e73690fded",
    "settings": {
      "fd_thres": 0.2,
      "testing": false
    },
    "software": "mriqc",
    "version": "22.0.6",
    "webapi_port": null,
    "webapi_url": "https://mriqc.nimh.nih.gov/api/v1"
  },
  "size_t": 286,
  "size_x": 80,
  "size_y": 80,
  "size_z": 35,
  "snr": 6.7069036475136405,
  "spacing_tr": 2.0999999046325684,
  "spacing_x": 3.0,
  "spacing_y": 3.0,
  "spacing_z": 4.0,
  "summary_bg_k": 28.9531033268503,
  "summary_bg_mad": 6.5783997694155945,
  "summary_bg_mean": 32.69525909423828,
  "summary_bg_median": 12.5,
  "summary_bg_n": 150682.0,
  "summary_bg_p05": 6.255244731903076,
  "summary_bg_p95": 145.0973762512205,
  "summary_bg_stdv": 57.99445343017578,
  "summary_fg_k": 0.7897128052729081,
  "summary_fg_mad": 91.3174015606343,
  "summary_fg_mean": 623.9273681640625,
  "summary_fg_median": 624.3356323242188,
  "summary_fg_n": 30734.0,
  "summary_fg_p05": 472.8728912353516,
  "summary_fg_p95": 770.3910827636719,
  "summary_fg_stdv": 93.08699035644531,
  "tsnr": 40.54255001246929
}