{
  "aor": 0.002487412587412587,
  "aqi": 0.01747057645687646,
  "bids_meta": {
    "AcquisitionMatrixPE": 80,
    "AcquisitionNumber": 1,
    "AcquisitionTime": "18:04:1.802500",
    "BandwidthPerPixelPhaseEncode": 25.51,
    "BaseResolution": 80,
    "BodyPartExamined": "BRAIN",
    "ConsistencyInfo": "N4_VE11C_LATEST_20160120",
    "ConversionSoftware": "dcm2niix",
    "ConversionSoftwareVersion": "v1.0.20171215 (OpenJPEG build) GCC4.8.5",
    "DerivedVendorReportedEchoSpacing": 0.000490004,
    "DeviceSerialNumber": "67039",
    "DwellTime": 2.6e-06,
    "EchoTime": 0.025,
    "EchoTrainLength": 80,
    "EffectiveEchoSpacing": 0.000490004,
    "FlipAngle": 90,
    "ImageOrientationPatientDICOM": [
      0.998714,
      0.00508933,
      -0.0504388,
      -0.0162121,
      0.974763,
      -0.222654
    ],
    "ImageType": [
      "ORIGINAL",
      "PRIMARY",
      "M",
      "ND",
      "NORM",
      "MOSAIC"
    ],
    "InPlanePhaseEncodingDirectionDICOM": "COL",
    "InstitutionAddress": "University_Park_Chandlee_Laboratory_State_College_PA_US_16802",
    "InstitutionName": "Penn_State_SLEIC",
    "InstitutionalDepartmentName": "Department",
    "MRAcquisitionType": "2D",
    "MagneticFieldStrength": 3,
    "Manufacturer": "Siemens",
    "ManufacturersModelName": "Prisma_fit",
    "Modality": "MR",
    "PartialFourier": 1,
    "PatientPosition": "HFS",
    "PercentPhaseFOV": 100,
    "PhaseEncodingDirection": "j-",
    "PhaseEncodingSteps": 80,
    "PhaseResolution": 1,
    "PixelBandwidth": 2405,
    "ProcedureStepDescription": "Investigators_20_ch_xxl213",
    "ProtocolName": "sleep-onset-segment-2",
    "PulseSequenceDetails": "%CustomerSeq%_ep2d_bold_1066",
    "ReceiveCoilActiveElements": "HE1-4",
    "ReceiveCoilName": "HeadNeck_20",
    "ReconMatrixPE": 80,
    "RepetitionTime": 2.1,
    "SAR": 0.184108,
    "ScanOptions": "FS_RT",
    "ScanningSequence": "EP",
    "SequenceName": "ep10662d1_80",
    "SequenceVariant": "SK",
    "SeriesDescription": "sleep-onset-segment-2",
    "SeriesNumber": 26,
    "ShimSetting": [
      -1949,
      8317,
      9551,
      456,
      10,
      -105,
      -59,
      5
    ],
    "SliceThickness": 4,
    "SliceTiming": [
      2.02,
      1.96,
      1.9025,
      1.8425,
      1.7825,
      1.7225,
      1.665,
      1.605,
      1.545,
      1.485,
      1.4275,
      1.3675,
      1.3075,
      1.2475,
      1.1875,
      1.13,
      1.07,
      1.01,
      0.95,
      0.8925,
      0.8325,
      0.7725,
      0.7125,
      0.655,
      0.595,
      0.535,
      0.475,
      0.4175,
      0.3575,
      0.2975,
      0.2375,
      0.1775,
      0.12,
      0.06,
      0
    ],
    "SoftwareVersions": "syngo_MR_E11",
    "SpacingBetweenSlices": 4,
    "StationName": "AWP67039",
    "TaskName": "sleep",
    "TotalReadoutTime": 0.0387103,
    "TxRefAmp": 351.907,
    "dataset": "ds003768",
    "modality": "bold",
    "run_id": 2,
    "subject_id": "03",
    "task_id": "sleep"
  },
  "dummy_trs": 0,
  "dvars_nstd": 34.90824756885515,
  "dvars_std": 1.2335253878738328,
  "dvars_vstd": 0.9645067162616824,
  "efc": 0.47938344487971735,
  "fber": 2586.761962890625,
  "fd_mean": 0.4511067392719801,
  "fd_num": 347,
  "fd_perc": 80.88578088578089,
  "fwhm_avg": 1.9733563888888888,
  "fwhm_x": 1.95638,
  "fwhm_y": 2.2386866666666667,
  "fwhm_z": 1.7250025,
  "gcor": 0.0413474,
  "gsr_x": -0.007719541899859905,
  "gsr_y": 0.031876903027296066,
  "provenance": {
    "md5sum": "f74964197682d0105999101dceeddac8",
    "settings": {
      "fd_thres": 0.2,
      "testing": false
    },
    "software": "mriqc",
    "version": "22.0.6",
    "webapi_port": null,
    "webapi_url": "https://mriqc.nimh.nih.gov/api/v1"
  },
  "size_t": 429,
  "size_x": 80,
  "size_y": 80,
  "size_z": 35,
  "snr": 6.917768751540996,
  "spacing_tr": 2.0999999046325684,
  "spacing_x": 3.0,
  "spacing_y": 3.0,
  "spacing_z": 4.0,
  "summary_bg_k": 26.979476853969857,
  "summary_bg_mad": 6.407330337046473,
  "summary_bg_mean": 32.9513053894043,
  "summary_bg_median": 12.123543739318848,
  "summary_bg_n": 151838.0,
  "summary_bg_p05": 6.130536079406738,
  "summary_bg_p95": 146.48299102783193,
  "summary_bg_stdv": 60.71226501464844,
  "summary_fg_k": 1.1000952944813411,
  "summary_fg_mad": 88.6071098707868,
  "summary_fg_mean": 625.2595825195312,
  "summary_fg_median": 624.3846435546875,
  "summary_fg_n": 30921.0,
  "summary_fg_p05": 483.3822937011719,
  "summary_fg_p95": 767.1049194335938,
  "summary_fg_stdv": 90.25663757324219,
  "tsnr": 44.65850683953613
}