{
  "aor": 0.003793962703962704,
  "aqi": 0.028226882517482513,
  "bids_meta": {
    "AcquisitionMatrixPE": 80,
    "AcquisitionNumber": 1,
    "AcquisitionTime": "14:40:15.590000",
    "BandwidthPerPixelPhaseEncode": 25.51,
    "BaseResolution": 80,
    "BodyPartExamined": "BRAIN",
    "ConsistencyInfo": "N4_VE11C_LATEST_20160120",
    "ConversionSoftware": "dcm2niix",
    "ConversionSoftwareVersion": "v1.0.20171215 (OpenJPEG build) GCC4.8.5",
    "DerivedVendorReportedEchoSpacing": 0.000490004,
    "DeviceSerialNumber": "67039",
    "DwellTime": 2.6e-06,
    "EchoTime": 0.025,
    "EchoTrainLength": 80,
    "EffectiveEchoSpacing": 0.000490004,
    "FlipAngle": 90,
    "ImageOrientationPatientDICOM": [
      0.994641,
      0.0591635,
      0.0847918,
      -0.0699009,
      0.989068,
      0.129842
    ],
    "ImageType": [
      "ORIGINAL",
      "PRIMARY",
      "M",
      "ND",
      "NORM",
      "MOSAIC"
    ],
    "InPlanePhaseEncodingDirectionDICOM": "COL",
    "InstitutionAddress": "University_Park_Chandlee_Laboratory_State_College_PA_US_16802",
    "InstitutionName": "Penn_State_SLEIC",
    "InstitutionalDepartmentName": "Department",
    "MRAcquisitionType": "2D",
    "MagneticFieldStrength": 3,
    "Manufacturer": "Siemens",
    "ManufacturersModelName": "Prisma_fit",
    "Modality": "MR",
    "PartialFourier": 1,
    "PatientPosition": "HFS",
    "PercentPhaseFOV": 100,
    "PhaseEncodingDirection": "j-",
    "PhaseEncodingSteps": 80,
    "PhaseResolution": 1,
    "PixelBandwidth": 2405,
    "ProcedureStepDescription": "Investigators_20_ch_xxl213",
    "ProtocolName": "sleep-onset-segment-1",
    "PulseSequenceDetails": "%CustomerSeq%_ep2d_bold_1066",
    "ReceiveCoilActiveElements": "HE1-4",
    "ReceiveCoilName": "HeadNeck_20",
    "ReconMatrixPE": 80,
    "RepetitionTime": 2.1,
    "SAR": 0.162987,
    "ScanOptions": "FS_RT",
    "ScanningSequence": "EP",
    "SequenceName": "ep10662d1_80",
    "SequenceVariant": "SK",
    "SeriesDescription": "sleep-onset-segment-1",
    "SeriesNumber": 20,
    "ShimSetting": [
      -1901,
      8271,
      9516,
      419,
      26,
      -197,
      57,
      -49
    ],
    "SliceThickness": 4,
    "SliceTiming": [
      2.02,
      1.9625,
      1.9025,
      1.8425,
      1.7825,
      1.7225,
      1.665,
      1.605,
      1.545,
      1.485,
      1.4275,
      1.3675,
      1.3075,
      1.2475,
      1.19,
      1.13,
      1.07,
      1.01,
      0.95,
      0.8925,
      0.8325,
      0.7725,
      0.7125,
      0.655,
      0.595,
      0.535,
      0.475,
      0.4175,
      0.3575,
      0.2975,
      0.2375,
      0.18,
      0.12,
      0.06,
      0
    ],
    "SoftwareVersions": "syngo_MR_E11",
    "SpacingBetweenSlices": 4,
    "StationName": "AWP67039",
    "TaskName": "sleep",
    "TotalReadoutTime": 0.0387103,
    "TxRefAmp": 314.838,
    "dataset": "ds003768",
    "modality": "bold",
    "run_id": 1,
    "subject_id": "31",
    "task_id": "sleep"
  },
  "dummy_trs": 0,
  "dvars_nstd": 26.400102151799086,
  "dvars_std": 1.056464241028038,
  "dvars_vstd": 0.8588448626401856,
  "efc": 0.4850071829871305,
  "fber": 2505.927001953125,
  "fd_mean": 0.3634631842372891,
  "fd_num": 244,
  "fd_perc": 56.87645687645688,
  "fwhm_avg": 1.9142822222222222,
  "fwhm_x": 1.8964066666666666,
  "fwhm_y": 2.15391,
  "fwhm_z": 1.69253,
  "gcor": 0.0489021,
  "gsr_x": -0.02423660084605217,
  "gsr_y": 0.03600413352251053,
  "provenance": {
    "md5sum": "a662bcff28f5eb8070c5f9509f5d83e5",
    "settings": {
      "fd_thres": 0.2,
      "testing": false
    },
    "software": "mriqc",
    "version": "22.0.6",
    "webapi_port": null,
    "webapi_url": "https://mriqc.nimh.nih.gov/api/v1"
  },
  "size_t": 429,
  "size_x": 80,
  "size_y": 80,
  "size_z": 35,
  "snr": 6.859622329680209,
  "spacing_tr": 2.0999999046325684,
  "spacing_x": 3.0,
  "spacing_y": 3.0,
  "spacing_z": 4.0,
  "summary_bg_k": 26.739988496731918,
  "summary_bg_mad": 8.09383320236221,
  "summary_bg_mean": 35.126705169677734,
  "summary_bg_median": 13.233100891113281,
  "summary_bg_n": 150220.0,
  "summary_bg_p05": 5.867133140563965,
  "summary_bg_p95": 143.59230499267574,
  "summary_bg_stdv": 61.52815628051758,
  "summary_fg_k": 1.6338284557906695,
  "summary_fg_mad": 89.9168745503919,
  "summary_fg_mean": 663.6490478515625,
  "summary_fg_median": 658.4265747070312,
  "summary_fg_n": 32709.0,
  "summary_fg_p05": 522.59208984375,
  "summary_fg_p95": 826.358984375,
  "summary_fg_stdv": 95.98436737060547,
  "tsnr": 36.46238793618977
}