{
  "aor": 0.0023642957746478873,
  "aqi": 0.023455405633802818,
  "bids_meta": {
    "AcquisitionMatrixPE": 80,
    "AcquisitionNumber": 1,
    "AcquisitionTime": "14:27:27.920000",
    "BandwidthPerPixelPhaseEncode": 25.51,
    "BaseResolution": 80,
    "BodyPartExamined": "BRAIN",
    "ConsistencyInfo": "N4_VE11C_LATEST_20160120",
    "ConversionSoftware": "dcm2niix",
    "ConversionSoftwareVersion": "v1.0.20171215 (OpenJPEG build) GCC4.8.5",
    "DerivedVendorReportedEchoSpacing": 0.000490004,
    "DeviceSerialNumber": "67039",
    "DwellTime": 2.6e-06,
    "EchoTime": 0.025,
    "EchoTrainLength": 80,
    "EffectiveEchoSpacing": 0.000490004,
    "FlipAngle": 90,
    "ImageOrientationPatientDICOM": [
      0.994641,
      0.0591635,
      0.0847918,
      -0.0699009,
      0.989068,
      0.129842
    ],
    "ImageType": [
      "ORIGINAL",
      "PRIMARY",
      "M",
      "ND",
      "NORM",
      "MOSAIC"
    ],
    "InPlanePhaseEncodingDirectionDICOM": "COL",
    "InstitutionAddress": "University_Park_Chandlee_Laboratory_State_College_PA_US_16802",
    "InstitutionName": "Penn_State_SLEIC",
    "InstitutionalDepartmentName": "Department",
    "MRAcquisitionType": "2D",
    "MagneticFieldStrength": 3,
    "Manufacturer": "Siemens",
    "ManufacturersModelName": "Prisma_fit",
    "Modality": "MR",
    "PartialFourier": 1,
    "PatientPosition": "HFS",
    "PercentPhaseFOV": 100,
    "PhaseEncodingDirection": "j-",
    "PhaseEncodingSteps": 80,
    "PhaseResolution": 1,
    "PixelBandwidth": 2405,
    "ProcedureStepDescription": "Investigators_20_ch_xxl213",
    "ProtocolName": "resting-post-motor",
    "PulseSequenceDetails": "%CustomerSeq%_ep2d_bold_1066",
    "ReceiveCoilActiveElements": "HE1-4",
    "ReceiveCoilName": "HeadNeck_20",
    "ReconMatrixPE": 80,
    "RepetitionTime": 2.1,
    "SAR": 0.162987,
    "ScanOptions": "FS_RT",
    "ScanningSequence": "EP",
    "SequenceName": "ep10662d1_80",
    "SequenceVariant": "SK",
    "SeriesDescription": "resting-post-motor",
    "SeriesNumber": 18,
    "ShimSetting": [
      -1901,
      8271,
      9516,
      419,
      26,
      -197,
      57,
      -49
    ],
    "SliceThickness": 4,
    "SliceTiming": [
      2.02,
      1.96,
      1.9,
      1.8425,
      1.7825,
      1.7225,
      1.6625,
      1.605,
      1.545,
      1.485,
      1.425,
      1.3675,
      1.3075,
      1.2475,
      1.1875,
      1.1275,
      1.07,
      1.01,
      0.95,
      0.89,
      0.8325,
      0.7725,
      0.7125,
      0.6525,
      0.595,
      0.535,
      0.475,
      0.415,
      0.355,
      0.2975,
      0.2375,
      0.1775,
      0.1175,
      0.06,
      0
    ],
    "SoftwareVersions": "syngo_MR_E11",
    "SpacingBetweenSlices": 4,
    "StationName": "AWP67039",
    "TaskName": "rest",
    "TotalReadoutTime": 0.0387103,
    "TxRefAmp": 314.838,
    "dataset": "ds003768",
    "modality": "bold",
    "run_id": 2,
    "subject_id": "31",
    "task_id": "rest"
  },
  "dummy_trs": 2,
  "dvars_nstd": 24.054677056607773,
  "dvars_std": 1.1714252744169615,
  "dvars_vstd": 0.893903008727916,
  "efc": 0.48733067489433085,
  "fber": 2494.20703125,
  "fd_mean": 0.256689990682244,
  "fd_num": 157,
  "fd_perc": 55.28169014084507,
  "fwhm_avg": 1.8553605555555557,
  "fwhm_x": 1.8675899999999999,
  "fwhm_y": 2.135616666666667,
  "fwhm_z": 1.562875,
  "gcor": 0.0246964,
  "gsr_x": -0.02558804303407669,
  "gsr_y": 0.03725823014974594,
  "provenance": {
    "md5sum": "bf3366e2f41cfbd6b503ffc175e0bb5a",
    "settings": {
      "fd_thres": 0.2,
      "testing": false
    },
    "software": "mriqc",
    "version": "22.0.6",
    "webapi_port": null,
    "webapi_url": "https://mriqc.nimh.nih.gov/api/v1"
  },
  "size_t": 284,
  "size_x": 80,
  "size_y": 80,
  "size_z": 35,
  "snr": 6.812110432042004,
  "spacing_tr": 2.0999999046325684,
  "spacing_x": 3.0,
  "spacing_y": 3.0,
  "spacing_z": 4.0,
  "summary_bg_k": 28.49073898141163,
  "summary_bg_mad": 7.8985115130723536,
  "summary_bg_mean": 35.08836364746094,
  "summary_bg_median": 13.063380241394043,
  "summary_bg_n": 150061.0,
  "summary_bg_p05": 5.834506988525391,
  "summary_bg_p95": 143.4014129638672,
  "summary_bg_stdv": 61.99394607543945,
  "summary_fg_k": 1.9895118900070603,
  "summary_fg_mad": 89.45469249283468,
  "summary_fg_mean": 659.2955932617188,
  "summary_fg_median": 653.8186645507812,
  "summary_fg_n": 33018.0,
  "summary_fg_p05": 519.4964599609375,
  "summary_fg_p95": 820.6647827148437,
  "summary_fg_stdv": 95.9774169921875,
  "tsnr": 44.972385605447926
}