{
  "aor": 0.00722095571095571,
  "aqi": 0.009475916503496502,
  "bids_meta": {
    "AcquisitionMatrixPE": 80,
    "AcquisitionNumber": 1,
    "AcquisitionTime": "17:01:24.615000",
    "BandwidthPerPixelPhaseEncode": 25.51,
    "BaseResolution": 80,
    "BodyPartExamined": "BRAIN",
    "ConsistencyInfo": "N4_VE11C_LATEST_20160120",
    "ConversionSoftware": "dcm2niix",
    "ConversionSoftwareVersion": "v1.0.20171215 (OpenJPEG build) GCC4.8.5",
    "DerivedVendorReportedEchoSpacing": 0.000490004,
    "DeviceSerialNumber": "67039",
    "DwellTime": 2.6e-06,
    "EchoTime": 0.025,
    "EchoTrainLength": 80,
    "EffectiveEchoSpacing": 0.000490004,
    "FlipAngle": 90,
    "ImageOrientationPatientDICOM": [
      0.997082,
      0.0260501,
      0.0717606,
      -0.0151412,
      0.988787,
      -0.148563
    ],
    "ImageType": [
      "ORIGINAL",
      "PRIMARY",
      "M",
      "ND",
      "NORM",
      "MOSAIC"
    ],
    "InPlanePhaseEncodingDirectionDICOM": "COL",
    "InstitutionAddress": "University_Park_Chandlee_Laboratory_State_College_PA_US_16802",
    "InstitutionName": "PSU-SLEIC",
    "InstitutionalDepartmentName": "Department",
    "MRAcquisitionType": "2D",
    "MagneticFieldStrength": 3,
    "Manufacturer": "Siemens",
    "ManufacturersModelName": "Prisma_fit",
    "Modality": "MR",
    "PartialFourier": 1,
    "PatientPosition": "HFS",
    "PercentPhaseFOV": 100,
    "PhaseEncodingDirection": "j-",
    "PhaseEncodingSteps": 80,
    "PhaseResolution": 1,
    "PixelBandwidth": 2405,
    "ProcedureStepDescription": "Investigators_20_ch_xxl213",
    "ProtocolName": "sleep-onset-segment-4",
    "PulseSequenceDetails": "%CustomerSeq%_ep2d_bold_1066",
    "ReceiveCoilActiveElements": "HE1-4",
    "ReceiveCoilName": "HeadNeck_20",
    "ReconMatrixPE": 80,
    "RepetitionTime": 2.1,
    "SAR": 0.185388,
    "ScanOptions": "FS_RT",
    "ScanningSequence": "EP",
    "SequenceName": "ep10662d1_80",
    "SequenceVariant": "SK",
    "SeriesDescription": "sleep-onset-segment-4",
    "SeriesNumber": 24,
    "ShimSetting": [
      -1929,
      8275,
      9549,
      298,
      -38,
      -320,
      -11,
      -32
    ],
    "SliceThickness": 4,
    "SliceTiming": [
      2.02,
      1.9625,
      1.9025,
      1.8425,
      1.7825,
      1.725,
      1.665,
      1.605,
      1.545,
      1.485,
      1.4275,
      1.3675,
      1.3075,
      1.2475,
      1.19,
      1.13,
      1.07,
      1.01,
      0.9525,
      0.8925,
      0.8325,
      0.7725,
      0.7125,
      0.655,
      0.595,
      0.535,
      0.475,
      0.4175,
      0.3575,
      0.2975,
      0.2375,
      0.18,
      0.12,
      0.06,
      0
    ],
    "SoftwareVersions": "syngo_MR_E11",
    "SpacingBetweenSlices": 4,
    "StationName": "AWP67039",
    "TaskName": "sleep",
    "TotalReadoutTime": 0.0387103,
    "TxRefAmp": 348.351,
    "dataset": "ds003768",
    "modality": "bold",
    "run_id": 4,
    "subject_id": "24",
    "task_id": "sleep"
  },
  "dummy_trs": 0,
  "dvars_nstd": 28.975484531728963,
  "dvars_std": 1.4993425182476638,
  "dvars_vstd": 1.0113493747196272,
  "efc": 0.5062924457213602,
  "fber": 1763.9854736328125,
  "fd_mean": 0.1890724194234771,
  "fd_num": 79,
  "fd_perc": 18.414918414918414,
  "fwhm_avg": 1.9266766666666666,
  "fwhm_x": 1.9075300000000002,
  "fwhm_y": 2.16684,
  "fwhm_z": 1.70566,
  "gcor": 0.0146071,
  "gsr_x": -0.017942264676094055,
  "gsr_y": 0.035685259848833084,
  "provenance": {
    "md5sum": "ca077e4da18d8559034c50f79f0339bc",
    "settings": {
      "fd_thres": 0.2,
      "testing": false
    },
    "software": "mriqc",
    "version": "22.0.6",
    "webapi_port": null,
    "webapi_url": "https://mriqc.nimh.nih.gov/api/v1"
  },
  "size_t": 429,
  "size_x": 80,
  "size_y": 80,
  "size_z": 35,
  "snr": 6.125226064683781,
  "spacing_tr": 2.0999999046325684,
  "spacing_x": 3.0,
  "spacing_y": 3.0,
  "spacing_z": 4.0,
  "summary_bg_k": 23.028880329506727,
  "summary_bg_mad": 8.757375800065333,
  "summary_bg_mean": 36.52876663208008,
  "summary_bg_median": 13.666666984558105,
  "summary_bg_n": 147849.0,
  "summary_bg_p05": 5.867133140563965,
  "summary_bg_p95": 155.79953002929688,
  "summary_bg_stdv": 62.234657287597656,
  "summary_fg_k": 0.703400885380844,
  "summary_fg_mad": 93.07043570846142,
  "summary_fg_mean": 586.5553588867188,
  "summary_fg_median": 580.4219360351562,
  "summary_fg_n": 34942.0,
  "summary_fg_p05": 442.41072540283204,
  "summary_fg_p95": 745.4007080078125,
  "summary_fg_stdv": 94.7579116821289,
  "tsnr": 59.75321074575186
}