{
  "aor": 0.0022942154566744735,
  "aqi": 0.012127574285714286,
  "bids_meta": {
    "AcquisitionMatrixPE": 80,
    "AcquisitionNumber": 1,
    "AcquisitionTime": "16:30:31.780000",
    "BandwidthPerPixelPhaseEncode": 25.51,
    "BaseResolution": 80,
    "BodyPartExamined": "BRAIN",
    "ConsistencyInfo": "N4_VE11C_LATEST_20160120",
    "ConversionSoftware": "dcm2niix",
    "ConversionSoftwareVersion": "v1.0.20171215 (OpenJPEG build) GCC4.8.5",
    "DerivedVendorReportedEchoSpacing": 0.000490004,
    "DeviceSerialNumber": "67039",
    "DwellTime": 2.6e-06,
    "EchoTime": 0.025,
    "EchoTrainLength": 80,
    "EffectiveEchoSpacing": 0.000490004,
    "FlipAngle": 90,
    "ImageOrientationPatientDICOM": [
      0.997082,
      0.0260501,
      0.0717606,
      -0.0151412,
      0.988787,
      -0.148563
    ],
    "ImageType": [
      "ORIGINAL",
      "PRIMARY",
      "M",
      "ND",
      "NORM",
      "MOSAIC"
    ],
    "InPlanePhaseEncodingDirectionDICOM": "COL",
    "InstitutionAddress": "University_Park_Chandlee_Laboratory_State_College_PA_US_16802",
    "InstitutionName": "PSU-SLEIC",
    "InstitutionalDepartmentName": "Department",
    "MRAcquisitionType": "2D",
    "MagneticFieldStrength": 3,
    "Manufacturer": "Siemens",
    "ManufacturersModelName": "Prisma_fit",
    "Modality": "MR",
    "PartialFourier": 1,
    "PatientPosition": "HFS",
    "PercentPhaseFOV": 100,
    "PhaseEncodingDirection": "j-",
    "PhaseEncodingSteps": 80,
    "PhaseResolution": 1,
    "PixelBandwidth": 2405,
    "ProcedureStepDescription": "Investigators_20_ch_xxl213",
    "ProtocolName": "sleep-onset-segment-2",
    "PulseSequenceDetails": "%CustomerSeq%_ep2d_bold_1066",
    "ReceiveCoilActiveElements": "HE1-4",
    "ReceiveCoilName": "HeadNeck_20",
    "ReconMatrixPE": 80,
    "RepetitionTime": 2.1,
    "SAR": 0.185388,
    "ScanOptions": "FS_RT",
    "ScanningSequence": "EP",
    "SequenceName": "ep10662d1_80",
    "SequenceVariant": "SK",
    "SeriesDescription": "sleep-onset-segment-2",
    "SeriesNumber": 20,
    "ShimSetting": [
      -1929,
      8275,
      9549,
      298,
      -38,
      -320,
      -11,
      -32
    ],
    "SliceThickness": 4,
    "SliceTiming": [
      2.02,
      1.9625,
      1.9025,
      1.8425,
      1.7825,
      1.725,
      1.665,
      1.605,
      1.545,
      1.4875,
      1.4275,
      1.3675,
      1.3075,
      1.2475,
      1.19,
      1.13,
      1.07,
      1.01,
      0.9525,
      0.8925,
      0.8325,
      0.7725,
      0.715,
      0.655,
      0.595,
      0.535,
      0.4775,
      0.4175,
      0.3575,
      0.2975,
      0.2375,
      0.18,
      0.12,
      0.06,
      0
    ],
    "SoftwareVersions": "syngo_MR_E11",
    "SpacingBetweenSlices": 4,
    "StationName": "AWP67039",
    "TaskName": "sleep",
    "TotalReadoutTime": 0.0387103,
    "TxRefAmp": 348.351,
    "dataset": "ds003768",
    "modality": "bold",
    "run_id": 2,
    "subject_id": "24",
    "task_id": "sleep"
  },
  "dummy_trs": 2,
  "dvars_nstd": 28.402105067277002,
  "dvars_std": 1.3998831159389664,
  "dvars_vstd": 0.8992490107276996,
  "efc": 0.5061762083176048,
  "fber": 1781.696533203125,
  "fd_mean": 0.13423680398605667,
  "fd_num": 62,
  "fd_perc": 14.519906323185012,
  "fwhm_avg": 1.916097777777778,
  "fwhm_x": 1.8998799999999998,
  "fwhm_y": 2.1700933333333334,
  "fwhm_z": 1.67832,
  "gcor": 0.00868215,
  "gsr_x": -0.018868550658226013,
  "gsr_y": 0.03440675884485245,
  "provenance": {
    "md5sum": "45144b462037c9a209c3caf0d2847dae",
    "settings": {
      "fd_thres": 0.2,
      "testing": false
    },
    "software": "mriqc",
    "version": "22.0.6",
    "webapi_port": null,
    "webapi_url": "https://mriqc.nimh.nih.gov/api/v1"
  },
  "size_t": 427,
  "size_x": 80,
  "size_y": 80,
  "size_z": 35,
  "snr": 6.165443195354163,
  "spacing_tr": 2.0999999046325684,
  "spacing_x": 3.0,
  "spacing_y": 3.0,
  "spacing_z": 4.0,
  "summary_bg_k": 26.12772631357756,
  "summary_bg_mad": 8.649092177035593,
  "summary_bg_mean": 36.52950668334961,
  "summary_bg_median": 13.594847679138184,
  "summary_bg_n": 147735.0,
  "summary_bg_p05": 5.8852458000183105,
  "summary_bg_p95": 155.40257263183585,
  "summary_bg_stdv": 62.66560363769531,
  "summary_fg_k": 0.7213005916552384,
  "summary_fg_mad": 91.89699550652836,
  "summary_fg_mean": 587.5269165039062,
  "summary_fg_median": 581.425048828125,
  "summary_fg_n": 34992.0,
  "summary_fg_p05": 443.4209350585937,
  "summary_fg_p95": 744.731604003906,
  "summary_fg_stdv": 94.30250549316406,
  "tsnr": 61.59173226635903
}