{
  "aor": 0.001634836448598131,
  "aqi": 0.005037587453271029,
  "bids_meta": {
    "AcquisitionMatrixPE": 80,
    "AcquisitionNumber": 1,
    "AcquisitionTime": "16:46:3.202500",
    "BandwidthPerPixelPhaseEncode": 25.51,
    "BaseResolution": 80,
    "BodyPartExamined": "BRAIN",
    "ConsistencyInfo": "N4_VE11C_LATEST_20160120",
    "ConversionSoftware": "dcm2niix",
    "ConversionSoftwareVersion": "v1.0.20171215 (OpenJPEG build) GCC4.8.5",
    "DerivedVendorReportedEchoSpacing": 0.000490004,
    "DeviceSerialNumber": "67039",
    "DwellTime": 2.6e-06,
    "EchoTime": 0.025,
    "EchoTrainLength": 80,
    "EffectiveEchoSpacing": 0.000490004,
    "FlipAngle": 90,
    "ImageOrientationPatientDICOM": [
      0.997082,
      0.0260501,
      0.0717606,
      -0.0151412,
      0.988787,
      -0.148563
    ],
    "ImageType": [
      "ORIGINAL",
      "PRIMARY",
      "M",
      "ND",
      "NORM",
      "MOSAIC"
    ],
    "InPlanePhaseEncodingDirectionDICOM": "COL",
    "InstitutionAddress": "University_Park_Chandlee_Laboratory_State_College_PA_US_16802",
    "InstitutionName": "PSU-SLEIC",
    "InstitutionalDepartmentName": "Department",
    "MRAcquisitionType": "2D",
    "MagneticFieldStrength": 3,
    "Manufacturer": "Siemens",
    "ManufacturersModelName": "Prisma_fit",
    "Modality": "MR",
    "PartialFourier": 1,
    "PatientPosition": "HFS",
    "PercentPhaseFOV": 100,
    "PhaseEncodingDirection": "j-",
    "PhaseEncodingSteps": 80,
    "PhaseResolution": 1,
    "PixelBandwidth": 2405,
    "ProcedureStepDescription": "Investigators_20_ch_xxl213",
    "ProtocolName": "sleep-onset-segment-3",
    "PulseSequenceDetails": "%CustomerSeq%_ep2d_bold_1066",
    "ReceiveCoilActiveElements": "HE1-4",
    "ReceiveCoilName": "HeadNeck_20",
    "ReconMatrixPE": 80,
    "RepetitionTime": 2.1,
    "SAR": 0.185388,
    "ScanOptions": "FS_RT",
    "ScanningSequence": "EP",
    "SequenceName": "ep10662d1_80",
    "SequenceVariant": "SK",
    "SeriesDescription": "sleep-onset-segment-3",
    "SeriesNumber": 22,
    "ShimSetting": [
      -1929,
      8275,
      9549,
      298,
      -38,
      -320,
      -11,
      -32
    ],
    "SliceThickness": 4,
    "SliceTiming": [
      2.02,
      1.96,
      1.9,
      1.8425,
      1.7825,
      1.7225,
      1.6625,
      1.605,
      1.545,
      1.485,
      1.425,
      1.3675,
      1.3075,
      1.2475,
      1.1875,
      1.13,
      1.07,
      1.01,
      0.95,
      0.89,
      0.8325,
      0.7725,
      0.7125,
      0.6525,
      0.595,
      0.535,
      0.475,
      0.415,
      0.3575,
      0.2975,
      0.2375,
      0.1775,
      0.1175,
      0.06,
      0
    ],
    "SoftwareVersions": "syngo_MR_E11",
    "SpacingBetweenSlices": 4,
    "StationName": "AWP67039",
    "TaskName": "sleep",
    "TotalReadoutTime": 0.0387103,
    "TxRefAmp": 348.351,
    "dataset": "ds003768",
    "modality": "bold",
    "run_id": 3,
    "subject_id": "24",
    "task_id": "sleep"
  },
  "dummy_trs": 1,
  "dvars_nstd": 26.6119316581733,
  "dvars_std": 1.5712214897189702,
  "dvars_vstd": 1.0127855485011705,
  "efc": 0.5053938669444902,
  "fber": 1757.2520751953125,
  "fd_mean": 0.1112371114992672,
  "fd_num": 28,
  "fd_perc": 6.542056074766355,
  "fwhm_avg": 1.906576111111111,
  "fwhm_x": 1.8772633333333333,
  "fwhm_y": 2.1417800000000002,
  "fwhm_z": 1.700685,
  "gcor": 0.0215545,
  "gsr_x": -0.018146589398384094,
  "gsr_y": 0.03574956953525543,
  "provenance": {
    "md5sum": "b74b11236e084612b4c1dcb41ff29f24",
    "settings": {
      "fd_thres": 0.2,
      "testing": false
    },
    "software": "mriqc",
    "version": "22.0.6",
    "webapi_port": null,
    "webapi_url": "https://mriqc.nimh.nih.gov/api/v1"
  },
  "size_t": 428,
  "size_x": 80,
  "size_y": 80,
  "size_z": 35,
  "snr": 6.1487327958382645,
  "spacing_tr": 2.0999999046325684,
  "spacing_x": 3.0,
  "spacing_y": 3.0,
  "spacing_z": 4.0,
  "summary_bg_k": 23.650368707704615,
  "summary_bg_mad": 8.434897488160953,
  "summary_bg_mean": 36.157371520996094,
  "summary_bg_median": 13.642522811889648,
  "summary_bg_n": 147824.0,
  "summary_bg_p05": 6.037383079528809,
  "summary_bg_p95": 154.86576843261722,
  "summary_bg_stdv": 61.75440216064453,
  "summary_fg_k": 0.7566308395414323,
  "summary_fg_mad": 92.74579975516009,
  "summary_fg_mean": 587.7529907226562,
  "summary_fg_median": 581.5443725585938,
  "summary_fg_n": 34901.0,
  "summary_fg_p05": 444.2803649902344,
  "summary_fg_p95": 745.668212890625,
  "summary_fg_stdv": 94.57819366455078,
  "tsnr": 89.86259436886758
}