{
  "aor": 0.0006644561403508771,
  "aqi": 0.006582287122807017,
  "bids_meta": {
    "AcquisitionMatrixPE": 80,
    "AcquisitionNumber": 1,
    "AcquisitionTime": "15:42:49.640000",
    "BandwidthPerPixelPhaseEncode": 25.51,
    "BaseResolution": 80,
    "BodyPartExamined": "BRAIN",
    "ConsistencyInfo": "N4_VE11C_LATEST_20160120",
    "ConversionSoftware": "dcm2niix",
    "ConversionSoftwareVersion": "v1.0.20171215 (OpenJPEG build) GCC4.8.5",
    "DerivedVendorReportedEchoSpacing": 0.000490004,
    "DeviceSerialNumber": "67039",
    "DwellTime": 2.6e-06,
    "EchoTime": 0.025,
    "EchoTrainLength": 80,
    "EffectiveEchoSpacing": 0.000490004,
    "FlipAngle": 90,
    "ImageOrientationPatientDICOM": [
      0.997082,
      0.0260501,
      0.0717606,
      -0.0151412,
      0.988787,
      -0.148563
    ],
    "ImageType": [
      "ORIGINAL",
      "PRIMARY",
      "M",
      "ND",
      "NORM",
      "MOSAIC"
    ],
    "InPlanePhaseEncodingDirectionDICOM": "COL",
    "InstitutionAddress": "University_Park_Chandlee_Laboratory_State_College_PA_US_16802",
    "InstitutionName": "PSU-SLEIC",
    "InstitutionalDepartmentName": "Department",
    "MRAcquisitionType": "2D",
    "MagneticFieldStrength": 3,
    "Manufacturer": "Siemens",
    "ManufacturersModelName": "Prisma_fit",
    "Modality": "MR",
    "PartialFourier": 1,
    "PatientPosition": "HFS",
    "PercentPhaseFOV": 100,
    "PhaseEncodingDirection": "j-",
    "PhaseEncodingSteps": 80,
    "PhaseResolution": 1,
    "PixelBandwidth": 2405,
    "ProcedureStepDescription": "Investigators_20_ch_xxl213",
    "ProtocolName": "resting-pre-motor",
    "PulseSequenceDetails": "%CustomerSeq%_ep2d_bold_1066",
    "ReceiveCoilActiveElements": "HE1-4",
    "ReceiveCoilName": "HeadNeck_20",
    "ReconMatrixPE": 80,
    "RepetitionTime": 2.1,
    "SAR": 0.185388,
    "ScanOptions": "FS_RT",
    "ScanningSequence": "EP",
    "SequenceName": "ep10662d1_80",
    "SequenceVariant": "SK",
    "SeriesDescription": "resting-pre-motor",
    "SeriesNumber": 12,
    "ShimSetting": [
      -1929,
      8275,
      9549,
      298,
      -38,
      -320,
      -11,
      -32
    ],
    "SliceThickness": 4,
    "SliceTiming": [
      2.0225,
      1.9625,
      1.9025,
      1.8425,
      1.785,
      1.725,
      1.665,
      1.605,
      1.545,
      1.4875,
      1.4275,
      1.3675,
      1.3075,
      1.25,
      1.19,
      1.13,
      1.07,
      1.0125,
      0.9525,
      0.8925,
      0.8325,
      0.7725,
      0.715,
      0.655,
      0.595,
      0.535,
      0.4775,
      0.4175,
      0.3575,
      0.2975,
      0.24,
      0.18,
      0.12,
      0.06,
      0
    ],
    "SoftwareVersions": "syngo_MR_E11",
    "SpacingBetweenSlices": 4,
    "StationName": "AWP67039",
    "TaskName": "rest",
    "TotalReadoutTime": 0.0387103,
    "TxRefAmp": 348.351,
    "dataset": "ds003768",
    "modality": "bold",
    "run_id": 1,
    "subject_id": "24",
    "task_id": "rest"
  },
  "dummy_trs": 1,
  "dvars_nstd": 26.24482332834508,
  "dvars_std": 1.491288161056338,
  "dvars_vstd": 0.9535969739084507,
  "efc": 0.5051160863477634,
  "fber": 1790.60400390625,
  "fd_mean": 0.10054873241538344,
  "fd_num": 11,
  "fd_perc": 3.8596491228070176,
  "fwhm_avg": 1.9051094444444443,
  "fwhm_x": 1.8776,
  "fwhm_y": 2.1610833333333335,
  "fwhm_z": 1.676645,
  "gcor": 0.0144663,
  "gsr_x": -0.019803959876298904,
  "gsr_y": 0.03477683663368225,
  "provenance": {
    "md5sum": "a567fd57b0eb8c52599cf837ab5d1298",
    "settings": {
      "fd_thres": 0.2,
      "testing": false
    },
    "software": "mriqc",
    "version": "22.0.6",
    "webapi_port": null,
    "webapi_url": "https://mriqc.nimh.nih.gov/api/v1"
  },
  "size_t": 285,
  "size_x": 80,
  "size_y": 80,
  "size_z": 35,
  "snr": 6.156678449178351,
  "spacing_tr": 2.0999999046325684,
  "spacing_x": 3.0,
  "spacing_y": 3.0,
  "spacing_z": 4.0,
  "summary_bg_k": 26.006136927755275,
  "summary_bg_mad": 8.380604387242759,
  "summary_bg_mean": 35.89708709716797,
  "summary_bg_median": 13.543859481811523,
  "summary_bg_n": 147613.0,
  "summary_bg_p05": 5.975438594818115,
  "summary_bg_p95": 153.18246459960938,
  "summary_bg_stdv": 62.19698715209961,
  "summary_fg_k": 0.8730965191043034,
  "summary_fg_mad": 91.03176716715816,
  "summary_fg_mean": 588.3448486328125,
  "summary_fg_median": 581.9736938476562,
  "summary_fg_n": 35062.0,
  "summary_fg_p05": 445.0994934082031,
  "summary_fg_p95": 745.879507446289,
  "summary_fg_stdv": 94.52587127685547,
  "tsnr": 79.78964039962739
}